{
  "aor": 0.0011107500000000002,
  "aqi": 0.0037133420624999997,
  "bids_meta": {
    "AcquisitionNumber": 3,
    "BidsifyVersion": "0.3.5",
    "ConversionSoftware": "dcm2niix",
    "ConversionSoftwareVersion": "v1.0.20181125  GCC6.3.0",
    "EchoTime": 0.02763,
    "FlipAngle": 76.1,
    "ImageComments": "PIOP2",
    "ImageOrientationPatientDICOM": [
      0.999609,
      0.0133793,
      -0.0245684,
      -0.0181463,
      0.978499,
      -0.205451
    ],
    "Manufacturer": "Philips",
    "NumberOfVolumesDiscardedByScanner": 2,
    "ParallelAcquisitionTechnique": "SENSE",
    "ParallelReductionFactorInPlane": 2,
    "PatientPosition": "HFS",
    "PhaseEncodingDirection": "j",
    "PhilipsRescaleIntercept": 0,
    "PhilipsRescaleSlope": 0.83712,
    "PhilipsScaleSlope": 0.0541853,
    "ProtocolName": "WIPtask-wm_boldSENSE",
    "PulseSequenceType": "gradient echo EPI",
    "ReconMatrixPE": 80,
    "RepetitionTime": 2,
    "SeriesDescription": "ImageMRSERIES",
    "SeriesNumber": 3,
    "SliceEncodingDirection": "k",
    "TaskName": "workingmemory",
    "UsePhilipsFloatNotDisplayScaling": 1,
    "WaterFatShift": 12,
    "acq_id": "seq",
    "dataset": "unknown",
    "modality": "bold",
    "subject_id": "0068",
    "task_id": "workingmemory"
  },
  "dummy_trs": 0,
  "dvars_nstd": 20.5741777901258,
  "dvars_std": 1.2514327325786163,
  "dvars_vstd": 1.0481260906289307,
  "efc": 0.40545556830792673,
  "fber": 966882816.0,
  "fd_mean": 0.15248076748551895,
  "fd_num": 36,
  "fd_perc": 22.5,
  "fwhm_avg": 2.5304943547387704,
  "fwhm_x": 2.464296666666667,
  "fwhm_y": 2.7801833333333335,
  "fwhm_z": 2.3470030642163113,
  "gcor": 0.0292506,
  "gsr_x": -0.002861262299120426,
  "gsr_y": 0.002755710855126381,
  "provenance": {
    "md5sum": "cefd47ad54d7bc4b69ff2c8d222da94a",
    "settings": {
      "fd_thres": 0.2,
      "hmc_fsl": false
    },
    "software": "mriqc",
    "version": "0.15.0",
    "webapi_port": null,
    "webapi_url": "https://mriqc.nimh.nih.gov/api/v1"
  },
  "size_t": 160,
  "size_x": 80,
  "size_y": 80,
  "size_z": 36,
  "snr": 5.1982107873079535,
  "spacing_tr": 2.0,
  "spacing_x": 3.0,
  "spacing_y": 3.0,
  "spacing_z": 3.299999952316284,
  "spikes_num": 0,
  "summary_bg_k": 107.6267410233553,
  "summary_bg_mad": 1.1163403987884521,
  "summary_bg_mean": 182.03076171875,
  "summary_bg_median": 0.7601380348205566,
  "summary_bg_n": 148518.0,
  "summary_bg_p05": 0.0016131728654727342,
  "summary_bg_p95": 1064.7723449707,
  "summary_bg_stdv": 990.8712768554688,
  "summary_fg_k": 2.5466023550171784,
  "summary_fg_mad": 4277.8603515625,
  "summary_fg_mean": 25639.205078125,
  "summary_fg_median": 25744.12890625,
  "summary_fg_n": 41213.0,
  "summary_fg_p05": 17548.423046875,
  "summary_fg_p95": 32857.791406250006,
  "summary_fg_stdv": 4952.43798828125,
  "tsnr": 85.48709869384766
}