{
  "aor": 0.0010208125,
  "aqi": 0.002598408625,
  "bids_meta": {
    "AcquisitionNumber": 3,
    "BidsifyVersion": "0.3.5",
    "ConversionSoftware": "dcm2niix",
    "ConversionSoftwareVersion": "v1.0.20181125  GCC6.3.0",
    "EchoTime": 0.02763,
    "EffectiveEchoSpacing": 0.0006909035636805814,
    "FlipAngle": 76.1,
    "ImageComments": "PIOP2",
    "ImageOrientationPatientDICOM": [
      0.999749,
      -0.0223065,
      0.00211392,
      0.0223383,
      0.984917,
      -0.171581
    ],
    "Manufacturer": "Philips",
    "NumberOfVolumesDiscardedByScanner": 2,
    "ParallelAcquisitionTechnique": "SENSE",
    "ParallelReductionFactorInPlane": 2,
    "PatientPosition": "HFS",
    "PhaseEncodingDirection": "j",
    "PhilipsRescaleIntercept": 0,
    "PhilipsRescaleSlope": 0.77167,
    "PhilipsScaleSlope": 0.0521086,
    "ProtocolName": "WIPtask-wm_boldSENSE",
    "PulseSequenceType": "gradient echo EPI",
    "ReconMatrixPE": 80,
    "RepetitionTime": 2,
    "SeriesDescription": "ImageMRSERIES",
    "SeriesNumber": 3,
    "SliceEncodingDirection": "k",
    "SliceTiming": [
      0.0,
      0.0556,
      0.1111,
      0.1667,
      0.2222,
      0.2778,
      0.3333,
      0.3889,
      0.4444,
      0.5,
      0.5556,
      0.6111,
      0.6667,
      0.7222,
      0.7778,
      0.8333,
      0.8889,
      0.9444,
      1.0,
      1.0556,
      1.1111,
      1.1667,
      1.2222,
      1.2778,
      1.3333,
      1.3889,
      1.4444,
      1.5,
      1.5556,
      1.6111,
      1.6667,
      1.7222,
      1.7778,
      1.8333,
      1.8889,
      1.9444
    ],
    "TaskName": "workingmemory",
    "TotalReadoutTime": 0.026945238983542674,
    "UsePhilipsFloatNotDisplayScaling": 1,
    "WaterFatShift": 12,
    "acq_id": "seq",
    "dataset": "unknown",
    "modality": "bold",
    "subject_id": "0194",
    "task_id": "workingmemory"
  },
  "dummy_trs": 0,
  "dvars_nstd": 19.511851976729552,
  "dvars_std": 1.341834276163522,
  "dvars_vstd": 0.9946131955345919,
  "efc": 0.38505399563235965,
  "fber": 3257100800.0,
  "fd_mean": 0.09856071503179227,
  "fd_num": 1,
  "fd_perc": 0.625,
  "fwhm_avg": 2.4975130414228524,
  "fwhm_x": 2.503413333333333,
  "fwhm_y": 2.68045,
  "fwhm_z": 2.308675790935224,
  "gcor": 0.0241096,
  "gsr_x": -0.003919936716556549,
  "gsr_y": 0.0021307654678821564,
  "provenance": {
    "md5sum": "8071c1dfedea782e785b202add702cf3",
    "settings": {
      "fd_thres": 0.2,
      "hmc_fsl": false
    },
    "software": "mriqc",
    "version": "0.15.0",
    "webapi_port": null,
    "webapi_url": "https://mriqc.nimh.nih.gov/api/v1"
  },
  "size_t": 160,
  "size_x": 80,
  "size_y": 80,
  "size_z": 36,
  "snr": 4.831108038040538,
  "spacing_tr": 2.0,
  "spacing_x": 3.0,
  "spacing_y": 3.0,
  "spacing_z": 3.299999952316284,
  "spikes_num": 0,
  "summary_bg_k": 201.66303588724455,
  "summary_bg_mad": 0.662205696105957,
  "summary_bg_mean": 151.05197143554688,
  "summary_bg_median": 0.45006635785102844,
  "summary_bg_n": 152490.0,
  "summary_bg_p05": 0.0006250129052205013,
  "summary_bg_p95": 693.5841339111321,
  "summary_bg_stdv": 925.34912109375,
  "summary_fg_k": 2.882949197042876,
  "summary_fg_mad": 4606.79833984375,
  "summary_fg_mean": 27896.2265625,
  "summary_fg_median": 27593.615234375,
  "summary_fg_n": 38125.0,
  "summary_fg_p05": 19971.84765625,
  "summary_fg_p95": 36954.1875,
  "summary_fg_stdv": 5711.57861328125,
  "tsnr": 99.67725372314453
}