{
  "aor": 0.0011504954954954956,
  "aqi": 0.0043992208108108105,
  "bids_meta": {
    "AcquisitionNumber": 7,
    "BidsifyVersion": "0.3.5",
    "ConversionSoftware": "dcm2niix",
    "ConversionSoftwareVersion": "v1.0.20181125  GCC6.3.0",
    "EchoTime": 0.02763,
    "FlipAngle": 76.1,
    "ImageComments": "PIOP2",
    "ImageOrientationPatientDICOM": [
      0.998237,
      0.0566307,
      -0.0177861,
      -0.0573832,
      0.997332,
      -0.045114
    ],
    "Manufacturer": "Philips",
    "NumberOfVolumesDiscardedByScanner": 2,
    "ParallelAcquisitionTechnique": "SENSE",
    "ParallelReductionFactorInPlane": 2,
    "PatientPosition": "HFS",
    "PhaseEncodingDirection": "j",
    "PhilipsRescaleIntercept": 0,
    "PhilipsRescaleSlope": 0.77729,
    "PhilipsScaleSlope": 0.0511693,
    "ProtocolName": "WIPtask-stop_boldSENSE",
    "PulseSequenceType": "gradient echo EPI",
    "ReconMatrixPE": 80,
    "RepetitionTime": 2,
    "SeriesDescription": "ImageMRSERIES",
    "SeriesNumber": 7,
    "SliceEncodingDirection": "k",
    "TaskName": "stopsignal",
    "UsePhilipsFloatNotDisplayScaling": 1,
    "WaterFatShift": 12,
    "acq_id": "seq",
    "dataset": "unknown",
    "modality": "bold",
    "subject_id": "0012",
    "task_id": "stopsignal"
  },
  "dummy_trs": 0,
  "dvars_nstd": 26.65372082936651,
  "dvars_std": 1.3403246314027144,
  "dvars_vstd": 1.0732540416742076,
  "efc": 0.3919297097432831,
  "fber": 949580672.0,
  "fd_mean": 0.20112814362918813,
  "fd_num": 100,
  "fd_perc": 45.04504504504504,
  "fwhm_avg": 2.5383178899481016,
  "fwhm_x": 2.4201200000000003,
  "fwhm_y": 2.87777,
  "fwhm_z": 2.3170636698443046,
  "gcor": 0.0459068,
  "gsr_x": -0.004297082312405109,
  "gsr_y": 0.0040368796326220036,
  "provenance": {
    "md5sum": "21b583fce9ba107b615e102f7a87dcef",
    "settings": {
      "fd_thres": 0.2,
      "hmc_fsl": false
    },
    "software": "mriqc",
    "version": "0.15.0",
    "webapi_port": null,
    "webapi_url": "https://mriqc.nimh.nih.gov/api/v1"
  },
  "size_t": 222,
  "size_x": 80,
  "size_y": 80,
  "size_z": 36,
  "snr": 5.007310925564221,
  "spacing_tr": 2.0,
  "spacing_x": 3.0,
  "spacing_y": 3.0,
  "spacing_z": 3.299999952316284,
  "spikes_num": 0,
  "summary_bg_k": 85.80361054926199,
  "summary_bg_mad": 1.1770493984222412,
  "summary_bg_mean": 188.4376983642578,
  "summary_bg_median": 0.7986447215080261,
  "summary_bg_n": 151847.0,
  "summary_bg_p05": 0.0,
  "summary_bg_p95": 847.8853271484322,
  "summary_bg_stdv": 1068.470458984375,
  "summary_fg_k": 2.71571385053889,
  "summary_fg_mad": 4467.46875,
  "summary_fg_mean": 26244.232421875,
  "summary_fg_median": 26089.064453125,
  "summary_fg_n": 38778.0,
  "summary_fg_p05": 18562.56083984375,
  "summary_fg_p95": 34287.16171875,
  "summary_fg_stdv": 5210.12744140625,
  "tsnr": 75.68214416503906
}