{
    "Manufacturer": "Philips",
    "PatientPosition": "HFS",
    "SeriesDescription": "ImageMRSERIES",
    "ProtocolName": "WIPT1anat_acq-6m_T1wSENSE",
    "SeriesNumber": 2,
    "AcquisitionNumber": 2,
    "ImageComments": "PIOP2",
    "PhilipsRescaleSlope": 9.40586,
    "PhilipsRescaleIntercept": 0,
    "PhilipsScaleSlope": 0.00691408,
    "UsePhilipsFloatNotDisplayScaling": 1,
    "EchoTime": 0.00373,
    "RepetitionTime": 0.008164,
    "ReconMatrixPE": 240,
    "ImageOrientationPatientDICOM": [
        0.998746,
        0.0114383,
        0.048734,
        -0.00923891,
        0.998939,
        -0.0451183
    ],
    "ConversionSoftware": "dcm2niix",
    "ConversionSoftwareVersion": "v1.0.20181125  GCC6.3.0",
    "BidsifyVersion": "0.3.5"
}