{
  "aor": 0.0038841481481481483,
  "aqi": 0.002511752518518519,
  "bids_meta": {
    "AcquisitionNumber": 8,
    "BidsifyVersion": "0.3.5",
    "ConversionSoftware": "dcm2niix",
    "ConversionSoftwareVersion": "v1.0.20181125  GCC6.3.0",
    "EchoTime": 0.02763,
    "EffectiveEchoSpacing": 0.0006909035636805814,
    "FlipAngle": 76.1,
    "ImageComments": "PIOP2",
    "ImageOrientationPatientDICOM": [
      0.996733,
      0.0740221,
      -0.0322977,
      -0.0737203,
      0.997224,
      0.0104392
    ],
    "Manufacturer": "Philips",
    "NumberOfVolumesDiscardedByScanner": 2,
    "ParallelAcquisitionTechnique": "SENSE",
    "ParallelReductionFactorInPlane": 2,
    "PatientPosition": "HFS",
    "PhaseEncodingDirection": "j",
    "PhilipsRescaleIntercept": 0,
    "PhilipsRescaleSlope": 0.82247,
    "PhilipsScaleSlope": 0.0527206,
    "ProtocolName": "WIPtask-harriri_boldSENSE",
    "PulseSequenceType": "gradient echo EPI",
    "ReconMatrixPE": 80,
    "RepetitionTime": 2,
    "SeriesDescription": "ImageMRSERIES",
    "SeriesNumber": 8,
    "SliceEncodingDirection": "k",
    "SliceTiming": [
      0.0,
      0.0556,
      0.1111,
      0.1667,
      0.2222,
      0.2778,
      0.3333,
      0.3889,
      0.4444,
      0.5,
      0.5556,
      0.6111,
      0.6667,
      0.7222,
      0.7778,
      0.8333,
      0.8889,
      0.9444,
      1.0,
      1.0556,
      1.1111,
      1.1667,
      1.2222,
      1.2778,
      1.3333,
      1.3889,
      1.4444,
      1.5,
      1.5556,
      1.6111,
      1.6667,
      1.7222,
      1.7778,
      1.8333,
      1.8889,
      1.9444
    ],
    "TaskName": "emomatching",
    "TotalReadoutTime": 0.026945238983542674,
    "UsePhilipsFloatNotDisplayScaling": 1,
    "WaterFatShift": 12,
    "acq_id": "seq",
    "dataset": "unknown",
    "modality": "bold",
    "subject_id": "0042",
    "task_id": "emomatching"
  },
  "dummy_trs": 0,
  "dvars_nstd": 17.397989074253726,
  "dvars_std": 1.2522097845522384,
  "dvars_vstd": 1.316218469402985,
  "efc": 0.3985956308914351,
  "fber": 676757312.0,
  "fd_mean": 0.09788531546596227,
  "fd_num": 0,
  "fd_perc": 0.0,
  "fwhm_avg": 2.689135971149329,
  "fwhm_x": 2.6185466666666666,
  "fwhm_y": 3.0501733333333334,
  "fwhm_z": 2.398687913447986,
  "gcor": 0.0279321,
  "gsr_x": -0.007236949633806944,
  "gsr_y": 0.0033647804521024227,
  "provenance": {
    "md5sum": "c8811016b78b3859a6865657be64bc51",
    "settings": {
      "fd_thres": 0.2,
      "hmc_fsl": false
    },
    "software": "mriqc",
    "version": "0.15.0",
    "webapi_port": null,
    "webapi_url": "https://mriqc.nimh.nih.gov/api/v1"
  },
  "size_t": 135,
  "size_x": 80,
  "size_y": 80,
  "size_z": 36,
  "snr": 4.885800220350414,
  "spacing_tr": 2.0,
  "spacing_x": 3.0,
  "spacing_y": 3.0,
  "spacing_z": 3.299999952316284,
  "spikes_num": 0,
  "summary_bg_k": 82.3891211672325,
  "summary_bg_mad": 1.4537447690963745,
  "summary_bg_mean": 252.5238037109375,
  "summary_bg_median": 0.981552004814148,
  "summary_bg_n": 150799.0,
  "summary_bg_p05": 0.0,
  "summary_bg_p95": 1183.2293334960943,
  "summary_bg_stdv": 1423.2080078125,
  "summary_fg_k": 1.4526209407022188,
  "summary_fg_mad": 5183.0673828125,
  "summary_fg_mean": 28174.4921875,
  "summary_fg_median": 28251.6875,
  "summary_fg_n": 39365.0,
  "summary_fg_p05": 18627.045312500002,
  "summary_fg_p95": 36922.99218749999,
  "summary_fg_stdv": 5782.333984375,
  "tsnr": 92.5752944946289
}