{
  "aor": 0.00045189189189189194,
  "aqi": 0.0037976556756756756,
  "bids_meta": {
    "AcquisitionNumber": 6,
    "BidsifyVersion": "0.3.5",
    "ConversionSoftware": "dcm2niix",
    "ConversionSoftwareVersion": "v1.0.20181125  GCC6.3.0",
    "EchoTime": 0.02763,
    "FlipAngle": 76.1,
    "ImageComments": "PIOP2",
    "ImageOrientationPatientDICOM": [
      0.999985,
      -0.00181925,
      -0.00509845,
      0.00017453,
      0.952182,
      -0.30553
    ],
    "Manufacturer": "Philips",
    "NumberOfVolumesDiscardedByScanner": 2,
    "ParallelAcquisitionTechnique": "SENSE",
    "ParallelReductionFactorInPlane": 2,
    "PatientPosition": "HFS",
    "PhaseEncodingDirection": "j",
    "PhilipsRescaleIntercept": 0,
    "PhilipsRescaleSlope": 0.81807,
    "PhilipsScaleSlope": 0.0726603,
    "ProtocolName": "WIPtask-stop_boldSENSE",
    "PulseSequenceType": "gradient echo EPI",
    "ReconMatrixPE": 80,
    "RepetitionTime": 2,
    "SeriesDescription": "ImageMRSERIES",
    "SeriesNumber": 6,
    "SliceEncodingDirection": "k",
    "TaskName": "stopsignal",
    "UsePhilipsFloatNotDisplayScaling": 1,
    "WaterFatShift": 12,
    "acq_id": "seq",
    "dataset": "unknown",
    "modality": "bold",
    "subject_id": "0035",
    "task_id": "stopsignal"
  },
  "dummy_trs": 0,
  "dvars_nstd": 23.73850630841628,
  "dvars_std": 1.2554874443438917,
  "dvars_vstd": 1.0003006282352944,
  "efc": 0.4083502827930716,
  "fber": 932186688.0,
  "fd_mean": 0.1350655009242033,
  "fd_num": 24,
  "fd_perc": 10.81081081081081,
  "fwhm_avg": 2.460285869350454,
  "fwhm_x": 2.40704,
  "fwhm_y": 2.7388933333333334,
  "fwhm_z": 2.2349242747180287,
  "gcor": 0.0119401,
  "gsr_x": -0.004764981102198362,
  "gsr_y": 0.0017310206312686205,
  "provenance": {
    "md5sum": "420dd113cf870f30c447c7b864488c99",
    "settings": {
      "fd_thres": 0.2,
      "hmc_fsl": false
    },
    "software": "mriqc",
    "version": "0.15.0",
    "webapi_port": null,
    "webapi_url": "https://mriqc.nimh.nih.gov/api/v1"
  },
  "size_t": 222,
  "size_x": 80,
  "size_y": 80,
  "size_z": 36,
  "snr": 5.028503553143323,
  "spacing_tr": 2.0,
  "spacing_x": 3.0,
  "spacing_y": 3.0,
  "spacing_z": 3.299999952316284,
  "spikes_num": 1,
  "summary_bg_k": 60.341795000036214,
  "summary_bg_mad": 0.819549560546875,
  "summary_bg_mean": 181.49098205566406,
  "summary_bg_median": 0.5626711249351501,
  "summary_bg_n": 148868.0,
  "summary_bg_p05": 0.00392197675537318,
  "summary_bg_p95": 846.8041656494133,
  "summary_bg_stdv": 930.0791015625,
  "summary_fg_k": 2.690235698570487,
  "summary_fg_mad": 3153.94384765625,
  "summary_fg_mean": 19112.900390625,
  "summary_fg_median": 18939.953125,
  "summary_fg_n": 41038.0,
  "summary_fg_p05": 13736.2865234375,
  "summary_fg_p95": 24927.355468750004,
  "summary_fg_stdv": 3766.472900390625,
  "tsnr": 81.40815734863281
}