{
  "aor": 0.0014195000000000002,
  "aqi": 0.0024521595625,
  "bids_meta": {
    "AcquisitionNumber": 3,
    "BidsifyVersion": "0.3.5",
    "ConversionSoftware": "dcm2niix",
    "ConversionSoftwareVersion": "v1.0.20181125  GCC6.3.0",
    "EchoTime": 0.02763,
    "FlipAngle": 76.1,
    "ImageComments": "PIOP2",
    "ImageOrientationPatientDICOM": [
      0.999122,
      -0.0400183,
      0.012396,
      0.0406529,
      0.997599,
      -0.0560609
    ],
    "Manufacturer": "Philips",
    "NumberOfVolumesDiscardedByScanner": 2,
    "ParallelAcquisitionTechnique": "SENSE",
    "ParallelReductionFactorInPlane": 2,
    "PatientPosition": "HFS",
    "PhaseEncodingDirection": "j",
    "PhilipsRescaleIntercept": 0,
    "PhilipsRescaleSlope": 0.76703,
    "PhilipsScaleSlope": 0.0530548,
    "ProtocolName": "WIPtask-wm_boldSENSE",
    "PulseSequenceType": "gradient echo EPI",
    "ReconMatrixPE": 80,
    "RepetitionTime": 2,
    "SeriesDescription": "ImageMRSERIES",
    "SeriesNumber": 3,
    "SliceEncodingDirection": "k",
    "TaskName": "workingmemory",
    "UsePhilipsFloatNotDisplayScaling": 1,
    "WaterFatShift": 12,
    "acq_id": "seq",
    "dataset": "unknown",
    "modality": "bold",
    "subject_id": "0071",
    "task_id": "workingmemory"
  },
  "dummy_trs": 0,
  "dvars_nstd": 17.251304296540887,
  "dvars_std": 1.2021121898113205,
  "dvars_vstd": 1.0024553072955984,
  "efc": 0.3860538178967206,
  "fber": 949488768.0,
  "fd_mean": 0.13878334999763514,
  "fd_num": 24,
  "fd_perc": 15.0,
  "fwhm_avg": 2.510136980593859,
  "fwhm_x": 2.4193599999999997,
  "fwhm_y": 2.84866,
  "fwhm_z": 2.262390941781578,
  "gcor": 0.0417072,
  "gsr_x": -0.0011399006471037865,
  "gsr_y": 0.0006406780448742211,
  "provenance": {
    "md5sum": "f201b0a876f43c7d2332b41d2ef1f016",
    "settings": {
      "fd_thres": 0.2,
      "hmc_fsl": false
    },
    "software": "mriqc",
    "version": "0.15.0",
    "webapi_port": null,
    "webapi_url": "https://mriqc.nimh.nih.gov/api/v1"
  },
  "size_t": 160,
  "size_x": 80,
  "size_y": 80,
  "size_z": 36,
  "snr": 4.720697265251797,
  "spacing_tr": 2.0,
  "spacing_x": 3.0,
  "spacing_y": 3.0,
  "spacing_z": 3.299999952316284,
  "spikes_num": 0,
  "summary_bg_k": 113.58764963791144,
  "summary_bg_mad": 1.1405714750289917,
  "summary_bg_mean": 163.4004669189453,
  "summary_bg_median": 0.7750633955001831,
  "summary_bg_n": 152427.0,
  "summary_bg_p05": 0.0018825074308551847,
  "summary_bg_p95": 578.1895202636709,
  "summary_bg_stdv": 1048.5186767578125,
  "summary_fg_k": 2.6567411184927137,
  "summary_fg_mad": 4252.41748046875,
  "summary_fg_mean": 25868.357421875,
  "summary_fg_median": 25639.490234375,
  "summary_fg_n": 38314.0,
  "summary_fg_p05": 17620.92705078125,
  "summary_fg_p95": 34524.792578124994,
  "summary_fg_stdv": 5431.22216796875,
  "tsnr": 96.72990417480469
}