{
  "aor": 0.001576712962962963,
  "aqi": 0.004907855185185185,
  "bids_meta": {
    "AcquisitionNumber": 7,
    "BidsifyVersion": "0.3.5",
    "ConversionSoftware": "dcm2niix",
    "ConversionSoftwareVersion": "v1.0.20181125  GCC6.3.0",
    "EchoTime": 0.02763,
    "FlipAngle": 76.1,
    "ImageComments": "PIOP2",
    "ImageOrientationPatientDICOM": [
      0.999122,
      -0.0400183,
      0.012396,
      0.0406529,
      0.997599,
      -0.0560609
    ],
    "Manufacturer": "Philips",
    "NumberOfVolumesDiscardedByScanner": 2,
    "ParallelAcquisitionTechnique": "SENSE",
    "ParallelReductionFactorInPlane": 2,
    "PatientPosition": "HFS",
    "PhaseEncodingDirection": "j",
    "PhilipsRescaleIntercept": 0,
    "PhilipsRescaleSlope": 0.75385,
    "PhilipsScaleSlope": 0.055926,
    "ProtocolName": "WIPtask-stop_boldSENSE",
    "PulseSequenceType": "gradient echo EPI",
    "ReconMatrixPE": 80,
    "RepetitionTime": 2,
    "SeriesDescription": "ImageMRSERIES",
    "SeriesNumber": 7,
    "SliceEncodingDirection": "k",
    "TaskName": "stopsignal",
    "UsePhilipsFloatNotDisplayScaling": 1,
    "WaterFatShift": 12,
    "acq_id": "seq",
    "dataset": "unknown",
    "modality": "bold",
    "subject_id": "0071",
    "task_id": "stopsignal"
  },
  "dummy_trs": 0,
  "dvars_nstd": 15.634852622279073,
  "dvars_std": 1.1140339026046506,
  "dvars_vstd": 0.9696337770697675,
  "efc": 0.3851148368273358,
  "fber": 441450336.0,
  "fd_mean": 0.10259135572017518,
  "fd_num": 9,
  "fd_perc": 4.166666666666667,
  "fwhm_avg": 2.531915869558207,
  "fwhm_x": 2.4329733333333334,
  "fwhm_y": 2.8847166666666664,
  "fwhm_z": 2.278057608674622,
  "gcor": 0.00560758,
  "gsr_x": -0.0010324399918317795,
  "gsr_y": 0.0007910770946182311,
  "provenance": {
    "md5sum": "e0432895616c93c0ddc65cc0d34120c5",
    "settings": {
      "fd_thres": 0.2,
      "hmc_fsl": false
    },
    "software": "mriqc",
    "version": "0.15.0",
    "webapi_port": null,
    "webapi_url": "https://mriqc.nimh.nih.gov/api/v1"
  },
  "size_t": 216,
  "size_x": 80,
  "size_y": 80,
  "size_z": 36,
  "snr": 4.859155057191452,
  "spacing_tr": 2.0,
  "spacing_x": 3.0,
  "spacing_y": 3.0,
  "spacing_z": 3.299999952316284,
  "spikes_num": 0,
  "summary_bg_k": 112.31249419608852,
  "summary_bg_mad": 1.6712963581085205,
  "summary_bg_mean": 165.03636169433594,
  "summary_bg_median": 1.1540502309799194,
  "summary_bg_n": 152814.0,
  "summary_bg_p05": 0.0045634186826646345,
  "summary_bg_p95": 576.8660430908235,
  "summary_bg_stdv": 1026.0870361328125,
  "summary_fg_k": 2.6454491258907025,
  "summary_fg_mad": 4090.777587890625,
  "summary_fg_mean": 25716.662109375,
  "summary_fg_median": 25512.40625,
  "summary_fg_n": 38013.0,
  "summary_fg_p05": 17648.374609375,
  "summary_fg_p95": 34036.7640625,
  "summary_fg_stdv": 5250.31005859375,
  "tsnr": 83.11138916015625
}