{
  "aor": 0.0008820814479638009,
  "aqi": 0.0038587414479638008,
  "bids_meta": {
    "AcquisitionNumber": 7,
    "BidsifyVersion": "0.3.5",
    "ConversionSoftware": "dcm2niix",
    "ConversionSoftwareVersion": "v1.0.20181125  GCC6.3.0",
    "EchoTime": 0.02763,
    "EffectiveEchoSpacing": 0.0006909035636805814,
    "FlipAngle": 76.1,
    "ImageComments": "PIOP2",
    "ImageOrientationPatientDICOM": [
      0.998722,
      0.0500685,
      0.00690058,
      -0.0493698,
      0.99566,
      -0.078896
    ],
    "Manufacturer": "Philips",
    "NumberOfVolumesDiscardedByScanner": 2,
    "ParallelAcquisitionTechnique": "SENSE",
    "ParallelReductionFactorInPlane": 2,
    "PatientPosition": "HFS",
    "PhaseEncodingDirection": "j",
    "PhilipsRescaleIntercept": 0,
    "PhilipsRescaleSlope": 0.78144,
    "PhilipsScaleSlope": 0.0607895,
    "ProtocolName": "WIPtask-stop_boldSENSE",
    "PulseSequenceType": "gradient echo EPI",
    "ReconMatrixPE": 80,
    "RepetitionTime": 2,
    "SeriesDescription": "ImageMRSERIES",
    "SeriesNumber": 7,
    "SliceEncodingDirection": "k",
    "SliceTiming": [
      0.0,
      0.0556,
      0.1111,
      0.1667,
      0.2222,
      0.2778,
      0.3333,
      0.3889,
      0.4444,
      0.5,
      0.5556,
      0.6111,
      0.6667,
      0.7222,
      0.7778,
      0.8333,
      0.8889,
      0.9444,
      1.0,
      1.0556,
      1.1111,
      1.1667,
      1.2222,
      1.2778,
      1.3333,
      1.3889,
      1.4444,
      1.5,
      1.5556,
      1.6111,
      1.6667,
      1.7222,
      1.7778,
      1.8333,
      1.8889,
      1.9444
    ],
    "TaskName": "stopsignal",
    "TotalReadoutTime": 0.026945238983542674,
    "UsePhilipsFloatNotDisplayScaling": 1,
    "WaterFatShift": 12,
    "acq_id": "seq",
    "dataset": "unknown",
    "modality": "bold",
    "subject_id": "0110",
    "task_id": "stopsignal"
  },
  "dummy_trs": 0,
  "dvars_nstd": 20.63134995377272,
  "dvars_std": 1.3638307225909099,
  "dvars_vstd": 0.9791644188181823,
  "efc": 0.4028522077646006,
  "fber": 344842144.0,
  "fd_mean": 0.0787215840147416,
  "fd_num": 7,
  "fd_perc": 3.167420814479638,
  "fwhm_avg": 2.528745263651176,
  "fwhm_x": 2.43075,
  "fwhm_y": 2.8455433333333335,
  "fwhm_z": 2.309942457620194,
  "gcor": 0.0380139,
  "gsr_x": -0.0034901222679764032,
  "gsr_y": 0.00211282423697412,
  "provenance": {
    "md5sum": "73abd1cce17a2442008922535b2ae4a5",
    "settings": {
      "fd_thres": 0.2,
      "hmc_fsl": false
    },
    "software": "mriqc",
    "version": "0.15.0",
    "webapi_port": null,
    "webapi_url": "https://mriqc.nimh.nih.gov/api/v1"
  },
  "size_t": 221,
  "size_x": 80,
  "size_y": 80,
  "size_z": 36,
  "snr": 4.829252805320565,
  "spacing_tr": 2.0,
  "spacing_x": 3.0,
  "spacing_y": 3.0,
  "spacing_z": 3.299999952316284,
  "spikes_num": 0,
  "summary_bg_k": 73.07707461303126,
  "summary_bg_mad": 1.779309868812561,
  "summary_bg_mean": 207.256591796875,
  "summary_bg_median": 1.2156541347503662,
  "summary_bg_n": 150024.0,
  "summary_bg_p05": 0.004177743685431778,
  "summary_bg_p95": 935.5207305908211,
  "summary_bg_stdv": 1142.0277099609375,
  "summary_fg_k": 2.4676099437073047,
  "summary_fg_mad": 4193.4794921875,
  "summary_fg_mean": 23745.34765625,
  "summary_fg_median": 23693.6328125,
  "summary_fg_n": 40460.0,
  "summary_fg_p05": 16192.363330078124,
  "summary_fg_p95": 31131.801464843742,
  "summary_fg_stdv": 4906.21240234375,
  "tsnr": 85.97422790527344
}