{
    "Manufacturer": "Philips",
    "PatientPosition": "HFS",
    "SeriesDescription": "ImageMRSERIES",
    "ProtocolName": "WIPT1anat_acq-6m_T1wSENSE",
    "SeriesNumber": 2,
    "AcquisitionNumber": 2,
    "ImageComments": "PIOP2",
    "PhilipsRescaleSlope": 8.92723,
    "PhilipsRescaleIntercept": 0,
    "PhilipsScaleSlope": 0.0075007,
    "UsePhilipsFloatNotDisplayScaling": 1,
    "EchoTime": 0.00379,
    "RepetitionTime": 0.008248,
    "ReconMatrixPE": 240,
    "ImageOrientationPatientDICOM": [
        0.998447,
        -0.0473937,
        -0.0292723,
        0.0502297,
        0.993174,
        0.105273
    ],
    "ConversionSoftware": "dcm2niix",
    "ConversionSoftwareVersion": "v1.0.20181125  GCC6.3.0",
    "BidsifyVersion": "0.3.5"
}