{
  "bids_meta": {
    "AcquisitionNumber": 2,
    "BidsifyVersion": "0.3.5",
    "ConversionSoftware": "dcm2niix",
    "ConversionSoftwareVersion": "v1.0.20181125  GCC6.3.0",
    "EchoTime": 0.00378,
    "ImageComments": "PIOP2",
    "ImageOrientationPatientDICOM": [
      0.999546,
      0.00969698,
      0.0285134,
      -0.00610596,
      0.992334,
      -0.123432
    ],
    "Manufacturer": "Philips",
    "NumberSignalAcquisitions": 2,
    "PatientPosition": "HFS",
    "PhilipsRescaleIntercept": 0,
    "PhilipsRescaleSlope": 9.5707,
    "PhilipsScaleSlope": 0.00675098,
    "ProtocolName": "WIPT1anat_acq-6m_T1wSENSE",
    "ReconMatrixPE": 240,
    "RepetitionTime": 0.008241,
    "SeriesDescription": "ImageMRSERIES",
    "SeriesNumber": 2,
    "UsePhilipsFloatNotDisplayScaling": 1,
    "dataset": "unknown",
    "modality": "T1w",
    "subject_id": "0079"
  },
  "cjv": 0.26881351428444333,
  "cnr": 4.464247901393364,
  "efc": 0.7910598195303211,
  "fber": 1093.2708740234375,
  "fwhm_avg": 4.447216939099061,
  "fwhm_x": 4.23463,
  "fwhm_y": 4.502070268344299,
  "fwhm_z": 4.604950548952883,
  "icvs_csf": 0.24388679584348308,
  "icvs_gm": 0.410542155794869,
  "icvs_wm": 0.3455710483616479,
  "inu_med": 1.2366116046905518,
  "inu_range": 0.3848775506019593,
  "provenance": {
    "md5sum": "b8ec54b5007ffd12b261da9b1e31a82f",
    "settings": {
      "testing": false
    },
    "software": "mriqc",
    "version": "0.15.0",
    "warnings": {
      "large_rot_frame": true,
      "small_air_mask": true
    },
    "webapi_port": null,
    "webapi_url": "https://mriqc.nimh.nih.gov/api/v1"
  },
  "qi_1": 0.0006189205192981204,
  "qi_2": 9.806337509107204e-05,
  "rpve_csf": 24.55106946432902,
  "rpve_gm": 14.574619997243564,
  "rpve_wm": 21.907941874134824,
  "size_x": 240,
  "size_y": 240,
  "size_z": 220,
  "snr_csf": 2.719602789024659,
  "snr_gm": 8.556690859731232,
  "snr_total": 11.812361276872869,
  "snr_wm": 24.160790181862716,
  "snrd_csf": 18.52747813017377,
  "snrd_gm": 38.10378993473771,
  "snrd_total": 39.230132244372136,
  "snrd_wm": 61.05912866820494,
  "spacing_x": 1.0,
  "spacing_y": 0.9999999403953552,
  "spacing_z": 0.9999998807907104,
  "summary_bg_k": 3.670691378189389,
  "summary_bg_mad": 10.729593276977539,
  "summary_bg_mean": 10.708415985107422,
  "summary_bg_median": 7.3938798904418945,
  "summary_bg_n": 158358.0,
  "summary_bg_p05": 0.0,
  "summary_bg_p95": 22.21236925125122,
  "summary_bg_stdv": 7.759449481964111,
  "summary_csf_k": -0.7586294574373693,
  "summary_csf_mad": 121.85562133789062,
  "summary_csf_mean": 284.4361267089844,
  "summary_csf_median": 303.4365234375,
  "summary_csf_n": 13896.0,
  "summary_csf_p05": 81.01359176635742,
  "summary_csf_p95": 428.6246795654297,
  "summary_csf_stdv": 111.56982421875,
  "summary_gm_k": 0.5554385420352936,
  "summary_gm_mad": 66.82559967041016,
  "summary_gm_mean": 628.7587280273438,
  "summary_gm_median": 624.0504760742188,
  "summary_gm_n": 28683.0,
  "summary_gm_p05": 518.6370422363282,
  "summary_gm_p95": 761.4034790039062,
  "summary_gm_stdv": 72.93001556396484,
  "summary_wm_k": 1.6950851265118514,
  "summary_wm_mad": 34.23604202270508,
  "summary_wm_mean": 997.441650390625,
  "summary_wm_median": 1000.0049438476562,
  "summary_wm_n": 187685.0,
  "summary_wm_p05": 923.0398315429687,
  "summary_wm_p95": 1059.850830078125,
  "summary_wm_stdv": 41.389469146728516,
  "tpm_overlap_csf": 0.20883965492248535,
  "tpm_overlap_gm": 0.505839467048645,
  "tpm_overlap_wm": 0.5649372935295105,
  "wm2max": 0.7755145760048797
}