{
  "aor": 0.0010551111111111113,
  "aqi": 0.002627909037037037,
  "bids_meta": {
    "AcquisitionNumber": 8,
    "BidsifyVersion": "0.3.5",
    "ConversionSoftware": "dcm2niix",
    "ConversionSoftwareVersion": "v1.0.20181125  GCC6.3.0",
    "EchoTime": 0.02763,
    "FlipAngle": 76.1,
    "ImageComments": "PIOP2",
    "ImageOrientationPatientDICOM": [
      0.996389,
      0.0786402,
      0.0320235,
      -0.0777176,
      0.996551,
      -0.0291043
    ],
    "Manufacturer": "Philips",
    "NumberOfVolumesDiscardedByScanner": 2,
    "ParallelAcquisitionTechnique": "SENSE",
    "ParallelReductionFactorInPlane": 2,
    "PatientPosition": "HFS",
    "PhaseEncodingDirection": "j",
    "PhilipsRescaleIntercept": 0,
    "PhilipsRescaleSlope": 0.83248,
    "PhilipsScaleSlope": 0.0569518,
    "ProtocolName": "WIPtask-harriri_boldSENSE",
    "PulseSequenceType": "gradient echo EPI",
    "ReconMatrixPE": 80,
    "RepetitionTime": 2,
    "SeriesDescription": "ImageMRSERIES",
    "SeriesNumber": 8,
    "SliceEncodingDirection": "k",
    "TaskName": "emomatching",
    "UsePhilipsFloatNotDisplayScaling": 1,
    "WaterFatShift": 12,
    "acq_id": "seq",
    "dataset": "unknown",
    "modality": "bold",
    "subject_id": "0050",
    "task_id": "emomatching"
  },
  "dummy_trs": 0,
  "dvars_nstd": 18.08024129574627,
  "dvars_std": 1.2193397846268657,
  "dvars_vstd": 1.0050045791044777,
  "efc": 0.44653256082507403,
  "fber": 443019360.0,
  "fd_mean": 0.12230411516404649,
  "fd_num": 9,
  "fd_perc": 6.666666666666667,
  "fwhm_avg": 2.644108092883577,
  "fwhm_x": 2.5773333333333333,
  "fwhm_y": 2.8478999999999997,
  "fwhm_z": 2.507090945317398,
  "gcor": 0.0149743,
  "gsr_x": 0.0018334862543269992,
  "gsr_y": 0.0014481028774753213,
  "provenance": {
    "md5sum": "32296ae4491544d288dd92f3c909c857",
    "settings": {
      "fd_thres": 0.2,
      "hmc_fsl": false
    },
    "software": "mriqc",
    "version": "0.15.0",
    "webapi_port": null,
    "webapi_url": "https://mriqc.nimh.nih.gov/api/v1"
  },
  "size_t": 135,
  "size_x": 80,
  "size_y": 80,
  "size_z": 36,
  "snr": 4.648650146646671,
  "spacing_tr": 2.0,
  "spacing_x": 3.0,
  "spacing_y": 3.0,
  "spacing_z": 3.299999952316284,
  "spikes_num": 0,
  "summary_bg_k": 67.34522175030447,
  "summary_bg_mad": 1.4270750284194946,
  "summary_bg_mean": 210.3199462890625,
  "summary_bg_median": 0.9660897254943848,
  "summary_bg_n": 140071.0,
  "summary_bg_p05": 0.0015403745346702635,
  "summary_bg_p95": 1195.5060424804688,
  "summary_bg_stdv": 1065.9237060546875,
  "summary_fg_k": 2.073163842177946,
  "summary_fg_mad": 4079.741943359375,
  "summary_fg_mean": 23327.044921875,
  "summary_fg_median": 22971.568359375,
  "summary_fg_n": 49053.0,
  "summary_fg_p05": 16375.737109375,
  "summary_fg_p95": 31690.143750000003,
  "summary_fg_stdv": 4941.50634765625,
  "tsnr": 101.32892608642578
}