{
  "aor": 0.00081420814479638,
  "aqi": 0.0025880232126696836,
  "bids_meta": {
    "AcquisitionNumber": 7,
    "BidsifyVersion": "0.3.5",
    "ConversionSoftware": "dcm2niix",
    "ConversionSoftwareVersion": "v1.0.20181125  GCC6.3.0",
    "EchoTime": 0.02763,
    "FlipAngle": 76.1,
    "ImageComments": "PIOP2",
    "ImageOrientationPatientDICOM": [
      0.996389,
      0.0786402,
      0.0320235,
      -0.0777176,
      0.996551,
      -0.0291043
    ],
    "Manufacturer": "Philips",
    "NumberOfVolumesDiscardedByScanner": 2,
    "ParallelAcquisitionTechnique": "SENSE",
    "ParallelReductionFactorInPlane": 2,
    "PatientPosition": "HFS",
    "PhaseEncodingDirection": "j",
    "PhilipsRescaleIntercept": 0,
    "PhilipsRescaleSlope": 0.83077,
    "PhilipsScaleSlope": 0.0571229,
    "ProtocolName": "WIPtask-stop_boldSENSE",
    "PulseSequenceType": "gradient echo EPI",
    "ReconMatrixPE": 80,
    "RepetitionTime": 2,
    "SeriesDescription": "ImageMRSERIES",
    "SeriesNumber": 7,
    "SliceEncodingDirection": "k",
    "TaskName": "stopsignal",
    "UsePhilipsFloatNotDisplayScaling": 1,
    "WaterFatShift": 12,
    "acq_id": "seq",
    "dataset": "unknown",
    "modality": "bold",
    "subject_id": "0050",
    "task_id": "stopsignal"
  },
  "dummy_trs": 0,
  "dvars_nstd": 18.921573474181816,
  "dvars_std": 1.2457537602272721,
  "dvars_vstd": 1.0075520333181816,
  "efc": 0.44657037546081413,
  "fber": 246972624.0,
  "fd_mean": 0.12307870511890108,
  "fd_num": 14,
  "fd_perc": 6.334841628959276,
  "fwhm_avg": 2.635141022082321,
  "fwhm_x": 2.5727066666666665,
  "fwhm_y": 2.8451799999999996,
  "fwhm_z": 2.4875363995802964,
  "gcor": 0.0162385,
  "gsr_x": 0.001545375562272966,
  "gsr_y": 0.0016053436556831002,
  "provenance": {
    "md5sum": "39465f85f75f54f2ced1b5eda64be336",
    "settings": {
      "fd_thres": 0.2,
      "hmc_fsl": false
    },
    "software": "mriqc",
    "version": "0.15.0",
    "webapi_port": null,
    "webapi_url": "https://mriqc.nimh.nih.gov/api/v1"
  },
  "size_t": 221,
  "size_x": 80,
  "size_y": 80,
  "size_z": 36,
  "snr": 4.676159489211558,
  "spacing_tr": 2.0,
  "spacing_x": 3.0,
  "spacing_y": 3.0,
  "spacing_z": 3.299999952316284,
  "spikes_num": 0,
  "summary_bg_k": 67.61533373635265,
  "summary_bg_mad": 1.9438517093658447,
  "summary_bg_mean": 212.0803985595703,
  "summary_bg_median": 1.328088402748108,
  "summary_bg_n": 140142.0,
  "summary_bg_p05": 0.003344787401147187,
  "summary_bg_p95": 1205.6597656249987,
  "summary_bg_stdv": 1071.219482421875,
  "summary_fg_k": 2.1157627741008787,
  "summary_fg_mad": 4015.260498046875,
  "summary_fg_mean": 23197.853515625,
  "summary_fg_median": 22834.83984375,
  "summary_fg_n": 49024.0,
  "summary_fg_p05": 16276.3306640625,
  "summary_fg_p95": 31442.59287109375,
  "summary_fg_stdv": 4883.19677734375,
  "tsnr": 102.20282745361328
}