{
  "bids_meta": {
    "AcquisitionNumber": 2,
    "BidsifyVersion": "0.3.5",
    "ConversionSoftware": "dcm2niix",
    "ConversionSoftwareVersion": "v1.0.20181125  GCC6.3.0",
    "EchoTime": 0.00375,
    "ImageComments": "PIOP2",
    "ImageOrientationPatientDICOM": [
      0.998156,
      0.00416998,
      -0.0605607,
      -0.000696844,
      0.998359,
      0.0572578
    ],
    "Manufacturer": "Philips",
    "PatientPosition": "HFS",
    "PhilipsRescaleIntercept": 0,
    "PhilipsRescaleSlope": 8.5663,
    "PhilipsScaleSlope": 0.00732047,
    "ProtocolName": "WIPT1anat_acq-6m_T1wSENSE",
    "ReconMatrixPE": 240,
    "RepetitionTime": 0.008194,
    "SeriesDescription": "ImageMRSERIES",
    "SeriesNumber": 2,
    "UsePhilipsFloatNotDisplayScaling": 1,
    "acq_id": "6m",
    "dataset": "unknown",
    "modality": "T1w",
    "subject_id": "0181"
  },
  "cjv": 0.2846502135808748,
  "cnr": 4.289729388086485,
  "efc": 0.7532126251149418,
  "fber": 1889.58837890625,
  "fwhm_avg": 4.693983034032436,
  "fwhm_x": 4.366530260265485,
  "fwhm_y": 4.776179430635043,
  "fwhm_z": 4.939239411196779,
  "icvs_csf": 0.27125519238408113,
  "icvs_gm": 0.37591168631694893,
  "icvs_wm": 0.35283312129897,
  "inu_med": 1.233341932296753,
  "inu_range": 0.24349615573883043,
  "provenance": {
    "md5sum": "5dae61bd68c89eed20e9ae7a95971d97",
    "settings": {
      "testing": false
    },
    "software": "mriqc",
    "version": "0.15.0",
    "warnings": {
      "large_rot_frame": true,
      "small_air_mask": true
    },
    "webapi_port": null,
    "webapi_url": "https://mriqc.nimh.nih.gov/api/v1"
  },
  "qi_1": 0.00027180618788245095,
  "qi_2": 0.0002701336716173184,
  "rpve_csf": 24.538680168538995,
  "rpve_gm": 16.399990550288216,
  "rpve_wm": 22.997699513814776,
  "size_x": 240,
  "size_y": 240,
  "size_z": 220,
  "snr_csf": 3.3132403848299874,
  "snr_gm": 9.995484782765397,
  "snr_total": 13.910215859260626,
  "snr_wm": 28.421922410186497,
  "snrd_csf": 25.95884252255746,
  "snrd_gm": 56.67979300092781,
  "snrd_total": 55.6460542602457,
  "snrd_wm": 84.29952725725181,
  "spacing_x": 0.9999999403953552,
  "spacing_y": 1.0000001192092896,
  "spacing_z": 1.0000001192092896,
  "summary_bg_k": 172.25201213650772,
  "summary_bg_mad": 7.771484375,
  "summary_bg_mean": 8.683917999267578,
  "summary_bg_median": 5.3643622398376465,
  "summary_bg_n": 106999.0,
  "summary_bg_p05": 0.0,
  "summary_bg_p95": 21.569109535217287,
  "summary_bg_stdv": 8.425990104675293,
  "summary_csf_k": 1.1215124047594003,
  "summary_csf_mad": 100.05099487304688,
  "summary_csf_mean": 297.8948974609375,
  "summary_csf_median": 307.9339599609375,
  "summary_csf_n": 19970.0,
  "summary_csf_p05": 141.6158576965332,
  "summary_csf_p95": 432.3430053710937,
  "summary_csf_stdv": 92.93809509277344,
  "summary_gm_k": 0.5125141025783138,
  "summary_gm_mad": 62.62926483154297,
  "summary_gm_mean": 677.465576171875,
  "summary_gm_median": 672.35791015625,
  "summary_gm_n": 21766.0,
  "summary_gm_p05": 577.6928558349609,
  "summary_gm_p95": 798.7628479003906,
  "summary_gm_stdv": 67.26461791992188,
  "summary_wm_k": 1.362286452739144,
  "summary_wm_mad": 30.632423400878906,
  "summary_wm_mean": 998.4024658203125,
  "summary_wm_median": 999.9940185546875,
  "summary_wm_n": 194151.0,
  "summary_wm_p05": 938.0730590820312,
  "summary_wm_p95": 1052.6810302734375,
  "summary_wm_stdv": 35.183807373046875,
  "tpm_overlap_csf": 0.20761874318122864,
  "tpm_overlap_gm": 0.4845659136772156,
  "tpm_overlap_wm": 0.5792914032936096,
  "wm2max": 0.7591057269579431
}