{
  "bids_meta": {
    "AcquisitionNumber": 2,
    "BidsifyVersion": "0.3.5",
    "ConversionSoftware": "dcm2niix",
    "ConversionSoftwareVersion": "v1.0.20181125  GCC6.3.0",
    "EchoTime": 0.00382,
    "ImageComments": "PIOP2",
    "ImageOrientationPatientDICOM": [
      0.997071,
      0.0704998,
      0.0296564,
      -0.0660506,
      0.989197,
      -0.130869
    ],
    "Manufacturer": "Philips",
    "PatientPosition": "HFS",
    "PhilipsRescaleIntercept": 0,
    "PhilipsRescaleSlope": 9.19902,
    "PhilipsScaleSlope": 0.00761346,
    "ProtocolName": "WIPT1anat_acq-6m_T1wSENSE",
    "ReconMatrixPE": 240,
    "RepetitionTime": 0.008293,
    "SeriesDescription": "ImageMRSERIES",
    "SeriesNumber": 2,
    "UsePhilipsFloatNotDisplayScaling": 1,
    "acq_id": "6m",
    "dataset": "unknown",
    "modality": "T1w",
    "subject_id": "0107"
  },
  "cjv": 0.25271847923513596,
  "cnr": 4.762872466955049,
  "efc": 0.7604098845663589,
  "fber": 1631.7860107421875,
  "fwhm_avg": 4.59293,
  "fwhm_x": 4.34974,
  "fwhm_y": 4.61287,
  "fwhm_z": 4.81618,
  "icvs_csf": 0.25219137284656196,
  "icvs_gm": 0.3944168116234598,
  "icvs_wm": 0.3533918155299782,
  "inu_med": 1.7988693714141846,
  "inu_range": 0.3550511121749875,
  "provenance": {
    "md5sum": "53fcb4d28fdbd45e4f89be3d3c5b78b6",
    "settings": {
      "testing": false
    },
    "software": "mriqc",
    "version": "0.15.0",
    "warnings": {
      "large_rot_frame": true,
      "small_air_mask": true
    },
    "webapi_port": null,
    "webapi_url": "https://mriqc.nimh.nih.gov/api/v1"
  },
  "qi_1": 0.0,
  "qi_2": 0.00013302693416573534,
  "rpve_csf": 26.37241977231649,
  "rpve_gm": 16.602909084147203,
  "rpve_wm": 24.009128159820865,
  "size_x": 240,
  "size_y": 240,
  "size_z": 220,
  "snr_csf": 2.4693282581154974,
  "snr_gm": 9.687044258353993,
  "snr_total": 13.72229295646458,
  "snr_wm": 29.01050635292425,
  "snrd_csf": 24.661445245025025,
  "snrd_gm": 52.949182825603074,
  "snrd_total": 53.34064551526666,
  "snrd_wm": 82.41130847517186,
  "spacing_x": 1.0,
  "spacing_y": 1.0,
  "spacing_z": 1.0,
  "summary_bg_k": 94.62710430851713,
  "summary_bg_mad": 7.949530124664307,
  "summary_bg_mean": 8.982717514038086,
  "summary_bg_median": 5.57875919342041,
  "summary_bg_n": 115871.0,
  "summary_bg_p05": 0.0,
  "summary_bg_p95": 21.927409172058105,
  "summary_bg_stdv": 6.850887298583984,
  "summary_csf_k": 63.95084861505349,
  "summary_csf_mad": 121.43742370605469,
  "summary_csf_mean": 291.9111328125,
  "summary_csf_median": 299.2459411621094,
  "summary_csf_n": 17995.0,
  "summary_csf_p05": 113.52055053710937,
  "summary_csf_p95": 446.6614807128906,
  "summary_csf_stdv": 121.18179321289062,
  "summary_gm_k": 0.7050023598723287,
  "summary_gm_mad": 60.584266662597656,
  "summary_gm_mean": 649.8712768554688,
  "summary_gm_median": 642.493896484375,
  "summary_gm_n": 20342.0,
  "summary_gm_p05": 556.4476470947266,
  "summary_gm_p95": 773.7009674072266,
  "summary_gm_stdv": 66.32344055175781,
  "summary_wm_k": 1.6981196716438678,
  "summary_wm_mad": 29.762126922607422,
  "summary_wm_mean": 997.3606567382812,
  "summary_wm_median": 999.9920654296875,
  "summary_wm_n": 189200.0,
  "summary_wm_p05": 936.7875183105468,
  "summary_wm_p95": 1047.7139465332032,
  "summary_wm_stdv": 34.469905853271484,
  "tpm_overlap_csf": 0.22908368706703186,
  "tpm_overlap_gm": 0.5077236294746399,
  "tpm_overlap_wm": 0.5835919976234436,
  "wm2max": 0.7263041111971887
}