{
  "aor": 0.006087703703703703,
  "aqi": 0.010651666814814813,
  "bids_meta": {
    "AcquisitionNumber": 8,
    "BidsifyVersion": "0.3.5",
    "ConversionSoftware": "dcm2niix",
    "ConversionSoftwareVersion": "v1.0.20181125  GCC6.3.0",
    "EchoTime": 0.02763,
    "EffectiveEchoSpacing": 0.0006909035636805814,
    "FlipAngle": 76.1,
    "ImageComments": "PIOP2",
    "ImageOrientationPatientDICOM": [
      0.988698,
      0.148179,
      0.0227768,
      -0.147586,
      0.935303,
      0.321601
    ],
    "Manufacturer": "Philips",
    "NumberOfVolumesDiscardedByScanner": 2,
    "ParallelAcquisitionTechnique": "SENSE",
    "ParallelReductionFactorInPlane": 2,
    "PatientPosition": "HFS",
    "PhaseEncodingDirection": "j",
    "PhilipsRescaleIntercept": 0,
    "PhilipsRescaleSlope": 0.74432,
    "PhilipsScaleSlope": 0.0616516,
    "ProtocolName": "WIPtask-harriri_boldSENSE",
    "PulseSequenceType": "gradient echo EPI",
    "ReconMatrixPE": 80,
    "RepetitionTime": 2,
    "SeriesDescription": "ImageMRSERIES",
    "SeriesNumber": 8,
    "SliceEncodingDirection": "k",
    "SliceTiming": [
      0.0,
      0.0556,
      0.1111,
      0.1667,
      0.2222,
      0.2778,
      0.3333,
      0.3889,
      0.4444,
      0.5,
      0.5556,
      0.6111,
      0.6667,
      0.7222,
      0.7778,
      0.8333,
      0.8889,
      0.9444,
      1.0,
      1.0556,
      1.1111,
      1.1667,
      1.2222,
      1.2778,
      1.3333,
      1.3889,
      1.4444,
      1.5,
      1.5556,
      1.6111,
      1.6667,
      1.7222,
      1.7778,
      1.8333,
      1.8889,
      1.9444
    ],
    "TaskName": "emomatching",
    "TotalReadoutTime": 0.026945238983542674,
    "UsePhilipsFloatNotDisplayScaling": 1,
    "WaterFatShift": 12,
    "acq_id": "seq",
    "dataset": "unknown",
    "modality": "bold",
    "subject_id": "0189",
    "task_id": "emomatching"
  },
  "dummy_trs": 0,
  "dvars_nstd": 22.914366522238804,
  "dvars_std": 1.1882957796268658,
  "dvars_vstd": 0.9642832002238806,
  "efc": 0.4041928972519999,
  "fber": 237278848.0,
  "fd_mean": 0.1872643207943183,
  "fd_num": 47,
  "fd_perc": 34.81481481481482,
  "fwhm_avg": 2.7778807194910087,
  "fwhm_x": 2.631936666666667,
  "fwhm_y": 3.1230266666666666,
  "fwhm_z": 2.578678825139693,
  "gcor": 0.0212721,
  "gsr_x": -0.0006013413658365607,
  "gsr_y": -0.0012401286512613297,
  "provenance": {
    "md5sum": "5a089eaf43710a22ed8c2a351af46596",
    "settings": {
      "fd_thres": 0.2,
      "hmc_fsl": false
    },
    "software": "mriqc",
    "version": "0.15.0",
    "webapi_port": null,
    "webapi_url": "https://mriqc.nimh.nih.gov/api/v1"
  },
  "size_t": 135,
  "size_x": 80,
  "size_y": 80,
  "size_z": 36,
  "snr": 4.644905517930714,
  "spacing_tr": 2.0,
  "spacing_x": 3.0,
  "spacing_y": 3.0,
  "spacing_z": 3.299999952316284,
  "spikes_num": 0,
  "summary_bg_k": 120.4618315639282,
  "summary_bg_mad": 2.122284173965454,
  "summary_bg_mean": 179.9771728515625,
  "summary_bg_median": 1.4753481149673462,
  "summary_bg_n": 149837.0,
  "summary_bg_p05": 0.009420640580356122,
  "summary_bg_p95": 687.8500732421874,
  "summary_bg_stdv": 1048.466552734375,
  "summary_fg_k": 2.4426494633173315,
  "summary_fg_mad": 4044.40869140625,
  "summary_fg_mean": 23914.103515625,
  "summary_fg_median": 23805.4609375,
  "summary_fg_n": 40949.0,
  "summary_fg_p05": 16050.4248046875,
  "summary_fg_p95": 32042.107421875,
  "summary_fg_stdv": 5125.00634765625,
  "tsnr": 58.14295959472656
}