{
    "Manufacturer": "Philips",
    "PatientPosition": "HFS",
    "SeriesDescription": "ImageMRSERIES",
    "ProtocolName": "WIPT1anat_acq-6m_T1wSENSE",
    "SeriesNumber": 2,
    "AcquisitionNumber": 2,
    "ImageComments": "PIOP2",
    "PhilipsRescaleSlope": 8.68278,
    "PhilipsRescaleIntercept": 0,
    "PhilipsScaleSlope": 0.0067647,
    "UsePhilipsFloatNotDisplayScaling": 1,
    "EchoTime": 0.00378,
    "RepetitionTime": 0.00822,
    "ReconMatrixPE": 240,
    "ImageOrientationPatientDICOM": [
        0.996692,
        0.0695427,
        -0.0420684,
        -0.0667244,
        0.995649,
        0.065049
    ],
    "ConversionSoftware": "dcm2niix",
    "ConversionSoftwareVersion": "v1.0.20181125  GCC6.3.0",
    "BidsifyVersion": "0.3.5"
}