{
  "aor": 0.0012880740740740743,
  "aqi": 0.0039433925185185185,
  "bids_meta": {
    "AcquisitionNumber": 8,
    "BidsifyVersion": "0.3.5",
    "ConversionSoftware": "dcm2niix",
    "ConversionSoftwareVersion": "v1.0.20181125  GCC6.3.0",
    "EchoTime": 0.02763,
    "EffectiveEchoSpacing": 0.0006909035636805814,
    "FlipAngle": 76.1,
    "ImageComments": "PIOP2",
    "ImageOrientationPatientDICOM": [
      0.994736,
      0.102253,
      -0.0066356,
      -0.0975347,
      0.96471,
      0.244583
    ],
    "Manufacturer": "Philips",
    "NumberOfVolumesDiscardedByScanner": 2,
    "ParallelAcquisitionTechnique": "SENSE",
    "ParallelReductionFactorInPlane": 2,
    "PatientPosition": "HFS",
    "PhaseEncodingDirection": "j",
    "PhilipsRescaleIntercept": 0,
    "PhilipsRescaleSlope": 0.82076,
    "PhilipsScaleSlope": 0.0598787,
    "ProtocolName": "WIPtask-harriri_boldSENSE",
    "PulseSequenceType": "gradient echo EPI",
    "ReconMatrixPE": 80,
    "RepetitionTime": 2,
    "SeriesDescription": "ImageMRSERIES",
    "SeriesNumber": 8,
    "SliceEncodingDirection": "k",
    "SliceTiming": [
      0.0,
      0.0556,
      0.1111,
      0.1667,
      0.2222,
      0.2778,
      0.3333,
      0.3889,
      0.4444,
      0.5,
      0.5556,
      0.6111,
      0.6667,
      0.7222,
      0.7778,
      0.8333,
      0.8889,
      0.9444,
      1.0,
      1.0556,
      1.1111,
      1.1667,
      1.2222,
      1.2778,
      1.3333,
      1.3889,
      1.4444,
      1.5,
      1.5556,
      1.6111,
      1.6667,
      1.7222,
      1.7778,
      1.8333,
      1.8889,
      1.9444
    ],
    "TaskName": "emomatching",
    "TotalReadoutTime": 0.026945238983542674,
    "UsePhilipsFloatNotDisplayScaling": 1,
    "WaterFatShift": 12,
    "acq_id": "seq",
    "dataset": "unknown",
    "modality": "bold",
    "subject_id": "0226",
    "task_id": "emomatching"
  },
  "dummy_trs": 0,
  "dvars_nstd": 18.895673830074628,
  "dvars_std": 1.1726038214179109,
  "dvars_vstd": 0.9863881829850746,
  "efc": 0.4181870723675466,
  "fber": 911238592.0,
  "fd_mean": 0.1439407195871566,
  "fd_num": 19,
  "fd_perc": 14.074074074074074,
  "fwhm_avg": 2.687001628313024,
  "fwhm_x": 2.5560766666666668,
  "fwhm_y": 2.9820766666666665,
  "fwhm_z": 2.522851551605738,
  "gcor": 0.0248107,
  "gsr_x": -0.004468217026442289,
  "gsr_y": 0.004297057632356882,
  "provenance": {
    "md5sum": "cecc71c8ce263b53d6ec1479ccf2a27c",
    "settings": {
      "fd_thres": 0.2,
      "hmc_fsl": false
    },
    "software": "mriqc",
    "version": "0.15.0",
    "webapi_port": null,
    "webapi_url": "https://mriqc.nimh.nih.gov/api/v1"
  },
  "size_t": 135,
  "size_x": 80,
  "size_y": 80,
  "size_z": 36,
  "snr": 4.813936304673446,
  "spacing_tr": 2.0,
  "spacing_x": 3.0,
  "spacing_y": 3.0,
  "spacing_z": 3.299999952316284,
  "spikes_num": 0,
  "summary_bg_k": 60.816822296752186,
  "summary_bg_mad": 0.9858664274215698,
  "summary_bg_mean": 191.1103973388672,
  "summary_bg_median": 0.6689720749855042,
  "summary_bg_n": 147434.0,
  "summary_bg_p05": 0.002010960411280394,
  "summary_bg_p95": 873.9475860595733,
  "summary_bg_stdv": 997.1361694335938,
  "summary_fg_k": 2.092823219108113,
  "summary_fg_mad": 3922.416748046875,
  "summary_fg_mean": 22688.185546875,
  "summary_fg_median": 22665.87890625,
  "summary_fg_n": 42976.0,
  "summary_fg_p05": 15156.6064453125,
  "summary_fg_p95": 30140.890625,
  "summary_fg_stdv": 4708.3330078125,
  "tsnr": 83.25138854980469
}