{
  "aor": 0.0008918222222222222,
  "aqi": 0.0041645349333333335,
  "bids_meta": {
    "AcquisitionNumber": 8,
    "BidsifyVersion": "0.3.5",
    "ConversionSoftware": "dcm2niix",
    "ConversionSoftwareVersion": "v1.0.20181125  GCC6.3.0",
    "EchoTime": 0.02763,
    "FlipAngle": 76.1,
    "ImageComments": "PIOP2",
    "ImageOrientationPatientDICOM": [
      0.998664,
      0.0454158,
      -0.0246548,
      -0.0476199,
      0.994072,
      -0.0977354
    ],
    "Manufacturer": "Philips",
    "NumberOfVolumesDiscardedByScanner": 2,
    "ParallelAcquisitionTechnique": "SENSE",
    "ParallelReductionFactorInPlane": 2,
    "PatientPosition": "HFS",
    "PhaseEncodingDirection": "j",
    "PhilipsRescaleIntercept": 0,
    "PhilipsRescaleSlope": 0.77094,
    "PhilipsScaleSlope": 0.0552524,
    "ProtocolName": "WIPtask-stop_boldSENSE",
    "PulseSequenceType": "gradient echo EPI",
    "ReconMatrixPE": 80,
    "RepetitionTime": 2,
    "SeriesDescription": "ImageMRSERIES",
    "SeriesNumber": 8,
    "SliceEncodingDirection": "k",
    "TaskName": "stopsignal",
    "UsePhilipsFloatNotDisplayScaling": 1,
    "WaterFatShift": 12,
    "acq_id": "seq",
    "dataset": "unknown",
    "modality": "bold",
    "subject_id": "0136",
    "task_id": "stopsignal"
  },
  "dummy_trs": 0,
  "dvars_nstd": 18.030726462455355,
  "dvars_std": 1.2106738208035708,
  "dvars_vstd": 0.9798265949553568,
  "efc": 0.40604663825153725,
  "fber": 1548000000.0,
  "fd_mean": 0.10544466840545187,
  "fd_num": 8,
  "fd_perc": 3.5555555555555554,
  "fwhm_avg": 2.5700027386436957,
  "fwhm_x": 2.55265,
  "fwhm_y": 2.7965400000000002,
  "fwhm_z": 2.3608182159310864,
  "gcor": 0.0295229,
  "gsr_x": -0.0004268590419087559,
  "gsr_y": 0.0022570628207176924,
  "provenance": {
    "md5sum": "9e1600a898cc67f6b966e9882b8fd2b7",
    "settings": {
      "fd_thres": 0.2,
      "hmc_fsl": false
    },
    "software": "mriqc",
    "version": "0.15.0",
    "webapi_port": null,
    "webapi_url": "https://mriqc.nimh.nih.gov/api/v1"
  },
  "size_t": 225,
  "size_x": 80,
  "size_y": 80,
  "size_z": 36,
  "snr": 4.720259251000144,
  "spacing_tr": 2.0,
  "spacing_x": 3.0,
  "spacing_y": 3.0,
  "spacing_z": 3.299999952316284,
  "spikes_num": 0,
  "summary_bg_k": 194.20633205813226,
  "summary_bg_mad": 0.8750342726707458,
  "summary_bg_mean": 216.8941650390625,
  "summary_bg_median": 0.5902016162872314,
  "summary_bg_n": 149039.0,
  "summary_bg_p05": 0.0,
  "summary_bg_p95": 822.2155090332117,
  "summary_bg_stdv": 1279.682861328125,
  "summary_fg_k": 2.3383777707882683,
  "summary_fg_mad": 4736.88525390625,
  "summary_fg_mean": 26674.216796875,
  "summary_fg_median": 26592.35546875,
  "summary_fg_n": 41135.0,
  "summary_fg_p05": 18075.603125,
  "summary_fg_p95": 35471.798828125,
  "summary_fg_stdv": 5633.595703125,
  "tsnr": 82.16619873046875
}