{
  "aor": 0.0011539166666666666,
  "aqi": 0.00693717175,
  "bids_meta": {
    "AcquisitionNumber": 4,
    "BidsifyVersion": "0.3.5",
    "ConversionSoftware": "dcm2niix",
    "ConversionSoftwareVersion": "v1.0.20181125  GCC6.3.0",
    "EchoTime": 0.02763,
    "FlipAngle": 76.1,
    "ImageComments": "PIOP2",
    "ImageOrientationPatientDICOM": [
      0.998664,
      0.0454158,
      -0.0246548,
      -0.0476199,
      0.994072,
      -0.0977354
    ],
    "Manufacturer": "Philips",
    "NumberOfVolumesDiscardedByScanner": 2,
    "ParallelAcquisitionTechnique": "SENSE",
    "ParallelReductionFactorInPlane": 2,
    "PatientPosition": "HFS",
    "PhaseEncodingDirection": "j",
    "PhilipsRescaleIntercept": 0,
    "PhilipsRescaleSlope": 0.79292,
    "PhilipsScaleSlope": 0.0560543,
    "ProtocolName": "WIPtask-rest_boldSENSE",
    "PulseSequenceType": "gradient echo EPI",
    "ReconMatrixPE": 80,
    "RepetitionTime": 2,
    "SeriesDescription": "ImageMRSERIES",
    "SeriesNumber": 4,
    "SliceEncodingDirection": "k",
    "TaskName": "restingstate",
    "UsePhilipsFloatNotDisplayScaling": 1,
    "WaterFatShift": 12,
    "acq_id": "seq",
    "dataset": "unknown",
    "modality": "bold",
    "subject_id": "0136",
    "task_id": "restingstate"
  },
  "dummy_trs": 0,
  "dvars_nstd": 21.767002576485353,
  "dvars_std": 1.300910735104603,
  "dvars_vstd": 0.9704511292050206,
  "efc": 0.40627706861355256,
  "fber": 558267008.0,
  "fd_mean": 0.10124973954948804,
  "fd_num": 9,
  "fd_perc": 3.75,
  "fwhm_avg": 2.558615263832117,
  "fwhm_x": 2.5385,
  "fwhm_y": 2.7898366666666665,
  "fwhm_z": 2.3475091248296844,
  "gcor": 0.0435291,
  "gsr_x": -0.0005640638410113752,
  "gsr_y": 0.0026299019809812307,
  "provenance": {
    "md5sum": "e6d5aa19f0047e09c3532e032e191411",
    "settings": {
      "fd_thres": 0.2,
      "hmc_fsl": false
    },
    "software": "mriqc",
    "version": "0.15.0",
    "webapi_port": null,
    "webapi_url": "https://mriqc.nimh.nih.gov/api/v1"
  },
  "size_t": 240,
  "size_x": 80,
  "size_y": 80,
  "size_z": 36,
  "snr": 4.752755805383557,
  "spacing_tr": 2.0,
  "spacing_x": 3.0,
  "spacing_y": 3.0,
  "spacing_z": 3.299999952316284,
  "spikes_num": 0,
  "summary_bg_k": 191.5180269206977,
  "summary_bg_mad": 1.5404276847839355,
  "summary_bg_mean": 212.59371948242188,
  "summary_bg_median": 1.0495802164077759,
  "summary_bg_n": 149084.0,
  "summary_bg_p05": 0.0007801005558576437,
  "summary_bg_p95": 839.6179992675783,
  "summary_bg_stdv": 1238.179931640625,
  "summary_fg_k": 2.333212172228114,
  "summary_fg_mad": 4744.0810546875,
  "summary_fg_mean": 26617.173828125,
  "summary_fg_median": 26495.046875,
  "summary_fg_n": 41104.0,
  "summary_fg_p05": 18195.6783203125,
  "summary_fg_p95": 35320.0349609375,
  "summary_fg_stdv": 5574.6025390625,
  "tsnr": 68.65408325195312
}