{
  "aor": 0.0018099253731343281,
  "aqi": 0.0027470897014925367,
  "bids_meta": {
    "AcquisitionNumber": 9,
    "BidsifyVersion": "0.3.5",
    "ConversionSoftware": "dcm2niix",
    "ConversionSoftwareVersion": "v1.0.20181125  GCC6.3.0",
    "EchoTime": 0.02763,
    "FlipAngle": 76.1,
    "ImageComments": "PIOP2",
    "ImageOrientationPatientDICOM": [
      0.998664,
      0.0454158,
      -0.0246548,
      -0.0476199,
      0.994072,
      -0.0977354
    ],
    "Manufacturer": "Philips",
    "NumberOfVolumesDiscardedByScanner": 2,
    "ParallelAcquisitionTechnique": "SENSE",
    "ParallelReductionFactorInPlane": 2,
    "PatientPosition": "HFS",
    "PhaseEncodingDirection": "j",
    "PhilipsRescaleIntercept": 0,
    "PhilipsRescaleSlope": 0.76777,
    "PhilipsScaleSlope": 0.0558309,
    "ProtocolName": "WIPtask-harriri_boldSENSE",
    "PulseSequenceType": "gradient echo EPI",
    "ReconMatrixPE": 80,
    "RepetitionTime": 2,
    "SeriesDescription": "ImageMRSERIES",
    "SeriesNumber": 9,
    "SliceEncodingDirection": "k",
    "TaskName": "emomatching",
    "UsePhilipsFloatNotDisplayScaling": 1,
    "WaterFatShift": 12,
    "acq_id": "seq",
    "dataset": "unknown",
    "modality": "bold",
    "subject_id": "0136",
    "task_id": "emomatching"
  },
  "dummy_trs": 1,
  "dvars_nstd": 16.380881467443615,
  "dvars_std": 1.2058280942105266,
  "dvars_vstd": 1.0251416657142856,
  "efc": 0.406953983547231,
  "fber": 1611905408.0,
  "fd_mean": 0.10114958070650633,
  "fd_num": 4,
  "fd_perc": 2.985074626865672,
  "fwhm_avg": 2.5322455666904258,
  "fwhm_x": 2.518866666666667,
  "fwhm_y": 2.7660699999999996,
  "fwhm_z": 2.311800033404611,
  "gcor": 0.0170036,
  "gsr_x": -0.00016795298142824322,
  "gsr_y": 0.0024335195776075125,
  "provenance": {
    "md5sum": "92b6cfcc3e4c74ba2f1839d2ca5468a2",
    "settings": {
      "fd_thres": 0.2,
      "hmc_fsl": false
    },
    "software": "mriqc",
    "version": "0.15.0",
    "webapi_port": null,
    "webapi_url": "https://mriqc.nimh.nih.gov/api/v1"
  },
  "size_t": 134,
  "size_x": 80,
  "size_y": 80,
  "size_z": 36,
  "snr": 4.916109399465309,
  "spacing_tr": 2.0,
  "spacing_x": 3.0,
  "spacing_y": 3.0,
  "spacing_z": 3.299999952316284,
  "spikes_num": 0,
  "summary_bg_k": 178.55993434615564,
  "summary_bg_mad": 0.9316476583480835,
  "summary_bg_mean": 217.267822265625,
  "summary_bg_median": 0.6342628598213196,
  "summary_bg_n": 149058.0,
  "summary_bg_p05": 0.001577184780035168,
  "summary_bg_p95": 889.9460784912098,
  "summary_bg_stdv": 1274.577880859375,
  "summary_fg_k": 2.366391031223027,
  "summary_fg_mad": 4590.84912109375,
  "summary_fg_mean": 26603.64453125,
  "summary_fg_median": 26534.416015625,
  "summary_fg_n": 41095.0,
  "summary_fg_p05": 18351.3623046875,
  "summary_fg_p95": 34933.85703125,
  "summary_fg_stdv": 5397.37646484375,
  "tsnr": 100.43042755126953
}