{
  "aor": 0.0010704444444444446,
  "aqi": 0.0034571948888888894,
  "bids_meta": {
    "AcquisitionNumber": 8,
    "BidsifyVersion": "0.3.5",
    "ConversionSoftware": "dcm2niix",
    "ConversionSoftwareVersion": "v1.0.20181125  GCC6.3.0",
    "EchoTime": 0.02763,
    "FlipAngle": 76.1,
    "ImageComments": "PIOP2",
    "ImageOrientationPatientDICOM": [
      0.996929,
      0.076317,
      -0.0175627,
      -0.0775847,
      0.993004,
      -0.0890168
    ],
    "Manufacturer": "Philips",
    "NumberOfVolumesDiscardedByScanner": 2,
    "ParallelAcquisitionTechnique": "SENSE",
    "ParallelReductionFactorInPlane": 2,
    "PatientPosition": "HFS",
    "PhaseEncodingDirection": "j",
    "PhilipsRescaleIntercept": 0,
    "PhilipsRescaleSlope": 0.75922,
    "PhilipsScaleSlope": 0.0574872,
    "ProtocolName": "WIPtask-harriri_boldSENSE",
    "PulseSequenceType": "gradient echo EPI",
    "ReconMatrixPE": 80,
    "RepetitionTime": 2,
    "SeriesDescription": "ImageMRSERIES",
    "SeriesNumber": 8,
    "SliceEncodingDirection": "k",
    "TaskName": "emomatching",
    "UsePhilipsFloatNotDisplayScaling": 1,
    "WaterFatShift": 12,
    "acq_id": "seq",
    "dataset": "unknown",
    "modality": "bold",
    "subject_id": "0119",
    "task_id": "emomatching"
  },
  "dummy_trs": 0,
  "dvars_nstd": 22.387284563582092,
  "dvars_std": 1.3223388061940295,
  "dvars_vstd": 0.9921024380597018,
  "efc": 0.38922217358581035,
  "fber": 839309376.0,
  "fd_mean": 0.10683446417261248,
  "fd_num": 4,
  "fd_perc": 2.962962962962963,
  "fwhm_avg": 2.390658394468072,
  "fwhm_x": 2.36644,
  "fwhm_y": 2.59862,
  "fwhm_z": 2.206915183404217,
  "gcor": 0.051186,
  "gsr_x": -0.004129380919039249,
  "gsr_y": 0.00029526386060751975,
  "provenance": {
    "md5sum": "182320fb1294d4b573b38ab12c4a472e",
    "settings": {
      "fd_thres": 0.2,
      "hmc_fsl": false
    },
    "software": "mriqc",
    "version": "0.15.0",
    "webapi_port": null,
    "webapi_url": "https://mriqc.nimh.nih.gov/api/v1"
  },
  "size_t": 135,
  "size_x": 80,
  "size_y": 80,
  "size_z": 36,
  "snr": 4.659848239294387,
  "spacing_tr": 2.0,
  "spacing_x": 3.0,
  "spacing_y": 3.0,
  "spacing_z": 3.299999952316284,
  "spikes_num": 0,
  "summary_bg_k": 120.41344376606587,
  "summary_bg_mad": 1.1596457958221436,
  "summary_bg_mean": 187.48573303222656,
  "summary_bg_median": 0.7888556718826294,
  "summary_bg_n": 153157.0,
  "summary_bg_p05": 0.0019484198186546565,
  "summary_bg_p95": 771.0661743164014,
  "summary_bg_stdv": 1077.0672607421875,
  "summary_fg_k": 2.0837047000546374,
  "summary_fg_mad": 4360.72705078125,
  "summary_fg_mean": 24418.8828125,
  "summary_fg_median": 24064.443359375,
  "summary_fg_n": 38097.0,
  "summary_fg_p05": 17012.77265625,
  "summary_fg_p95": 33040.96875,
  "summary_fg_stdv": 5164.14404296875,
  "tsnr": 81.15328979492188
}