{
  "aor": 0.0006709375,
  "aqi": 0.0038029124375,
  "bids_meta": {
    "AcquisitionNumber": 3,
    "BidsifyVersion": "0.3.5",
    "ConversionSoftware": "dcm2niix",
    "ConversionSoftwareVersion": "v1.0.20181125  GCC6.3.0",
    "EchoTime": 0.02763,
    "FlipAngle": 76.1,
    "ImageComments": "PIOP2",
    "ImageOrientationPatientDICOM": [
      0.996929,
      0.076317,
      -0.0175627,
      -0.0775847,
      0.993004,
      -0.0890168
    ],
    "Manufacturer": "Philips",
    "NumberOfVolumesDiscardedByScanner": 2,
    "ParallelAcquisitionTechnique": "SENSE",
    "ParallelReductionFactorInPlane": 2,
    "PatientPosition": "HFS",
    "PhaseEncodingDirection": "j",
    "PhilipsRescaleIntercept": 0,
    "PhilipsRescaleSlope": 0.75458,
    "PhilipsScaleSlope": 0.0579105,
    "ProtocolName": "WIPtask-wm_boldSENSE",
    "PulseSequenceType": "gradient echo EPI",
    "ReconMatrixPE": 80,
    "RepetitionTime": 2,
    "SeriesDescription": "ImageMRSERIES",
    "SeriesNumber": 3,
    "SliceEncodingDirection": "k",
    "TaskName": "workingmemory",
    "UsePhilipsFloatNotDisplayScaling": 1,
    "WaterFatShift": 12,
    "acq_id": "seq",
    "dataset": "unknown",
    "modality": "bold",
    "subject_id": "0119",
    "task_id": "workingmemory"
  },
  "dummy_trs": 0,
  "dvars_nstd": 25.040950343018864,
  "dvars_std": 1.34214657855346,
  "dvars_vstd": 0.9715735100628932,
  "efc": 0.3896003199432112,
  "fber": 583077504.0,
  "fd_mean": 0.12706461277770287,
  "fd_num": 15,
  "fd_perc": 9.375,
  "fwhm_avg": 2.4275248592386722,
  "fwhm_x": 2.397483333333333,
  "fwhm_y": 2.6524033333333334,
  "fwhm_z": 2.23268791104935,
  "gcor": 0.0381152,
  "gsr_x": -0.004326086491346359,
  "gsr_y": 0.000626733002718538,
  "provenance": {
    "md5sum": "d5a4d18bf333938b4c5ab8c8f6946456",
    "settings": {
      "fd_thres": 0.2,
      "hmc_fsl": false
    },
    "software": "mriqc",
    "version": "0.15.0",
    "webapi_port": null,
    "webapi_url": "https://mriqc.nimh.nih.gov/api/v1"
  },
  "size_t": 160,
  "size_x": 80,
  "size_y": 80,
  "size_z": 36,
  "snr": 4.663722663347897,
  "spacing_tr": 2.0,
  "spacing_x": 3.0,
  "spacing_y": 3.0,
  "spacing_z": 3.299999952316284,
  "spikes_num": 0,
  "summary_bg_k": 132.24318913973056,
  "summary_bg_mad": 1.431152582168579,
  "summary_bg_mean": 191.1232452392578,
  "summary_bg_median": 0.9756129384040833,
  "summary_bg_n": 153081.0,
  "summary_bg_p05": 0.0018248691922053695,
  "summary_bg_p95": 800.5203247070312,
  "summary_bg_stdv": 1115.7132568359375,
  "summary_fg_k": 2.0588169205099405,
  "summary_fg_mad": 4432.06005859375,
  "summary_fg_mean": 24619.203125,
  "summary_fg_median": 24296.181640625,
  "summary_fg_n": 38198.0,
  "summary_fg_p05": 17093.837304687502,
  "summary_fg_p95": 33196.219921875,
  "summary_fg_stdv": 5209.54296875,
  "tsnr": 77.86993408203125
}