{
  "aor": 0.001431255605381166,
  "aqi": 0.0033249140807174887,
  "bids_meta": {
    "AcquisitionNumber": 7,
    "BidsifyVersion": "0.3.5",
    "ConversionSoftware": "dcm2niix",
    "ConversionSoftwareVersion": "v1.0.20181125  GCC6.3.0",
    "EchoTime": 0.02763,
    "FlipAngle": 76.1,
    "ImageComments": "PIOP2",
    "ImageOrientationPatientDICOM": [
      0.999954,
      0.00587573,
      -0.00763872,
      -0.00558485,
      0.999279,
      0.037559
    ],
    "Manufacturer": "Philips",
    "NumberOfVolumesDiscardedByScanner": 2,
    "ParallelAcquisitionTechnique": "SENSE",
    "ParallelReductionFactorInPlane": 2,
    "PatientPosition": "HFS",
    "PhaseEncodingDirection": "j",
    "PhilipsRescaleIntercept": 0,
    "PhilipsRescaleSlope": 0.8022,
    "PhilipsScaleSlope": 0.0535584,
    "ProtocolName": "WIPtask-stop_boldSENSE",
    "PulseSequenceType": "gradient echo EPI",
    "ReconMatrixPE": 80,
    "RepetitionTime": 2,
    "SeriesDescription": "ImageMRSERIES",
    "SeriesNumber": 7,
    "SliceEncodingDirection": "k",
    "TaskName": "stopsignal",
    "UsePhilipsFloatNotDisplayScaling": 1,
    "WaterFatShift": 12,
    "acq_id": "seq",
    "dataset": "unknown",
    "modality": "bold",
    "subject_id": "0216",
    "task_id": "stopsignal"
  },
  "dummy_trs": 0,
  "dvars_nstd": 19.240887143423425,
  "dvars_std": 1.1654225884684677,
  "dvars_vstd": 0.9983582261711713,
  "efc": 0.4121334352560402,
  "fber": 1103067392.0,
  "fd_mean": 0.13130327910606096,
  "fd_num": 25,
  "fd_perc": 11.210762331838565,
  "fwhm_avg": 2.5035428394315793,
  "fwhm_x": 2.4004333333333334,
  "fwhm_y": 2.7955133333333335,
  "fwhm_z": 2.31468185162807,
  "gcor": 0.0317292,
  "gsr_x": 0.002863819245249033,
  "gsr_y": 0.00033176332362927496,
  "provenance": {
    "md5sum": "6abc24e26436d6d371032085287ad409",
    "settings": {
      "fd_thres": 0.2,
      "hmc_fsl": false
    },
    "software": "mriqc",
    "version": "0.15.0",
    "webapi_port": null,
    "webapi_url": "https://mriqc.nimh.nih.gov/api/v1"
  },
  "size_t": 223,
  "size_x": 80,
  "size_y": 80,
  "size_z": 36,
  "snr": 4.3847992963949345,
  "spacing_tr": 2.0,
  "spacing_x": 3.0,
  "spacing_y": 3.0,
  "spacing_z": 3.299999952316284,
  "spikes_num": 0,
  "summary_bg_k": 64.46868032179151,
  "summary_bg_mad": 1.0022494792938232,
  "summary_bg_mean": 235.5809783935547,
  "summary_bg_median": 0.6818314790725708,
  "summary_bg_n": 147899.0,
  "summary_bg_p05": 0.001485268003307283,
  "summary_bg_p95": 987.729870605469,
  "summary_bg_stdv": 1271.322265625,
  "summary_fg_k": 1.7750579001329942,
  "summary_fg_mad": 4783.876953125,
  "summary_fg_mean": 24529.35546875,
  "summary_fg_median": 24211.94921875,
  "summary_fg_n": 42259.0,
  "summary_fg_p05": 16602.8330078125,
  "summary_fg_p95": 33719.68125,
  "summary_fg_stdv": 5521.7265625,
  "tsnr": 79.03620147705078
}