{
  "bids_meta": {
    "AcquisitionNumber": 2,
    "BidsifyVersion": "0.3.5",
    "ConversionSoftware": "dcm2niix",
    "ConversionSoftwareVersion": "v1.0.20181125  GCC6.3.0",
    "EchoTime": 0.00381,
    "ImageComments": "PIOP2",
    "ImageOrientationPatientDICOM": [
      0.998791,
      -0.0465234,
      -0.0158546,
      0.0439575,
      0.989825,
      -0.135333
    ],
    "Manufacturer": "Philips",
    "NumberSignalAcquisitions": 2,
    "PatientPosition": "HFS",
    "PhilipsRescaleIntercept": 0,
    "PhilipsRescaleSlope": 8.72186,
    "PhilipsScaleSlope": 0.00695629,
    "ProtocolName": "WIPT1anat_acq-6m_T1wSENSE",
    "ReconMatrixPE": 240,
    "RepetitionTime": 0.008273,
    "SeriesDescription": "ImageMRSERIES",
    "SeriesNumber": 2,
    "UsePhilipsFloatNotDisplayScaling": 1,
    "dataset": "unknown",
    "modality": "T1w",
    "subject_id": "0175"
  },
  "cjv": 0.2644022163774319,
  "cnr": 4.467418363881681,
  "efc": 0.7769549763315011,
  "fber": 1277.5556640625,
  "fwhm_avg": 4.695813225708235,
  "fwhm_x": 4.3059902566570205,
  "fwhm_y": 4.861469420467684,
  "fwhm_z": 4.91998,
  "icvs_csf": 0.25667690808352017,
  "icvs_gm": 0.3987866200446578,
  "icvs_wm": 0.344536471871822,
  "inu_med": 0.8844756484031677,
  "inu_range": 0.2736127495765688,
  "provenance": {
    "md5sum": "0b98f16c3057e2d5ac464614d0cf8941",
    "settings": {
      "testing": false
    },
    "software": "mriqc",
    "version": "0.15.0",
    "warnings": {
      "large_rot_frame": true,
      "small_air_mask": true
    },
    "webapi_port": null,
    "webapi_url": "https://mriqc.nimh.nih.gov/api/v1"
  },
  "qi_1": 0.0,
  "qi_2": 8.074420286714254e-05,
  "rpve_csf": 22.267103053286036,
  "rpve_gm": 14.173861155217505,
  "rpve_wm": 21.14802618880984,
  "size_x": 240,
  "size_y": 240,
  "size_z": 220,
  "snr_csf": 2.3782066213029966,
  "snr_gm": 9.263799123361176,
  "snr_total": 12.619270297894708,
  "snr_wm": 26.21580514901995,
  "snrd_csf": 19.372381228166756,
  "snrd_gm": 42.97630331233667,
  "snrd_total": 43.020982978022424,
  "snrd_wm": 66.71426439356385,
  "spacing_x": 0.9999999403953552,
  "spacing_y": 1.0000001192092896,
  "spacing_z": 1.0,
  "summary_bg_k": 6.895474685968026,
  "summary_bg_mad": 9.82005786895752,
  "summary_bg_mean": 9.57736587524414,
  "summary_bg_median": 6.778188705444336,
  "summary_bg_n": 166035.0,
  "summary_bg_p05": 0.0,
  "summary_bg_p95": 20.370472717285157,
  "summary_bg_stdv": 7.296466827392578,
  "summary_csf_k": 53.880732944778956,
  "summary_csf_mad": 129.9923858642578,
  "summary_csf_mean": 292.739990234375,
  "summary_csf_median": 290.37908935546875,
  "summary_csf_n": 22633.0,
  "summary_csf_p05": 129.25162658691409,
  "summary_csf_p95": 454.4804809570312,
  "summary_csf_stdv": 122.09732818603516,
  "summary_gm_k": 0.6391488645044681,
  "summary_gm_mad": 62.00827407836914,
  "summary_gm_mean": 652.3880004882812,
  "summary_gm_median": 644.1861572265625,
  "summary_gm_n": 27948.0,
  "summary_gm_p05": 553.3131805419922,
  "summary_gm_p95": 784.2753448486328,
  "summary_gm_stdv": 69.5367660522461,
  "summary_wm_k": 1.9027883228489664,
  "summary_wm_mad": 32.0703239440918,
  "summary_wm_mean": 997.567626953125,
  "summary_wm_median": 1000.0023803710938,
  "summary_wm_n": 209991.0,
  "summary_wm_p05": 930.6759033203125,
  "summary_wm_p95": 1054.3306884765625,
  "summary_wm_stdv": 38.144927978515625,
  "tpm_overlap_csf": 0.22531569004058838,
  "tpm_overlap_gm": 0.5020022392272949,
  "tpm_overlap_wm": 0.5661554932594299,
  "wm2max": 0.7074929806837601
}