{
  "aor": 0.001699625,
  "aqi": 0.009653060333333333,
  "bids_meta": {
    "AcquisitionNumber": 4,
    "BidsifyVersion": "0.3.5",
    "ConversionSoftware": "dcm2niix",
    "ConversionSoftwareVersion": "v1.0.20181125  GCC6.3.0",
    "EchoTime": 0.02763,
    "FlipAngle": 76.1,
    "ImageComments": "PIOP2",
    "ImageOrientationPatientDICOM": [
      0.999363,
      0.0130767,
      -0.0332106,
      -0.0172695,
      0.991458,
      -0.129279
    ],
    "Manufacturer": "Philips",
    "NumberOfVolumesDiscardedByScanner": 2,
    "ParallelAcquisitionTechnique": "SENSE",
    "ParallelReductionFactorInPlane": 2,
    "PatientPosition": "HFS",
    "PhaseEncodingDirection": "j",
    "PhilipsRescaleIntercept": 0,
    "PhilipsRescaleSlope": 0.7939,
    "PhilipsScaleSlope": 0.0555119,
    "ProtocolName": "WIPtask-rest_boldSENSE",
    "PulseSequenceType": "gradient echo EPI",
    "ReconMatrixPE": 80,
    "RepetitionTime": 2,
    "SeriesDescription": "ImageMRSERIES",
    "SeriesNumber": 4,
    "SliceEncodingDirection": "k",
    "TaskName": "restingstate",
    "UsePhilipsFloatNotDisplayScaling": 1,
    "WaterFatShift": 12,
    "acq_id": "seq",
    "dataset": "unknown",
    "modality": "bold",
    "subject_id": "0041",
    "task_id": "restingstate"
  },
  "dummy_trs": 0,
  "dvars_nstd": 20.095641167907946,
  "dvars_std": 1.1608340015899585,
  "dvars_vstd": 0.9463347465271971,
  "efc": 0.4552798110582361,
  "fber": 151653824.0,
  "fd_mean": 0.13622681013500554,
  "fd_num": 38,
  "fd_perc": 15.833333333333334,
  "fwhm_avg": 2.538622536212672,
  "fwhm_x": 2.4780366666666667,
  "fwhm_y": 2.8623066666666666,
  "fwhm_z": 2.2755242753046825,
  "gcor": 0.0608541,
  "gsr_x": -0.00014549875049851835,
  "gsr_y": 0.005640699528157711,
  "provenance": {
    "md5sum": "8d448843ba9fe2a3e7d41f162d25a3dd",
    "settings": {
      "fd_thres": 0.2,
      "hmc_fsl": false
    },
    "software": "mriqc",
    "version": "0.15.0",
    "webapi_port": null,
    "webapi_url": "https://mriqc.nimh.nih.gov/api/v1"
  },
  "size_t": 240,
  "size_x": 80,
  "size_y": 80,
  "size_z": 36,
  "snr": 5.251467706258751,
  "spacing_tr": 2.0,
  "spacing_x": 3.0,
  "spacing_y": 3.0,
  "spacing_z": 3.299999952316284,
  "spikes_num": 0,
  "summary_bg_k": 80.42178103537948,
  "summary_bg_mad": 2.698225736618042,
  "summary_bg_mean": 289.9572448730469,
  "summary_bg_median": 1.828840970993042,
  "summary_bg_n": 138201.0,
  "summary_bg_p05": 0.0,
  "summary_bg_p95": 1585.7677001953125,
  "summary_bg_stdv": 1386.636962890625,
  "summary_fg_k": 3.174764435710687,
  "summary_fg_mad": 4136.8486328125,
  "summary_fg_mean": 26052.8125,
  "summary_fg_median": 26083.69921875,
  "summary_fg_n": 49834.0,
  "summary_fg_p05": 18466.01943359375,
  "summary_fg_p95": 33268.28984375,
  "summary_fg_stdv": 4966.88525390625,
  "tsnr": 60.544891357421875
}