{
  "aor": 0.0005809954751131222,
  "aqi": 0.003281501266968326,
  "bids_meta": {
    "AcquisitionNumber": 8,
    "BidsifyVersion": "0.3.5",
    "ConversionSoftware": "dcm2niix",
    "ConversionSoftwareVersion": "v1.0.20181125  GCC6.3.0",
    "EchoTime": 0.02763,
    "FlipAngle": 76.1,
    "ImageComments": "PIOP2",
    "ImageOrientationPatientDICOM": [
      0.997425,
      0.0671237,
      -0.0252653,
      -0.0667735,
      0.997663,
      0.0144605
    ],
    "Manufacturer": "Philips",
    "NumberOfVolumesDiscardedByScanner": 2,
    "ParallelAcquisitionTechnique": "SENSE",
    "ParallelReductionFactorInPlane": 2,
    "PatientPosition": "HFS",
    "PhaseEncodingDirection": "j",
    "PhilipsRescaleIntercept": 0,
    "PhilipsRescaleSlope": 0.81807,
    "PhilipsScaleSlope": 0.0537189,
    "ProtocolName": "WIPtask-stop_boldSENSE",
    "PulseSequenceType": "gradient echo EPI",
    "ReconMatrixPE": 80,
    "RepetitionTime": 2,
    "SeriesDescription": "ImageMRSERIES",
    "SeriesNumber": 8,
    "SliceEncodingDirection": "k",
    "TaskName": "stopsignal",
    "UsePhilipsFloatNotDisplayScaling": 1,
    "WaterFatShift": 12,
    "acq_id": "seq",
    "dataset": "unknown",
    "modality": "bold",
    "subject_id": "0032",
    "task_id": "stopsignal"
  },
  "dummy_trs": 1,
  "dvars_nstd": 20.282033200545452,
  "dvars_std": 1.216403218681819,
  "dvars_vstd": 0.9825172120000001,
  "efc": 0.39603292726039163,
  "fber": 912531520.0,
  "fd_mean": 0.10369624144200952,
  "fd_num": 5,
  "fd_perc": 2.262443438914027,
  "fwhm_avg": 2.545802536160814,
  "fwhm_x": 2.5414066666666666,
  "fwhm_y": 2.831243333333333,
  "fwhm_z": 2.2647576084824417,
  "gcor": 0.0198594,
  "gsr_x": 0.0005167907220311463,
  "gsr_y": 0.0003447725612204522,
  "provenance": {
    "md5sum": "68e1a357e0391acdfc59c91c5380722a",
    "settings": {
      "fd_thres": 0.2,
      "hmc_fsl": false
    },
    "software": "mriqc",
    "version": "0.15.0",
    "webapi_port": null,
    "webapi_url": "https://mriqc.nimh.nih.gov/api/v1"
  },
  "size_t": 221,
  "size_x": 80,
  "size_y": 80,
  "size_z": 36,
  "snr": 4.734967080763934,
  "spacing_tr": 2.0,
  "spacing_x": 3.0,
  "spacing_y": 3.0,
  "spacing_z": 3.299999952316284,
  "spikes_num": 0,
  "summary_bg_k": 109.82725910846553,
  "summary_bg_mad": 1.1323378086090088,
  "summary_bg_mean": 263.9551696777344,
  "summary_bg_median": 0.771531879901886,
  "summary_bg_n": 151800.0,
  "summary_bg_p05": 0.0028758662287145863,
  "summary_bg_p95": 1124.2772033691315,
  "summary_bg_stdv": 1424.0948486328125,
  "summary_fg_k": 2.003839127188148,
  "summary_fg_mad": 4895.5146484375,
  "summary_fg_mean": 26143.298828125,
  "summary_fg_median": 26390.93359375,
  "summary_fg_n": 38262.0,
  "summary_fg_p05": 16456.46015625,
  "summary_fg_p95": 34100.84375,
  "summary_fg_stdv": 5573.552734375,
  "tsnr": 82.31415557861328
}