{
    "Manufacturer": "Philips",
    "PatientPosition": "HFS",
    "SeriesDescription": "ImageMRSERIES",
    "ProtocolName": "WIPT1anat_acq-6m_T1wSENSE",
    "SeriesNumber": 2,
    "AcquisitionNumber": 2,
    "ImageComments": "PIOP2",
    "PhilipsRescaleSlope": 9.25519,
    "PhilipsRescaleIntercept": 0,
    "PhilipsScaleSlope": 0.00731454,
    "UsePhilipsFloatNotDisplayScaling": 1,
    "EchoTime": 0.00376,
    "RepetitionTime": 0.00821,
    "ReconMatrixPE": 240,
    "ImageOrientationPatientDICOM": [
        0.998333,
        0.029522,
        -0.0496016,
        -0.0257935,
        0.99691,
        0.0741959
    ],
    "ConversionSoftware": "dcm2niix",
    "ConversionSoftwareVersion": "v1.0.20181125  GCC6.3.0",
    "BidsifyVersion": "0.3.5"
}