{
  "aor": 0.0034457322175732216,
  "aqi": 0.006640265188284518,
  "bids_meta": {
    "AcquisitionNumber": 4,
    "BidsifyVersion": "0.3.5",
    "ConversionSoftware": "dcm2niix",
    "ConversionSoftwareVersion": "v1.0.20181125  GCC6.3.0",
    "EchoTime": 0.02763,
    "FlipAngle": 76.1,
    "ImageComments": "PIOP2",
    "ImageOrientationPatientDICOM": [
      0.99757,
      0.0696632,
      0.000834203,
      -0.0681824,
      0.978686,
      -0.193715
    ],
    "Manufacturer": "Philips",
    "NumberOfVolumesDiscardedByScanner": 2,
    "ParallelAcquisitionTechnique": "SENSE",
    "ParallelReductionFactorInPlane": 2,
    "PatientPosition": "HFS",
    "PhaseEncodingDirection": "j",
    "PhilipsRescaleIntercept": 0,
    "PhilipsRescaleSlope": 0.78803,
    "PhilipsScaleSlope": 0.0532686,
    "ProtocolName": "WIPtask-rest_boldSENSE",
    "PulseSequenceType": "gradient echo EPI",
    "ReconMatrixPE": 80,
    "RepetitionTime": 2,
    "SeriesDescription": "ImageMRSERIES",
    "SeriesNumber": 4,
    "SliceEncodingDirection": "k",
    "TaskName": "restingstate",
    "UsePhilipsFloatNotDisplayScaling": 1,
    "WaterFatShift": 12,
    "acq_id": "seq",
    "dataset": "unknown",
    "modality": "bold",
    "subject_id": "0218",
    "task_id": "restingstate"
  },
  "dummy_trs": 1,
  "dvars_nstd": 17.237161892773095,
  "dvars_std": 1.165918347016807,
  "dvars_vstd": 0.9968843045378154,
  "efc": 0.39988614801899625,
  "fber": 679349760.0,
  "fd_mean": 0.09459697514830079,
  "fd_num": 6,
  "fd_perc": 2.510460251046025,
  "fwhm_avg": 2.6502017284898494,
  "fwhm_x": 2.6012333333333335,
  "fwhm_y": 2.9995233333333338,
  "fwhm_z": 2.3498485188028817,
  "gcor": 0.0268157,
  "gsr_x": -0.004353819414973259,
  "gsr_y": 0.005609686486423016,
  "provenance": {
    "md5sum": "2089f9a99c0ec175a1e8b1506fd475a0",
    "settings": {
      "fd_thres": 0.2,
      "hmc_fsl": false
    },
    "software": "mriqc",
    "version": "0.15.0",
    "webapi_port": null,
    "webapi_url": "https://mriqc.nimh.nih.gov/api/v1"
  },
  "size_t": 239,
  "size_x": 80,
  "size_y": 80,
  "size_z": 36,
  "snr": 4.930658377132617,
  "spacing_tr": 2.0,
  "spacing_x": 3.0,
  "spacing_y": 3.0,
  "spacing_z": 3.299999952316284,
  "spikes_num": 0,
  "summary_bg_k": 97.76334196918954,
  "summary_bg_mad": 1.2996827363967896,
  "summary_bg_mean": 206.10960388183594,
  "summary_bg_median": 0.8766226768493652,
  "summary_bg_n": 149716.0,
  "summary_bg_p05": 0.0,
  "summary_bg_p95": 985.8120574951172,
  "summary_bg_stdv": 1115.2303466796875,
  "summary_fg_k": 2.3895052596783604,
  "summary_fg_mad": 4381.45166015625,
  "summary_fg_mean": 26269.634765625,
  "summary_fg_median": 26432.5703125,
  "summary_fg_n": 39862.0,
  "summary_fg_p05": 17109.20673828125,
  "summary_fg_p95": 34216.194921875,
  "summary_fg_stdv": 5360.79296875,
  "tsnr": 67.43267822265625
}