{
  "aor": 0.0019165925925925928,
  "aqi": 0.004576089777777777,
  "bids_meta": {
    "AcquisitionNumber": 8,
    "BidsifyVersion": "0.3.5",
    "ConversionSoftware": "dcm2niix",
    "ConversionSoftwareVersion": "v1.0.20181125  GCC6.3.0",
    "EchoTime": 0.02763,
    "FlipAngle": 76.1,
    "ImageComments": "PIOP2",
    "ImageOrientationPatientDICOM": [
      0.99757,
      0.0696632,
      0.000834203,
      -0.0681824,
      0.978686,
      -0.193715
    ],
    "Manufacturer": "Philips",
    "NumberOfVolumesDiscardedByScanner": 2,
    "ParallelAcquisitionTechnique": "SENSE",
    "ParallelReductionFactorInPlane": 2,
    "PatientPosition": "HFS",
    "PhaseEncodingDirection": "j",
    "PhilipsRescaleIntercept": 0,
    "PhilipsRescaleSlope": 0.76093,
    "PhilipsScaleSlope": 0.0589065,
    "ProtocolName": "WIPtask-harriri_boldSENSE",
    "PulseSequenceType": "gradient echo EPI",
    "ReconMatrixPE": 80,
    "RepetitionTime": 2,
    "SeriesDescription": "ImageMRSERIES",
    "SeriesNumber": 8,
    "SliceEncodingDirection": "k",
    "TaskName": "emomatching",
    "UsePhilipsFloatNotDisplayScaling": 1,
    "WaterFatShift": 12,
    "acq_id": "seq",
    "dataset": "unknown",
    "modality": "bold",
    "subject_id": "0218",
    "task_id": "emomatching"
  },
  "dummy_trs": 0,
  "dvars_nstd": 16.109882767164184,
  "dvars_std": 1.1231613426119402,
  "dvars_vstd": 0.9821853655223882,
  "efc": 0.40038189871739704,
  "fber": 978214464.0,
  "fd_mean": 0.0945213384099183,
  "fd_num": 3,
  "fd_perc": 2.2222222222222223,
  "fwhm_avg": 2.6005898090703856,
  "fwhm_x": 2.54929,
  "fwhm_y": 2.949873333333333,
  "fwhm_z": 2.302606093877823,
  "gcor": 0.0256951,
  "gsr_x": -0.004013384692370892,
  "gsr_y": 0.005807546433061361,
  "provenance": {
    "md5sum": "0f471827265e00ec1a2dfec61ddec40e",
    "settings": {
      "fd_thres": 0.2,
      "hmc_fsl": false
    },
    "software": "mriqc",
    "version": "0.15.0",
    "webapi_port": null,
    "webapi_url": "https://mriqc.nimh.nih.gov/api/v1"
  },
  "size_t": 135,
  "size_x": 80,
  "size_y": 80,
  "size_z": 36,
  "snr": 5.161452603980456,
  "spacing_tr": 2.0,
  "spacing_x": 3.0,
  "spacing_y": 3.0,
  "spacing_z": 3.299999952316284,
  "spikes_num": 0,
  "summary_bg_k": 98.37865364989557,
  "summary_bg_mad": 1.1222002506256104,
  "summary_bg_mean": 199.621826171875,
  "summary_bg_median": 0.7613288164138794,
  "summary_bg_n": 149785.0,
  "summary_bg_p05": 0.0015081863151863223,
  "summary_bg_p95": 995.2012939453087,
  "summary_bg_stdv": 1096.38037109375,
  "summary_fg_k": 2.6200243333886366,
  "summary_fg_mad": 4058.2529296875,
  "summary_fg_mean": 25563.0390625,
  "summary_fg_median": 25733.150390625,
  "summary_fg_n": 39875.0,
  "summary_fg_p05": 17110.7205078125,
  "summary_fg_p95": 32802.112109375,
  "summary_fg_stdv": 4985.57861328125,
  "tsnr": 79.00020599365234
}