{
  "aor": 0.001754375,
  "aqi": 0.0064358123125,
  "bids_meta": {
    "AcquisitionNumber": 3,
    "BidsifyVersion": "0.3.5",
    "ConversionSoftware": "dcm2niix",
    "ConversionSoftwareVersion": "v1.0.20181125  GCC6.3.0",
    "EchoTime": 0.02763,
    "FlipAngle": 76.1,
    "ImageComments": "PIOP2",
    "ImageOrientationPatientDICOM": [
      0.99757,
      0.0696632,
      0.000834203,
      -0.0681824,
      0.978686,
      -0.193715
    ],
    "Manufacturer": "Philips",
    "NumberOfVolumesDiscardedByScanner": 2,
    "ParallelAcquisitionTechnique": "SENSE",
    "ParallelReductionFactorInPlane": 2,
    "PatientPosition": "HFS",
    "PhaseEncodingDirection": "j",
    "PhilipsRescaleIntercept": 0,
    "PhilipsRescaleSlope": 0.77582,
    "PhilipsScaleSlope": 0.0536282,
    "ProtocolName": "WIPtask-wm_boldSENSE",
    "PulseSequenceType": "gradient echo EPI",
    "ReconMatrixPE": 80,
    "RepetitionTime": 2,
    "SeriesDescription": "ImageMRSERIES",
    "SeriesNumber": 3,
    "SliceEncodingDirection": "k",
    "TaskName": "workingmemory",
    "UsePhilipsFloatNotDisplayScaling": 1,
    "WaterFatShift": 12,
    "acq_id": "seq",
    "dataset": "unknown",
    "modality": "bold",
    "subject_id": "0218",
    "task_id": "workingmemory"
  },
  "dummy_trs": 0,
  "dvars_nstd": 16.353148964150943,
  "dvars_std": 1.0812105035220114,
  "dvars_vstd": 0.9680308549056603,
  "efc": 0.4002593512867579,
  "fber": 771473024.0,
  "fd_mean": 0.09160157934602056,
  "fd_num": 1,
  "fd_perc": 0.625,
  "fwhm_avg": 2.6344924355042614,
  "fwhm_x": 2.5748466666666667,
  "fwhm_y": 2.99047,
  "fwhm_z": 2.3381606398461177,
  "gcor": 0.0173705,
  "gsr_x": -0.00430899066850543,
  "gsr_y": 0.005774680525064468,
  "provenance": {
    "md5sum": "d2cb928f9e7c329e41eae551623eb449",
    "settings": {
      "fd_thres": 0.2,
      "hmc_fsl": false
    },
    "software": "mriqc",
    "version": "0.15.0",
    "webapi_port": null,
    "webapi_url": "https://mriqc.nimh.nih.gov/api/v1"
  },
  "size_t": 160,
  "size_x": 80,
  "size_y": 80,
  "size_z": 36,
  "snr": 4.9996373798817775,
  "spacing_tr": 2.0,
  "spacing_x": 3.0,
  "spacing_y": 3.0,
  "spacing_z": 3.299999952316284,
  "spikes_num": 0,
  "summary_bg_k": 95.70271737417781,
  "summary_bg_mad": 1.257706642150879,
  "summary_bg_mean": 202.63201904296875,
  "summary_bg_median": 0.8556982278823853,
  "summary_bg_n": 149628.0,
  "summary_bg_p05": 0.0023644465254619718,
  "summary_bg_p95": 1015.7671691894527,
  "summary_bg_stdv": 1110.053466796875,
  "summary_fg_k": 2.457351225432263,
  "summary_fg_mad": 4292.8037109375,
  "summary_fg_mean": 26030.22265625,
  "summary_fg_median": 26226.05078125,
  "summary_fg_n": 39930.0,
  "summary_fg_p05": 17094.652734375,
  "summary_fg_p95": 33712.199804687494,
  "summary_fg_stdv": 5245.52490234375,
  "tsnr": 67.09253692626953
}