{
    "Manufacturer": "Philips",
    "PatientPosition": "HFS",
    "SeriesDescription": "ImageMRSERIES",
    "ProtocolName": "WIPdwi_acq-32b1000SENSE",
    "SeriesNumber": 6,
    "AcquisitionNumber": 6,
    "ImageComments": "PIOP2",
    "PhilipsRescaleSlope": 3.663,
    "PhilipsRescaleIntercept": 0,
    "PhilipsScaleSlope": 0.0249344,
    "UsePhilipsFloatNotDisplayScaling": 1,
    "EchoTime": 0.08753,
    "RepetitionTime": 7.47706,
    "ReconMatrixPE": 112,
    "ImageOrientationPatientDICOM": [
        0.998185,
        0.0538926,
        -0.026864,
        -0.0540598,
        0.998522,
        -0.00553659
    ],
    "ConversionSoftware": "dcm2niix",
    "ConversionSoftwareVersion": "v1.0.20181125  GCC6.3.0",
    "BidsifyVersion": "0.3.5",
    "FlipAngle": 90,
    "WaterFatShift": 18.927,
    "ParallelAcquisitionTechnique": "SENSE",
    "ParallelReductionFactorInPlane": 2,
    "PhaseEncodingDirection": "j"
}