{
  "aor": 0.0018068749999999999,
  "aqi": 0.009749928687499998,
  "bids_meta": {
    "AcquisitionNumber": 3,
    "BidsifyVersion": "0.3.5",
    "ConversionSoftware": "dcm2niix",
    "ConversionSoftwareVersion": "v1.0.20181125  GCC6.3.0",
    "EchoTime": 0.02763,
    "EffectiveEchoSpacing": 0.0006909035636805814,
    "FlipAngle": 76.1,
    "ImageComments": "PIOP2",
    "ImageOrientationPatientDICOM": [
      0.999994,
      0.000934814,
      -0.00338572,
      -0.00157079,
      0.981191,
      -0.193031
    ],
    "Manufacturer": "Philips",
    "NumberOfVolumesDiscardedByScanner": 2,
    "ParallelAcquisitionTechnique": "SENSE",
    "ParallelReductionFactorInPlane": 2,
    "PatientPosition": "HFS",
    "PhaseEncodingDirection": "j",
    "PhilipsRescaleIntercept": 0,
    "PhilipsRescaleSlope": 0.74872,
    "PhilipsScaleSlope": 0.0513678,
    "ProtocolName": "WIPtask-wm_boldSENSE",
    "PulseSequenceType": "gradient echo EPI",
    "ReconMatrixPE": 80,
    "RepetitionTime": 2,
    "SeriesDescription": "ImageMRSERIES",
    "SeriesNumber": 3,
    "SliceEncodingDirection": "k",
    "SliceTiming": [
      0.0,
      0.0556,
      0.1111,
      0.1667,
      0.2222,
      0.2778,
      0.3333,
      0.3889,
      0.4444,
      0.5,
      0.5556,
      0.6111,
      0.6667,
      0.7222,
      0.7778,
      0.8333,
      0.8889,
      0.9444,
      1.0,
      1.0556,
      1.1111,
      1.1667,
      1.2222,
      1.2778,
      1.3333,
      1.3889,
      1.4444,
      1.5,
      1.5556,
      1.6111,
      1.6667,
      1.7222,
      1.7778,
      1.8333,
      1.8889,
      1.9444
    ],
    "TaskName": "workingmemory",
    "TotalReadoutTime": 0.026945238983542674,
    "UsePhilipsFloatNotDisplayScaling": 1,
    "WaterFatShift": 12,
    "acq_id": "seq",
    "dataset": "unknown",
    "modality": "bold",
    "subject_id": "0152",
    "task_id": "workingmemory"
  },
  "dummy_trs": 0,
  "dvars_nstd": 18.894657650880507,
  "dvars_std": 1.0461660166666666,
  "dvars_vstd": 0.8862756455974842,
  "efc": 0.368901132078949,
  "fber": 343140672.0,
  "fd_mean": 0.1168810314311476,
  "fd_num": 15,
  "fd_perc": 9.375,
  "fwhm_avg": 2.7417411231840823,
  "fwhm_x": 2.6815233333333333,
  "fwhm_y": 3.0371333333333332,
  "fwhm_z": 2.5065667028855803,
  "gcor": 0.0109919,
  "gsr_x": -0.012523160316050053,
  "gsr_y": 0.0020984013099223375,
  "provenance": {
    "md5sum": "61beae18117e5c42bc666cbcb01e818a",
    "settings": {
      "fd_thres": 0.2,
      "hmc_fsl": false
    },
    "software": "mriqc",
    "version": "0.15.0",
    "webapi_port": null,
    "webapi_url": "https://mriqc.nimh.nih.gov/api/v1"
  },
  "size_t": 160,
  "size_x": 80,
  "size_y": 80,
  "size_z": 36,
  "snr": 4.307243122628378,
  "spacing_tr": 2.0,
  "spacing_x": 3.0,
  "spacing_y": 3.0,
  "spacing_z": 3.299999952316284,
  "spikes_num": 0,
  "summary_bg_k": 85.93343753361563,
  "summary_bg_mad": 1.9654040336608887,
  "summary_bg_mean": 230.91212463378906,
  "summary_bg_median": 1.3475310802459717,
  "summary_bg_n": 157484.0,
  "summary_bg_p05": 0.00529990524519235,
  "summary_bg_p95": 796.2209777832048,
  "summary_bg_stdv": 1304.8438720703125,
  "summary_fg_k": 1.5328794428936172,
  "summary_fg_mad": 5276.83642578125,
  "summary_fg_mean": 26769.169921875,
  "summary_fg_median": 26813.806640625,
  "summary_fg_n": 33867.0,
  "summary_fg_p05": 16423.692578125,
  "summary_fg_p95": 36525.53554687499,
  "summary_fg_stdv": 6225.19091796875,
  "tsnr": 50.20762252807617
}