{
    "Manufacturer": "Philips",
    "PatientPosition": "HFS",
    "SeriesDescription": "ImageMRSERIES",
    "ProtocolName": "WIPT1anat_acq-6m_T1wSENSE",
    "SeriesNumber": 2,
    "AcquisitionNumber": 2,
    "ImageComments": "PIOP2",
    "PhilipsRescaleSlope": 8.88327,
    "PhilipsRescaleIntercept": 0,
    "PhilipsScaleSlope": 0.00690939,
    "UsePhilipsFloatNotDisplayScaling": 1,
    "EchoTime": 0.00372,
    "RepetitionTime": 0.008127,
    "ReconMatrixPE": 240,
    "ImageOrientationPatientDICOM": [
        0.999578,
        0.0117145,
        0.0265669,
        -0.0125617,
        0.99941,
        0.0319517
    ],
    "ConversionSoftware": "dcm2niix",
    "ConversionSoftwareVersion": "v1.0.20181125  GCC6.3.0",
    "BidsifyVersion": "0.3.5"
}