{
  "aor": 0.0009311946902654868,
  "aqi": 0.0033855172123893806,
  "bids_meta": {
    "AcquisitionNumber": 7,
    "BidsifyVersion": "0.3.5",
    "ConversionSoftware": "dcm2niix",
    "ConversionSoftwareVersion": "v1.0.20181125  GCC6.3.0",
    "EchoTime": 0.02763,
    "EffectiveEchoSpacing": 0.0006909035636805814,
    "FlipAngle": 76.1,
    "ImageComments": "PIOP2",
    "ImageOrientationPatientDICOM": [
      0.995316,
      0.0403341,
      -0.0878576,
      -0.0213703,
      0.97812,
      0.206942
    ],
    "Manufacturer": "Philips",
    "NumberOfVolumesDiscardedByScanner": 2,
    "ParallelAcquisitionTechnique": "SENSE",
    "ParallelReductionFactorInPlane": 2,
    "PatientPosition": "HFS",
    "PhaseEncodingDirection": "j",
    "PhilipsRescaleIntercept": 0,
    "PhilipsRescaleSlope": 0.78559,
    "PhilipsScaleSlope": 0.0544473,
    "ProtocolName": "WIPtask-stop_boldSENSE",
    "PulseSequenceType": "gradient echo EPI",
    "ReconMatrixPE": 80,
    "RepetitionTime": 2,
    "SeriesDescription": "ImageMRSERIES",
    "SeriesNumber": 7,
    "SliceEncodingDirection": "k",
    "SliceTiming": [
      0.0,
      0.0556,
      0.1111,
      0.1667,
      0.2222,
      0.2778,
      0.3333,
      0.3889,
      0.4444,
      0.5,
      0.5556,
      0.6111,
      0.6667,
      0.7222,
      0.7778,
      0.8333,
      0.8889,
      0.9444,
      1.0,
      1.0556,
      1.1111,
      1.1667,
      1.2222,
      1.2778,
      1.3333,
      1.3889,
      1.4444,
      1.5,
      1.5556,
      1.6111,
      1.6667,
      1.7222,
      1.7778,
      1.8333,
      1.8889,
      1.9444
    ],
    "TaskName": "stopsignal",
    "TotalReadoutTime": 0.026945238983542674,
    "UsePhilipsFloatNotDisplayScaling": 1,
    "WaterFatShift": 12,
    "acq_id": "seq",
    "dataset": "unknown",
    "modality": "bold",
    "subject_id": "0046",
    "task_id": "stopsignal"
  },
  "dummy_trs": 0,
  "dvars_nstd": 21.335830536,
  "dvars_std": 1.3706306794222218,
  "dvars_vstd": 0.9814989538666665,
  "efc": 0.4406637128812474,
  "fber": 546895168.0,
  "fd_mean": 0.08129631999264723,
  "fd_num": 0,
  "fd_perc": 0.0,
  "fwhm_avg": 2.513451223696139,
  "fwhm_x": 2.392586666666667,
  "fwhm_y": 2.7446033333333335,
  "fwhm_z": 2.403163671088416,
  "gcor": 0.0206124,
  "gsr_x": -0.0045240335166454315,
  "gsr_y": 0.004208355210721493,
  "provenance": {
    "md5sum": "73b77e56abb4905bc2327e2780213a02",
    "settings": {
      "fd_thres": 0.2,
      "hmc_fsl": false
    },
    "software": "mriqc",
    "version": "0.15.0",
    "webapi_port": null,
    "webapi_url": "https://mriqc.nimh.nih.gov/api/v1"
  },
  "size_t": 226,
  "size_x": 80,
  "size_y": 80,
  "size_z": 36,
  "snr": 4.350752046537778,
  "spacing_tr": 2.0,
  "spacing_x": 3.0,
  "spacing_y": 3.0,
  "spacing_z": 3.299999952316284,
  "spikes_num": 1,
  "summary_bg_k": 55.960438804665806,
  "summary_bg_mad": 1.4393930435180664,
  "summary_bg_mean": 265.564453125,
  "summary_bg_median": 0.9711418151855469,
  "summary_bg_n": 141954.0,
  "summary_bg_p05": 0.0,
  "summary_bg_p95": 1398.495678710938,
  "summary_bg_stdv": 1289.43212890625,
  "summary_fg_k": 1.5592742147115635,
  "summary_fg_mad": 4984.36962890625,
  "summary_fg_mean": 26225.40625,
  "summary_fg_median": 25814.384765625,
  "summary_fg_n": 47749.0,
  "summary_fg_p05": 17203.148828125,
  "summary_fg_p95": 36251.99453124999,
  "summary_fg_stdv": 5933.25341796875,
  "tsnr": 88.22504425048828
}