{
  "aor": 0.0042173125,
  "aqi": 0.004962680562499999,
  "bids_meta": {
    "AcquisitionNumber": 3,
    "BidsifyVersion": "0.3.5",
    "ConversionSoftware": "dcm2niix",
    "ConversionSoftwareVersion": "v1.0.20181125  GCC6.3.0",
    "EchoTime": 0.02763,
    "EffectiveEchoSpacing": 0.0006909035636805814,
    "FlipAngle": 76.1,
    "ImageComments": "PIOP2",
    "ImageOrientationPatientDICOM": [
      0.995316,
      0.0403341,
      -0.0878576,
      -0.0213703,
      0.97812,
      0.206942
    ],
    "Manufacturer": "Philips",
    "NumberOfVolumesDiscardedByScanner": 2,
    "ParallelAcquisitionTechnique": "SENSE",
    "ParallelReductionFactorInPlane": 2,
    "PatientPosition": "HFS",
    "PhaseEncodingDirection": "j",
    "PhilipsRescaleIntercept": 0,
    "PhilipsRescaleSlope": 0.77094,
    "PhilipsScaleSlope": 0.0539866,
    "ProtocolName": "WIPtask-wm_boldSENSE",
    "PulseSequenceType": "gradient echo EPI",
    "ReconMatrixPE": 80,
    "RepetitionTime": 2,
    "SeriesDescription": "ImageMRSERIES",
    "SeriesNumber": 3,
    "SliceEncodingDirection": "k",
    "SliceTiming": [
      0.0,
      0.0556,
      0.1111,
      0.1667,
      0.2222,
      0.2778,
      0.3333,
      0.3889,
      0.4444,
      0.5,
      0.5556,
      0.6111,
      0.6667,
      0.7222,
      0.7778,
      0.8333,
      0.8889,
      0.9444,
      1.0,
      1.0556,
      1.1111,
      1.1667,
      1.2222,
      1.2778,
      1.3333,
      1.3889,
      1.4444,
      1.5,
      1.5556,
      1.6111,
      1.6667,
      1.7222,
      1.7778,
      1.8333,
      1.8889,
      1.9444
    ],
    "TaskName": "workingmemory",
    "TotalReadoutTime": 0.026945238983542674,
    "UsePhilipsFloatNotDisplayScaling": 1,
    "WaterFatShift": 12,
    "acq_id": "seq",
    "dataset": "unknown",
    "modality": "bold",
    "subject_id": "0046",
    "task_id": "workingmemory"
  },
  "dummy_trs": 0,
  "dvars_nstd": 23.904916258930836,
  "dvars_std": 1.4324794565408805,
  "dvars_vstd": 2.1782947177987424,
  "efc": 0.4406269692482625,
  "fber": 256127296.0,
  "fd_mean": 0.08245847923395405,
  "fd_num": 1,
  "fd_perc": 0.625,
  "fwhm_avg": 2.5346685975779066,
  "fwhm_x": 2.41742,
  "fwhm_y": 2.7534433333333332,
  "fwhm_z": 2.433142459400386,
  "gcor": 0.0175042,
  "gsr_x": -0.0048736040480434895,
  "gsr_y": 0.00379090360365808,
  "provenance": {
    "md5sum": "b7a4e2a2704fa38251543992fe6540e1",
    "settings": {
      "fd_thres": 0.2,
      "hmc_fsl": false
    },
    "software": "mriqc",
    "version": "0.15.0",
    "webapi_port": null,
    "webapi_url": "https://mriqc.nimh.nih.gov/api/v1"
  },
  "size_t": 160,
  "size_x": 80,
  "size_y": 80,
  "size_z": 36,
  "snr": 4.233551225493737,
  "spacing_tr": 2.0,
  "spacing_x": 3.0,
  "spacing_y": 3.0,
  "spacing_z": 3.299999952316284,
  "spikes_num": 0,
  "summary_bg_k": 60.58493570346742,
  "summary_bg_mad": 2.167156219482422,
  "summary_bg_mean": 266.7538757324219,
  "summary_bg_median": 1.485707402229309,
  "summary_bg_n": 141774.0,
  "summary_bg_p05": 0.007637116662226618,
  "summary_bg_p95": 1444.676965332032,
  "summary_bg_stdv": 1311.5560302734375,
  "summary_fg_k": 1.4762918791424404,
  "summary_fg_mad": 5257.3427734375,
  "summary_fg_mean": 26695.693359375,
  "summary_fg_median": 26267.962890625,
  "summary_fg_n": 47906.0,
  "summary_fg_p05": 17195.58740234375,
  "summary_fg_p95": 37116.0361328125,
  "summary_fg_stdv": 6204.646484375,
  "tsnr": 71.60719299316406
}