{
  "aor": 0.0014371666666666667,
  "aqi": 0.00857771625,
  "bids_meta": {
    "AcquisitionNumber": 4,
    "BidsifyVersion": "0.3.5",
    "ConversionSoftware": "dcm2niix",
    "ConversionSoftwareVersion": "v1.0.20181125  GCC6.3.0",
    "EchoTime": 0.02763,
    "FlipAngle": 76.1,
    "ImageComments": "PIOP2",
    "ImageOrientationPatientDICOM": [
      0.995749,
      0.0795661,
      -0.046395,
      -0.0766187,
      0.99512,
      0.0621779
    ],
    "Manufacturer": "Philips",
    "NumberOfVolumesDiscardedByScanner": 2,
    "ParallelAcquisitionTechnique": "SENSE",
    "ParallelReductionFactorInPlane": 2,
    "PatientPosition": "HFS",
    "PhaseEncodingDirection": "j",
    "PhilipsRescaleIntercept": 0,
    "PhilipsRescaleSlope": 0.83175,
    "PhilipsScaleSlope": 0.0603658,
    "ProtocolName": "WIPtask-rest_boldSENSE",
    "PulseSequenceType": "gradient echo EPI",
    "ReconMatrixPE": 80,
    "RepetitionTime": 2,
    "SeriesDescription": "ImageMRSERIES",
    "SeriesNumber": 4,
    "SliceEncodingDirection": "k",
    "TaskName": "restingstate",
    "UsePhilipsFloatNotDisplayScaling": 1,
    "WaterFatShift": 12,
    "acq_id": "seq",
    "dataset": "unknown",
    "modality": "bold",
    "subject_id": "0111",
    "task_id": "restingstate"
  },
  "dummy_trs": 0,
  "dvars_nstd": 20.64996123238494,
  "dvars_std": 1.2459203301255233,
  "dvars_vstd": 0.9689758112970716,
  "efc": 0.4296033850438228,
  "fber": 212128064.0,
  "fd_mean": 0.18953528100260678,
  "fd_num": 87,
  "fd_perc": 36.25,
  "fwhm_avg": 2.48924324345603,
  "fwhm_x": 2.436856666666667,
  "fwhm_y": 2.7195033333333334,
  "fwhm_z": 2.31136973036809,
  "gcor": 0.0419834,
  "gsr_x": -0.0032326728105545044,
  "gsr_y": 0.005572977941483259,
  "provenance": {
    "md5sum": "bc0d02f3e3b6ce939ae4a67cbde9c7a2",
    "settings": {
      "fd_thres": 0.2,
      "hmc_fsl": false
    },
    "software": "mriqc",
    "version": "0.15.0",
    "webapi_port": null,
    "webapi_url": "https://mriqc.nimh.nih.gov/api/v1"
  },
  "size_t": 240,
  "size_x": 80,
  "size_y": 80,
  "size_z": 36,
  "snr": 5.785144025524767,
  "spacing_tr": 2.0,
  "spacing_x": 3.0,
  "spacing_y": 3.0,
  "spacing_z": 3.299999952316284,
  "spikes_num": 2,
  "summary_bg_k": 162.87216250543153,
  "summary_bg_mad": 2.4058048725128174,
  "summary_bg_mean": 206.00205993652344,
  "summary_bg_median": 1.6552075147628784,
  "summary_bg_n": 144405.0,
  "summary_bg_p05": 0.003871145378798251,
  "summary_bg_p95": 1220.435595703119,
  "summary_bg_stdv": 1060.671875,
  "summary_fg_k": 3.966928438027666,
  "summary_fg_mad": 3626.7216796875,
  "summary_fg_mean": 25833.677734375,
  "summary_fg_median": 25895.486328125,
  "summary_fg_n": 45238.0,
  "summary_fg_p05": 19175.0404296875,
  "summary_fg_p95": 32221.34970703125,
  "summary_fg_stdv": 4476.15478515625,
  "tsnr": 72.75395202636719
}