{
  "aor": 0.002324375,
  "aqi": 0.00543449425,
  "bids_meta": {
    "AcquisitionNumber": 3,
    "BidsifyVersion": "0.3.5",
    "ConversionSoftware": "dcm2niix",
    "ConversionSoftwareVersion": "v1.0.20181125  GCC6.3.0",
    "EchoTime": 0.02763,
    "FlipAngle": 76.1,
    "ImageComments": "PIOP2",
    "ImageOrientationPatientDICOM": [
      0.995749,
      0.0795661,
      -0.046395,
      -0.0766187,
      0.99512,
      0.0621779
    ],
    "Manufacturer": "Philips",
    "NumberOfVolumesDiscardedByScanner": 2,
    "ParallelAcquisitionTechnique": "SENSE",
    "ParallelReductionFactorInPlane": 2,
    "PatientPosition": "HFS",
    "PhaseEncodingDirection": "j",
    "PhilipsRescaleIntercept": 0,
    "PhilipsRescaleSlope": 0.80586,
    "PhilipsScaleSlope": 0.0606608,
    "ProtocolName": "WIPtask-wm_boldSENSE",
    "PulseSequenceType": "gradient echo EPI",
    "ReconMatrixPE": 80,
    "RepetitionTime": 2,
    "SeriesDescription": "ImageMRSERIES",
    "SeriesNumber": 3,
    "SliceEncodingDirection": "k",
    "TaskName": "workingmemory",
    "UsePhilipsFloatNotDisplayScaling": 1,
    "WaterFatShift": 12,
    "acq_id": "seq",
    "dataset": "unknown",
    "modality": "bold",
    "subject_id": "0111",
    "task_id": "workingmemory"
  },
  "dummy_trs": 0,
  "dvars_nstd": 21.580514344025154,
  "dvars_std": 1.3369430543396226,
  "dvars_vstd": 1.0339793836477988,
  "efc": 0.4297118034765765,
  "fber": 230642224.0,
  "fd_mean": 0.16351174833484527,
  "fd_num": 33,
  "fd_perc": 20.625,
  "fwhm_avg": 2.499456475849438,
  "fwhm_x": 2.446196666666667,
  "fwhm_y": 2.726233333333333,
  "fwhm_z": 2.3259394275483136,
  "gcor": 0.023148,
  "gsr_x": -0.0034466024953871965,
  "gsr_y": 0.005390298552811146,
  "provenance": {
    "md5sum": "94b56907da2cf2cdcce701fada95a825",
    "settings": {
      "fd_thres": 0.2,
      "hmc_fsl": false
    },
    "software": "mriqc",
    "version": "0.15.0",
    "webapi_port": null,
    "webapi_url": "https://mriqc.nimh.nih.gov/api/v1"
  },
  "size_t": 160,
  "size_x": 80,
  "size_y": 80,
  "size_z": 36,
  "snr": 5.761510749425484,
  "spacing_tr": 2.0,
  "spacing_x": 3.0,
  "spacing_y": 3.0,
  "spacing_z": 3.299999952316284,
  "spikes_num": 2,
  "summary_bg_k": 131.47211373221913,
  "summary_bg_mad": 2.2556629180908203,
  "summary_bg_mean": 196.33444213867188,
  "summary_bg_median": 1.540512204170227,
  "summary_bg_n": 144288.0,
  "summary_bg_p05": 0.001883875764906407,
  "summary_bg_p95": 1203.4822021484363,
  "summary_bg_stdv": 980.7927856445312,
  "summary_fg_k": 3.9062843264265315,
  "summary_fg_mad": 3682.923095703125,
  "summary_fg_mean": 25839.236328125,
  "summary_fg_median": 25912.263671875,
  "summary_fg_n": 45391.0,
  "summary_fg_p05": 19064.0,
  "summary_fg_p95": 32288.1669921875,
  "summary_fg_stdv": 4497.427734375,
  "tsnr": 84.99296569824219
}