{
  "aor": 0.004233374999999999,
  "aqi": 0.005098797,
  "bids_meta": {
    "AcquisitionNumber": 3,
    "BidsifyVersion": "0.3.5",
    "ConversionSoftware": "dcm2niix",
    "ConversionSoftwareVersion": "v1.0.20181125  GCC6.3.0",
    "EchoTime": 0.02763,
    "EffectiveEchoSpacing": 0.0006909035636805814,
    "FlipAngle": 76.1,
    "ImageComments": "PIOP2",
    "ImageOrientationPatientDICOM": [
      0.995869,
      0.0557174,
      -0.0717027,
      -0.0649236,
      0.988956,
      -0.133235
    ],
    "Manufacturer": "Philips",
    "NumberOfVolumesDiscardedByScanner": 2,
    "ParallelAcquisitionTechnique": "SENSE",
    "ParallelReductionFactorInPlane": 2,
    "PatientPosition": "HFS",
    "PhaseEncodingDirection": "j",
    "PhilipsRescaleIntercept": 0,
    "PhilipsRescaleSlope": 0.85934,
    "PhilipsScaleSlope": 0.0573362,
    "ProtocolName": "WIPtask-wm_boldSENSE",
    "PulseSequenceType": "gradient echo EPI",
    "ReconMatrixPE": 80,
    "RepetitionTime": 2,
    "SeriesDescription": "ImageMRSERIES",
    "SeriesNumber": 3,
    "SliceEncodingDirection": "k",
    "SliceTiming": [
      0.0,
      0.0556,
      0.1111,
      0.1667,
      0.2222,
      0.2778,
      0.3333,
      0.3889,
      0.4444,
      0.5,
      0.5556,
      0.6111,
      0.6667,
      0.7222,
      0.7778,
      0.8333,
      0.8889,
      0.9444,
      1.0,
      1.0556,
      1.1111,
      1.1667,
      1.2222,
      1.2778,
      1.3333,
      1.3889,
      1.4444,
      1.5,
      1.5556,
      1.6111,
      1.6667,
      1.7222,
      1.7778,
      1.8333,
      1.8889,
      1.9444
    ],
    "TaskName": "workingmemory",
    "TotalReadoutTime": 0.026945238983542674,
    "UsePhilipsFloatNotDisplayScaling": 1,
    "WaterFatShift": 12,
    "acq_id": "seq",
    "dataset": "unknown",
    "modality": "bold",
    "subject_id": "0156",
    "task_id": "workingmemory"
  },
  "dummy_trs": 0,
  "dvars_nstd": 19.793196534528306,
  "dvars_std": 1.2062663148427677,
  "dvars_vstd": 1.0156928277987418,
  "efc": 0.40723985889803294,
  "fber": 398964576.0,
  "fd_mean": 0.12850493933300888,
  "fd_num": 18,
  "fd_perc": 11.25,
  "fwhm_avg": 2.6281275872519494,
  "fwhm_x": 2.56283,
  "fwhm_y": 2.9351133333333332,
  "fwhm_z": 2.386439428422515,
  "gcor": 0.0342773,
  "gsr_x": -0.0045972829684615135,
  "gsr_y": 0.0015927900094538927,
  "provenance": {
    "md5sum": "978eb462a902d22f0a5b204d9326a3e5",
    "settings": {
      "fd_thres": 0.2,
      "hmc_fsl": false
    },
    "software": "mriqc",
    "version": "0.15.0",
    "webapi_port": null,
    "webapi_url": "https://mriqc.nimh.nih.gov/api/v1"
  },
  "size_t": 160,
  "size_x": 80,
  "size_y": 80,
  "size_z": 36,
  "snr": 4.693050248093719,
  "spacing_tr": 2.0,
  "spacing_x": 3.0,
  "spacing_y": 3.0,
  "spacing_z": 3.299999952316284,
  "spikes_num": 1,
  "summary_bg_k": 117.51047168795974,
  "summary_bg_mad": 1.7060694694519043,
  "summary_bg_mean": 198.81239318847656,
  "summary_bg_median": 1.1713734865188599,
  "summary_bg_n": 148808.0,
  "summary_bg_p05": 0.009042583033442499,
  "summary_bg_p95": 955.2438079833914,
  "summary_bg_stdv": 1040.227783203125,
  "summary_fg_k": 1.9415118737179728,
  "summary_fg_mad": 4502.4150390625,
  "summary_fg_mean": 25959.125,
  "summary_fg_median": 25872.03125,
  "summary_fg_n": 41018.0,
  "summary_fg_p05": 17275.25556640625,
  "summary_fg_p95": 34681.23125,
  "summary_fg_stdv": 5512.77197265625,
  "tsnr": 73.98397827148438
}