{
  "aor": 0.0008940416666666666,
  "aqi": 0.003997839166666667,
  "bids_meta": {
    "AcquisitionNumber": 4,
    "BidsifyVersion": "0.3.5",
    "ConversionSoftware": "dcm2niix",
    "ConversionSoftwareVersion": "v1.0.20181125  GCC6.3.0",
    "EchoTime": 0.02763,
    "EffectiveEchoSpacing": 0.0006909035636805814,
    "FlipAngle": 76.1,
    "ImageComments": "PIOP2",
    "ImageOrientationPatientDICOM": [
      0.996591,
      -0.0257749,
      0.0783745,
      0.0348017,
      0.992629,
      -0.116086
    ],
    "Manufacturer": "Philips",
    "NumberOfVolumesDiscardedByScanner": 2,
    "ParallelAcquisitionTechnique": "SENSE",
    "ParallelReductionFactorInPlane": 2,
    "PatientPosition": "HFS",
    "PhaseEncodingDirection": "j",
    "PhilipsRescaleIntercept": 0,
    "PhilipsRescaleSlope": 0.82808,
    "PhilipsScaleSlope": 0.0531458,
    "ProtocolName": "WIPtask-rest_boldSENSE",
    "PulseSequenceType": "gradient echo EPI",
    "ReconMatrixPE": 80,
    "RepetitionTime": 2,
    "SeriesDescription": "ImageMRSERIES",
    "SeriesNumber": 4,
    "SliceEncodingDirection": "k",
    "SliceTiming": [
      0.0,
      0.0556,
      0.1111,
      0.1667,
      0.2222,
      0.2778,
      0.3333,
      0.3889,
      0.4444,
      0.5,
      0.5556,
      0.6111,
      0.6667,
      0.7222,
      0.7778,
      0.8333,
      0.8889,
      0.9444,
      1.0,
      1.0556,
      1.1111,
      1.1667,
      1.2222,
      1.2778,
      1.3333,
      1.3889,
      1.4444,
      1.5,
      1.5556,
      1.6111,
      1.6667,
      1.7222,
      1.7778,
      1.8333,
      1.8889,
      1.9444
    ],
    "TaskName": "restingstate",
    "TotalReadoutTime": 0.026945238983542674,
    "UsePhilipsFloatNotDisplayScaling": 1,
    "WaterFatShift": 12,
    "acq_id": "seq",
    "dataset": "unknown",
    "modality": "bold",
    "subject_id": "0162",
    "task_id": "restingstate"
  },
  "dummy_trs": 0,
  "dvars_nstd": 18.583899138995807,
  "dvars_std": 1.2051423882426777,
  "dvars_vstd": 0.9949509041841004,
  "efc": 0.4129594667271686,
  "fber": 245220400.0,
  "fd_mean": 0.10857594267600788,
  "fd_num": 9,
  "fd_perc": 3.75,
  "fwhm_avg": 2.5458208193326035,
  "fwhm_x": 2.50937,
  "fwhm_y": 2.7920166666666666,
  "fwhm_z": 2.336075791331144,
  "gcor": 0.0147225,
  "gsr_x": 0.0005224988562986255,
  "gsr_y": 0.0011396767804399133,
  "provenance": {
    "md5sum": "d6d7248dbcb6ee18df6701aabd4a646e",
    "settings": {
      "fd_thres": 0.2,
      "hmc_fsl": false
    },
    "software": "mriqc",
    "version": "0.15.0",
    "webapi_port": null,
    "webapi_url": "https://mriqc.nimh.nih.gov/api/v1"
  },
  "size_t": 240,
  "size_x": 80,
  "size_y": 80,
  "size_z": 36,
  "snr": 4.787392890466728,
  "spacing_tr": 2.0,
  "spacing_x": 3.0,
  "spacing_y": 3.0,
  "spacing_z": 3.299999952316284,
  "spikes_num": 1,
  "summary_bg_k": 84.32500237487673,
  "summary_bg_mad": 2.178393602371216,
  "summary_bg_mean": 242.2298583984375,
  "summary_bg_median": 1.4693042039871216,
  "summary_bg_n": 148067.0,
  "summary_bg_p05": 0.0,
  "summary_bg_p95": 1190.1678344726547,
  "summary_bg_stdv": 1269.949951171875,
  "summary_fg_k": 2.100005059047061,
  "summary_fg_mad": 4483.8583984375,
  "summary_fg_mean": 26135.51953125,
  "summary_fg_median": 25955.568359375,
  "summary_fg_n": 42037.0,
  "summary_fg_p05": 17727.838281250002,
  "summary_fg_p95": 34775.59843749999,
  "summary_fg_stdv": 5421.58544921875,
  "tsnr": 80.86198425292969
}