{
  "aor": 0.002180296296296296,
  "aqi": 0.003066819037037037,
  "bids_meta": {
    "AcquisitionNumber": 8,
    "BidsifyVersion": "0.3.5",
    "ConversionSoftware": "dcm2niix",
    "ConversionSoftwareVersion": "v1.0.20181125  GCC6.3.0",
    "EchoTime": 0.02763,
    "FlipAngle": 76.1,
    "ImageComments": "PIOP2",
    "ImageOrientationPatientDICOM": [
      0.999388,
      0.034186,
      0.00739567,
      -0.0317562,
      0.975475,
      -0.217807
    ],
    "Manufacturer": "Philips",
    "NumberOfVolumesDiscardedByScanner": 2,
    "ParallelAcquisitionTechnique": "SENSE",
    "ParallelReductionFactorInPlane": 2,
    "PatientPosition": "HFS",
    "PhaseEncodingDirection": "j",
    "PhilipsRescaleIntercept": 0,
    "PhilipsRescaleSlope": 0.84005,
    "PhilipsScaleSlope": 0.0591095,
    "ProtocolName": "WIPtask-harriri_boldSENSE",
    "PulseSequenceType": "gradient echo EPI",
    "ReconMatrixPE": 80,
    "RepetitionTime": 2,
    "SeriesDescription": "ImageMRSERIES",
    "SeriesNumber": 8,
    "SliceEncodingDirection": "k",
    "TaskName": "emomatching",
    "UsePhilipsFloatNotDisplayScaling": 1,
    "WaterFatShift": 12,
    "acq_id": "seq",
    "dataset": "unknown",
    "modality": "bold",
    "subject_id": "0084",
    "task_id": "emomatching"
  },
  "dummy_trs": 0,
  "dvars_nstd": 18.436644069999996,
  "dvars_std": 1.2250025742537316,
  "dvars_vstd": 1.00376661119403,
  "efc": 0.3962133500322234,
  "fber": 690342016.0,
  "fd_mean": 0.10199272363125653,
  "fd_num": 4,
  "fd_perc": 2.962962962962963,
  "fwhm_avg": 2.6709730418919833,
  "fwhm_x": 2.6098833333333333,
  "fwhm_y": 2.99696,
  "fwhm_z": 2.4060757923426164,
  "gcor": 0.0141476,
  "gsr_x": -0.0017454690532758832,
  "gsr_y": 0.0009839206468313932,
  "provenance": {
    "md5sum": "81fce3e85f746b15e9146b9f335e8772",
    "settings": {
      "fd_thres": 0.2,
      "hmc_fsl": false
    },
    "software": "mriqc",
    "version": "0.15.0",
    "webapi_port": null,
    "webapi_url": "https://mriqc.nimh.nih.gov/api/v1"
  },
  "size_t": 135,
  "size_x": 80,
  "size_y": 80,
  "size_z": 36,
  "snr": 4.6665320513647925,
  "spacing_tr": 2.0,
  "spacing_x": 3.0,
  "spacing_y": 3.0,
  "spacing_z": 3.299999952316284,
  "spikes_num": 2,
  "summary_bg_k": 99.80831531607731,
  "summary_bg_mad": 1.192138910293579,
  "summary_bg_mean": 170.9846649169922,
  "summary_bg_median": 0.8165138363838196,
  "summary_bg_n": 150760.0,
  "summary_bg_p05": 0.0021356049692258243,
  "summary_bg_p95": 803.5829101562429,
  "summary_bg_stdv": 1000.0558471679688,
  "summary_fg_k": 1.9439682661324582,
  "summary_fg_mad": 3970.125,
  "summary_fg_mean": 22716.619140625,
  "summary_fg_median": 22723.234375,
  "summary_fg_n": 39144.0,
  "summary_fg_p05": 14599.003271484376,
  "summary_fg_p95": 30206.01572265625,
  "summary_fg_stdv": 4869.3427734375,
  "tsnr": 84.48272705078125
}