{
  "aor": 0.00199875,
  "aqi": 0.002709725541666667,
  "bids_meta": {
    "AcquisitionNumber": 4,
    "BidsifyVersion": "0.3.5",
    "ConversionSoftware": "dcm2niix",
    "ConversionSoftwareVersion": "v1.0.20181125  GCC6.3.0",
    "EchoTime": 0.02763,
    "FlipAngle": 76.1,
    "ImageComments": "PIOP2",
    "ImageOrientationPatientDICOM": [
      0.999388,
      0.034186,
      0.00739567,
      -0.0317562,
      0.975475,
      -0.217807
    ],
    "Manufacturer": "Philips",
    "NumberOfVolumesDiscardedByScanner": 2,
    "ParallelAcquisitionTechnique": "SENSE",
    "ParallelReductionFactorInPlane": 2,
    "PatientPosition": "HFS",
    "PhaseEncodingDirection": "j",
    "PhilipsRescaleIntercept": 0,
    "PhilipsRescaleSlope": 0.79121,
    "PhilipsScaleSlope": 0.0611393,
    "ProtocolName": "WIPtask-rest_boldSENSE",
    "PulseSequenceType": "gradient echo EPI",
    "ReconMatrixPE": 80,
    "RepetitionTime": 2,
    "SeriesDescription": "ImageMRSERIES",
    "SeriesNumber": 4,
    "SliceEncodingDirection": "k",
    "TaskName": "restingstate",
    "UsePhilipsFloatNotDisplayScaling": 1,
    "WaterFatShift": 12,
    "acq_id": "seq",
    "dataset": "unknown",
    "modality": "bold",
    "subject_id": "0084",
    "task_id": "restingstate"
  },
  "dummy_trs": 0,
  "dvars_nstd": 18.358827032259416,
  "dvars_std": 1.2292810061087867,
  "dvars_vstd": 1.011409459497908,
  "efc": 0.3961144882394389,
  "fber": 2868914944.0,
  "fd_mean": 0.10931060089440466,
  "fd_num": 9,
  "fd_perc": 3.75,
  "fwhm_avg": 2.6855480924285744,
  "fwhm_x": 2.6337733333333335,
  "fwhm_y": 3.0102466666666667,
  "fwhm_z": 2.4126242772857243,
  "gcor": 0.0295314,
  "gsr_x": -0.0017954353243112564,
  "gsr_y": 0.0013742306036874652,
  "provenance": {
    "md5sum": "0e4daa43ebaca82308ce469a64eaa012",
    "settings": {
      "fd_thres": 0.2,
      "hmc_fsl": false
    },
    "software": "mriqc",
    "version": "0.15.0",
    "webapi_port": null,
    "webapi_url": "https://mriqc.nimh.nih.gov/api/v1"
  },
  "size_t": 240,
  "size_x": 80,
  "size_y": 80,
  "size_z": 36,
  "snr": 4.637704919328472,
  "spacing_tr": 2.0,
  "spacing_x": 3.0,
  "spacing_y": 3.0,
  "spacing_z": 3.299999952316284,
  "spikes_num": 0,
  "summary_bg_k": 106.1770452651697,
  "summary_bg_mad": 0.5467708706855774,
  "summary_bg_mean": 164.68157958984375,
  "summary_bg_median": 0.3687913417816162,
  "summary_bg_n": 150475.0,
  "summary_bg_p05": 0.0,
  "summary_bg_p95": 775.1568603515582,
  "summary_bg_stdv": 959.05419921875,
  "summary_fg_k": 1.998083999679939,
  "summary_fg_mad": 4001.63330078125,
  "summary_fg_mean": 22833.357421875,
  "summary_fg_median": 22873.74609375,
  "summary_fg_n": 39296.0,
  "summary_fg_p05": 14474.32958984375,
  "summary_fg_p95": 30334.744140625,
  "summary_fg_stdv": 4932.0634765625,
  "tsnr": 90.83679962158203
}