{
  "aor": 0.0032068148148148147,
  "aqi": 0.004314842814814815,
  "bids_meta": {
    "AcquisitionNumber": 8,
    "BidsifyVersion": "0.3.5",
    "ConversionSoftware": "dcm2niix",
    "ConversionSoftwareVersion": "v1.0.20181125  GCC6.3.0",
    "EchoTime": 0.02763,
    "EffectiveEchoSpacing": 0.0006909035636805814,
    "FlipAngle": 76.1,
    "ImageComments": "PIOP2",
    "ImageOrientationPatientDICOM": [
      0.999693,
      -0.0245168,
      0.00363494,
      0.0246065,
      0.999329,
      -0.0271425
    ],
    "Manufacturer": "Philips",
    "NumberOfVolumesDiscardedByScanner": 2,
    "ParallelAcquisitionTechnique": "SENSE",
    "ParallelReductionFactorInPlane": 2,
    "PatientPosition": "HFS",
    "PhaseEncodingDirection": "j",
    "PhilipsRescaleIntercept": 0,
    "PhilipsRescaleSlope": 0.79976,
    "PhilipsScaleSlope": 0.0574233,
    "ProtocolName": "WIPtask-harriri_boldSENSE",
    "PulseSequenceType": "gradient echo EPI",
    "ReconMatrixPE": 80,
    "RepetitionTime": 2,
    "SeriesDescription": "ImageMRSERIES",
    "SeriesNumber": 8,
    "SliceEncodingDirection": "k",
    "SliceTiming": [
      0.0,
      0.0556,
      0.1111,
      0.1667,
      0.2222,
      0.2778,
      0.3333,
      0.3889,
      0.4444,
      0.5,
      0.5556,
      0.6111,
      0.6667,
      0.7222,
      0.7778,
      0.8333,
      0.8889,
      0.9444,
      1.0,
      1.0556,
      1.1111,
      1.1667,
      1.2222,
      1.2778,
      1.3333,
      1.3889,
      1.4444,
      1.5,
      1.5556,
      1.6111,
      1.6667,
      1.7222,
      1.7778,
      1.8333,
      1.8889,
      1.9444
    ],
    "TaskName": "emomatching",
    "TotalReadoutTime": 0.026945238983542674,
    "UsePhilipsFloatNotDisplayScaling": 1,
    "WaterFatShift": 12,
    "acq_id": "seq",
    "dataset": "unknown",
    "modality": "bold",
    "subject_id": "0215",
    "task_id": "emomatching"
  },
  "dummy_trs": 0,
  "dvars_nstd": 17.861190987910444,
  "dvars_std": 1.1524653719402986,
  "dvars_vstd": 1.179991979328358,
  "efc": 0.4179177151746224,
  "fber": 619843584.0,
  "fd_mean": 0.1581046772478691,
  "fd_num": 30,
  "fd_perc": 22.22222222222222,
  "fwhm_avg": 2.6272537484557277,
  "fwhm_x": 2.5737833333333335,
  "fwhm_y": 3.007156666666667,
  "fwhm_z": 2.300821245367184,
  "gcor": 0.0513468,
  "gsr_x": 0.00014368526171892881,
  "gsr_y": 0.0038308370858430862,
  "provenance": {
    "md5sum": "e58648b24cf814da97be7418cdbcb3c8",
    "settings": {
      "fd_thres": 0.2,
      "hmc_fsl": false
    },
    "software": "mriqc",
    "version": "0.15.0",
    "webapi_port": null,
    "webapi_url": "https://mriqc.nimh.nih.gov/api/v1"
  },
  "size_t": 135,
  "size_x": 80,
  "size_y": 80,
  "size_z": 36,
  "snr": 4.99366490484251,
  "spacing_tr": 2.0,
  "spacing_x": 3.0,
  "spacing_y": 3.0,
  "spacing_z": 3.299999952316284,
  "spikes_num": 2,
  "summary_bg_k": 118.22655173470802,
  "summary_bg_mad": 1.306201457977295,
  "summary_bg_mean": 189.60601806640625,
  "summary_bg_median": 0.8896197080612183,
  "summary_bg_n": 145240.0,
  "summary_bg_p05": 0.0013120119168888778,
  "summary_bg_p95": 965.9447448730434,
  "summary_bg_stdv": 1058.3135986328125,
  "summary_fg_k": 2.580580833567656,
  "summary_fg_mad": 3861.8125,
  "summary_fg_mean": 23547.6171875,
  "summary_fg_median": 23663.96484375,
  "summary_fg_n": 43918.0,
  "summary_fg_p05": 15466.537207031248,
  "summary_fg_p95": 30412.77783203125,
  "summary_fg_stdv": 4738.7431640625,
  "tsnr": 75.5423812866211
}