{
  "aor": 0.0024989592760180993,
  "aqi": 0.0045358489592760174,
  "bids_meta": {
    "AcquisitionNumber": 7,
    "BidsifyVersion": "0.3.5",
    "ConversionSoftware": "dcm2niix",
    "ConversionSoftwareVersion": "v1.0.20181125  GCC6.3.0",
    "EchoTime": 0.02763,
    "EffectiveEchoSpacing": 0.0006909035636805814,
    "FlipAngle": 76.1,
    "ImageComments": "PIOP2",
    "ImageOrientationPatientDICOM": [
      0.999693,
      -0.0245168,
      0.00363494,
      0.0246065,
      0.999329,
      -0.0271425
    ],
    "Manufacturer": "Philips",
    "NumberOfVolumesDiscardedByScanner": 2,
    "ParallelAcquisitionTechnique": "SENSE",
    "ParallelReductionFactorInPlane": 2,
    "PatientPosition": "HFS",
    "PhaseEncodingDirection": "j",
    "PhilipsRescaleIntercept": 0,
    "PhilipsRescaleSlope": 0.75849,
    "PhilipsScaleSlope": 0.0592675,
    "ProtocolName": "WIPtask-stop_boldSENSE",
    "PulseSequenceType": "gradient echo EPI",
    "ReconMatrixPE": 80,
    "RepetitionTime": 2,
    "SeriesDescription": "ImageMRSERIES",
    "SeriesNumber": 7,
    "SliceEncodingDirection": "k",
    "SliceTiming": [
      0.0,
      0.0556,
      0.1111,
      0.1667,
      0.2222,
      0.2778,
      0.3333,
      0.3889,
      0.4444,
      0.5,
      0.5556,
      0.6111,
      0.6667,
      0.7222,
      0.7778,
      0.8333,
      0.8889,
      0.9444,
      1.0,
      1.0556,
      1.1111,
      1.1667,
      1.2222,
      1.2778,
      1.3333,
      1.3889,
      1.4444,
      1.5,
      1.5556,
      1.6111,
      1.6667,
      1.7222,
      1.7778,
      1.8333,
      1.8889,
      1.9444
    ],
    "TaskName": "stopsignal",
    "TotalReadoutTime": 0.026945238983542674,
    "UsePhilipsFloatNotDisplayScaling": 1,
    "WaterFatShift": 12,
    "acq_id": "seq",
    "dataset": "unknown",
    "modality": "bold",
    "subject_id": "0215",
    "task_id": "stopsignal"
  },
  "dummy_trs": 0,
  "dvars_nstd": 17.451517347954553,
  "dvars_std": 1.1463968893636363,
  "dvars_vstd": 1.0515561444545454,
  "efc": 0.4181487222304289,
  "fber": 768543104.0,
  "fd_mean": 0.14633804086759158,
  "fd_num": 43,
  "fd_perc": 19.457013574660632,
  "fwhm_avg": 2.625655566645632,
  "fwhm_x": 2.57498,
  "fwhm_y": 2.9994866666666664,
  "fwhm_z": 2.3025000332702295,
  "gcor": 0.0621108,
  "gsr_x": -0.00015262702072504908,
  "gsr_y": 0.003982854541391134,
  "provenance": {
    "md5sum": "56edd6e184e424828c42d36f5a92c299",
    "settings": {
      "fd_thres": 0.2,
      "hmc_fsl": false
    },
    "software": "mriqc",
    "version": "0.15.0",
    "webapi_port": null,
    "webapi_url": "https://mriqc.nimh.nih.gov/api/v1"
  },
  "size_t": 221,
  "size_x": 80,
  "size_y": 80,
  "size_z": 36,
  "snr": 5.028794157919629,
  "spacing_tr": 2.0,
  "spacing_x": 3.0,
  "spacing_y": 3.0,
  "spacing_z": 3.299999952316284,
  "spikes_num": 0,
  "summary_bg_k": 116.70413421052842,
  "summary_bg_mad": 1.1573350429534912,
  "summary_bg_mean": 187.27215576171875,
  "summary_bg_median": 0.7904167771339417,
  "summary_bg_n": 145228.0,
  "summary_bg_p05": 0.0018099708191584797,
  "summary_bg_p95": 959.2084899902335,
  "summary_bg_stdv": 1049.765869140625,
  "summary_fg_k": 2.465875936122928,
  "summary_fg_mad": 3851.9931640625,
  "summary_fg_mean": 23489.58984375,
  "summary_fg_median": 23591.296875,
  "summary_fg_n": 43964.0,
  "summary_fg_p05": 15470.560449218749,
  "summary_fg_p95": 30312.773828125,
  "summary_fg_stdv": 4691.18994140625,
  "tsnr": 75.4969711303711
}