{
  "bids_meta": {
    "AcquisitionNumber": 2,
    "BidsifyVersion": "0.3.5",
    "ConversionSoftware": "dcm2niix",
    "ConversionSoftwareVersion": "v1.0.20181125  GCC6.3.0",
    "EchoTime": 0.00374,
    "ImageComments": "PIOP2",
    "ImageOrientationPatientDICOM": [
      0.998917,
      0.0463685,
      -0.00383882,
      -0.0464088,
      0.99886,
      -0.0111783
    ],
    "Manufacturer": "Philips",
    "NumberSignalAcquisitions": 2,
    "PatientPosition": "HFS",
    "PhilipsRescaleIntercept": 0,
    "PhilipsRescaleSlope": 8.63394,
    "PhilipsScaleSlope": 0.0072815,
    "ProtocolName": "WIPT1anat_acq-6m_T1wSENSE",
    "ReconMatrixPE": 240,
    "RepetitionTime": 0.008137,
    "SeriesDescription": "ImageMRSERIES",
    "SeriesNumber": 2,
    "UsePhilipsFloatNotDisplayScaling": 1,
    "dataset": "unknown",
    "modality": "T1w",
    "subject_id": "0183"
  },
  "cjv": 0.2950802985451545,
  "cnr": 4.329835461347506,
  "efc": 0.7421788053408255,
  "fber": 1956.1767578125,
  "fwhm_avg": 4.448023237963543,
  "fwhm_x": 3.9413202349209926,
  "fwhm_y": 4.370719478969637,
  "fwhm_z": 5.03203,
  "icvs_csf": 0.2272491887379972,
  "icvs_gm": 0.41539110865579926,
  "icvs_wm": 0.35735970260620353,
  "inu_med": 2.4373908042907715,
  "inu_range": 0.5364236354827883,
  "provenance": {
    "md5sum": "bcc05e2fc6a5663427faafba35e6af6c",
    "settings": {
      "testing": false
    },
    "software": "mriqc",
    "version": "0.15.0",
    "warnings": {
      "large_rot_frame": true,
      "small_air_mask": true
    },
    "webapi_port": null,
    "webapi_url": "https://mriqc.nimh.nih.gov/api/v1"
  },
  "qi_1": 0.0,
  "qi_2": 9.408516744561531e-05,
  "rpve_csf": 24.42196510424368,
  "rpve_gm": 13.941843310555715,
  "rpve_wm": 20.26915587028245,
  "size_x": 240,
  "size_y": 240,
  "size_z": 220,
  "snr_csf": 0.9685502955465003,
  "snr_gm": 8.797470979659584,
  "snr_total": 10.453965110929195,
  "snr_wm": 21.595874057581497,
  "snrd_csf": 24.25600837044485,
  "snrd_gm": 56.831418786111875,
  "snrd_total": 57.11161853550896,
  "snrd_wm": 90.24742844997016,
  "spacing_x": 0.9999999403953552,
  "spacing_y": 1.0000001192092896,
  "spacing_z": 1.0,
  "summary_bg_k": 32.80715084610135,
  "summary_bg_mad": 7.259294033050537,
  "summary_bg_mean": 7.973868370056152,
  "summary_bg_median": 5.070710182189941,
  "summary_bg_n": 179064.0,
  "summary_bg_p05": 0.0,
  "summary_bg_p95": 20.12323808670044,
  "summary_bg_stdv": 6.726968765258789,
  "summary_csf_k": 61.72927562902704,
  "summary_csf_mad": 122.78361511230469,
  "summary_csf_mean": 295.7629699707031,
  "summary_csf_median": 268.770751953125,
  "summary_csf_n": 15740.0,
  "summary_csf_p05": 99.26519050598144,
  "summary_csf_p95": 451.6426834106445,
  "summary_csf_stdv": 277.4891662597656,
  "summary_gm_k": 0.6561650637693193,
  "summary_gm_mad": 68.04283142089844,
  "summary_gm_mean": 635.0157470703125,
  "summary_gm_median": 629.725341796875,
  "summary_gm_n": 27914.0,
  "summary_gm_p05": 529.3272674560546,
  "summary_gm_p95": 760.190869140625,
  "summary_gm_stdv": 71.57898712158203,
  "summary_wm_k": 0.8323226466552152,
  "summary_wm_mad": 41.21623229980469,
  "summary_wm_mean": 997.3336181640625,
  "summary_wm_median": 999.9942626953125,
  "summary_wm_n": 222145.0,
  "summary_wm_p05": 915.778271484375,
  "summary_wm_p95": 1068.515380859375,
  "summary_wm_stdv": 46.304771423339844,
  "tpm_overlap_csf": 0.2212647795677185,
  "tpm_overlap_gm": 0.5116071105003357,
  "tpm_overlap_wm": 0.5633474588394165,
  "wm2max": 0.6719505131829615
}