{
  "aor": 0.0016812083333333332,
  "aqi": 0.002927597458333333,
  "bids_meta": {
    "AcquisitionNumber": 4,
    "BidsifyVersion": "0.3.5",
    "ConversionSoftware": "dcm2niix",
    "ConversionSoftwareVersion": "v1.0.20181125  GCC6.3.0",
    "EchoTime": 0.02763,
    "FlipAngle": 76.1,
    "ImageComments": "PIOP2",
    "ImageOrientationPatientDICOM": [
      0.999561,
      -0.00986477,
      -0.0279434,
      0.00942092,
      0.999828,
      -0.0159714
    ],
    "Manufacturer": "Philips",
    "NumberOfVolumesDiscardedByScanner": 2,
    "ParallelAcquisitionTechnique": "SENSE",
    "ParallelReductionFactorInPlane": 2,
    "PatientPosition": "HFS",
    "PhaseEncodingDirection": "j",
    "PhilipsRescaleIntercept": 0,
    "PhilipsRescaleSlope": 0.76386,
    "PhilipsScaleSlope": 0.0517994,
    "ProtocolName": "WIPtask-rest_boldSENSE",
    "PulseSequenceType": "gradient echo EPI",
    "ReconMatrixPE": 80,
    "RepetitionTime": 2,
    "SeriesDescription": "ImageMRSERIES",
    "SeriesNumber": 4,
    "SliceEncodingDirection": "k",
    "TaskName": "restingstate",
    "UsePhilipsFloatNotDisplayScaling": 1,
    "WaterFatShift": 12,
    "acq_id": "seq",
    "dataset": "unknown",
    "modality": "bold",
    "subject_id": "0001",
    "task_id": "restingstate"
  },
  "dummy_trs": 0,
  "dvars_nstd": 17.993051820209207,
  "dvars_std": 1.179791391882845,
  "dvars_vstd": 1.0108118348117154,
  "efc": 0.4308261406509129,
  "fber": 793211584.0,
  "fd_mean": 0.14805799769486358,
  "fd_num": 34,
  "fd_perc": 14.166666666666666,
  "fwhm_avg": 2.505320818957395,
  "fwhm_x": 2.5097566666666666,
  "fwhm_y": 2.74803,
  "fwhm_z": 2.258175790205519,
  "gcor": 0.0212633,
  "gsr_x": 0.00515691377222538,
  "gsr_y": 0.001480531762354076,
  "provenance": {
    "md5sum": "88936255f7a67dc2d8c664d3e6dc2c12",
    "settings": {
      "fd_thres": 0.2,
      "hmc_fsl": false
    },
    "software": "mriqc",
    "version": "0.15.0",
    "webapi_port": null,
    "webapi_url": "https://mriqc.nimh.nih.gov/api/v1"
  },
  "size_t": 240,
  "size_x": 80,
  "size_y": 80,
  "size_z": 36,
  "snr": 4.620157189743712,
  "spacing_tr": 2.0,
  "spacing_x": 3.0,
  "spacing_y": 3.0,
  "spacing_z": 3.299999952316284,
  "spikes_num": 0,
  "summary_bg_k": 60.24985335286274,
  "summary_bg_mad": 1.2590886354446411,
  "summary_bg_mean": 296.1226501464844,
  "summary_bg_median": 0.8535880446434021,
  "summary_bg_n": 143485.0,
  "summary_bg_p05": 0.00042908177711069604,
  "summary_bg_p95": 1540.5611816406144,
  "summary_bg_stdv": 1507.586181640625,
  "summary_fg_k": 2.2905506261520916,
  "summary_fg_mad": 4711.30859375,
  "summary_fg_mean": 26471.423828125,
  "summary_fg_median": 26376.759765625,
  "summary_fg_n": 45260.0,
  "summary_fg_p05": 17401.54365234375,
  "summary_fg_p95": 35160.00664062499,
  "summary_fg_stdv": 5708.998046875,
  "tsnr": 91.11308288574219
}