{
  "aor": 0.001144125,
  "aqi": 0.0024851480625,
  "bids_meta": {
    "AcquisitionNumber": 3,
    "BidsifyVersion": "0.3.5",
    "ConversionSoftware": "dcm2niix",
    "ConversionSoftwareVersion": "v1.0.20181125  GCC6.3.0",
    "EchoTime": 0.02763,
    "FlipAngle": 76.1,
    "ImageComments": "PIOP2",
    "ImageOrientationPatientDICOM": [
      0.999561,
      -0.00986477,
      -0.0279434,
      0.00942092,
      0.999828,
      -0.0159714
    ],
    "Manufacturer": "Philips",
    "NumberOfVolumesDiscardedByScanner": 2,
    "ParallelAcquisitionTechnique": "SENSE",
    "ParallelReductionFactorInPlane": 2,
    "PatientPosition": "HFS",
    "PhaseEncodingDirection": "j",
    "PhilipsRescaleIntercept": 0,
    "PhilipsRescaleSlope": 0.75092,
    "PhilipsScaleSlope": 0.0527894,
    "ProtocolName": "WIPtask-wm_boldSENSE",
    "PulseSequenceType": "gradient echo EPI",
    "ReconMatrixPE": 80,
    "RepetitionTime": 2,
    "SeriesDescription": "ImageMRSERIES",
    "SeriesNumber": 3,
    "SliceEncodingDirection": "k",
    "TaskName": "workingmemory",
    "UsePhilipsFloatNotDisplayScaling": 1,
    "WaterFatShift": 12,
    "acq_id": "seq",
    "dataset": "unknown",
    "modality": "bold",
    "subject_id": "0001",
    "task_id": "workingmemory"
  },
  "dummy_trs": 0,
  "dvars_nstd": 17.35382905402516,
  "dvars_std": 1.1479116201257862,
  "dvars_vstd": 0.9921799581761002,
  "efc": 0.43101599648547284,
  "fber": 740871104.0,
  "fd_mean": 0.1235858014162182,
  "fd_num": 14,
  "fd_perc": 8.75,
  "fwhm_avg": 2.5263728392692615,
  "fwhm_x": 2.529923333333333,
  "fwhm_y": 2.768213333333333,
  "fwhm_z": 2.280981851141118,
  "gcor": 0.0293069,
  "gsr_x": 0.005102243740111589,
  "gsr_y": 0.0010868350509554148,
  "provenance": {
    "md5sum": "3fd77ab135e83912a58506699af54b05",
    "settings": {
      "fd_thres": 0.2,
      "hmc_fsl": false
    },
    "software": "mriqc",
    "version": "0.15.0",
    "webapi_port": null,
    "webapi_url": "https://mriqc.nimh.nih.gov/api/v1"
  },
  "size_t": 160,
  "size_x": 80,
  "size_y": 80,
  "size_z": 36,
  "snr": 4.572309875938554,
  "spacing_tr": 2.0,
  "spacing_x": 3.0,
  "spacing_y": 3.0,
  "spacing_z": 3.299999952316284,
  "spikes_num": 0,
  "summary_bg_k": 61.04732109317571,
  "summary_bg_mad": 1.3203586339950562,
  "summary_bg_mean": 298.9770812988281,
  "summary_bg_median": 0.8987300992012024,
  "summary_bg_n": 143297.0,
  "summary_bg_p05": 0.002120696846395731,
  "summary_bg_p95": 1564.6205322265569,
  "summary_bg_stdv": 1540.0626220703125,
  "summary_fg_k": 2.2888709667661375,
  "summary_fg_mad": 4813.470703125,
  "summary_fg_mean": 26794.68359375,
  "summary_fg_median": 26711.138671875,
  "summary_fg_n": 45462.0,
  "summary_fg_p05": 17526.4283203125,
  "summary_fg_p95": 35709.660546875,
  "summary_fg_stdv": 5841.87109375,
  "tsnr": 95.68731689453125
}