{
  "bids_meta": {
    "AcquisitionNumber": 2,
    "BidsifyVersion": "0.3.5",
    "ConversionSoftware": "dcm2niix",
    "ConversionSoftwareVersion": "v1.0.20181125  GCC6.3.0",
    "EchoTime": 0.00377,
    "ImageComments": "PIOP2",
    "ImageOrientationPatientDICOM": [
      0.998892,
      0.0408034,
      -0.0234442,
      -0.0425646,
      0.99586,
      -0.0803174
    ],
    "Manufacturer": "Philips",
    "PatientPosition": "HFS",
    "PhilipsRescaleIntercept": 0,
    "PhilipsRescaleSlope": 8.77778,
    "PhilipsScaleSlope": 0.00707138,
    "ProtocolName": "WIPT1anat_acq-6m_T1wSENSE",
    "ReconMatrixPE": 240,
    "RepetitionTime": 0.00821,
    "SeriesDescription": "ImageMRSERIES",
    "SeriesNumber": 2,
    "UsePhilipsFloatNotDisplayScaling": 1,
    "acq_id": "6m",
    "dataset": "unknown",
    "modality": "T1w",
    "subject_id": "0015"
  },
  "cjv": 0.25398398766890556,
  "cnr": 4.7217063076345225,
  "efc": 0.7249249356954629,
  "fber": 1964.0009765625,
  "fwhm_avg": 4.515533512597691,
  "fwhm_x": 4.27374025473477,
  "fwhm_y": 4.52393,
  "fwhm_z": 4.748930283058303,
  "icvs_csf": 0.25559858230989113,
  "icvs_gm": 0.3879107519681769,
  "icvs_wm": 0.35649066572193194,
  "inu_med": 1.6530213356018066,
  "inu_range": 0.32920718193054177,
  "provenance": {
    "md5sum": "7029ff47953d21ac2d1aa3b6126eb98e",
    "settings": {
      "testing": false
    },
    "software": "mriqc",
    "version": "0.15.0",
    "warnings": {
      "large_rot_frame": true,
      "small_air_mask": true
    },
    "webapi_port": null,
    "webapi_url": "https://mriqc.nimh.nih.gov/api/v1"
  },
  "qi_1": 0.0007161130912032886,
  "qi_2": 5.165557867488962e-05,
  "rpve_csf": 24.35078659967799,
  "rpve_gm": 15.415369607764449,
  "rpve_wm": 22.039643971916448,
  "size_x": 240,
  "size_y": 240,
  "size_z": 220,
  "snr_csf": 2.3775642687654925,
  "snr_gm": 10.361024863776443,
  "snr_total": 12.922637968649548,
  "snr_wm": 26.029324773406707,
  "snrd_csf": 25.384323322759215,
  "snrd_gm": 56.82684524126496,
  "snrd_total": 56.84445416813346,
  "snrd_wm": 88.3221939403762,
  "spacing_x": 0.9999999403953552,
  "spacing_y": 1.0,
  "spacing_z": 0.9999999403953552,
  "summary_bg_k": 49.24596919523825,
  "summary_bg_mad": 7.417568206787109,
  "summary_bg_mean": 11.427653312683105,
  "summary_bg_median": 5.071103096008301,
  "summary_bg_n": 200117.0,
  "summary_bg_p05": 0.0,
  "summary_bg_p95": 40.449268341064446,
  "summary_bg_stdv": 19.278589248657227,
  "summary_csf_k": 70.00518099818947,
  "summary_csf_mad": 113.4248275756836,
  "summary_csf_mean": 280.2639465332031,
  "summary_csf_median": 287.4057312011719,
  "summary_csf_n": 15412.0,
  "summary_csf_p05": 106.44928588867188,
  "summary_csf_p95": 426.6032669067382,
  "summary_csf_stdv": 120.87850189208984,
  "summary_gm_k": 0.7277263154529079,
  "summary_gm_mad": 57.2557373046875,
  "summary_gm_mean": 646.8825073242188,
  "summary_gm_median": 643.4034423828125,
  "summary_gm_n": 24629.0,
  "summary_gm_p05": 551.6388671875,
  "summary_gm_p95": 754.2693481445312,
  "summary_gm_stdv": 62.09717559814453,
  "summary_wm_k": 1.3981088071551389,
  "summary_wm_mad": 33.31389236450195,
  "summary_wm_mean": 998.0185546875,
  "summary_wm_median": 999.999267578125,
  "summary_wm_n": 199758.0,
  "summary_wm_p05": 932.3020935058594,
  "summary_wm_p95": 1057.0514099121094,
  "summary_wm_stdv": 38.41808319091797,
  "tpm_overlap_csf": 0.22154545783996582,
  "tpm_overlap_gm": 0.4983064532279968,
  "tpm_overlap_wm": 0.5764831304550171,
  "wm2max": 0.8121793789892101
}