{
  "bids_meta": {
    "AcquisitionNumber": 2,
    "BidsifyVersion": "0.3.5",
    "ConversionSoftware": "dcm2niix",
    "ConversionSoftwareVersion": "v1.0.20181125  GCC6.3.0",
    "EchoTime": 0.00375,
    "ImageComments": "PIOP2",
    "ImageOrientationPatientDICOM": [
      0.997636,
      0.0686428,
      -0.00325042,
      -0.0687118,
      0.997124,
      -0.0319607
    ],
    "Manufacturer": "Philips",
    "PatientPosition": "HFS",
    "PhilipsRescaleIntercept": 0,
    "PhilipsRescaleSlope": 8.00366,
    "PhilipsScaleSlope": 0.00714859,
    "ProtocolName": "WIPT1anat_acq-6m_T1wSENSE",
    "ReconMatrixPE": 240,
    "RepetitionTime": 0.008158,
    "SeriesDescription": "ImageMRSERIES",
    "SeriesNumber": 2,
    "UsePhilipsFloatNotDisplayScaling": 1,
    "acq_id": "6m",
    "dataset": "unknown",
    "modality": "T1w",
    "subject_id": "0223"
  },
  "cjv": 0.2456338660222899,
  "cnr": 4.929477218896633,
  "efc": 0.735630319609333,
  "fber": 925.9653930664062,
  "fwhm_avg": 4.542773604103741,
  "fwhm_x": 4.333010258267537,
  "fwhm_y": 4.4656702661746905,
  "fwhm_z": 4.829640287868994,
  "icvs_csf": 0.2722336739582657,
  "icvs_gm": 0.37844061726054695,
  "icvs_wm": 0.3493257087811873,
  "inu_med": 1.7411631345748901,
  "inu_range": 0.3256549715995789,
  "provenance": {
    "md5sum": "a8c5f88657d960c616e83139ec3163c7",
    "settings": {
      "testing": false
    },
    "software": "mriqc",
    "version": "0.15.0",
    "warnings": {
      "large_rot_frame": true,
      "small_air_mask": true
    },
    "webapi_port": null,
    "webapi_url": "https://mriqc.nimh.nih.gov/api/v1"
  },
  "qi_1": 0.0,
  "qi_2": 8.357099594248337e-05,
  "rpve_csf": 24.5105777753482,
  "rpve_gm": 16.39771374418034,
  "rpve_wm": 23.942527819072083,
  "size_x": 240,
  "size_y": 240,
  "size_z": 220,
  "snr_csf": 2.5664902750430145,
  "snr_gm": 9.542459217438036,
  "snr_total": 13.831642323997903,
  "snr_wm": 29.385977479512654,
  "snrd_csf": 26.445983145957552,
  "snrd_gm": 61.72331712490831,
  "snrd_total": 61.9825745308541,
  "snrd_wm": 97.77842332169644,
  "spacing_x": 0.9999999403953552,
  "spacing_y": 0.9999999403953552,
  "spacing_z": 0.9999999403953552,
  "summary_bg_k": 85.54655023645726,
  "summary_bg_mad": 6.700112342834473,
  "summary_bg_mean": 8.760347366333008,
  "summary_bg_median": 9.090457916259766,
  "summary_bg_n": 138202.0,
  "summary_bg_p05": 0.0,
  "summary_bg_p95": 23.096430683135985,
  "summary_bg_stdv": 7.8513503074646,
  "summary_csf_k": 73.16304419865511,
  "summary_csf_mad": 99.209228515625,
  "summary_csf_mean": 263.7698059082031,
  "summary_csf_median": 270.4643859863281,
  "summary_csf_n": 18340.0,
  "summary_csf_p05": 110.00127868652343,
  "summary_csf_p95": 399.36690826416014,
  "summary_csf_stdv": 105.3801040649414,
  "summary_gm_k": 0.8009736901109092,
  "summary_gm_mad": 61.206661224365234,
  "summary_gm_mean": 634.6580810546875,
  "summary_gm_median": 631.2474365234375,
  "summary_gm_n": 19286.0,
  "summary_gm_p05": 534.1333618164062,
  "summary_gm_p95": 750.6535186767578,
  "summary_gm_stdv": 66.14972686767578,
  "summary_wm_k": 1.5950578927637773,
  "summary_wm_mad": 29.36772346496582,
  "summary_wm_mean": 997.5699462890625,
  "summary_wm_median": 999.9848022460938,
  "summary_wm_n": 187375.0,
  "summary_wm_p05": 937.5830932617187,
  "summary_wm_p95": 1048.3141479492188,
  "summary_wm_stdv": 34.02922821044922,
  "tpm_overlap_csf": 0.21556861698627472,
  "tpm_overlap_gm": 0.49024394154548645,
  "tpm_overlap_wm": 0.5698981285095215,
  "wm2max": 0.8455903336060767
}