{
  "bids_meta": {
    "AcquisitionNumber": 2,
    "BidsifyVersion": "0.3.5",
    "ConversionSoftware": "dcm2niix",
    "ConversionSoftwareVersion": "v1.0.20181125  GCC6.3.0",
    "EchoTime": 0.00377,
    "ImageComments": "PIOP2",
    "ImageOrientationPatientDICOM": [
      0.998465,
      -0.0422134,
      -0.0358441,
      0.0394043,
      0.996348,
      -0.0757549
    ],
    "Manufacturer": "Philips",
    "NumberSignalAcquisitions": 2,
    "PatientPosition": "HFS",
    "PhilipsRescaleIntercept": 0,
    "PhilipsRescaleSlope": 8.81514,
    "PhilipsScaleSlope": 0.00739338,
    "ProtocolName": "WIPT1anat_acq-6m_T1wSENSE",
    "ReconMatrixPE": 240,
    "RepetitionTime": 0.008209,
    "SeriesDescription": "ImageMRSERIES",
    "SeriesNumber": 2,
    "UsePhilipsFloatNotDisplayScaling": 1,
    "dataset": "unknown",
    "modality": "T1w",
    "subject_id": "0190"
  },
  "cjv": 0.25484393045308895,
  "cnr": 4.78753756873772,
  "efc": 0.7575923096906916,
  "fber": 1621.7503662109375,
  "fwhm_avg": 4.643316763700849,
  "fwhm_x": 4.39868,
  "fwhm_y": 4.64738,
  "fwhm_z": 4.883890291102546,
  "icvs_csf": 0.2505335863698733,
  "icvs_gm": 0.40351272253665826,
  "icvs_wm": 0.34595369109346846,
  "inu_med": 1.7204387187957764,
  "inu_range": 0.4179555535316468,
  "provenance": {
    "md5sum": "e5c4f8313a7d99faa4127b11f18466c8",
    "settings": {
      "testing": false
    },
    "software": "mriqc",
    "version": "0.15.0",
    "warnings": {
      "large_rot_frame": true,
      "small_air_mask": true
    },
    "webapi_port": null,
    "webapi_url": "https://mriqc.nimh.nih.gov/api/v1"
  },
  "qi_1": 0.0,
  "qi_2": 0.00018541477821061637,
  "rpve_csf": 26.455399159885037,
  "rpve_gm": 16.219872184237442,
  "rpve_wm": 23.916967721370078,
  "size_x": 240,
  "size_y": 240,
  "size_z": 220,
  "snr_csf": 3.3217978179144514,
  "snr_gm": 10.14841148036497,
  "snr_total": 12.626920332130666,
  "snr_wm": 24.41055169811258,
  "snrd_csf": 24.809936753386978,
  "snrd_gm": 50.535742460999586,
  "snrd_total": 51.47767398277377,
  "snrd_wm": 79.08734273393475,
  "spacing_x": 1.0,
  "spacing_y": 1.0,
  "spacing_z": 0.9999999403953552,
  "summary_bg_k": 7.534218839075038,
  "summary_bg_mad": 8.283641815185547,
  "summary_bg_mean": 8.40657901763916,
  "summary_bg_median": 5.767035484313965,
  "summary_bg_n": 95428.0,
  "summary_bg_p05": 0.0,
  "summary_bg_p95": 17.64988660812378,
  "summary_bg_stdv": 6.610325336456299,
  "summary_csf_k": -0.35204231747631365,
  "summary_csf_mad": 97.49983215332031,
  "summary_csf_mean": 305.49945068359375,
  "summary_csf_median": 313.7005310058594,
  "summary_csf_n": 14565.0,
  "summary_csf_p05": 134.19384765625,
  "summary_csf_p95": 441.5845947265625,
  "summary_csf_stdv": 94.43373107910156,
  "summary_gm_k": 0.6585284945539338,
  "summary_gm_mad": 58.20263671875,
  "summary_gm_mean": 643.5838623046875,
  "summary_gm_median": 638.9814453125,
  "summary_gm_n": 22621.0,
  "summary_gm_p05": 548.8148193359375,
  "summary_gm_p95": 756.5217895507812,
  "summary_gm_stdv": 62.96229934692383,
  "summary_wm_k": 1.7474137754044854,
  "summary_wm_mad": 33.798744201660156,
  "summary_wm_mean": 996.4735107421875,
  "summary_wm_median": 999.9921264648438,
  "summary_wm_n": 179128.0,
  "summary_wm_p05": 922.9992218017578,
  "summary_wm_p95": 1056.5346374511719,
  "summary_wm_stdv": 40.9654541015625,
  "tpm_overlap_csf": 0.21909081935882568,
  "tpm_overlap_gm": 0.5149364471435547,
  "tpm_overlap_wm": 0.5819969773292542,
  "wm2max": 0.7379456579381402
}