{
  "aor": 0.0014121929824561406,
  "aqi": 0.0057110347807017535,
  "bids_meta": {
    "AcquisitionNumber": 7,
    "BidsifyVersion": "0.3.5",
    "ConversionSoftware": "dcm2niix",
    "ConversionSoftwareVersion": "v1.0.20181125  GCC6.3.0",
    "EchoTime": 0.02763,
    "FlipAngle": 76.1,
    "ImageComments": "PIOP2",
    "ImageOrientationPatientDICOM": [
      0.999896,
      0.011665,
      -0.00842925,
      -0.0132639,
      0.974222,
      -0.225199
    ],
    "Manufacturer": "Philips",
    "NumberOfVolumesDiscardedByScanner": 2,
    "ParallelAcquisitionTechnique": "SENSE",
    "ParallelReductionFactorInPlane": 2,
    "PatientPosition": "HFS",
    "PhaseEncodingDirection": "j",
    "PhilipsRescaleIntercept": 0,
    "PhilipsRescaleSlope": 0.7685,
    "PhilipsScaleSlope": 0.0531322,
    "ProtocolName": "WIPtask-stop_boldSENSE",
    "PulseSequenceType": "gradient echo EPI",
    "ReconMatrixPE": 80,
    "RepetitionTime": 2,
    "SeriesDescription": "ImageMRSERIES",
    "SeriesNumber": 7,
    "SliceEncodingDirection": "k",
    "TaskName": "stopsignal",
    "UsePhilipsFloatNotDisplayScaling": 1,
    "WaterFatShift": 12,
    "acq_id": "seq",
    "dataset": "unknown",
    "modality": "bold",
    "subject_id": "0028",
    "task_id": "stopsignal"
  },
  "dummy_trs": 0,
  "dvars_nstd": 23.63689800700441,
  "dvars_std": 1.3333438722466957,
  "dvars_vstd": 1.051515103436123,
  "efc": 0.4265798206887488,
  "fber": 165004784.0,
  "fd_mean": 0.1293396245683458,
  "fd_num": 31,
  "fd_perc": 13.596491228070175,
  "fwhm_avg": 2.4776241521868516,
  "fwhm_x": 2.4711466666666664,
  "fwhm_y": 2.7251166666666666,
  "fwhm_z": 2.2366091232272223,
  "gcor": 0.0201092,
  "gsr_x": 0.002408347325399518,
  "gsr_y": 0.0030634847935289145,
  "provenance": {
    "md5sum": "63296de8a0a3c5731a8833941b46134c",
    "settings": {
      "fd_thres": 0.2,
      "hmc_fsl": false
    },
    "software": "mriqc",
    "version": "0.15.0",
    "webapi_port": null,
    "webapi_url": "https://mriqc.nimh.nih.gov/api/v1"
  },
  "size_t": 228,
  "size_x": 80,
  "size_y": 80,
  "size_z": 36,
  "snr": 4.73431923935093,
  "spacing_tr": 2.0,
  "spacing_x": 3.0,
  "spacing_y": 3.0,
  "spacing_z": 3.299999952316284,
  "spikes_num": 0,
  "summary_bg_k": 51.48452718774767,
  "summary_bg_mad": 2.746638298034668,
  "summary_bg_mean": 319.0487976074219,
  "summary_bg_median": 1.871888518333435,
  "summary_bg_n": 144566.0,
  "summary_bg_p05": 0.00951027637347579,
  "summary_bg_p95": 1477.2846069335938,
  "summary_bg_stdv": 1556.266845703125,
  "summary_fg_k": 2.2306527495532453,
  "summary_fg_mad": 4535.25146484375,
  "summary_fg_mean": 26758.779296875,
  "summary_fg_median": 26871.763671875,
  "summary_fg_n": 44539.0,
  "summary_fg_p05": 17289.588671875,
  "summary_fg_p95": 35364.696484374996,
  "summary_fg_stdv": 5675.88720703125,
  "tsnr": 71.08546447753906
}