{
  "bids_meta": {
    "AcquisitionNumber": 2,
    "BidsifyVersion": "0.3.5",
    "ConversionSoftware": "dcm2niix",
    "ConversionSoftwareVersion": "v1.0.20181125  GCC6.3.0",
    "EchoTime": 0.00372,
    "ImageComments": "PIOP2",
    "ImageOrientationPatientDICOM": [
      0.999007,
      -0.0333991,
      -0.0294741,
      0.0338387,
      0.999322,
      0.0145434
    ],
    "Manufacturer": "Philips",
    "NumberSignalAcquisitions": 2,
    "PatientPosition": "HFS",
    "PhilipsRescaleIntercept": 0,
    "PhilipsRescaleSlope": 8.40073,
    "PhilipsScaleSlope": 0.00676175,
    "ProtocolName": "WIPT1anat_acq-6m_T1wSENSE",
    "ReconMatrixPE": 240,
    "RepetitionTime": 0.008124,
    "SeriesDescription": "ImageMRSERIES",
    "SeriesNumber": 2,
    "UsePhilipsFloatNotDisplayScaling": 1,
    "dataset": "unknown",
    "modality": "T1w",
    "subject_id": "0066"
  },
  "cjv": 0.26329443323124807,
  "cnr": 4.475568342769708,
  "efc": 0.7752094695844132,
  "fber": 1303.001708984375,
  "fwhm_avg": 4.420313425965315,
  "fwhm_x": 4.1392,
  "fwhm_y": 4.45942,
  "fwhm_z": 4.662320277895944,
  "icvs_csf": 0.2292768189664217,
  "icvs_gm": 0.4181528177715644,
  "icvs_wm": 0.3525703632620139,
  "inu_med": 0.5715853571891785,
  "inu_range": 0.2179846167564392,
  "provenance": {
    "md5sum": "6cdb1dae4b61abdcf2857e56074ec4d1",
    "settings": {
      "testing": false
    },
    "software": "mriqc",
    "version": "0.15.0",
    "warnings": {
      "large_rot_frame": true,
      "small_air_mask": true
    },
    "webapi_port": null,
    "webapi_url": "https://mriqc.nimh.nih.gov/api/v1"
  },
  "qi_1": 0.00021706492049997287,
  "qi_2": 0.0005137327857934415,
  "rpve_csf": 23.59906986540693,
  "rpve_gm": 13.382184703980212,
  "rpve_wm": 19.680674857176808,
  "size_x": 240,
  "size_y": 240,
  "size_z": 220,
  "snr_csf": 3.450873723785375,
  "snr_gm": 8.568903126857432,
  "snr_total": 11.844469089146912,
  "snr_wm": 23.513630416797934,
  "snrd_csf": 171.6275680758878,
  "snrd_gm": 328.44290842441956,
  "snrd_total": 342.59266106338146,
  "snrd_wm": 527.7075066898369,
  "spacing_x": 1.0,
  "spacing_y": 1.0,
  "spacing_z": 0.9999999403953552,
  "summary_bg_k": 1.3186912559709105,
  "summary_bg_mad": 0.24147450923919678,
  "summary_bg_mean": 8.002289772033691,
  "summary_bg_median": 6.857397079467773,
  "summary_bg_n": 45222.0,
  "summary_bg_p05": 0.0,
  "summary_bg_p95": 20.466123580932617,
  "summary_bg_stdv": 5.8461689949035645,
  "summary_csf_k": 0.21969455312308295,
  "summary_csf_mad": 86.38899993896484,
  "summary_csf_mean": 320.463623046875,
  "summary_csf_median": 325.2319030761719,
  "summary_csf_n": 9133.0,
  "summary_csf_p05": 137.6483184814453,
  "summary_csf_p95": 461.86376953125,
  "summary_csf_stdv": 94.2410888671875,
  "summary_gm_k": 0.5445923715818046,
  "summary_gm_mad": 65.73681640625,
  "summary_gm_mean": 630.2254028320312,
  "summary_gm_median": 622.3948364257812,
  "summary_gm_n": 20353.0,
  "summary_gm_p05": 523.5821289062501,
  "summary_gm_p95": 763.7976196289061,
  "summary_gm_stdv": 72.6323471069336,
  "summary_wm_k": 2.1598354510262654,
  "summary_wm_mad": 33.68413543701172,
  "summary_wm_mean": 996.9247436523438,
  "summary_wm_median": 999.99853515625,
  "summary_wm_n": 205583.0,
  "summary_wm_p05": 920.2955932617188,
  "summary_wm_p95": 1059.4781982421875,
  "summary_wm_stdv": 42.528358459472656,
  "tpm_overlap_csf": 0.18585331737995148,
  "tpm_overlap_gm": 0.500901997089386,
  "tpm_overlap_wm": 0.5524136424064636,
  "wm2max": 0.6865899253970076
}