{
  "aor": 0.003684222222222222,
  "aqi": 0.003713243185185186,
  "bids_meta": {
    "AcquisitionNumber": 8,
    "BidsifyVersion": "0.3.5",
    "ConversionSoftware": "dcm2niix",
    "ConversionSoftwareVersion": "v1.0.20181125  GCC6.3.0",
    "EchoTime": 0.02763,
    "EffectiveEchoSpacing": 0.0006909035636805814,
    "FlipAngle": 76.1,
    "ImageComments": "PIOP2",
    "ImageOrientationPatientDICOM": [
      0.998722,
      0.0500685,
      0.00690058,
      -0.0493698,
      0.99566,
      -0.078896
    ],
    "Manufacturer": "Philips",
    "NumberOfVolumesDiscardedByScanner": 2,
    "ParallelAcquisitionTechnique": "SENSE",
    "ParallelReductionFactorInPlane": 2,
    "PatientPosition": "HFS",
    "PhaseEncodingDirection": "j",
    "PhilipsRescaleIntercept": 0,
    "PhilipsRescaleSlope": 0.79878,
    "PhilipsScaleSlope": 0.0622836,
    "ProtocolName": "WIPtask-harriri_boldSENSE",
    "PulseSequenceType": "gradient echo EPI",
    "ReconMatrixPE": 80,
    "RepetitionTime": 2,
    "SeriesDescription": "ImageMRSERIES",
    "SeriesNumber": 8,
    "SliceEncodingDirection": "k",
    "SliceTiming": [
      0.0,
      0.0556,
      0.1111,
      0.1667,
      0.2222,
      0.2778,
      0.3333,
      0.3889,
      0.4444,
      0.5,
      0.5556,
      0.6111,
      0.6667,
      0.7222,
      0.7778,
      0.8333,
      0.8889,
      0.9444,
      1.0,
      1.0556,
      1.1111,
      1.1667,
      1.2222,
      1.2778,
      1.3333,
      1.3889,
      1.4444,
      1.5,
      1.5556,
      1.6111,
      1.6667,
      1.7222,
      1.7778,
      1.8333,
      1.8889,
      1.9444
    ],
    "TaskName": "emomatching",
    "TotalReadoutTime": 0.026945238983542674,
    "UsePhilipsFloatNotDisplayScaling": 1,
    "WaterFatShift": 12,
    "acq_id": "seq",
    "dataset": "unknown",
    "modality": "bold",
    "subject_id": "0110",
    "task_id": "emomatching"
  },
  "dummy_trs": 0,
  "dvars_nstd": 19.222964435820902,
  "dvars_std": 1.3610132218656719,
  "dvars_vstd": 1.089247114626865,
  "efc": 0.40446192490561483,
  "fber": 2050685824.0,
  "fd_mean": 0.08494044756635535,
  "fd_num": 2,
  "fd_perc": 1.4814814814814814,
  "fwhm_avg": 2.5230918292796596,
  "fwhm_x": 2.4181666666666666,
  "fwhm_y": 2.846996666666667,
  "fwhm_z": 2.304112154505645,
  "gcor": 0.075936,
  "gsr_x": -0.0036394039634615183,
  "gsr_y": 0.002526982221752405,
  "provenance": {
    "md5sum": "6af79bef8e94ea0e983546f3a024cb11",
    "settings": {
      "fd_thres": 0.2,
      "hmc_fsl": false
    },
    "software": "mriqc",
    "version": "0.15.0",
    "webapi_port": null,
    "webapi_url": "https://mriqc.nimh.nih.gov/api/v1"
  },
  "size_t": 135,
  "size_x": 80,
  "size_y": 80,
  "size_z": 36,
  "snr": 4.922814387819952,
  "spacing_tr": 2.0,
  "spacing_x": 3.0,
  "spacing_y": 3.0,
  "spacing_z": 3.299999952316284,
  "spikes_num": 1,
  "summary_bg_k": 73.84291051903499,
  "summary_bg_mad": 0.677401065826416,
  "summary_bg_mean": 212.72128295898438,
  "summary_bg_median": 0.45971977710723877,
  "summary_bg_n": 149768.0,
  "summary_bg_p05": 0.0012490115594118835,
  "summary_bg_p95": 954.4582885742136,
  "summary_bg_stdv": 1169.098876953125,
  "summary_fg_k": 2.5731784751678983,
  "summary_fg_mad": 4046.583251953125,
  "summary_fg_mean": 23580.51953125,
  "summary_fg_median": 23535.724609375,
  "summary_fg_n": 40599.0,
  "summary_fg_p05": 16225.7390625,
  "summary_fg_p95": 30743.858007812498,
  "summary_fg_stdv": 4780.89013671875,
  "tsnr": 88.9441146850586
}