{
    "Manufacturer": "Philips",
    "PatientPosition": "HFS",
    "SeriesDescription": "ImageMRSERIES",
    "ProtocolName": "WIPtask-harriri_boldSENSE",
    "SeriesNumber": 8,
    "AcquisitionNumber": 8,
    "ImageComments": "PIOP2",
    "PhilipsRescaleSlope": 0.80147,
    "PhilipsRescaleIntercept": 0,
    "PhilipsScaleSlope": 0.0500703,
    "UsePhilipsFloatNotDisplayScaling": 1,
    "EchoTime": 0.02763,
    "RepetitionTime": 2,
    "ReconMatrixPE": 80,
    "ImageOrientationPatientDICOM": [
        0.999806,
        0.0090346,
        -0.0175303,
        -0.011692,
        0.987376,
        -0.157964
    ],
    "ConversionSoftware": "dcm2niix",
    "ConversionSoftwareVersion": "v1.0.20181125  GCC6.3.0",
    "BidsifyVersion": "0.3.5",
    "SliceEncodingDirection": "k",
    "PhaseEncodingDirection": "j",
    "PulseSequenceType": "gradient echo EPI",
    "ParallelAcquisitionTechnique": "SENSE",
    "ParallelReductionFactorInPlane": 2,
    "FlipAngle": 76.1,
    "WaterFatShift": 12,
    "NumberOfVolumesDiscardedByScanner": 2,
    "TaskName": "emomatching"
}