{
  "aor": 0.0005765333333333333,
  "aqi": 0.0021360874666666667,
  "bids_meta": {
    "AcquisitionNumber": 7,
    "BidsifyVersion": "0.3.5",
    "ConversionSoftware": "dcm2niix",
    "ConversionSoftwareVersion": "v1.0.20181125  GCC6.3.0",
    "EchoTime": 0.02763,
    "EffectiveEchoSpacing": 0.0006909035636805814,
    "FlipAngle": 76.1,
    "ImageComments": "PIOP2",
    "ImageOrientationPatientDICOM": [
      0.998868,
      0.0405855,
      -0.0248051,
      -0.0392456,
      0.99786,
      0.0523043
    ],
    "Manufacturer": "Philips",
    "NumberOfVolumesDiscardedByScanner": 2,
    "ParallelAcquisitionTechnique": "SENSE",
    "ParallelReductionFactorInPlane": 2,
    "PatientPosition": "HFS",
    "PhaseEncodingDirection": "j",
    "PhilipsRescaleIntercept": 0,
    "PhilipsRescaleSlope": 0.81978,
    "PhilipsScaleSlope": 0.0566809,
    "ProtocolName": "WIPtask-stop_boldSENSE",
    "PulseSequenceType": "gradient echo EPI",
    "ReconMatrixPE": 80,
    "RepetitionTime": 2,
    "SeriesDescription": "ImageMRSERIES",
    "SeriesNumber": 7,
    "SliceEncodingDirection": "k",
    "SliceTiming": [
      0.0,
      0.0556,
      0.1111,
      0.1667,
      0.2222,
      0.2778,
      0.3333,
      0.3889,
      0.4444,
      0.5,
      0.5556,
      0.6111,
      0.6667,
      0.7222,
      0.7778,
      0.8333,
      0.8889,
      0.9444,
      1.0,
      1.0556,
      1.1111,
      1.1667,
      1.2222,
      1.2778,
      1.3333,
      1.3889,
      1.4444,
      1.5,
      1.5556,
      1.6111,
      1.6667,
      1.7222,
      1.7778,
      1.8333,
      1.8889,
      1.9444
    ],
    "TaskName": "stopsignal",
    "TotalReadoutTime": 0.026945238983542674,
    "UsePhilipsFloatNotDisplayScaling": 1,
    "WaterFatShift": 12,
    "acq_id": "seq",
    "dataset": "unknown",
    "modality": "bold",
    "subject_id": "0014",
    "task_id": "stopsignal"
  },
  "dummy_trs": 0,
  "dvars_nstd": 16.420408444732143,
  "dvars_std": 1.1955312733482153,
  "dvars_vstd": 0.9988123044196431,
  "efc": 0.3960756437933573,
  "fber": 2645005824.0,
  "fd_mean": 0.10163100782019525,
  "fd_num": 4,
  "fd_perc": 1.7777777777777777,
  "fwhm_avg": 2.597029809353598,
  "fwhm_x": 2.52922,
  "fwhm_y": 2.900463333333333,
  "fwhm_z": 2.3614060947274598,
  "gcor": 0.0241413,
  "gsr_x": 0.0009107927908189595,
  "gsr_y": -0.0020721950568258762,
  "provenance": {
    "md5sum": "c98222604e175f11cbefc185c6fc69b0",
    "settings": {
      "fd_thres": 0.2,
      "hmc_fsl": false
    },
    "software": "mriqc",
    "version": "0.15.0",
    "webapi_port": null,
    "webapi_url": "https://mriqc.nimh.nih.gov/api/v1"
  },
  "size_t": 225,
  "size_x": 80,
  "size_y": 80,
  "size_z": 36,
  "snr": 4.775467947075167,
  "spacing_tr": 2.0,
  "spacing_x": 3.0,
  "spacing_y": 3.0,
  "spacing_z": 3.299999952316284,
  "spikes_num": 0,
  "summary_bg_k": 91.71728698910329,
  "summary_bg_mad": 0.6581827998161316,
  "summary_bg_mean": 217.7667999267578,
  "summary_bg_median": 0.446807861328125,
  "summary_bg_n": 151246.0,
  "summary_bg_p05": 0.0009297350479755551,
  "summary_bg_p95": 814.4055786132812,
  "summary_bg_stdv": 1229.301025390625,
  "summary_fg_k": 2.300505736028038,
  "summary_fg_mad": 4372.2158203125,
  "summary_fg_mean": 25061.77734375,
  "summary_fg_median": 25093.759765625,
  "summary_fg_n": 39258.0,
  "summary_fg_p05": 16684.456933593752,
  "summary_fg_p95": 33089.91992187501,
  "summary_fg_stdv": 5254.65576171875,
  "tsnr": 106.13362121582031
}