{
  "aor": 0.0010924375,
  "aqi": 0.0023399965625,
  "bids_meta": {
    "AcquisitionNumber": 3,
    "BidsifyVersion": "0.3.5",
    "ConversionSoftware": "dcm2niix",
    "ConversionSoftwareVersion": "v1.0.20181125  GCC6.3.0",
    "EchoTime": 0.02763,
    "EffectiveEchoSpacing": 0.0006909035636805814,
    "FlipAngle": 76.1,
    "ImageComments": "PIOP2",
    "ImageOrientationPatientDICOM": [
      0.998868,
      0.0405855,
      -0.0248051,
      -0.0392456,
      0.99786,
      0.0523043
    ],
    "Manufacturer": "Philips",
    "NumberOfVolumesDiscardedByScanner": 2,
    "ParallelAcquisitionTechnique": "SENSE",
    "ParallelReductionFactorInPlane": 2,
    "PatientPosition": "HFS",
    "PhaseEncodingDirection": "j",
    "PhilipsRescaleIntercept": 0,
    "PhilipsRescaleSlope": 0.79878,
    "PhilipsScaleSlope": 0.0564106,
    "ProtocolName": "WIPtask-wm_boldSENSE",
    "PulseSequenceType": "gradient echo EPI",
    "ReconMatrixPE": 80,
    "RepetitionTime": 2,
    "SeriesDescription": "ImageMRSERIES",
    "SeriesNumber": 3,
    "SliceEncodingDirection": "k",
    "SliceTiming": [
      0.0,
      0.0556,
      0.1111,
      0.1667,
      0.2222,
      0.2778,
      0.3333,
      0.3889,
      0.4444,
      0.5,
      0.5556,
      0.6111,
      0.6667,
      0.7222,
      0.7778,
      0.8333,
      0.8889,
      0.9444,
      1.0,
      1.0556,
      1.1111,
      1.1667,
      1.2222,
      1.2778,
      1.3333,
      1.3889,
      1.4444,
      1.5,
      1.5556,
      1.6111,
      1.6667,
      1.7222,
      1.7778,
      1.8333,
      1.8889,
      1.9444
    ],
    "TaskName": "workingmemory",
    "TotalReadoutTime": 0.026945238983542674,
    "UsePhilipsFloatNotDisplayScaling": 1,
    "WaterFatShift": 12,
    "acq_id": "seq",
    "dataset": "unknown",
    "modality": "bold",
    "subject_id": "0014",
    "task_id": "workingmemory"
  },
  "dummy_trs": 0,
  "dvars_nstd": 17.87660574144654,
  "dvars_std": 1.2561967032075472,
  "dvars_vstd": 0.997969484465409,
  "efc": 0.3958754486629686,
  "fber": 2609999616.0,
  "fd_mean": 0.08405287616671359,
  "fd_num": 1,
  "fd_perc": 0.625,
  "fwhm_avg": 2.5965442537535695,
  "fwhm_x": 2.5301233333333335,
  "fwhm_y": 2.9073366666666662,
  "fwhm_z": 2.3521727612607086,
  "gcor": 0.0248063,
  "gsr_x": 0.0016006547957658768,
  "gsr_y": -0.0031660886015743017,
  "provenance": {
    "md5sum": "0f8cae480ceac51e8e242a9ea44afa4b",
    "settings": {
      "fd_thres": 0.2,
      "hmc_fsl": false
    },
    "software": "mriqc",
    "version": "0.15.0",
    "webapi_port": null,
    "webapi_url": "https://mriqc.nimh.nih.gov/api/v1"
  },
  "size_t": 160,
  "size_x": 80,
  "size_y": 80,
  "size_z": 36,
  "snr": 4.722514316512986,
  "spacing_tr": 2.0,
  "spacing_x": 3.0,
  "spacing_y": 3.0,
  "spacing_z": 3.299999952316284,
  "spikes_num": 0,
  "summary_bg_k": 91.34356163180692,
  "summary_bg_mad": 0.6268656849861145,
  "summary_bg_mean": 225.44512939453125,
  "summary_bg_median": 0.42661014199256897,
  "summary_bg_n": 151289.0,
  "summary_bg_p05": 0.002862908318638802,
  "summary_bg_p95": 836.668884277344,
  "summary_bg_stdv": 1306.232666015625,
  "summary_fg_k": 2.250784510076211,
  "summary_fg_mad": 4411.6884765625,
  "summary_fg_mean": 24939.130859375,
  "summary_fg_median": 24962.138671875,
  "summary_fg_n": 39192.0,
  "summary_fg_p05": 16386.32685546875,
  "summary_fg_p95": 32992.770703125,
  "summary_fg_stdv": 5285.70556640625,
  "tsnr": 99.28980255126953
}