{
  "aor": 0.0010570625,
  "aqi": 0.0024819646875,
  "bids_meta": {
    "AcquisitionNumber": 3,
    "BidsifyVersion": "0.3.5",
    "ConversionSoftware": "dcm2niix",
    "ConversionSoftwareVersion": "v1.0.20181125  GCC6.3.0",
    "EchoTime": 0.02763,
    "FlipAngle": 76.1,
    "ImageComments": "PIOP2",
    "ImageOrientationPatientDICOM": [
      0.999278,
      0.0378285,
      -0.00339429,
      -0.0378644,
      0.99922,
      -0.0112239
    ],
    "Manufacturer": "Philips",
    "NumberOfVolumesDiscardedByScanner": 2,
    "ParallelAcquisitionTechnique": "SENSE",
    "ParallelReductionFactorInPlane": 2,
    "PatientPosition": "HFS",
    "PhaseEncodingDirection": "j",
    "PhilipsRescaleIntercept": 0,
    "PhilipsRescaleSlope": 0.78144,
    "PhilipsScaleSlope": 0.0506477,
    "ProtocolName": "WIPtask-wm_boldSENSE",
    "PulseSequenceType": "gradient echo EPI",
    "ReconMatrixPE": 80,
    "RepetitionTime": 2,
    "SeriesDescription": "ImageMRSERIES",
    "SeriesNumber": 3,
    "SliceEncodingDirection": "k",
    "TaskName": "workingmemory",
    "UsePhilipsFloatNotDisplayScaling": 1,
    "WaterFatShift": 12,
    "acq_id": "seq",
    "dataset": "unknown",
    "modality": "bold",
    "subject_id": "0143",
    "task_id": "workingmemory"
  },
  "dummy_trs": 0,
  "dvars_nstd": 17.306142206918242,
  "dvars_std": 1.241046420628931,
  "dvars_vstd": 0.9992791705660383,
  "efc": 0.3961685326861611,
  "fber": 5458851840.0,
  "fd_mean": 0.07828685922844925,
  "fd_num": 0,
  "fd_perc": 0.0,
  "fwhm_avg": 2.5761819304308706,
  "fwhm_x": 2.5311866666666667,
  "fwhm_y": 2.8639500000000004,
  "fwhm_z": 2.3334091246259447,
  "gcor": 0.0449085,
  "gsr_x": -0.0014848829014226794,
  "gsr_y": 0.00184248061850667,
  "provenance": {
    "md5sum": "c9293c76d4dde891a70d616bcc17b211",
    "settings": {
      "fd_thres": 0.2,
      "hmc_fsl": false
    },
    "software": "mriqc",
    "version": "0.15.0",
    "webapi_port": null,
    "webapi_url": "https://mriqc.nimh.nih.gov/api/v1"
  },
  "size_t": 160,
  "size_x": 80,
  "size_y": 80,
  "size_z": 36,
  "snr": 4.881915232069325,
  "spacing_tr": 2.0,
  "spacing_x": 3.0,
  "spacing_y": 3.0,
  "spacing_z": 3.299999952316284,
  "spikes_num": 1,
  "summary_bg_k": 207.7728854523896,
  "summary_bg_mad": 0.4950864911079407,
  "summary_bg_mean": 171.74888610839844,
  "summary_bg_median": 0.33393076062202454,
  "summary_bg_n": 150461.0,
  "summary_bg_p05": 0.0,
  "summary_bg_p95": 702.8602905273438,
  "summary_bg_stdv": 1082.8450927734375,
  "summary_fg_k": 2.713334801845156,
  "summary_fg_mad": 4599.125,
  "summary_fg_mean": 27765.001953125,
  "summary_fg_median": 27813.666015625,
  "summary_fg_n": 39637.0,
  "summary_fg_p05": 18682.95859375,
  "summary_fg_p95": 36221.03203125,
  "summary_fg_stdv": 5697.2138671875,
  "tsnr": 105.31822204589844
}