{
  "aor": 0.003136962962962963,
  "aqi": 0.0030518405925925923,
  "bids_meta": {
    "AcquisitionNumber": 8,
    "BidsifyVersion": "0.3.5",
    "ConversionSoftware": "dcm2niix",
    "ConversionSoftwareVersion": "v1.0.20181125  GCC6.3.0",
    "EchoTime": 0.02763,
    "FlipAngle": 76.1,
    "ImageComments": "PIOP2",
    "ImageOrientationPatientDICOM": [
      0.999278,
      0.0378285,
      -0.00339429,
      -0.0378644,
      0.99922,
      -0.0112239
    ],
    "Manufacturer": "Philips",
    "NumberOfVolumesDiscardedByScanner": 2,
    "ParallelAcquisitionTechnique": "SENSE",
    "ParallelReductionFactorInPlane": 2,
    "PatientPosition": "HFS",
    "PhaseEncodingDirection": "j",
    "PhilipsRescaleIntercept": 0,
    "PhilipsRescaleSlope": 0.80415,
    "PhilipsScaleSlope": 0.0499069,
    "ProtocolName": "WIPtask-harriri_boldSENSE",
    "PulseSequenceType": "gradient echo EPI",
    "ReconMatrixPE": 80,
    "RepetitionTime": 2,
    "SeriesDescription": "ImageMRSERIES",
    "SeriesNumber": 8,
    "SliceEncodingDirection": "k",
    "TaskName": "emomatching",
    "UsePhilipsFloatNotDisplayScaling": 1,
    "WaterFatShift": 12,
    "acq_id": "seq",
    "dataset": "unknown",
    "modality": "bold",
    "subject_id": "0143",
    "task_id": "emomatching"
  },
  "dummy_trs": 0,
  "dvars_nstd": 16.81606939664179,
  "dvars_std": 1.2234152108208958,
  "dvars_vstd": 1.0223050426865674,
  "efc": 0.3971297576589224,
  "fber": 2319585024.0,
  "fd_mean": 0.09879176062314532,
  "fd_num": 6,
  "fd_perc": 4.444444444444445,
  "fwhm_avg": 2.5772816274372174,
  "fwhm_x": 2.5282,
  "fwhm_y": 2.862626666666667,
  "fwhm_z": 2.341018215644984,
  "gcor": 0.0498653,
  "gsr_x": -0.0017214836552739143,
  "gsr_y": 0.0017733252607285976,
  "provenance": {
    "md5sum": "9178910e2a62a5cf5cc20880f903ca69",
    "settings": {
      "fd_thres": 0.2,
      "hmc_fsl": false
    },
    "software": "mriqc",
    "version": "0.15.0",
    "webapi_port": null,
    "webapi_url": "https://mriqc.nimh.nih.gov/api/v1"
  },
  "size_t": 135,
  "size_x": 80,
  "size_y": 80,
  "size_z": 36,
  "snr": 4.9227098283563855,
  "spacing_tr": 2.0,
  "spacing_x": 3.0,
  "spacing_y": 3.0,
  "spacing_z": 3.299999952316284,
  "spikes_num": 0,
  "summary_bg_k": 189.13887347584398,
  "summary_bg_mad": 0.7564839720726013,
  "summary_bg_mean": 178.3738555908203,
  "summary_bg_median": 0.5141808986663818,
  "summary_bg_n": 150385.0,
  "summary_bg_p05": 0.0011652725515887146,
  "summary_bg_p95": 694.0082031249871,
  "summary_bg_stdv": 1107.51123046875,
  "summary_fg_k": 2.460069389735514,
  "summary_fg_mad": 4580.13037109375,
  "summary_fg_mean": 27659.107421875,
  "summary_fg_median": 27653.810546875,
  "summary_fg_n": 39656.0,
  "summary_fg_p05": 18742.3798828125,
  "summary_fg_p95": 36251.107421875,
  "summary_fg_stdv": 5617.5283203125,
  "tsnr": 91.5153579711914
}