{
  "aor": 0.001143875,
  "aqi": 0.004182551416666667,
  "bids_meta": {
    "AcquisitionNumber": 4,
    "BidsifyVersion": "0.3.5",
    "ConversionSoftware": "dcm2niix",
    "ConversionSoftwareVersion": "v1.0.20181125  GCC6.3.0",
    "EchoTime": 0.02763,
    "FlipAngle": 76.1,
    "ImageComments": "PIOP2",
    "ImageOrientationPatientDICOM": [
      0.999278,
      0.0378285,
      -0.00339429,
      -0.0378644,
      0.99922,
      -0.0112239
    ],
    "Manufacturer": "Philips",
    "NumberOfVolumesDiscardedByScanner": 2,
    "ParallelAcquisitionTechnique": "SENSE",
    "ParallelReductionFactorInPlane": 2,
    "PatientPosition": "HFS",
    "PhaseEncodingDirection": "j",
    "PhilipsRescaleIntercept": 0,
    "PhilipsRescaleSlope": 0.78877,
    "PhilipsScaleSlope": 0.0495744,
    "ProtocolName": "WIPtask-rest_boldSENSE",
    "PulseSequenceType": "gradient echo EPI",
    "ReconMatrixPE": 80,
    "RepetitionTime": 2,
    "SeriesDescription": "ImageMRSERIES",
    "SeriesNumber": 4,
    "SliceEncodingDirection": "k",
    "TaskName": "restingstate",
    "UsePhilipsFloatNotDisplayScaling": 1,
    "WaterFatShift": 12,
    "acq_id": "seq",
    "dataset": "unknown",
    "modality": "bold",
    "subject_id": "0143",
    "task_id": "restingstate"
  },
  "dummy_trs": 0,
  "dvars_nstd": 18.244156498368216,
  "dvars_std": 1.226038863891213,
  "dvars_vstd": 0.9841151427196653,
  "efc": 0.39636246656967344,
  "fber": 2449740032.0,
  "fd_mean": 0.1077983629796185,
  "fd_num": 14,
  "fd_perc": 5.833333333333333,
  "fwhm_avg": 2.567249809212473,
  "fwhm_x": 2.5202733333333334,
  "fwhm_y": 2.84937,
  "fwhm_z": 2.332106094304086,
  "gcor": 0.0619881,
  "gsr_x": -0.001720879226922989,
  "gsr_y": 0.0016508770640939474,
  "provenance": {
    "md5sum": "bfcd8510dd033fb76cde5b5b8e6440ed",
    "settings": {
      "fd_thres": 0.2,
      "hmc_fsl": false
    },
    "software": "mriqc",
    "version": "0.15.0",
    "webapi_port": null,
    "webapi_url": "https://mriqc.nimh.nih.gov/api/v1"
  },
  "size_t": 240,
  "size_x": 80,
  "size_y": 80,
  "size_z": 36,
  "snr": 4.902468635699861,
  "spacing_tr": 2.0,
  "spacing_x": 3.0,
  "spacing_y": 3.0,
  "spacing_z": 3.299999952316284,
  "spikes_num": 2,
  "summary_bg_k": 193.36698559823859,
  "summary_bg_mad": 0.740007758140564,
  "summary_bg_mean": 183.50820922851562,
  "summary_bg_median": 0.49912765622138977,
  "summary_bg_n": 150639.0,
  "summary_bg_p05": 0.0,
  "summary_bg_p95": 743.8099365234375,
  "summary_bg_stdv": 1137.790283203125,
  "summary_fg_k": 2.6620657265687484,
  "summary_fg_mad": 4638.9853515625,
  "summary_fg_mean": 27989.314453125,
  "summary_fg_median": 28021.1015625,
  "summary_fg_n": 39460.0,
  "summary_fg_p05": 18930.14375,
  "summary_fg_p95": 36538.85546874999,
  "summary_fg_stdv": 5715.64013671875,
  "tsnr": 81.84445190429688
}