{
  "aor": 0.0012645925925925925,
  "aqi": 0.0024826091111111105,
  "bids_meta": {
    "AcquisitionNumber": 8,
    "BidsifyVersion": "0.3.5",
    "ConversionSoftware": "dcm2niix",
    "ConversionSoftwareVersion": "v1.0.20181125  GCC6.3.0",
    "EchoTime": 0.02763,
    "FlipAngle": 76.1,
    "ImageComments": "PIOP2",
    "ImageOrientationPatientDICOM": [
      0.998484,
      0.0513092,
      -0.0199418,
      -0.0532021,
      0.992483,
      -0.110217
    ],
    "Manufacturer": "Philips",
    "NumberOfVolumesDiscardedByScanner": 2,
    "ParallelAcquisitionTechnique": "SENSE",
    "ParallelReductionFactorInPlane": 2,
    "PatientPosition": "HFS",
    "PhaseEncodingDirection": "j",
    "PhilipsRescaleIntercept": 0,
    "PhilipsRescaleSlope": 0.75702,
    "PhilipsScaleSlope": 0.0551366,
    "ProtocolName": "WIPtask-harriri_boldSENSE",
    "PulseSequenceType": "gradient echo EPI",
    "ReconMatrixPE": 80,
    "RepetitionTime": 2,
    "SeriesDescription": "ImageMRSERIES",
    "SeriesNumber": 8,
    "SliceEncodingDirection": "k",
    "TaskName": "emomatching",
    "UsePhilipsFloatNotDisplayScaling": 1,
    "WaterFatShift": 12,
    "acq_id": "seq",
    "dataset": "unknown",
    "modality": "bold",
    "subject_id": "0206",
    "task_id": "emomatching"
  },
  "dummy_trs": 0,
  "dvars_nstd": 19.535594413134326,
  "dvars_std": 1.2750780936567159,
  "dvars_vstd": 1.0108924729850748,
  "efc": 0.4112035577100743,
  "fber": 2639436544.0,
  "fd_mean": 0.15136418922272532,
  "fd_num": 17,
  "fd_perc": 12.592592592592593,
  "fwhm_avg": 2.582692839642865,
  "fwhm_x": 2.48844,
  "fwhm_y": 2.90109,
  "fwhm_z": 2.3585485189285933,
  "gcor": 0.035536,
  "gsr_x": -0.005488556809723377,
  "gsr_y": 0.00489795720204711,
  "provenance": {
    "md5sum": "1aeaae43f3a8a8d6566738e9be30cd07",
    "settings": {
      "fd_thres": 0.2,
      "hmc_fsl": false
    },
    "software": "mriqc",
    "version": "0.15.0",
    "webapi_port": null,
    "webapi_url": "https://mriqc.nimh.nih.gov/api/v1"
  },
  "size_t": 135,
  "size_x": 80,
  "size_y": 80,
  "size_z": 36,
  "snr": 4.760816798696441,
  "spacing_tr": 2.0,
  "spacing_x": 3.0,
  "spacing_y": 3.0,
  "spacing_z": 3.299999952316284,
  "spikes_num": 0,
  "summary_bg_k": 69.18103734710755,
  "summary_bg_mad": 0.6488851308822632,
  "summary_bg_mean": 237.02554321289062,
  "summary_bg_median": 0.4417264461517334,
  "summary_bg_n": 148184.0,
  "summary_bg_p05": 0.0012577783374581486,
  "summary_bg_p95": 1167.179052734377,
  "summary_bg_stdv": 1284.4246826171875,
  "summary_fg_k": 1.9836304610323694,
  "summary_fg_mad": 4459.3837890625,
  "summary_fg_mean": 24511.564453125,
  "summary_fg_median": 24346.0390625,
  "summary_fg_n": 41792.0,
  "summary_fg_p05": 16869.420703125,
  "summary_fg_p95": 32721.378124999996,
  "summary_fg_stdv": 5113.775390625,
  "tsnr": 98.7781753540039
}