{
  "aor": 0.0006140833333333333,
  "aqi": 0.0025857835833333334,
  "bids_meta": {
    "AcquisitionNumber": 4,
    "BidsifyVersion": "0.3.5",
    "ConversionSoftware": "dcm2niix",
    "ConversionSoftwareVersion": "v1.0.20181125  GCC6.3.0",
    "EchoTime": 0.02763,
    "EffectiveEchoSpacing": 0.0006909035636805814,
    "FlipAngle": 76.1,
    "ImageComments": "PIOP2",
    "ImageOrientationPatientDICOM": [
      0.999968,
      0.007256,
      0.00324449,
      -0.00785389,
      0.96476,
      0.263014
    ],
    "Manufacturer": "Philips",
    "NumberOfVolumesDiscardedByScanner": 2,
    "ParallelAcquisitionTechnique": "SENSE",
    "ParallelReductionFactorInPlane": 2,
    "PatientPosition": "HFS",
    "PhaseEncodingDirection": "j",
    "PhilipsRescaleIntercept": 0,
    "PhilipsRescaleSlope": 0.76777,
    "PhilipsScaleSlope": 0.0518176,
    "ProtocolName": "WIPtask-rest_boldSENSE",
    "PulseSequenceType": "gradient echo EPI",
    "ReconMatrixPE": 80,
    "RepetitionTime": 2,
    "SeriesDescription": "ImageMRSERIES",
    "SeriesNumber": 4,
    "SliceEncodingDirection": "k",
    "SliceTiming": [
      0.0,
      0.0556,
      0.1111,
      0.1667,
      0.2222,
      0.2778,
      0.3333,
      0.3889,
      0.4444,
      0.5,
      0.5556,
      0.6111,
      0.6667,
      0.7222,
      0.7778,
      0.8333,
      0.8889,
      0.9444,
      1.0,
      1.0556,
      1.1111,
      1.1667,
      1.2222,
      1.2778,
      1.3333,
      1.3889,
      1.4444,
      1.5,
      1.5556,
      1.6111,
      1.6667,
      1.7222,
      1.7778,
      1.8333,
      1.8889,
      1.9444
    ],
    "TaskName": "restingstate",
    "TotalReadoutTime": 0.026945238983542674,
    "UsePhilipsFloatNotDisplayScaling": 1,
    "WaterFatShift": 12,
    "acq_id": "seq",
    "dataset": "unknown",
    "modality": "bold",
    "subject_id": "0020",
    "task_id": "restingstate"
  },
  "dummy_trs": 0,
  "dvars_nstd": 20.345822880711296,
  "dvars_std": 1.328639280878662,
  "dvars_vstd": 0.9933943060669462,
  "efc": 0.4006173133614652,
  "fber": 2743210752.0,
  "fd_mean": 0.09650854332443111,
  "fd_num": 8,
  "fd_perc": 3.3333333333333335,
  "fwhm_avg": 2.643919506576688,
  "fwhm_x": 2.5175966666666665,
  "fwhm_y": 3.0001466666666663,
  "fwhm_z": 2.4140151863967314,
  "gcor": 0.028719,
  "gsr_x": -0.0072828130796551704,
  "gsr_y": 0.004074425902217627,
  "provenance": {
    "md5sum": "19eb2b85d9a3890061b478c59dd24bae",
    "settings": {
      "fd_thres": 0.2,
      "hmc_fsl": false
    },
    "software": "mriqc",
    "version": "0.15.0",
    "webapi_port": null,
    "webapi_url": "https://mriqc.nimh.nih.gov/api/v1"
  },
  "size_t": 240,
  "size_x": 80,
  "size_y": 80,
  "size_z": 36,
  "snr": 4.888314066743126,
  "spacing_tr": 2.0,
  "spacing_x": 3.0,
  "spacing_y": 3.0,
  "spacing_z": 3.299999952316284,
  "spikes_num": 1,
  "summary_bg_k": 153.4813283492282,
  "summary_bg_mad": 0.6725286245346069,
  "summary_bg_mean": 130.73606872558594,
  "summary_bg_median": 0.45717135071754456,
  "summary_bg_n": 149185.0,
  "summary_bg_p05": 0.0014007652644068003,
  "summary_bg_p95": 638.943127441405,
  "summary_bg_stdv": 800.8434448242188,
  "summary_fg_k": 2.404944077717544,
  "summary_fg_mad": 4588.50634765625,
  "summary_fg_mean": 27050.376953125,
  "summary_fg_median": 26773.236328125,
  "summary_fg_n": 41257.0,
  "summary_fg_p05": 18983.63984375,
  "summary_fg_p95": 35898.104687499996,
  "summary_fg_stdv": 5476.92138671875,
  "tsnr": 100.47400665283203
}