{
  "aor": 0.0009582500000000001,
  "aqi": 0.0026543499999999998,
  "bids_meta": {
    "AcquisitionNumber": 3,
    "BidsifyVersion": "0.3.5",
    "ConversionSoftware": "dcm2niix",
    "ConversionSoftwareVersion": "v1.0.20181125  GCC6.3.0",
    "EchoTime": 0.02763,
    "EffectiveEchoSpacing": 0.0006909035636805814,
    "FlipAngle": 76.1,
    "ImageComments": "PIOP2",
    "ImageOrientationPatientDICOM": [
      0.999968,
      0.007256,
      0.00324449,
      -0.00785389,
      0.96476,
      0.263014
    ],
    "Manufacturer": "Philips",
    "NumberOfVolumesDiscardedByScanner": 2,
    "ParallelAcquisitionTechnique": "SENSE",
    "ParallelReductionFactorInPlane": 2,
    "PatientPosition": "HFS",
    "PhaseEncodingDirection": "j",
    "PhilipsRescaleIntercept": 0,
    "PhilipsRescaleSlope": 0.79634,
    "PhilipsScaleSlope": 0.0498579,
    "ProtocolName": "WIPtask-wm_boldSENSE",
    "PulseSequenceType": "gradient echo EPI",
    "ReconMatrixPE": 80,
    "RepetitionTime": 2,
    "SeriesDescription": "ImageMRSERIES",
    "SeriesNumber": 3,
    "SliceEncodingDirection": "k",
    "SliceTiming": [
      0.0,
      0.0556,
      0.1111,
      0.1667,
      0.2222,
      0.2778,
      0.3333,
      0.3889,
      0.4444,
      0.5,
      0.5556,
      0.6111,
      0.6667,
      0.7222,
      0.7778,
      0.8333,
      0.8889,
      0.9444,
      1.0,
      1.0556,
      1.1111,
      1.1667,
      1.2222,
      1.2778,
      1.3333,
      1.3889,
      1.4444,
      1.5,
      1.5556,
      1.6111,
      1.6667,
      1.7222,
      1.7778,
      1.8333,
      1.8889,
      1.9444
    ],
    "TaskName": "workingmemory",
    "TotalReadoutTime": 0.026945238983542674,
    "UsePhilipsFloatNotDisplayScaling": 1,
    "WaterFatShift": 12,
    "acq_id": "seq",
    "dataset": "unknown",
    "modality": "bold",
    "subject_id": "0020",
    "task_id": "workingmemory"
  },
  "dummy_trs": 0,
  "dvars_nstd": 20.947641180691818,
  "dvars_std": 1.3404091640880498,
  "dvars_vstd": 1.03742635163522,
  "efc": 0.400414275954534,
  "fber": 5155540992.0,
  "fd_mean": 0.08827695270760766,
  "fd_num": 1,
  "fd_perc": 0.625,
  "fwhm_avg": 2.6546299106968276,
  "fwhm_x": 2.52122,
  "fwhm_y": 3.0121,
  "fwhm_z": 2.4305697320904835,
  "gcor": 0.045451,
  "gsr_x": -0.007411955390125513,
  "gsr_y": 0.00453581940382719,
  "provenance": {
    "md5sum": "14acfc45b8a2e344630c40944c5ef2d9",
    "settings": {
      "fd_thres": 0.2,
      "hmc_fsl": false
    },
    "software": "mriqc",
    "version": "0.15.0",
    "webapi_port": null,
    "webapi_url": "https://mriqc.nimh.nih.gov/api/v1"
  },
  "size_t": 160,
  "size_x": 80,
  "size_y": 80,
  "size_z": 36,
  "snr": 4.862005881770807,
  "spacing_tr": 2.0,
  "spacing_x": 3.0,
  "spacing_y": 3.0,
  "spacing_z": 3.299999952316284,
  "spikes_num": 0,
  "summary_bg_k": 162.48324595747303,
  "summary_bg_mad": 0.5098023414611816,
  "summary_bg_mean": 129.5902862548828,
  "summary_bg_median": 0.34540754556655884,
  "summary_bg_n": 149160.0,
  "summary_bg_p05": 0.0,
  "summary_bg_p95": 630.0965118408113,
  "summary_bg_stdv": 805.328369140625,
  "summary_fg_k": 2.5027369733299762,
  "summary_fg_mad": 4616.177734375,
  "summary_fg_mean": 27205.494140625,
  "summary_fg_median": 26936.09765625,
  "summary_fg_n": 41275.0,
  "summary_fg_p05": 19088.59765625,
  "summary_fg_p95": 36099.528515624996,
  "summary_fg_stdv": 5540.05322265625,
  "tsnr": 99.13555145263672
}