{
  "bids_meta": {
    "AcquisitionNumber": 2,
    "BidsifyVersion": "0.3.5",
    "ConversionSoftware": "dcm2niix",
    "ConversionSoftwareVersion": "v1.0.20181125  GCC6.3.0",
    "EchoTime": 0.00383,
    "ImageComments": "PIOP2",
    "ImageOrientationPatientDICOM": [
      0.999945,
      0.00928809,
      -0.00495132,
      -0.00802824,
      0.977262,
      0.211883
    ],
    "Manufacturer": "Philips",
    "NumberSignalAcquisitions": 2,
    "PatientPosition": "HFS",
    "PhilipsRescaleIntercept": 0,
    "PhilipsRescaleSlope": 8.6928,
    "PhilipsScaleSlope": 0.00676849,
    "ProtocolName": "WIPT1anat_acq-6m_T1wSENSE",
    "ReconMatrixPE": 240,
    "RepetitionTime": 0.008316,
    "SeriesDescription": "ImageMRSERIES",
    "SeriesNumber": 2,
    "UsePhilipsFloatNotDisplayScaling": 1,
    "dataset": "unknown",
    "modality": "T1w",
    "subject_id": "0030"
  },
  "cjv": 0.2597885903102276,
  "cnr": 4.791464121385106,
  "efc": 0.7618426246563729,
  "fber": 1990.8052978515625,
  "fwhm_avg": 4.843446488581519,
  "fwhm_x": 4.481659465744559,
  "fwhm_y": 4.92828,
  "fwhm_z": 5.1204,
  "icvs_csf": 0.2667682623962206,
  "icvs_gm": 0.3907545312160083,
  "icvs_wm": 0.3424772063877711,
  "inu_med": 1.6957261562347412,
  "inu_range": 0.3741047143936156,
  "provenance": {
    "md5sum": "410deecdbf1b2c5649bbd75d4ffe6b87",
    "settings": {
      "testing": false
    },
    "software": "mriqc",
    "version": "0.15.0",
    "warnings": {
      "large_rot_frame": true,
      "small_air_mask": true
    },
    "webapi_port": null,
    "webapi_url": "https://mriqc.nimh.nih.gov/api/v1"
  },
  "qi_1": 0.0,
  "qi_2": 0.00018582033493242932,
  "rpve_csf": 21.558690036932077,
  "rpve_gm": 14.152770258997851,
  "rpve_wm": 20.80451098021926,
  "size_x": 240,
  "size_y": 240,
  "size_z": 220,
  "snr_csf": 2.9606999756398955,
  "snr_gm": 9.948362508772714,
  "snr_total": 12.932145273220518,
  "snr_wm": 25.88737333524894,
  "snrd_csf": 24.99052170051351,
  "snrd_gm": 59.215795022749745,
  "snrd_total": 58.93047800849586,
  "snrd_wm": 92.58511730222432,
  "spacing_x": 1.0000001192092896,
  "spacing_y": 1.0,
  "spacing_z": 1.0,
  "summary_bg_k": 32.41287447609215,
  "summary_bg_mad": 7.076003551483154,
  "summary_bg_mean": 6.856734752655029,
  "summary_bg_median": 4.892585754394531,
  "summary_bg_n": 122327.0,
  "summary_bg_p05": 0.0,
  "summary_bg_p95": 15.094682884216308,
  "summary_bg_stdv": 5.733992576599121,
  "summary_csf_k": -0.24616509742028692,
  "summary_csf_mad": 101.05155181884766,
  "summary_csf_mean": 268.6064453125,
  "summary_csf_median": 269.9178771972656,
  "summary_csf_n": 23935.0,
  "summary_csf_p05": 123.12179870605469,
  "summary_csf_p95": 411.3430236816406,
  "summary_csf_stdv": 91.16500854492188,
  "summary_gm_k": 0.5136322787620484,
  "summary_gm_mad": 60.566890716552734,
  "summary_gm_mean": 643.432373046875,
  "summary_gm_median": 639.5785522460938,
  "summary_gm_n": 33752.0,
  "summary_gm_p05": 546.7221038818359,
  "summary_gm_p95": 757.6477447509765,
  "summary_gm_stdv": 64.28887939453125,
  "summary_wm_k": 1.7128838250947052,
  "summary_wm_mad": 33.064998626708984,
  "summary_wm_mean": 996.4159545898438,
  "summary_wm_median": 999.9942626953125,
  "summary_wm_n": 214449.0,
  "summary_wm_p05": 926.0555541992187,
  "summary_wm_p95": 1051.5952392578124,
  "summary_wm_stdv": 38.62855911254883,
  "tpm_overlap_csf": 0.22153311967849731,
  "tpm_overlap_gm": 0.5039405226707458,
  "tpm_overlap_wm": 0.5842900276184082,
  "wm2max": 0.9148726823274359
}