{
  "bids_meta": {
    "AcquisitionNumber": 2,
    "BidsifyVersion": "0.3.5",
    "ConversionSoftware": "dcm2niix",
    "ConversionSoftwareVersion": "v1.0.20181125  GCC6.3.0",
    "EchoTime": 0.00373,
    "ImageComments": "PIOP2",
    "ImageOrientationPatientDICOM": [
      0.999914,
      0.0127722,
      0.00300997,
      -0.0127405,
      0.999865,
      -0.0103364
    ],
    "Manufacturer": "Philips",
    "PatientPosition": "HFS",
    "PhilipsRescaleIntercept": 0,
    "PhilipsRescaleSlope": 8.85519,
    "PhilipsScaleSlope": 0.00780571,
    "ProtocolName": "WIPT1anat_acq-6m_T1wSENSE",
    "ReconMatrixPE": 240,
    "RepetitionTime": 0.008155,
    "SeriesDescription": "ImageMRSERIES",
    "SeriesNumber": 2,
    "UsePhilipsFloatNotDisplayScaling": 1,
    "acq_id": "6m",
    "dataset": "unknown",
    "modality": "T1w",
    "subject_id": "0053"
  },
  "cjv": 0.2763127505036068,
  "cnr": 4.543447122052198,
  "efc": 0.7556281077247573,
  "fber": 1902.4114990234375,
  "fwhm_avg": 4.666936851278158,
  "fwhm_x": 4.341670258783713,
  "fwhm_y": 4.70901,
  "fwhm_z": 4.950130295050758,
  "icvs_csf": 0.262139051913998,
  "icvs_gm": 0.37565767191811283,
  "icvs_wm": 0.36220327616788917,
  "inu_med": 1.7312626838684082,
  "inu_range": 0.3418629407882694,
  "provenance": {
    "md5sum": "0a0cdedcb71171aaea4e7ec95c231f76",
    "settings": {
      "testing": false
    },
    "software": "mriqc",
    "version": "0.15.0",
    "warnings": {
      "large_rot_frame": true,
      "small_air_mask": true
    },
    "webapi_port": null,
    "webapi_url": "https://mriqc.nimh.nih.gov/api/v1"
  },
  "qi_1": 0.0,
  "qi_2": 0.00012024475963735707,
  "rpve_csf": 23.979445932162598,
  "rpve_gm": 15.794741681665197,
  "rpve_wm": 21.877305659918957,
  "size_x": 240,
  "size_y": 240,
  "size_z": 220,
  "snr_csf": 3.079503268695804,
  "snr_gm": 10.152707299836102,
  "snr_total": 13.454938351604845,
  "snr_wm": 27.132604486282627,
  "snrd_csf": 28.200347328527478,
  "snrd_gm": 57.16664232139084,
  "snrd_total": 57.34718541494178,
  "snrd_wm": 86.674566594907,
  "spacing_x": 0.9999999403953552,
  "spacing_y": 1.0,
  "spacing_z": 0.9999999403953552,
  "summary_bg_k": 69.77368535578496,
  "summary_bg_mad": 7.5584588050842285,
  "summary_bg_mean": 7.8804707527160645,
  "summary_bg_median": 5.300917148590088,
  "summary_bg_n": 140705.0,
  "summary_bg_p05": 0.0,
  "summary_bg_p95": 16.101938247680664,
  "summary_bg_stdv": 6.019575595855713,
  "summary_csf_k": 106.67138643937122,
  "summary_csf_mad": 88.3747329711914,
  "summary_csf_mean": 316.0675964355469,
  "summary_csf_median": 325.3538818359375,
  "summary_csf_n": 20891.0,
  "summary_csf_p05": 154.91442108154297,
  "summary_csf_p95": 437.3259582519531,
  "summary_csf_stdv": 105.64888763427734,
  "summary_gm_k": 0.472222041422119,
  "summary_gm_mad": 61.171417236328125,
  "summary_gm_mean": 665.9732666015625,
  "summary_gm_median": 659.544677734375,
  "summary_gm_n": 21784.0,
  "summary_gm_p05": 570.8542572021485,
  "summary_gm_p95": 784.1598907470702,
  "summary_gm_stdv": 64.96095275878906,
  "summary_wm_k": 0.985955005961737,
  "summary_wm_mad": 32.89641189575195,
  "summary_wm_mean": 997.9912719726562,
  "summary_wm_median": 999.984375,
  "summary_wm_n": 216183.0,
  "summary_wm_p05": 933.7914245605468,
  "summary_wm_p95": 1054.8234252929688,
  "summary_wm_stdv": 36.85536575317383,
  "tpm_overlap_csf": 0.2118428647518158,
  "tpm_overlap_gm": 0.4927273094654083,
  "tpm_overlap_wm": 0.5789912939071655,
  "wm2max": 0.7618404943194499
}