{
  "aor": 0.0012871806167400884,
  "aqi": 0.0038290059911894273,
  "bids_meta": {
    "AcquisitionNumber": 7,
    "BidsifyVersion": "0.3.5",
    "ConversionSoftware": "dcm2niix",
    "ConversionSoftwareVersion": "v1.0.20181125  GCC6.3.0",
    "EchoTime": 0.02763,
    "FlipAngle": 76.1,
    "ImageComments": "PIOP2",
    "ImageOrientationPatientDICOM": [
      0.999941,
      0.000224582,
      -0.0108873,
      -0.00122166,
      0.995789,
      -0.0916622
    ],
    "Manufacturer": "Philips",
    "NumberOfVolumesDiscardedByScanner": 2,
    "ParallelAcquisitionTechnique": "SENSE",
    "ParallelReductionFactorInPlane": 2,
    "PatientPosition": "HFS",
    "PhaseEncodingDirection": "j",
    "PhilipsRescaleIntercept": 0,
    "PhilipsRescaleSlope": 0.81709,
    "PhilipsScaleSlope": 0.0591578,
    "ProtocolName": "WIPtask-stop_boldSENSE",
    "PulseSequenceType": "gradient echo EPI",
    "ReconMatrixPE": 80,
    "RepetitionTime": 2,
    "SeriesDescription": "ImageMRSERIES",
    "SeriesNumber": 7,
    "SliceEncodingDirection": "k",
    "TaskName": "stopsignal",
    "UsePhilipsFloatNotDisplayScaling": 1,
    "WaterFatShift": 12,
    "acq_id": "seq",
    "dataset": "unknown",
    "modality": "bold",
    "subject_id": "0058",
    "task_id": "stopsignal"
  },
  "dummy_trs": 0,
  "dvars_nstd": 21.934788783938057,
  "dvars_std": 1.3549224169026555,
  "dvars_vstd": 1.002285136681417,
  "efc": 0.41436342776195,
  "fber": 419076160.0,
  "fd_mean": 0.10579368695039218,
  "fd_num": 11,
  "fd_perc": 4.845814977973569,
  "fwhm_avg": 2.5073542533953797,
  "fwhm_x": 2.4501033333333333,
  "fwhm_y": 2.7941533333333335,
  "fwhm_z": 2.277806093519472,
  "gcor": 0.0208642,
  "gsr_x": -0.00445573590695858,
  "gsr_y": 0.006284615490585566,
  "provenance": {
    "md5sum": "c5177f4044c12413fafacbfcb8128649",
    "settings": {
      "fd_thres": 0.2,
      "hmc_fsl": false
    },
    "software": "mriqc",
    "version": "0.15.0",
    "webapi_port": null,
    "webapi_url": "https://mriqc.nimh.nih.gov/api/v1"
  },
  "size_t": 227,
  "size_x": 80,
  "size_y": 80,
  "size_z": 36,
  "snr": 5.305255977259279,
  "spacing_tr": 2.0,
  "spacing_x": 3.0,
  "spacing_y": 3.0,
  "spacing_z": 3.299999952316284,
  "spikes_num": 0,
  "summary_bg_k": 89.76880419727034,
  "summary_bg_mad": 1.6776680946350098,
  "summary_bg_mean": 213.2454376220703,
  "summary_bg_median": 1.1472046375274658,
  "summary_bg_n": 147128.0,
  "summary_bg_p05": 0.004884922574274243,
  "summary_bg_p95": 993.5367095947231,
  "summary_bg_stdv": 1166.349609375,
  "summary_fg_k": 2.230377674411561,
  "summary_fg_mad": 4211.224609375,
  "summary_fg_mean": 25921.671875,
  "summary_fg_median": 25929.66015625,
  "summary_fg_n": 42583.0,
  "summary_fg_p05": 18325.3546875,
  "summary_fg_p95": 33391.38359375,
  "summary_fg_stdv": 4887.484375,
  "tsnr": 88.16632080078125
}