{
  "aor": 0.0026412500000000004,
  "aqi": 0.004098422125,
  "bids_meta": {
    "AcquisitionNumber": 4,
    "BidsifyVersion": "0.3.5",
    "ConversionSoftware": "dcm2niix",
    "ConversionSoftwareVersion": "v1.0.20181125  GCC6.3.0",
    "EchoTime": 0.02763,
    "FlipAngle": 76.1,
    "ImageComments": "PIOP2",
    "ImageOrientationPatientDICOM": [
      0.995605,
      -0.0839216,
      -0.0415629,
      0.0864038,
      0.994327,
      0.0620419
    ],
    "Manufacturer": "Philips",
    "NumberOfVolumesDiscardedByScanner": 2,
    "ParallelAcquisitionTechnique": "SENSE",
    "ParallelReductionFactorInPlane": 2,
    "PatientPosition": "HFS",
    "PhaseEncodingDirection": "j",
    "PhilipsRescaleIntercept": 0,
    "PhilipsRescaleSlope": 0.77338,
    "PhilipsScaleSlope": 0.0494891,
    "ProtocolName": "WIPtask-rest_boldSENSE",
    "PulseSequenceType": "gradient echo EPI",
    "ReconMatrixPE": 80,
    "RepetitionTime": 2,
    "SeriesDescription": "ImageMRSERIES",
    "SeriesNumber": 4,
    "SliceEncodingDirection": "k",
    "TaskName": "restingstate",
    "UsePhilipsFloatNotDisplayScaling": 1,
    "WaterFatShift": 12,
    "acq_id": "seq",
    "dataset": "unknown",
    "modality": "bold",
    "subject_id": "0222",
    "task_id": "restingstate"
  },
  "dummy_trs": 0,
  "dvars_nstd": 17.65876493527195,
  "dvars_std": 1.240306355774059,
  "dvars_vstd": 1.0009908949790791,
  "efc": 0.3899025486822362,
  "fber": 1061711872.0,
  "fd_mean": 0.11607737483028494,
  "fd_num": 18,
  "fd_perc": 7.5,
  "fwhm_avg": 2.5122395061012956,
  "fwhm_x": 2.439,
  "fwhm_y": 2.7824033333333333,
  "fwhm_z": 2.315315184970555,
  "gcor": 0.0263349,
  "gsr_x": -0.010357078164815903,
  "gsr_y": 0.0020350285340100527,
  "provenance": {
    "md5sum": "b9a2d184550ff7d84c7b4c112bfb1113",
    "settings": {
      "fd_thres": 0.2,
      "hmc_fsl": false
    },
    "software": "mriqc",
    "version": "0.15.0",
    "webapi_port": null,
    "webapi_url": "https://mriqc.nimh.nih.gov/api/v1"
  },
  "size_t": 240,
  "size_x": 80,
  "size_y": 80,
  "size_z": 36,
  "snr": 4.882553177327807,
  "spacing_tr": 2.0,
  "spacing_x": 3.0,
  "spacing_y": 3.0,
  "spacing_z": 3.299999952316284,
  "spikes_num": 1,
  "summary_bg_k": 98.17000539676071,
  "summary_bg_mad": 1.169431209564209,
  "summary_bg_mean": 201.9785919189453,
  "summary_bg_median": 0.7943431735038757,
  "summary_bg_n": 152892.0,
  "summary_bg_p05": 0.0012776426447089761,
  "summary_bg_p95": 815.3495330810523,
  "summary_bg_stdv": 1127.7764892578125,
  "summary_fg_k": 1.8996431888163698,
  "summary_fg_mad": 5083.724609375,
  "summary_fg_mean": 29047.287109375,
  "summary_fg_median": 28542.7421875,
  "summary_fg_n": 37980.0,
  "summary_fg_p05": 20769.71357421875,
  "summary_fg_p95": 38858.30566406248,
  "summary_fg_stdv": 5845.787109375,
  "tsnr": 80.1895980834961
}