{
  "bids_meta": {
    "AcquisitionNumber": 2,
    "BidsifyVersion": "0.3.5",
    "ConversionSoftware": "dcm2niix",
    "ConversionSoftwareVersion": "v1.0.20181125  GCC6.3.0",
    "EchoTime": 0.00375,
    "ImageComments": "PIOP2",
    "ImageOrientationPatientDICOM": [
      0.999587,
      0.0126834,
      -0.025779,
      -0.0148303,
      0.996282,
      -0.0848699
    ],
    "Manufacturer": "Philips",
    "PatientPosition": "HFS",
    "PhilipsRescaleIntercept": 0,
    "PhilipsRescaleSlope": 8.29939,
    "PhilipsScaleSlope": 0.00715623,
    "ProtocolName": "WIPT1anat_acq-6m_T1wSENSE",
    "ReconMatrixPE": 240,
    "RepetitionTime": 0.008196,
    "SeriesDescription": "ImageMRSERIES",
    "SeriesNumber": 2,
    "UsePhilipsFloatNotDisplayScaling": 1,
    "acq_id": "6m",
    "dataset": "unknown",
    "modality": "T1w",
    "subject_id": "0068"
  },
  "cjv": 0.25499110238355066,
  "cnr": 4.840862055844448,
  "efc": 0.75693013427684,
  "fber": 1579.9517822265625,
  "fwhm_avg": 4.583380000000001,
  "fwhm_x": 4.39268,
  "fwhm_y": 4.63169,
  "fwhm_z": 4.72577,
  "icvs_csf": 0.25772075763802677,
  "icvs_gm": 0.39323240030770845,
  "icvs_wm": 0.3490468420542648,
  "inu_med": 1.177566409111023,
  "inu_range": 0.270985198020935,
  "provenance": {
    "md5sum": "3f926e05a8da273f5c5791ccda42a0b8",
    "settings": {
      "testing": false
    },
    "software": "mriqc",
    "version": "0.15.0",
    "warnings": {
      "large_rot_frame": true,
      "small_air_mask": true
    },
    "webapi_port": null,
    "webapi_url": "https://mriqc.nimh.nih.gov/api/v1"
  },
  "qi_1": 0.0,
  "qi_2": 7.026415720804357e-05,
  "rpve_csf": 24.203130903455136,
  "rpve_gm": 15.402033598912519,
  "rpve_wm": 22.340739598345735,
  "size_x": 240,
  "size_y": 240,
  "size_z": 220,
  "snr_csf": 3.0902326075626623,
  "snr_gm": 10.389104359712034,
  "snr_total": 13.413757509281153,
  "snr_wm": 26.76193556056876,
  "snrd_csf": 22.352068421143134,
  "snrd_gm": 45.963422368959904,
  "snrd_total": 46.48610047624266,
  "snrd_wm": 71.14281063862495,
  "spacing_x": 1.0,
  "spacing_y": 1.0,
  "spacing_z": 1.0,
  "summary_bg_k": 679.1100606424595,
  "summary_bg_mad": 9.208746910095215,
  "summary_bg_mean": 10.304365158081055,
  "summary_bg_median": 6.340333938598633,
  "summary_bg_n": 123361.0,
  "summary_bg_p05": 0.0,
  "summary_bg_p95": 25.14528465270996,
  "summary_bg_stdv": 9.057886123657227,
  "summary_csf_k": -0.03877580630473343,
  "summary_csf_mad": 112.57160186767578,
  "summary_csf_mean": 302.86663818359375,
  "summary_csf_median": 314.185791015625,
  "summary_csf_n": 18138.0,
  "summary_csf_p05": 131.58939056396486,
  "summary_csf_p95": 446.76982116699213,
  "summary_csf_stdv": 101.66779327392578,
  "summary_gm_k": 0.5442188026278809,
  "summary_gm_mad": 57.95962142944336,
  "summary_gm_mean": 649.8746337890625,
  "summary_gm_median": 646.0723876953125,
  "summary_gm_n": 26042.0,
  "summary_gm_p05": 554.7291381835937,
  "summary_gm_p95": 758.9419799804687,
  "summary_gm_stdv": 62.186302185058594,
  "summary_wm_k": 1.4594050638750709,
  "summary_wm_mad": 32.28867721557617,
  "summary_wm_mean": 998.8040161132812,
  "summary_wm_median": 999.9996337890625,
  "summary_wm_n": 199825.0,
  "summary_wm_p05": 935.1568725585937,
  "summary_wm_p95": 1057.4593017578125,
  "summary_wm_stdv": 37.366397857666016,
  "tpm_overlap_csf": 0.21993854641914368,
  "tpm_overlap_gm": 0.5056772828102112,
  "tpm_overlap_wm": 0.5918302536010742,
  "wm2max": 0.6342815170335249
}