{
    "Manufacturer": "Philips",
    "PatientPosition": "HFS",
    "SeriesDescription": "ImageMRSERIES",
    "ProtocolName": "WIPT1anat_acq-6m_T1wSENSE",
    "SeriesNumber": 2,
    "AcquisitionNumber": 2,
    "ImageComments": "PIOP2",
    "PhilipsRescaleSlope": 8.00366,
    "PhilipsRescaleIntercept": 0,
    "PhilipsScaleSlope": 0.00714859,
    "UsePhilipsFloatNotDisplayScaling": 1,
    "EchoTime": 0.00375,
    "RepetitionTime": 0.008158,
    "ReconMatrixPE": 240,
    "ImageOrientationPatientDICOM": [
        0.997636,
        0.0686428,
        -0.00325042,
        -0.0687118,
        0.997124,
        -0.0319607
    ],
    "ConversionSoftware": "dcm2niix",
    "ConversionSoftwareVersion": "v1.0.20181125  GCC6.3.0",
    "BidsifyVersion": "0.3.5"
}