{
    "Manufacturer": "Philips",
    "PatientPosition": "HFS",
    "SeriesDescription": "ImageMRSERIES",
    "ProtocolName": "WIPtask-stop_boldSENSE",
    "SeriesNumber": 7,
    "AcquisitionNumber": 7,
    "ImageComments": "PIOP2",
    "PhilipsRescaleSlope": 0.81978,
    "PhilipsRescaleIntercept": 0,
    "PhilipsScaleSlope": 0.0566809,
    "UsePhilipsFloatNotDisplayScaling": 1,
    "EchoTime": 0.02763,
    "RepetitionTime": 2,
    "ReconMatrixPE": 80,
    "ImageOrientationPatientDICOM": [
        0.998868,
        0.0405855,
        -0.0248051,
        -0.0392456,
        0.99786,
        0.0523043
    ],
    "ConversionSoftware": "dcm2niix",
    "ConversionSoftwareVersion": "v1.0.20181125  GCC6.3.0",
    "BidsifyVersion": "0.3.5",
    "SliceEncodingDirection": "k",
    "PhaseEncodingDirection": "j",
    "PulseSequenceType": "gradient echo EPI",
    "ParallelAcquisitionTechnique": "SENSE",
    "ParallelReductionFactorInPlane": 2,
    "FlipAngle": 76.1,
    "WaterFatShift": 12,
    "NumberOfVolumesDiscardedByScanner": 2,
    "TaskName": "stopsignal"
}