{
    "Manufacturer": "Philips",
    "PatientPosition": "HFS",
    "SeriesDescription": "ImageMRSERIES",
    "ProtocolName": "WIPT1anat_acq-6m_T1wSENSE",
    "SeriesNumber": 2,
    "AcquisitionNumber": 2,
    "ImageComments": "PIOP2",
    "PhilipsRescaleSlope": 9.43639,
    "PhilipsRescaleIntercept": 0,
    "PhilipsScaleSlope": 0.00665293,
    "UsePhilipsFloatNotDisplayScaling": 1,
    "EchoTime": 0.00377,
    "RepetitionTime": 0.008209,
    "ReconMatrixPE": 240,
    "ImageOrientationPatientDICOM": [
        0.999352,
        -0.0311411,
        0.0180381,
        0.0326281,
        0.995493,
        -0.0890484
    ],
    "ConversionSoftware": "dcm2niix",
    "ConversionSoftwareVersion": "v1.0.20181125  GCC6.3.0",
    "BidsifyVersion": "0.3.5"
}