{
  "bids_meta": {
    "AcquisitionNumber": 2,
    "BidsifyVersion": "0.3.5",
    "ConversionSoftware": "dcm2niix",
    "ConversionSoftwareVersion": "v1.0.20181125  GCC6.3.0",
    "EchoTime": 0.00386,
    "ImageComments": "PIOP2",
    "ImageOrientationPatientDICOM": [
      0.998221,
      0.0592314,
      -0.006868,
      -0.0563335,
      0.974545,
      0.217001
    ],
    "Manufacturer": "Philips",
    "PatientPosition": "HFS",
    "PhilipsRescaleIntercept": 0,
    "PhilipsRescaleSlope": 8.15116,
    "PhilipsScaleSlope": 0.00671678,
    "ProtocolName": "WIPT1anat_acq-6m_T1wSENSE",
    "ReconMatrixPE": 240,
    "RepetitionTime": 0.008362,
    "SeriesDescription": "ImageMRSERIES",
    "SeriesNumber": 2,
    "UsePhilipsFloatNotDisplayScaling": 1,
    "acq_id": "6m",
    "dataset": "unknown",
    "modality": "T1w",
    "subject_id": "0176"
  },
  "cjv": 0.254429340142378,
  "cnr": 4.923717774169522,
  "efc": 0.7598673014559647,
  "fber": 925.1337890625,
  "fwhm_avg": 4.738833423020647,
  "fwhm_x": 4.514110269061939,
  "fwhm_y": 4.84011,
  "fwhm_z": 4.86228,
  "icvs_csf": 0.26307469009195245,
  "icvs_gm": 0.37677758240863307,
  "icvs_wm": 0.36014772749941454,
  "inu_med": 1.7325539588928223,
  "inu_range": 0.3122125566005707,
  "provenance": {
    "md5sum": "71566277b48707e3f27d114d885c7e38",
    "settings": {
      "testing": false
    },
    "software": "mriqc",
    "version": "0.15.0",
    "warnings": {
      "large_rot_frame": true,
      "small_air_mask": true
    },
    "webapi_port": null,
    "webapi_url": "https://mriqc.nimh.nih.gov/api/v1"
  },
  "qi_1": 0.0014570356609478017,
  "qi_2": 0.0003584846705552945,
  "rpve_csf": 24.02353263074109,
  "rpve_gm": 15.692714041526319,
  "rpve_wm": 21.75836659714645,
  "size_x": 240,
  "size_y": 240,
  "size_z": 220,
  "snr_csf": 2.995794068675065,
  "snr_gm": 10.796058226230201,
  "snr_total": 13.532835738766005,
  "snr_wm": 26.806654921392756,
  "snrd_csf": 28.648396560434474,
  "snrd_gm": 63.01247749956003,
  "snrd_total": 62.86283575527042,
  "snrd_wm": 96.92763320581673,
  "spacing_x": 0.9999999403953552,
  "spacing_y": 1.0,
  "spacing_z": 1.0,
  "summary_bg_k": 1.8901751801160938,
  "summary_bg_mad": 6.758996963500977,
  "summary_bg_mean": 7.672400951385498,
  "summary_bg_median": 4.720010757446289,
  "summary_bg_n": 67448.0,
  "summary_bg_p05": 0.0,
  "summary_bg_p95": 18.626133823394774,
  "summary_bg_stdv": 5.724202632904053,
  "summary_csf_k": -0.4167955090400395,
  "summary_csf_mad": 102.35737609863281,
  "summary_csf_mean": 281.184326171875,
  "summary_csf_median": 295.56353759765625,
  "summary_csf_n": 19977.0,
  "summary_csf_p05": 110.50343017578126,
  "summary_csf_p95": 420.5788696289063,
  "summary_csf_stdv": 98.65702819824219,
  "summary_gm_k": 0.4632463086537326,
  "summary_gm_mad": 56.996482849121094,
  "summary_gm_mean": 653.537841796875,
  "summary_gm_median": 650.0953979492188,
  "summary_gm_n": 19391.0,
  "summary_gm_p05": 562.0626220703125,
  "summary_gm_p95": 758.7022399902344,
  "summary_gm_stdv": 60.21444320678711,
  "summary_wm_k": 1.0825875655473416,
  "summary_wm_mad": 32.02842712402344,
  "summary_wm_mean": 997.3321533203125,
  "summary_wm_median": 999.9957275390625,
  "summary_wm_n": 208603.0,
  "summary_wm_p05": 929.791943359375,
  "summary_wm_p95": 1054.046044921875,
  "summary_wm_stdv": 37.30392074584961,
  "tpm_overlap_csf": 0.21334275603294373,
  "tpm_overlap_gm": 0.48374271392822266,
  "tpm_overlap_wm": 0.5804280638694763,
  "wm2max": 0.8526408192647859
}