{
    "Manufacturer": "Philips",
    "PatientPosition": "HFS",
    "SeriesDescription": "ImageMRSERIES",
    "ProtocolName": "WIPT1anat_acq-6m_T1wSENSE",
    "SeriesNumber": 2,
    "AcquisitionNumber": 2,
    "ImageComments": "PIOP2",
    "PhilipsRescaleSlope": 9.27497,
    "PhilipsRescaleIntercept": 0,
    "PhilipsScaleSlope": 0.00711699,
    "UsePhilipsFloatNotDisplayScaling": 1,
    "EchoTime": 0.00374,
    "RepetitionTime": 0.008174,
    "ReconMatrixPE": 240,
    "ImageOrientationPatientDICOM": [
        0.999624,
        0.00881456,
        0.0259736,
        -0.0069788,
        0.997527,
        -0.0699395
    ],
    "ConversionSoftware": "dcm2niix",
    "ConversionSoftwareVersion": "v1.0.20181125  GCC6.3.0",
    "BidsifyVersion": "0.3.5"
}