{
  "aor": 0.0014985074626865675,
  "aqi": 0.002970088656716418,
  "bids_meta": {
    "AcquisitionNumber": 8,
    "BidsifyVersion": "0.3.5",
    "ConversionSoftware": "dcm2niix",
    "ConversionSoftwareVersion": "v1.0.20181125  GCC6.3.0",
    "EchoTime": 0.02763,
    "FlipAngle": 76.1,
    "ImageComments": "PIOP2",
    "ImageOrientationPatientDICOM": [
      0.995808,
      0.091164,
      -0.00747869,
      -0.0888735,
      0.983642,
      0.156685
    ],
    "Manufacturer": "Philips",
    "NumberOfVolumesDiscardedByScanner": 2,
    "ParallelAcquisitionTechnique": "SENSE",
    "ParallelReductionFactorInPlane": 2,
    "PatientPosition": "HFS",
    "PhaseEncodingDirection": "j",
    "PhilipsRescaleIntercept": 0,
    "PhilipsRescaleSlope": 0.90818,
    "PhilipsScaleSlope": 0.0560115,
    "ProtocolName": "WIPtask-harriri_boldSENSE",
    "PulseSequenceType": "gradient echo EPI",
    "ReconMatrixPE": 80,
    "RepetitionTime": 2,
    "SeriesDescription": "ImageMRSERIES",
    "SeriesNumber": 8,
    "SliceEncodingDirection": "k",
    "TaskName": "emomatching",
    "UsePhilipsFloatNotDisplayScaling": 1,
    "WaterFatShift": 12,
    "acq_id": "seq",
    "dataset": "unknown",
    "modality": "bold",
    "subject_id": "0049",
    "task_id": "emomatching"
  },
  "dummy_trs": 1,
  "dvars_nstd": 18.855045053383467,
  "dvars_std": 1.2507725371428573,
  "dvars_vstd": 1.0153857085714282,
  "efc": 0.38966256168025176,
  "fber": 654058560.0,
  "fd_mean": 0.11338358357217425,
  "fd_num": 5,
  "fd_perc": 3.7313432835820897,
  "fwhm_avg": 2.6068401129006715,
  "fwhm_x": 2.449266666666667,
  "fwhm_y": 2.902556666666667,
  "fwhm_z": 2.4686970053686803,
  "gcor": 0.0236176,
  "gsr_x": -0.005926429759711027,
  "gsr_y": 0.0017993374494835734,
  "provenance": {
    "md5sum": "6c619a5e4ab1a0813954a4ec54238778",
    "settings": {
      "fd_thres": 0.2,
      "hmc_fsl": false
    },
    "software": "mriqc",
    "version": "0.15.0",
    "webapi_port": null,
    "webapi_url": "https://mriqc.nimh.nih.gov/api/v1"
  },
  "size_t": 134,
  "size_x": 80,
  "size_y": 80,
  "size_z": 36,
  "snr": 4.860156694408908,
  "spacing_tr": 2.0,
  "spacing_x": 3.0,
  "spacing_y": 3.0,
  "spacing_z": 3.299999952316284,
  "spikes_num": 0,
  "summary_bg_k": 92.21291702806874,
  "summary_bg_mad": 1.33956778049469,
  "summary_bg_mean": 201.0624542236328,
  "summary_bg_median": 0.9155178070068359,
  "summary_bg_n": 153113.0,
  "summary_bg_p05": 0.002257118560373783,
  "summary_bg_p95": 764.0077026367187,
  "summary_bg_stdv": 1202.2508544921875,
  "summary_fg_k": 2.3750574031988894,
  "summary_fg_mad": 4137.2333984375,
  "summary_fg_mean": 24687.25390625,
  "summary_fg_median": 24478.466796875,
  "summary_fg_n": 38149.0,
  "summary_fg_p05": 17063.89609375,
  "summary_fg_p95": 32615.816796874995,
  "summary_fg_stdv": 5036.4931640625,
  "tsnr": 91.8410415649414
}