{
    "Manufacturer": "Philips",
    "PatientPosition": "HFS",
    "SeriesDescription": "ImageMRSERIES",
    "ProtocolName": "WIPT1anat_acq-6m_T1wSENSE",
    "SeriesNumber": 2,
    "AcquisitionNumber": 2,
    "ImageComments": "PIOP2",
    "PhilipsRescaleSlope": 8.16166,
    "PhilipsRescaleIntercept": 0,
    "PhilipsScaleSlope": 0.00753696,
    "UsePhilipsFloatNotDisplayScaling": 1,
    "EchoTime": 0.00383,
    "RepetitionTime": 0.008302,
    "ReconMatrixPE": 240,
    "ImageOrientationPatientDICOM": [
        0.999276,
        -0.0377923,
        0.00432312,
        0.0364672,
        0.984114,
        0.17375
    ],
    "ConversionSoftware": "dcm2niix",
    "ConversionSoftwareVersion": "v1.0.20181125  GCC6.3.0",
    "BidsifyVersion": "0.3.5"
}