{
  "bids_meta": {
    "AcquisitionNumber": 2,
    "BidsifyVersion": "0.3.5",
    "ConversionSoftware": "dcm2niix",
    "ConversionSoftwareVersion": "v1.0.20181125  GCC6.3.0",
    "EchoTime": 0.00375,
    "ImageComments": "PIOP2",
    "ImageOrientationPatientDICOM": [
      0.999909,
      0.0115848,
      0.00694362,
      -0.0113441,
      0.999366,
      -0.0337594
    ],
    "Manufacturer": "Philips",
    "NumberSignalAcquisitions": 2,
    "PatientPosition": "HFS",
    "PhilipsRescaleIntercept": 0,
    "PhilipsRescaleSlope": 10.442,
    "PhilipsScaleSlope": 0.00719398,
    "ProtocolName": "WIPT1anat_acq-6m_T1wSENSE",
    "ReconMatrixPE": 240,
    "RepetitionTime": 0.008184,
    "SeriesDescription": "ImageMRSERIES",
    "SeriesNumber": 2,
    "UsePhilipsFloatNotDisplayScaling": 1,
    "dataset": "unknown",
    "modality": "T1w",
    "subject_id": "0005"
  },
  "cjv": 0.24934451842350477,
  "cnr": 4.9508665551829125,
  "efc": 0.7802358844804451,
  "fber": 1199.06982421875,
  "fwhm_avg": 4.252803411054416,
  "fwhm_x": 3.9118302331632515,
  "fwhm_y": 4.42577,
  "fwhm_z": 4.42081,
  "icvs_csf": 0.22997075856466506,
  "icvs_gm": 0.418131681930338,
  "icvs_wm": 0.35189755950499696,
  "inu_med": 1.8740302324295044,
  "inu_range": 0.4064735174179077,
  "provenance": {
    "md5sum": "1282db6eb66d71d04bd8b1eebaeacc63",
    "settings": {
      "testing": false
    },
    "software": "mriqc",
    "version": "0.15.0",
    "warnings": {
      "large_rot_frame": true,
      "small_air_mask": true
    },
    "webapi_port": null,
    "webapi_url": "https://mriqc.nimh.nih.gov/api/v1"
  },
  "qi_1": 0.0,
  "qi_2": 8.862526476532989e-05,
  "rpve_csf": 27.622307748102592,
  "rpve_gm": 15.521164063887857,
  "rpve_wm": 22.9221098213311,
  "size_x": 240,
  "size_y": 240,
  "size_z": 220,
  "snr_csf": 1.865801348931819,
  "snr_gm": 9.02803094806307,
  "snr_total": 11.298439521824728,
  "snr_wm": 23.0014862684793,
  "snrd_csf": 13.336776523223156,
  "snrd_gm": 40.79740179370034,
  "snrd_total": 40.58266857357692,
  "snrd_wm": 67.61382740380728,
  "spacing_x": 0.9999999403953552,
  "spacing_y": 1.0,
  "spacing_z": 1.0,
  "summary_bg_k": 79.75219170464251,
  "summary_bg_mad": 9.689386367797852,
  "summary_bg_mean": 10.540316581726074,
  "summary_bg_median": 6.765986442565918,
  "summary_bg_n": 85249.0,
  "summary_bg_p05": 0.0,
  "summary_bg_p95": 26.566569137573236,
  "summary_bg_stdv": 7.794154167175293,
  "summary_csf_k": 5.709191675148935,
  "summary_csf_mad": 116.12771606445312,
  "summary_csf_mean": 215.7991943359375,
  "summary_csf_median": 197.24928283691406,
  "summary_csf_n": 10667.0,
  "summary_csf_p05": 74.74185409545899,
  "summary_csf_p95": 400.3837036132811,
  "summary_csf_stdv": 105.71331024169922,
  "summary_gm_k": 0.7768016024158535,
  "summary_gm_mad": 61.83629608154297,
  "summary_gm_mean": 607.4122924804688,
  "summary_gm_median": 603.3885498046875,
  "summary_gm_n": 19078.0,
  "summary_gm_p05": 504.9900405883789,
  "summary_gm_p95": 722.1091979980469,
  "summary_gm_stdv": 66.83325958251953,
  "summary_wm_k": 1.437253220246272,
  "summary_wm_mad": 37.056640625,
  "summary_wm_mean": 995.0377197265625,
  "summary_wm_median": 1000.0001831054688,
  "summary_wm_n": 173537.0,
  "summary_wm_p05": 913.918994140625,
  "summary_wm_p95": 1056.6278564453123,
  "summary_wm_stdv": 43.47533416748047,
  "tpm_overlap_csf": 0.22707445919513702,
  "tpm_overlap_gm": 0.511901319026947,
  "tpm_overlap_wm": 0.5663726329803467,
  "wm2max": 0.7573559021445659
}