{
  "aor": 0.0025685185185185186,
  "aqi": 0.0031237928888888885,
  "bids_meta": {
    "AcquisitionNumber": 8,
    "BidsifyVersion": "0.3.5",
    "ConversionSoftware": "dcm2niix",
    "ConversionSoftwareVersion": "v1.0.20181125  GCC6.3.0",
    "EchoTime": 0.02763,
    "EffectiveEchoSpacing": 0.0006909035636805814,
    "FlipAngle": 76.1,
    "ImageComments": "PIOP2",
    "ImageOrientationPatientDICOM": [
      0.99998,
      0.00606779,
      0.00156414,
      -0.00610861,
      0.999601,
      0.0275637
    ],
    "Manufacturer": "Philips",
    "NumberOfVolumesDiscardedByScanner": 2,
    "ParallelAcquisitionTechnique": "SENSE",
    "ParallelReductionFactorInPlane": 2,
    "PatientPosition": "HFS",
    "PhaseEncodingDirection": "j",
    "PhilipsRescaleIntercept": 0,
    "PhilipsRescaleSlope": 0.75385,
    "PhilipsScaleSlope": 0.0556368,
    "ProtocolName": "WIPtask-harriri_boldSENSE",
    "PulseSequenceType": "gradient echo EPI",
    "ReconMatrixPE": 80,
    "RepetitionTime": 2,
    "SeriesDescription": "ImageMRSERIES",
    "SeriesNumber": 8,
    "SliceEncodingDirection": "k",
    "SliceTiming": [
      0.0,
      0.0556,
      0.1111,
      0.1667,
      0.2222,
      0.2778,
      0.3333,
      0.3889,
      0.4444,
      0.5,
      0.5556,
      0.6111,
      0.6667,
      0.7222,
      0.7778,
      0.8333,
      0.8889,
      0.9444,
      1.0,
      1.0556,
      1.1111,
      1.1667,
      1.2222,
      1.2778,
      1.3333,
      1.3889,
      1.4444,
      1.5,
      1.5556,
      1.6111,
      1.6667,
      1.7222,
      1.7778,
      1.8333,
      1.8889,
      1.9444
    ],
    "TaskName": "emomatching",
    "TotalReadoutTime": 0.026945238983542674,
    "UsePhilipsFloatNotDisplayScaling": 1,
    "WaterFatShift": 12,
    "acq_id": "seq",
    "dataset": "unknown",
    "modality": "bold",
    "subject_id": "0172",
    "task_id": "emomatching"
  },
  "dummy_trs": 0,
  "dvars_nstd": 21.16467328574626,
  "dvars_std": 1.3537912947761193,
  "dvars_vstd": 1.03292330238806,
  "efc": 0.39077957636147603,
  "fber": 3822945280.0,
  "fd_mean": 0.13249484383060767,
  "fd_num": 19,
  "fd_perc": 14.074074074074074,
  "fwhm_avg": 2.6160500114961103,
  "fwhm_x": 2.54416,
  "fwhm_y": 2.9171899999999997,
  "fwhm_z": 2.386800034488332,
  "gcor": 0.0604721,
  "gsr_x": -0.004719027318060398,
  "gsr_y": 0.0030622323974967003,
  "provenance": {
    "md5sum": "cabb7c2a82f4820b3178fb7eb5a0cba9",
    "settings": {
      "fd_thres": 0.2,
      "hmc_fsl": false
    },
    "software": "mriqc",
    "version": "0.15.0",
    "webapi_port": null,
    "webapi_url": "https://mriqc.nimh.nih.gov/api/v1"
  },
  "size_t": 135,
  "size_x": 80,
  "size_y": 80,
  "size_z": 36,
  "snr": 5.31808863306763,
  "spacing_tr": 2.0,
  "spacing_x": 3.0,
  "spacing_y": 3.0,
  "spacing_z": 3.299999952316284,
  "spikes_num": 5,
  "summary_bg_k": 182.43495920309198,
  "summary_bg_mad": 0.5836223363876343,
  "summary_bg_mean": 175.04092407226562,
  "summary_bg_median": 0.397627055644989,
  "summary_bg_n": 152447.0,
  "summary_bg_p05": 0.0012912653852254151,
  "summary_bg_p95": 778.8543151855417,
  "summary_bg_stdv": 1039.1822509765625,
  "summary_fg_k": 2.56720632668977,
  "summary_fg_mad": 4135.95068359375,
  "summary_fg_mean": 26137.296875,
  "summary_fg_median": 25977.6640625,
  "summary_fg_n": 38389.0,
  "summary_fg_p05": 18941.506640625,
  "summary_fg_p95": 33737.21484374999,
  "summary_fg_stdv": 4884.7109375,
  "tsnr": 98.02684020996094
}