{
    "Manufacturer": "Philips",
    "PatientPosition": "HFS",
    "SeriesDescription": "ImageMRSERIES",
    "ProtocolName": "WIPT1anat_acq-6m_T1wSENSE",
    "SeriesNumber": 2,
    "AcquisitionNumber": 2,
    "ImageComments": "PIOP2",
    "PhilipsRescaleSlope": 8.93211,
    "PhilipsRescaleIntercept": 0,
    "PhilipsScaleSlope": 0.00778295,
    "UsePhilipsFloatNotDisplayScaling": 1,
    "EchoTime": 0.00374,
    "RepetitionTime": 0.00818,
    "ReconMatrixPE": 240,
    "ImageOrientationPatientDICOM": [
        0.999928,
        0.0109774,
        0.00489893,
        -0.0108207,
        0.999463,
        -0.0309422
    ],
    "ConversionSoftware": "dcm2niix",
    "ConversionSoftwareVersion": "v1.0.20181125  GCC6.3.0",
    "BidsifyVersion": "0.3.5"
}