{
  "aor": 0.0007459813084112151,
  "aqi": 0.0028117070560747665,
  "bids_meta": {
    "AcquisitionNumber": 7,
    "BidsifyVersion": "0.3.5",
    "ConversionSoftware": "dcm2niix",
    "ConversionSoftwareVersion": "v1.0.20181125  GCC6.3.0",
    "EchoTime": 0.02763,
    "EffectiveEchoSpacing": 0.0006909035636805814,
    "FlipAngle": 76.1,
    "ImageComments": "PIOP2",
    "ImageOrientationPatientDICOM": [
      0.997867,
      0.0616907,
      0.0213689,
      -0.0643542,
      0.984557,
      0.162805
    ],
    "Manufacturer": "Philips",
    "NumberOfVolumesDiscardedByScanner": 2,
    "ParallelAcquisitionTechnique": "SENSE",
    "ParallelReductionFactorInPlane": 2,
    "PatientPosition": "HFS",
    "PhaseEncodingDirection": "j",
    "PhilipsRescaleIntercept": 0,
    "PhilipsRescaleSlope": 0.78559,
    "PhilipsScaleSlope": 0.0636377,
    "ProtocolName": "WIPtask-stop_boldSENSE",
    "PulseSequenceType": "gradient echo EPI",
    "ReconMatrixPE": 80,
    "RepetitionTime": 2,
    "SeriesDescription": "ImageMRSERIES",
    "SeriesNumber": 7,
    "SliceEncodingDirection": "k",
    "SliceTiming": [
      0.0,
      0.0556,
      0.1111,
      0.1667,
      0.2222,
      0.2778,
      0.3333,
      0.3889,
      0.4444,
      0.5,
      0.5556,
      0.6111,
      0.6667,
      0.7222,
      0.7778,
      0.8333,
      0.8889,
      0.9444,
      1.0,
      1.0556,
      1.1111,
      1.1667,
      1.2222,
      1.2778,
      1.3333,
      1.3889,
      1.4444,
      1.5,
      1.5556,
      1.6111,
      1.6667,
      1.7222,
      1.7778,
      1.8333,
      1.8889,
      1.9444
    ],
    "TaskName": "stopsignal",
    "TotalReadoutTime": 0.026945238983542674,
    "UsePhilipsFloatNotDisplayScaling": 1,
    "WaterFatShift": 12,
    "acq_id": "seq",
    "dataset": "unknown",
    "modality": "bold",
    "subject_id": "0225",
    "task_id": "stopsignal"
  },
  "dummy_trs": 0,
  "dvars_nstd": 19.31117637624414,
  "dvars_std": 1.2254565727699536,
  "dvars_vstd": 0.9771121671830985,
  "efc": 0.41125830242782874,
  "fber": 706114944.0,
  "fd_mean": 0.1198786281950514,
  "fd_num": 20,
  "fd_perc": 9.345794392523365,
  "fwhm_avg": 2.552382132166707,
  "fwhm_x": 2.5670533333333334,
  "fwhm_y": 2.815723333333333,
  "fwhm_z": 2.2743697298334546,
  "gcor": 0.0323269,
  "gsr_x": 0.002143561840057373,
  "gsr_y": -0.0009694269974716008,
  "provenance": {
    "md5sum": "3e6a3e32718df7e085d83c42d8e3b8fb",
    "settings": {
      "fd_thres": 0.2,
      "hmc_fsl": false
    },
    "software": "mriqc",
    "version": "0.15.0",
    "webapi_port": null,
    "webapi_url": "https://mriqc.nimh.nih.gov/api/v1"
  },
  "size_t": 214,
  "size_x": 80,
  "size_y": 80,
  "size_z": 36,
  "snr": 4.651551162363936,
  "spacing_tr": 2.0,
  "spacing_x": 3.0,
  "spacing_y": 3.0,
  "spacing_z": 3.299999952316284,
  "spikes_num": 0,
  "summary_bg_k": 112.54287999185638,
  "summary_bg_mad": 1.0674077272415161,
  "summary_bg_mean": 148.1514129638672,
  "summary_bg_median": 0.719955563545227,
  "summary_bg_n": 147003.0,
  "summary_bg_p05": 0.0,
  "summary_bg_p95": 719.8236022949195,
  "summary_bg_stdv": 838.3675537109375,
  "summary_fg_k": 2.215437721624851,
  "summary_fg_mad": 3931.72509765625,
  "summary_fg_mean": 21785.267578125,
  "summary_fg_median": 21559.98046875,
  "summary_fg_n": 42768.0,
  "summary_fg_p05": 15044.396826171875,
  "summary_fg_p95": 29205.995703125,
  "summary_fg_stdv": 4634.95458984375,
  "tsnr": 90.5354995727539
}