{
  "aor": 0.0019365416666666667,
  "aqi": 0.005381282041666667,
  "bids_meta": {
    "AcquisitionNumber": 4,
    "BidsifyVersion": "0.3.5",
    "ConversionSoftware": "dcm2niix",
    "ConversionSoftwareVersion": "v1.0.20181125  GCC6.3.0",
    "EchoTime": 0.02763,
    "EffectiveEchoSpacing": 0.0006909035636805814,
    "FlipAngle": 76.1,
    "ImageComments": "PIOP2",
    "ImageOrientationPatientDICOM": [
      0.997867,
      0.0616907,
      0.0213689,
      -0.0643542,
      0.984557,
      0.162805
    ],
    "Manufacturer": "Philips",
    "NumberOfVolumesDiscardedByScanner": 2,
    "ParallelAcquisitionTechnique": "SENSE",
    "ParallelReductionFactorInPlane": 2,
    "PatientPosition": "HFS",
    "PhaseEncodingDirection": "j",
    "PhilipsRescaleIntercept": 0,
    "PhilipsRescaleSlope": 0.78632,
    "PhilipsScaleSlope": 0.0663893,
    "ProtocolName": "WIPtask-rest_boldSENSE",
    "PulseSequenceType": "gradient echo EPI",
    "ReconMatrixPE": 80,
    "RepetitionTime": 2,
    "SeriesDescription": "ImageMRSERIES",
    "SeriesNumber": 4,
    "SliceEncodingDirection": "k",
    "SliceTiming": [
      0.0,
      0.0556,
      0.1111,
      0.1667,
      0.2222,
      0.2778,
      0.3333,
      0.3889,
      0.4444,
      0.5,
      0.5556,
      0.6111,
      0.6667,
      0.7222,
      0.7778,
      0.8333,
      0.8889,
      0.9444,
      1.0,
      1.0556,
      1.1111,
      1.1667,
      1.2222,
      1.2778,
      1.3333,
      1.3889,
      1.4444,
      1.5,
      1.5556,
      1.6111,
      1.6667,
      1.7222,
      1.7778,
      1.8333,
      1.8889,
      1.9444
    ],
    "TaskName": "restingstate",
    "TotalReadoutTime": 0.026945238983542674,
    "UsePhilipsFloatNotDisplayScaling": 1,
    "WaterFatShift": 12,
    "acq_id": "seq",
    "dataset": "unknown",
    "modality": "bold",
    "subject_id": "0225",
    "task_id": "restingstate"
  },
  "dummy_trs": 0,
  "dvars_nstd": 22.669816551841013,
  "dvars_std": 1.2318771350209203,
  "dvars_vstd": 0.9784609326359833,
  "efc": 0.4126509767412672,
  "fber": 713394560.0,
  "fd_mean": 0.22683029699122823,
  "fd_num": 111,
  "fd_perc": 46.25,
  "fwhm_avg": 2.527876879482465,
  "fwhm_x": 2.5371133333333336,
  "fwhm_y": 2.8051566666666665,
  "fwhm_z": 2.241360638447395,
  "gcor": 0.0677452,
  "gsr_x": 0.0018179824110120535,
  "gsr_y": -0.0006706814165227115,
  "provenance": {
    "md5sum": "d24311114145a83e038f8ab943fd8ed9",
    "settings": {
      "fd_thres": 0.2,
      "hmc_fsl": false
    },
    "software": "mriqc",
    "version": "0.15.0",
    "webapi_port": null,
    "webapi_url": "https://mriqc.nimh.nih.gov/api/v1"
  },
  "size_t": 240,
  "size_x": 80,
  "size_y": 80,
  "size_z": 36,
  "snr": 4.764782824767455,
  "spacing_tr": 2.0,
  "spacing_x": 3.0,
  "spacing_y": 3.0,
  "spacing_z": 3.299999952316284,
  "spikes_num": 0,
  "summary_bg_k": 109.488566445333,
  "summary_bg_mad": 1.0786364078521729,
  "summary_bg_mean": 144.75083923339844,
  "summary_bg_median": 0.7275291681289673,
  "summary_bg_n": 146830.0,
  "summary_bg_p05": 0.0,
  "summary_bg_p95": 685.9172363281248,
  "summary_bg_stdv": 814.1861572265625,
  "summary_fg_k": 2.3203683519426557,
  "summary_fg_mad": 3707.956298828125,
  "summary_fg_mean": 21542.16015625,
  "summary_fg_median": 21339.27734375,
  "summary_fg_n": 42911.0,
  "summary_fg_p05": 14937.3212890625,
  "summary_fg_p95": 28823.119140625,
  "summary_fg_stdv": 4478.4892578125,
  "tsnr": 69.75638580322266
}