{
  "aor": 0.00119275,
  "aqi": 0.0017846655624999999,
  "bids_meta": {
    "AcquisitionNumber": 3,
    "BidsifyVersion": "0.3.5",
    "ConversionSoftware": "dcm2niix",
    "ConversionSoftwareVersion": "v1.0.20181125  GCC6.3.0",
    "EchoTime": 0.02763,
    "EffectiveEchoSpacing": 0.0006909035636805814,
    "FlipAngle": 76.1,
    "ImageComments": "PIOP2",
    "ImageOrientationPatientDICOM": [
      0.999577,
      0.0202513,
      -0.0208595,
      -0.0172732,
      0.990805,
      0.134194
    ],
    "Manufacturer": "Philips",
    "NumberOfVolumesDiscardedByScanner": 2,
    "ParallelAcquisitionTechnique": "SENSE",
    "ParallelReductionFactorInPlane": 2,
    "PatientPosition": "HFS",
    "PhaseEncodingDirection": "j",
    "PhilipsRescaleIntercept": 0,
    "PhilipsRescaleSlope": 0.85543,
    "PhilipsScaleSlope": 0.0494393,
    "ProtocolName": "WIPtask-wm_boldSENSE",
    "PulseSequenceType": "gradient echo EPI",
    "ReconMatrixPE": 80,
    "RepetitionTime": 2,
    "SeriesDescription": "ImageMRSERIES",
    "SeriesNumber": 3,
    "SliceEncodingDirection": "k",
    "SliceTiming": [
      0.0,
      0.0556,
      0.1111,
      0.1667,
      0.2222,
      0.2778,
      0.3333,
      0.3889,
      0.4444,
      0.5,
      0.5556,
      0.6111,
      0.6667,
      0.7222,
      0.7778,
      0.8333,
      0.8889,
      0.9444,
      1.0,
      1.0556,
      1.1111,
      1.1667,
      1.2222,
      1.2778,
      1.3333,
      1.3889,
      1.4444,
      1.5,
      1.5556,
      1.6111,
      1.6667,
      1.7222,
      1.7778,
      1.8333,
      1.8889,
      1.9444
    ],
    "TaskName": "workingmemory",
    "TotalReadoutTime": 0.026945238983542674,
    "UsePhilipsFloatNotDisplayScaling": 1,
    "WaterFatShift": 12,
    "acq_id": "seq",
    "dataset": "unknown",
    "modality": "bold",
    "subject_id": "0180",
    "task_id": "workingmemory"
  },
  "dummy_trs": 0,
  "dvars_nstd": 14.364805647547175,
  "dvars_std": 1.1490797758490574,
  "dvars_vstd": 1.0016734565408805,
  "efc": 0.39884323848994674,
  "fber": 7274825728.0,
  "fd_mean": 0.06507248439348959,
  "fd_num": 1,
  "fd_perc": 0.625,
  "fwhm_avg": 2.831931527555806,
  "fwhm_x": 2.7892533333333334,
  "fwhm_y": 3.131186666666667,
  "fwhm_z": 2.5753545826674173,
  "gcor": 0.0146976,
  "gsr_x": -0.0038655539974570274,
  "gsr_y": 0.0009842879371717572,
  "provenance": {
    "md5sum": "f9aa5f2c896d2fd7e9dc956a104a9f55",
    "settings": {
      "fd_thres": 0.2,
      "hmc_fsl": false
    },
    "software": "mriqc",
    "version": "0.15.0",
    "webapi_port": null,
    "webapi_url": "https://mriqc.nimh.nih.gov/api/v1"
  },
  "size_t": 160,
  "size_x": 80,
  "size_y": 80,
  "size_z": 36,
  "snr": 4.702282572152862,
  "spacing_tr": 2.0,
  "spacing_x": 3.0,
  "spacing_y": 3.0,
  "spacing_z": 3.299999952316284,
  "spikes_num": 2,
  "summary_bg_k": 110.70062042209982,
  "summary_bg_mad": 0.3924739956855774,
  "summary_bg_mean": 179.04005432128906,
  "summary_bg_median": 0.2660144567489624,
  "summary_bg_n": 150290.0,
  "summary_bg_p05": 0.0004337104488513434,
  "summary_bg_p95": 801.5394836425708,
  "summary_bg_stdv": 1080.9674072265625,
  "summary_fg_k": 1.7868815884615588,
  "summary_fg_mad": 4515.068359375,
  "summary_fg_mean": 25516.8828125,
  "summary_fg_median": 25624.73046875,
  "summary_fg_n": 39887.0,
  "summary_fg_p05": 16426.2146484375,
  "summary_fg_p95": 33896.72109375,
  "summary_fg_stdv": 5449.35546875,
  "tsnr": 109.34065246582031
}