{
  "aor": 0.003526791044776119,
  "aqi": 0.003214863582089552,
  "bids_meta": {
    "AcquisitionNumber": 8,
    "BidsifyVersion": "0.3.5",
    "ConversionSoftware": "dcm2niix",
    "ConversionSoftwareVersion": "v1.0.20181125  GCC6.3.0",
    "EchoTime": 0.02763,
    "EffectiveEchoSpacing": 0.0006909035636805814,
    "FlipAngle": 76.1,
    "ImageComments": "PIOP2",
    "ImageOrientationPatientDICOM": [
      0.999135,
      0.01514,
      -0.0387278,
      -0.0115097,
      0.995665,
      0.0923014
    ],
    "Manufacturer": "Philips",
    "NumberOfVolumesDiscardedByScanner": 2,
    "ParallelAcquisitionTechnique": "SENSE",
    "ParallelReductionFactorInPlane": 2,
    "PatientPosition": "HFS",
    "PhaseEncodingDirection": "j",
    "PhilipsRescaleIntercept": 0,
    "PhilipsRescaleSlope": 0.79219,
    "PhilipsScaleSlope": 0.0682531,
    "ProtocolName": "WIPtask-harriri_boldSENSE",
    "PulseSequenceType": "gradient echo EPI",
    "ReconMatrixPE": 80,
    "RepetitionTime": 2,
    "SeriesDescription": "ImageMRSERIES",
    "SeriesNumber": 8,
    "SliceEncodingDirection": "k",
    "SliceTiming": [
      0.0,
      0.0556,
      0.1111,
      0.1667,
      0.2222,
      0.2778,
      0.3333,
      0.3889,
      0.4444,
      0.5,
      0.5556,
      0.6111,
      0.6667,
      0.7222,
      0.7778,
      0.8333,
      0.8889,
      0.9444,
      1.0,
      1.0556,
      1.1111,
      1.1667,
      1.2222,
      1.2778,
      1.3333,
      1.3889,
      1.4444,
      1.5,
      1.5556,
      1.6111,
      1.6667,
      1.7222,
      1.7778,
      1.8333,
      1.8889,
      1.9444
    ],
    "TaskName": "emomatching",
    "TotalReadoutTime": 0.026945238983542674,
    "UsePhilipsFloatNotDisplayScaling": 1,
    "WaterFatShift": 12,
    "acq_id": "seq",
    "dataset": "unknown",
    "modality": "bold",
    "subject_id": "0202",
    "task_id": "emomatching"
  },
  "dummy_trs": 1,
  "dvars_nstd": 17.211482450150374,
  "dvars_std": 1.2524895262406017,
  "dvars_vstd": 1.0479879778947367,
  "efc": 0.39322179218256337,
  "fber": 770965248.0,
  "fd_mean": 0.11040604634795331,
  "fd_num": 5,
  "fd_perc": 3.7313432835820897,
  "fwhm_avg": 2.62279243566706,
  "fwhm_x": 2.5895533333333334,
  "fwhm_y": 2.9068633333333334,
  "fwhm_z": 2.3719606403345144,
  "gcor": 0.0329977,
  "gsr_x": 0.000484078103909269,
  "gsr_y": 0.0008354393648914993,
  "provenance": {
    "md5sum": "336714d2e94db5697c3c9fca0210d8ac",
    "settings": {
      "fd_thres": 0.2,
      "hmc_fsl": false
    },
    "software": "mriqc",
    "version": "0.15.0",
    "webapi_port": null,
    "webapi_url": "https://mriqc.nimh.nih.gov/api/v1"
  },
  "size_t": 134,
  "size_x": 80,
  "size_y": 80,
  "size_z": 36,
  "snr": 4.852010478456916,
  "spacing_tr": 2.0,
  "spacing_x": 3.0,
  "spacing_y": 3.0,
  "spacing_z": 3.299999952316284,
  "spikes_num": 4,
  "summary_bg_k": 88.10308389562823,
  "summary_bg_mad": 1.0744256973266602,
  "summary_bg_mean": 158.9596710205078,
  "summary_bg_median": 0.7334206104278564,
  "summary_bg_n": 151164.0,
  "summary_bg_p05": 0.003144973248708993,
  "summary_bg_p95": 546.2134399414102,
  "summary_bg_stdv": 918.6174926757812,
  "summary_fg_k": 2.5890543710112075,
  "summary_fg_mad": 3481.474365234375,
  "summary_fg_mean": 21521.96484375,
  "summary_fg_median": 21555.09375,
  "summary_fg_n": 39318.0,
  "summary_fg_p05": 14417.570849609376,
  "summary_fg_p95": 28236.381152343747,
  "summary_fg_stdv": 4442.451171875,
  "tsnr": 89.62181091308594
}