{
  "aor": 0.0008656875000000001,
  "aqi": 0.0026620525625000004,
  "bids_meta": {
    "AcquisitionNumber": 3,
    "BidsifyVersion": "0.3.5",
    "ConversionSoftware": "dcm2niix",
    "ConversionSoftwareVersion": "v1.0.20181125  GCC6.3.0",
    "EchoTime": 0.02763,
    "EffectiveEchoSpacing": 0.0006909035636805814,
    "FlipAngle": 76.1,
    "ImageComments": "PIOP2",
    "ImageOrientationPatientDICOM": [
      0.999135,
      0.01514,
      -0.0387278,
      -0.0115097,
      0.995665,
      0.0923014
    ],
    "Manufacturer": "Philips",
    "NumberOfVolumesDiscardedByScanner": 2,
    "ParallelAcquisitionTechnique": "SENSE",
    "ParallelReductionFactorInPlane": 2,
    "PatientPosition": "HFS",
    "PhaseEncodingDirection": "j",
    "PhilipsRescaleIntercept": 0,
    "PhilipsRescaleSlope": 0.79048,
    "PhilipsScaleSlope": 0.0635774,
    "ProtocolName": "WIPtask-wm_boldSENSE",
    "PulseSequenceType": "gradient echo EPI",
    "ReconMatrixPE": 80,
    "RepetitionTime": 2,
    "SeriesDescription": "ImageMRSERIES",
    "SeriesNumber": 3,
    "SliceEncodingDirection": "k",
    "SliceTiming": [
      0.0,
      0.0556,
      0.1111,
      0.1667,
      0.2222,
      0.2778,
      0.3333,
      0.3889,
      0.4444,
      0.5,
      0.5556,
      0.6111,
      0.6667,
      0.7222,
      0.7778,
      0.8333,
      0.8889,
      0.9444,
      1.0,
      1.0556,
      1.1111,
      1.1667,
      1.2222,
      1.2778,
      1.3333,
      1.3889,
      1.4444,
      1.5,
      1.5556,
      1.6111,
      1.6667,
      1.7222,
      1.7778,
      1.8333,
      1.8889,
      1.9444
    ],
    "TaskName": "workingmemory",
    "TotalReadoutTime": 0.026945238983542674,
    "UsePhilipsFloatNotDisplayScaling": 1,
    "WaterFatShift": 12,
    "acq_id": "seq",
    "dataset": "unknown",
    "modality": "bold",
    "subject_id": "0202",
    "task_id": "workingmemory"
  },
  "dummy_trs": 0,
  "dvars_nstd": 18.191640374088042,
  "dvars_std": 1.2490888215094333,
  "dvars_vstd": 0.9953045316981125,
  "efc": 0.39208434606416365,
  "fber": 1412338688.0,
  "fd_mean": 0.09192751186704608,
  "fd_num": 1,
  "fd_perc": 0.625,
  "fwhm_avg": 2.6078953649004832,
  "fwhm_x": 2.57395,
  "fwhm_y": 2.8901299999999996,
  "fwhm_z": 2.3596060947014506,
  "gcor": 0.0274828,
  "gsr_x": 0.0007302786689251661,
  "gsr_y": 0.0003889194340445101,
  "provenance": {
    "md5sum": "01e92c61814f6e77d310cc268fd68634",
    "settings": {
      "fd_thres": 0.2,
      "hmc_fsl": false
    },
    "software": "mriqc",
    "version": "0.15.0",
    "webapi_port": null,
    "webapi_url": "https://mriqc.nimh.nih.gov/api/v1"
  },
  "size_t": 160,
  "size_x": 80,
  "size_y": 80,
  "size_z": 36,
  "snr": 4.763065452276801,
  "spacing_tr": 2.0,
  "spacing_x": 3.0,
  "spacing_y": 3.0,
  "spacing_z": 3.299999952316284,
  "spikes_num": 0,
  "summary_bg_k": 93.42984459097035,
  "summary_bg_mad": 0.7863165140151978,
  "summary_bg_mean": 165.49093627929688,
  "summary_bg_median": 0.5303624272346497,
  "summary_bg_n": 151483.0,
  "summary_bg_p05": 0.0,
  "summary_bg_p95": 522.9053405761713,
  "summary_bg_stdv": 947.2540283203125,
  "summary_fg_k": 2.6463061422748444,
  "summary_fg_mad": 3613.0595703125,
  "summary_fg_mean": 22041.576171875,
  "summary_fg_median": 22078.1796875,
  "summary_fg_n": 39024.0,
  "summary_fg_p05": 14593.6287109375,
  "summary_fg_p95": 29084.3537109375,
  "summary_fg_stdv": 4635.228515625,
  "tsnr": 94.53667449951172
}