{
  "aor": 0.00663875,
  "aqi": 0.007296198958333333,
  "bids_meta": {
    "AcquisitionNumber": 4,
    "BidsifyVersion": "0.3.5",
    "ConversionSoftware": "dcm2niix",
    "ConversionSoftwareVersion": "v1.0.20181125  GCC6.3.0",
    "EchoTime": 0.02763,
    "EffectiveEchoSpacing": 0.0006909035636805814,
    "FlipAngle": 76.1,
    "ImageComments": "PIOP2",
    "ImageOrientationPatientDICOM": [
      0.999135,
      0.01514,
      -0.0387278,
      -0.0115097,
      0.995665,
      0.0923014
    ],
    "Manufacturer": "Philips",
    "NumberOfVolumesDiscardedByScanner": 2,
    "ParallelAcquisitionTechnique": "SENSE",
    "ParallelReductionFactorInPlane": 2,
    "PatientPosition": "HFS",
    "PhaseEncodingDirection": "j",
    "PhilipsRescaleIntercept": 0,
    "PhilipsRescaleSlope": 0.83077,
    "PhilipsScaleSlope": 0.0631093,
    "ProtocolName": "WIPtask-rest_boldSENSE",
    "PulseSequenceType": "gradient echo EPI",
    "ReconMatrixPE": 80,
    "RepetitionTime": 2,
    "SeriesDescription": "ImageMRSERIES",
    "SeriesNumber": 4,
    "SliceEncodingDirection": "k",
    "SliceTiming": [
      0.0,
      0.0556,
      0.1111,
      0.1667,
      0.2222,
      0.2778,
      0.3333,
      0.3889,
      0.4444,
      0.5,
      0.5556,
      0.6111,
      0.6667,
      0.7222,
      0.7778,
      0.8333,
      0.8889,
      0.9444,
      1.0,
      1.0556,
      1.1111,
      1.1667,
      1.2222,
      1.2778,
      1.3333,
      1.3889,
      1.4444,
      1.5,
      1.5556,
      1.6111,
      1.6667,
      1.7222,
      1.7778,
      1.8333,
      1.8889,
      1.9444
    ],
    "TaskName": "restingstate",
    "TotalReadoutTime": 0.026945238983542674,
    "UsePhilipsFloatNotDisplayScaling": 1,
    "WaterFatShift": 12,
    "acq_id": "seq",
    "dataset": "unknown",
    "modality": "bold",
    "subject_id": "0202",
    "task_id": "restingstate"
  },
  "dummy_trs": 0,
  "dvars_nstd": 17.13907355953975,
  "dvars_std": 1.1634444897907945,
  "dvars_vstd": 1.1261566818828455,
  "efc": 0.39301924908459607,
  "fber": 288138368.0,
  "fd_mean": 0.1027784334769957,
  "fd_num": 9,
  "fd_perc": 3.75,
  "fwhm_avg": 2.632369708426195,
  "fwhm_x": 2.60689,
  "fwhm_y": 2.9116433333333336,
  "fwhm_z": 2.378575791945252,
  "gcor": 0.0131207,
  "gsr_x": 0.000449199927970767,
  "gsr_y": 0.0004639705002773553,
  "provenance": {
    "md5sum": "c5f6ee0419334cf8f41b9fd14e386395",
    "settings": {
      "fd_thres": 0.2,
      "hmc_fsl": false
    },
    "software": "mriqc",
    "version": "0.15.0",
    "webapi_port": null,
    "webapi_url": "https://mriqc.nimh.nih.gov/api/v1"
  },
  "size_t": 240,
  "size_x": 80,
  "size_y": 80,
  "size_z": 36,
  "snr": 4.8628322052128645,
  "spacing_tr": 2.0,
  "spacing_x": 3.0,
  "spacing_y": 3.0,
  "spacing_z": 3.299999952316284,
  "spikes_num": 3,
  "summary_bg_k": 93.25240013869978,
  "summary_bg_mad": 1.8077293634414673,
  "summary_bg_mean": 163.86407470703125,
  "summary_bg_median": 1.2293095588684082,
  "summary_bg_n": 151218.0,
  "summary_bg_p05": 0.0,
  "summary_bg_p95": 601.0824279785156,
  "summary_bg_stdv": 933.765869140625,
  "summary_fg_k": 2.6582024278250875,
  "summary_fg_mad": 3509.154541015625,
  "summary_fg_mean": 21755.158203125,
  "summary_fg_median": 21791.8828125,
  "summary_fg_n": 39194.0,
  "summary_fg_p05": 14577.9857421875,
  "summary_fg_p95": 28580.194628906247,
  "summary_fg_stdv": 4481.2578125,
  "tsnr": 65.13577270507812
}