{
  "aor": 0.0007342290748898677,
  "aqi": 0.003302603127753304,
  "bids_meta": {
    "AcquisitionNumber": 7,
    "BidsifyVersion": "0.3.5",
    "ConversionSoftware": "dcm2niix",
    "ConversionSoftwareVersion": "v1.0.20181125  GCC6.3.0",
    "EchoTime": 0.02763,
    "EffectiveEchoSpacing": 0.0006909035636805814,
    "FlipAngle": 76.1,
    "ImageComments": "PIOP2",
    "ImageOrientationPatientDICOM": [
      0.999135,
      0.01514,
      -0.0387278,
      -0.0115097,
      0.995665,
      0.0923014
    ],
    "Manufacturer": "Philips",
    "NumberOfVolumesDiscardedByScanner": 2,
    "ParallelAcquisitionTechnique": "SENSE",
    "ParallelReductionFactorInPlane": 2,
    "PatientPosition": "HFS",
    "PhaseEncodingDirection": "j",
    "PhilipsRescaleIntercept": 0,
    "PhilipsRescaleSlope": 0.80415,
    "PhilipsScaleSlope": 0.0667305,
    "ProtocolName": "WIPtask-stop_boldSENSE",
    "PulseSequenceType": "gradient echo EPI",
    "ReconMatrixPE": 80,
    "RepetitionTime": 2,
    "SeriesDescription": "ImageMRSERIES",
    "SeriesNumber": 7,
    "SliceEncodingDirection": "k",
    "SliceTiming": [
      0.0,
      0.0556,
      0.1111,
      0.1667,
      0.2222,
      0.2778,
      0.3333,
      0.3889,
      0.4444,
      0.5,
      0.5556,
      0.6111,
      0.6667,
      0.7222,
      0.7778,
      0.8333,
      0.8889,
      0.9444,
      1.0,
      1.0556,
      1.1111,
      1.1667,
      1.2222,
      1.2778,
      1.3333,
      1.3889,
      1.4444,
      1.5,
      1.5556,
      1.6111,
      1.6667,
      1.7222,
      1.7778,
      1.8333,
      1.8889,
      1.9444
    ],
    "TaskName": "stopsignal",
    "TotalReadoutTime": 0.026945238983542674,
    "UsePhilipsFloatNotDisplayScaling": 1,
    "WaterFatShift": 12,
    "acq_id": "seq",
    "dataset": "unknown",
    "modality": "bold",
    "subject_id": "0202",
    "task_id": "stopsignal"
  },
  "dummy_trs": 0,
  "dvars_nstd": 17.208331854955766,
  "dvars_std": 1.2106308739380534,
  "dvars_vstd": 0.9999836376106193,
  "efc": 0.3924200642354944,
  "fber": 529601664.0,
  "fd_mean": 0.1024241928796901,
  "fd_num": 11,
  "fd_perc": 4.845814977973569,
  "fwhm_avg": 2.625856880111826,
  "fwhm_x": 2.594396666666667,
  "fwhm_y": 2.9111466666666668,
  "fwhm_z": 2.3720273070021443,
  "gcor": 0.0343627,
  "gsr_x": 0.000389707216527313,
  "gsr_y": 0.0009679042850621045,
  "provenance": {
    "md5sum": "d1d4b6ddee1b471d8e3f7ffdeb91ce6f",
    "settings": {
      "fd_thres": 0.2,
      "hmc_fsl": false
    },
    "software": "mriqc",
    "version": "0.15.0",
    "webapi_port": null,
    "webapi_url": "https://mriqc.nimh.nih.gov/api/v1"
  },
  "size_t": 227,
  "size_x": 80,
  "size_y": 80,
  "size_z": 36,
  "snr": 4.809527695545755,
  "spacing_tr": 2.0,
  "spacing_x": 3.0,
  "spacing_y": 3.0,
  "spacing_z": 3.299999952316284,
  "spikes_num": 0,
  "summary_bg_k": 89.77723995898083,
  "summary_bg_mad": 1.3362033367156982,
  "summary_bg_mean": 156.16770935058594,
  "summary_bg_median": 0.9099637866020203,
  "summary_bg_n": 151228.0,
  "summary_bg_p05": 0.0017358680372126403,
  "summary_bg_p95": 514.1786041259737,
  "summary_bg_stdv": 909.7431640625,
  "summary_fg_k": 2.5319722057546654,
  "summary_fg_mad": 3554.7587890625,
  "summary_fg_mean": 21794.021484375,
  "summary_fg_median": 21821.31640625,
  "summary_fg_n": 39262.0,
  "summary_fg_p05": 14426.035302734375,
  "summary_fg_p95": 28685.556347656246,
  "summary_fg_stdv": 4537.0439453125,
  "tsnr": 89.46870422363281
}