{
  "aor": 0.0008956296296296296,
  "aqi": 0.001814112888888889,
  "bids_meta": {
    "AcquisitionNumber": 8,
    "BidsifyVersion": "0.3.5",
    "ConversionSoftware": "dcm2niix",
    "ConversionSoftwareVersion": "v1.0.20181125  GCC6.3.0",
    "EchoTime": 0.02763,
    "EffectiveEchoSpacing": 0.0006909035636805814,
    "FlipAngle": 76.1,
    "ImageComments": "PIOP2",
    "ImageOrientationPatientDICOM": [
      0.999849,
      0.00447933,
      0.0167699,
      -0.0045372,
      0.999984,
      0.00341459
    ],
    "Manufacturer": "Philips",
    "NumberOfVolumesDiscardedByScanner": 2,
    "ParallelAcquisitionTechnique": "SENSE",
    "ParallelReductionFactorInPlane": 2,
    "PatientPosition": "HFS",
    "PhaseEncodingDirection": "j",
    "PhilipsRescaleIntercept": 0,
    "PhilipsRescaleSlope": 0.78217,
    "PhilipsScaleSlope": 0.0569878,
    "ProtocolName": "WIPtask-harriri_boldSENSE",
    "PulseSequenceType": "gradient echo EPI",
    "ReconMatrixPE": 80,
    "RepetitionTime": 2,
    "SeriesDescription": "ImageMRSERIES",
    "SeriesNumber": 8,
    "SliceEncodingDirection": "k",
    "SliceTiming": [
      0.0,
      0.0556,
      0.1111,
      0.1667,
      0.2222,
      0.2778,
      0.3333,
      0.3889,
      0.4444,
      0.5,
      0.5556,
      0.6111,
      0.6667,
      0.7222,
      0.7778,
      0.8333,
      0.8889,
      0.9444,
      1.0,
      1.0556,
      1.1111,
      1.1667,
      1.2222,
      1.2778,
      1.3333,
      1.3889,
      1.4444,
      1.5,
      1.5556,
      1.6111,
      1.6667,
      1.7222,
      1.7778,
      1.8333,
      1.8889,
      1.9444
    ],
    "TaskName": "emomatching",
    "TotalReadoutTime": 0.026945238983542674,
    "UsePhilipsFloatNotDisplayScaling": 1,
    "WaterFatShift": 12,
    "acq_id": "seq",
    "dataset": "unknown",
    "modality": "bold",
    "subject_id": "0179",
    "task_id": "emomatching"
  },
  "dummy_trs": 0,
  "dvars_nstd": 15.971492660820902,
  "dvars_std": 1.132414003955224,
  "dvars_vstd": 1.004590977761194,
  "efc": 0.38302695814855375,
  "fber": 7572343296.0,
  "fd_mean": 0.0900811535525275,
  "fd_num": 1,
  "fd_perc": 0.7407407407407407,
  "fwhm_avg": 2.530775667638379,
  "fwhm_x": 2.4882133333333334,
  "fwhm_y": 2.8052166666666665,
  "fwhm_z": 2.2988970029151368,
  "gcor": 0.0260805,
  "gsr_x": -0.0003999489708803594,
  "gsr_y": -0.0004421625635586679,
  "provenance": {
    "md5sum": "06c8401b84d75e0d44084d50c6557308",
    "settings": {
      "fd_thres": 0.2,
      "hmc_fsl": false
    },
    "software": "mriqc",
    "version": "0.15.0",
    "webapi_port": null,
    "webapi_url": "https://mriqc.nimh.nih.gov/api/v1"
  },
  "size_t": 135,
  "size_x": 80,
  "size_y": 80,
  "size_z": 36,
  "snr": 4.566383004051819,
  "spacing_tr": 2.0,
  "spacing_x": 3.0,
  "spacing_y": 3.0,
  "spacing_z": 3.299999952316284,
  "spikes_num": 0,
  "summary_bg_k": 194.1757115366657,
  "summary_bg_mad": 0.35685214400291443,
  "summary_bg_mean": 161.72023010253906,
  "summary_bg_median": 0.24097038805484772,
  "summary_bg_n": 153420.0,
  "summary_bg_p05": 0.0,
  "summary_bg_p95": 627.5390472412073,
  "summary_bg_stdv": 1033.0167236328125,
  "summary_fg_k": 2.0104435717054967,
  "summary_fg_mad": 4337.291015625,
  "summary_fg_mean": 23140.705078125,
  "summary_fg_median": 22769.5078125,
  "summary_fg_n": 37358.0,
  "summary_fg_p05": 15986.18388671875,
  "summary_fg_p95": 31127.437402343756,
  "summary_fg_stdv": 4986.2666015625,
  "tsnr": 101.25711059570312
}