{
    "Manufacturer": "Philips",
    "PatientPosition": "HFS",
    "SeriesDescription": "ImageMRSERIES",
    "ProtocolName": "WIPT1anat_acq-6m_T1wSENSE",
    "SeriesNumber": 2,
    "AcquisitionNumber": 2,
    "ImageComments": "PIOP2",
    "PhilipsRescaleSlope": 3.42222,
    "PhilipsRescaleIntercept": 0,
    "PhilipsScaleSlope": 0.00683227,
    "UsePhilipsFloatNotDisplayScaling": 1,
    "EchoTime": 0.00377,
    "RepetitionTime": 0.008203,
    "ReconMatrixPE": 240,
    "ImageOrientationPatientDICOM": [
        0.998113,
        0.0585613,
        -0.0184813,
        -0.0572013,
        0.996106,
        0.0670929
    ],
    "ConversionSoftware": "dcm2niix",
    "ConversionSoftwareVersion": "v1.0.20181125  GCC6.3.0",
    "BidsifyVersion": "0.3.5"
}