{
  "bids_meta": {
    "AcquisitionNumber": 2,
    "BidsifyVersion": "0.3.5",
    "ConversionSoftware": "dcm2niix",
    "ConversionSoftwareVersion": "v1.0.20181125  GCC6.3.0",
    "EchoTime": 0.00378,
    "ImageComments": "PIOP2",
    "ImageOrientationPatientDICOM": [
      0.999019,
      -0.0353588,
      -0.0266588,
      0.0380292,
      0.993487,
      0.10741
    ],
    "Manufacturer": "Philips",
    "NumberSignalAcquisitions": 2,
    "PatientPosition": "HFS",
    "PhilipsRescaleIntercept": 0,
    "PhilipsRescaleSlope": 8.88034,
    "PhilipsScaleSlope": 0.00736173,
    "ProtocolName": "WIPT1anat_acq-6m_T1wSENSE",
    "ReconMatrixPE": 240,
    "RepetitionTime": 0.008239,
    "SeriesDescription": "ImageMRSERIES",
    "SeriesNumber": 2,
    "UsePhilipsFloatNotDisplayScaling": 1,
    "dataset": "unknown",
    "modality": "T1w",
    "subject_id": "0193"
  },
  "cjv": 0.2590506144452653,
  "cnr": 4.884589710246415,
  "efc": 0.7621898096993229,
  "fber": 839.7646484375,
  "fwhm_avg": 5.126783547845098,
  "fwhm_x": 4.58362,
  "fwhm_y": 5.626800335383435,
  "fwhm_z": 5.1699303081518595,
  "icvs_csf": 0.26984011801721935,
  "icvs_gm": 0.38067228863603725,
  "icvs_wm": 0.3494875933467434,
  "inu_med": 1.7067493200302124,
  "inu_range": 0.34118624925613417,
  "provenance": {
    "md5sum": "a8d29eaaaf8a238f0e5c5dc53f2202bf",
    "settings": {
      "testing": false
    },
    "software": "mriqc",
    "version": "0.15.0",
    "warnings": {
      "large_rot_frame": true,
      "small_air_mask": true
    },
    "webapi_port": null,
    "webapi_url": "https://mriqc.nimh.nih.gov/api/v1"
  },
  "qi_1": 0.0,
  "qi_2": 0.0005097057707287035,
  "rpve_csf": 22.905114683502728,
  "rpve_gm": 15.154507250953433,
  "rpve_wm": 21.390053329394327,
  "size_x": 240,
  "size_y": 240,
  "size_z": 220,
  "snr_csf": 3.0049478208149796,
  "snr_gm": 10.945063286035484,
  "snr_total": 12.77808150425084,
  "snr_wm": 24.38423340590206,
  "snrd_csf": 25.24828749840824,
  "snrd_gm": 56.01202938184104,
  "snrd_total": 55.93062376437072,
  "snrd_wm": 86.53155441286289,
  "spacing_x": 1.0,
  "spacing_y": 0.9999999403953552,
  "spacing_z": 0.9999999403953552,
  "summary_bg_k": 2.0593764801150787,
  "summary_bg_mad": 7.571094512939453,
  "summary_bg_mean": 7.637007236480713,
  "summary_bg_median": 5.287970542907715,
  "summary_bg_n": 39335.0,
  "summary_bg_p05": 0.0,
  "summary_bg_p95": 20.71172904968261,
  "summary_bg_stdv": 5.864193916320801,
  "summary_csf_k": 27.091636780371342,
  "summary_csf_mad": 97.61941528320312,
  "summary_csf_mean": 286.1258239746094,
  "summary_csf_median": 291.7822570800781,
  "summary_csf_n": 28065.0,
  "summary_csf_p05": 126.66506958007812,
  "summary_csf_p95": 427.8409179687499,
  "summary_csf_stdv": 97.098876953125,
  "summary_gm_k": 0.5084695951851255,
  "summary_gm_mad": 56.91857147216797,
  "summary_gm_mean": 651.5858764648438,
  "summary_gm_median": 647.303955078125,
  "summary_gm_n": 30955.0,
  "summary_gm_p05": 562.7578247070312,
  "summary_gm_p95": 754.3009643554688,
  "summary_gm_stdv": 59.14022445678711,
  "summary_wm_k": 1.8111310532031872,
  "summary_wm_mad": 34.44842529296875,
  "summary_wm_mean": 997.5191650390625,
  "summary_wm_median": 1000.0033569335938,
  "summary_wm_n": 203984.0,
  "summary_wm_p05": 925.3953582763672,
  "summary_wm_p95": 1059.1636596679687,
  "summary_wm_stdv": 41.0101432800293,
  "tpm_overlap_csf": 0.213223397731781,
  "tpm_overlap_gm": 0.49821338057518005,
  "tpm_overlap_wm": 0.589320719242096,
  "wm2max": 0.8592437539472735
}