{
    "Manufacturer": "Philips",
    "PatientPosition": "HFS",
    "SeriesDescription": "ImageMRSERIES",
    "ProtocolName": "WIPT1anat_acq-6m_T1wSENSE",
    "SeriesNumber": 2,
    "AcquisitionNumber": 2,
    "ImageComments": "PIOP2",
    "PhilipsRescaleSlope": 8.83272,
    "PhilipsRescaleIntercept": 0,
    "PhilipsScaleSlope": 0.00725229,
    "UsePhilipsFloatNotDisplayScaling": 1,
    "EchoTime": 0.00385,
    "RepetitionTime": 0.008351,
    "ReconMatrixPE": 240,
    "ImageOrientationPatientDICOM": [
        0.99883,
        0.0392755,
        -0.0282126,
        -0.0443085,
        0.977003,
        -0.208573
    ],
    "ConversionSoftware": "dcm2niix",
    "ConversionSoftwareVersion": "v1.0.20181125  GCC6.3.0",
    "BidsifyVersion": "0.3.5"
}