{
  "bids_meta": {
    "AcquisitionNumber": 2,
    "BidsifyVersion": "0.3.5",
    "ConversionSoftware": "dcm2niix",
    "ConversionSoftwareVersion": "v1.0.20181125  GCC6.3.0",
    "EchoTime": 0.00372,
    "ImageComments": "PIOP2",
    "ImageOrientationPatientDICOM": [
      0.999718,
      -0.02349,
      0.00334633,
      0.0233851,
      0.999319,
      0.0285311
    ],
    "Manufacturer": "Philips",
    "NumberSignalAcquisitions": 2,
    "PatientPosition": "HFS",
    "PhilipsRescaleIntercept": 0,
    "PhilipsRescaleSlope": 9.13358,
    "PhilipsScaleSlope": 0.00704214,
    "ProtocolName": "WIPT1anat_acq-6m_T1wSENSE",
    "ReconMatrixPE": 240,
    "RepetitionTime": 0.008116,
    "SeriesDescription": "ImageMRSERIES",
    "SeriesNumber": 2,
    "UsePhilipsFloatNotDisplayScaling": 1,
    "dataset": "unknown",
    "modality": "T1w",
    "subject_id": "0215"
  },
  "cjv": 0.2682679431262398,
  "cnr": 4.507055049097457,
  "efc": 0.7443108890420419,
  "fber": 1549.332763671875,
  "fwhm_avg": 4.893966666666667,
  "fwhm_x": 4.59658,
  "fwhm_y": 5.08041,
  "fwhm_z": 5.00491,
  "icvs_csf": 0.29626002089496356,
  "icvs_gm": 0.34276623026223235,
  "icvs_wm": 0.3609737488428041,
  "inu_med": 1.815873622894287,
  "inu_range": 0.39276478886604327,
  "provenance": {
    "md5sum": "2e881d23a154765869c031c4af9d6d28",
    "settings": {
      "testing": false
    },
    "software": "mriqc",
    "version": "0.15.0",
    "warnings": {
      "large_rot_frame": true,
      "small_air_mask": true
    },
    "webapi_port": null,
    "webapi_url": "https://mriqc.nimh.nih.gov/api/v1"
  },
  "qi_1": 0.0,
  "qi_2": 8.785125699143633e-05,
  "rpve_csf": 20.548962056167223,
  "rpve_gm": 15.143079797093321,
  "rpve_wm": 20.06587781628978,
  "size_x": 240,
  "size_y": 240,
  "size_z": 220,
  "snr_csf": 3.780714422101234,
  "snr_gm": 9.797440509976592,
  "snr_total": 14.31544445310143,
  "snr_wm": 29.368178427226464,
  "snrd_csf": 27.679038948522813,
  "snrd_gm": 55.98834605773416,
  "snrd_total": 56.22133447880007,
  "snrd_wm": 84.99661843014323,
  "spacing_x": 1.0,
  "spacing_y": 1.0,
  "spacing_z": 1.0,
  "summary_bg_k": 209.7921535651879,
  "summary_bg_mad": 7.707737922668457,
  "summary_bg_mean": 8.143760681152344,
  "summary_bg_median": 5.357565879821777,
  "summary_bg_n": 157904.0,
  "summary_bg_p05": 0.0,
  "summary_bg_p95": 21.206991863250735,
  "summary_bg_stdv": 7.380609035491943,
  "summary_csf_k": -0.03355731062767031,
  "summary_csf_mad": 82.39287567138672,
  "summary_csf_mean": 313.9920654296875,
  "summary_csf_median": 325.6463623046875,
  "summary_csf_n": 34435.0,
  "summary_csf_p05": 149.7934097290039,
  "summary_csf_p95": 437.0917083740234,
  "summary_csf_stdv": 86.1323013305664,
  "summary_gm_k": 0.6399507109187175,
  "summary_gm_mad": 61.3922119140625,
  "summary_gm_mean": 666.5736083984375,
  "summary_gm_median": 658.7078857421875,
  "summary_gm_n": 19086.0,
  "summary_gm_p05": 570.6695251464844,
  "summary_gm_p95": 789.5569610595703,
  "summary_gm_stdv": 67.23088836669922,
  "summary_wm_k": 1.07215180829537,
  "summary_wm_mad": 30.163589477539062,
  "summary_wm_mean": 999.8441772460938,
  "summary_wm_median": 999.9927978515625,
  "summary_wm_n": 239503.0,
  "summary_wm_p05": 943.5423339843751,
  "summary_wm_p95": 1055.0946044921875,
  "summary_wm_stdv": 34.05014419555664,
  "tpm_overlap_csf": 0.20135203003883362,
  "tpm_overlap_gm": 0.4594351649284363,
  "tpm_overlap_wm": 0.5845258831977844,
  "wm2max": 0.8052855301555155
}