{
  "bids_meta": {
    "AcquisitionNumber": 2,
    "BidsifyVersion": "0.3.5",
    "ConversionSoftware": "dcm2niix",
    "ConversionSoftwareVersion": "v1.0.20181125  GCC6.3.0",
    "EchoTime": 0.00379,
    "ImageComments": "PIOP2",
    "ImageOrientationPatientDICOM": [
      0.997734,
      -0.0511346,
      -0.0437301,
      0.055258,
      0.993556,
      0.0989631
    ],
    "Manufacturer": "Philips",
    "NumberSignalAcquisitions": 2,
    "PatientPosition": "HFS",
    "PhilipsRescaleIntercept": 0,
    "PhilipsRescaleSlope": 7.39756,
    "PhilipsScaleSlope": 0.00776127,
    "ProtocolName": "WIPT1anat_acq-6m_T1wSENSE",
    "ReconMatrixPE": 240,
    "RepetitionTime": 0.008252,
    "SeriesDescription": "ImageMRSERIES",
    "SeriesNumber": 2,
    "UsePhilipsFloatNotDisplayScaling": 1,
    "dataset": "unknown",
    "modality": "T1w",
    "subject_id": "0090"
  },
  "cjv": 0.2696704509385229,
  "cnr": 4.671027638831718,
  "efc": 0.7534496412840688,
  "fber": 1748.5692138671875,
  "fwhm_avg": 4.423646305329445,
  "fwhm_x": 4.17759,
  "fwhm_y": 4.466769467519586,
  "fwhm_z": 4.626579448468751,
  "icvs_csf": 0.26117288581122444,
  "icvs_gm": 0.39612805642606785,
  "icvs_wm": 0.3426990577627077,
  "inu_med": 1.3411897420883179,
  "inu_range": 0.21711870431900038,
  "provenance": {
    "md5sum": "5ff79778c8bdba0a67546bf0274164d4",
    "settings": {
      "testing": false
    },
    "software": "mriqc",
    "version": "0.15.0",
    "warnings": {
      "large_rot_frame": true,
      "small_air_mask": true
    },
    "webapi_port": null,
    "webapi_url": "https://mriqc.nimh.nih.gov/api/v1"
  },
  "qi_1": 0.0,
  "qi_2": 0.00011627666385986582,
  "rpve_csf": 25.991804262362923,
  "rpve_gm": 16.37520426790514,
  "rpve_wm": 24.38938623255562,
  "size_x": 240,
  "size_y": 240,
  "size_z": 220,
  "snr_csf": 3.0162074196304745,
  "snr_gm": 9.89584382155654,
  "snr_total": 12.295598119958704,
  "snr_wm": 23.974743118689098,
  "snrd_csf": 23.633274953887238,
  "snrd_gm": 52.518577216351375,
  "snrd_total": 52.78545421310782,
  "snrd_wm": 82.20451046908485,
  "spacing_x": 1.0,
  "spacing_y": 1.0000001192092896,
  "spacing_z": 1.0000001192092896,
  "summary_bg_k": 13.449437172361982,
  "summary_bg_mad": 7.9695916175842285,
  "summary_bg_mean": 9.3319730758667,
  "summary_bg_median": 5.531296730041504,
  "summary_bg_n": 112224.0,
  "summary_bg_p05": 0.0,
  "summary_bg_p95": 22.182693672180175,
  "summary_bg_stdv": 8.335309028625488,
  "summary_csf_k": -0.5576713591789768,
  "summary_csf_mad": 106.29551696777344,
  "summary_csf_mean": 274.1528625488281,
  "summary_csf_median": 287.49365234375,
  "summary_csf_n": 13986.0,
  "summary_csf_p05": 113.34697151184082,
  "summary_csf_p95": 411.13209533691406,
  "summary_csf_stdv": 95.3128662109375,
  "summary_gm_k": 0.5780126232456331,
  "summary_gm_mad": 61.48265838623047,
  "summary_gm_mean": 644.3632202148438,
  "summary_gm_median": 638.8770751953125,
  "summary_gm_n": 18735.0,
  "summary_gm_p05": 550.236181640625,
  "summary_gm_p95": 760.3238098144532,
  "summary_gm_stdv": 64.55841827392578,
  "summary_wm_k": 0.9516401293850012,
  "summary_wm_mad": 35.90152359008789,
  "summary_wm_mean": 997.1448364257812,
  "summary_wm_median": 1000.0,
  "summary_wm_n": 168408.0,
  "summary_wm_p05": 921.5231109619141,
  "summary_wm_p95": 1061.1190856933595,
  "summary_wm_stdv": 41.7104377746582,
  "tpm_overlap_csf": 0.2118699997663498,
  "tpm_overlap_gm": 0.49539947509765625,
  "tpm_overlap_wm": 0.5695006847381592,
  "wm2max": 0.7105429728540541
}