{
  "aor": 0.002007333333333333,
  "aqi": 0.0032303680888888884,
  "bids_meta": {
    "AcquisitionNumber": 7,
    "BidsifyVersion": "0.3.5",
    "ConversionSoftware": "dcm2niix",
    "ConversionSoftwareVersion": "v1.0.20181125  GCC6.3.0",
    "EchoTime": 0.02763,
    "EffectiveEchoSpacing": 0.0006909035636805814,
    "FlipAngle": 76.1,
    "ImageComments": "PIOP2",
    "ImageOrientationPatientDICOM": [
      0.999601,
      -0.0138788,
      -0.0246089,
      0.012911,
      0.999154,
      -0.0390577
    ],
    "Manufacturer": "Philips",
    "NumberOfVolumesDiscardedByScanner": 2,
    "ParallelAcquisitionTechnique": "SENSE",
    "ParallelReductionFactorInPlane": 2,
    "PatientPosition": "HFS",
    "PhaseEncodingDirection": "j",
    "PhilipsRescaleIntercept": 0,
    "PhilipsRescaleSlope": 0.79219,
    "PhilipsScaleSlope": 0.0567785,
    "ProtocolName": "WIPtask-stop_boldSENSE",
    "PulseSequenceType": "gradient echo EPI",
    "ReconMatrixPE": 80,
    "RepetitionTime": 2,
    "SeriesDescription": "ImageMRSERIES",
    "SeriesNumber": 7,
    "SliceEncodingDirection": "k",
    "SliceTiming": [
      0.0,
      0.0556,
      0.1111,
      0.1667,
      0.2222,
      0.2778,
      0.3333,
      0.3889,
      0.4444,
      0.5,
      0.5556,
      0.6111,
      0.6667,
      0.7222,
      0.7778,
      0.8333,
      0.8889,
      0.9444,
      1.0,
      1.0556,
      1.1111,
      1.1667,
      1.2222,
      1.2778,
      1.3333,
      1.3889,
      1.4444,
      1.5,
      1.5556,
      1.6111,
      1.6667,
      1.7222,
      1.7778,
      1.8333,
      1.8889,
      1.9444
    ],
    "TaskName": "stopsignal",
    "TotalReadoutTime": 0.026945238983542674,
    "UsePhilipsFloatNotDisplayScaling": 1,
    "WaterFatShift": 12,
    "acq_id": "seq",
    "dataset": "unknown",
    "modality": "bold",
    "subject_id": "0078",
    "task_id": "stopsignal"
  },
  "dummy_trs": 0,
  "dvars_nstd": 20.986799257187503,
  "dvars_std": 1.3687354871875006,
  "dvars_vstd": 1.6197814825446426,
  "efc": 0.42403001028318094,
  "fber": 689092224.0,
  "fd_mean": 0.10606121111277786,
  "fd_num": 16,
  "fd_perc": 7.111111111111111,
  "fwhm_avg": 2.570133950827187,
  "fwhm_x": 2.4061033333333333,
  "fwhm_y": 2.93055,
  "fwhm_z": 2.3737485191482275,
  "gcor": 0.0206348,
  "gsr_x": -0.0016207965090870857,
  "gsr_y": 0.003833887167274952,
  "provenance": {
    "md5sum": "b519038730072a620ba0640ecf657b3c",
    "settings": {
      "fd_thres": 0.2,
      "hmc_fsl": false
    },
    "software": "mriqc",
    "version": "0.15.0",
    "webapi_port": null,
    "webapi_url": "https://mriqc.nimh.nih.gov/api/v1"
  },
  "size_t": 225,
  "size_x": 80,
  "size_y": 80,
  "size_z": 36,
  "snr": 4.826306710508137,
  "spacing_tr": 2.0,
  "spacing_x": 3.0,
  "spacing_y": 3.0,
  "spacing_z": 3.299999952316284,
  "spikes_num": 2,
  "summary_bg_k": 81.07298793398904,
  "summary_bg_mad": 1.348130226135254,
  "summary_bg_mean": 202.35400390625,
  "summary_bg_median": 0.9093000292778015,
  "summary_bg_n": 144747.0,
  "summary_bg_p05": 0.0,
  "summary_bg_p95": 1175.8946533203105,
  "summary_bg_stdv": 1046.964111328125,
  "summary_fg_k": 2.242398723479808,
  "summary_fg_mad": 4542.375,
  "summary_fg_mean": 26209.328125,
  "summary_fg_median": 26202.73828125,
  "summary_fg_n": 44775.0,
  "summary_fg_p05": 17828.0947265625,
  "summary_fg_p95": 34476.750390624984,
  "summary_fg_stdv": 5429.08837890625,
  "tsnr": 92.5625991821289
}