{
  "bids_meta": {
    "AcquisitionNumber": 2,
    "BidsifyVersion": "0.3.5",
    "ConversionSoftware": "dcm2niix",
    "ConversionSoftwareVersion": "v1.0.20181125  GCC6.3.0",
    "EchoTime": 0.00375,
    "ImageComments": "PIOP2",
    "ImageOrientationPatientDICOM": [
      0.999838,
      -0.00133652,
      -0.017927,
      -0.000174505,
      0.996464,
      -0.0840226
    ],
    "Manufacturer": "Philips",
    "PatientPosition": "HFS",
    "PhilipsRescaleIntercept": 0,
    "PhilipsRescaleSlope": 8.32454,
    "PhilipsScaleSlope": 0.00724847,
    "ProtocolName": "WIPT1anat_acq-6m_T1wSENSE",
    "ReconMatrixPE": 240,
    "RepetitionTime": 0.008182,
    "SeriesDescription": "ImageMRSERIES",
    "SeriesNumber": 2,
    "UsePhilipsFloatNotDisplayScaling": 1,
    "acq_id": "6m",
    "dataset": "unknown",
    "modality": "T1w",
    "subject_id": "0148"
  },
  "cjv": 0.26335901436751424,
  "cnr": 4.72903645054362,
  "efc": 0.7626694344326956,
  "fber": 2162.21875,
  "fwhm_avg": 4.704283333333334,
  "fwhm_x": 4.43003,
  "fwhm_y": 4.76058,
  "fwhm_z": 4.92224,
  "icvs_csf": 0.24290938476091523,
  "icvs_gm": 0.3949485755362298,
  "icvs_wm": 0.36214203970285497,
  "inu_med": 2.169384717941284,
  "inu_range": 0.39958682060241735,
  "provenance": {
    "md5sum": "becd21b8c14bf5da49c23492fb372c08",
    "settings": {
      "testing": false
    },
    "software": "mriqc",
    "version": "0.15.0",
    "warnings": {
      "large_rot_frame": true,
      "small_air_mask": true
    },
    "webapi_port": null,
    "webapi_url": "https://mriqc.nimh.nih.gov/api/v1"
  },
  "qi_1": 0.0,
  "qi_2": 5.538272002948673e-05,
  "rpve_csf": 26.739634518760333,
  "rpve_gm": 16.28110812793026,
  "rpve_wm": 22.747722092588884,
  "size_x": 240,
  "size_y": 240,
  "size_z": 220,
  "snr_csf": 2.7956074543373695,
  "snr_gm": 10.689787835501605,
  "snr_total": 13.43647154477902,
  "snr_wm": 26.824019344498087,
  "snrd_csf": 24.67814603769625,
  "snrd_gm": 55.19127250068589,
  "snrd_total": 54.715769353039114,
  "snrd_wm": 84.2778895207352,
  "spacing_x": 1.0,
  "spacing_y": 1.0,
  "spacing_z": 1.0,
  "summary_bg_k": 45.52657334270469,
  "summary_bg_mad": 7.773516654968262,
  "summary_bg_mean": 11.312254905700684,
  "summary_bg_median": 10.525712966918945,
  "summary_bg_n": 157500.0,
  "summary_bg_p05": 0.0,
  "summary_bg_p95": 26.87275886535644,
  "summary_bg_stdv": 13.5471773147583,
  "summary_csf_k": 15.14945050996242,
  "summary_csf_mad": 113.63360595703125,
  "summary_csf_mean": 281.99761962890625,
  "summary_csf_median": 292.8183898925781,
  "summary_csf_n": 15241.0,
  "summary_csf_p05": 116.41728973388672,
  "summary_csf_p95": 427.6197509765625,
  "summary_csf_stdv": 104.73887634277344,
  "summary_gm_k": 0.6202879843070379,
  "summary_gm_mad": 58.313941955566406,
  "summary_gm_mean": 659.7685546875,
  "summary_gm_median": 654.8717041015625,
  "summary_gm_n": 27436.0,
  "summary_gm_p05": 568.2886352539062,
  "summary_gm_p95": 767.9441986083984,
  "summary_gm_stdv": 61.26031494140625,
  "summary_wm_k": 1.1535599210432705,
  "summary_wm_mad": 32.57838439941406,
  "summary_wm_mean": 998.3652954101562,
  "summary_wm_median": 999.998779296875,
  "summary_wm_n": 204864.0,
  "summary_wm_p05": 933.732110595703,
  "summary_wm_p95": 1056.3007446289062,
  "summary_wm_stdv": 37.279884338378906,
  "tpm_overlap_csf": 0.22657617926597595,
  "tpm_overlap_gm": 0.5052201151847839,
  "tpm_overlap_wm": 0.5795080065727234,
  "wm2max": 0.777263975380043
}