{
    "Manufacturer": "Philips",
    "PatientPosition": "HFS",
    "SeriesDescription": "ImageMRSERIES",
    "ProtocolName": "WIPT1anat_acq-6m_T1wSENSE",
    "SeriesNumber": 2,
    "AcquisitionNumber": 2,
    "ImageComments": "PIOP2",
    "PhilipsRescaleSlope": 9.47131,
    "PhilipsRescaleIntercept": 0,
    "PhilipsScaleSlope": 0.00735674,
    "UsePhilipsFloatNotDisplayScaling": 1,
    "EchoTime": 0.00373,
    "RepetitionTime": 0.008164,
    "ReconMatrixPE": 240,
    "ImageOrientationPatientDICOM": [
        0.99946,
        -0.0175057,
        -0.0278195,
        0.0176201,
        0.999837,
        0.00387354
    ],
    "ConversionSoftware": "dcm2niix",
    "ConversionSoftwareVersion": "v1.0.20181125  GCC6.3.0",
    "BidsifyVersion": "0.3.5"
}