{
  "aor": 0.0009611666666666667,
  "aqi": 0.002644507791666667,
  "bids_meta": {
    "AcquisitionNumber": 4,
    "BidsifyVersion": "0.3.5",
    "ConversionSoftware": "dcm2niix",
    "ConversionSoftwareVersion": "v1.0.20181125  GCC6.3.0",
    "EchoTime": 0.02763,
    "EffectiveEchoSpacing": 0.0006909035636805814,
    "FlipAngle": 76.1,
    "ImageComments": "PIOP2",
    "ImageOrientationPatientDICOM": [
      0.998275,
      0.0512015,
      -0.0287476,
      -0.0570357,
      0.961902,
      -0.267379
    ],
    "Manufacturer": "Philips",
    "NumberOfVolumesDiscardedByScanner": 2,
    "ParallelAcquisitionTechnique": "SENSE",
    "ParallelReductionFactorInPlane": 2,
    "PatientPosition": "HFS",
    "PhaseEncodingDirection": "j",
    "PhilipsRescaleIntercept": 0,
    "PhilipsRescaleSlope": 0.83175,
    "PhilipsScaleSlope": 0.055952,
    "ProtocolName": "WIPtask-rest_boldSENSE",
    "PulseSequenceType": "gradient echo EPI",
    "ReconMatrixPE": 80,
    "RepetitionTime": 2,
    "SeriesDescription": "ImageMRSERIES",
    "SeriesNumber": 4,
    "SliceEncodingDirection": "k",
    "SliceTiming": [
      0.0,
      0.0556,
      0.1111,
      0.1667,
      0.2222,
      0.2778,
      0.3333,
      0.3889,
      0.4444,
      0.5,
      0.5556,
      0.6111,
      0.6667,
      0.7222,
      0.7778,
      0.8333,
      0.8889,
      0.9444,
      1.0,
      1.0556,
      1.1111,
      1.1667,
      1.2222,
      1.2778,
      1.3333,
      1.3889,
      1.4444,
      1.5,
      1.5556,
      1.6111,
      1.6667,
      1.7222,
      1.7778,
      1.8333,
      1.8889,
      1.9444
    ],
    "TaskName": "restingstate",
    "TotalReadoutTime": 0.026945238983542674,
    "UsePhilipsFloatNotDisplayScaling": 1,
    "WaterFatShift": 12,
    "acq_id": "seq",
    "dataset": "unknown",
    "modality": "bold",
    "subject_id": "0011",
    "task_id": "restingstate"
  },
  "dummy_trs": 0,
  "dvars_nstd": 14.857606081715483,
  "dvars_std": 1.1383170391213389,
  "dvars_vstd": 1.0035618633472803,
  "efc": 0.3699642670831057,
  "fber": 6286586368.0,
  "fd_mean": 0.10410853186070033,
  "fd_num": 5,
  "fd_perc": 2.0833333333333335,
  "fwhm_avg": 2.4802876875029494,
  "fwhm_x": 2.4821466666666665,
  "fwhm_y": 2.72988,
  "fwhm_z": 2.228836395842182,
  "gcor": 0.0370216,
  "gsr_x": -0.005894944537431002,
  "gsr_y": 0.003575957613065839,
  "provenance": {
    "md5sum": "4c88d6a3be0d0691ad3c34d10a79671d",
    "settings": {
      "fd_thres": 0.2,
      "hmc_fsl": false
    },
    "software": "mriqc",
    "version": "0.15.0",
    "webapi_port": null,
    "webapi_url": "https://mriqc.nimh.nih.gov/api/v1"
  },
  "size_t": 240,
  "size_x": 80,
  "size_y": 80,
  "size_z": 36,
  "snr": 4.9636043851109095,
  "spacing_tr": 2.0,
  "spacing_x": 3.0,
  "spacing_y": 3.0,
  "spacing_z": 3.299999952316284,
  "spikes_num": 0,
  "summary_bg_k": 197.48791611604784,
  "summary_bg_mad": 0.45616015791893005,
  "summary_bg_mean": 160.01600646972656,
  "summary_bg_median": 0.3085162043571472,
  "summary_bg_n": 156288.0,
  "summary_bg_p05": 0.00017342549981549384,
  "summary_bg_p95": 697.3103454589827,
  "summary_bg_stdv": 926.8955078125,
  "summary_fg_k": 2.634110330095729,
  "summary_fg_mad": 4276.01318359375,
  "summary_fg_mean": 26051.626953125,
  "summary_fg_median": 25916.01953125,
  "summary_fg_n": 34823.0,
  "summary_fg_p05": 18159.918359375,
  "summary_fg_p95": 34076.845703125,
  "summary_fg_stdv": 5221.134765625,
  "tsnr": 98.24119567871094
}