{
  "aor": 0.0016498124999999998,
  "aqi": 0.0021137295625,
  "bids_meta": {
    "AcquisitionNumber": 3,
    "BidsifyVersion": "0.3.5",
    "ConversionSoftware": "dcm2niix",
    "ConversionSoftwareVersion": "v1.0.20181125  GCC6.3.0",
    "EchoTime": 0.02763,
    "EffectiveEchoSpacing": 0.0006909035636805814,
    "FlipAngle": 76.1,
    "ImageComments": "PIOP2",
    "ImageOrientationPatientDICOM": [
      0.998275,
      0.0512015,
      -0.0287476,
      -0.0570357,
      0.961902,
      -0.267379
    ],
    "Manufacturer": "Philips",
    "NumberOfVolumesDiscardedByScanner": 2,
    "ParallelAcquisitionTechnique": "SENSE",
    "ParallelReductionFactorInPlane": 2,
    "PatientPosition": "HFS",
    "PhaseEncodingDirection": "j",
    "PhilipsRescaleIntercept": 0,
    "PhilipsRescaleSlope": 0.78974,
    "PhilipsScaleSlope": 0.0589006,
    "ProtocolName": "WIPtask-wm_boldSENSE",
    "PulseSequenceType": "gradient echo EPI",
    "ReconMatrixPE": 80,
    "RepetitionTime": 2,
    "SeriesDescription": "ImageMRSERIES",
    "SeriesNumber": 3,
    "SliceEncodingDirection": "k",
    "SliceTiming": [
      0.0,
      0.0556,
      0.1111,
      0.1667,
      0.2222,
      0.2778,
      0.3333,
      0.3889,
      0.4444,
      0.5,
      0.5556,
      0.6111,
      0.6667,
      0.7222,
      0.7778,
      0.8333,
      0.8889,
      0.9444,
      1.0,
      1.0556,
      1.1111,
      1.1667,
      1.2222,
      1.2778,
      1.3333,
      1.3889,
      1.4444,
      1.5,
      1.5556,
      1.6111,
      1.6667,
      1.7222,
      1.7778,
      1.8333,
      1.8889,
      1.9444
    ],
    "TaskName": "workingmemory",
    "TotalReadoutTime": 0.026945238983542674,
    "UsePhilipsFloatNotDisplayScaling": 1,
    "WaterFatShift": 12,
    "acq_id": "seq",
    "dataset": "unknown",
    "modality": "bold",
    "subject_id": "0011",
    "task_id": "workingmemory"
  },
  "dummy_trs": 0,
  "dvars_nstd": 14.157640019496853,
  "dvars_std": 1.150650246477988,
  "dvars_vstd": 1.000641322641509,
  "efc": 0.36997485353341636,
  "fber": 13627467776.0,
  "fd_mean": 0.08570519194025483,
  "fd_num": 0,
  "fd_perc": 0.0,
  "fwhm_avg": 2.490702233040004,
  "fwhm_x": 2.4915966666666667,
  "fwhm_y": 2.7345433333333333,
  "fwhm_z": 2.2459666991200113,
  "gcor": 0.0357663,
  "gsr_x": -0.005804713815450668,
  "gsr_y": 0.003746610600501299,
  "provenance": {
    "md5sum": "a3db98e7faedd82c5c59055eb05b147a",
    "settings": {
      "fd_thres": 0.2,
      "hmc_fsl": false
    },
    "software": "mriqc",
    "version": "0.15.0",
    "webapi_port": null,
    "webapi_url": "https://mriqc.nimh.nih.gov/api/v1"
  },
  "size_t": 160,
  "size_x": 80,
  "size_y": 80,
  "size_z": 36,
  "snr": 4.973744162849327,
  "spacing_tr": 2.0,
  "spacing_x": 3.0,
  "spacing_y": 3.0,
  "spacing_z": 3.299999952316284,
  "spikes_num": 0,
  "summary_bg_k": 245.06612186045,
  "summary_bg_mad": 0.2913481295108795,
  "summary_bg_mean": 161.34475708007812,
  "summary_bg_median": 0.19651131331920624,
  "summary_bg_n": 156258.0,
  "summary_bg_p05": 0.0,
  "summary_bg_p95": 689.6996765136716,
  "summary_bg_stdv": 951.8263549804688,
  "summary_fg_k": 2.4770077457430384,
  "summary_fg_mad": 4333.45703125,
  "summary_fg_mean": 26094.654296875,
  "summary_fg_median": 25921.71484375,
  "summary_fg_n": 34842.0,
  "summary_fg_p05": 18250.033984375004,
  "summary_fg_p95": 34185.703515625,
  "summary_fg_stdv": 5211.6357421875,
  "tsnr": 108.43685913085938
}