{
  "bids_meta": {
    "AcquisitionNumber": 2,
    "BidsifyVersion": "0.3.5",
    "ConversionSoftware": "dcm2niix",
    "ConversionSoftwareVersion": "v1.0.20181125  GCC6.3.0",
    "EchoTime": 0.00373,
    "ImageComments": "PIOP2",
    "ImageOrientationPatientDICOM": [
      0.999943,
      0.00943874,
      0.00503487,
      -0.00942452,
      0.999952,
      -0.0028401
    ],
    "Manufacturer": "Philips",
    "PatientPosition": "HFS",
    "PhilipsRescaleIntercept": 0,
    "PhilipsRescaleSlope": 8.4862,
    "PhilipsScaleSlope": 0.00741386,
    "ProtocolName": "WIPT1anat_acq-6m_T1wSENSE",
    "ReconMatrixPE": 240,
    "RepetitionTime": 0.008151,
    "SeriesDescription": "ImageMRSERIES",
    "SeriesNumber": 2,
    "UsePhilipsFloatNotDisplayScaling": 1,
    "acq_id": "6m",
    "dataset": "unknown",
    "modality": "T1w",
    "subject_id": "0080"
  },
  "cjv": 0.26639573803557554,
  "cnr": 4.84284735480127,
  "efc": 0.7405709998214521,
  "fber": 1431.220458984375,
  "fwhm_avg": 4.573323428179826,
  "fwhm_x": 4.27185,
  "fwhm_y": 4.67434,
  "fwhm_z": 4.773780284539479,
  "icvs_csf": 0.252056300218446,
  "icvs_gm": 0.40448992292024666,
  "icvs_wm": 0.34345377686130735,
  "inu_med": 1.9111628532409668,
  "inu_range": 0.316241788864136,
  "provenance": {
    "md5sum": "f91a3a660f11d04a84c8865805f99045",
    "settings": {
      "testing": false
    },
    "software": "mriqc",
    "version": "0.15.0",
    "warnings": {
      "large_rot_frame": true,
      "small_air_mask": true
    },
    "webapi_port": null,
    "webapi_url": "https://mriqc.nimh.nih.gov/api/v1"
  },
  "qi_1": 0.0,
  "qi_2": 4.5563313808603815e-05,
  "rpve_csf": 26.301906229585086,
  "rpve_gm": 16.08585216123932,
  "rpve_wm": 24.042127469643273,
  "size_x": 240,
  "size_y": 240,
  "size_z": 220,
  "snr_csf": 3.017056945734305,
  "snr_gm": 10.597068081183835,
  "snr_total": 12.798552383943232,
  "snr_wm": 24.781532124911557,
  "snrd_csf": 21.562847375159212,
  "snrd_gm": 49.527788216042275,
  "snrd_total": 49.32697503332469,
  "snrd_wm": 76.89028950877261,
  "spacing_x": 1.0,
  "spacing_y": 1.0,
  "spacing_z": 0.9999999403953552,
  "summary_bg_k": 56.711059646133684,
  "summary_bg_mad": 8.520303726196289,
  "summary_bg_mean": 8.426871299743652,
  "summary_bg_median": 5.868929386138916,
  "summary_bg_n": 218318.0,
  "summary_bg_p05": 0.0,
  "summary_bg_p95": 23.210356426239013,
  "summary_bg_stdv": 8.76031494140625,
  "summary_csf_k": -0.2946024043752571,
  "summary_csf_mad": 105.26644897460938,
  "summary_csf_mean": 276.416748046875,
  "summary_csf_median": 280.4332275390625,
  "summary_csf_n": 11534.0,
  "summary_csf_p05": 132.18933868408203,
  "summary_csf_p95": 424.4377990722657,
  "summary_csf_stdv": 92.94523620605469,
  "summary_gm_k": 0.22911088022354908,
  "summary_gm_mad": 58.31203842163086,
  "summary_gm_mean": 645.7772827148438,
  "summary_gm_median": 644.128173828125,
  "summary_gm_n": 26589.0,
  "summary_gm_p05": 549.2334838867188,
  "summary_gm_p95": 750.6646240234375,
  "summary_gm_stdv": 60.78247833251953,
  "summary_wm_k": 0.7760789390624039,
  "summary_wm_mad": 36.487545013427734,
  "summary_wm_mean": 996.694091796875,
  "summary_wm_median": 999.9881591796875,
  "summary_wm_n": 178567.0,
  "summary_wm_p05": 924.0430603027344,
  "summary_wm_p95": 1056.5212036132812,
  "summary_wm_stdv": 40.3520393371582,
  "tpm_overlap_csf": 0.21347922086715698,
  "tpm_overlap_gm": 0.5060461163520813,
  "tpm_overlap_wm": 0.5753658413887024,
  "wm2max": 0.7130898048496513
}