{
  "bids_meta": {
    "AcquisitionNumber": 2,
    "BidsifyVersion": "0.3.5",
    "ConversionSoftware": "dcm2niix",
    "ConversionSoftwareVersion": "v1.0.20181125  GCC6.3.0",
    "EchoTime": 0.00377,
    "ImageComments": "PIOP2",
    "ImageOrientationPatientDICOM": [
      0.999229,
      -0.0390672,
      -0.00394623,
      0.0392598,
      0.995799,
      0.082717
    ],
    "Manufacturer": "Philips",
    "PatientPosition": "HFS",
    "PhilipsRescaleIntercept": 0,
    "PhilipsRescaleSlope": 7.8442,
    "PhilipsScaleSlope": 0.00730604,
    "ProtocolName": "WIPT1anat_acq-6m_T1wSENSE",
    "ReconMatrixPE": 240,
    "RepetitionTime": 0.0082,
    "SeriesDescription": "ImageMRSERIES",
    "SeriesNumber": 2,
    "UsePhilipsFloatNotDisplayScaling": 1,
    "acq_id": "6m",
    "dataset": "unknown",
    "modality": "T1w",
    "subject_id": "0071"
  },
  "cjv": 0.27272431221102134,
  "cnr": 4.672059968683524,
  "efc": 0.7354955782068082,
  "fber": 2030.8985595703125,
  "fwhm_avg": 4.6632902891187165,
  "fwhm_x": 4.32146,
  "fwhm_y": 4.785000285208242,
  "fwhm_z": 4.8834105821479055,
  "icvs_csf": 0.2730234328047498,
  "icvs_gm": 0.37164337071927384,
  "icvs_wm": 0.3553331964759764,
  "inu_med": 2.325507879257202,
  "inu_range": 0.36543357372283936,
  "provenance": {
    "md5sum": "bcce5fb2d3bad3937dbf4300880ab9b1",
    "settings": {
      "testing": false
    },
    "software": "mriqc",
    "version": "0.15.0",
    "warnings": {
      "large_rot_frame": true,
      "small_air_mask": true
    },
    "webapi_port": null,
    "webapi_url": "https://mriqc.nimh.nih.gov/api/v1"
  },
  "qi_1": 0.00013324213649324463,
  "qi_2": 3.7056372972800674e-05,
  "rpve_csf": 26.751223114360926,
  "rpve_gm": 17.987574281840363,
  "rpve_wm": 24.978586579576444,
  "size_x": 240,
  "size_y": 240,
  "size_z": 220,
  "snr_csf": 3.2207802437814137,
  "snr_gm": 11.130480730382423,
  "snr_total": 13.840206706293978,
  "snr_wm": 27.1693591447181,
  "snrd_csf": 26.966517434779455,
  "snrd_gm": 60.39437197328736,
  "snrd_total": 59.21904906481942,
  "snrd_wm": 90.29625778639145,
  "spacing_x": 1.0,
  "spacing_y": 0.9999999403953552,
  "spacing_z": 0.9999998807907104,
  "summary_bg_k": 128.93470913055688,
  "summary_bg_mad": 7.255358695983887,
  "summary_bg_mean": 7.542855262756348,
  "summary_bg_median": 5.015296459197998,
  "summary_bg_n": 263997.0,
  "summary_bg_p05": 0.0,
  "summary_bg_p95": 20.07133331298828,
  "summary_bg_stdv": 7.64332914352417,
  "summary_csf_k": -0.4687803685937202,
  "summary_csf_mad": 105.21634674072266,
  "summary_csf_mean": 295.6957702636719,
  "summary_csf_median": 298.6427917480469,
  "summary_csf_n": 21091.0,
  "summary_csf_p05": 146.5102310180664,
  "summary_csf_p95": 438.0561065673828,
  "summary_csf_stdv": 92.72154235839844,
  "summary_gm_k": 0.4996584484096185,
  "summary_gm_mad": 57.04643249511719,
  "summary_gm_mean": 671.769287109375,
  "summary_gm_median": 668.8421630859375,
  "summary_gm_n": 18638.0,
  "summary_gm_p05": 579.8676147460938,
  "summary_gm_p95": 777.2328308105468,
  "summary_gm_stdv": 60.08942794799805,
  "summary_wm_k": 0.8457753321224213,
  "summary_wm_mad": 33.26642990112305,
  "summary_wm_mean": 998.0987548828125,
  "summary_wm_median": 999.992919921875,
  "summary_wm_n": 179877.0,
  "summary_wm_p05": 933.689013671875,
  "summary_wm_p95": 1054.6556396484375,
  "summary_wm_stdv": 36.80580520629883,
  "tpm_overlap_csf": 0.21248170733451843,
  "tpm_overlap_gm": 0.48011094331741333,
  "tpm_overlap_wm": 0.5848734378814697,
  "wm2max": 0.7614224836017158
}