{
  "aor": 0.00564358208955224,
  "aqi": 0.031716261940298515,
  "bids_meta": {
    "AcquisitionNumber": 8,
    "BidsifyVersion": "0.3.5",
    "ConversionSoftware": "dcm2niix",
    "ConversionSoftwareVersion": "v1.0.20181125  GCC6.3.0",
    "EchoTime": 0.02763,
    "FlipAngle": 76.1,
    "ImageComments": "PIOP2",
    "ImageOrientationPatientDICOM": [
      0.987746,
      0.145326,
      -0.0568962,
      -0.142336,
      0.988371,
      0.053502
    ],
    "Manufacturer": "Philips",
    "NumberOfVolumesDiscardedByScanner": 2,
    "ParallelAcquisitionTechnique": "SENSE",
    "ParallelReductionFactorInPlane": 2,
    "PatientPosition": "HFS",
    "PhaseEncodingDirection": "j",
    "PhilipsRescaleIntercept": 0,
    "PhilipsRescaleSlope": 0.76557,
    "PhilipsScaleSlope": 0.0574956,
    "ProtocolName": "WIPtask-harriri_boldSENSE",
    "PulseSequenceType": "gradient echo EPI",
    "ReconMatrixPE": 80,
    "RepetitionTime": 2,
    "SeriesDescription": "ImageMRSERIES",
    "SeriesNumber": 8,
    "SliceEncodingDirection": "k",
    "TaskName": "emomatching",
    "UsePhilipsFloatNotDisplayScaling": 1,
    "WaterFatShift": 12,
    "acq_id": "seq",
    "dataset": "unknown",
    "modality": "bold",
    "subject_id": "0052",
    "task_id": "emomatching"
  },
  "dummy_trs": 1,
  "dvars_nstd": 26.542607278947354,
  "dvars_std": 0.9591860142857144,
  "dvars_vstd": 0.9077236293233085,
  "efc": 0.4091983110130946,
  "fber": 9882485.0,
  "fd_mean": 0.4463967461491786,
  "fd_num": 62,
  "fd_perc": 46.26865671641791,
  "fwhm_avg": 2.7271069811882196,
  "fwhm_x": 2.6911466666666666,
  "fwhm_y": 3.1043833333333333,
  "fwhm_z": 2.38579094356466,
  "gcor": 0.0121905,
  "gsr_x": -0.0008522549760527909,
  "gsr_y": 0.003168178955093026,
  "provenance": {
    "md5sum": "462974245d1305aa4ebf28d12096cb66",
    "settings": {
      "fd_thres": 0.2,
      "hmc_fsl": false
    },
    "software": "mriqc",
    "version": "0.15.0",
    "webapi_port": null,
    "webapi_url": "https://mriqc.nimh.nih.gov/api/v1"
  },
  "size_t": 134,
  "size_x": 80,
  "size_y": 80,
  "size_z": 36,
  "snr": 5.667984448068987,
  "spacing_tr": 2.0,
  "spacing_x": 3.0,
  "spacing_y": 3.0,
  "spacing_z": 3.299999952316284,
  "spikes_num": 0,
  "summary_bg_k": 160.6854525718588,
  "summary_bg_mad": 10.040623664855957,
  "summary_bg_mean": 172.54188537597656,
  "summary_bg_median": 7.447042465209961,
  "summary_bg_n": 148415.0,
  "summary_bg_p05": 0.21546418815851212,
  "summary_bg_p95": 824.1159667968731,
  "summary_bg_stdv": 908.2196044921875,
  "summary_fg_k": 3.229464027836989,
  "summary_fg_mad": 3581.542724609375,
  "summary_fg_mean": 24509.216796875,
  "summary_fg_median": 24463.06640625,
  "summary_fg_n": 41518.0,
  "summary_fg_p05": 17843.27333984375,
  "summary_fg_p95": 30755.2779296875,
  "summary_fg_stdv": 4315.9560546875,
  "tsnr": 36.137123107910156
}