{
  "aor": 0.0016157499999999998,
  "aqi": 0.003933205625,
  "bids_meta": {
    "AcquisitionNumber": 3,
    "BidsifyVersion": "0.3.5",
    "ConversionSoftware": "dcm2niix",
    "ConversionSoftwareVersion": "v1.0.20181125  GCC6.3.0",
    "EchoTime": 0.02763,
    "EffectiveEchoSpacing": 0.0006909035636805814,
    "FlipAngle": 76.1,
    "ImageComments": "PIOP2",
    "ImageOrientationPatientDICOM": [
      0.998587,
      0.0442774,
      0.0293994,
      -0.0399328,
      0.990075,
      -0.13475
    ],
    "Manufacturer": "Philips",
    "NumberOfVolumesDiscardedByScanner": 2,
    "ParallelAcquisitionTechnique": "SENSE",
    "ParallelReductionFactorInPlane": 2,
    "PatientPosition": "HFS",
    "PhaseEncodingDirection": "j",
    "PhilipsRescaleIntercept": 0,
    "PhilipsRescaleSlope": 0.82344,
    "PhilipsScaleSlope": 0.0604551,
    "ProtocolName": "WIPtask-wm_boldSENSE",
    "PulseSequenceType": "gradient echo EPI",
    "ReconMatrixPE": 80,
    "RepetitionTime": 2,
    "SeriesDescription": "ImageMRSERIES",
    "SeriesNumber": 3,
    "SliceEncodingDirection": "k",
    "SliceTiming": [
      0.0,
      0.0556,
      0.1111,
      0.1667,
      0.2222,
      0.2778,
      0.3333,
      0.3889,
      0.4444,
      0.5,
      0.5556,
      0.6111,
      0.6667,
      0.7222,
      0.7778,
      0.8333,
      0.8889,
      0.9444,
      1.0,
      1.0556,
      1.1111,
      1.1667,
      1.2222,
      1.2778,
      1.3333,
      1.3889,
      1.4444,
      1.5,
      1.5556,
      1.6111,
      1.6667,
      1.7222,
      1.7778,
      1.8333,
      1.8889,
      1.9444
    ],
    "TaskName": "workingmemory",
    "TotalReadoutTime": 0.026945238983542674,
    "UsePhilipsFloatNotDisplayScaling": 1,
    "WaterFatShift": 12,
    "acq_id": "seq",
    "dataset": "unknown",
    "modality": "bold",
    "subject_id": "0096",
    "task_id": "workingmemory"
  },
  "dummy_trs": 0,
  "dvars_nstd": 17.9308250236478,
  "dvars_std": 1.1800357449685537,
  "dvars_vstd": 1.00090520509434,
  "efc": 0.4223115451701038,
  "fber": 1179374976.0,
  "fd_mean": 0.12377738217730822,
  "fd_num": 11,
  "fd_perc": 6.875,
  "fwhm_avg": 2.561220213239493,
  "fwhm_x": 2.5281566666666664,
  "fwhm_y": 2.8261766666666666,
  "fwhm_z": 2.329327306385146,
  "gcor": 0.0176481,
  "gsr_x": 0.005733422003686428,
  "gsr_y": -0.0006773193599656224,
  "provenance": {
    "md5sum": "e6bd0d534944955a5d0845a3479327d8",
    "settings": {
      "fd_thres": 0.2,
      "hmc_fsl": false
    },
    "software": "mriqc",
    "version": "0.15.0",
    "webapi_port": null,
    "webapi_url": "https://mriqc.nimh.nih.gov/api/v1"
  },
  "size_t": 160,
  "size_x": 80,
  "size_y": 80,
  "size_z": 36,
  "snr": 5.622735407453349,
  "spacing_tr": 2.0,
  "spacing_x": 3.0,
  "spacing_y": 3.0,
  "spacing_z": 3.299999952316284,
  "spikes_num": 0,
  "summary_bg_k": 62.6778481825114,
  "summary_bg_mad": 0.9602118134498596,
  "summary_bg_mean": 248.20840454101562,
  "summary_bg_median": 0.6495102643966675,
  "summary_bg_n": 146314.0,
  "summary_bg_p05": 0.0,
  "summary_bg_p95": 969.5358642578151,
  "summary_bg_stdv": 1348.624755859375,
  "summary_fg_k": 3.324915533005135,
  "summary_fg_mad": 3554.1044921875,
  "summary_fg_mean": 23875.810546875,
  "summary_fg_median": 23942.45703125,
  "summary_fg_n": 43396.0,
  "summary_fg_p05": 17278.08642578125,
  "summary_fg_p95": 29969.0830078125,
  "summary_fg_stdv": 4258.10205078125,
  "tsnr": 92.99356079101562
}