{
    "Manufacturer": "Philips",
    "PatientPosition": "HFS",
    "SeriesDescription": "ImageMRSERIES",
    "ProtocolName": "WIPT1anat_acq-6m_T1wSENSE",
    "SeriesNumber": 2,
    "AcquisitionNumber": 2,
    "ImageComments": "PIOP2",
    "PhilipsRescaleSlope": 7.46276,
    "PhilipsRescaleIntercept": 0,
    "PhilipsScaleSlope": 0.00717162,
    "UsePhilipsFloatNotDisplayScaling": 1,
    "EchoTime": 0.00381,
    "RepetitionTime": 0.008309,
    "ReconMatrixPE": 240,
    "ImageOrientationPatientDICOM": [
        0.998662,
        0.0172205,
        -0.0487598,
        -0.0088895,
        0.986056,
        0.166177
    ],
    "ConversionSoftware": "dcm2niix",
    "ConversionSoftwareVersion": "v1.0.20181125  GCC6.3.0",
    "BidsifyVersion": "0.3.5"
}