{
  "aor": 0.0045020625,
  "aqi": 0.004154248125,
  "bids_meta": {
    "AcquisitionNumber": 3,
    "BidsifyVersion": "0.3.5",
    "ConversionSoftware": "dcm2niix",
    "ConversionSoftwareVersion": "v1.0.20181125  GCC6.3.0",
    "EchoTime": 0.02763,
    "FlipAngle": 76.1,
    "ImageComments": "PIOP2",
    "ImageOrientationPatientDICOM": [
      0.998951,
      0.0379815,
      -0.0255938,
      -0.035757,
      0.995959,
      0.0823849
    ],
    "Manufacturer": "Philips",
    "NumberOfVolumesDiscardedByScanner": 2,
    "ParallelAcquisitionTechnique": "SENSE",
    "ParallelReductionFactorInPlane": 2,
    "PatientPosition": "HFS",
    "PhaseEncodingDirection": "j",
    "PhilipsRescaleIntercept": 0,
    "PhilipsRescaleSlope": 0.75165,
    "PhilipsScaleSlope": 0.0566747,
    "ProtocolName": "WIPtask-wm_boldSENSE",
    "PulseSequenceType": "gradient echo EPI",
    "ReconMatrixPE": 80,
    "RepetitionTime": 2,
    "SeriesDescription": "ImageMRSERIES",
    "SeriesNumber": 3,
    "SliceEncodingDirection": "k",
    "TaskName": "workingmemory",
    "UsePhilipsFloatNotDisplayScaling": 1,
    "WaterFatShift": 12,
    "acq_id": "seq",
    "dataset": "unknown",
    "modality": "bold",
    "subject_id": "0051",
    "task_id": "workingmemory"
  },
  "dummy_trs": 0,
  "dvars_nstd": 19.536613500377353,
  "dvars_std": 1.2523313725786165,
  "dvars_vstd": 1.0522536500628934,
  "efc": 0.4268965079649686,
  "fber": 505451168.0,
  "fd_mean": 0.1782502389722457,
  "fd_num": 60,
  "fd_perc": 37.5,
  "fwhm_avg": 2.6077564761515952,
  "fwhm_x": 2.4827833333333333,
  "fwhm_y": 2.9518133333333334,
  "fwhm_z": 2.3886727617881194,
  "gcor": 0.0347681,
  "gsr_x": -0.0023572060745209455,
  "gsr_y": 0.004911636933684349,
  "provenance": {
    "md5sum": "3d29a1e1f0d9215131c3475a555d43ae",
    "settings": {
      "fd_thres": 0.2,
      "hmc_fsl": false
    },
    "software": "mriqc",
    "version": "0.15.0",
    "webapi_port": null,
    "webapi_url": "https://mriqc.nimh.nih.gov/api/v1"
  },
  "size_t": 160,
  "size_x": 80,
  "size_y": 80,
  "size_z": 36,
  "snr": 4.921290487087698,
  "spacing_tr": 2.0,
  "spacing_x": 3.0,
  "spacing_y": 3.0,
  "spacing_z": 3.299999952316284,
  "spikes_num": 1,
  "summary_bg_k": 91.95780512270079,
  "summary_bg_mad": 1.4473878145217896,
  "summary_bg_mean": 174.82516479492188,
  "summary_bg_median": 0.9762482643127441,
  "summary_bg_n": 143869.0,
  "summary_bg_p05": 0.0,
  "summary_bg_p95": 844.2189819335948,
  "summary_bg_stdv": 962.172607421875,
  "summary_fg_k": 2.4980963616458975,
  "summary_fg_mad": 3842.728515625,
  "summary_fg_mean": 24389.89453125,
  "summary_fg_median": 24195.10546875,
  "summary_fg_n": 45542.0,
  "summary_fg_p05": 16877.71767578125,
  "summary_fg_p95": 32265.048046874992,
  "summary_fg_stdv": 4916.36083984375,
  "tsnr": 84.20869445800781
}