{
  "bids_meta": {
    "AcquisitionNumber": 2,
    "BidsifyVersion": "0.3.5",
    "ConversionSoftware": "dcm2niix",
    "ConversionSoftwareVersion": "v1.0.20181125  GCC6.3.0",
    "EchoTime": 0.00375,
    "ImageComments": "PIOP2",
    "ImageOrientationPatientDICOM": [
      0.999747,
      0.0126338,
      -0.0186004,
      -0.01396,
      0.997235,
      -0.0729856
    ],
    "Manufacturer": "Philips",
    "PatientPosition": "HFS",
    "PhilipsRescaleIntercept": 0,
    "PhilipsRescaleSlope": 9.37729,
    "PhilipsScaleSlope": 0.00711934,
    "ProtocolName": "WIPT1anat_acq-6m_T1wSENSE",
    "ReconMatrixPE": 240,
    "RepetitionTime": 0.008175,
    "SeriesDescription": "ImageMRSERIES",
    "SeriesNumber": 2,
    "UsePhilipsFloatNotDisplayScaling": 1,
    "acq_id": "6m",
    "dataset": "unknown",
    "modality": "T1w",
    "subject_id": "0088"
  },
  "cjv": 0.27675972451210107,
  "cnr": 4.144777695707552,
  "efc": 0.7772295666863839,
  "fber": 1854.8070068359375,
  "fwhm_avg": 4.357853510593982,
  "fwhm_x": 4.15174,
  "fwhm_y": 4.351810259388105,
  "fwhm_z": 4.570010272393839,
  "icvs_csf": 0.24981702614260815,
  "icvs_gm": 0.4010467673832421,
  "icvs_wm": 0.3491362064741498,
  "inu_med": 1.7713220119476318,
  "inu_range": 0.3959031283855441,
  "provenance": {
    "md5sum": "725751b5695ad16e6dffe02ab0d6397b",
    "settings": {
      "testing": false
    },
    "software": "mriqc",
    "version": "0.15.0",
    "warnings": {
      "large_rot_frame": true,
      "small_air_mask": true
    },
    "webapi_port": null,
    "webapi_url": "https://mriqc.nimh.nih.gov/api/v1"
  },
  "qi_1": 0.0,
  "qi_2": 0.0004441078994580868,
  "rpve_csf": 24.55587832818548,
  "rpve_gm": 15.110467605797353,
  "rpve_wm": 22.071189254795776,
  "size_x": 240,
  "size_y": 240,
  "size_z": 220,
  "snr_csf": 2.608890612285024,
  "snr_gm": 8.451180794207273,
  "snr_total": 12.652944048554007,
  "snr_wm": 26.898760739169727,
  "snrd_csf": 22.20560709768958,
  "snrd_gm": 53.67759377144287,
  "snrd_total": 52.96435312126372,
  "snrd_wm": 83.00985849465872,
  "spacing_x": 1.0,
  "spacing_y": 0.9999999403953552,
  "spacing_z": 0.9999999403953552,
  "summary_bg_k": 3.596823929892195,
  "summary_bg_mad": 7.892182350158691,
  "summary_bg_mean": 7.859236717224121,
  "summary_bg_median": 5.504696846008301,
  "summary_bg_n": 53930.0,
  "summary_bg_p05": 0.0,
  "summary_bg_p95": 16.72114477157593,
  "summary_bg_stdv": 5.648704528808594,
  "summary_csf_k": -0.6938957240725845,
  "summary_csf_mad": 119.00540924072266,
  "summary_csf_mean": 263.2839050292969,
  "summary_csf_median": 267.50262451171875,
  "summary_csf_n": 16318.0,
  "summary_csf_p05": 105.66225318908691,
  "summary_csf_p95": 433.5749114990234,
  "summary_csf_stdv": 102.53186798095703,
  "summary_gm_k": 1.1912239417632087,
  "summary_gm_mad": 65.24445343017578,
  "summary_gm_mean": 653.8555908203125,
  "summary_gm_median": 646.6338500976562,
  "summary_gm_n": 21234.0,
  "summary_gm_p05": 542.8901245117188,
  "summary_gm_p95": 799.6733459472655,
  "summary_gm_stdv": 76.51222229003906,
  "summary_wm_k": 1.0383935121084642,
  "summary_wm_mad": 32.549922943115234,
  "summary_wm_mean": 998.4176025390625,
  "summary_wm_median": 999.9886474609375,
  "summary_wm_n": 191499.0,
  "summary_wm_p05": 933.1424255371094,
  "summary_wm_p95": 1056.4370239257812,
  "summary_wm_stdv": 37.1759147644043,
  "tpm_overlap_csf": 0.2160360962152481,
  "tpm_overlap_gm": 0.5000213980674744,
  "tpm_overlap_wm": 0.5695730447769165,
  "wm2max": 0.8645324891254461
}