{
  "aor": 0.001182416666666667,
  "aqi": 0.004534549875,
  "bids_meta": {
    "AcquisitionNumber": 4,
    "BidsifyVersion": "0.3.5",
    "ConversionSoftware": "dcm2niix",
    "ConversionSoftwareVersion": "v1.0.20181125  GCC6.3.0",
    "EchoTime": 0.02763,
    "FlipAngle": 76.1,
    "ImageComments": "PIOP2",
    "ImageOrientationPatientDICOM": [
      0.999738,
      0.000230616,
      0.0228846,
      0.00104692,
      0.998442,
      -0.0557976
    ],
    "Manufacturer": "Philips",
    "NumberOfVolumesDiscardedByScanner": 2,
    "ParallelAcquisitionTechnique": "SENSE",
    "ParallelReductionFactorInPlane": 2,
    "PatientPosition": "HFS",
    "PhaseEncodingDirection": "j",
    "PhilipsRescaleIntercept": 0,
    "PhilipsRescaleSlope": 0.81197,
    "PhilipsScaleSlope": 0.0473863,
    "ProtocolName": "WIPtask-rest_boldSENSE",
    "PulseSequenceType": "gradient echo EPI",
    "ReconMatrixPE": 80,
    "RepetitionTime": 2,
    "SeriesDescription": "ImageMRSERIES",
    "SeriesNumber": 4,
    "SliceEncodingDirection": "k",
    "TaskName": "restingstate",
    "UsePhilipsFloatNotDisplayScaling": 1,
    "WaterFatShift": 12,
    "acq_id": "seq",
    "dataset": "unknown",
    "modality": "bold",
    "subject_id": "0017",
    "task_id": "restingstate"
  },
  "dummy_trs": 0,
  "dvars_nstd": 21.12305935259413,
  "dvars_std": 1.3039021596234317,
  "dvars_vstd": 0.9632052646025102,
  "efc": 0.38070461225121766,
  "fber": 648287360.0,
  "fd_mean": 0.13683149500284703,
  "fd_num": 34,
  "fd_perc": 14.166666666666666,
  "fwhm_avg": 2.5839743548225784,
  "fwhm_x": 2.50486,
  "fwhm_y": 2.88266,
  "fwhm_z": 2.3644030644677345,
  "gcor": 0.0148083,
  "gsr_x": -0.005419505760073662,
  "gsr_y": 0.00013559593935497105,
  "provenance": {
    "md5sum": "ae2c9a40f9cc00e1436f78c32e6ea47f",
    "settings": {
      "fd_thres": 0.2,
      "hmc_fsl": false
    },
    "software": "mriqc",
    "version": "0.15.0",
    "webapi_port": null,
    "webapi_url": "https://mriqc.nimh.nih.gov/api/v1"
  },
  "size_t": 240,
  "size_x": 80,
  "size_y": 80,
  "size_z": 36,
  "snr": 4.6664897386671225,
  "spacing_tr": 2.0,
  "spacing_x": 3.0,
  "spacing_y": 3.0,
  "spacing_z": 3.299999952316284,
  "spikes_num": 0,
  "summary_bg_k": 110.97772857776131,
  "summary_bg_mad": 1.5514445304870605,
  "summary_bg_mean": 196.81773376464844,
  "summary_bg_median": 1.0695832967758179,
  "summary_bg_n": 154494.0,
  "summary_bg_p05": 0.0060683652060106435,
  "summary_bg_p95": 771.6573394775394,
  "summary_bg_stdv": 1184.1917724609375,
  "summary_fg_k": 2.583714384984507,
  "summary_fg_mad": 4767.1494140625,
  "summary_fg_mean": 28597.048828125,
  "summary_fg_median": 28454.1328125,
  "summary_fg_n": 36540.0,
  "summary_fg_p05": 19219.18154296875,
  "summary_fg_p95": 38141.005468749965,
  "summary_fg_stdv": 6097.4619140625,
  "tsnr": 76.58999633789062
}