{
  "aor": 0.008728166666666667,
  "aqi": 0.005220177541666666,
  "bids_meta": {
    "AcquisitionNumber": 4,
    "BidsifyVersion": "0.3.5",
    "ConversionSoftware": "dcm2niix",
    "ConversionSoftwareVersion": "v1.0.20181125  GCC6.3.0",
    "EchoTime": 0.02763,
    "FlipAngle": 76.1,
    "ImageComments": "PIOP2",
    "ImageOrientationPatientDICOM": [
      0.999553,
      0.00802279,
      0.0287832,
      -0.0115145,
      0.992305,
      0.123278
    ],
    "Manufacturer": "Philips",
    "NumberOfVolumesDiscardedByScanner": 2,
    "ParallelAcquisitionTechnique": "SENSE",
    "ParallelReductionFactorInPlane": 2,
    "PatientPosition": "HFS",
    "PhaseEncodingDirection": "j",
    "PhilipsRescaleIntercept": 0,
    "PhilipsRescaleSlope": 0.79219,
    "PhilipsScaleSlope": 0.0625055,
    "ProtocolName": "WIPtask-rest_boldSENSE",
    "PulseSequenceType": "gradient echo EPI",
    "ReconMatrixPE": 80,
    "RepetitionTime": 2,
    "SeriesDescription": "ImageMRSERIES",
    "SeriesNumber": 4,
    "SliceEncodingDirection": "k",
    "TaskName": "restingstate",
    "UsePhilipsFloatNotDisplayScaling": 1,
    "WaterFatShift": 12,
    "acq_id": "seq",
    "dataset": "unknown",
    "modality": "bold",
    "subject_id": "0109",
    "task_id": "restingstate"
  },
  "dummy_trs": 0,
  "dvars_nstd": 15.04677659577406,
  "dvars_std": 1.2005210939748947,
  "dvars_vstd": 1.0406576488284518,
  "efc": 0.42457502710831935,
  "fber": 337011264.0,
  "fd_mean": 0.08897403456257051,
  "fd_num": 1,
  "fd_perc": 0.4166666666666667,
  "fwhm_avg": 2.7586908495871327,
  "fwhm_x": 2.665419788171467,
  "fwhm_y": 3.102453086772514,
  "fwhm_z": 2.5081996738174173,
  "gcor": 0.0120072,
  "gsr_x": -0.002650263486430049,
  "gsr_y": 0.003691202960908413,
  "provenance": {
    "md5sum": "08bbdfbe6b446fc8e4b05312258840bd",
    "settings": {
      "fd_thres": 0.2,
      "hmc_fsl": false
    },
    "software": "mriqc",
    "version": "0.15.0",
    "webapi_port": null,
    "webapi_url": "https://mriqc.nimh.nih.gov/api/v1"
  },
  "size_t": 240,
  "size_x": 80,
  "size_y": 80,
  "size_z": 36,
  "snr": 5.385995604803271,
  "spacing_tr": 2.0,
  "spacing_x": 3.000000238418579,
  "spacing_y": 3.000000238418579,
  "spacing_z": 3.3000004291534424,
  "spikes_num": 10,
  "summary_bg_k": 86.55054107202348,
  "summary_bg_mad": 1.543056845664978,
  "summary_bg_mean": 175.80184936523438,
  "summary_bg_median": 1.040776014328003,
  "summary_bg_n": 144567.0,
  "summary_bg_p05": 0.0,
  "summary_bg_p95": 753.192974853515,
  "summary_bg_stdv": 932.2565307617188,
  "summary_fg_k": 3.5864040045721888,
  "summary_fg_mad": 3193.57861328125,
  "summary_fg_mean": 22516.212890625,
  "summary_fg_median": 22541.90234375,
  "summary_fg_n": 44900.0,
  "summary_fg_p05": 16043.511767578124,
  "summary_fg_p95": 28622.337695312493,
  "summary_fg_stdv": 4185.23388671875,
  "tsnr": 85.01338195800781
}