{
  "aor": 0.0019042500000000001,
  "aqi": 0.0036090828333333333,
  "bids_meta": {
    "AcquisitionNumber": 4,
    "BidsifyVersion": "0.3.5",
    "ConversionSoftware": "dcm2niix",
    "ConversionSoftwareVersion": "v1.0.20181125  GCC6.3.0",
    "EchoTime": 0.02763,
    "EffectiveEchoSpacing": 0.0006909035636805814,
    "FlipAngle": 76.1,
    "ImageComments": "PIOP2",
    "ImageOrientationPatientDICOM": [
      0.999073,
      -0.0306194,
      -0.0302431,
      0.035063,
      0.986585,
      0.159435
    ],
    "Manufacturer": "Philips",
    "NumberOfVolumesDiscardedByScanner": 2,
    "ParallelAcquisitionTechnique": "SENSE",
    "ParallelReductionFactorInPlane": 2,
    "PatientPosition": "HFS",
    "PhaseEncodingDirection": "j",
    "PhilipsRescaleIntercept": 0,
    "PhilipsRescaleSlope": 0.77021,
    "PhilipsScaleSlope": 0.0430256,
    "ProtocolName": "WIPtask-rest_boldSENSE",
    "PulseSequenceType": "gradient echo EPI",
    "ReconMatrixPE": 80,
    "RepetitionTime": 2,
    "SeriesDescription": "ImageMRSERIES",
    "SeriesNumber": 4,
    "SliceEncodingDirection": "k",
    "SliceTiming": [
      0.0,
      0.0556,
      0.1111,
      0.1667,
      0.2222,
      0.2778,
      0.3333,
      0.3889,
      0.4444,
      0.5,
      0.5556,
      0.6111,
      0.6667,
      0.7222,
      0.7778,
      0.8333,
      0.8889,
      0.9444,
      1.0,
      1.0556,
      1.1111,
      1.1667,
      1.2222,
      1.2778,
      1.3333,
      1.3889,
      1.4444,
      1.5,
      1.5556,
      1.6111,
      1.6667,
      1.7222,
      1.7778,
      1.8333,
      1.8889,
      1.9444
    ],
    "TaskName": "restingstate",
    "TotalReadoutTime": 0.026945238983542674,
    "UsePhilipsFloatNotDisplayScaling": 1,
    "WaterFatShift": 12,
    "acq_id": "seq",
    "dataset": "unknown",
    "modality": "bold",
    "subject_id": "0066",
    "task_id": "restingstate"
  },
  "dummy_trs": 0,
  "dvars_nstd": 17.656103592970705,
  "dvars_std": 1.2658614294560662,
  "dvars_vstd": 0.9930671786610873,
  "efc": 0.43864837404292095,
  "fber": 881807232.0,
  "fd_mean": 0.12390163725273236,
  "fd_num": 22,
  "fd_perc": 9.166666666666666,
  "fwhm_avg": 2.51543789037292,
  "fwhm_x": 2.4276166666666668,
  "fwhm_y": 2.713433333333333,
  "fwhm_z": 2.4052636711187603,
  "gcor": 0.0169596,
  "gsr_x": -0.0046152290888130665,
  "gsr_y": 0.005261548794806004,
  "provenance": {
    "md5sum": "8d760cc1897c0222289e95a74b2dd576",
    "settings": {
      "fd_thres": 0.2,
      "hmc_fsl": false
    },
    "software": "mriqc",
    "version": "0.15.0",
    "webapi_port": null,
    "webapi_url": "https://mriqc.nimh.nih.gov/api/v1"
  },
  "size_t": 240,
  "size_x": 80,
  "size_y": 80,
  "size_z": 36,
  "snr": 4.624730332939011,
  "spacing_tr": 2.0,
  "spacing_x": 3.0,
  "spacing_y": 3.0,
  "spacing_z": 3.299999952316284,
  "spikes_num": 0,
  "summary_bg_k": 127.96431340282678,
  "summary_bg_mad": 1.3876229524612427,
  "summary_bg_mean": 215.35182189941406,
  "summary_bg_median": 0.9359374642372131,
  "summary_bg_n": 141963.0,
  "summary_bg_p05": 0.0,
  "summary_bg_p95": 1197.9490966796866,
  "summary_bg_stdv": 1148.2791748046875,
  "summary_fg_k": 2.0386058629140704,
  "summary_fg_mad": 5885.615234375,
  "summary_fg_mean": 32499.984375,
  "summary_fg_median": 31832.283203125,
  "summary_fg_n": 48259.0,
  "summary_fg_p05": 23466.6787109375,
  "summary_fg_p95": 44166.25624999999,
  "summary_fg_stdv": 6882.98583984375,
  "tsnr": 87.83423614501953
}