{
    "Manufacturer": "Philips",
    "PatientPosition": "HFS",
    "SeriesDescription": "ImageMRSERIES",
    "ProtocolName": "WIPT1anat_acq-6m_T1wSENSE",
    "SeriesNumber": 2,
    "AcquisitionNumber": 2,
    "ImageComments": "PIOP2",
    "PhilipsRescaleSlope": 8.83394,
    "PhilipsRescaleIntercept": 0,
    "PhilipsScaleSlope": 0.00720249,
    "UsePhilipsFloatNotDisplayScaling": 1,
    "EchoTime": 0.00376,
    "RepetitionTime": 0.008174,
    "ReconMatrixPE": 240,
    "ImageOrientationPatientDICOM": [
        0.998237,
        0.0566307,
        -0.0177861,
        -0.0573832,
        0.997332,
        -0.045114
    ],
    "ConversionSoftware": "dcm2niix",
    "ConversionSoftwareVersion": "v1.0.20181125  GCC6.3.0",
    "BidsifyVersion": "0.3.5"
}