{
  "aor": 0.004408687499999999,
  "aqi": 0.0029624365,
  "bids_meta": {
    "AcquisitionNumber": 3,
    "BidsifyVersion": "0.3.5",
    "ConversionSoftware": "dcm2niix",
    "ConversionSoftwareVersion": "v1.0.20181125  GCC6.3.0",
    "EchoTime": 0.02763,
    "FlipAngle": 76.1,
    "ImageComments": "PIOP2",
    "ImageOrientationPatientDICOM": [
      0.999388,
      0.034186,
      0.00739567,
      -0.0317562,
      0.975475,
      -0.217807
    ],
    "Manufacturer": "Philips",
    "NumberOfVolumesDiscardedByScanner": 2,
    "ParallelAcquisitionTechnique": "SENSE",
    "ParallelReductionFactorInPlane": 2,
    "PatientPosition": "HFS",
    "PhaseEncodingDirection": "j",
    "PhilipsRescaleIntercept": 0,
    "PhilipsRescaleSlope": 0.76239,
    "PhilipsScaleSlope": 0.0606485,
    "ProtocolName": "WIPtask-wm_boldSENSE",
    "PulseSequenceType": "gradient echo EPI",
    "ReconMatrixPE": 80,
    "RepetitionTime": 2,
    "SeriesDescription": "ImageMRSERIES",
    "SeriesNumber": 3,
    "SliceEncodingDirection": "k",
    "TaskName": "workingmemory",
    "UsePhilipsFloatNotDisplayScaling": 1,
    "WaterFatShift": 12,
    "acq_id": "seq",
    "dataset": "unknown",
    "modality": "bold",
    "subject_id": "0084",
    "task_id": "workingmemory"
  },
  "dummy_trs": 0,
  "dvars_nstd": 18.072726039559754,
  "dvars_std": 1.2199040802515717,
  "dvars_vstd": 1.0142140590566038,
  "efc": 0.39508212396828635,
  "fber": 2183101952.0,
  "fd_mean": 0.10492904233264815,
  "fd_num": 5,
  "fd_perc": 3.125,
  "fwhm_avg": 2.6974270823856696,
  "fwhm_x": 2.6409933333333333,
  "fwhm_y": 3.0266,
  "fwhm_z": 2.4246879138236754,
  "gcor": 0.0178401,
  "gsr_x": -0.0019311828073114157,
  "gsr_y": 0.0018283323151990771,
  "provenance": {
    "md5sum": "0247407f6f4896d828652b1c1aa56383",
    "settings": {
      "fd_thres": 0.2,
      "hmc_fsl": false
    },
    "software": "mriqc",
    "version": "0.15.0",
    "webapi_port": null,
    "webapi_url": "https://mriqc.nimh.nih.gov/api/v1"
  },
  "size_t": 160,
  "size_x": 80,
  "size_y": 80,
  "size_z": 36,
  "snr": 4.564425020842539,
  "spacing_tr": 2.0,
  "spacing_x": 3.0,
  "spacing_y": 3.0,
  "spacing_z": 3.299999952316284,
  "spikes_num": 2,
  "summary_bg_k": 109.27184962108386,
  "summary_bg_mad": 0.6626744270324707,
  "summary_bg_mean": 162.4798126220703,
  "summary_bg_median": 0.452021986246109,
  "summary_bg_n": 150645.0,
  "summary_bg_p05": 0.0010859858244657518,
  "summary_bg_p95": 781.9871948242178,
  "summary_bg_stdv": 954.6358032226562,
  "summary_fg_k": 1.9939160586540963,
  "summary_fg_mad": 4090.476318359375,
  "summary_fg_mean": 22925.701171875,
  "summary_fg_median": 22967.142578125,
  "summary_fg_n": 39179.0,
  "summary_fg_p05": 14481.59833984375,
  "summary_fg_p95": 30624.488671875,
  "summary_fg_stdv": 5031.70703125,
  "tsnr": 86.22431182861328
}