{
  "bids_meta": {
    "AcquisitionNumber": 2,
    "BidsifyVersion": "0.3.5",
    "ConversionSoftware": "dcm2niix",
    "ConversionSoftwareVersion": "v1.0.20181125  GCC6.3.0",
    "EchoTime": 0.00388,
    "ImageComments": "PIOP2",
    "ImageOrientationPatientDICOM": [
      0.998633,
      -0.0387963,
      -0.0350259,
      0.046745,
      0.962729,
      0.266397
    ],
    "Manufacturer": "Philips",
    "PatientPosition": "HFS",
    "PhilipsRescaleIntercept": 0,
    "PhilipsRescaleSlope": 8.65958,
    "PhilipsScaleSlope": 0.00713594,
    "ProtocolName": "WIPT1anat_acq-6m_T1wSENSE",
    "ReconMatrixPE": 240,
    "RepetitionTime": 0.008406,
    "SeriesDescription": "ImageMRSERIES",
    "SeriesNumber": 2,
    "UsePhilipsFloatNotDisplayScaling": 1,
    "acq_id": "6m",
    "dataset": "unknown",
    "modality": "T1w",
    "subject_id": "0222"
  },
  "cjv": 0.27051253878334897,
  "cnr": 4.464141282718179,
  "efc": 0.7602642460534821,
  "fber": 2020.3028564453125,
  "fwhm_avg": 4.532229999999999,
  "fwhm_x": 4.14804,
  "fwhm_y": 4.71402,
  "fwhm_z": 4.73463,
  "icvs_csf": 0.2751515497114505,
  "icvs_gm": 0.37314973790210915,
  "icvs_wm": 0.3516987123864403,
  "inu_med": 1.6378151178359985,
  "inu_range": 0.2685874104499817,
  "provenance": {
    "md5sum": "29ebc11c0d3f2965a9c9c4af59d9cbe9",
    "settings": {
      "testing": false
    },
    "software": "mriqc",
    "version": "0.15.0",
    "warnings": {
      "large_rot_frame": true,
      "small_air_mask": true
    },
    "webapi_port": null,
    "webapi_url": "https://mriqc.nimh.nih.gov/api/v1"
  },
  "qi_1": 0.0,
  "qi_2": 0.0003798358814803137,
  "rpve_csf": 26.682995588728545,
  "rpve_gm": 17.962418561103764,
  "rpve_wm": 25.295318153737533,
  "size_x": 240,
  "size_y": 240,
  "size_z": 220,
  "snr_csf": 2.9817449873502406,
  "snr_gm": 10.287360260684434,
  "snr_total": 12.871968892331134,
  "snr_wm": 25.346801428958727,
  "snrd_csf": 26.6430231255242,
  "snrd_gm": 61.90917889022468,
  "snrd_total": 60.69129428347575,
  "snrd_wm": 93.52168083467838,
  "spacing_x": 1.0,
  "spacing_y": 1.0,
  "spacing_z": 1.0,
  "summary_bg_k": 50.70109033604397,
  "summary_bg_mad": 7.005136489868164,
  "summary_bg_mean": 7.364802360534668,
  "summary_bg_median": 4.848901748657227,
  "summary_bg_n": 62163.0,
  "summary_bg_p05": 0.0,
  "summary_bg_p95": 19.149415588378904,
  "summary_bg_stdv": 6.039999961853027,
  "summary_csf_k": -0.5303822489779426,
  "summary_csf_mad": 105.57057189941406,
  "summary_csf_mean": 279.03851318359375,
  "summary_csf_median": 284.88421630859375,
  "summary_csf_n": 16935.0,
  "summary_csf_p05": 121.62004547119142,
  "summary_csf_p95": 424.51022644042973,
  "summary_csf_stdv": 95.53996276855469,
  "summary_gm_k": 1.0017734399188702,
  "summary_gm_mad": 56.59407043457031,
  "summary_gm_mean": 666.1828002929688,
  "summary_gm_median": 661.9724731445312,
  "summary_gm_n": 15969.0,
  "summary_gm_p05": 569.5965576171875,
  "summary_gm_p95": 781.9849487304687,
  "summary_gm_stdv": 64.34612274169922,
  "summary_wm_k": 1.0202276655173774,
  "summary_wm_mad": 34.84486389160156,
  "summary_wm_mean": 995.547607421875,
  "summary_wm_median": 999.9935302734375,
  "summary_wm_n": 171035.0,
  "summary_wm_p05": 921.8031921386719,
  "summary_wm_p95": 1052.2375366210938,
  "summary_wm_stdv": 39.45233917236328,
  "tpm_overlap_csf": 0.21011748909950256,
  "tpm_overlap_gm": 0.47475555539131165,
  "tpm_overlap_wm": 0.5711352825164795,
  "wm2max": 0.8681238023796843
}