{
  "aor": 0.00128775,
  "aqi": 0.0031237132499999996,
  "bids_meta": {
    "AcquisitionNumber": 3,
    "BidsifyVersion": "0.3.5",
    "ConversionSoftware": "dcm2niix",
    "ConversionSoftwareVersion": "v1.0.20181125  GCC6.3.0",
    "EchoTime": 0.02763,
    "FlipAngle": 76.1,
    "ImageComments": "PIOP2",
    "ImageOrientationPatientDICOM": [
      0.999766,
      0.0175488,
      -0.0126345,
      -0.0160547,
      0.993807,
      0.109951
    ],
    "Manufacturer": "Philips",
    "NumberOfVolumesDiscardedByScanner": 2,
    "ParallelAcquisitionTechnique": "SENSE",
    "ParallelReductionFactorInPlane": 2,
    "PatientPosition": "HFS",
    "PhaseEncodingDirection": "j",
    "PhilipsRescaleIntercept": 0,
    "PhilipsRescaleSlope": 0.76093,
    "PhilipsScaleSlope": 0.055419,
    "ProtocolName": "WIPtask-wm_boldSENSE",
    "PulseSequenceType": "gradient echo EPI",
    "ReconMatrixPE": 80,
    "RepetitionTime": 2,
    "SeriesDescription": "ImageMRSERIES",
    "SeriesNumber": 3,
    "SliceEncodingDirection": "k",
    "TaskName": "workingmemory",
    "UsePhilipsFloatNotDisplayScaling": 1,
    "WaterFatShift": 12,
    "acq_id": "seq",
    "dataset": "unknown",
    "modality": "bold",
    "subject_id": "0151",
    "task_id": "workingmemory"
  },
  "dummy_trs": 0,
  "dvars_nstd": 21.368270957924533,
  "dvars_std": 1.293100964654088,
  "dvars_vstd": 0.9945919283647799,
  "efc": 0.40397099371961226,
  "fber": 2216603392.0,
  "fd_mean": 0.12585877022315115,
  "fd_num": 19,
  "fd_perc": 11.875,
  "fwhm_avg": 2.595365365168283,
  "fwhm_x": 2.50818,
  "fwhm_y": 2.86271,
  "fwhm_z": 2.415206095504849,
  "gcor": 0.0416242,
  "gsr_x": 0.00023984214931260794,
  "gsr_y": -0.0023946790024638176,
  "provenance": {
    "md5sum": "fc5fbfa2444b75e4a66da72330269898",
    "settings": {
      "fd_thres": 0.2,
      "hmc_fsl": false
    },
    "software": "mriqc",
    "version": "0.15.0",
    "webapi_port": null,
    "webapi_url": "https://mriqc.nimh.nih.gov/api/v1"
  },
  "size_t": 160,
  "size_x": 80,
  "size_y": 80,
  "size_z": 36,
  "snr": 4.846224481925963,
  "spacing_tr": 2.0,
  "spacing_x": 3.0,
  "spacing_y": 3.0,
  "spacing_z": 3.299999952316284,
  "spikes_num": 1,
  "summary_bg_k": 91.68452601080844,
  "summary_bg_mad": 0.743583083152771,
  "summary_bg_mean": 198.64404296875,
  "summary_bg_median": 0.5069255828857422,
  "summary_bg_n": 150339.0,
  "summary_bg_p05": 0.002433743397705257,
  "summary_bg_p95": 878.352667236334,
  "summary_bg_stdv": 1147.5601806640625,
  "summary_fg_k": 2.3931591783684603,
  "summary_fg_mad": 4387.02294921875,
  "summary_fg_mean": 26180.0234375,
  "summary_fg_median": 26036.123046875,
  "summary_fg_n": 40487.0,
  "summary_fg_p05": 17747.8396484375,
  "summary_fg_p95": 34446.376171874996,
  "summary_fg_stdv": 5372.388671875,
  "tsnr": 91.49392700195312
}