{
  "aor": 0.0007645614035087719,
  "aqi": 0.003305371842105263,
  "bids_meta": {
    "AcquisitionNumber": 7,
    "BidsifyVersion": "0.3.5",
    "ConversionSoftware": "dcm2niix",
    "ConversionSoftwareVersion": "v1.0.20181125  GCC6.3.0",
    "EchoTime": 0.02763,
    "FlipAngle": 76.1,
    "ImageComments": "PIOP2",
    "ImageOrientationPatientDICOM": [
      0.999766,
      0.0175488,
      -0.0126345,
      -0.0160547,
      0.993807,
      0.109951
    ],
    "Manufacturer": "Philips",
    "NumberOfVolumesDiscardedByScanner": 2,
    "ParallelAcquisitionTechnique": "SENSE",
    "ParallelReductionFactorInPlane": 2,
    "PatientPosition": "HFS",
    "PhaseEncodingDirection": "j",
    "PhilipsRescaleIntercept": 0,
    "PhilipsRescaleSlope": 0.76459,
    "PhilipsScaleSlope": 0.0561833,
    "ProtocolName": "WIPtask-stop_boldSENSE",
    "PulseSequenceType": "gradient echo EPI",
    "ReconMatrixPE": 80,
    "RepetitionTime": 2,
    "SeriesDescription": "ImageMRSERIES",
    "SeriesNumber": 7,
    "SliceEncodingDirection": "k",
    "TaskName": "stopsignal",
    "UsePhilipsFloatNotDisplayScaling": 1,
    "WaterFatShift": 12,
    "acq_id": "seq",
    "dataset": "unknown",
    "modality": "bold",
    "subject_id": "0151",
    "task_id": "stopsignal"
  },
  "dummy_trs": 0,
  "dvars_nstd": 19.578788274273133,
  "dvars_std": 1.2217335861233483,
  "dvars_vstd": 0.9867109113215864,
  "efc": 0.40537417209853416,
  "fber": 633769856.0,
  "fd_mean": 0.13164479116261918,
  "fd_num": 27,
  "fd_perc": 11.842105263157896,
  "fwhm_avg": 2.60469698139485,
  "fwhm_x": 2.5120633333333333,
  "fwhm_y": 2.873336666666667,
  "fwhm_z": 2.4286909441845483,
  "gcor": 0.0234127,
  "gsr_x": 0.00035286316415295005,
  "gsr_y": -0.0023974678479135036,
  "provenance": {
    "md5sum": "5b5bdfa762597593137f00dd0bf8fadc",
    "settings": {
      "fd_thres": 0.2,
      "hmc_fsl": false
    },
    "software": "mriqc",
    "version": "0.15.0",
    "webapi_port": null,
    "webapi_url": "https://mriqc.nimh.nih.gov/api/v1"
  },
  "size_t": 228,
  "size_x": 80,
  "size_y": 80,
  "size_z": 36,
  "snr": 4.882393280721423,
  "spacing_tr": 2.0,
  "spacing_x": 3.0,
  "spacing_y": 3.0,
  "spacing_z": 3.299999952316284,
  "spikes_num": 0,
  "summary_bg_k": 86.8444321808838,
  "summary_bg_mad": 1.3965938091278076,
  "summary_bg_mean": 197.5872344970703,
  "summary_bg_median": 0.9591349363327026,
  "summary_bg_n": 150067.0,
  "summary_bg_p05": 0.006164288660511375,
  "summary_bg_p95": 776.228845214838,
  "summary_bg_stdv": 1123.182373046875,
  "summary_fg_k": 2.418995288742921,
  "summary_fg_mad": 4289.095703125,
  "summary_fg_mean": 25918.451171875,
  "summary_fg_median": 25795.68359375,
  "summary_fg_n": 40713.0,
  "summary_fg_p05": 17726.2,
  "summary_fg_p95": 34063.496875000004,
  "summary_fg_stdv": 5283.3447265625,
  "tsnr": 89.25576782226562
}