{
  "bids_meta": {
    "AcquisitionNumber": 2,
    "BidsifyVersion": "0.3.5",
    "ConversionSoftware": "dcm2niix",
    "ConversionSoftwareVersion": "v1.0.20181125  GCC6.3.0",
    "EchoTime": 0.00375,
    "ImageComments": "PIOP2",
    "ImageOrientationPatientDICOM": [
      0.997445,
      0.0671897,
      -0.0242525,
      -0.0666,
      0.997482,
      0.0243572
    ],
    "Manufacturer": "Philips",
    "PatientPosition": "HFS",
    "PhilipsRescaleIntercept": 0,
    "PhilipsRescaleSlope": 8.66813,
    "PhilipsScaleSlope": 0.00701182,
    "ProtocolName": "WIPT1anat_acq-6m_T1wSENSE",
    "ReconMatrixPE": 240,
    "RepetitionTime": 0.008158,
    "SeriesDescription": "ImageMRSERIES",
    "SeriesNumber": 2,
    "UsePhilipsFloatNotDisplayScaling": 1,
    "acq_id": "6m",
    "dataset": "unknown",
    "modality": "T1w",
    "subject_id": "0054"
  },
  "cjv": 0.26132729235743213,
  "cnr": 4.425632163487526,
  "efc": 0.7404502257280848,
  "fber": 1894.97119140625,
  "fwhm_avg": 4.575803333333333,
  "fwhm_x": 4.27173,
  "fwhm_y": 4.63088,
  "fwhm_z": 4.8248,
  "icvs_csf": 0.2544401186965521,
  "icvs_gm": 0.39037354546830216,
  "icvs_wm": 0.3551863358351457,
  "inu_med": 1.7368745803833008,
  "inu_range": 0.33115680217742893,
  "provenance": {
    "md5sum": "1cb9f74acdb221b018d64a00114f73a9",
    "settings": {
      "testing": false
    },
    "software": "mriqc",
    "version": "0.15.0",
    "warnings": {
      "large_rot_frame": true,
      "small_air_mask": true
    },
    "webapi_port": null,
    "webapi_url": "https://mriqc.nimh.nih.gov/api/v1"
  },
  "qi_1": 0.000526435102390368,
  "qi_2": 5.165831298053314e-05,
  "rpve_csf": 22.498673825676672,
  "rpve_gm": 14.263192381318312,
  "rpve_wm": 20.532734419048797,
  "size_x": 240,
  "size_y": 240,
  "size_z": 220,
  "snr_csf": 2.2081491248571457,
  "snr_gm": 8.769841079718933,
  "snr_total": 12.631119926356646,
  "snr_wm": 26.915369574493862,
  "snrd_csf": 23.22068079302363,
  "snrd_gm": 58.830827164068864,
  "snrd_total": 58.13026264448808,
  "snrd_wm": 92.33927997637173,
  "spacing_x": 1.0,
  "spacing_y": 1.0,
  "spacing_z": 1.0,
  "summary_bg_k": 48.092890526724396,
  "summary_bg_mad": 7.09476900100708,
  "summary_bg_mean": 7.944371223449707,
  "summary_bg_median": 4.864208221435547,
  "summary_bg_n": 196275.0,
  "summary_bg_p05": 0.0,
  "summary_bg_p95": 19.77322769165039,
  "summary_bg_stdv": 8.084197044372559,
  "summary_csf_k": 71.94780641585673,
  "summary_csf_mad": 116.53941345214844,
  "summary_csf_mean": 256.9039611816406,
  "summary_csf_median": 251.46728515625,
  "summary_csf_n": 22614.0,
  "summary_csf_p05": 113.63702468872069,
  "summary_csf_p95": 409.9653335571288,
  "summary_csf_stdv": 113.87895965576172,
  "summary_gm_k": 1.0347597756366271,
  "summary_gm_mad": 63.411651611328125,
  "summary_gm_mean": 646.0313110351562,
  "summary_gm_median": 637.105712890625,
  "summary_gm_n": 26682.0,
  "summary_gm_p05": 544.0338073730469,
  "summary_gm_p95": 783.726397705078,
  "summary_gm_stdv": 72.64598846435547,
  "summary_wm_k": 1.5342876300805024,
  "summary_wm_mad": 31.4183349609375,
  "summary_wm_mean": 996.8638305664062,
  "summary_wm_median": 999.9839477539062,
  "summary_wm_n": 221602.0,
  "summary_wm_p05": 929.8369293212891,
  "summary_wm_p95": 1051.828106689453,
  "summary_wm_stdv": 37.15281295776367,
  "tpm_overlap_csf": 0.23170481622219086,
  "tpm_overlap_gm": 0.5108410120010376,
  "tpm_overlap_wm": 0.5874621272087097,
  "wm2max": 0.7925028725207368
}