{
    "Manufacturer": "Philips",
    "PatientPosition": "HFS",
    "SeriesDescription": "ImageMRSERIES",
    "ProtocolName": "WIPT1anat_acq-6m_T1wSENSE",
    "SeriesNumber": 2,
    "AcquisitionNumber": 2,
    "ImageComments": "PIOP2",
    "PhilipsRescaleSlope": 8.88205,
    "PhilipsRescaleIntercept": 0,
    "PhilipsScaleSlope": 0.00704687,
    "UsePhilipsFloatNotDisplayScaling": 1,
    "EchoTime": 0.00377,
    "RepetitionTime": 0.008182,
    "ReconMatrixPE": 240,
    "ImageOrientationPatientDICOM": [
        0.998247,
        -0.059174,
        -0.00099973,
        0.059132,
        0.996556,
        0.0581293
    ],
    "ConversionSoftware": "dcm2niix",
    "ConversionSoftwareVersion": "v1.0.20181125  GCC6.3.0",
    "BidsifyVersion": "0.3.5"
}