{
  "aor": 0.0024157199999999997,
  "aqi": 0.006862670160000001,
  "bids_meta": {
    "AcquisitionNumber": 7,
    "BidsifyVersion": "0.3.5",
    "ConversionSoftware": "dcm2niix",
    "ConversionSoftwareVersion": "v1.0.20181125  GCC6.3.0",
    "EchoTime": 0.02763,
    "FlipAngle": 76.1,
    "ImageComments": "PIOP2",
    "ImageOrientationPatientDICOM": [
      0.999249,
      0.0299949,
      -0.0245191,
      -0.0338469,
      0.983837,
      -0.17584
    ],
    "Manufacturer": "Philips",
    "NumberOfVolumesDiscardedByScanner": 2,
    "ParallelAcquisitionTechnique": "SENSE",
    "ParallelReductionFactorInPlane": 2,
    "PatientPosition": "HFS",
    "PhaseEncodingDirection": "j",
    "PhilipsRescaleIntercept": 0,
    "PhilipsRescaleSlope": 0.75849,
    "PhilipsScaleSlope": 0.050982,
    "ProtocolName": "WIPtask-stop_boldSENSE",
    "PulseSequenceType": "gradient echo EPI",
    "ReconMatrixPE": 80,
    "RepetitionTime": 2,
    "SeriesDescription": "ImageMRSERIES",
    "SeriesNumber": 7,
    "SliceEncodingDirection": "k",
    "TaskName": "stopsignal",
    "UsePhilipsFloatNotDisplayScaling": 1,
    "WaterFatShift": 12,
    "acq_id": "seq",
    "dataset": "unknown",
    "modality": "bold",
    "subject_id": "0077",
    "task_id": "stopsignal"
  },
  "dummy_trs": 0,
  "dvars_nstd": 20.8812310704016,
  "dvars_std": 1.2285702989558227,
  "dvars_vstd": 0.9754785644578313,
  "efc": 0.36566101920526317,
  "fber": 863742080.0,
  "fd_mean": 0.11249760010389472,
  "fd_num": 10,
  "fd_perc": 4.0,
  "fwhm_avg": 2.5795167790108673,
  "fwhm_x": 2.4824966666666666,
  "fwhm_y": 2.9028899999999997,
  "fwhm_z": 2.3531636703659355,
  "gcor": 0.0270463,
  "gsr_x": -0.008735867217183113,
  "gsr_y": 0.0017569265328347683,
  "provenance": {
    "md5sum": "d4a8492af659082228c14193b09815f3",
    "settings": {
      "fd_thres": 0.2,
      "hmc_fsl": false
    },
    "software": "mriqc",
    "version": "0.15.0",
    "webapi_port": null,
    "webapi_url": "https://mriqc.nimh.nih.gov/api/v1"
  },
  "size_t": 250,
  "size_x": 80,
  "size_y": 80,
  "size_z": 36,
  "snr": 4.770600950688901,
  "spacing_tr": 2.0,
  "spacing_x": 3.0,
  "spacing_y": 3.0,
  "spacing_z": 3.299999952316284,
  "spikes_num": 1,
  "summary_bg_k": 113.49800332560264,
  "summary_bg_mad": 1.2548710107803345,
  "summary_bg_mean": 175.22329711914062,
  "summary_bg_median": 0.8463975787162781,
  "summary_bg_n": 157054.0,
  "summary_bg_p05": 0.0,
  "summary_bg_p95": 613.6389495849611,
  "summary_bg_stdv": 1065.6151123046875,
  "summary_fg_k": 2.0708575959078264,
  "summary_fg_mad": 4892.732421875,
  "summary_fg_mean": 27991.701171875,
  "summary_fg_median": 27776.875,
  "summary_fg_n": 33900.0,
  "summary_fg_p05": 19312.13779296875,
  "summary_fg_p95": 37418.9185546875,
  "summary_fg_stdv": 5822.4248046875,
  "tsnr": 65.20759582519531
}