{
  "aor": 0.0011681512605042016,
  "aqi": 0.003165334327731093,
  "bids_meta": {
    "AcquisitionNumber": 4,
    "BidsifyVersion": "0.3.5",
    "ConversionSoftware": "dcm2niix",
    "ConversionSoftwareVersion": "v1.0.20181125  GCC6.3.0",
    "EchoTime": 0.02763,
    "EffectiveEchoSpacing": 0.0006909035636805814,
    "FlipAngle": 76.1,
    "ImageComments": "PIOP2",
    "ImageOrientationPatientDICOM": [
      0.997606,
      0.0691198,
      -0.0021243,
      -0.0671354,
      0.975417,
      0.209894
    ],
    "Manufacturer": "Philips",
    "NumberOfVolumesDiscardedByScanner": 2,
    "ParallelAcquisitionTechnique": "SENSE",
    "ParallelReductionFactorInPlane": 2,
    "PatientPosition": "HFS",
    "PhaseEncodingDirection": "j",
    "PhilipsRescaleIntercept": 0,
    "PhilipsRescaleSlope": 0.75092,
    "PhilipsScaleSlope": 0.0545643,
    "ProtocolName": "WIPtask-rest_boldSENSE",
    "PulseSequenceType": "gradient echo EPI",
    "ReconMatrixPE": 80,
    "RepetitionTime": 2,
    "SeriesDescription": "ImageMRSERIES",
    "SeriesNumber": 4,
    "SliceEncodingDirection": "k",
    "SliceTiming": [
      0.0,
      0.0556,
      0.1111,
      0.1667,
      0.2222,
      0.2778,
      0.3333,
      0.3889,
      0.4444,
      0.5,
      0.5556,
      0.6111,
      0.6667,
      0.7222,
      0.7778,
      0.8333,
      0.8889,
      0.9444,
      1.0,
      1.0556,
      1.1111,
      1.1667,
      1.2222,
      1.2778,
      1.3333,
      1.3889,
      1.4444,
      1.5,
      1.5556,
      1.6111,
      1.6667,
      1.7222,
      1.7778,
      1.8333,
      1.8889,
      1.9444
    ],
    "TaskName": "restingstate",
    "TotalReadoutTime": 0.026945238983542674,
    "UsePhilipsFloatNotDisplayScaling": 1,
    "WaterFatShift": 12,
    "acq_id": "seq",
    "dataset": "unknown",
    "modality": "bold",
    "subject_id": "0063",
    "task_id": "restingstate"
  },
  "dummy_trs": 2,
  "dvars_nstd": 18.535600605780594,
  "dvars_std": 1.3117644300843871,
  "dvars_vstd": 0.9949106353164556,
  "efc": 0.429348280426025,
  "fber": 805205376.0,
  "fd_mean": 0.10842807743514452,
  "fd_num": 12,
  "fd_perc": 5.042016806722689,
  "fwhm_avg": 2.611852031774422,
  "fwhm_x": 2.54683,
  "fwhm_y": 2.886086666666667,
  "fwhm_z": 2.4026394286565984,
  "gcor": 0.0169345,
  "gsr_x": -0.00024356661015190184,
  "gsr_y": 0.0015271637821570039,
  "provenance": {
    "md5sum": "e74880e087fa278eb9ffe1b78963a3bd",
    "settings": {
      "fd_thres": 0.2,
      "hmc_fsl": false
    },
    "software": "mriqc",
    "version": "0.15.0",
    "webapi_port": null,
    "webapi_url": "https://mriqc.nimh.nih.gov/api/v1"
  },
  "size_t": 238,
  "size_x": 80,
  "size_y": 80,
  "size_z": 36,
  "snr": 4.6967925732750055,
  "spacing_tr": 2.0,
  "spacing_x": 3.0,
  "spacing_y": 3.0,
  "spacing_z": 3.299999952316284,
  "spikes_num": 0,
  "summary_bg_k": 72.77192893273339,
  "summary_bg_mad": 1.156348705291748,
  "summary_bg_mean": 232.71063232421875,
  "summary_bg_median": 0.7799453735351562,
  "summary_bg_n": 143920.0,
  "summary_bg_p05": 0.0,
  "summary_bg_p95": 1145.7251037597646,
  "summary_bg_stdv": 1238.2540283203125,
  "summary_fg_k": 3.105901414040078,
  "summary_fg_mad": 4090.83544921875,
  "summary_fg_mean": 25526.62890625,
  "summary_fg_median": 25067.4453125,
  "summary_fg_n": 45831.0,
  "summary_fg_p05": 18229.876953125,
  "summary_fg_p95": 34086.75,
  "summary_fg_stdv": 5337.0830078125,
  "tsnr": 97.55384063720703
}