{
  "aor": 0.0008219375000000001,
  "aqi": 0.0025601896249999997,
  "bids_meta": {
    "AcquisitionNumber": 3,
    "BidsifyVersion": "0.3.5",
    "ConversionSoftware": "dcm2niix",
    "ConversionSoftwareVersion": "v1.0.20181125  GCC6.3.0",
    "EchoTime": 0.02763,
    "EffectiveEchoSpacing": 0.0006909035636805814,
    "FlipAngle": 76.1,
    "ImageComments": "PIOP2",
    "ImageOrientationPatientDICOM": [
      0.997606,
      0.0691198,
      -0.0021243,
      -0.0671354,
      0.975417,
      0.209894
    ],
    "Manufacturer": "Philips",
    "NumberOfVolumesDiscardedByScanner": 2,
    "ParallelAcquisitionTechnique": "SENSE",
    "ParallelReductionFactorInPlane": 2,
    "PatientPosition": "HFS",
    "PhaseEncodingDirection": "j",
    "PhilipsRescaleIntercept": 0,
    "PhilipsRescaleSlope": 0.75922,
    "PhilipsScaleSlope": 0.0539142,
    "ProtocolName": "WIPtask-wm_boldSENSE",
    "PulseSequenceType": "gradient echo EPI",
    "ReconMatrixPE": 80,
    "RepetitionTime": 2,
    "SeriesDescription": "ImageMRSERIES",
    "SeriesNumber": 3,
    "SliceEncodingDirection": "k",
    "SliceTiming": [
      0.0,
      0.0556,
      0.1111,
      0.1667,
      0.2222,
      0.2778,
      0.3333,
      0.3889,
      0.4444,
      0.5,
      0.5556,
      0.6111,
      0.6667,
      0.7222,
      0.7778,
      0.8333,
      0.8889,
      0.9444,
      1.0,
      1.0556,
      1.1111,
      1.1667,
      1.2222,
      1.2778,
      1.3333,
      1.3889,
      1.4444,
      1.5,
      1.5556,
      1.6111,
      1.6667,
      1.7222,
      1.7778,
      1.8333,
      1.8889,
      1.9444
    ],
    "TaskName": "workingmemory",
    "TotalReadoutTime": 0.026945238983542674,
    "UsePhilipsFloatNotDisplayScaling": 1,
    "WaterFatShift": 12,
    "acq_id": "seq",
    "dataset": "unknown",
    "modality": "bold",
    "subject_id": "0063",
    "task_id": "workingmemory"
  },
  "dummy_trs": 0,
  "dvars_nstd": 21.797927106603787,
  "dvars_std": 1.3990951958490556,
  "dvars_vstd": 1.0007381105660373,
  "efc": 0.4287371909693756,
  "fber": 1251357440.0,
  "fd_mean": 0.09947101182629273,
  "fd_num": 5,
  "fd_perc": 3.125,
  "fwhm_avg": 2.6216744560002803,
  "fwhm_x": 2.5647800000000003,
  "fwhm_y": 2.9010433333333334,
  "fwhm_z": 2.399200034667507,
  "gcor": 0.0238463,
  "gsr_x": -0.00010984281107084826,
  "gsr_y": 0.0015102516626939178,
  "provenance": {
    "md5sum": "59f0b21d69b50c80bb2cc01b21449105",
    "settings": {
      "fd_thres": 0.2,
      "hmc_fsl": false
    },
    "software": "mriqc",
    "version": "0.15.0",
    "webapi_port": null,
    "webapi_url": "https://mriqc.nimh.nih.gov/api/v1"
  },
  "size_t": 160,
  "size_x": 80,
  "size_y": 80,
  "size_z": 36,
  "snr": 4.63038260284259,
  "spacing_tr": 2.0,
  "spacing_x": 3.0,
  "spacing_y": 3.0,
  "spacing_z": 3.299999952316284,
  "spikes_num": 0,
  "summary_bg_k": 76.90090934017816,
  "summary_bg_mad": 0.9368010759353638,
  "summary_bg_mean": 230.7869873046875,
  "summary_bg_median": 0.6349270343780518,
  "summary_bg_n": 143894.0,
  "summary_bg_p05": 0.00015929486980894588,
  "summary_bg_p95": 1111.8390075683596,
  "summary_bg_stdv": 1254.2357177734375,
  "summary_fg_k": 3.0654411680649893,
  "summary_fg_mad": 4173.0390625,
  "summary_fg_mean": 25713.7265625,
  "summary_fg_median": 25241.318359375,
  "summary_fg_n": 45845.0,
  "summary_fg_p05": 18252.623828125,
  "summary_fg_p95": 34489.82265624999,
  "summary_fg_stdv": 5451.1787109375,
  "tsnr": 106.55816650390625
}