{
  "aor": 0.0008238596491228071,
  "aqi": 0.0020332729385964914,
  "bids_meta": {
    "AcquisitionNumber": 7,
    "BidsifyVersion": "0.3.5",
    "ConversionSoftware": "dcm2niix",
    "ConversionSoftwareVersion": "v1.0.20181125  GCC6.3.0",
    "EchoTime": 0.02763,
    "FlipAngle": 76.1,
    "ImageComments": "PIOP2",
    "ImageOrientationPatientDICOM": [
      0.999561,
      -0.00986477,
      -0.0279434,
      0.00942092,
      0.999828,
      -0.0159714
    ],
    "Manufacturer": "Philips",
    "NumberOfVolumesDiscardedByScanner": 2,
    "ParallelAcquisitionTechnique": "SENSE",
    "ParallelReductionFactorInPlane": 2,
    "PatientPosition": "HFS",
    "PhaseEncodingDirection": "j",
    "PhilipsRescaleIntercept": 0,
    "PhilipsRescaleSlope": 0.74652,
    "PhilipsScaleSlope": 0.0521851,
    "ProtocolName": "WIPtask-stop_boldSENSE",
    "PulseSequenceType": "gradient echo EPI",
    "ReconMatrixPE": 80,
    "RepetitionTime": 2,
    "SeriesDescription": "ImageMRSERIES",
    "SeriesNumber": 7,
    "SliceEncodingDirection": "k",
    "TaskName": "stopsignal",
    "UsePhilipsFloatNotDisplayScaling": 1,
    "WaterFatShift": 12,
    "acq_id": "seq",
    "dataset": "unknown",
    "modality": "bold",
    "subject_id": "0001",
    "task_id": "stopsignal"
  },
  "dummy_trs": 0,
  "dvars_nstd": 16.750733568854635,
  "dvars_std": 1.157301059911895,
  "dvars_vstd": 0.9996477567841412,
  "efc": 0.4312447791509417,
  "fber": 1133571840.0,
  "fd_mean": 0.12248346085692445,
  "fd_num": 19,
  "fd_perc": 8.333333333333334,
  "fwhm_avg": 2.5231546574310695,
  "fwhm_x": 2.52547,
  "fwhm_y": 2.7671666666666668,
  "fwhm_z": 2.2768273056265413,
  "gcor": 0.0163281,
  "gsr_x": 0.005405854433774948,
  "gsr_y": 0.0009505674242973328,
  "provenance": {
    "md5sum": "880f6062e1edf42bd215a7336c335dbc",
    "settings": {
      "fd_thres": 0.2,
      "hmc_fsl": false
    },
    "software": "mriqc",
    "version": "0.15.0",
    "webapi_port": null,
    "webapi_url": "https://mriqc.nimh.nih.gov/api/v1"
  },
  "size_t": 228,
  "size_x": 80,
  "size_y": 80,
  "size_z": 36,
  "snr": 4.620061501894149,
  "spacing_tr": 2.0,
  "spacing_x": 3.0,
  "spacing_y": 3.0,
  "spacing_z": 3.299999952316284,
  "spikes_num": 0,
  "summary_bg_k": 58.05978299630176,
  "summary_bg_mad": 1.023017168045044,
  "summary_bg_mean": 298.9784240722656,
  "summary_bg_median": 0.6913495659828186,
  "summary_bg_n": 143340.0,
  "summary_bg_p05": 0.0,
  "summary_bg_p95": 1559.850518798827,
  "summary_bg_stdv": 1528.83056640625,
  "summary_fg_k": 2.370641173281128,
  "summary_fg_mad": 4668.3076171875,
  "summary_fg_mean": 26387.76171875,
  "summary_fg_median": 26333.56640625,
  "summary_fg_n": 45458.0,
  "summary_fg_p05": 17306.67744140625,
  "summary_fg_p95": 35002.2564453125,
  "summary_fg_stdv": 5699.767578125,
  "tsnr": 106.51485443115234
}