{
  "aor": 0.0020845000000000004,
  "aqi": 0.0034150544375,
  "bids_meta": {
    "AcquisitionNumber": 3,
    "BidsifyVersion": "0.3.5",
    "ConversionSoftware": "dcm2niix",
    "ConversionSoftwareVersion": "v1.0.20181125  GCC6.3.0",
    "EchoTime": 0.02763,
    "EffectiveEchoSpacing": 0.0006909035636805814,
    "FlipAngle": 76.1,
    "ImageComments": "PIOP2",
    "ImageOrientationPatientDICOM": [
      0.998421,
      0.0511073,
      0.0233194,
      -0.0497043,
      0.997123,
      -0.057226
    ],
    "Manufacturer": "Philips",
    "NumberOfVolumesDiscardedByScanner": 2,
    "ParallelAcquisitionTechnique": "SENSE",
    "ParallelReductionFactorInPlane": 2,
    "PatientPosition": "HFS",
    "PhaseEncodingDirection": "j",
    "PhilipsRescaleIntercept": 0,
    "PhilipsRescaleSlope": 0.82808,
    "PhilipsScaleSlope": 0.0530768,
    "ProtocolName": "WIPtask-wm_boldSENSE",
    "PulseSequenceType": "gradient echo EPI",
    "ReconMatrixPE": 80,
    "RepetitionTime": 2,
    "SeriesDescription": "ImageMRSERIES",
    "SeriesNumber": 3,
    "SliceEncodingDirection": "k",
    "SliceTiming": [
      0.0,
      0.0556,
      0.1111,
      0.1667,
      0.2222,
      0.2778,
      0.3333,
      0.3889,
      0.4444,
      0.5,
      0.5556,
      0.6111,
      0.6667,
      0.7222,
      0.7778,
      0.8333,
      0.8889,
      0.9444,
      1.0,
      1.0556,
      1.1111,
      1.1667,
      1.2222,
      1.2778,
      1.3333,
      1.3889,
      1.4444,
      1.5,
      1.5556,
      1.6111,
      1.6667,
      1.7222,
      1.7778,
      1.8333,
      1.8889,
      1.9444
    ],
    "TaskName": "workingmemory",
    "TotalReadoutTime": 0.026945238983542674,
    "UsePhilipsFloatNotDisplayScaling": 1,
    "WaterFatShift": 12,
    "acq_id": "seq",
    "dataset": "unknown",
    "modality": "bold",
    "subject_id": "0048",
    "task_id": "workingmemory"
  },
  "dummy_trs": 0,
  "dvars_nstd": 20.520526442264142,
  "dvars_std": 1.346839080880503,
  "dvars_vstd": 1.009006322075472,
  "efc": 0.4047829785776826,
  "fber": 932183424.0,
  "fd_mean": 0.10863174978364351,
  "fd_num": 10,
  "fd_perc": 6.25,
  "fwhm_avg": 2.65150592784355,
  "fwhm_x": 2.5870533333333334,
  "fwhm_y": 2.97094,
  "fwhm_z": 2.3965244501973166,
  "gcor": 0.0489083,
  "gsr_x": -0.0037935669533908367,
  "gsr_y": 0.004033512901514769,
  "provenance": {
    "md5sum": "b84e5c5d3dd232f5112177bfaca189ea",
    "settings": {
      "fd_thres": 0.2,
      "hmc_fsl": false
    },
    "software": "mriqc",
    "version": "0.15.0",
    "webapi_port": null,
    "webapi_url": "https://mriqc.nimh.nih.gov/api/v1"
  },
  "size_t": 160,
  "size_x": 80,
  "size_y": 80,
  "size_z": 36,
  "snr": 5.299048999176712,
  "spacing_tr": 2.0,
  "spacing_x": 3.0,
  "spacing_y": 3.0,
  "spacing_z": 3.299999713897705,
  "spikes_num": 1,
  "summary_bg_k": 142.6305587667094,
  "summary_bg_mad": 1.1299093961715698,
  "summary_bg_mean": 149.0364532470703,
  "summary_bg_median": 0.7693836092948914,
  "summary_bg_n": 148638.0,
  "summary_bg_p05": 0.002060566213913262,
  "summary_bg_p95": 817.8146423339795,
  "summary_bg_stdv": 851.5136108398438,
  "summary_fg_k": 2.345474028544505,
  "summary_fg_mad": 4093.57763671875,
  "summary_fg_mean": 25588.0546875,
  "summary_fg_median": 25444.4296875,
  "summary_fg_n": 41239.0,
  "summary_fg_p05": 18462.4474609375,
  "summary_fg_p95": 33300.034765624994,
  "summary_fg_stdv": 4801.63916015625,
  "tsnr": 88.72869873046875
}