{
  "bids_meta": {
    "AcquisitionNumber": 2,
    "BidsifyVersion": "0.3.5",
    "ConversionSoftware": "dcm2niix",
    "ConversionSoftwareVersion": "v1.0.20181125  GCC6.3.0",
    "EchoTime": 0.00376,
    "ImageComments": "PIOP2",
    "ImageOrientationPatientDICOM": [
      0.999896,
      0.00374184,
      0.0139286,
      -0.00523549,
      0.99405,
      0.108795
    ],
    "Manufacturer": "Philips",
    "PatientPosition": "HFS",
    "PhilipsRescaleIntercept": 0,
    "PhilipsRescaleSlope": 9.38584,
    "PhilipsScaleSlope": 0.0076592,
    "ProtocolName": "WIPT1anat_acq-6m_T1wSENSE",
    "ReconMatrixPE": 240,
    "RepetitionTime": 0.008209,
    "SeriesDescription": "ImageMRSERIES",
    "SeriesNumber": 2,
    "UsePhilipsFloatNotDisplayScaling": 1,
    "acq_id": "6m",
    "dataset": "unknown",
    "modality": "T1w",
    "subject_id": "0076"
  },
  "cjv": 0.25223800094096993,
  "cnr": 4.905629006427811,
  "efc": 0.756496494688776,
  "fber": 1479.6085205078125,
  "fwhm_avg": 4.44323,
  "fwhm_x": 4.15713,
  "fwhm_y": 4.52666,
  "fwhm_z": 4.6459,
  "icvs_csf": 0.25152682961920547,
  "icvs_gm": 0.40409810037869104,
  "icvs_wm": 0.3443750700021035,
  "inu_med": 1.6131101846694946,
  "inu_range": 0.31530922651290894,
  "provenance": {
    "md5sum": "8070a2ba0bfc2b48d364052b8e62344c",
    "settings": {
      "testing": false
    },
    "software": "mriqc",
    "version": "0.15.0",
    "warnings": {
      "large_rot_frame": true,
      "small_air_mask": true
    },
    "webapi_port": null,
    "webapi_url": "https://mriqc.nimh.nih.gov/api/v1"
  },
  "qi_1": 0.0,
  "qi_2": 0.00015383270758260686,
  "rpve_csf": 27.758935789543436,
  "rpve_gm": 16.99469486286567,
  "rpve_wm": 25.387387187841053,
  "size_x": 240,
  "size_y": 240,
  "size_z": 220,
  "snr_csf": 2.369960710586411,
  "snr_gm": 9.207885889028967,
  "snr_total": 11.77817958075636,
  "snr_wm": 23.756692142653705,
  "snrd_csf": 20.491105956400965,
  "snrd_gm": 49.47978068730864,
  "snrd_total": 50.26276391151069,
  "snrd_wm": 80.81740509082245,
  "spacing_x": 1.0,
  "spacing_y": 1.0,
  "spacing_z": 1.0,
  "summary_bg_k": 128.20260528841854,
  "summary_bg_mad": 8.106359481811523,
  "summary_bg_mean": 9.085939407348633,
  "summary_bg_median": 5.629965782165527,
  "summary_bg_n": 86260.0,
  "summary_bg_p05": 0.0,
  "summary_bg_p95": 22.4299165725708,
  "summary_bg_stdv": 7.431575298309326,
  "summary_csf_k": 23.713391470820486,
  "summary_csf_mad": 122.79930877685547,
  "summary_csf_mean": 241.2020263671875,
  "summary_csf_median": 253.54762268066406,
  "summary_csf_n": 12615.0,
  "summary_csf_p05": 82.97351379394532,
  "summary_csf_p95": 394.6642181396484,
  "summary_csf_stdv": 106.97965240478516,
  "summary_gm_k": 0.642313263263266,
  "summary_gm_mad": 61.3612174987793,
  "summary_gm_mean": 612.6795654296875,
  "summary_gm_median": 612.2402954101562,
  "summary_gm_n": 18185.0,
  "summary_gm_p05": 503.9109375,
  "summary_gm_p95": 723.9411621093749,
  "summary_gm_stdv": 66.4890365600586,
  "summary_wm_k": 1.423896140883711,
  "summary_wm_mad": 36.445960998535156,
  "summary_wm_mean": 996.0548095703125,
  "summary_wm_median": 999.997802734375,
  "summary_wm_n": 164154.0,
  "summary_wm_p05": 919.5240020751953,
  "summary_wm_p95": 1057.1997680664062,
  "summary_wm_stdv": 42.09318161010742,
  "tpm_overlap_csf": 0.22400645911693573,
  "tpm_overlap_gm": 0.5133159160614014,
  "tpm_overlap_wm": 0.5821818709373474,
  "wm2max": 0.7818224702755071
}