{
  "aor": 0.0023289583333333335,
  "aqi": 0.011873694958333335,
  "bids_meta": {
    "AcquisitionNumber": 4,
    "BidsifyVersion": "0.3.5",
    "ConversionSoftware": "dcm2niix",
    "ConversionSoftwareVersion": "v1.0.20181125  GCC6.3.0",
    "EchoTime": 0.02763,
    "FlipAngle": 76.1,
    "ImageComments": "PIOP2",
    "ImageOrientationPatientDICOM": [
      0.999074,
      -0.0410665,
      -0.0128347,
      0.042747,
      0.981298,
      0.18769
    ],
    "Manufacturer": "Philips",
    "NumberOfVolumesDiscardedByScanner": 2,
    "ParallelAcquisitionTechnique": "SENSE",
    "ParallelReductionFactorInPlane": 2,
    "PatientPosition": "HFS",
    "PhaseEncodingDirection": "j",
    "PhilipsRescaleIntercept": 0,
    "PhilipsRescaleSlope": 0.77485,
    "PhilipsScaleSlope": 0.0555003,
    "ProtocolName": "WIPtask-rest_boldSENSE",
    "PulseSequenceType": "gradient echo EPI",
    "ReconMatrixPE": 80,
    "RepetitionTime": 2,
    "SeriesDescription": "ImageMRSERIES",
    "SeriesNumber": 4,
    "SliceEncodingDirection": "k",
    "TaskName": "restingstate",
    "UsePhilipsFloatNotDisplayScaling": 1,
    "WaterFatShift": 12,
    "acq_id": "seq",
    "dataset": "unknown",
    "modality": "bold",
    "subject_id": "0153",
    "task_id": "restingstate"
  },
  "dummy_trs": 0,
  "dvars_nstd": 21.658039260376572,
  "dvars_std": 1.0967437768200834,
  "dvars_vstd": 0.9012332890376574,
  "efc": 0.4104981788185566,
  "fber": 112059992.0,
  "fd_mean": 0.161959181735506,
  "fd_num": 59,
  "fd_perc": 24.583333333333332,
  "fwhm_avg": 2.7309904159591873,
  "fwhm_x": 2.5991433333333336,
  "fwhm_y": 3.1192733333333336,
  "fwhm_z": 2.4745545812108958,
  "gcor": 0.0205171,
  "gsr_x": -0.0016272998182103038,
  "gsr_y": 0.00363283883780241,
  "provenance": {
    "md5sum": "4f8806e043fdf22335e1cd1b6f00d6c9",
    "settings": {
      "fd_thres": 0.2,
      "hmc_fsl": false
    },
    "software": "mriqc",
    "version": "0.15.0",
    "webapi_port": null,
    "webapi_url": "https://mriqc.nimh.nih.gov/api/v1"
  },
  "size_t": 240,
  "size_x": 80,
  "size_y": 80,
  "size_z": 36,
  "snr": 4.502487309477511,
  "spacing_tr": 2.0,
  "spacing_x": 3.0,
  "spacing_y": 3.0,
  "spacing_z": 3.299999952316284,
  "spikes_num": 0,
  "summary_bg_k": 86.51914157933396,
  "summary_bg_mad": 2.9833054542541504,
  "summary_bg_mean": 205.46702575683594,
  "summary_bg_median": 2.012208938598633,
  "summary_bg_n": 147237.0,
  "summary_bg_p05": 0.0,
  "summary_bg_p95": 871.3737670898395,
  "summary_bg_stdv": 1103.765625,
  "summary_fg_k": 1.5428161653136003,
  "summary_fg_mad": 4596.431640625,
  "summary_fg_mean": 24422.39453125,
  "summary_fg_median": 24184.220703125,
  "summary_fg_n": 42235.0,
  "summary_fg_p05": 16064.0544921875,
  "summary_fg_p95": 33261.27851562499,
  "summary_fg_stdv": 5371.23876953125,
  "tsnr": 44.15193176269531
}