{
  "aor": 0.00055625,
  "aqi": 0.0036313219999999998,
  "bids_meta": {
    "AcquisitionNumber": 4,
    "BidsifyVersion": "0.3.5",
    "ConversionSoftware": "dcm2niix",
    "ConversionSoftwareVersion": "v1.0.20181125  GCC6.3.0",
    "EchoTime": 0.02763,
    "EffectiveEchoSpacing": 0.0006909035636805814,
    "FlipAngle": 76.1,
    "ImageComments": "PIOP2",
    "ImageOrientationPatientDICOM": [
      0.998965,
      0.0369218,
      -0.0265813,
      -0.0402972,
      0.98929,
      -0.140289
    ],
    "Manufacturer": "Philips",
    "NumberOfVolumesDiscardedByScanner": 2,
    "ParallelAcquisitionTechnique": "SENSE",
    "ParallelReductionFactorInPlane": 2,
    "PatientPosition": "HFS",
    "PhaseEncodingDirection": "j",
    "PhilipsRescaleIntercept": 0,
    "PhilipsRescaleSlope": 0.7685,
    "PhilipsScaleSlope": 0.0562884,
    "ProtocolName": "WIPtask-rest_boldSENSE",
    "PulseSequenceType": "gradient echo EPI",
    "ReconMatrixPE": 80,
    "RepetitionTime": 2,
    "SeriesDescription": "ImageMRSERIES",
    "SeriesNumber": 4,
    "SliceEncodingDirection": "k",
    "SliceTiming": [
      0.0,
      0.0556,
      0.1111,
      0.1667,
      0.2222,
      0.2778,
      0.3333,
      0.3889,
      0.4444,
      0.5,
      0.5556,
      0.6111,
      0.6667,
      0.7222,
      0.7778,
      0.8333,
      0.8889,
      0.9444,
      1.0,
      1.0556,
      1.1111,
      1.1667,
      1.2222,
      1.2778,
      1.3333,
      1.3889,
      1.4444,
      1.5,
      1.5556,
      1.6111,
      1.6667,
      1.7222,
      1.7778,
      1.8333,
      1.8889,
      1.9444
    ],
    "TaskName": "restingstate",
    "TotalReadoutTime": 0.026945238983542674,
    "UsePhilipsFloatNotDisplayScaling": 1,
    "WaterFatShift": 12,
    "acq_id": "seq",
    "dataset": "unknown",
    "modality": "bold",
    "subject_id": "0147",
    "task_id": "restingstate"
  },
  "dummy_trs": 0,
  "dvars_nstd": 20.68914146096233,
  "dvars_std": 1.3392784466108785,
  "dvars_vstd": 0.9697519294560679,
  "efc": 0.41129817668425184,
  "fber": 888821632.0,
  "fd_mean": 0.1456594465467237,
  "fd_num": 38,
  "fd_perc": 15.833333333333334,
  "fwhm_avg": 2.5274069807468647,
  "fwhm_x": 2.4241966666666666,
  "fwhm_y": 2.8638666666666666,
  "fwhm_z": 2.2941576089072604,
  "gcor": 0.0344689,
  "gsr_x": -0.002499444643035531,
  "gsr_y": 0.003217414254322648,
  "provenance": {
    "md5sum": "151020d3b7e6cf562552f877b1234aaf",
    "settings": {
      "fd_thres": 0.2,
      "hmc_fsl": false
    },
    "software": "mriqc",
    "version": "0.15.0",
    "webapi_port": null,
    "webapi_url": "https://mriqc.nimh.nih.gov/api/v1"
  },
  "size_t": 240,
  "size_x": 80,
  "size_y": 80,
  "size_z": 36,
  "snr": 5.29392301512571,
  "spacing_tr": 2.0,
  "spacing_x": 3.0,
  "spacing_y": 3.0,
  "spacing_z": 3.299999952316284,
  "spikes_num": 0,
  "summary_bg_k": 93.26581430455849,
  "summary_bg_mad": 1.2070274353027344,
  "summary_bg_mean": 210.61805725097656,
  "summary_bg_median": 0.8182491064071655,
  "summary_bg_n": 147965.0,
  "summary_bg_p05": 0.0014478570083156232,
  "summary_bg_p95": 987.2554687499936,
  "summary_bg_stdv": 1173.1732177734375,
  "summary_fg_k": 2.974708035307385,
  "summary_fg_mad": 4127.94091796875,
  "summary_fg_mean": 27320.826171875,
  "summary_fg_median": 27211.294921875,
  "summary_fg_n": 42015.0,
  "summary_fg_p05": 19667.20078125,
  "summary_fg_p95": 35249.160546875,
  "summary_fg_stdv": 5140.0390625,
  "tsnr": 92.97911071777344
}