{
  "aor": 0.0017775,
  "aqi": 0.003997630875000001,
  "bids_meta": {
    "AcquisitionNumber": 3,
    "BidsifyVersion": "0.3.5",
    "ConversionSoftware": "dcm2niix",
    "ConversionSoftwareVersion": "v1.0.20181125  GCC6.3.0",
    "EchoTime": 0.02763,
    "EffectiveEchoSpacing": 0.0006909035636805814,
    "FlipAngle": 76.1,
    "ImageComments": "PIOP2",
    "ImageOrientationPatientDICOM": [
      0.998965,
      0.0369218,
      -0.0265813,
      -0.0402972,
      0.98929,
      -0.140289
    ],
    "Manufacturer": "Philips",
    "NumberOfVolumesDiscardedByScanner": 2,
    "ParallelAcquisitionTechnique": "SENSE",
    "ParallelReductionFactorInPlane": 2,
    "PatientPosition": "HFS",
    "PhaseEncodingDirection": "j",
    "PhilipsRescaleIntercept": 0,
    "PhilipsRescaleSlope": 0.78217,
    "PhilipsScaleSlope": 0.0557285,
    "ProtocolName": "WIPtask-wm_boldSENSE",
    "PulseSequenceType": "gradient echo EPI",
    "ReconMatrixPE": 80,
    "RepetitionTime": 2,
    "SeriesDescription": "ImageMRSERIES",
    "SeriesNumber": 3,
    "SliceEncodingDirection": "k",
    "SliceTiming": [
      0.0,
      0.0556,
      0.1111,
      0.1667,
      0.2222,
      0.2778,
      0.3333,
      0.3889,
      0.4444,
      0.5,
      0.5556,
      0.6111,
      0.6667,
      0.7222,
      0.7778,
      0.8333,
      0.8889,
      0.9444,
      1.0,
      1.0556,
      1.1111,
      1.1667,
      1.2222,
      1.2778,
      1.3333,
      1.3889,
      1.4444,
      1.5,
      1.5556,
      1.6111,
      1.6667,
      1.7222,
      1.7778,
      1.8333,
      1.8889,
      1.9444
    ],
    "TaskName": "workingmemory",
    "TotalReadoutTime": 0.026945238983542674,
    "UsePhilipsFloatNotDisplayScaling": 1,
    "WaterFatShift": 12,
    "acq_id": "seq",
    "dataset": "unknown",
    "modality": "bold",
    "subject_id": "0147",
    "task_id": "workingmemory"
  },
  "dummy_trs": 0,
  "dvars_nstd": 17.850515275911945,
  "dvars_std": 1.2383370571698111,
  "dvars_vstd": 0.987532234339622,
  "efc": 0.41133978102204866,
  "fber": 715786624.0,
  "fd_mean": 0.1145502369230036,
  "fd_num": 19,
  "fd_perc": 11.875,
  "fwhm_avg": 2.5309697080625466,
  "fwhm_x": 2.43195,
  "fwhm_y": 2.8578833333333336,
  "fwhm_z": 2.3030757908543067,
  "gcor": 0.0328227,
  "gsr_x": -0.0027631125412881374,
  "gsr_y": 0.0032347412779927254,
  "provenance": {
    "md5sum": "a6b915264ae4541802634e72d9a3a438",
    "settings": {
      "fd_thres": 0.2,
      "hmc_fsl": false
    },
    "software": "mriqc",
    "version": "0.15.0",
    "webapi_port": null,
    "webapi_url": "https://mriqc.nimh.nih.gov/api/v1"
  },
  "size_t": 160,
  "size_x": 80,
  "size_y": 80,
  "size_z": 36,
  "snr": 5.267968439223928,
  "spacing_tr": 2.0,
  "spacing_x": 3.0,
  "spacing_y": 3.0,
  "spacing_z": 3.299999952316284,
  "spikes_num": 0,
  "summary_bg_k": 91.30661800386149,
  "summary_bg_mad": 1.3383320569992065,
  "summary_bg_mean": 216.60848999023438,
  "summary_bg_median": 0.9026912450790405,
  "summary_bg_n": 148012.0,
  "summary_bg_p05": 0.0,
  "summary_bg_p95": 1025.1798400878677,
  "summary_bg_stdv": 1201.187744140625,
  "summary_fg_k": 2.678487223526247,
  "summary_fg_mad": 4228.0224609375,
  "summary_fg_mean": 27364.021484375,
  "summary_fg_median": 27230.59765625,
  "summary_fg_n": 41926.0,
  "summary_fg_p05": 19578.001953125,
  "summary_fg_p95": 35438.1455078125,
  "summary_fg_stdv": 5169.02734375,
  "tsnr": 88.33467102050781
}