{
  "bids_meta": {
    "AcquisitionNumber": 2,
    "BidsifyVersion": "0.3.5",
    "ConversionSoftware": "dcm2niix",
    "ConversionSoftwareVersion": "v1.0.20181125  GCC6.3.0",
    "EchoTime": 0.00383,
    "ImageComments": "PIOP2",
    "ImageOrientationPatientDICOM": [
      0.995636,
      -0.0868879,
      0.034053,
      0.0904348,
      0.988373,
      -0.122234
    ],
    "Manufacturer": "Philips",
    "NumberSignalAcquisitions": 2,
    "PatientPosition": "HFS",
    "PhilipsRescaleIntercept": 0,
    "PhilipsRescaleSlope": 9.99878,
    "PhilipsScaleSlope": 0.00780603,
    "ProtocolName": "WIPT1anat_acq-6m_T1wSENSE",
    "ReconMatrixPE": 240,
    "RepetitionTime": 0.008302,
    "SeriesDescription": "ImageMRSERIES",
    "SeriesNumber": 2,
    "UsePhilipsFloatNotDisplayScaling": 1,
    "dataset": "unknown",
    "modality": "T1w",
    "subject_id": "0061"
  },
  "cjv": 0.2750910960808912,
  "cnr": 4.4231433727609755,
  "efc": 0.759870894121179,
  "fber": 1527.8333740234375,
  "fwhm_avg": 4.5036966666666665,
  "fwhm_x": 4.33561,
  "fwhm_y": 4.46568,
  "fwhm_z": 4.7098,
  "icvs_csf": 0.23335765354127405,
  "icvs_gm": 0.4238014285939837,
  "icvs_wm": 0.34284091786474225,
  "inu_med": 1.6741951704025269,
  "inu_range": 0.26390206813812234,
  "provenance": {
    "md5sum": "71b671ea16a6a3e0523deae824238d11",
    "settings": {
      "testing": false
    },
    "software": "mriqc",
    "version": "0.15.0",
    "warnings": {
      "large_rot_frame": true,
      "small_air_mask": true
    },
    "webapi_port": null,
    "webapi_url": "https://mriqc.nimh.nih.gov/api/v1"
  },
  "qi_1": 0.0,
  "qi_2": 5.3598290173411386e-05,
  "rpve_csf": 30.445686483346243,
  "rpve_gm": 17.35275689483735,
  "rpve_wm": 26.22891393310462,
  "size_x": 240,
  "size_y": 240,
  "size_z": 220,
  "snr_csf": 2.539280526557033,
  "snr_gm": 9.607180673198124,
  "snr_total": 11.618257694601475,
  "snr_wm": 22.70831188404927,
  "snrd_csf": 18.098651998187282,
  "snrd_gm": 48.83427360891942,
  "snrd_total": 47.63875356585376,
  "snrd_wm": 75.98333509045459,
  "spacing_x": 1.0,
  "spacing_y": 1.0,
  "spacing_z": 1.0,
  "summary_bg_k": 48.020252613807514,
  "summary_bg_mad": 8.62200927734375,
  "summary_bg_mean": 10.133686065673828,
  "summary_bg_median": 5.968719482421875,
  "summary_bg_n": 164798.0,
  "summary_bg_p05": 0.0,
  "summary_bg_p95": 23.790382671356202,
  "summary_bg_stdv": 10.543397903442383,
  "summary_csf_k": 0.3226154909681225,
  "summary_csf_mad": 102.55235290527344,
  "summary_csf_mean": 250.34434509277344,
  "summary_csf_median": 238.18971252441406,
  "summary_csf_n": 11578.0,
  "summary_csf_p05": 120.01527938842773,
  "summary_csf_p95": 408.65504913330074,
  "summary_csf_stdv": 93.7979965209961,
  "summary_gm_k": 0.7453376988422193,
  "summary_gm_mad": 61.41691589355469,
  "summary_gm_mean": 648.6112670898438,
  "summary_gm_median": 642.68994140625,
  "summary_gm_n": 20542.0,
  "summary_gm_p05": 551.9806091308593,
  "summary_gm_p95": 771.0359954833984,
  "summary_gm_stdv": 66.89520263671875,
  "summary_wm_k": 1.0756205652358242,
  "summary_wm_mad": 36.87281036376953,
  "summary_wm_mean": 998.4158325195312,
  "summary_wm_median": 999.98876953125,
  "summary_wm_n": 159344.0,
  "summary_wm_p05": 920.8120544433594,
  "summary_wm_p95": 1068.7921325683594,
  "summary_wm_stdv": 44.03610610961914,
  "tpm_overlap_csf": 0.2290077954530716,
  "tpm_overlap_gm": 0.5270622372627258,
  "tpm_overlap_wm": 0.5757101774215698,
  "wm2max": 0.772234901407633
}