{
    "Manufacturer": "Philips",
    "PatientPosition": "HFS",
    "SeriesDescription": "ImageMRSERIES",
    "ProtocolName": "WIPdwi_acq-32b1000SENSE",
    "SeriesNumber": 6,
    "AcquisitionNumber": 6,
    "ImageComments": "PIOP2",
    "PhilipsRescaleSlope": 4.18901,
    "PhilipsRescaleIntercept": 0,
    "PhilipsScaleSlope": 0.0242133,
    "UsePhilipsFloatNotDisplayScaling": 1,
    "EchoTime": 0.08753,
    "RepetitionTime": 7.47638,
    "ReconMatrixPE": 112,
    "ImageOrientationPatientDICOM": [
        0.998527,
        -0.0022476,
        -0.0542068,
        0.000174276,
        0.999269,
        -0.0382229
    ],
    "ConversionSoftware": "dcm2niix",
    "ConversionSoftwareVersion": "v1.0.20181125  GCC6.3.0",
    "BidsifyVersion": "0.3.5",
    "FlipAngle": 90,
    "WaterFatShift": 18.927,
    "ParallelAcquisitionTechnique": "SENSE",
    "ParallelReductionFactorInPlane": 2,
    "PhaseEncodingDirection": "j"
}