{
  "bids_meta": {
    "AcquisitionNumber": 2,
    "BidsifyVersion": "0.3.5",
    "ConversionSoftware": "dcm2niix",
    "ConversionSoftwareVersion": "v1.0.20181125  GCC6.3.0",
    "EchoTime": 0.0038,
    "ImageComments": "PIOP2",
    "ImageOrientationPatientDICOM": [
      0.999746,
      0.0115827,
      -0.0193191,
      -0.0146581,
      0.985757,
      -0.167536
    ],
    "Manufacturer": "Philips",
    "PatientPosition": "HFS",
    "PhilipsRescaleIntercept": 0,
    "PhilipsRescaleSlope": 8.92845,
    "PhilipsScaleSlope": 0.00672505,
    "ProtocolName": "WIPT1anat_acq-6m_T1wSENSE",
    "ReconMatrixPE": 240,
    "RepetitionTime": 0.008284,
    "SeriesDescription": "ImageMRSERIES",
    "SeriesNumber": 2,
    "UsePhilipsFloatNotDisplayScaling": 1,
    "acq_id": "6m",
    "dataset": "unknown",
    "modality": "T1w",
    "subject_id": "0028"
  },
  "cjv": 0.30994693585628824,
  "cnr": 3.7971578709824865,
  "efc": 0.783511639721277,
  "fber": 1135.779052734375,
  "fwhm_avg": 4.645936666666667,
  "fwhm_x": 4.36089,
  "fwhm_y": 4.72837,
  "fwhm_z": 4.84855,
  "icvs_csf": 0.2503396861110478,
  "icvs_gm": 0.3905058515644414,
  "icvs_wm": 0.3591544623245108,
  "inu_med": 0.5152105093002319,
  "inu_range": 0.19814504534006094,
  "provenance": {
    "md5sum": "a31b6ffe06de197b7dbebdb19f009343",
    "settings": {
      "testing": false
    },
    "software": "mriqc",
    "version": "0.15.0",
    "warnings": {
      "large_rot_frame": true,
      "small_air_mask": true
    },
    "webapi_port": null,
    "webapi_url": "https://mriqc.nimh.nih.gov/api/v1"
  },
  "qi_1": 0.0011761385020700038,
  "qi_2": 0.00011090650581984036,
  "rpve_csf": 24.145610443041015,
  "rpve_gm": 15.09215840095347,
  "rpve_wm": 21.023728236601556,
  "size_x": 240,
  "size_y": 240,
  "size_z": 220,
  "snr_csf": 3.1862976024697787,
  "snr_gm": 8.627211786436296,
  "snr_total": 12.172916366334157,
  "snr_wm": 24.705239710096397,
  "snrd_csf": 21.054242597457645,
  "snrd_gm": 38.81037138231064,
  "snrd_total": 39.36372873187597,
  "snrd_wm": 58.22657221585964,
  "spacing_x": 1.0,
  "spacing_y": 1.0,
  "spacing_z": 1.0,
  "summary_bg_k": 17.09940472472301,
  "summary_bg_mad": 11.251574516296387,
  "summary_bg_mean": 12.22752571105957,
  "summary_bg_median": 7.9255781173706055,
  "summary_bg_n": 123076.0,
  "summary_bg_p05": 0.0,
  "summary_bg_p95": 30.706902027130127,
  "summary_bg_stdv": 10.235980033874512,
  "summary_csf_k": 0.7120450788001302,
  "summary_csf_mad": 120.8721923828125,
  "summary_csf_mean": 346.5284729003906,
  "summary_csf_median": 361.593994140625,
  "summary_csf_n": 18054.0,
  "summary_csf_p05": 140.38998107910157,
  "summary_csf_p95": 500.44688415527344,
  "summary_csf_stdv": 113.48091888427734,
  "summary_gm_k": 0.7611136587629961,
  "summary_gm_mad": 68.49144744873047,
  "summary_gm_mean": 674.4254760742188,
  "summary_gm_median": 666.5448608398438,
  "summary_gm_n": 20655.0,
  "summary_gm_p05": 562.7109191894531,
  "summary_gm_p95": 819.0097351074218,
  "summary_gm_stdv": 77.25888061523438,
  "summary_wm_k": 1.2542364714521002,
  "summary_wm_mad": 34.863956451416016,
  "summary_wm_mean": 997.94482421875,
  "summary_wm_median": 1000.0064697265625,
  "summary_wm_n": 211099.0,
  "summary_wm_p05": 925.3060791015625,
  "summary_wm_p95": 1059.064599609375,
  "summary_wm_stdv": 40.47740936279297,
  "tpm_overlap_csf": 0.20690636336803436,
  "tpm_overlap_gm": 0.491849422454834,
  "tpm_overlap_wm": 0.5835896134376526,
  "wm2max": 0.7172504442939925
}