{
  "aor": 0.0018461875000000002,
  "aqi": 0.0035064769375,
  "bids_meta": {
    "AcquisitionNumber": 3,
    "BidsifyVersion": "0.3.5",
    "ConversionSoftware": "dcm2niix",
    "ConversionSoftwareVersion": "v1.0.20181125  GCC6.3.0",
    "EchoTime": 0.02763,
    "FlipAngle": 76.1,
    "ImageComments": "PIOP2",
    "ImageOrientationPatientDICOM": [
      0.999941,
      0.000224582,
      -0.0108873,
      -0.00122166,
      0.995789,
      -0.0916622
    ],
    "Manufacturer": "Philips",
    "NumberOfVolumesDiscardedByScanner": 2,
    "ParallelAcquisitionTechnique": "SENSE",
    "ParallelReductionFactorInPlane": 2,
    "PatientPosition": "HFS",
    "PhaseEncodingDirection": "j",
    "PhilipsRescaleIntercept": 0,
    "PhilipsRescaleSlope": 0.82711,
    "PhilipsScaleSlope": 0.0577731,
    "ProtocolName": "WIPtask-wm_boldSENSE",
    "PulseSequenceType": "gradient echo EPI",
    "ReconMatrixPE": 80,
    "RepetitionTime": 2,
    "SeriesDescription": "ImageMRSERIES",
    "SeriesNumber": 3,
    "SliceEncodingDirection": "k",
    "TaskName": "workingmemory",
    "UsePhilipsFloatNotDisplayScaling": 1,
    "WaterFatShift": 12,
    "acq_id": "seq",
    "dataset": "unknown",
    "modality": "bold",
    "subject_id": "0058",
    "task_id": "workingmemory"
  },
  "dummy_trs": 0,
  "dvars_nstd": 22.20021450584906,
  "dvars_std": 1.3824888172955976,
  "dvars_vstd": 1.0667664496226414,
  "efc": 0.41364948084839104,
  "fber": 1187870848.0,
  "fd_mean": 0.0950613531994723,
  "fd_num": 5,
  "fd_perc": 3.125,
  "fwhm_avg": 2.5107387988836263,
  "fwhm_x": 2.4377066666666667,
  "fwhm_y": 2.8097066666666666,
  "fwhm_z": 2.2848030633175456,
  "gcor": 0.0288618,
  "gsr_x": -0.004810288082808256,
  "gsr_y": 0.006731277797371149,
  "provenance": {
    "md5sum": "68758137884374c90c61b8092d92c2f1",
    "settings": {
      "fd_thres": 0.2,
      "hmc_fsl": false
    },
    "software": "mriqc",
    "version": "0.15.0",
    "webapi_port": null,
    "webapi_url": "https://mriqc.nimh.nih.gov/api/v1"
  },
  "size_t": 160,
  "size_x": 80,
  "size_y": 80,
  "size_z": 36,
  "snr": 5.269027594252465,
  "spacing_tr": 2.0,
  "spacing_x": 3.0,
  "spacing_y": 3.0,
  "spacing_z": 3.299999952316284,
  "spikes_num": 0,
  "summary_bg_k": 102.78761457105841,
  "summary_bg_mad": 1.0438997745513916,
  "summary_bg_mean": 212.5609588623047,
  "summary_bg_median": 0.715219259262085,
  "summary_bg_n": 147336.0,
  "summary_bg_p05": 0.0014755308802705258,
  "summary_bg_p95": 1002.3834228515625,
  "summary_bg_stdv": 1178.6455078125,
  "summary_fg_k": 2.3691447028162917,
  "summary_fg_mad": 4240.359375,
  "summary_fg_mean": 26090.609375,
  "summary_fg_median": 26125.0390625,
  "summary_fg_n": 42480.0,
  "summary_fg_p05": 18397.005957031248,
  "summary_fg_p95": 33574.762109375,
  "summary_fg_stdv": 4958.16943359375,
  "tsnr": 91.41842651367188
}