{
    "Manufacturer": "Philips",
    "PatientPosition": "HFS",
    "SeriesDescription": "ImageMRSERIES",
    "ProtocolName": "WIPT1anat_acq-6m_T1wSENSE",
    "SeriesNumber": 2,
    "AcquisitionNumber": 2,
    "ImageComments": "PIOP2",
    "PhilipsRescaleSlope": 8.54481,
    "PhilipsRescaleIntercept": 0,
    "PhilipsScaleSlope": 0.00749437,
    "UsePhilipsFloatNotDisplayScaling": 1,
    "EchoTime": 0.00378,
    "RepetitionTime": 0.008239,
    "ReconMatrixPE": 240,
    "ImageOrientationPatientDICOM": [
        0.999722,
        0.00336427,
        0.0233209,
        -0.000348969,
        0.99176,
        -0.128111
    ],
    "ConversionSoftware": "dcm2niix",
    "ConversionSoftwareVersion": "v1.0.20181125  GCC6.3.0",
    "BidsifyVersion": "0.3.5"
}