{
  "aor": 0.0024523749999999997,
  "aqi": 0.006215440625,
  "bids_meta": {
    "AcquisitionNumber": 4,
    "BidsifyVersion": "0.3.5",
    "ConversionSoftware": "dcm2niix",
    "ConversionSoftwareVersion": "v1.0.20181125  GCC6.3.0",
    "EchoTime": 0.02763,
    "EffectiveEchoSpacing": 0.0006909035636805814,
    "FlipAngle": 76.1,
    "ImageComments": "PIOP2",
    "ImageOrientationPatientDICOM": [
      0.998959,
      0.0355751,
      -0.0285397,
      -0.0341862,
      0.998274,
      0.0477618
    ],
    "Manufacturer": "Philips",
    "NumberOfVolumesDiscardedByScanner": 2,
    "ParallelAcquisitionTechnique": "SENSE",
    "ParallelReductionFactorInPlane": 2,
    "PatientPosition": "HFS",
    "PhaseEncodingDirection": "j",
    "PhilipsRescaleIntercept": 0,
    "PhilipsRescaleSlope": 0.7956,
    "PhilipsScaleSlope": 0.0580175,
    "ProtocolName": "WIPtask-rest_boldSENSE",
    "PulseSequenceType": "gradient echo EPI",
    "ReconMatrixPE": 80,
    "RepetitionTime": 2,
    "SeriesDescription": "ImageMRSERIES",
    "SeriesNumber": 4,
    "SliceEncodingDirection": "k",
    "SliceTiming": [
      0.0,
      0.0556,
      0.1111,
      0.1667,
      0.2222,
      0.2778,
      0.3333,
      0.3889,
      0.4444,
      0.5,
      0.5556,
      0.6111,
      0.6667,
      0.7222,
      0.7778,
      0.8333,
      0.8889,
      0.9444,
      1.0,
      1.0556,
      1.1111,
      1.1667,
      1.2222,
      1.2778,
      1.3333,
      1.3889,
      1.4444,
      1.5,
      1.5556,
      1.6111,
      1.6667,
      1.7222,
      1.7778,
      1.8333,
      1.8889,
      1.9444
    ],
    "TaskName": "restingstate",
    "TotalReadoutTime": 0.026945238983542674,
    "UsePhilipsFloatNotDisplayScaling": 1,
    "WaterFatShift": 12,
    "acq_id": "seq",
    "dataset": "unknown",
    "modality": "bold",
    "subject_id": "0138",
    "task_id": "restingstate"
  },
  "dummy_trs": 0,
  "dvars_nstd": 22.151931722719667,
  "dvars_std": 1.2878565370711303,
  "dvars_vstd": 0.9779089856485352,
  "efc": 0.4090905104665458,
  "fber": 241656624.0,
  "fd_mean": 0.12714584839981194,
  "fd_num": 25,
  "fd_perc": 10.416666666666666,
  "fwhm_avg": 2.523013344565016,
  "fwhm_x": 2.4144,
  "fwhm_y": 2.82274,
  "fwhm_z": 2.331900033695048,
  "gcor": 0.0155641,
  "gsr_x": -1.874990812211763e-05,
  "gsr_y": 0.00011820463987533003,
  "provenance": {
    "md5sum": "1407537c1b36a73435a1880098197178",
    "settings": {
      "fd_thres": 0.2,
      "hmc_fsl": false
    },
    "software": "mriqc",
    "version": "0.15.0",
    "webapi_port": null,
    "webapi_url": "https://mriqc.nimh.nih.gov/api/v1"
  },
  "size_t": 240,
  "size_x": 80,
  "size_y": 80,
  "size_z": 36,
  "snr": 4.992033580997637,
  "spacing_tr": 2.0,
  "spacing_x": 3.0,
  "spacing_y": 3.0,
  "spacing_z": 3.299999952316284,
  "spikes_num": 0,
  "summary_bg_k": 63.82925150349776,
  "summary_bg_mad": 2.2517502307891846,
  "summary_bg_mean": 248.13742065429688,
  "summary_bg_median": 1.5365817546844482,
  "summary_bg_n": 149432.0,
  "summary_bg_p05": 0.005164607777260244,
  "summary_bg_p95": 1091.7704833984296,
  "summary_bg_stdv": 1280.228515625,
  "summary_fg_k": 2.3966622807106326,
  "summary_fg_mad": 4375.564453125,
  "summary_fg_mean": 26314.033203125,
  "summary_fg_median": 26353.666015625,
  "summary_fg_n": 41051.0,
  "summary_fg_p05": 17966.8310546875,
  "summary_fg_p95": 34295.3984375,
  "summary_fg_stdv": 5279.080078125,
  "tsnr": 70.93694305419922
}