{
  "aor": 0.0014170625,
  "aqi": 0.0032640200000000003,
  "bids_meta": {
    "AcquisitionNumber": 3,
    "BidsifyVersion": "0.3.5",
    "ConversionSoftware": "dcm2niix",
    "ConversionSoftwareVersion": "v1.0.20181125  GCC6.3.0",
    "EchoTime": 0.02763,
    "EffectiveEchoSpacing": 0.0006909035636805814,
    "FlipAngle": 76.1,
    "ImageComments": "PIOP2",
    "ImageOrientationPatientDICOM": [
      0.998959,
      0.0355751,
      -0.0285397,
      -0.0341862,
      0.998274,
      0.0477618
    ],
    "Manufacturer": "Philips",
    "NumberOfVolumesDiscardedByScanner": 2,
    "ParallelAcquisitionTechnique": "SENSE",
    "ParallelReductionFactorInPlane": 2,
    "PatientPosition": "HFS",
    "PhaseEncodingDirection": "j",
    "PhilipsRescaleIntercept": 0,
    "PhilipsRescaleSlope": 0.83175,
    "PhilipsScaleSlope": 0.0542833,
    "ProtocolName": "WIPtask-wm_boldSENSE",
    "PulseSequenceType": "gradient echo EPI",
    "ReconMatrixPE": 80,
    "RepetitionTime": 2,
    "SeriesDescription": "ImageMRSERIES",
    "SeriesNumber": 3,
    "SliceEncodingDirection": "k",
    "SliceTiming": [
      0.0,
      0.0556,
      0.1111,
      0.1667,
      0.2222,
      0.2778,
      0.3333,
      0.3889,
      0.4444,
      0.5,
      0.5556,
      0.6111,
      0.6667,
      0.7222,
      0.7778,
      0.8333,
      0.8889,
      0.9444,
      1.0,
      1.0556,
      1.1111,
      1.1667,
      1.2222,
      1.2778,
      1.3333,
      1.3889,
      1.4444,
      1.5,
      1.5556,
      1.6111,
      1.6667,
      1.7222,
      1.7778,
      1.8333,
      1.8889,
      1.9444
    ],
    "TaskName": "workingmemory",
    "TotalReadoutTime": 0.026945238983542674,
    "UsePhilipsFloatNotDisplayScaling": 1,
    "WaterFatShift": 12,
    "acq_id": "seq",
    "dataset": "unknown",
    "modality": "bold",
    "subject_id": "0138",
    "task_id": "workingmemory"
  },
  "dummy_trs": 0,
  "dvars_nstd": 20.651492730503136,
  "dvars_std": 1.2665161203144653,
  "dvars_vstd": 1.0047585045283016,
  "efc": 0.40838583184606037,
  "fber": 592156608.0,
  "fd_mean": 0.15785023088266892,
  "fd_num": 38,
  "fd_perc": 23.75,
  "fwhm_avg": 2.5172116273689826,
  "fwhm_x": 2.413743333333333,
  "fwhm_y": 2.81104,
  "fwhm_z": 2.3268515487736146,
  "gcor": 0.0372243,
  "gsr_x": 0.0006173006840981543,
  "gsr_y": -0.0005823461106047034,
  "provenance": {
    "md5sum": "a8b52e7da15aa5b829f719cda8c1228b",
    "settings": {
      "fd_thres": 0.2,
      "hmc_fsl": false
    },
    "software": "mriqc",
    "version": "0.15.0",
    "webapi_port": null,
    "webapi_url": "https://mriqc.nimh.nih.gov/api/v1"
  },
  "size_t": 160,
  "size_x": 80,
  "size_y": 80,
  "size_z": 36,
  "snr": 4.970418207762774,
  "spacing_tr": 2.0,
  "spacing_x": 3.0,
  "spacing_y": 3.0,
  "spacing_z": 3.299999952316284,
  "spikes_num": 0,
  "summary_bg_k": 66.72425242725627,
  "summary_bg_mad": 1.501982569694519,
  "summary_bg_mean": 249.7842254638672,
  "summary_bg_median": 1.025935173034668,
  "summary_bg_n": 149322.0,
  "summary_bg_p05": 0.003285126434639096,
  "summary_bg_p95": 1088.5510742187482,
  "summary_bg_stdv": 1355.883544921875,
  "summary_fg_k": 2.3153731450794526,
  "summary_fg_mad": 4432.19580078125,
  "summary_fg_mean": 26616.673828125,
  "summary_fg_median": 26652.248046875,
  "summary_fg_n": 41079.0,
  "summary_fg_p05": 18095.471093750002,
  "summary_fg_p95": 34716.1296875,
  "summary_fg_stdv": 5362.10888671875,
  "tsnr": 88.9886703491211
}