{
  "bids_meta": {
    "AcquisitionNumber": 2,
    "BidsifyVersion": "0.3.5",
    "ConversionSoftware": "dcm2niix",
    "ConversionSoftwareVersion": "v1.0.20181125  GCC6.3.0",
    "EchoTime": 0.00373,
    "ImageComments": "PIOP2",
    "ImageOrientationPatientDICOM": [
      0.999928,
      0.0031812,
      -0.0115568,
      -0.0033159,
      0.999927,
      -0.0116552
    ],
    "Manufacturer": "Philips",
    "PatientPosition": "HFS",
    "PhilipsRescaleIntercept": 0,
    "PhilipsRescaleSlope": 9.16313,
    "PhilipsScaleSlope": 0.00721598,
    "ProtocolName": "WIPT1anat_acq-6m_T1wSENSE",
    "ReconMatrixPE": 240,
    "RepetitionTime": 0.008163,
    "SeriesDescription": "ImageMRSERIES",
    "SeriesNumber": 2,
    "UsePhilipsFloatNotDisplayScaling": 1,
    "acq_id": "6m",
    "dataset": "unknown",
    "modality": "T1w",
    "subject_id": "0058"
  },
  "cjv": 0.2537815515505081,
  "cnr": 4.298461635135818,
  "efc": 0.7530419557441472,
  "fber": 1512.0615234375,
  "fwhm_avg": 4.70025,
  "fwhm_x": 4.40639,
  "fwhm_y": 4.82008,
  "fwhm_z": 4.87428,
  "icvs_csf": 0.26117958250844653,
  "icvs_gm": 0.37189521173918844,
  "icvs_wm": 0.36692520575236504,
  "inu_med": 1.3740359544754028,
  "inu_range": 0.3772003650665283,
  "provenance": {
    "md5sum": "23bb942657d8caca30c08b92d5a6567d",
    "settings": {
      "testing": false
    },
    "software": "mriqc",
    "version": "0.15.0",
    "warnings": {
      "large_rot_frame": true,
      "small_air_mask": true
    },
    "webapi_port": null,
    "webapi_url": "https://mriqc.nimh.nih.gov/api/v1"
  },
  "qi_1": 0.0,
  "qi_2": 4.5674919775936536e-05,
  "rpve_csf": 24.825678245160475,
  "rpve_gm": 16.102061151357344,
  "rpve_wm": 21.77903549089401,
  "size_x": 240,
  "size_y": 240,
  "size_z": 220,
  "snr_csf": 3.341912647602239,
  "snr_gm": 10.733790178534914,
  "snr_total": 14.261147889896028,
  "snr_wm": 28.70774084355093,
  "snrd_csf": 23.997330170427933,
  "snrd_gm": 46.7131059860872,
  "snrd_total": 47.210727822063575,
  "snrd_wm": 70.92174730967561,
  "spacing_x": 1.0,
  "spacing_y": 1.0,
  "spacing_z": 1.0,
  "summary_bg_k": 23.687823841851117,
  "summary_bg_mad": 9.237438201904297,
  "summary_bg_mean": 21.11869239807129,
  "summary_bg_median": 6.331610679626465,
  "summary_bg_n": 218687.0,
  "summary_bg_p05": 0.0,
  "summary_bg_p95": 92.05307922363271,
  "summary_bg_stdv": 36.433631896972656,
  "summary_csf_k": -0.4032633133890551,
  "summary_csf_mad": 103.57379913330078,
  "summary_csf_mean": 322.0081787109375,
  "summary_csf_median": 338.3629150390625,
  "summary_csf_n": 16977.0,
  "summary_csf_p05": 138.16497192382812,
  "summary_csf_p95": 461.5381530761718,
  "summary_csf_stdv": 101.24530029296875,
  "summary_gm_k": 0.5814692777342905,
  "summary_gm_mad": 56.46553039550781,
  "summary_gm_mean": 663.3216552734375,
  "summary_gm_median": 658.6558837890625,
  "summary_gm_n": 20200.0,
  "summary_gm_p05": 570.6480590820312,
  "summary_gm_p95": 770.9614471435546,
  "summary_gm_stdv": 61.361324310302734,
  "summary_wm_k": 1.3667260610912928,
  "summary_wm_mad": 30.16087532043457,
  "summary_wm_mean": 999.4778442382812,
  "summary_wm_median": 999.998291015625,
  "summary_wm_n": 209690.0,
  "summary_wm_p05": 941.4377532958985,
  "summary_wm_p95": 1054.9351806640625,
  "summary_wm_stdv": 34.83366775512695,
  "tpm_overlap_csf": 0.2152203619480133,
  "tpm_overlap_gm": 0.490755170583725,
  "tpm_overlap_wm": 0.5924313068389893,
  "wm2max": 0.7448024338601499
}