{
  "bids_meta": {
    "AcquisitionNumber": 2,
    "BidsifyVersion": "0.3.5",
    "ConversionSoftware": "dcm2niix",
    "ConversionSoftwareVersion": "v1.0.20181125  GCC6.3.0",
    "EchoTime": 0.0038,
    "ImageComments": "PIOP2",
    "ImageOrientationPatientDICOM": [
      0.999368,
      0.0228312,
      -0.0272512,
      -0.0184909,
      0.988503,
      0.150065
    ],
    "Manufacturer": "Philips",
    "NumberSignalAcquisitions": 2,
    "PatientPosition": "HFS",
    "PhilipsRescaleIntercept": 0,
    "PhilipsRescaleSlope": 7.72137,
    "PhilipsScaleSlope": 0.00756021,
    "ProtocolName": "WIPT1anat_acq-6m_T1wSENSE",
    "ReconMatrixPE": 240,
    "RepetitionTime": 0.008278,
    "SeriesDescription": "ImageMRSERIES",
    "SeriesNumber": 2,
    "UsePhilipsFloatNotDisplayScaling": 1,
    "dataset": "unknown",
    "modality": "T1w",
    "subject_id": "0180"
  },
  "cjv": 0.257802925766993,
  "cnr": 4.751425730240693,
  "efc": 0.760453942605359,
  "fber": 2480.0107421875,
  "fwhm_avg": 4.768446666666667,
  "fwhm_x": 4.42834,
  "fwhm_y": 4.91793,
  "fwhm_z": 4.95907,
  "icvs_csf": 0.25875150963085247,
  "icvs_gm": 0.37843623514545216,
  "icvs_wm": 0.36281225522369537,
  "inu_med": 1.5957728624343872,
  "inu_range": 0.3018934965133666,
  "provenance": {
    "md5sum": "3914f3e4d1de7722e8f87fc580551cfa",
    "settings": {
      "testing": false
    },
    "software": "mriqc",
    "version": "0.15.0",
    "warnings": {
      "large_rot_frame": true,
      "small_air_mask": true
    },
    "webapi_port": null,
    "webapi_url": "https://mriqc.nimh.nih.gov/api/v1"
  },
  "qi_1": 3.3454566309340034e-05,
  "qi_2": 0.00019058046996246638,
  "rpve_csf": 23.899667908202517,
  "rpve_gm": 15.506382138211958,
  "rpve_wm": 21.531031502129352,
  "size_x": 240,
  "size_y": 240,
  "size_z": 220,
  "snr_csf": 3.4276187647187903,
  "snr_gm": 10.269593565230405,
  "snr_total": 13.970344758741005,
  "snr_wm": 28.213821946273818,
  "snrd_csf": 29.182742447785056,
  "snrd_gm": 62.02768471851073,
  "snrd_total": 62.08271662691978,
  "snrd_wm": 95.03772271446354,
  "spacing_x": 1.0,
  "spacing_y": 1.0,
  "spacing_z": 1.0,
  "summary_bg_k": 71.27428957554397,
  "summary_bg_mad": 6.893404006958008,
  "summary_bg_mean": 8.018048286437988,
  "summary_bg_median": 4.806549072265625,
  "summary_bg_n": 85324.0,
  "summary_bg_p05": 0.0,
  "summary_bg_p95": 19.420269298553464,
  "summary_bg_stdv": 6.983321666717529,
  "summary_csf_k": -0.5362914311125961,
  "summary_csf_mad": 95.80011749267578,
  "summary_csf_mean": 292.45281982421875,
  "summary_csf_median": 307.0634460449219,
  "summary_csf_n": 19409.0,
  "summary_csf_p05": 135.584326171875,
  "summary_csf_p95": 418.70917358398435,
  "summary_csf_stdv": 89.58275604248047,
  "summary_gm_k": 0.6273875011792742,
  "summary_gm_mad": 58.38307571411133,
  "summary_gm_mean": 655.5784912109375,
  "summary_gm_median": 652.660888671875,
  "summary_gm_n": 22917.0,
  "summary_gm_p05": 556.7611572265625,
  "summary_gm_p95": 764.3576538085938,
  "summary_gm_stdv": 63.551361083984375,
  "summary_wm_k": 0.994226711666419,
  "summary_wm_mad": 31.160799026489258,
  "summary_wm_mean": 998.2908935546875,
  "summary_wm_median": 999.9954833984375,
  "summary_wm_n": 216012.0,
  "summary_wm_p05": 935.757113647461,
  "summary_wm_p95": 1053.2198547363282,
  "summary_wm_stdv": 35.44337844848633,
  "tpm_overlap_csf": 0.21624957025051117,
  "tpm_overlap_gm": 0.49360391497612,
  "tpm_overlap_wm": 0.5729609131813049,
  "wm2max": 0.7765019694007342
}