{
  "aor": 0.0006184999999999999,
  "aqi": 0.0027253617916666666,
  "bids_meta": {
    "AcquisitionNumber": 4,
    "BidsifyVersion": "0.3.5",
    "ConversionSoftware": "dcm2niix",
    "ConversionSoftwareVersion": "v1.0.20181125  GCC6.3.0",
    "EchoTime": 0.02763,
    "EffectiveEchoSpacing": 0.0006909035636805814,
    "FlipAngle": 76.1,
    "ImageComments": "PIOP2",
    "ImageOrientationPatientDICOM": [
      0.999964,
      -0.00207578,
      -0.00820767,
      0.00209432,
      0.999995,
      0.00225174
    ],
    "Manufacturer": "Philips",
    "NumberOfVolumesDiscardedByScanner": 2,
    "ParallelAcquisitionTechnique": "SENSE",
    "ParallelReductionFactorInPlane": 2,
    "PatientPosition": "HFS",
    "PhaseEncodingDirection": "j",
    "PhilipsRescaleIntercept": 0,
    "PhilipsRescaleSlope": 0.76947,
    "PhilipsScaleSlope": 0.0534518,
    "ProtocolName": "WIPtask-rest_boldSENSE",
    "PulseSequenceType": "gradient echo EPI",
    "ReconMatrixPE": 80,
    "RepetitionTime": 2,
    "SeriesDescription": "ImageMRSERIES",
    "SeriesNumber": 4,
    "SliceEncodingDirection": "k",
    "SliceTiming": [
      0.0,
      0.0556,
      0.1111,
      0.1667,
      0.2222,
      0.2778,
      0.3333,
      0.3889,
      0.4444,
      0.5,
      0.5556,
      0.6111,
      0.6667,
      0.7222,
      0.7778,
      0.8333,
      0.8889,
      0.9444,
      1.0,
      1.0556,
      1.1111,
      1.1667,
      1.2222,
      1.2778,
      1.3333,
      1.3889,
      1.4444,
      1.5,
      1.5556,
      1.6111,
      1.6667,
      1.7222,
      1.7778,
      1.8333,
      1.8889,
      1.9444
    ],
    "TaskName": "restingstate",
    "TotalReadoutTime": 0.026945238983542674,
    "UsePhilipsFloatNotDisplayScaling": 1,
    "WaterFatShift": 12,
    "acq_id": "seq",
    "dataset": "unknown",
    "modality": "bold",
    "subject_id": "0141",
    "task_id": "restingstate"
  },
  "dummy_trs": 0,
  "dvars_nstd": 18.89245010539749,
  "dvars_std": 1.275030780627616,
  "dvars_vstd": 1.013907184267783,
  "efc": 0.41074492137638136,
  "fber": 868838720.0,
  "fd_mean": 0.12627530295034192,
  "fd_num": 12,
  "fd_perc": 5.0,
  "fwhm_avg": 2.631145365060874,
  "fwhm_x": 2.5705533333333332,
  "fwhm_y": 2.9299766666666667,
  "fwhm_z": 2.392906095182622,
  "gcor": 0.0264039,
  "gsr_x": -0.001902471762150526,
  "gsr_y": 0.0017572147771716118,
  "provenance": {
    "md5sum": "94b34efa72a9b0ff08070b157d495572",
    "settings": {
      "fd_thres": 0.2,
      "hmc_fsl": false
    },
    "software": "mriqc",
    "version": "0.15.0",
    "webapi_port": null,
    "webapi_url": "https://mriqc.nimh.nih.gov/api/v1"
  },
  "size_t": 240,
  "size_x": 80,
  "size_y": 80,
  "size_z": 36,
  "snr": 4.803933215759971,
  "spacing_tr": 2.0,
  "spacing_x": 3.0,
  "spacing_y": 3.0,
  "spacing_z": 3.299999952316284,
  "spikes_num": 0,
  "summary_bg_k": 66.37504531279814,
  "summary_bg_mad": 1.2200279235839844,
  "summary_bg_mean": 248.37649536132812,
  "summary_bg_median": 0.8304438591003418,
  "summary_bg_n": 148568.0,
  "summary_bg_p05": 0.0028142496361397208,
  "summary_bg_p95": 1137.2641113281206,
  "summary_bg_stdv": 1319.302490234375,
  "summary_fg_k": 2.366037768721763,
  "summary_fg_mad": 4321.92431640625,
  "summary_fg_mean": 26193.224609375,
  "summary_fg_median": 26241.76171875,
  "summary_fg_n": 41469.0,
  "summary_fg_p05": 16766.78046875,
  "summary_fg_p95": 34189.78359375,
  "summary_fg_stdv": 5462.49169921875,
  "tsnr": 99.50392150878906
}