{
  "bids_meta": {
    "AcquisitionNumber": 2,
    "BidsifyVersion": "0.3.5",
    "ConversionSoftware": "dcm2niix",
    "ConversionSoftwareVersion": "v1.0.20181125  GCC6.3.0",
    "EchoTime": 0.00383,
    "ImageComments": "PIOP2",
    "ImageOrientationPatientDICOM": [
      0.998943,
      -0.0332702,
      -0.031719,
      0.0383755,
      0.983457,
      0.177028
    ],
    "Manufacturer": "Philips",
    "PatientPosition": "HFS",
    "PhilipsRescaleIntercept": 0,
    "PhilipsRescaleSlope": 8.71429,
    "PhilipsScaleSlope": 0.00732013,
    "ProtocolName": "WIPT1anat_acq-6m_T1wSENSE",
    "ReconMatrixPE": 240,
    "RepetitionTime": 0.008318,
    "SeriesDescription": "ImageMRSERIES",
    "SeriesNumber": 2,
    "UsePhilipsFloatNotDisplayScaling": 1,
    "acq_id": "6m",
    "dataset": "unknown",
    "modality": "T1w",
    "subject_id": "0214"
  },
  "cjv": 0.2506532419887265,
  "cnr": 4.760651052698116,
  "efc": 0.7577351677534498,
  "fber": 1724.63818359375,
  "fwhm_avg": 4.716520099624799,
  "fwhm_x": 4.32141,
  "fwhm_y": 4.81387,
  "fwhm_z": 5.014280298874397,
  "icvs_csf": 0.2519674243550018,
  "icvs_gm": 0.3856114615154062,
  "icvs_wm": 0.362421114129592,
  "inu_med": 1.1249315738677979,
  "inu_range": 0.31343449950218205,
  "provenance": {
    "md5sum": "22f8651f2e01e569b2dfcd2d922a6e33",
    "settings": {
      "testing": false
    },
    "software": "mriqc",
    "version": "0.15.0",
    "warnings": {
      "large_rot_frame": true,
      "small_air_mask": true
    },
    "webapi_port": null,
    "webapi_url": "https://mriqc.nimh.nih.gov/api/v1"
  },
  "qi_1": 0.001976314940633752,
  "qi_2": 0.00018600996666324142,
  "rpve_csf": 21.590592181502917,
  "rpve_gm": 13.464618012019542,
  "rpve_wm": 18.756049201012384,
  "size_x": 240,
  "size_y": 240,
  "size_z": 220,
  "snr_csf": 3.0240202753532612,
  "snr_gm": 10.067325841817473,
  "snr_total": 13.781877065902492,
  "snr_wm": 28.254285080536743,
  "snrd_csf": 24.299393059345498,
  "snrd_gm": 49.543492163069295,
  "snrd_total": 50.17360195760179,
  "snrd_wm": 76.67792065039059,
  "spacing_x": 1.0,
  "spacing_y": 1.0,
  "spacing_z": 0.9999999403953552,
  "summary_bg_k": 33.57994854340106,
  "summary_bg_mad": 8.543953895568848,
  "summary_bg_mean": 10.111353874206543,
  "summary_bg_median": 5.856266498565674,
  "summary_bg_n": 83961.0,
  "summary_bg_p05": 0.0,
  "summary_bg_p95": 29.139760971069336,
  "summary_bg_stdv": 12.402690887451172,
  "summary_csf_k": -0.3443325557309289,
  "summary_csf_mad": 99.21139526367188,
  "summary_csf_mean": 297.0204162597656,
  "summary_csf_median": 316.9002685546875,
  "summary_csf_n": 23022.0,
  "summary_csf_p05": 95.81047554016112,
  "summary_csf_p95": 435.4419387817383,
  "summary_csf_stdv": 104.79208374023438,
  "summary_gm_k": 0.8222634656204799,
  "summary_gm_mad": 57.91677474975586,
  "summary_gm_mean": 649.54736328125,
  "summary_gm_median": 646.1209106445312,
  "summary_gm_n": 28977.0,
  "summary_gm_p05": 551.067236328125,
  "summary_gm_p95": 761.1890502929687,
  "summary_gm_stdv": 64.17888641357422,
  "summary_wm_k": 1.2883476817178332,
  "summary_wm_mad": 30.78272819519043,
  "summary_wm_mean": 998.7427368164062,
  "summary_wm_median": 999.9942626953125,
  "summary_wm_n": 231177.0,
  "summary_wm_p05": 938.5108886718749,
  "summary_wm_p95": 1054.5184814453125,
  "summary_wm_stdv": 35.392581939697266,
  "tpm_overlap_csf": 0.21177047491073608,
  "tpm_overlap_gm": 0.49010127782821655,
  "tpm_overlap_wm": 0.5591748356819153,
  "wm2max": 0.7670271019341421
}