{
  "bids_meta": {
    "AcquisitionNumber": 2,
    "BidsifyVersion": "0.3.5",
    "ConversionSoftware": "dcm2niix",
    "ConversionSoftwareVersion": "v1.0.20181125  GCC6.3.0",
    "EchoTime": 0.00374,
    "ImageComments": "PIOP2",
    "ImageOrientationPatientDICOM": [
      0.999949,
      0.00985925,
      -0.00205653,
      -0.0099482,
      0.998749,
      -0.0490061
    ],
    "Manufacturer": "Philips",
    "PatientPosition": "HFS",
    "PhilipsRescaleIntercept": 0,
    "PhilipsRescaleSlope": 8.7011,
    "PhilipsScaleSlope": 0.00693019,
    "ProtocolName": "WIPT1anat_acq-6m_T1wSENSE",
    "ReconMatrixPE": 240,
    "RepetitionTime": 0.008157,
    "SeriesDescription": "ImageMRSERIES",
    "SeriesNumber": 2,
    "UsePhilipsFloatNotDisplayScaling": 1,
    "acq_id": "6m",
    "dataset": "unknown",
    "modality": "T1w",
    "subject_id": "0024"
  },
  "cjv": 0.25299605214432946,
  "cnr": 4.640887367744668,
  "efc": 0.7642197685686929,
  "fber": 1763.2506103515625,
  "fwhm_avg": 4.681640000000001,
  "fwhm_x": 4.38315,
  "fwhm_y": 4.77336,
  "fwhm_z": 4.88841,
  "icvs_csf": 0.2596190683076588,
  "icvs_gm": 0.393279453101926,
  "icvs_wm": 0.3471014785904152,
  "inu_med": 1.7232563495635986,
  "inu_range": 0.39353482723236066,
  "provenance": {
    "md5sum": "84d77cfd5da2492c68de508b206f8b0a",
    "settings": {
      "testing": false
    },
    "software": "mriqc",
    "version": "0.15.0",
    "warnings": {
      "large_rot_frame": true,
      "small_air_mask": true
    },
    "webapi_port": null,
    "webapi_url": "https://mriqc.nimh.nih.gov/api/v1"
  },
  "qi_1": 2.916472235184321e-05,
  "qi_2": 0.0001279492229528113,
  "rpve_csf": 23.38453466830183,
  "rpve_gm": 14.952845407628823,
  "rpve_wm": 22.079704038027224,
  "size_x": 240,
  "size_y": 240,
  "size_z": 220,
  "snr_csf": 2.901771637480129,
  "snr_gm": 9.28349663019503,
  "snr_total": 13.398813121754221,
  "snr_wm": 28.011171097587507,
  "snrd_csf": 25.656629785653625,
  "snrd_gm": 54.74588859941346,
  "snrd_total": 55.35723513136622,
  "snrd_wm": 85.66918700903156,
  "spacing_x": 1.0,
  "spacing_y": 1.0,
  "spacing_z": 1.0,
  "summary_bg_k": 4.189718229853298,
  "summary_bg_mad": 7.647246360778809,
  "summary_bg_mean": 8.63886833190918,
  "summary_bg_median": 5.395786285400391,
  "summary_bg_n": 100704.0,
  "summary_bg_p05": 0.0,
  "summary_bg_p95": 21.196644592285153,
  "summary_bg_stdv": 6.067093849182129,
  "summary_csf_k": -0.5026507354292113,
  "summary_csf_mad": 116.44556427001953,
  "summary_csf_mean": 291.0115966796875,
  "summary_csf_median": 299.4835510253906,
  "summary_csf_n": 20117.0,
  "summary_csf_p05": 122.63552551269531,
  "summary_csf_p95": 449.57342529296886,
  "summary_csf_stdv": 103.20457458496094,
  "summary_gm_k": 0.828342778355998,
  "summary_gm_mad": 61.59504699707031,
  "summary_gm_mean": 645.7467651367188,
  "summary_gm_median": 639.0353393554688,
  "summary_gm_n": 27391.0,
  "summary_gm_p05": 547.1341552734375,
  "summary_gm_p95": 775.2971496582031,
  "summary_gm_stdv": 68.8343734741211,
  "summary_wm_k": 1.741215418781544,
  "summary_wm_mad": 29.726428985595703,
  "summary_wm_mean": 997.9501953125,
  "summary_wm_median": 999.9954223632812,
  "summary_wm_n": 202446.0,
  "summary_wm_p05": 935.2207489013672,
  "summary_wm_p95": 1052.0347595214844,
  "summary_wm_stdv": 35.699790954589844,
  "tpm_overlap_csf": 0.22423714399337769,
  "tpm_overlap_gm": 0.5097998380661011,
  "tpm_overlap_wm": 0.5835458040237427,
  "wm2max": 0.7811103197310455
}