{
  "aor": 0.012247833333333335,
  "aqi": 0.014515826625,
  "bids_meta": {
    "AcquisitionNumber": 5,
    "BidsifyVersion": "0.3.5",
    "ConversionSoftware": "dcm2niix",
    "ConversionSoftwareVersion": "v1.0.20181125  GCC6.3.0",
    "EchoTime": 0.02763,
    "FlipAngle": 76.1,
    "ImageComments": "PIOP2",
    "ImageOrientationPatientDICOM": [
      0.997341,
      0.0705838,
      -0.0181337,
      -0.0683417,
      0.99227,
      0.10358
    ],
    "Manufacturer": "Philips",
    "NumberOfVolumesDiscardedByScanner": 2,
    "ParallelAcquisitionTechnique": "SENSE",
    "ParallelReductionFactorInPlane": 2,
    "PatientPosition": "HFS",
    "PhaseEncodingDirection": "j",
    "PhilipsRescaleIntercept": 0,
    "PhilipsRescaleSlope": 0.74799,
    "PhilipsScaleSlope": 0.0541424,
    "ProtocolName": "WIPtask-rest_boldSENSE",
    "PulseSequenceType": "gradient echo EPI",
    "ReconMatrixPE": 80,
    "RepetitionTime": 2,
    "SeriesDescription": "ImageMRSERIES",
    "SeriesNumber": 5,
    "SliceEncodingDirection": "k",
    "TaskName": "restingstate",
    "UsePhilipsFloatNotDisplayScaling": 1,
    "WaterFatShift": 12,
    "acq_id": "seq",
    "dataset": "unknown",
    "modality": "bold",
    "subject_id": "0027",
    "task_id": "restingstate"
  },
  "dummy_trs": 0,
  "dvars_nstd": 23.12732242435146,
  "dvars_std": 1.2408515145188295,
  "dvars_vstd": 1.637553655062762,
  "efc": 0.41157816151990034,
  "fber": 39023060.0,
  "fd_mean": 0.23396562135911098,
  "fd_num": 137,
  "fd_perc": 57.083333333333336,
  "fwhm_avg": 2.5385159706557943,
  "fwhm_x": 2.53648,
  "fwhm_y": 2.7828466666666665,
  "fwhm_z": 2.296221245300716,
  "gcor": 0.0079413,
  "gsr_x": -0.002556768013164401,
  "gsr_y": 0.0030584323685616255,
  "provenance": {
    "md5sum": "3222e02122d312befb8e924b68241891",
    "settings": {
      "fd_thres": 0.2,
      "hmc_fsl": false
    },
    "software": "mriqc",
    "version": "0.15.0",
    "webapi_port": null,
    "webapi_url": "https://mriqc.nimh.nih.gov/api/v1"
  },
  "size_t": 240,
  "size_x": 80,
  "size_y": 80,
  "size_z": 36,
  "snr": 4.64379217922518,
  "spacing_tr": 2.0,
  "spacing_x": 3.0,
  "spacing_y": 3.0,
  "spacing_z": 3.299999952316284,
  "spikes_num": 3,
  "summary_bg_k": 120.71176638629987,
  "summary_bg_mad": 5.418847560882568,
  "summary_bg_mean": 199.39453125,
  "summary_bg_median": 3.7042953968048096,
  "summary_bg_n": 147943.0,
  "summary_bg_p05": 0.00869733775034547,
  "summary_bg_p95": 948.2220825195307,
  "summary_bg_stdv": 1024.915283203125,
  "summary_fg_k": 2.1406993435316046,
  "summary_fg_mad": 4742.8388671875,
  "summary_fg_mean": 26682.595703125,
  "summary_fg_median": 26212.310546875,
  "summary_fg_n": 42285.0,
  "summary_fg_p05": 18959.503125,
  "summary_fg_p95": 36109.30312499998,
  "summary_fg_stdv": 5644.52490234375,
  "tsnr": 48.78565216064453
}