{
  "aor": 0.001191875,
  "aqi": 0.004484406666666666,
  "bids_meta": {
    "AcquisitionNumber": 4,
    "BidsifyVersion": "0.3.5",
    "ConversionSoftware": "dcm2niix",
    "ConversionSoftwareVersion": "v1.0.20181125  GCC6.3.0",
    "EchoTime": 0.02763,
    "FlipAngle": 76.1,
    "ImageComments": "PIOP2",
    "ImageOrientationPatientDICOM": [
      0.996271,
      0.0635535,
      -0.0583544,
      -0.064426,
      0.997835,
      -0.0131906
    ],
    "Manufacturer": "Philips",
    "NumberOfVolumesDiscardedByScanner": 2,
    "ParallelAcquisitionTechnique": "SENSE",
    "ParallelReductionFactorInPlane": 2,
    "PatientPosition": "HFS",
    "PhaseEncodingDirection": "j",
    "PhilipsRescaleIntercept": 0,
    "PhilipsRescaleSlope": 0.77411,
    "PhilipsScaleSlope": 0.0445255,
    "ProtocolName": "WIPtask-rest_boldSENSE",
    "PulseSequenceType": "gradient echo EPI",
    "ReconMatrixPE": 80,
    "RepetitionTime": 2,
    "SeriesDescription": "ImageMRSERIES",
    "SeriesNumber": 4,
    "SliceEncodingDirection": "k",
    "TaskName": "restingstate",
    "UsePhilipsFloatNotDisplayScaling": 1,
    "WaterFatShift": 12,
    "acq_id": "seq",
    "dataset": "unknown",
    "modality": "bold",
    "subject_id": "0212",
    "task_id": "restingstate"
  },
  "dummy_trs": 0,
  "dvars_nstd": 15.381484394853556,
  "dvars_std": 1.0697306559414228,
  "dvars_vstd": 0.946440917866109,
  "efc": 0.42823942184270547,
  "fber": 399970528.0,
  "fd_mean": 0.1056857125540571,
  "fd_num": 2,
  "fd_perc": 0.8333333333333334,
  "fwhm_avg": 2.533083647216214,
  "fwhm_x": 2.4671499999999997,
  "fwhm_y": 2.87891,
  "fwhm_z": 2.2531909416486413,
  "gcor": 0.0150876,
  "gsr_x": -3.3856013033073395e-05,
  "gsr_y": 0.0023819191846996546,
  "provenance": {
    "md5sum": "6df2bb6f5f6fdedc6bf16e2cf198ae83",
    "settings": {
      "fd_thres": 0.2,
      "hmc_fsl": false
    },
    "software": "mriqc",
    "version": "0.15.0",
    "webapi_port": null,
    "webapi_url": "https://mriqc.nimh.nih.gov/api/v1"
  },
  "size_t": 240,
  "size_x": 80,
  "size_y": 80,
  "size_z": 36,
  "snr": 4.480922403960201,
  "spacing_tr": 2.0,
  "spacing_x": 3.0,
  "spacing_y": 3.0,
  "spacing_z": 3.299999952316284,
  "spikes_num": 0,
  "summary_bg_k": 56.1287090455738,
  "summary_bg_mad": 1.83458411693573,
  "summary_bg_mean": 314.0350341796875,
  "summary_bg_median": 1.23740816116333,
  "summary_bg_n": 144762.0,
  "summary_bg_p05": 0.0,
  "summary_bg_p95": 1652.479193115226,
  "summary_bg_stdv": 1524.900146484375,
  "summary_fg_k": 2.20113208044597,
  "summary_fg_mad": 5198.9736328125,
  "summary_fg_mean": 28262.6875,
  "summary_fg_median": 27933.4296875,
  "summary_fg_n": 44570.0,
  "summary_fg_p05": 18896.45888671875,
  "summary_fg_p95": 38121.37441406249,
  "summary_fg_stdv": 6233.787109375,
  "tsnr": 79.07688903808594
}