{
  "aor": 0.0017896521739130433,
  "aqi": 0.0029459639130434783,
  "bids_meta": {
    "AcquisitionNumber": 7,
    "BidsifyVersion": "0.3.5",
    "ConversionSoftware": "dcm2niix",
    "ConversionSoftwareVersion": "v1.0.20181125  GCC6.3.0",
    "EchoTime": 0.02763,
    "FlipAngle": 76.1,
    "ImageComments": "PIOP2",
    "ImageOrientationPatientDICOM": [
      0.996271,
      0.0635535,
      -0.0583544,
      -0.064426,
      0.997835,
      -0.0131906
    ],
    "Manufacturer": "Philips",
    "NumberOfVolumesDiscardedByScanner": 2,
    "ParallelAcquisitionTechnique": "SENSE",
    "ParallelReductionFactorInPlane": 2,
    "PatientPosition": "HFS",
    "PhaseEncodingDirection": "j",
    "PhilipsRescaleIntercept": 0,
    "PhilipsRescaleSlope": 0.73773,
    "PhilipsScaleSlope": 0.0465235,
    "ProtocolName": "WIPtask-stop_boldSENSE",
    "PulseSequenceType": "gradient echo EPI",
    "ReconMatrixPE": 80,
    "RepetitionTime": 2,
    "SeriesDescription": "ImageMRSERIES",
    "SeriesNumber": 7,
    "SliceEncodingDirection": "k",
    "TaskName": "stopsignal",
    "UsePhilipsFloatNotDisplayScaling": 1,
    "WaterFatShift": 12,
    "acq_id": "seq",
    "dataset": "unknown",
    "modality": "bold",
    "subject_id": "0212",
    "task_id": "stopsignal"
  },
  "dummy_trs": 0,
  "dvars_nstd": 15.277384074934503,
  "dvars_std": 1.1308133137117904,
  "dvars_vstd": 0.9884816613537122,
  "efc": 0.4289240397577384,
  "fber": 1042138240.0,
  "fd_mean": 0.0944568004893439,
  "fd_num": 4,
  "fd_perc": 1.7391304347826086,
  "fwhm_avg": 2.5495393038070624,
  "fwhm_x": 2.4820466666666667,
  "fwhm_y": 2.9081499999999996,
  "fwhm_z": 2.2584212447545204,
  "gcor": 0.0136473,
  "gsr_x": -0.0001616456574993208,
  "gsr_y": 0.0021504461765289307,
  "provenance": {
    "md5sum": "c83047c01298a1b46b7aac9be3feb11d",
    "settings": {
      "fd_thres": 0.2,
      "hmc_fsl": false
    },
    "software": "mriqc",
    "version": "0.15.0",
    "webapi_port": null,
    "webapi_url": "https://mriqc.nimh.nih.gov/api/v1"
  },
  "size_t": 230,
  "size_x": 80,
  "size_y": 80,
  "size_z": 36,
  "snr": 4.537347968874991,
  "spacing_tr": 2.0,
  "spacing_x": 3.0,
  "spacing_y": 3.0,
  "spacing_z": 3.299999952316284,
  "spikes_num": 0,
  "summary_bg_k": 53.321371985790464,
  "summary_bg_mad": 1.1089415550231934,
  "summary_bg_mean": 323.0274963378906,
  "summary_bg_median": 0.7479696869850159,
  "summary_bg_n": 144622.0,
  "summary_bg_p05": 0.0,
  "summary_bg_p95": 1632.7077880859292,
  "summary_bg_stdv": 1567.036376953125,
  "summary_fg_k": 2.0268282329794216,
  "summary_fg_mad": 5178.61669921875,
  "summary_fg_mean": 28240.525390625,
  "summary_fg_median": 27936.310546875,
  "summary_fg_n": 44587.0,
  "summary_fg_p05": 18892.542187500003,
  "summary_fg_p95": 37980.964453124965,
  "summary_fg_stdv": 6156.89990234375,
  "tsnr": 87.8775634765625
}