{
  "aor": 0.001681875,
  "aqi": 0.0039320052500000004,
  "bids_meta": {
    "AcquisitionNumber": 3,
    "BidsifyVersion": "0.3.5",
    "ConversionSoftware": "dcm2niix",
    "ConversionSoftwareVersion": "v1.0.20181125  GCC6.3.0",
    "EchoTime": 0.02763,
    "FlipAngle": 76.1,
    "ImageComments": "PIOP2",
    "ImageOrientationPatientDICOM": [
      0.996271,
      0.0635535,
      -0.0583544,
      -0.064426,
      0.997835,
      -0.0131906
    ],
    "Manufacturer": "Philips",
    "NumberOfVolumesDiscardedByScanner": 2,
    "ParallelAcquisitionTechnique": "SENSE",
    "ParallelReductionFactorInPlane": 2,
    "PatientPosition": "HFS",
    "PhaseEncodingDirection": "j",
    "PhilipsRescaleIntercept": 0,
    "PhilipsRescaleSlope": 0.76947,
    "PhilipsScaleSlope": 0.0440843,
    "ProtocolName": "WIPtask-wm_boldSENSE",
    "PulseSequenceType": "gradient echo EPI",
    "ReconMatrixPE": 80,
    "RepetitionTime": 2,
    "SeriesDescription": "ImageMRSERIES",
    "SeriesNumber": 3,
    "SliceEncodingDirection": "k",
    "TaskName": "workingmemory",
    "UsePhilipsFloatNotDisplayScaling": 1,
    "WaterFatShift": 12,
    "acq_id": "seq",
    "dataset": "unknown",
    "modality": "bold",
    "subject_id": "0212",
    "task_id": "workingmemory"
  },
  "dummy_trs": 0,
  "dvars_nstd": 16.376974477610066,
  "dvars_std": 1.080922780628931,
  "dvars_vstd": 0.9642496844025155,
  "efc": 0.42827035734536434,
  "fber": 899054080.0,
  "fd_mean": 0.11747369854520831,
  "fd_num": 5,
  "fd_perc": 3.125,
  "fwhm_avg": 2.534614556296877,
  "fwhm_x": 2.465926666666667,
  "fwhm_y": 2.8868533333333333,
  "fwhm_z": 2.2510636688906303,
  "gcor": 0.0157809,
  "gsr_x": -0.00029031059239059687,
  "gsr_y": 0.0022654449567198753,
  "provenance": {
    "md5sum": "6c292e24b1cfba8f79ff40676e021419",
    "settings": {
      "fd_thres": 0.2,
      "hmc_fsl": false
    },
    "software": "mriqc",
    "version": "0.15.0",
    "webapi_port": null,
    "webapi_url": "https://mriqc.nimh.nih.gov/api/v1"
  },
  "size_t": 160,
  "size_x": 80,
  "size_y": 80,
  "size_z": 36,
  "snr": 4.501278224414691,
  "spacing_tr": 2.0,
  "spacing_x": 3.0,
  "spacing_y": 3.0,
  "spacing_z": 3.299999952316284,
  "spikes_num": 0,
  "summary_bg_k": 56.63055041697971,
  "summary_bg_mad": 1.2085788249969482,
  "summary_bg_mean": 313.18988037109375,
  "summary_bg_median": 0.8174684047698975,
  "summary_bg_n": 144714.0,
  "summary_bg_p05": 0.0,
  "summary_bg_p95": 1650.3042968750065,
  "summary_bg_stdv": 1525.4547119140625,
  "summary_fg_k": 2.1050315097673504,
  "summary_fg_mad": 5232.416015625,
  "summary_fg_mean": 28475.49609375,
  "summary_fg_median": 28146.951171875,
  "summary_fg_n": 44597.0,
  "summary_fg_p05": 19069.534375000003,
  "summary_fg_p95": 38392.12109375,
  "summary_fg_stdv": 6253.03173828125,
  "tsnr": 77.31494140625
}