{
  "aor": 0.0011755555555555556,
  "aqi": 0.005369413333333334,
  "bids_meta": {
    "AcquisitionNumber": 8,
    "BidsifyVersion": "0.3.5",
    "ConversionSoftware": "dcm2niix",
    "ConversionSoftwareVersion": "v1.0.20181125  GCC6.3.0",
    "EchoTime": 0.02763,
    "EffectiveEchoSpacing": 0.0006909035636805814,
    "FlipAngle": 76.1,
    "ImageComments": "PIOP2",
    "ImageOrientationPatientDICOM": [
      0.995404,
      0.0948282,
      0.0133829,
      -0.0930418,
      0.990685,
      -0.0994336
    ],
    "Manufacturer": "Philips",
    "NumberOfVolumesDiscardedByScanner": 2,
    "ParallelAcquisitionTechnique": "SENSE",
    "ParallelReductionFactorInPlane": 2,
    "PatientPosition": "HFS",
    "PhaseEncodingDirection": "j",
    "PhilipsRescaleIntercept": 0,
    "PhilipsRescaleSlope": 0.74505,
    "PhilipsScaleSlope": 0.05414,
    "ProtocolName": "WIPtask-harriri_boldSENSE",
    "PulseSequenceType": "gradient echo EPI",
    "ReconMatrixPE": 80,
    "RepetitionTime": 2,
    "SeriesDescription": "ImageMRSERIES",
    "SeriesNumber": 8,
    "SliceEncodingDirection": "k",
    "SliceTiming": [
      0.0,
      0.0556,
      0.1111,
      0.1667,
      0.2222,
      0.2778,
      0.3333,
      0.3889,
      0.4444,
      0.5,
      0.5556,
      0.6111,
      0.6667,
      0.7222,
      0.7778,
      0.8333,
      0.8889,
      0.9444,
      1.0,
      1.0556,
      1.1111,
      1.1667,
      1.2222,
      1.2778,
      1.3333,
      1.3889,
      1.4444,
      1.5,
      1.5556,
      1.6111,
      1.6667,
      1.7222,
      1.7778,
      1.8333,
      1.8889,
      1.9444
    ],
    "TaskName": "emomatching",
    "TotalReadoutTime": 0.026945238983542674,
    "UsePhilipsFloatNotDisplayScaling": 1,
    "WaterFatShift": 12,
    "acq_id": "seq",
    "dataset": "unknown",
    "modality": "bold",
    "subject_id": "0188",
    "task_id": "emomatching"
  },
  "dummy_trs": 0,
  "dvars_nstd": 18.75355287111942,
  "dvars_std": 1.1231345814925373,
  "dvars_vstd": 0.9697193017164177,
  "efc": 0.4127231458499999,
  "fber": 122026624.0,
  "fd_mean": 0.18383324973332665,
  "fd_num": 48,
  "fd_perc": 35.55555555555556,
  "fwhm_avg": 2.6464450623451348,
  "fwhm_x": 2.5746266666666666,
  "fwhm_y": 2.9064933333333336,
  "fwhm_z": 2.458215187035404,
  "gcor": 0.0166992,
  "gsr_x": -0.0007312997477129102,
  "gsr_y": 0.0004388288361951709,
  "provenance": {
    "md5sum": "bae20fc885c1679790b195540985563c",
    "settings": {
      "fd_thres": 0.2,
      "hmc_fsl": false
    },
    "software": "mriqc",
    "version": "0.15.0",
    "webapi_port": null,
    "webapi_url": "https://mriqc.nimh.nih.gov/api/v1"
  },
  "size_t": 135,
  "size_x": 80,
  "size_y": 80,
  "size_z": 36,
  "snr": 4.425324755488571,
  "spacing_tr": 2.0,
  "spacing_x": 3.0,
  "spacing_y": 3.0,
  "spacing_z": 3.299999952316284,
  "spikes_num": 0,
  "summary_bg_k": 53.13357581174812,
  "summary_bg_mad": 2.992786407470703,
  "summary_bg_mean": 243.0675811767578,
  "summary_bg_median": 2.051112174987793,
  "summary_bg_n": 147856.0,
  "summary_bg_p05": 0.007457427796907723,
  "summary_bg_p95": 1101.8944091796875,
  "summary_bg_stdv": 1166.1317138671875,
  "summary_fg_k": 3.077773187756188,
  "summary_fg_mad": 4284.8837890625,
  "summary_fg_mean": 25189.853515625,
  "summary_fg_median": 24881.8984375,
  "summary_fg_n": 42328.0,
  "summary_fg_p05": 17350.3353515625,
  "summary_fg_p95": 34089.2150390625,
  "summary_fg_stdv": 5622.548828125,
  "tsnr": 70.10884094238281
}