{
  "aor": 0.0012482608695652173,
  "aqi": 0.005740770347826087,
  "bids_meta": {
    "AcquisitionNumber": 7,
    "BidsifyVersion": "0.3.5",
    "ConversionSoftware": "dcm2niix",
    "ConversionSoftwareVersion": "v1.0.20181125  GCC6.3.0",
    "EchoTime": 0.02763,
    "FlipAngle": 76.1,
    "ImageComments": "PIOP2",
    "ImageOrientationPatientDICOM": [
      0.999544,
      -0.0294724,
      0.00650504,
      0.029142,
      0.998512,
      0.0460952
    ],
    "Manufacturer": "Philips",
    "NumberOfVolumesDiscardedByScanner": 2,
    "ParallelAcquisitionTechnique": "SENSE",
    "ParallelReductionFactorInPlane": 2,
    "PatientPosition": "HFS",
    "PhaseEncodingDirection": "j",
    "PhilipsRescaleIntercept": 0,
    "PhilipsRescaleSlope": 0.77021,
    "PhilipsScaleSlope": 0.0549322,
    "ProtocolName": "WIPtask-stop_boldSENSE",
    "PulseSequenceType": "gradient echo EPI",
    "ReconMatrixPE": 80,
    "RepetitionTime": 2,
    "SeriesDescription": "ImageMRSERIES",
    "SeriesNumber": 7,
    "SliceEncodingDirection": "k",
    "TaskName": "stopsignal",
    "UsePhilipsFloatNotDisplayScaling": 1,
    "WaterFatShift": 12,
    "acq_id": "seq",
    "dataset": "unknown",
    "modality": "bold",
    "subject_id": "0122",
    "task_id": "stopsignal"
  },
  "dummy_trs": 0,
  "dvars_nstd": 19.566536744934503,
  "dvars_std": 1.174845735807861,
  "dvars_vstd": 1.1046066167248907,
  "efc": 0.4640946580422146,
  "fber": 204961552.0,
  "fd_mean": 0.12302438167479644,
  "fd_num": 18,
  "fd_perc": 7.826086956521739,
  "fwhm_avg": 2.401527058546963,
  "fwhm_x": 2.349816666666667,
  "fwhm_y": 2.7180797839864264,
  "fwhm_z": 2.136684724987797,
  "gcor": 0.0209213,
  "gsr_x": 0.00634068064391613,
  "gsr_y": 0.0006981312180869281,
  "provenance": {
    "md5sum": "128da936a2c61fcba2efc29d691d52d7",
    "settings": {
      "fd_thres": 0.2,
      "hmc_fsl": false
    },
    "software": "mriqc",
    "version": "0.15.0",
    "webapi_port": null,
    "webapi_url": "https://mriqc.nimh.nih.gov/api/v1"
  },
  "size_t": 230,
  "size_x": 80,
  "size_y": 80,
  "size_z": 36,
  "snr": 4.611576837384262,
  "spacing_tr": 2.0,
  "spacing_x": 3.0,
  "spacing_y": 3.000000238418579,
  "spacing_z": 3.3000001907348633,
  "spikes_num": 0,
  "summary_bg_k": 71.24694268326151,
  "summary_bg_mad": 2.277836322784424,
  "summary_bg_mean": 277.7195129394531,
  "summary_bg_median": 1.5469779968261719,
  "summary_bg_n": 136498.0,
  "summary_bg_p05": 0.0,
  "summary_bg_p95": 1580.0882629394525,
  "summary_bg_stdv": 1374.9434814453125,
  "summary_fg_k": 2.7371162207049737,
  "summary_fg_mad": 4068.677490234375,
  "summary_fg_mean": 25029.666015625,
  "summary_fg_median": 24607.8671875,
  "summary_fg_n": 52529.0,
  "summary_fg_p05": 17462.190625000003,
  "summary_fg_p95": 33895.82890625,
  "summary_fg_stdv": 5336.05615234375,
  "tsnr": 74.37478637695312
}