{
  "aor": 0.0031080740740740743,
  "aqi": 0.008383454296296297,
  "bids_meta": {
    "AcquisitionNumber": 8,
    "BidsifyVersion": "0.3.5",
    "ConversionSoftware": "dcm2niix",
    "ConversionSoftwareVersion": "v1.0.20181125  GCC6.3.0",
    "EchoTime": 0.02763,
    "FlipAngle": 76.1,
    "ImageComments": "PIOP2",
    "ImageOrientationPatientDICOM": [
      0.999544,
      -0.0294724,
      0.00650504,
      0.029142,
      0.998512,
      0.0460952
    ],
    "Manufacturer": "Philips",
    "NumberOfVolumesDiscardedByScanner": 2,
    "ParallelAcquisitionTechnique": "SENSE",
    "ParallelReductionFactorInPlane": 2,
    "PatientPosition": "HFS",
    "PhaseEncodingDirection": "j",
    "PhilipsRescaleIntercept": 0,
    "PhilipsRescaleSlope": 0.7663,
    "PhilipsScaleSlope": 0.0543745,
    "ProtocolName": "WIPtask-harriri_boldSENSE",
    "PulseSequenceType": "gradient echo EPI",
    "ReconMatrixPE": 80,
    "RepetitionTime": 2,
    "SeriesDescription": "ImageMRSERIES",
    "SeriesNumber": 8,
    "SliceEncodingDirection": "k",
    "TaskName": "emomatching",
    "UsePhilipsFloatNotDisplayScaling": 1,
    "WaterFatShift": 12,
    "acq_id": "seq",
    "dataset": "unknown",
    "modality": "bold",
    "subject_id": "0122",
    "task_id": "emomatching"
  },
  "dummy_trs": 0,
  "dvars_nstd": 19.899783034850753,
  "dvars_std": 1.1357910333582086,
  "dvars_vstd": 0.9838962553731341,
  "efc": 0.46465458652109803,
  "fber": 95173408.0,
  "fd_mean": 0.13708305410366628,
  "fd_num": 16,
  "fd_perc": 11.851851851851851,
  "fwhm_avg": 2.4123674619943962,
  "fwhm_x": 2.35333,
  "fwhm_y": 2.7227997836113147,
  "fwhm_z": 2.1609726023718747,
  "gcor": 0.0207802,
  "gsr_x": 0.005926195066422224,
  "gsr_y": 0.0010030752746388316,
  "provenance": {
    "md5sum": "b2ca3180722bbc32f47ccd5228169be2",
    "settings": {
      "fd_thres": 0.2,
      "hmc_fsl": false
    },
    "software": "mriqc",
    "version": "0.15.0",
    "webapi_port": null,
    "webapi_url": "https://mriqc.nimh.nih.gov/api/v1"
  },
  "size_t": 135,
  "size_x": 80,
  "size_y": 80,
  "size_z": 36,
  "snr": 4.63162907639159,
  "spacing_tr": 2.0,
  "spacing_x": 3.0,
  "spacing_y": 3.000000238418579,
  "spacing_z": 3.3000001907348633,
  "spikes_num": 1,
  "summary_bg_k": 64.12920413480292,
  "summary_bg_mad": 3.461031913757324,
  "summary_bg_mean": 280.70318603515625,
  "summary_bg_median": 2.380204677581787,
  "summary_bg_n": 136468.0,
  "summary_bg_p05": 0.0,
  "summary_bg_p95": 1585.6051696777333,
  "summary_bg_stdv": 1363.2120361328125,
  "summary_fg_k": 2.526022512962081,
  "summary_fg_mad": 4187.7197265625,
  "summary_fg_mean": 25358.583984375,
  "summary_fg_median": 24928.8046875,
  "summary_fg_n": 52552.0,
  "summary_fg_p05": 17674.56220703125,
  "summary_fg_p95": 34364.1140625,
  "summary_fg_stdv": 5382.24609375,
  "tsnr": 64.24829864501953
}