{
  "bids_meta": {
    "AcquisitionNumber": 2,
    "BidsifyVersion": "0.3.5",
    "ConversionSoftware": "dcm2niix",
    "ConversionSoftwareVersion": "v1.0.20181125  GCC6.3.0",
    "EchoTime": 0.00373,
    "ImageComments": "PIOP2",
    "ImageOrientationPatientDICOM": [
      0.99946,
      -0.0175057,
      -0.0278195,
      0.0176201,
      0.999837,
      0.00387354
    ],
    "Manufacturer": "Philips",
    "NumberSignalAcquisitions": 2,
    "PatientPosition": "HFS",
    "PhilipsRescaleIntercept": 0,
    "PhilipsRescaleSlope": 9.47131,
    "PhilipsScaleSlope": 0.00735674,
    "ProtocolName": "WIPT1anat_acq-6m_T1wSENSE",
    "ReconMatrixPE": 240,
    "RepetitionTime": 0.008164,
    "SeriesDescription": "ImageMRSERIES",
    "SeriesNumber": 2,
    "UsePhilipsFloatNotDisplayScaling": 1,
    "dataset": "unknown",
    "modality": "T1w",
    "subject_id": "0213"
  },
  "cjv": 0.265695089260857,
  "cnr": 4.43886813767479,
  "efc": 0.7686526710469865,
  "fber": 1388.346435546875,
  "fwhm_avg": 4.650569919956552,
  "fwhm_x": 4.391849476450744,
  "fwhm_y": 4.75498028341891,
  "fwhm_z": 4.80488,
  "icvs_csf": 0.24721328690593217,
  "icvs_gm": 0.3842873733968944,
  "icvs_wm": 0.36849933969717347,
  "inu_med": 2.6392626762390137,
  "inu_range": 0.7391277790069579,
  "provenance": {
    "md5sum": "6ebd0a88ffea2acc08d8747967a16875",
    "settings": {
      "testing": false
    },
    "software": "mriqc",
    "version": "0.15.0",
    "warnings": {
      "large_rot_frame": true,
      "small_air_mask": true
    },
    "webapi_port": null,
    "webapi_url": "https://mriqc.nimh.nih.gov/api/v1"
  },
  "qi_1": 0.0,
  "qi_2": 0.0003424907537311897,
  "rpve_csf": 20.979540087135394,
  "rpve_gm": 13.056636613273751,
  "rpve_wm": 17.99397200368711,
  "size_x": 240,
  "size_y": 240,
  "size_z": 220,
  "snr_csf": 2.5936670923732446,
  "snr_gm": 9.46764547590106,
  "snr_total": 13.52466491691167,
  "snr_wm": 28.512682182460708,
  "snrd_csf": 20.86203245334969,
  "snrd_gm": 44.16452674998138,
  "snrd_total": 44.16115199591518,
  "snrd_wm": 67.45689678441448,
  "spacing_x": 1.0000001192092896,
  "spacing_y": 0.9999999403953552,
  "spacing_z": 1.0,
  "summary_bg_k": 2.2513221483832195,
  "summary_bg_mad": 9.711960792541504,
  "summary_bg_mean": 8.412585258483887,
  "summary_bg_median": 6.74157190322876,
  "summary_bg_n": 90951.0,
  "summary_bg_p05": 0.0,
  "summary_bg_p95": 20.251408576965332,
  "summary_bg_stdv": 6.257541179656982,
  "summary_csf_k": 31.244670621501008,
  "summary_csf_mad": 119.46209716796875,
  "summary_csf_mean": 299.97198486328125,
  "summary_csf_median": 309.2657470703125,
  "summary_csf_n": 22601.0,
  "summary_csf_p05": 120.05370330810547,
  "summary_csf_p95": 461.6777038574219,
  "summary_csf_stdv": 119.23616027832031,
  "summary_gm_k": 0.861479999554327,
  "summary_gm_mad": 61.65666961669922,
  "summary_gm_mean": 659.9977416992188,
  "summary_gm_median": 654.709716796875,
  "summary_gm_n": 27665.0,
  "summary_gm_p05": 557.7830444335938,
  "summary_gm_p95": 786.9007934570312,
  "summary_gm_stdv": 69.15107727050781,
  "summary_wm_k": 1.5560792641273213,
  "summary_wm_mad": 30.086219787597656,
  "summary_wm_mean": 998.0243530273438,
  "summary_wm_median": 1000.0036010742188,
  "summary_wm_n": 255485.0,
  "summary_wm_p05": 937.0102416992188,
  "summary_wm_p95": 1050.9803466796875,
  "summary_wm_stdv": 35.07217025756836,
  "tpm_overlap_csf": 0.2195671796798706,
  "tpm_overlap_gm": 0.49423763155937195,
  "tpm_overlap_wm": 0.576433002948761,
  "wm2max": 0.7044607314573152
}