{
  "aor": 0.00175675,
  "aqi": 0.003031605875,
  "bids_meta": {
    "AcquisitionNumber": 3,
    "BidsifyVersion": "0.3.5",
    "ConversionSoftware": "dcm2niix",
    "ConversionSoftwareVersion": "v1.0.20181125  GCC6.3.0",
    "EchoTime": 0.02763,
    "FlipAngle": 76.1,
    "ImageComments": "PIOP2",
    "ImageOrientationPatientDICOM": [
      0.998811,
      0.0301492,
      0.0383042,
      -0.0298185,
      0.999513,
      -0.00917554
    ],
    "Manufacturer": "Philips",
    "NumberOfVolumesDiscardedByScanner": 2,
    "ParallelAcquisitionTechnique": "SENSE",
    "ParallelReductionFactorInPlane": 2,
    "PatientPosition": "HFS",
    "PhaseEncodingDirection": "j",
    "PhilipsRescaleIntercept": 0,
    "PhilipsRescaleSlope": 0.8022,
    "PhilipsScaleSlope": 0.0559693,
    "ProtocolName": "WIPtask-wm_boldSENSE",
    "PulseSequenceType": "gradient echo EPI",
    "ReconMatrixPE": 80,
    "RepetitionTime": 2,
    "SeriesDescription": "ImageMRSERIES",
    "SeriesNumber": 3,
    "SliceEncodingDirection": "k",
    "TaskName": "workingmemory",
    "UsePhilipsFloatNotDisplayScaling": 1,
    "WaterFatShift": 12,
    "acq_id": "seq",
    "dataset": "unknown",
    "modality": "bold",
    "subject_id": "0128",
    "task_id": "workingmemory"
  },
  "dummy_trs": 0,
  "dvars_nstd": 24.98542981188679,
  "dvars_std": 1.4703809915723267,
  "dvars_vstd": 1.0060170486163527,
  "efc": 0.39155934875206405,
  "fber": 1361318912.0,
  "fd_mean": 0.14185877055981005,
  "fd_num": 30,
  "fd_perc": 18.75,
  "fwhm_avg": 2.5345368798600814,
  "fwhm_x": 2.4401633333333335,
  "fwhm_y": 2.8436866666666667,
  "fwhm_z": 2.319760639580245,
  "gcor": 0.0210249,
  "gsr_x": -0.005046477075666189,
  "gsr_y": 0.0006096097640693188,
  "provenance": {
    "md5sum": "c3ac96ba0a3cd28c95868a475d8dfc91",
    "settings": {
      "fd_thres": 0.2,
      "hmc_fsl": false
    },
    "software": "mriqc",
    "version": "0.15.0",
    "webapi_port": null,
    "webapi_url": "https://mriqc.nimh.nih.gov/api/v1"
  },
  "size_t": 160,
  "size_x": 80,
  "size_y": 80,
  "size_z": 36,
  "snr": 5.2913101057047776,
  "spacing_tr": 2.0,
  "spacing_x": 3.0,
  "spacing_y": 3.0,
  "spacing_z": 3.299999952316284,
  "spikes_num": 0,
  "summary_bg_k": 101.01602068467085,
  "summary_bg_mad": 0.9445281028747559,
  "summary_bg_mean": 182.73410034179688,
  "summary_bg_median": 0.6437628865242004,
  "summary_bg_n": 152526.0,
  "summary_bg_p05": 0.0017775311425793916,
  "summary_bg_p95": 838.6952972412109,
  "summary_bg_stdv": 1077.406494140625,
  "summary_fg_k": 2.7474514245133506,
  "summary_fg_mad": 4107.673828125,
  "summary_fg_mean": 25557.537109375,
  "summary_fg_median": 25575.701171875,
  "summary_fg_n": 38215.0,
  "summary_fg_p05": 18321.88046875,
  "summary_fg_p95": 32752.5357421875,
  "summary_fg_stdv": 4833.4658203125,
  "tsnr": 103.25460052490234
}