{
  "aor": 0.000510375,
  "aqi": 0.0040602710416666665,
  "bids_meta": {
    "AcquisitionNumber": 4,
    "BidsifyVersion": "0.3.5",
    "ConversionSoftware": "dcm2niix",
    "ConversionSoftwareVersion": "v1.0.20181125  GCC6.3.0",
    "EchoTime": 0.02763,
    "FlipAngle": 76.1,
    "ImageComments": "PIOP2",
    "ImageOrientationPatientDICOM": [
      0.998811,
      0.0301492,
      0.0383042,
      -0.0298185,
      0.999513,
      -0.00917554
    ],
    "Manufacturer": "Philips",
    "NumberOfVolumesDiscardedByScanner": 2,
    "ParallelAcquisitionTechnique": "SENSE",
    "ParallelReductionFactorInPlane": 2,
    "PatientPosition": "HFS",
    "PhaseEncodingDirection": "j",
    "PhilipsRescaleIntercept": 0,
    "PhilipsRescaleSlope": 0.82173,
    "PhilipsScaleSlope": 0.0542196,
    "ProtocolName": "WIPtask-rest_boldSENSE",
    "PulseSequenceType": "gradient echo EPI",
    "ReconMatrixPE": 80,
    "RepetitionTime": 2,
    "SeriesDescription": "ImageMRSERIES",
    "SeriesNumber": 4,
    "SliceEncodingDirection": "k",
    "TaskName": "restingstate",
    "UsePhilipsFloatNotDisplayScaling": 1,
    "WaterFatShift": 12,
    "acq_id": "seq",
    "dataset": "unknown",
    "modality": "bold",
    "subject_id": "0128",
    "task_id": "restingstate"
  },
  "dummy_trs": 0,
  "dvars_nstd": 24.160058995439332,
  "dvars_std": 1.3522256438075306,
  "dvars_vstd": 0.9909740289121333,
  "efc": 0.3913610896651174,
  "fber": 1365482240.0,
  "fd_mean": 0.19691782497505805,
  "fd_num": 104,
  "fd_perc": 43.333333333333336,
  "fwhm_avg": 2.5430222334388133,
  "fwhm_x": 2.4575566666666666,
  "fwhm_y": 2.8427433333333334,
  "fwhm_z": 2.328766700316439,
  "gcor": 0.0607448,
  "gsr_x": -0.004968713037669659,
  "gsr_y": 0.0007612929912284017,
  "provenance": {
    "md5sum": "3787a90708f8cfd367bc5856a8bb5a0e",
    "settings": {
      "fd_thres": 0.2,
      "hmc_fsl": false
    },
    "software": "mriqc",
    "version": "0.15.0",
    "webapi_port": null,
    "webapi_url": "https://mriqc.nimh.nih.gov/api/v1"
  },
  "size_t": 240,
  "size_x": 80,
  "size_y": 80,
  "size_z": 36,
  "snr": 5.169722474848502,
  "spacing_tr": 2.0,
  "spacing_x": 3.0,
  "spacing_y": 3.0,
  "spacing_z": 3.299999952316284,
  "spikes_num": 0,
  "summary_bg_k": 100.39917601182745,
  "summary_bg_mad": 0.9092238545417786,
  "summary_bg_mean": 181.3558807373047,
  "summary_bg_median": 0.6190402507781982,
  "summary_bg_n": 152467.0,
  "summary_bg_p05": 0.003287545777857304,
  "summary_bg_p95": 821.6098144531242,
  "summary_bg_stdv": 1067.6339111328125,
  "summary_fg_k": 2.801625910255537,
  "summary_fg_mad": 4221.818359375,
  "summary_fg_mean": 25787.001953125,
  "summary_fg_median": 25770.85546875,
  "summary_fg_n": 38270.0,
  "summary_fg_p05": 18464.764941406247,
  "summary_fg_p95": 33225.48671874999,
  "summary_fg_stdv": 4984.89404296875,
  "tsnr": 84.8470687866211
}