{
  "aor": 0.002162148148148148,
  "aqi": 0.0037570583703703713,
  "bids_meta": {
    "AcquisitionNumber": 8,
    "BidsifyVersion": "0.3.5",
    "ConversionSoftware": "dcm2niix",
    "ConversionSoftwareVersion": "v1.0.20181125  GCC6.3.0",
    "EchoTime": 0.02763,
    "FlipAngle": 76.1,
    "ImageComments": "PIOP2",
    "ImageOrientationPatientDICOM": [
      0.998811,
      0.0301492,
      0.0383042,
      -0.0298185,
      0.999513,
      -0.00917554
    ],
    "Manufacturer": "Philips",
    "NumberOfVolumesDiscardedByScanner": 2,
    "ParallelAcquisitionTechnique": "SENSE",
    "ParallelReductionFactorInPlane": 2,
    "PatientPosition": "HFS",
    "PhaseEncodingDirection": "j",
    "PhilipsRescaleIntercept": 0,
    "PhilipsRescaleSlope": 0.82076,
    "PhilipsScaleSlope": 0.0567593,
    "ProtocolName": "WIPtask-harriri_boldSENSE",
    "PulseSequenceType": "gradient echo EPI",
    "ReconMatrixPE": 80,
    "RepetitionTime": 2,
    "SeriesDescription": "ImageMRSERIES",
    "SeriesNumber": 8,
    "SliceEncodingDirection": "k",
    "TaskName": "emomatching",
    "UsePhilipsFloatNotDisplayScaling": 1,
    "WaterFatShift": 12,
    "acq_id": "seq",
    "dataset": "unknown",
    "modality": "bold",
    "subject_id": "0128",
    "task_id": "emomatching"
  },
  "dummy_trs": 0,
  "dvars_nstd": 24.667913394253723,
  "dvars_std": 1.3786773529104475,
  "dvars_vstd": 1.0203055899253737,
  "efc": 0.39201728481472475,
  "fber": 969784512.0,
  "fd_mean": 0.19729177421254548,
  "fd_num": 52,
  "fd_perc": 38.51851851851852,
  "fwhm_avg": 2.5281451626446216,
  "fwhm_x": 2.4401633333333335,
  "fwhm_y": 2.8335933333333334,
  "fwhm_z": 2.3106788212671976,
  "gcor": 0.0262971,
  "gsr_x": -0.004952765069901943,
  "gsr_y": 0.00038683670572936535,
  "provenance": {
    "md5sum": "b388049ce666acc323ff3ce5c1f6ba50",
    "settings": {
      "fd_thres": 0.2,
      "hmc_fsl": false
    },
    "software": "mriqc",
    "version": "0.15.0",
    "webapi_port": null,
    "webapi_url": "https://mriqc.nimh.nih.gov/api/v1"
  },
  "size_t": 135,
  "size_x": 80,
  "size_y": 80,
  "size_z": 36,
  "snr": 5.358840414096963,
  "spacing_tr": 2.0,
  "spacing_x": 3.0,
  "spacing_y": 3.0,
  "spacing_z": 3.299999952316284,
  "spikes_num": 1,
  "summary_bg_k": 99.19278945157554,
  "summary_bg_mad": 1.1060771942138672,
  "summary_bg_mean": 179.5277862548828,
  "summary_bg_median": 0.7539965510368347,
  "summary_bg_n": 152483.0,
  "summary_bg_p05": 0.0021841591224074364,
  "summary_bg_p95": 795.3761108398428,
  "summary_bg_stdv": 1059.4793701171875,
  "summary_fg_k": 2.9978701193721795,
  "summary_fg_mad": 3916.144775390625,
  "summary_fg_mean": 24981.1875,
  "summary_fg_median": 25004.00390625,
  "summary_fg_n": 38232.0,
  "summary_fg_p05": 17995.899609375003,
  "summary_fg_p95": 31853.951757812498,
  "summary_fg_stdv": 4665.87451171875,
  "tsnr": 92.231201171875
}