{
    "Manufacturer": "Philips",
    "PatientPosition": "HFS",
    "SeriesDescription": "ImageMRSERIES",
    "ProtocolName": "WIPT1anat_acq-6m_T1wSENSE",
    "SeriesNumber": 2,
    "AcquisitionNumber": 2,
    "ImageComments": "PIOP2",
    "PhilipsRescaleSlope": 9.19805,
    "PhilipsRescaleIntercept": 0,
    "PhilipsScaleSlope": 0.0072035,
    "UsePhilipsFloatNotDisplayScaling": 1,
    "EchoTime": 0.00383,
    "RepetitionTime": 0.008315,
    "ReconMatrixPE": 240,
    "ImageOrientationPatientDICOM": [
        0.999233,
        -0.0390524,
        0.00273122,
        0.0378627,
        0.981806,
        0.186075
    ],
    "ConversionSoftware": "dcm2niix",
    "ConversionSoftwareVersion": "v1.0.20181125  GCC6.3.0",
    "BidsifyVersion": "0.3.5"
}