{
  "aor": 0.000978,
  "aqi": 0.00287169637037037,
  "bids_meta": {
    "AcquisitionNumber": 8,
    "BidsifyVersion": "0.3.5",
    "ConversionSoftware": "dcm2niix",
    "ConversionSoftwareVersion": "v1.0.20181125  GCC6.3.0",
    "EchoTime": 0.02763,
    "EffectiveEchoSpacing": 0.0006909035636805814,
    "FlipAngle": 76.1,
    "ImageComments": "PIOP2",
    "ImageOrientationPatientDICOM": [
      0.994941,
      0.0965948,
      -0.0275946,
      -0.0938744,
      0.991775,
      0.0870025
    ],
    "Manufacturer": "Philips",
    "NumberOfVolumesDiscardedByScanner": 2,
    "ParallelAcquisitionTechnique": "SENSE",
    "ParallelReductionFactorInPlane": 2,
    "PatientPosition": "HFS",
    "PhaseEncodingDirection": "j",
    "PhilipsRescaleIntercept": 0,
    "PhilipsRescaleSlope": 0.77582,
    "PhilipsScaleSlope": 0.0530062,
    "ProtocolName": "WIPtask-harriri_boldSENSE",
    "PulseSequenceType": "gradient echo EPI",
    "ReconMatrixPE": 80,
    "RepetitionTime": 2,
    "SeriesDescription": "ImageMRSERIES",
    "SeriesNumber": 8,
    "SliceEncodingDirection": "k",
    "SliceTiming": [
      0.0,
      0.0556,
      0.1111,
      0.1667,
      0.2222,
      0.2778,
      0.3333,
      0.3889,
      0.4444,
      0.5,
      0.5556,
      0.6111,
      0.6667,
      0.7222,
      0.7778,
      0.8333,
      0.8889,
      0.9444,
      1.0,
      1.0556,
      1.1111,
      1.1667,
      1.2222,
      1.2778,
      1.3333,
      1.3889,
      1.4444,
      1.5,
      1.5556,
      1.6111,
      1.6667,
      1.7222,
      1.7778,
      1.8333,
      1.8889,
      1.9444
    ],
    "TaskName": "emomatching",
    "TotalReadoutTime": 0.026945238983542674,
    "UsePhilipsFloatNotDisplayScaling": 1,
    "WaterFatShift": 12,
    "acq_id": "seq",
    "dataset": "unknown",
    "modality": "bold",
    "subject_id": "0083",
    "task_id": "emomatching"
  },
  "dummy_trs": 0,
  "dvars_nstd": 27.2891525441791,
  "dvars_std": 1.4897449824626865,
  "dvars_vstd": 0.9997501589552243,
  "efc": 0.4120880824086003,
  "fber": 2653909504.0,
  "fd_mean": 0.11807755674004192,
  "fd_num": 10,
  "fd_perc": 7.407407407407407,
  "fwhm_avg": 2.6813941530787138,
  "fwhm_x": 2.6394433333333334,
  "fwhm_y": 2.9829633333333336,
  "fwhm_z": 2.421775792569475,
  "gcor": 0.0129467,
  "gsr_x": -0.002265934832394123,
  "gsr_y": 0.0014708030503243208,
  "provenance": {
    "md5sum": "ab5137f5fadb5edea0205accc9747000",
    "settings": {
      "fd_thres": 0.2,
      "hmc_fsl": false
    },
    "software": "mriqc",
    "version": "0.15.0",
    "webapi_port": null,
    "webapi_url": "https://mriqc.nimh.nih.gov/api/v1"
  },
  "size_t": 135,
  "size_x": 80,
  "size_y": 80,
  "size_z": 36,
  "snr": 4.234197282917841,
  "spacing_tr": 2.0,
  "spacing_x": 3.0,
  "spacing_y": 3.0,
  "spacing_z": 3.299999952316284,
  "spikes_num": 0,
  "summary_bg_k": 102.03897907764951,
  "summary_bg_mad": 0.6497746109962463,
  "summary_bg_mean": 171.63858032226562,
  "summary_bg_median": 0.4382663071155548,
  "summary_bg_n": 146837.0,
  "summary_bg_p05": 0.0,
  "summary_bg_p95": 915.5687133789006,
  "summary_bg_stdv": 966.896240234375,
  "summary_fg_k": 2.063895311382413,
  "summary_fg_mad": 4670.1826171875,
  "summary_fg_mean": 25687.91015625,
  "summary_fg_median": 25192.689453125,
  "summary_fg_n": 43330.0,
  "summary_fg_p05": 17144.3904296875,
  "summary_fg_p95": 35840.8544921875,
  "summary_fg_stdv": 5949.74609375,
  "tsnr": 93.91423034667969
}