{
  "aor": 0.003578695652173913,
  "aqi": 0.0038728085652173917,
  "bids_meta": {
    "AcquisitionNumber": 7,
    "BidsifyVersion": "0.3.5",
    "ConversionSoftware": "dcm2niix",
    "ConversionSoftwareVersion": "v1.0.20181125  GCC6.3.0",
    "EchoTime": 0.02763,
    "EffectiveEchoSpacing": 0.0006909035636805814,
    "FlipAngle": 76.1,
    "ImageComments": "PIOP2",
    "ImageOrientationPatientDICOM": [
      0.994941,
      0.0965948,
      -0.0275946,
      -0.0938744,
      0.991775,
      0.0870025
    ],
    "Manufacturer": "Philips",
    "NumberOfVolumesDiscardedByScanner": 2,
    "ParallelAcquisitionTechnique": "SENSE",
    "ParallelReductionFactorInPlane": 2,
    "PatientPosition": "HFS",
    "PhaseEncodingDirection": "j",
    "PhilipsRescaleIntercept": 0,
    "PhilipsRescaleSlope": 0.77265,
    "PhilipsScaleSlope": 0.0527096,
    "ProtocolName": "WIPtask-stop_boldSENSE",
    "PulseSequenceType": "gradient echo EPI",
    "ReconMatrixPE": 80,
    "RepetitionTime": 2,
    "SeriesDescription": "ImageMRSERIES",
    "SeriesNumber": 7,
    "SliceEncodingDirection": "k",
    "SliceTiming": [
      0.0,
      0.0556,
      0.1111,
      0.1667,
      0.2222,
      0.2778,
      0.3333,
      0.3889,
      0.4444,
      0.5,
      0.5556,
      0.6111,
      0.6667,
      0.7222,
      0.7778,
      0.8333,
      0.8889,
      0.9444,
      1.0,
      1.0556,
      1.1111,
      1.1667,
      1.2222,
      1.2778,
      1.3333,
      1.3889,
      1.4444,
      1.5,
      1.5556,
      1.6111,
      1.6667,
      1.7222,
      1.7778,
      1.8333,
      1.8889,
      1.9444
    ],
    "TaskName": "stopsignal",
    "TotalReadoutTime": 0.026945238983542674,
    "UsePhilipsFloatNotDisplayScaling": 1,
    "WaterFatShift": 12,
    "acq_id": "seq",
    "dataset": "unknown",
    "modality": "bold",
    "subject_id": "0083",
    "task_id": "stopsignal"
  },
  "dummy_trs": 0,
  "dvars_nstd": 27.03162276545852,
  "dvars_std": 1.5257336676855897,
  "dvars_vstd": 1.0376414514847156,
  "efc": 0.4120577235997327,
  "fber": 416531488.0,
  "fd_mean": 0.1264419980916771,
  "fd_num": 20,
  "fd_perc": 8.695652173913043,
  "fwhm_avg": 2.6909727389924125,
  "fwhm_x": 2.64342,
  "fwhm_y": 2.99628,
  "fwhm_z": 2.433218216977238,
  "gcor": 0.00893983,
  "gsr_x": -0.0022070722188800573,
  "gsr_y": 0.0013980836374685168,
  "provenance": {
    "md5sum": "c826ceb7a5e8e91bfb11cc4666dc0198",
    "settings": {
      "fd_thres": 0.2,
      "hmc_fsl": false
    },
    "software": "mriqc",
    "version": "0.15.0",
    "webapi_port": null,
    "webapi_url": "https://mriqc.nimh.nih.gov/api/v1"
  },
  "size_t": 230,
  "size_x": 80,
  "size_y": 80,
  "size_z": 36,
  "snr": 4.208893503867759,
  "spacing_tr": 2.0,
  "spacing_x": 3.0,
  "spacing_y": 3.0,
  "spacing_z": 3.299999952316284,
  "spikes_num": 6,
  "summary_bg_k": 100.92892352257269,
  "summary_bg_mad": 1.697731852531433,
  "summary_bg_mean": 176.63780212402344,
  "summary_bg_median": 1.163584589958191,
  "summary_bg_n": 146941.0,
  "summary_bg_p05": 0.0010994975455105305,
  "summary_bg_p95": 945.0880737304688,
  "summary_bg_stdv": 987.3702392578125,
  "summary_fg_k": 2.0783094933897956,
  "summary_fg_mad": 4735.0869140625,
  "summary_fg_mean": 25912.19921875,
  "summary_fg_median": 25403.583984375,
  "summary_fg_n": 43283.0,
  "summary_fg_p05": 17226.091015625,
  "summary_fg_p95": 36230.207421875,
  "summary_fg_stdv": 6035.6220703125,
  "tsnr": 80.17509460449219
}