{
    "Manufacturer": "Philips",
    "PatientPosition": "HFS",
    "SeriesDescription": "ImageMRSERIES",
    "ProtocolName": "WIPT1anat_acq-6m_T1wSENSE",
    "SeriesNumber": 2,
    "AcquisitionNumber": 2,
    "ImageComments": "PIOP2",
    "PhilipsRescaleSlope": 8.61294,
    "PhilipsRescaleIntercept": 0,
    "PhilipsScaleSlope": 0.00749791,
    "UsePhilipsFloatNotDisplayScaling": 1,
    "EchoTime": 0.00373,
    "RepetitionTime": 0.008157,
    "ReconMatrixPE": 240,
    "ImageOrientationPatientDICOM": [
        0.999442,
        0.00512282,
        -0.0330018,
        -0.00401204,
        0.999426,
        0.0336368
    ],
    "ConversionSoftware": "dcm2niix",
    "ConversionSoftwareVersion": "v1.0.20181125  GCC6.3.0",
    "BidsifyVersion": "0.3.5"
}