{
    "Manufacturer": "Philips",
    "PatientPosition": "HFS",
    "SeriesDescription": "ImageMRSERIES",
    "ProtocolName": "WIPT1anat_acq-6m_T1wSENSE",
    "SeriesNumber": 2,
    "AcquisitionNumber": 2,
    "ImageComments": "PIOP2",
    "PhilipsRescaleSlope": 8.73236,
    "PhilipsRescaleIntercept": 0,
    "PhilipsScaleSlope": 0.00748667,
    "UsePhilipsFloatNotDisplayScaling": 1,
    "EchoTime": 0.00381,
    "RepetitionTime": 0.008294,
    "ReconMatrixPE": 240,
    "ImageOrientationPatientDICOM": [
        0.998656,
        -0.0296445,
        0.0425023,
        0.0357464,
        0.987907,
        -0.150872
    ],
    "ConversionSoftware": "dcm2niix",
    "ConversionSoftwareVersion": "v1.0.20181125  GCC6.3.0",
    "BidsifyVersion": "0.3.5"
}