{
  "aor": 0.008659625,
  "aqi": 0.008775522416666666,
  "bids_meta": {
    "AcquisitionNumber": 4,
    "BidsifyVersion": "0.3.5",
    "ConversionSoftware": "dcm2niix",
    "ConversionSoftwareVersion": "v1.0.20181125  GCC6.3.0",
    "EchoTime": 0.02763,
    "FlipAngle": 76.1,
    "ImageComments": "PIOP2",
    "ImageOrientationPatientDICOM": [
      0.999581,
      0.00901972,
      -0.0275171,
      -0.00767638,
      0.998792,
      0.0485395
    ],
    "Manufacturer": "Philips",
    "NumberOfVolumesDiscardedByScanner": 2,
    "ParallelAcquisitionTechnique": "SENSE",
    "ParallelReductionFactorInPlane": 2,
    "PatientPosition": "HFS",
    "PhaseEncodingDirection": "j",
    "PhilipsRescaleIntercept": 0,
    "PhilipsRescaleSlope": 0.82711,
    "PhilipsScaleSlope": 0.0525101,
    "ProtocolName": "WIPtask-rest_boldSENSE",
    "PulseSequenceType": "gradient echo EPI",
    "ReconMatrixPE": 80,
    "RepetitionTime": 2,
    "SeriesDescription": "ImageMRSERIES",
    "SeriesNumber": 4,
    "SliceEncodingDirection": "k",
    "TaskName": "restingstate",
    "UsePhilipsFloatNotDisplayScaling": 1,
    "WaterFatShift": 12,
    "acq_id": "seq",
    "dataset": "unknown",
    "modality": "bold",
    "subject_id": "0043",
    "task_id": "restingstate"
  },
  "dummy_trs": 0,
  "dvars_nstd": 25.45980581589959,
  "dvars_std": 1.4824821369456074,
  "dvars_vstd": 1.0898398356485353,
  "efc": 0.41671135414816907,
  "fber": 161111216.0,
  "fd_mean": 0.13995744675402894,
  "fd_num": 39,
  "fd_perc": 16.25,
  "fwhm_avg": 2.557383647447247,
  "fwhm_x": 2.55852,
  "fwhm_y": 2.812473333333333,
  "fwhm_z": 2.3011576090084076,
  "gcor": 0.0490478,
  "gsr_x": -0.0020298324525356293,
  "gsr_y": 0.00249395240098238,
  "provenance": {
    "md5sum": "6abac9f5786a8c21ca8d0a9808b27ae5",
    "settings": {
      "fd_thres": 0.2,
      "hmc_fsl": false
    },
    "software": "mriqc",
    "version": "0.15.0",
    "webapi_port": null,
    "webapi_url": "https://mriqc.nimh.nih.gov/api/v1"
  },
  "size_t": 240,
  "size_x": 80,
  "size_y": 80,
  "size_z": 36,
  "snr": 5.3579901784160056,
  "spacing_tr": 2.0,
  "spacing_x": 3.0,
  "spacing_y": 3.0,
  "spacing_z": 3.299999952316284,
  "spikes_num": 17,
  "summary_bg_k": 80.08407499761304,
  "summary_bg_mad": 2.9322283267974854,
  "summary_bg_mean": 248.65057373046875,
  "summary_bg_median": 2.0204660892486572,
  "summary_bg_n": 146866.0,
  "summary_bg_p05": 0.014326080912724137,
  "summary_bg_p95": 1195.3765563964844,
  "summary_bg_stdv": 1313.6131591796875,
  "summary_fg_k": 2.9463794388638638,
  "summary_fg_mad": 4316.40234375,
  "summary_fg_mean": 27883.5546875,
  "summary_fg_median": 27777.259765625,
  "summary_fg_n": 42843.0,
  "summary_fg_p05": 20309.6958984375,
  "summary_fg_p95": 35887.2921875,
  "summary_fg_stdv": 5184.2080078125,
  "tsnr": 61.64802932739258
}