{
    "Manufacturer": "Philips",
    "PatientPosition": "HFS",
    "SeriesDescription": "ImageMRSERIES",
    "ProtocolName": "WIPT1anat_acq-6m_T1wSENSE",
    "SeriesNumber": 2,
    "AcquisitionNumber": 2,
    "ImageComments": "PIOP2",
    "PhilipsRescaleSlope": 8.57021,
    "PhilipsRescaleIntercept": 0,
    "PhilipsScaleSlope": 0.0077059,
    "UsePhilipsFloatNotDisplayScaling": 1,
    "EchoTime": 0.00375,
    "RepetitionTime": 0.008166,
    "ReconMatrixPE": 240,
    "ImageOrientationPatientDICOM": [
        0.998039,
        0.0566252,
        -0.0266587,
        -0.0575466,
        0.997723,
        -0.0351674
    ],
    "ConversionSoftware": "dcm2niix",
    "ConversionSoftwareVersion": "v1.0.20181125  GCC6.3.0",
    "BidsifyVersion": "0.3.5"
}