{
  "bids_meta": {
    "AcquisitionNumber": 2,
    "BidsifyVersion": "0.3.5",
    "ConversionSoftware": "dcm2niix",
    "ConversionSoftwareVersion": "v1.0.20181125  GCC6.3.0",
    "EchoTime": 0.00379,
    "ImageComments": "PIOP2",
    "ImageOrientationPatientDICOM": [
      0.997505,
      0.0590846,
      -0.0386376,
      -0.0622334,
      0.994338,
      -0.086134
    ],
    "Manufacturer": "Philips",
    "NumberSignalAcquisitions": 2,
    "PatientPosition": "HFS",
    "PhilipsRescaleIntercept": 0,
    "PhilipsRescaleSlope": 9.07033,
    "PhilipsScaleSlope": 0.00697341,
    "ProtocolName": "WIPT1anat_acq-6m_T1wSENSE",
    "ReconMatrixPE": 240,
    "RepetitionTime": 0.00824,
    "SeriesDescription": "ImageMRSERIES",
    "SeriesNumber": 2,
    "UsePhilipsFloatNotDisplayScaling": 1,
    "dataset": "unknown",
    "modality": "T1w",
    "subject_id": "0057"
  },
  "cjv": 0.28200461453520853,
  "cnr": 4.356923035224157,
  "efc": 0.7674826193528327,
  "fber": 1734.7786865234375,
  "fwhm_avg": 4.321913422937001,
  "fwhm_x": 4.02664,
  "fwhm_y": 4.4292,
  "fwhm_z": 4.509900268811004,
  "icvs_csf": 0.26492116743071664,
  "icvs_gm": 0.3744648677095604,
  "icvs_wm": 0.36061396485972297,
  "inu_med": 1.7423315048217773,
  "inu_range": 0.3219715535640717,
  "provenance": {
    "md5sum": "0e120ece001961721f2fee19e570ce0d",
    "settings": {
      "testing": false
    },
    "software": "mriqc",
    "version": "0.15.0",
    "warnings": {
      "large_rot_frame": true,
      "small_air_mask": true
    },
    "webapi_port": null,
    "webapi_url": "https://mriqc.nimh.nih.gov/api/v1"
  },
  "qi_1": 0.0,
  "qi_2": 9.898038746956711e-05,
  "rpve_csf": 25.82767078114849,
  "rpve_gm": 17.038545449590167,
  "rpve_wm": 23.93593505068946,
  "size_x": 240,
  "size_y": 240,
  "size_z": 220,
  "snr_csf": 2.5149296606845564,
  "snr_gm": 8.9825854692388,
  "snr_total": 13.502523831410619,
  "snr_wm": 29.010056364308497,
  "snrd_csf": 19.979285069323424,
  "snrd_gm": 54.41061178512664,
  "snrd_total": 52.70646073866308,
  "snrd_wm": 83.72948536153919,
  "spacing_x": 1.0,
  "spacing_y": 1.0,
  "spacing_z": 0.9999999403953552,
  "summary_bg_k": 16.508783891624162,
  "summary_bg_mad": 7.8244171142578125,
  "summary_bg_mean": 8.18893051147461,
  "summary_bg_median": 5.411526679992676,
  "summary_bg_n": 199944.0,
  "summary_bg_p05": 0.0,
  "summary_bg_p95": 16.638604927062563,
  "summary_bg_stdv": 6.136366367340088,
  "summary_csf_k": -0.3663560592578916,
  "summary_csf_mad": 103.4461669921875,
  "summary_csf_mean": 246.119873046875,
  "summary_csf_median": 238.61636352539062,
  "summary_csf_n": 15245.0,
  "summary_csf_p05": 108.40252380371093,
  "summary_csf_p95": 411.82571411132807,
  "summary_csf_stdv": 94.87682342529297,
  "summary_gm_k": 0.43168827800392107,
  "summary_gm_mad": 67.74253845214844,
  "summary_gm_mean": 651.7365112304688,
  "summary_gm_median": 649.836181640625,
  "summary_gm_n": 13662.0,
  "summary_gm_p05": 539.2373748779297,
  "summary_gm_p95": 777.4270751953125,
  "summary_gm_stdv": 72.34135437011719,
  "summary_wm_k": 1.116893934590684,
  "summary_wm_mad": 31.004430770874023,
  "summary_wm_mean": 997.9807739257812,
  "summary_wm_median": 999.9970092773438,
  "summary_wm_n": 190501.0,
  "summary_wm_p05": 937.9688720703125,
  "summary_wm_p95": 1050.226318359375,
  "summary_wm_stdv": 34.470611572265625,
  "tpm_overlap_csf": 0.21608325839042664,
  "tpm_overlap_gm": 0.4813310205936432,
  "tpm_overlap_wm": 0.5938133001327515,
  "wm2max": 0.7799567372327503
}