{
  "aor": 0.005160041666666667,
  "aqi": 0.005131156999999999,
  "bids_meta": {
    "AcquisitionNumber": 4,
    "BidsifyVersion": "0.3.5",
    "ConversionSoftware": "dcm2niix",
    "ConversionSoftwareVersion": "v1.0.20181125  GCC6.3.0",
    "EchoTime": 0.02763,
    "EffectiveEchoSpacing": 0.0006909035636805814,
    "FlipAngle": 76.1,
    "ImageComments": "PIOP2",
    "ImageOrientationPatientDICOM": [
      0.999767,
      -0.00985839,
      -0.0192236,
      0.0157056,
      0.942661,
      0.333382
    ],
    "Manufacturer": "Philips",
    "NumberOfVolumesDiscardedByScanner": 2,
    "ParallelAcquisitionTechnique": "SENSE",
    "ParallelReductionFactorInPlane": 2,
    "PatientPosition": "HFS",
    "PhaseEncodingDirection": "j",
    "PhilipsRescaleIntercept": 0,
    "PhilipsRescaleSlope": 0.84005,
    "PhilipsScaleSlope": 0.0474699,
    "ProtocolName": "WIPtask-rest_boldSENSE",
    "PulseSequenceType": "gradient echo EPI",
    "ReconMatrixPE": 80,
    "RepetitionTime": 2,
    "SeriesDescription": "ImageMRSERIES",
    "SeriesNumber": 4,
    "SliceEncodingDirection": "k",
    "SliceTiming": [
      0.0,
      0.0556,
      0.1111,
      0.1667,
      0.2222,
      0.2778,
      0.3333,
      0.3889,
      0.4444,
      0.5,
      0.5556,
      0.6111,
      0.6667,
      0.7222,
      0.7778,
      0.8333,
      0.8889,
      0.9444,
      1.0,
      1.0556,
      1.1111,
      1.1667,
      1.2222,
      1.2778,
      1.3333,
      1.3889,
      1.4444,
      1.5,
      1.5556,
      1.6111,
      1.6667,
      1.7222,
      1.7778,
      1.8333,
      1.8889,
      1.9444
    ],
    "TaskName": "restingstate",
    "TotalReadoutTime": 0.026945238983542674,
    "UsePhilipsFloatNotDisplayScaling": 1,
    "WaterFatShift": 12,
    "acq_id": "seq",
    "dataset": "unknown",
    "modality": "bold",
    "subject_id": "0198",
    "task_id": "restingstate"
  },
  "dummy_trs": 0,
  "dvars_nstd": 24.734251852552312,
  "dvars_std": 1.3041085394142264,
  "dvars_vstd": 1.0445350548535552,
  "efc": 0.4433754506649136,
  "fber": 180554672.0,
  "fd_mean": 0.22946111756001336,
  "fd_num": 139,
  "fd_perc": 57.916666666666664,
  "fwhm_avg": 2.5993966784732834,
  "fwhm_x": 2.4312066666666667,
  "fwhm_y": 2.9157166666666665,
  "fwhm_z": 2.451266702086517,
  "gcor": 0.0210052,
  "gsr_x": -0.0019818975124508142,
  "gsr_y": 0.006024603266268969,
  "provenance": {
    "md5sum": "5a23a8e7d2fd1a8e6d312550f2595d71",
    "settings": {
      "fd_thres": 0.2,
      "hmc_fsl": false
    },
    "software": "mriqc",
    "version": "0.15.0",
    "webapi_port": null,
    "webapi_url": "https://mriqc.nimh.nih.gov/api/v1"
  },
  "size_t": 240,
  "size_x": 80,
  "size_y": 80,
  "size_z": 36,
  "snr": 4.251723419772448,
  "spacing_tr": 2.0,
  "spacing_x": 3.0,
  "spacing_y": 3.0,
  "spacing_z": 3.299999952316284,
  "spikes_num": 17,
  "summary_bg_k": 48.15639553117211,
  "summary_bg_mad": 2.540412425994873,
  "summary_bg_mean": 265.27239990234375,
  "summary_bg_median": 1.743823766708374,
  "summary_bg_n": 140756.0,
  "summary_bg_p05": 0.005917847389355302,
  "summary_bg_p95": 1525.1435852050781,
  "summary_bg_stdv": 1266.957275390625,
  "summary_fg_k": 2.1193658016459134,
  "summary_fg_mad": 4773.376953125,
  "summary_fg_mean": 25944.828125,
  "summary_fg_median": 25388.2265625,
  "summary_fg_n": 48803.0,
  "summary_fg_p05": 17463.73828125,
  "summary_fg_p95": 36208.935937500006,
  "summary_fg_stdv": 5971.2177734375,
  "tsnr": 67.44196319580078
}