{
  "aor": 0.0009996103896103897,
  "aqi": 0.001995881125541126,
  "bids_meta": {
    "AcquisitionNumber": 7,
    "BidsifyVersion": "0.3.5",
    "ConversionSoftware": "dcm2niix",
    "ConversionSoftwareVersion": "v1.0.20181125  GCC6.3.0",
    "EchoTime": 0.02763,
    "EffectiveEchoSpacing": 0.0006909035636805814,
    "FlipAngle": 76.1,
    "ImageComments": "PIOP2",
    "ImageOrientationPatientDICOM": [
      0.999962,
      0.00814744,
      0.00299654,
      -0.00750477,
      0.984835,
      -0.173332
    ],
    "Manufacturer": "Philips",
    "NumberOfVolumesDiscardedByScanner": 2,
    "ParallelAcquisitionTechnique": "SENSE",
    "ParallelReductionFactorInPlane": 2,
    "PatientPosition": "HFS",
    "PhaseEncodingDirection": "j",
    "PhilipsRescaleIntercept": 0,
    "PhilipsRescaleSlope": 0.78071,
    "PhilipsScaleSlope": 0.0583178,
    "ProtocolName": "WIPtask-stop_boldSENSE",
    "PulseSequenceType": "gradient echo EPI",
    "ReconMatrixPE": 80,
    "RepetitionTime": 2,
    "SeriesDescription": "ImageMRSERIES",
    "SeriesNumber": 7,
    "SliceEncodingDirection": "k",
    "SliceTiming": [
      0.0,
      0.0556,
      0.1111,
      0.1667,
      0.2222,
      0.2778,
      0.3333,
      0.3889,
      0.4444,
      0.5,
      0.5556,
      0.6111,
      0.6667,
      0.7222,
      0.7778,
      0.8333,
      0.8889,
      0.9444,
      1.0,
      1.0556,
      1.1111,
      1.1667,
      1.2222,
      1.2778,
      1.3333,
      1.3889,
      1.4444,
      1.5,
      1.5556,
      1.6111,
      1.6667,
      1.7222,
      1.7778,
      1.8333,
      1.8889,
      1.9444
    ],
    "TaskName": "stopsignal",
    "TotalReadoutTime": 0.026945238983542674,
    "UsePhilipsFloatNotDisplayScaling": 1,
    "WaterFatShift": 12,
    "acq_id": "seq",
    "dataset": "unknown",
    "modality": "bold",
    "subject_id": "0005",
    "task_id": "stopsignal"
  },
  "dummy_trs": 0,
  "dvars_nstd": 16.01406720182608,
  "dvars_std": 1.1970227321304352,
  "dvars_vstd": 1.020149748130435,
  "efc": 0.4099704628071555,
  "fber": 720961472.0,
  "fd_mean": 0.08444779239934204,
  "fd_num": 1,
  "fd_perc": 0.4329004329004329,
  "fwhm_avg": 2.5408576880886407,
  "fwhm_x": 2.467886666666667,
  "fwhm_y": 2.80425,
  "fwhm_z": 2.3504363975992546,
  "gcor": 0.0174826,
  "gsr_x": -0.004839221015572548,
  "gsr_y": 0.004398346412926912,
  "provenance": {
    "md5sum": "76b55344c4ebad386cc8ac7cf58d43a2",
    "settings": {
      "fd_thres": 0.2,
      "hmc_fsl": false
    },
    "software": "mriqc",
    "version": "0.15.0",
    "webapi_port": null,
    "webapi_url": "https://mriqc.nimh.nih.gov/api/v1"
  },
  "size_t": 231,
  "size_x": 80,
  "size_y": 80,
  "size_z": 36,
  "snr": 4.620918217959579,
  "spacing_tr": 2.0,
  "spacing_x": 3.0,
  "spacing_y": 3.0,
  "spacing_z": 3.299999952316284,
  "spikes_num": 1,
  "summary_bg_k": 55.38995180390606,
  "summary_bg_mad": 1.1839015483856201,
  "summary_bg_mean": 229.55235290527344,
  "summary_bg_median": 0.804990828037262,
  "summary_bg_n": 148633.0,
  "summary_bg_p05": 0.0013571155723184347,
  "summary_bg_p95": 1008.9626708984372,
  "summary_bg_stdv": 1204.36376953125,
  "summary_fg_k": 2.4295700634427337,
  "summary_fg_mad": 4086.865478515625,
  "summary_fg_mean": 23150.40234375,
  "summary_fg_median": 22946.42578125,
  "summary_fg_n": 41400.0,
  "summary_fg_p05": 15852.836523437501,
  "summary_fg_p95": 31256.333105468748,
  "summary_fg_stdv": 4965.7119140625,
  "tsnr": 105.54893493652344
}