{
  "aor": 0.0008941666666666667,
  "aqi": 0.003527597541666667,
  "bids_meta": {
    "AcquisitionNumber": 4,
    "BidsifyVersion": "0.3.5",
    "ConversionSoftware": "dcm2niix",
    "ConversionSoftwareVersion": "v1.0.20181125  GCC6.3.0",
    "EchoTime": 0.02763,
    "EffectiveEchoSpacing": 0.0006909035636805814,
    "FlipAngle": 76.1,
    "ImageComments": "PIOP2",
    "ImageOrientationPatientDICOM": [
      0.999962,
      0.00814744,
      0.00299654,
      -0.00750477,
      0.984835,
      -0.173332
    ],
    "Manufacturer": "Philips",
    "NumberOfVolumesDiscardedByScanner": 2,
    "ParallelAcquisitionTechnique": "SENSE",
    "ParallelReductionFactorInPlane": 2,
    "PatientPosition": "HFS",
    "PhaseEncodingDirection": "j",
    "PhilipsRescaleIntercept": 0,
    "PhilipsRescaleSlope": 0.7685,
    "PhilipsScaleSlope": 0.0602712,
    "ProtocolName": "WIPtask-rest_boldSENSE",
    "PulseSequenceType": "gradient echo EPI",
    "ReconMatrixPE": 80,
    "RepetitionTime": 2,
    "SeriesDescription": "ImageMRSERIES",
    "SeriesNumber": 4,
    "SliceEncodingDirection": "k",
    "SliceTiming": [
      0.0,
      0.0556,
      0.1111,
      0.1667,
      0.2222,
      0.2778,
      0.3333,
      0.3889,
      0.4444,
      0.5,
      0.5556,
      0.6111,
      0.6667,
      0.7222,
      0.7778,
      0.8333,
      0.8889,
      0.9444,
      1.0,
      1.0556,
      1.1111,
      1.1667,
      1.2222,
      1.2778,
      1.3333,
      1.3889,
      1.4444,
      1.5,
      1.5556,
      1.6111,
      1.6667,
      1.7222,
      1.7778,
      1.8333,
      1.8889,
      1.9444
    ],
    "TaskName": "restingstate",
    "TotalReadoutTime": 0.026945238983542674,
    "UsePhilipsFloatNotDisplayScaling": 1,
    "WaterFatShift": 12,
    "acq_id": "seq",
    "dataset": "unknown",
    "modality": "bold",
    "subject_id": "0005",
    "task_id": "restingstate"
  },
  "dummy_trs": 0,
  "dvars_nstd": 15.985166933096231,
  "dvars_std": 1.1426694265690376,
  "dvars_vstd": 0.9758570676569036,
  "efc": 0.410263423253107,
  "fber": 194140368.0,
  "fd_mean": 0.09219739349842446,
  "fd_num": 4,
  "fd_perc": 1.6666666666666667,
  "fwhm_avg": 2.5440601123560818,
  "fwhm_x": 2.46826,
  "fwhm_y": 2.80829,
  "fwhm_z": 2.3556303370682445,
  "gcor": 0.0256642,
  "gsr_x": -0.0050924732349812984,
  "gsr_y": 0.0046022431924939156,
  "provenance": {
    "md5sum": "53e09749f74bcb8916662e0c79a2a594",
    "settings": {
      "fd_thres": 0.2,
      "hmc_fsl": false
    },
    "software": "mriqc",
    "version": "0.15.0",
    "webapi_port": null,
    "webapi_url": "https://mriqc.nimh.nih.gov/api/v1"
  },
  "size_t": 240,
  "size_x": 80,
  "size_y": 80,
  "size_z": 36,
  "snr": 4.634866320923114,
  "spacing_tr": 2.0,
  "spacing_x": 3.0,
  "spacing_y": 3.0,
  "spacing_z": 3.299999952316284,
  "spikes_num": 0,
  "summary_bg_k": 57.72294667049465,
  "summary_bg_mad": 2.319260358810425,
  "summary_bg_mean": 237.1214141845703,
  "summary_bg_median": 1.5913207530975342,
  "summary_bg_n": 148697.0,
  "summary_bg_p05": 0.007395120058208705,
  "summary_bg_p95": 1033.8880615234314,
  "summary_bg_stdv": 1222.242919921875,
  "summary_fg_k": 2.281173832707225,
  "summary_fg_mad": 4204.330078125,
  "summary_fg_mean": 23723.654296875,
  "summary_fg_median": 23468.26171875,
  "summary_fg_n": 41358.0,
  "summary_fg_p05": 16351.175830078126,
  "summary_fg_p95": 32066.958886718756,
  "summary_fg_stdv": 5063.35595703125,
  "tsnr": 81.48914337158203
}