{
  "aor": 0.0012234074074074074,
  "aqi": 0.002343402,
  "bids_meta": {
    "AcquisitionNumber": 8,
    "BidsifyVersion": "0.3.5",
    "ConversionSoftware": "dcm2niix",
    "ConversionSoftwareVersion": "v1.0.20181125  GCC6.3.0",
    "EchoTime": 0.02763,
    "EffectiveEchoSpacing": 0.0006909035636805814,
    "FlipAngle": 76.1,
    "ImageComments": "PIOP2",
    "ImageOrientationPatientDICOM": [
      0.999962,
      0.00814744,
      0.00299654,
      -0.00750477,
      0.984835,
      -0.173332
    ],
    "Manufacturer": "Philips",
    "NumberOfVolumesDiscardedByScanner": 2,
    "ParallelAcquisitionTechnique": "SENSE",
    "ParallelReductionFactorInPlane": 2,
    "PatientPosition": "HFS",
    "PhaseEncodingDirection": "j",
    "PhilipsRescaleIntercept": 0,
    "PhilipsRescaleSlope": 0.74042,
    "PhilipsScaleSlope": 0.0600816,
    "ProtocolName": "WIPtask-harriri_boldSENSE",
    "PulseSequenceType": "gradient echo EPI",
    "ReconMatrixPE": 80,
    "RepetitionTime": 2,
    "SeriesDescription": "ImageMRSERIES",
    "SeriesNumber": 8,
    "SliceEncodingDirection": "k",
    "SliceTiming": [
      0.0,
      0.0556,
      0.1111,
      0.1667,
      0.2222,
      0.2778,
      0.3333,
      0.3889,
      0.4444,
      0.5,
      0.5556,
      0.6111,
      0.6667,
      0.7222,
      0.7778,
      0.8333,
      0.8889,
      0.9444,
      1.0,
      1.0556,
      1.1111,
      1.1667,
      1.2222,
      1.2778,
      1.3333,
      1.3889,
      1.4444,
      1.5,
      1.5556,
      1.6111,
      1.6667,
      1.7222,
      1.7778,
      1.8333,
      1.8889,
      1.9444
    ],
    "TaskName": "emomatching",
    "TotalReadoutTime": 0.026945238983542674,
    "UsePhilipsFloatNotDisplayScaling": 1,
    "WaterFatShift": 12,
    "acq_id": "seq",
    "dataset": "unknown",
    "modality": "bold",
    "subject_id": "0005",
    "task_id": "emomatching"
  },
  "dummy_trs": 0,
  "dvars_nstd": 16.107139615447764,
  "dvars_std": 1.1847858078358204,
  "dvars_vstd": 1.0127365461940296,
  "efc": 0.4096796031743007,
  "fber": 570666688.0,
  "fd_mean": 0.08953113606522772,
  "fd_num": 3,
  "fd_perc": 2.2222222222222223,
  "fwhm_avg": 2.53602435470377,
  "fwhm_x": 2.4719266666666666,
  "fwhm_y": 2.79641,
  "fwhm_z": 2.339736397444644,
  "gcor": 0.0319012,
  "gsr_x": -0.004704250022768974,
  "gsr_y": 0.004766478203237057,
  "provenance": {
    "md5sum": "52dd4635feba1c3f901de032aacf8bbb",
    "settings": {
      "fd_thres": 0.2,
      "hmc_fsl": false
    },
    "software": "mriqc",
    "version": "0.15.0",
    "webapi_port": null,
    "webapi_url": "https://mriqc.nimh.nih.gov/api/v1"
  },
  "size_t": 135,
  "size_x": 80,
  "size_y": 80,
  "size_z": 36,
  "snr": 4.603471642118182,
  "spacing_tr": 2.0,
  "spacing_x": 3.0,
  "spacing_y": 3.0,
  "spacing_z": 3.299999952316284,
  "spikes_num": 1,
  "summary_bg_k": 53.669911174802166,
  "summary_bg_mad": 1.3593968152999878,
  "summary_bg_mean": 236.66368103027344,
  "summary_bg_median": 0.9303027987480164,
  "summary_bg_n": 148789.0,
  "summary_bg_p05": 0.0035123895388096587,
  "summary_bg_p95": 1049.0399169921886,
  "summary_bg_stdv": 1223.0279541015625,
  "summary_fg_k": 2.372528015938868,
  "summary_fg_mad": 4144.19775390625,
  "summary_fg_mean": 23565.05078125,
  "summary_fg_median": 23318.93359375,
  "summary_fg_n": 41381.0,
  "summary_fg_p05": 16155.5048828125,
  "summary_fg_p95": 31914.2734375,
  "summary_fg_stdv": 5065.44921875,
  "tsnr": 97.7081527709961
}