{
  "aor": 0.002447125,
  "aqi": 0.005120635875,
  "bids_meta": {
    "AcquisitionNumber": 4,
    "BidsifyVersion": "0.3.5",
    "ConversionSoftware": "dcm2niix",
    "ConversionSoftwareVersion": "v1.0.20181125  GCC6.3.0",
    "EchoTime": 0.02763,
    "FlipAngle": 76.1,
    "ImageComments": "PIOP2",
    "ImageOrientationPatientDICOM": [
      0.999458,
      0.0328012,
      0.00260974,
      -0.0324569,
      0.99579,
      -0.0857207
    ],
    "Manufacturer": "Philips",
    "NumberOfVolumesDiscardedByScanner": 2,
    "ParallelAcquisitionTechnique": "SENSE",
    "ParallelReductionFactorInPlane": 2,
    "PatientPosition": "HFS",
    "PhaseEncodingDirection": "j",
    "PhilipsRescaleIntercept": 0,
    "PhilipsRescaleSlope": 0.76093,
    "PhilipsScaleSlope": 0.054858,
    "ProtocolName": "WIPtask-rest_boldSENSE",
    "PulseSequenceType": "gradient echo EPI",
    "ReconMatrixPE": 80,
    "RepetitionTime": 2,
    "SeriesDescription": "ImageMRSERIES",
    "SeriesNumber": 4,
    "SliceEncodingDirection": "k",
    "TaskName": "restingstate",
    "UsePhilipsFloatNotDisplayScaling": 1,
    "WaterFatShift": 12,
    "acq_id": "seq",
    "dataset": "unknown",
    "modality": "bold",
    "subject_id": "0191",
    "task_id": "restingstate"
  },
  "dummy_trs": 0,
  "dvars_nstd": 21.121383499037663,
  "dvars_std": 1.3014088509205024,
  "dvars_vstd": 0.967443063472804,
  "efc": 0.3994651615513888,
  "fber": 308629504.0,
  "fd_mean": 0.1282458511570072,
  "fd_num": 24,
  "fd_perc": 10.0,
  "fwhm_avg": 2.541709506359302,
  "fwhm_x": 2.4678633333333333,
  "fwhm_y": 2.7883833333333334,
  "fwhm_z": 2.368881852411239,
  "gcor": 0.0198611,
  "gsr_x": -0.005174320191144943,
  "gsr_y": 0.002924754284322262,
  "provenance": {
    "md5sum": "4a82cdea7ad65bbe32119675e7af19f9",
    "settings": {
      "fd_thres": 0.2,
      "hmc_fsl": false
    },
    "software": "mriqc",
    "version": "0.15.0",
    "webapi_port": null,
    "webapi_url": "https://mriqc.nimh.nih.gov/api/v1"
  },
  "size_t": 240,
  "size_x": 80,
  "size_y": 80,
  "size_z": 36,
  "snr": 5.1020893586239575,
  "spacing_tr": 2.0,
  "spacing_x": 3.0,
  "spacing_y": 3.0,
  "spacing_z": 3.299999952316284,
  "spikes_num": 0,
  "summary_bg_k": 149.6552305431143,
  "summary_bg_mad": 2.083467960357666,
  "summary_bg_mean": 175.90945434570312,
  "summary_bg_median": 1.4052777290344238,
  "summary_bg_n": 150692.0,
  "summary_bg_p05": 0.0,
  "summary_bg_p95": 936.049444580073,
  "summary_bg_stdv": 964.1757202148438,
  "summary_fg_k": 2.749502307155714,
  "summary_fg_mad": 4275.76708984375,
  "summary_fg_mean": 26715.5078125,
  "summary_fg_median": 26475.13671875,
  "summary_fg_n": 40082.0,
  "summary_fg_p05": 19463.38388671875,
  "summary_fg_p95": 35057.883984375,
  "summary_fg_stdv": 5189.0126953125,
  "tsnr": 80.59945678710938
}