{
  "aor": 0.0014038518518518519,
  "aqi": 0.003013516888888889,
  "bids_meta": {
    "AcquisitionNumber": 8,
    "BidsifyVersion": "0.3.5",
    "ConversionSoftware": "dcm2niix",
    "ConversionSoftwareVersion": "v1.0.20181125  GCC6.3.0",
    "EchoTime": 0.02763,
    "EffectiveEchoSpacing": 0.0006909035636805814,
    "FlipAngle": 76.1,
    "ImageComments": "PIOP2",
    "ImageOrientationPatientDICOM": [
      0.999304,
      0.0366398,
      -0.00696299,
      -0.0359443,
      0.995964,
      0.0822419
    ],
    "Manufacturer": "Philips",
    "NumberOfVolumesDiscardedByScanner": 2,
    "ParallelAcquisitionTechnique": "SENSE",
    "ParallelReductionFactorInPlane": 2,
    "PatientPosition": "HFS",
    "PhaseEncodingDirection": "j",
    "PhilipsRescaleIntercept": 0,
    "PhilipsRescaleSlope": 0.7685,
    "PhilipsScaleSlope": 0.0608554,
    "ProtocolName": "WIPtask-harriri_boldSENSE",
    "PulseSequenceType": "gradient echo EPI",
    "ReconMatrixPE": 80,
    "RepetitionTime": 2,
    "SeriesDescription": "ImageMRSERIES",
    "SeriesNumber": 8,
    "SliceEncodingDirection": "k",
    "SliceTiming": [
      0.0,
      0.0556,
      0.1111,
      0.1667,
      0.2222,
      0.2778,
      0.3333,
      0.3889,
      0.4444,
      0.5,
      0.5556,
      0.6111,
      0.6667,
      0.7222,
      0.7778,
      0.8333,
      0.8889,
      0.9444,
      1.0,
      1.0556,
      1.1111,
      1.1667,
      1.2222,
      1.2778,
      1.3333,
      1.3889,
      1.4444,
      1.5,
      1.5556,
      1.6111,
      1.6667,
      1.7222,
      1.7778,
      1.8333,
      1.8889,
      1.9444
    ],
    "TaskName": "emomatching",
    "TotalReadoutTime": 0.026945238983542674,
    "UsePhilipsFloatNotDisplayScaling": 1,
    "WaterFatShift": 12,
    "acq_id": "seq",
    "dataset": "unknown",
    "modality": "bold",
    "subject_id": "0219",
    "task_id": "emomatching"
  },
  "dummy_trs": 0,
  "dvars_nstd": 18.83854688089552,
  "dvars_std": 1.2986542640298504,
  "dvars_vstd": 1.0048256261940296,
  "efc": 0.3862146330796501,
  "fber": 1501242368.0,
  "fd_mean": 0.08720959153446567,
  "fd_num": 2,
  "fd_perc": 1.4814814814814814,
  "fwhm_avg": 2.5630644561733544,
  "fwhm_x": 2.3657966666666668,
  "fwhm_y": 2.888263333333333,
  "fwhm_z": 2.435133368520063,
  "gcor": 0.0267736,
  "gsr_x": -0.0044788396917283535,
  "gsr_y": 0.0018809378379955888,
  "provenance": {
    "md5sum": "63dad7fc97e4006fb1581b57dfaeb1b1",
    "settings": {
      "fd_thres": 0.2,
      "hmc_fsl": false
    },
    "software": "mriqc",
    "version": "0.15.0",
    "webapi_port": null,
    "webapi_url": "https://mriqc.nimh.nih.gov/api/v1"
  },
  "size_t": 135,
  "size_x": 80,
  "size_y": 80,
  "size_z": 36,
  "snr": 5.27026037424135,
  "spacing_tr": 2.0,
  "spacing_x": 3.0,
  "spacing_y": 3.0,
  "spacing_z": 3.299999952316284,
  "spikes_num": 0,
  "summary_bg_k": 159.92009040867347,
  "summary_bg_mad": 0.8316067457199097,
  "summary_bg_mean": 113.37924194335938,
  "summary_bg_median": 0.570616602897644,
  "summary_bg_n": 152636.0,
  "summary_bg_p05": 0.003183410270139575,
  "summary_bg_p95": 412.89453125,
  "summary_bg_stdv": 761.9105224609375,
  "summary_fg_k": 2.5079041224075036,
  "summary_fg_mad": 3831.15869140625,
  "summary_fg_mean": 23637.66015625,
  "summary_fg_median": 23506.69921875,
  "summary_fg_n": 38732.0,
  "summary_fg_p05": 17041.2458984375,
  "summary_fg_p95": 30580.07949218749,
  "summary_fg_stdv": 4460.1962890625,
  "tsnr": 97.23622131347656
}