{
  "aor": 0.0026653333333333334,
  "aqi": 0.0030973625185185183,
  "bids_meta": {
    "AcquisitionNumber": 8,
    "BidsifyVersion": "0.3.5",
    "ConversionSoftware": "dcm2niix",
    "ConversionSoftwareVersion": "v1.0.20181125  GCC6.3.0",
    "EchoTime": 0.02763,
    "FlipAngle": 76.1,
    "ImageComments": "PIOP2",
    "ImageOrientationPatientDICOM": [
      0.99875,
      0.049226,
      0.00863051,
      -0.0486723,
      0.997265,
      -0.0556105
    ],
    "Manufacturer": "Philips",
    "NumberOfVolumesDiscardedByScanner": 2,
    "ParallelAcquisitionTechnique": "SENSE",
    "ParallelReductionFactorInPlane": 2,
    "PatientPosition": "HFS",
    "PhaseEncodingDirection": "j",
    "PhilipsRescaleIntercept": 0,
    "PhilipsRescaleSlope": 0.76239,
    "PhilipsScaleSlope": 0.0480796,
    "ProtocolName": "WIPtask-harriri_boldSENSE",
    "PulseSequenceType": "gradient echo EPI",
    "ReconMatrixPE": 80,
    "RepetitionTime": 2,
    "SeriesDescription": "ImageMRSERIES",
    "SeriesNumber": 8,
    "SliceEncodingDirection": "k",
    "TaskName": "emomatching",
    "UsePhilipsFloatNotDisplayScaling": 1,
    "WaterFatShift": 12,
    "acq_id": "seq",
    "dataset": "unknown",
    "modality": "bold",
    "subject_id": "0139",
    "task_id": "emomatching"
  },
  "dummy_trs": 0,
  "dvars_nstd": 21.846696682611935,
  "dvars_std": 1.3004172773134326,
  "dvars_vstd": 1.0049137855223877,
  "efc": 0.40101119522088424,
  "fber": 152422832.0,
  "fd_mean": 0.1353898935455169,
  "fd_num": 17,
  "fd_perc": 12.592592592592593,
  "fwhm_avg": 2.6144190013443516,
  "fwhm_x": 2.551413333333333,
  "fwhm_y": 2.9155800000000003,
  "fwhm_z": 2.3762636706997218,
  "gcor": 0.016924,
  "gsr_x": -0.006877255626022816,
  "gsr_y": 0.003931960556656122,
  "provenance": {
    "md5sum": "49bce5f6d4fa940cf045caec1f13989b",
    "settings": {
      "fd_thres": 0.2,
      "hmc_fsl": false
    },
    "software": "mriqc",
    "version": "0.15.0",
    "webapi_port": null,
    "webapi_url": "https://mriqc.nimh.nih.gov/api/v1"
  },
  "size_t": 135,
  "size_x": 80,
  "size_y": 80,
  "size_z": 36,
  "snr": 4.215374781116366,
  "spacing_tr": 2.0,
  "spacing_x": 3.0,
  "spacing_y": 3.0,
  "spacing_z": 3.299999952316284,
  "spikes_num": 1,
  "summary_bg_k": 93.56226871640413,
  "summary_bg_mad": 3.1269989013671875,
  "summary_bg_mean": 275.93414306640625,
  "summary_bg_median": 2.128382682800293,
  "summary_bg_n": 150149.0,
  "summary_bg_p05": 0.0,
  "summary_bg_p95": 1176.8406982421886,
  "summary_bg_stdv": 1535.9942626953125,
  "summary_fg_k": 1.5307178876884908,
  "summary_fg_mad": 5560.7041015625,
  "summary_fg_mean": 28643.1015625,
  "summary_fg_median": 28194.80859375,
  "summary_fg_n": 40218.0,
  "summary_fg_p05": 18290.43681640625,
  "summary_fg_p95": 39813.923828125,
  "summary_fg_stdv": 6688.48193359375,
  "tsnr": 78.90716552734375
}