{
  "aor": 0.009233755656108598,
  "aqi": 0.007476121990950226,
  "bids_meta": {
    "AcquisitionNumber": 7,
    "BidsifyVersion": "0.3.5",
    "ConversionSoftware": "dcm2niix",
    "ConversionSoftwareVersion": "v1.0.20181125  GCC6.3.0",
    "EchoTime": 0.02763,
    "FlipAngle": 76.1,
    "ImageComments": "PIOP2",
    "ImageOrientationPatientDICOM": [
      0.999553,
      0.00802279,
      0.0287832,
      -0.0115145,
      0.992305,
      0.123278
    ],
    "Manufacturer": "Philips",
    "NumberOfVolumesDiscardedByScanner": 2,
    "ParallelAcquisitionTechnique": "SENSE",
    "ParallelReductionFactorInPlane": 2,
    "PatientPosition": "HFS",
    "PhaseEncodingDirection": "j",
    "PhilipsRescaleIntercept": 0,
    "PhilipsRescaleSlope": 0.7956,
    "PhilipsScaleSlope": 0.063935,
    "ProtocolName": "WIPtask-stop_boldSENSE",
    "PulseSequenceType": "gradient echo EPI",
    "ReconMatrixPE": 80,
    "RepetitionTime": 2,
    "SeriesDescription": "ImageMRSERIES",
    "SeriesNumber": 7,
    "SliceEncodingDirection": "k",
    "TaskName": "stopsignal",
    "UsePhilipsFloatNotDisplayScaling": 1,
    "WaterFatShift": 12,
    "acq_id": "seq",
    "dataset": "unknown",
    "modality": "bold",
    "subject_id": "0109",
    "task_id": "stopsignal"
  },
  "dummy_trs": 0,
  "dvars_nstd": 14.763633164590908,
  "dvars_std": 1.0682353899545454,
  "dvars_vstd": 0.9341242843181816,
  "efc": 0.42316686444734464,
  "fber": 1321140736.0,
  "fd_mean": 0.07871059334606358,
  "fd_num": 3,
  "fd_perc": 1.3574660633484164,
  "fwhm_avg": 2.74843660815943,
  "fwhm_x": 2.6543397890520266,
  "fwhm_y": 3.093543087480618,
  "fwhm_z": 2.497426947945645,
  "gcor": 0.00709907,
  "gsr_x": -0.00252351351082325,
  "gsr_y": 0.004692079033702612,
  "provenance": {
    "md5sum": "42833dc002e22860b180ff1a83eadd2d",
    "settings": {
      "fd_thres": 0.2,
      "hmc_fsl": false
    },
    "software": "mriqc",
    "version": "0.15.0",
    "webapi_port": null,
    "webapi_url": "https://mriqc.nimh.nih.gov/api/v1"
  },
  "size_t": 221,
  "size_x": 80,
  "size_y": 80,
  "size_z": 36,
  "snr": 5.3945671232900025,
  "spacing_tr": 2.0,
  "spacing_x": 3.000000238418579,
  "spacing_y": 3.000000238418579,
  "spacing_z": 3.3000004291534424,
  "spikes_num": 0,
  "summary_bg_k": 83.22640265185032,
  "summary_bg_mad": 0.7993311882019043,
  "summary_bg_mean": 167.56272888183594,
  "summary_bg_median": 0.5391407012939453,
  "summary_bg_n": 144851.0,
  "summary_bg_p05": 0.0,
  "summary_bg_p95": 746.7066955566406,
  "summary_bg_stdv": 918.5694580078125,
  "summary_fg_k": 3.7538919804834165,
  "summary_fg_mad": 3144.686279296875,
  "summary_fg_mean": 22316.32421875,
  "summary_fg_median": 22361.62890625,
  "summary_fg_n": 44730.0,
  "summary_fg_p05": 15851.686181640624,
  "summary_fg_p95": 28284.90400390625,
  "summary_fg_stdv": 4145.16650390625,
  "tsnr": 80.84081268310547
}