{
  "aor": 0.001325625,
  "aqi": 0.0034135462500000007,
  "bids_meta": {
    "AcquisitionNumber": 3,
    "BidsifyVersion": "0.3.5",
    "ConversionSoftware": "dcm2niix",
    "ConversionSoftwareVersion": "v1.0.20181125  GCC6.3.0",
    "EchoTime": 0.02763,
    "FlipAngle": 76.1,
    "ImageComments": "PIOP2",
    "ImageOrientationPatientDICOM": [
      0.999553,
      0.00802279,
      0.0287832,
      -0.0115145,
      0.992305,
      0.123278
    ],
    "Manufacturer": "Philips",
    "NumberOfVolumesDiscardedByScanner": 2,
    "ParallelAcquisitionTechnique": "SENSE",
    "ParallelReductionFactorInPlane": 2,
    "PatientPosition": "HFS",
    "PhaseEncodingDirection": "j",
    "PhilipsRescaleIntercept": 0,
    "PhilipsRescaleSlope": 0.78974,
    "PhilipsScaleSlope": 0.0615145,
    "ProtocolName": "WIPtask-wm_boldSENSE",
    "PulseSequenceType": "gradient echo EPI",
    "ReconMatrixPE": 80,
    "RepetitionTime": 2,
    "SeriesDescription": "ImageMRSERIES",
    "SeriesNumber": 3,
    "SliceEncodingDirection": "k",
    "TaskName": "workingmemory",
    "UsePhilipsFloatNotDisplayScaling": 1,
    "WaterFatShift": 12,
    "acq_id": "seq",
    "dataset": "unknown",
    "modality": "bold",
    "subject_id": "0109",
    "task_id": "workingmemory"
  },
  "dummy_trs": 0,
  "dvars_nstd": 15.236863058301884,
  "dvars_std": 1.1519488684905657,
  "dvars_vstd": 0.9864970996855349,
  "efc": 0.4233155278682444,
  "fber": 362765984.0,
  "fd_mean": 0.09019981156013251,
  "fd_num": 1,
  "fd_perc": 0.625,
  "fwhm_avg": 2.731278427981684,
  "fwhm_x": 2.6296997910102373,
  "fwhm_y": 3.0831297549748617,
  "fwhm_z": 2.4810057379599537,
  "gcor": 0.00930093,
  "gsr_x": -0.002460018964484334,
  "gsr_y": 0.0033171006944030523,
  "provenance": {
    "md5sum": "8cb740fbe330b2a4a36fa8155c2d358d",
    "settings": {
      "fd_thres": 0.2,
      "hmc_fsl": false
    },
    "software": "mriqc",
    "version": "0.15.0",
    "webapi_port": null,
    "webapi_url": "https://mriqc.nimh.nih.gov/api/v1"
  },
  "size_t": 160,
  "size_x": 80,
  "size_y": 80,
  "size_z": 36,
  "snr": 5.437547381116048,
  "spacing_tr": 2.0,
  "spacing_x": 3.000000238418579,
  "spacing_y": 3.000000238418579,
  "spacing_z": 3.3000004291534424,
  "spikes_num": 0,
  "summary_bg_k": 92.50183160719263,
  "summary_bg_mad": 1.63906991481781,
  "summary_bg_mean": 170.13626098632812,
  "summary_bg_median": 1.1220284700393677,
  "summary_bg_n": 144719.0,
  "summary_bg_p05": 0.002117415890097619,
  "summary_bg_p95": 750.8245056152352,
  "summary_bg_stdv": 952.9732666015625,
  "summary_fg_k": 3.690360235393886,
  "summary_fg_mad": 3203.3662109375,
  "summary_fg_mean": 22831.373046875,
  "summary_fg_median": 22842.31640625,
  "summary_fg_n": 44762.0,
  "summary_fg_p05": 16359.407421875001,
  "summary_fg_p95": 28958.06357421875,
  "summary_fg_stdv": 4200.80224609375,
  "tsnr": 100.21202850341797
}