{
    "Manufacturer": "Philips",
    "PatientPosition": "HFS",
    "SeriesDescription": "ImageMRSERIES",
    "ProtocolName": "WIPtask-harriri_boldSENSE",
    "SeriesNumber": 8,
    "AcquisitionNumber": 8,
    "ImageComments": "PIOP2",
    "PhilipsRescaleSlope": 0.79219,
    "PhilipsRescaleIntercept": 0,
    "PhilipsScaleSlope": 0.0682531,
    "UsePhilipsFloatNotDisplayScaling": 1,
    "EchoTime": 0.02763,
    "RepetitionTime": 2,
    "ReconMatrixPE": 80,
    "ImageOrientationPatientDICOM": [
        0.999135,
        0.01514,
        -0.0387278,
        -0.0115097,
        0.995665,
        0.0923014
    ],
    "ConversionSoftware": "dcm2niix",
    "ConversionSoftwareVersion": "v1.0.20181125  GCC6.3.0",
    "BidsifyVersion": "0.3.5",
    "SliceEncodingDirection": "k",
    "PhaseEncodingDirection": "j",
    "PulseSequenceType": "gradient echo EPI",
    "ParallelAcquisitionTechnique": "SENSE",
    "ParallelReductionFactorInPlane": 2,
    "FlipAngle": 76.1,
    "WaterFatShift": 12,
    "NumberOfVolumesDiscardedByScanner": 2,
    "TaskName": "emomatching"
}