{
  "aor": 0.0006815929203539822,
  "aqi": 0.0022191693362831858,
  "bids_meta": {
    "AcquisitionNumber": 7,
    "BidsifyVersion": "0.3.5",
    "ConversionSoftware": "dcm2niix",
    "ConversionSoftwareVersion": "v1.0.20181125  GCC6.3.0",
    "EchoTime": 0.02763,
    "EffectiveEchoSpacing": 0.0006909035636805814,
    "FlipAngle": 76.1,
    "ImageComments": "PIOP2",
    "ImageOrientationPatientDICOM": [
      0.999447,
      -0.0297158,
      -0.0149042,
      0.0296629,
      0.999553,
      -0.00375993
    ],
    "Manufacturer": "Philips",
    "NumberOfVolumesDiscardedByScanner": 2,
    "ParallelAcquisitionTechnique": "SENSE",
    "ParallelReductionFactorInPlane": 2,
    "PatientPosition": "HFS",
    "PhaseEncodingDirection": "j",
    "PhilipsRescaleIntercept": 0,
    "PhilipsRescaleSlope": 0.86618,
    "PhilipsScaleSlope": 0.053575,
    "ProtocolName": "WIPtask-stop_boldSENSE",
    "PulseSequenceType": "gradient echo EPI",
    "ReconMatrixPE": 80,
    "RepetitionTime": 2,
    "SeriesDescription": "ImageMRSERIES",
    "SeriesNumber": 7,
    "SliceEncodingDirection": "k",
    "SliceTiming": [
      0.0,
      0.0556,
      0.1111,
      0.1667,
      0.2222,
      0.2778,
      0.3333,
      0.3889,
      0.4444,
      0.5,
      0.5556,
      0.6111,
      0.6667,
      0.7222,
      0.7778,
      0.8333,
      0.8889,
      0.9444,
      1.0,
      1.0556,
      1.1111,
      1.1667,
      1.2222,
      1.2778,
      1.3333,
      1.3889,
      1.4444,
      1.5,
      1.5556,
      1.6111,
      1.6667,
      1.7222,
      1.7778,
      1.8333,
      1.8889,
      1.9444
    ],
    "TaskName": "stopsignal",
    "TotalReadoutTime": 0.026945238983542674,
    "UsePhilipsFloatNotDisplayScaling": 1,
    "WaterFatShift": 12,
    "acq_id": "seq",
    "dataset": "unknown",
    "modality": "bold",
    "subject_id": "0146",
    "task_id": "stopsignal"
  },
  "dummy_trs": 0,
  "dvars_nstd": 18.52705985600001,
  "dvars_std": 1.3698304728444441,
  "dvars_vstd": 0.9887626272444445,
  "efc": 0.39306686751478725,
  "fber": 1117050368.0,
  "fd_mean": 0.07200378794863332,
  "fd_num": 0,
  "fd_perc": 0.0,
  "fwhm_avg": 2.6551657692754183,
  "fwhm_x": 2.6659866666666665,
  "fwhm_y": 2.87045,
  "fwhm_z": 2.429060641159587,
  "gcor": 0.0138302,
  "gsr_x": -0.001595042645931244,
  "gsr_y": -0.00018950339290313423,
  "provenance": {
    "md5sum": "f417103b12d0cec3dd44f512bc61b8cd",
    "settings": {
      "fd_thres": 0.2,
      "hmc_fsl": false
    },
    "software": "mriqc",
    "version": "0.15.0",
    "webapi_port": null,
    "webapi_url": "https://mriqc.nimh.nih.gov/api/v1"
  },
  "size_t": 226,
  "size_x": 80,
  "size_y": 80,
  "size_z": 36,
  "snr": 4.808897756881813,
  "spacing_tr": 2.0,
  "spacing_x": 3.0,
  "spacing_y": 3.0,
  "spacing_z": 3.299999952316284,
  "spikes_num": 0,
  "summary_bg_k": 98.9346697159326,
  "summary_bg_mad": 1.1503424644470215,
  "summary_bg_mean": 213.76307678222656,
  "summary_bg_median": 0.7758941650390625,
  "summary_bg_n": 151281.0,
  "summary_bg_p05": 0.0,
  "summary_bg_p95": 933.4114379882812,
  "summary_bg_stdv": 1231.6195068359375,
  "summary_fg_k": 1.8308884717639087,
  "summary_fg_mad": 4876.34521484375,
  "summary_fg_mean": 28045.474609375,
  "summary_fg_median": 27977.634765625,
  "summary_fg_n": 39125.0,
  "summary_fg_p05": 18604.023828125,
  "summary_fg_p95": 37200.20703125,
  "summary_fg_stdv": 5817.81494140625,
  "tsnr": 107.75326538085938
}