{
  "aor": 0.004849684684684685,
  "aqi": 0.005034298513513513,
  "bids_meta": {
    "AcquisitionNumber": 7,
    "BidsifyVersion": "0.3.5",
    "ConversionSoftware": "dcm2niix",
    "ConversionSoftwareVersion": "v1.0.20181125  GCC6.3.0",
    "EchoTime": 0.02763,
    "EffectiveEchoSpacing": 0.0006909035636805814,
    "FlipAngle": 76.1,
    "ImageComments": "PIOP2",
    "ImageOrientationPatientDICOM": [
      0.999767,
      -0.00985839,
      -0.0192236,
      0.0157056,
      0.942661,
      0.333382
    ],
    "Manufacturer": "Philips",
    "NumberOfVolumesDiscardedByScanner": 2,
    "ParallelAcquisitionTechnique": "SENSE",
    "ParallelReductionFactorInPlane": 2,
    "PatientPosition": "HFS",
    "PhaseEncodingDirection": "j",
    "PhilipsRescaleIntercept": 0,
    "PhilipsRescaleSlope": 0.74872,
    "PhilipsScaleSlope": 0.0544244,
    "ProtocolName": "WIPtask-stop_boldSENSE",
    "PulseSequenceType": "gradient echo EPI",
    "ReconMatrixPE": 80,
    "RepetitionTime": 2,
    "SeriesDescription": "ImageMRSERIES",
    "SeriesNumber": 7,
    "SliceEncodingDirection": "k",
    "SliceTiming": [
      0.0,
      0.0556,
      0.1111,
      0.1667,
      0.2222,
      0.2778,
      0.3333,
      0.3889,
      0.4444,
      0.5,
      0.5556,
      0.6111,
      0.6667,
      0.7222,
      0.7778,
      0.8333,
      0.8889,
      0.9444,
      1.0,
      1.0556,
      1.1111,
      1.1667,
      1.2222,
      1.2778,
      1.3333,
      1.3889,
      1.4444,
      1.5,
      1.5556,
      1.6111,
      1.6667,
      1.7222,
      1.7778,
      1.8333,
      1.8889,
      1.9444
    ],
    "TaskName": "stopsignal",
    "TotalReadoutTime": 0.026945238983542674,
    "UsePhilipsFloatNotDisplayScaling": 1,
    "WaterFatShift": 12,
    "acq_id": "seq",
    "dataset": "unknown",
    "modality": "bold",
    "subject_id": "0198",
    "task_id": "stopsignal"
  },
  "dummy_trs": 0,
  "dvars_nstd": 24.540194308778283,
  "dvars_std": 1.2900708456108598,
  "dvars_vstd": 1.0449370393212671,
  "efc": 0.44042615623166886,
  "fber": 63267928.0,
  "fd_mean": 0.2173284388316782,
  "fd_num": 117,
  "fd_perc": 52.7027027027027,
  "fwhm_avg": 2.622032335108605,
  "fwhm_x": 2.45272,
  "fwhm_y": 2.947646666666667,
  "fwhm_z": 2.465730338659147,
  "gcor": 0.0273754,
  "gsr_x": -0.001300269621424377,
  "gsr_y": 0.006075357086956501,
  "provenance": {
    "md5sum": "7be0db8c7e173fcf00b8faeacbb494ce",
    "settings": {
      "fd_thres": 0.2,
      "hmc_fsl": false
    },
    "software": "mriqc",
    "version": "0.15.0",
    "webapi_port": null,
    "webapi_url": "https://mriqc.nimh.nih.gov/api/v1"
  },
  "size_t": 222,
  "size_x": 80,
  "size_y": 80,
  "size_z": 36,
  "snr": 4.2509435567042875,
  "spacing_tr": 2.0,
  "spacing_x": 3.0,
  "spacing_y": 3.0,
  "spacing_z": 3.299999952316284,
  "spikes_num": 8,
  "summary_bg_k": 47.33989279758859,
  "summary_bg_mad": 4.360355854034424,
  "summary_bg_mean": 266.3703308105469,
  "summary_bg_median": 2.9827218055725098,
  "summary_bg_n": 141496.0,
  "summary_bg_p05": 0.002522267634049058,
  "summary_bg_p95": 1570.982177734375,
  "summary_bg_stdv": 1259.699462890625,
  "summary_fg_k": 2.2299227606101875,
  "summary_fg_mad": 4667.1826171875,
  "summary_fg_mean": 25721.6484375,
  "summary_fg_median": 25209.3046875,
  "summary_fg_n": 48327.0,
  "summary_fg_p05": 17203.611523437503,
  "summary_fg_p95": 35882.73046875,
  "summary_fg_stdv": 5930.22314453125,
  "tsnr": 68.3637466430664
}