{
  "aor": 0.012309555555555556,
  "aqi": 0.017087698296296295,
  "bids_meta": {
    "AcquisitionNumber": 8,
    "BidsifyVersion": "0.3.5",
    "ConversionSoftware": "dcm2niix",
    "ConversionSoftwareVersion": "v1.0.20181125  GCC6.3.0",
    "EchoTime": 0.02763,
    "FlipAngle": 76.1,
    "ImageComments": "PIOP2",
    "ImageOrientationPatientDICOM": [
      0.999568,
      0.0148787,
      -0.0253481,
      -0.015528,
      0.999551,
      -0.0256118
    ],
    "Manufacturer": "Philips",
    "NumberOfVolumesDiscardedByScanner": 2,
    "ParallelAcquisitionTechnique": "SENSE",
    "ParallelReductionFactorInPlane": 2,
    "PatientPosition": "HFS",
    "PhaseEncodingDirection": "j",
    "PhilipsRescaleIntercept": 0,
    "PhilipsRescaleSlope": 0.74505,
    "PhilipsScaleSlope": 0.0567668,
    "ProtocolName": "WIPtask-harriri_boldSENSE",
    "PulseSequenceType": "gradient echo EPI",
    "ReconMatrixPE": 80,
    "RepetitionTime": 2,
    "SeriesDescription": "ImageMRSERIES",
    "SeriesNumber": 8,
    "SliceEncodingDirection": "k",
    "TaskName": "emomatching",
    "UsePhilipsFloatNotDisplayScaling": 1,
    "WaterFatShift": 12,
    "acq_id": "seq",
    "dataset": "unknown",
    "modality": "bold",
    "subject_id": "0070",
    "task_id": "emomatching"
  },
  "dummy_trs": 0,
  "dvars_nstd": 28.66182163604477,
  "dvars_std": 1.3356441482089552,
  "dvars_vstd": 1.1550693608955225,
  "efc": 0.42097777600819936,
  "fber": 14131543.0,
  "fd_mean": 0.2604057497245273,
  "fd_num": 52,
  "fd_perc": 38.51851851851852,
  "fwhm_avg": 2.577650718139007,
  "fwhm_x": 2.52706,
  "fwhm_y": 2.907913333333333,
  "fwhm_z": 2.297978821083688,
  "gcor": 0.00782717,
  "gsr_x": 0.0023176975082606077,
  "gsr_y": -0.0006211551371961832,
  "provenance": {
    "md5sum": "de2feebc4adffa4d993036fd8b8a98ea",
    "settings": {
      "fd_thres": 0.2,
      "hmc_fsl": false
    },
    "software": "mriqc",
    "version": "0.15.0",
    "webapi_port": null,
    "webapi_url": "https://mriqc.nimh.nih.gov/api/v1"
  },
  "size_t": 135,
  "size_x": 80,
  "size_y": 80,
  "size_z": 36,
  "snr": 5.436642402489306,
  "spacing_tr": 2.0,
  "spacing_x": 3.0,
  "spacing_y": 3.0,
  "spacing_z": 3.299999952316284,
  "spikes_num": 1,
  "summary_bg_k": 58.42625852704782,
  "summary_bg_mad": 9.001953125,
  "summary_bg_mean": 286.30596923828125,
  "summary_bg_median": 6.414516925811768,
  "summary_bg_n": 147202.0,
  "summary_bg_p05": 0.11545551642775535,
  "summary_bg_p95": 1380.401293945308,
  "summary_bg_stdv": 1314.5240478515625,
  "summary_fg_k": 2.8568505545628735,
  "summary_fg_mad": 4036.604736328125,
  "summary_fg_mean": 25615.677734375,
  "summary_fg_median": 25625.052734375,
  "summary_fg_n": 42871.0,
  "summary_fg_p05": 18631.7421875,
  "summary_fg_p95": 32539.0419921875,
  "summary_fg_stdv": 4713.341796875,
  "tsnr": 42.91327667236328
}