{
  "aor": 0.0012571666666666666,
  "aqi": 0.00442178575,
  "bids_meta": {
    "AcquisitionNumber": 4,
    "BidsifyVersion": "0.3.5",
    "ConversionSoftware": "dcm2niix",
    "ConversionSoftwareVersion": "v1.0.20181125  GCC6.3.0",
    "EchoTime": 0.02763,
    "FlipAngle": 76.1,
    "ImageComments": "PIOP2",
    "ImageOrientationPatientDICOM": [
      0.999902,
      -0.00240264,
      -0.0138246,
      -0.00139613,
      0.963308,
      -0.268396
    ],
    "Manufacturer": "Philips",
    "NumberOfVolumesDiscardedByScanner": 2,
    "ParallelAcquisitionTechnique": "SENSE",
    "ParallelReductionFactorInPlane": 2,
    "PatientPosition": "HFS",
    "PhaseEncodingDirection": "j",
    "PhilipsRescaleIntercept": 0,
    "PhilipsRescaleSlope": 0.77827,
    "PhilipsScaleSlope": 0.0595251,
    "ProtocolName": "WIPtask-rest_boldSENSE",
    "PulseSequenceType": "gradient echo EPI",
    "ReconMatrixPE": 80,
    "RepetitionTime": 2,
    "SeriesDescription": "ImageMRSERIES",
    "SeriesNumber": 4,
    "SliceEncodingDirection": "k",
    "TaskName": "restingstate",
    "UsePhilipsFloatNotDisplayScaling": 1,
    "WaterFatShift": 12,
    "acq_id": "seq",
    "dataset": "unknown",
    "modality": "bold",
    "subject_id": "0126",
    "task_id": "restingstate"
  },
  "dummy_trs": 0,
  "dvars_nstd": 21.0158276814226,
  "dvars_std": 1.1995770021338907,
  "dvars_vstd": 1.002281978953975,
  "efc": 0.3973170183714218,
  "fber": 402300256.0,
  "fd_mean": 0.14755495121070686,
  "fd_num": 42,
  "fd_perc": 17.5,
  "fwhm_avg": 2.582272031242676,
  "fwhm_x": 2.6483633333333336,
  "fwhm_y": 2.8062133333333334,
  "fwhm_z": 2.2922394270613617,
  "gcor": 0.070447,
  "gsr_x": 0.003715226659551263,
  "gsr_y": 0.0010615619830787182,
  "provenance": {
    "md5sum": "bf01cdbfb1eba4002ba067082c0056ce",
    "settings": {
      "fd_thres": 0.2,
      "hmc_fsl": false
    },
    "software": "mriqc",
    "version": "0.15.0",
    "webapi_port": null,
    "webapi_url": "https://mriqc.nimh.nih.gov/api/v1"
  },
  "size_t": 240,
  "size_x": 80,
  "size_y": 80,
  "size_z": 36,
  "snr": 4.742566488070502,
  "spacing_tr": 2.0,
  "spacing_x": 3.0,
  "spacing_y": 3.0,
  "spacing_z": 3.299999952316284,
  "spikes_num": 0,
  "summary_bg_k": 72.77899074229889,
  "summary_bg_mad": 1.535101294517517,
  "summary_bg_mean": 191.40122985839844,
  "summary_bg_median": 1.0461987257003784,
  "summary_bg_n": 149973.0,
  "summary_bg_p05": 0.0025648143608123066,
  "summary_bg_p95": 858.1864624023406,
  "summary_bg_stdv": 1035.3978271484375,
  "summary_fg_k": 2.5463343769532196,
  "summary_fg_mad": 3960.579345703125,
  "summary_fg_mean": 22652.701171875,
  "summary_fg_median": 22688.42578125,
  "summary_fg_n": 39606.0,
  "summary_fg_p05": 15165.776611328125,
  "summary_fg_p95": 29839.48095703125,
  "summary_fg_stdv": 4783.93701171875,
  "tsnr": 71.59329223632812
}