{
  "aor": 0.0014487892376681616,
  "aqi": 0.006239399775784753,
  "bids_meta": {
    "AcquisitionNumber": 7,
    "BidsifyVersion": "0.3.5",
    "ConversionSoftware": "dcm2niix",
    "ConversionSoftwareVersion": "v1.0.20181125  GCC6.3.0",
    "EchoTime": 0.02763,
    "FlipAngle": 76.1,
    "ImageComments": "PIOP2",
    "ImageOrientationPatientDICOM": [
      0.999902,
      -0.00240264,
      -0.0138246,
      -0.00139613,
      0.963308,
      -0.268396
    ],
    "Manufacturer": "Philips",
    "NumberOfVolumesDiscardedByScanner": 2,
    "ParallelAcquisitionTechnique": "SENSE",
    "ParallelReductionFactorInPlane": 2,
    "PatientPosition": "HFS",
    "PhaseEncodingDirection": "j",
    "PhilipsRescaleIntercept": 0,
    "PhilipsRescaleSlope": 0.82247,
    "PhilipsScaleSlope": 0.0558708,
    "ProtocolName": "WIPtask-stop_boldSENSE",
    "PulseSequenceType": "gradient echo EPI",
    "ReconMatrixPE": 80,
    "RepetitionTime": 2,
    "SeriesDescription": "ImageMRSERIES",
    "SeriesNumber": 7,
    "SliceEncodingDirection": "k",
    "TaskName": "stopsignal",
    "UsePhilipsFloatNotDisplayScaling": 1,
    "WaterFatShift": 12,
    "acq_id": "seq",
    "dataset": "unknown",
    "modality": "bold",
    "subject_id": "0126",
    "task_id": "stopsignal"
  },
  "dummy_trs": 0,
  "dvars_nstd": 24.790811714909907,
  "dvars_std": 1.224778893783783,
  "dvars_vstd": 1.000719830990991,
  "efc": 0.3986683355015454,
  "fber": 336514720.0,
  "fd_mean": 0.17573637766419284,
  "fd_num": 65,
  "fd_perc": 29.14798206278027,
  "fwhm_avg": 2.5824993039719484,
  "fwhm_x": 2.65104,
  "fwhm_y": 2.803803333333333,
  "fwhm_z": 2.292654578582512,
  "gcor": 0.0701717,
  "gsr_x": 0.003344380296766758,
  "gsr_y": 0.0009438680135644972,
  "provenance": {
    "md5sum": "6bea6d6ee71611759c06bdaf2d5a7dd6",
    "settings": {
      "fd_thres": 0.2,
      "hmc_fsl": false
    },
    "software": "mriqc",
    "version": "0.15.0",
    "webapi_port": null,
    "webapi_url": "https://mriqc.nimh.nih.gov/api/v1"
  },
  "size_t": 223,
  "size_x": 80,
  "size_y": 80,
  "size_z": 36,
  "snr": 4.737170468188933,
  "spacing_tr": 2.0,
  "spacing_x": 3.0,
  "spacing_y": 3.0,
  "spacing_z": 3.299999952316284,
  "spikes_num": 1,
  "summary_bg_k": 71.0953506639187,
  "summary_bg_mad": 1.677917718887329,
  "summary_bg_mean": 203.73495483398438,
  "summary_bg_median": 1.1503608226776123,
  "summary_bg_n": 149796.0,
  "summary_bg_p05": 0.007973429514095187,
  "summary_bg_p95": 904.3018035888672,
  "summary_bg_stdv": 1077.0216064453125,
  "summary_fg_k": 2.3726357186631732,
  "summary_fg_mad": 4030.75244140625,
  "summary_fg_mean": 22844.375,
  "summary_fg_median": 22828.83203125,
  "summary_fg_n": 39735.0,
  "summary_fg_p05": 15346.163671875001,
  "summary_fg_p95": 30170.446484374996,
  "summary_fg_stdv": 4819.025390625,
  "tsnr": 60.81562042236328
}