{
  "bids_meta": {
    "AcquisitionNumber": 2,
    "BidsifyVersion": "0.3.5",
    "ConversionSoftware": "dcm2niix",
    "ConversionSoftwareVersion": "v1.0.20181125  GCC6.3.0",
    "EchoTime": 0.00384,
    "ImageComments": "PIOP2",
    "ImageOrientationPatientDICOM": [
      0.999074,
      -0.0410665,
      -0.0128347,
      0.042747,
      0.981298,
      0.18769
    ],
    "Manufacturer": "Philips",
    "PatientPosition": "HFS",
    "PhilipsRescaleIntercept": 0,
    "PhilipsRescaleSlope": 8.98242,
    "PhilipsScaleSlope": 0.00731418,
    "ProtocolName": "WIPT1anat_acq-6m_T1wSENSE",
    "ReconMatrixPE": 240,
    "RepetitionTime": 0.008323,
    "SeriesDescription": "ImageMRSERIES",
    "SeriesNumber": 2,
    "UsePhilipsFloatNotDisplayScaling": 1,
    "acq_id": "6m",
    "dataset": "unknown",
    "modality": "T1w",
    "subject_id": "0153"
  },
  "cjv": 0.29162996318580703,
  "cnr": 4.0715486966688745,
  "efc": 0.7601957939325903,
  "fber": 1770.3876953125,
  "fwhm_avg": 4.4604398165198385,
  "fwhm_x": 4.13755,
  "fwhm_y": 4.62634,
  "fwhm_z": 4.617429449559515,
  "icvs_csf": 0.2558389368963044,
  "icvs_gm": 0.38383427991815966,
  "icvs_wm": 0.36032678318553596,
  "inu_med": 1.5304713249206543,
  "inu_range": 0.28651922941207886,
  "provenance": {
    "md5sum": "6250dbefe2ae189682a042c52aba104f",
    "settings": {
      "testing": false
    },
    "software": "mriqc",
    "version": "0.15.0",
    "warnings": {
      "large_rot_frame": true,
      "small_air_mask": true
    },
    "webapi_port": null,
    "webapi_url": "https://mriqc.nimh.nih.gov/api/v1"
  },
  "qi_1": 0.0,
  "qi_2": 8.704959022216212e-05,
  "rpve_csf": 23.733919776669868,
  "rpve_gm": 15.15449012502793,
  "rpve_wm": 21.52296421527191,
  "size_x": 240,
  "size_y": 240,
  "size_z": 220,
  "snr_csf": 2.4986447378424423,
  "snr_gm": 8.52464293780302,
  "snr_total": 12.449594545484068,
  "snr_wm": 26.32549596080674,
  "snrd_csf": 21.9040788077325,
  "snrd_gm": 54.56736464588851,
  "snrd_total": 53.41774430639705,
  "snrd_wm": 83.78178946557013,
  "spacing_x": 1.0,
  "spacing_y": 1.0,
  "spacing_z": 1.0000001192092896,
  "summary_bg_k": 14.128705211528992,
  "summary_bg_mad": 7.819513320922852,
  "summary_bg_mean": 8.76619815826416,
  "summary_bg_median": 5.437267780303955,
  "summary_bg_n": 140568.0,
  "summary_bg_p05": 0.0,
  "summary_bg_p95": 21.636082839965816,
  "summary_bg_stdv": 7.393144130706787,
  "summary_csf_k": -0.17746758125513207,
  "summary_csf_mad": 119.88594818115234,
  "summary_csf_mean": 258.52423095703125,
  "summary_csf_median": 261.4405822753906,
  "summary_csf_n": 15082.0,
  "summary_csf_p05": 101.1927619934082,
  "summary_csf_p95": 423.29004974365233,
  "summary_csf_stdv": 104.62948608398438,
  "summary_gm_k": 0.5684622465771549,
  "summary_gm_mad": 67.58273315429688,
  "summary_gm_mean": 658.0274658203125,
  "summary_gm_median": 651.2998657226562,
  "summary_gm_n": 18049.0,
  "summary_gm_p05": 545.1026733398437,
  "summary_gm_p95": 803.2732421875,
  "summary_gm_stdv": 76.39989471435547,
  "summary_wm_k": 0.9466009118516938,
  "summary_wm_mad": 34.10708999633789,
  "summary_wm_mean": 997.4625244140625,
  "summary_wm_median": 999.9945678710938,
  "summary_wm_n": 216393.0,
  "summary_wm_p05": 929.9310302734375,
  "summary_wm_p95": 1055.14169921875,
  "summary_wm_stdv": 37.985694885253906,
  "tpm_overlap_csf": 0.22240902483463287,
  "tpm_overlap_gm": 0.49322599172592163,
  "tpm_overlap_wm": 0.5815074443817139,
  "wm2max": 0.7853779507651455
}