{
  "aor": 0.0008899090909090909,
  "aqi": 0.004560608363636364,
  "bids_meta": {
    "AcquisitionNumber": 7,
    "BidsifyVersion": "0.3.5",
    "ConversionSoftware": "dcm2niix",
    "ConversionSoftwareVersion": "v1.0.20181125  GCC6.3.0",
    "EchoTime": 0.02763,
    "FlipAngle": 76.1,
    "ImageComments": "PIOP2",
    "ImageOrientationPatientDICOM": [
      0.999306,
      -0.0244549,
      -0.0281129,
      0.0265168,
      0.996795,
      0.0754778
    ],
    "Manufacturer": "Philips",
    "NumberOfVolumesDiscardedByScanner": 2,
    "ParallelAcquisitionTechnique": "SENSE",
    "ParallelReductionFactorInPlane": 2,
    "PatientPosition": "HFS",
    "PhaseEncodingDirection": "j",
    "PhilipsRescaleIntercept": 0,
    "PhilipsRescaleSlope": 0.82076,
    "PhilipsScaleSlope": 0.0587045,
    "ProtocolName": "WIPtask-stop_boldSENSE",
    "PulseSequenceType": "gradient echo EPI",
    "ReconMatrixPE": 80,
    "RepetitionTime": 2,
    "SeriesDescription": "ImageMRSERIES",
    "SeriesNumber": 7,
    "SliceEncodingDirection": "k",
    "TaskName": "stopsignal",
    "UsePhilipsFloatNotDisplayScaling": 1,
    "WaterFatShift": 12,
    "acq_id": "seq",
    "dataset": "unknown",
    "modality": "bold",
    "subject_id": "0004",
    "task_id": "stopsignal"
  },
  "dummy_trs": 0,
  "dvars_nstd": 23.732639896301368,
  "dvars_std": 1.2428548635159817,
  "dvars_vstd": 1.159971112465754,
  "efc": 0.35912423627393597,
  "fber": 1247478656.0,
  "fd_mean": 0.22419290747019252,
  "fd_num": 104,
  "fd_perc": 47.27272727272727,
  "fwhm_avg": 2.712689911150706,
  "fwhm_x": 2.5726033333333334,
  "fwhm_y": 3.0406633333333333,
  "fwhm_z": 2.5248030667854517,
  "gcor": 0.024545,
  "gsr_x": -0.004729932174086571,
  "gsr_y": -2.042136293312069e-05,
  "provenance": {
    "md5sum": "fcf3ab9844e06a97b5505f3ab7ffc2c2",
    "settings": {
      "fd_thres": 0.2,
      "hmc_fsl": false
    },
    "software": "mriqc",
    "version": "0.15.0",
    "webapi_port": null,
    "webapi_url": "https://mriqc.nimh.nih.gov/api/v1"
  },
  "size_t": 220,
  "size_x": 80,
  "size_y": 80,
  "size_z": 36,
  "snr": 4.640647120796446,
  "spacing_tr": 2.0,
  "spacing_x": 3.0,
  "spacing_y": 3.0,
  "spacing_z": 3.299999952316284,
  "spikes_num": 0,
  "summary_bg_k": 130.2953338161993,
  "summary_bg_mad": 0.917807936668396,
  "summary_bg_mean": 135.6061553955078,
  "summary_bg_median": 0.6265806555747986,
  "summary_bg_n": 158487.0,
  "summary_bg_p05": 0.0035182067193090917,
  "summary_bg_p95": 300.3578460693059,
  "summary_bg_stdv": 830.33740234375,
  "summary_fg_k": 2.1356113600814215,
  "summary_fg_mad": 4341.34912109375,
  "summary_fg_mean": 23817.13671875,
  "summary_fg_median": 23838.361328125,
  "summary_fg_n": 33237.0,
  "summary_fg_p05": 15462.8408203125,
  "summary_fg_p95": 31616.739453124996,
  "summary_fg_stdv": 5136.7841796875,
  "tsnr": 74.67578125
}