{
  "aor": 0.003058592592592593,
  "aqi": 0.0033188666666666665,
  "bids_meta": {
    "AcquisitionNumber": 8,
    "BidsifyVersion": "0.3.5",
    "ConversionSoftware": "dcm2niix",
    "ConversionSoftwareVersion": "v1.0.20181125  GCC6.3.0",
    "EchoTime": 0.02763,
    "FlipAngle": 76.1,
    "ImageComments": "PIOP2",
    "ImageOrientationPatientDICOM": [
      0.997917,
      0.0378819,
      -0.0522079,
      -0.0446171,
      0.989901,
      -0.134555
    ],
    "Manufacturer": "Philips",
    "NumberOfVolumesDiscardedByScanner": 2,
    "ParallelAcquisitionTechnique": "SENSE",
    "ParallelReductionFactorInPlane": 2,
    "PatientPosition": "HFS",
    "PhaseEncodingDirection": "j",
    "PhilipsRescaleIntercept": 0,
    "PhilipsRescaleSlope": 0.75311,
    "PhilipsScaleSlope": 0.048686,
    "ProtocolName": "WIPtask-harriri_boldSENSE",
    "PulseSequenceType": "gradient echo EPI",
    "ReconMatrixPE": 80,
    "RepetitionTime": 2,
    "SeriesDescription": "ImageMRSERIES",
    "SeriesNumber": 8,
    "SliceEncodingDirection": "k",
    "TaskName": "emomatching",
    "UsePhilipsFloatNotDisplayScaling": 1,
    "WaterFatShift": 12,
    "acq_id": "seq",
    "dataset": "unknown",
    "modality": "bold",
    "subject_id": "0091",
    "task_id": "emomatching"
  },
  "dummy_trs": 0,
  "dvars_nstd": 19.131051127462676,
  "dvars_std": 1.3423742124626865,
  "dvars_vstd": 1.01314011119403,
  "efc": 0.3823440291224809,
  "fber": 1901328768.0,
  "fd_mean": 0.09315332361233761,
  "fd_num": 3,
  "fd_perc": 2.2222222222222223,
  "fwhm_avg": 2.5993877888412027,
  "fwhm_x": 2.58378,
  "fwhm_y": 2.9174166666666665,
  "fwhm_z": 2.2969666998569416,
  "gcor": 0.0204598,
  "gsr_x": -0.0076354858465492725,
  "gsr_y": 0.0011313215363770723,
  "provenance": {
    "md5sum": "ae6a827c7fdb3994e674a98841be4008",
    "settings": {
      "fd_thres": 0.2,
      "hmc_fsl": false
    },
    "software": "mriqc",
    "version": "0.15.0",
    "webapi_port": null,
    "webapi_url": "https://mriqc.nimh.nih.gov/api/v1"
  },
  "size_t": 135,
  "size_x": 80,
  "size_y": 80,
  "size_z": 36,
  "snr": 4.9712511627050455,
  "spacing_tr": 2.0,
  "spacing_x": 3.0,
  "spacing_y": 3.0,
  "spacing_z": 3.299999952316284,
  "spikes_num": 0,
  "summary_bg_k": 93.81179582719186,
  "summary_bg_mad": 0.9799141883850098,
  "summary_bg_mean": 230.71461486816406,
  "summary_bg_median": 0.6685821413993835,
  "summary_bg_n": 154176.0,
  "summary_bg_p05": 0.0010881096823140979,
  "summary_bg_p95": 1075.7203979492188,
  "summary_bg_stdv": 1308.9429931640625,
  "summary_fg_k": 2.4695489357840428,
  "summary_fg_mad": 4926.89306640625,
  "summary_fg_mean": 30519.779296875,
  "summary_fg_median": 30582.822265625,
  "summary_fg_n": 36567.0,
  "summary_fg_p05": 20372.5904296875,
  "summary_fg_p95": 39780.53906249999,
  "summary_fg_stdv": 6151.8525390625,
  "tsnr": 87.8895034790039
}