{
  "aor": 0.0014236666666666666,
  "aqi": 0.008059920791666666,
  "bids_meta": {
    "AcquisitionNumber": 4,
    "BidsifyVersion": "0.3.5",
    "ConversionSoftware": "dcm2niix",
    "ConversionSoftwareVersion": "v1.0.20181125  GCC6.3.0",
    "EchoTime": 0.02763,
    "FlipAngle": 76.1,
    "ImageComments": "PIOP2",
    "ImageOrientationPatientDICOM": [
      0.999035,
      0.0335483,
      -0.0283468,
      -0.033316,
      0.999408,
      0.00862896
    ],
    "Manufacturer": "Philips",
    "NumberOfVolumesDiscardedByScanner": 2,
    "ParallelAcquisitionTechnique": "SENSE",
    "ParallelReductionFactorInPlane": 2,
    "PatientPosition": "HFS",
    "PhaseEncodingDirection": "j",
    "PhilipsRescaleIntercept": 0,
    "PhilipsRescaleSlope": 0.75629,
    "PhilipsScaleSlope": 0.059601,
    "ProtocolName": "WIPtask-rest_boldSENSE",
    "PulseSequenceType": "gradient echo EPI",
    "ReconMatrixPE": 80,
    "RepetitionTime": 2,
    "SeriesDescription": "ImageMRSERIES",
    "SeriesNumber": 4,
    "SliceEncodingDirection": "k",
    "TaskName": "restingstate",
    "UsePhilipsFloatNotDisplayScaling": 1,
    "WaterFatShift": 12,
    "acq_id": "seq",
    "dataset": "unknown",
    "modality": "bold",
    "subject_id": "0125",
    "task_id": "restingstate"
  },
  "dummy_trs": 0,
  "dvars_nstd": 23.383301503096245,
  "dvars_std": 1.2917806042259423,
  "dvars_vstd": 0.9585805514225944,
  "efc": 0.4086392887673117,
  "fber": 385558560.0,
  "fd_mean": 0.12560910328900485,
  "fd_num": 29,
  "fd_perc": 12.083333333333334,
  "fwhm_avg": 2.5415697087954627,
  "fwhm_x": 2.289146666666667,
  "fwhm_y": 2.8803199999999998,
  "fwhm_z": 2.4552424597197224,
  "gcor": 0.0173986,
  "gsr_x": -0.004254514817148447,
  "gsr_y": 0.004135916009545326,
  "provenance": {
    "md5sum": "8e469accc4116929fab05a1aa42709b8",
    "settings": {
      "fd_thres": 0.2,
      "hmc_fsl": false
    },
    "software": "mriqc",
    "version": "0.15.0",
    "webapi_port": null,
    "webapi_url": "https://mriqc.nimh.nih.gov/api/v1"
  },
  "size_t": 240,
  "size_x": 80,
  "size_y": 80,
  "size_z": 36,
  "snr": 5.189271011749573,
  "spacing_tr": 2.0,
  "spacing_x": 3.0,
  "spacing_y": 3.0,
  "spacing_z": 3.299999952316284,
  "spikes_num": 0,
  "summary_bg_k": 115.01412806629675,
  "summary_bg_mad": 1.665576696395874,
  "summary_bg_mean": 155.54013061523438,
  "summary_bg_median": 1.123414397239685,
  "summary_bg_n": 149075.0,
  "summary_bg_p05": 0.0,
  "summary_bg_p95": 703.4666198730429,
  "summary_bg_stdv": 907.5377807617188,
  "summary_fg_k": 2.603601685026576,
  "summary_fg_mad": 3704.591552734375,
  "summary_fg_mean": 24524.28515625,
  "summary_fg_median": 24196.591796875,
  "summary_fg_n": 42011.0,
  "summary_fg_p05": 17853.49609375,
  "summary_fg_p95": 32170.8994140625,
  "summary_fg_stdv": 4662.755859375,
  "tsnr": 67.04720306396484
}