{
  "aor": 0.0010533333333333334,
  "aqi": 0.005730144041666666,
  "bids_meta": {
    "AcquisitionNumber": 4,
    "BidsifyVersion": "0.3.5",
    "ConversionSoftware": "dcm2niix",
    "ConversionSoftwareVersion": "v1.0.20181125  GCC6.3.0",
    "EchoTime": 0.02763,
    "EffectiveEchoSpacing": 0.0006909035636805814,
    "FlipAngle": 76.1,
    "ImageComments": "PIOP2",
    "ImageOrientationPatientDICOM": [
      0.99998,
      0.00606779,
      0.00156414,
      -0.00610861,
      0.999601,
      0.0275637
    ],
    "Manufacturer": "Philips",
    "NumberOfVolumesDiscardedByScanner": 2,
    "ParallelAcquisitionTechnique": "SENSE",
    "ParallelReductionFactorInPlane": 2,
    "PatientPosition": "HFS",
    "PhaseEncodingDirection": "j",
    "PhilipsRescaleIntercept": 0,
    "PhilipsRescaleSlope": 0.75165,
    "PhilipsScaleSlope": 0.0585777,
    "ProtocolName": "WIPtask-rest_boldSENSE",
    "PulseSequenceType": "gradient echo EPI",
    "ReconMatrixPE": 80,
    "RepetitionTime": 2,
    "SeriesDescription": "ImageMRSERIES",
    "SeriesNumber": 4,
    "SliceEncodingDirection": "k",
    "SliceTiming": [
      0.0,
      0.0556,
      0.1111,
      0.1667,
      0.2222,
      0.2778,
      0.3333,
      0.3889,
      0.4444,
      0.5,
      0.5556,
      0.6111,
      0.6667,
      0.7222,
      0.7778,
      0.8333,
      0.8889,
      0.9444,
      1.0,
      1.0556,
      1.1111,
      1.1667,
      1.2222,
      1.2778,
      1.3333,
      1.3889,
      1.4444,
      1.5,
      1.5556,
      1.6111,
      1.6667,
      1.7222,
      1.7778,
      1.8333,
      1.8889,
      1.9444
    ],
    "TaskName": "restingstate",
    "TotalReadoutTime": 0.026945238983542674,
    "UsePhilipsFloatNotDisplayScaling": 1,
    "WaterFatShift": 12,
    "acq_id": "seq",
    "dataset": "unknown",
    "modality": "bold",
    "subject_id": "0172",
    "task_id": "restingstate"
  },
  "dummy_trs": 0,
  "dvars_nstd": 21.354730745899566,
  "dvars_std": 1.1862729903347284,
  "dvars_vstd": 0.9807814014225944,
  "efc": 0.390528508600217,
  "fber": 3708383488.0,
  "fd_mean": 0.2021145944952566,
  "fd_num": 109,
  "fd_perc": 45.416666666666664,
  "fwhm_avg": 2.6105098094316257,
  "fwhm_x": 2.5300866666666666,
  "fwhm_y": 2.9238366666666664,
  "fwhm_z": 2.377606094961543,
  "gcor": 0.0835147,
  "gsr_x": -0.004742325749248266,
  "gsr_y": 0.003631045576184988,
  "provenance": {
    "md5sum": "6ccdf91b9056e6255f61c75d22960944",
    "settings": {
      "fd_thres": 0.2,
      "hmc_fsl": false
    },
    "software": "mriqc",
    "version": "0.15.0",
    "webapi_port": null,
    "webapi_url": "https://mriqc.nimh.nih.gov/api/v1"
  },
  "size_t": 240,
  "size_x": 80,
  "size_y": 80,
  "size_z": 36,
  "snr": 5.539319175660448,
  "spacing_tr": 2.0,
  "spacing_x": 3.0,
  "spacing_y": 3.0,
  "spacing_z": 3.299999952316284,
  "spikes_num": 3,
  "summary_bg_k": 205.89385571598268,
  "summary_bg_mad": 0.5767804384231567,
  "summary_bg_mean": 176.34814453125,
  "summary_bg_median": 0.39462679624557495,
  "summary_bg_n": 152704.0,
  "summary_bg_p05": 0.0020643584080971777,
  "summary_bg_p95": 770.5436309814478,
  "summary_bg_stdv": 1030.19189453125,
  "summary_fg_k": 2.6357122118010086,
  "summary_fg_mad": 3981.555908203125,
  "summary_fg_mean": 25851.58984375,
  "summary_fg_median": 25721.80859375,
  "summary_fg_n": 38160.0,
  "summary_fg_p05": 19016.692285156252,
  "summary_fg_p95": 33046.1748046875,
  "summary_fg_stdv": 4643.435546875,
  "tsnr": 75.43783569335938
}