{
  "bids_meta": {
    "AcquisitionNumber": 2,
    "BidsifyVersion": "0.3.5",
    "ConversionSoftware": "dcm2niix",
    "ConversionSoftwareVersion": "v1.0.20181125  GCC6.3.0",
    "EchoTime": 0.00373,
    "ImageComments": "PIOP2",
    "ImageOrientationPatientDICOM": [
      0.999796,
      0.0065539,
      -0.0191063,
      -0.00628199,
      0.999879,
      0.014257
    ],
    "Manufacturer": "Philips",
    "PatientPosition": "HFS",
    "PhilipsRescaleIntercept": 0,
    "PhilipsRescaleSlope": 9.29402,
    "PhilipsScaleSlope": 0.00739055,
    "ProtocolName": "WIPT1anat_acq-6m_T1wSENSE",
    "ReconMatrixPE": 240,
    "RepetitionTime": 0.008163,
    "SeriesDescription": "ImageMRSERIES",
    "SeriesNumber": 2,
    "UsePhilipsFloatNotDisplayScaling": 1,
    "acq_id": "6m",
    "dataset": "unknown",
    "modality": "T1w",
    "subject_id": "0216"
  },
  "cjv": 0.26715436512968893,
  "cnr": 4.420461410146036,
  "efc": 0.7658554707758471,
  "fber": 1302.9715576171875,
  "fwhm_avg": 4.4604196368655,
  "fwhm_x": 4.24268,
  "fwhm_y": 4.499419463627402,
  "fwhm_z": 4.639159446969098,
  "icvs_csf": 0.2571494877668284,
  "icvs_gm": 0.39491298898099464,
  "icvs_wm": 0.347937523252177,
  "inu_med": 1.3899903297424316,
  "inu_range": 0.3804125189781189,
  "provenance": {
    "md5sum": "a081f75acf4e2862970ee73ec81f69ee",
    "settings": {
      "testing": false
    },
    "software": "mriqc",
    "version": "0.15.0",
    "warnings": {
      "large_rot_frame": true,
      "small_air_mask": true
    },
    "webapi_port": null,
    "webapi_url": "https://mriqc.nimh.nih.gov/api/v1"
  },
  "qi_1": 0.0,
  "qi_2": 0.0001033353074177459,
  "rpve_csf": 24.61397712285735,
  "rpve_gm": 15.448983479375196,
  "rpve_wm": 22.42029026765332,
  "size_x": 240,
  "size_y": 240,
  "size_z": 220,
  "snr_csf": 2.4376243335469217,
  "snr_gm": 9.359510490022735,
  "snr_total": 12.512521653626107,
  "snr_wm": 25.740430137308664,
  "snrd_csf": 18.029504652265214,
  "snrd_gm": 45.52267618459494,
  "snrd_total": 44.62943625914912,
  "snrd_wm": 70.33612794058719,
  "spacing_x": 1.0,
  "spacing_y": 1.0000001192092896,
  "spacing_z": 1.0000001192092896,
  "summary_bg_k": 12.825095494896342,
  "summary_bg_mad": 9.314384460449219,
  "summary_bg_mean": 11.822439193725586,
  "summary_bg_median": 12.693987846374512,
  "summary_bg_n": 206957.0,
  "summary_bg_p05": 0.0,
  "summary_bg_p95": 25.854023361206053,
  "summary_bg_stdv": 8.85024642944336,
  "summary_csf_k": -0.8369902004960901,
  "summary_csf_mad": 126.88642120361328,
  "summary_csf_mean": 266.2081604003906,
  "summary_csf_median": 256.3340148925781,
  "summary_csf_n": 21417.0,
  "summary_csf_p05": 113.6671142578125,
  "summary_csf_p95": 437.5445739746094,
  "summary_csf_stdv": 105.15485382080078,
  "summary_gm_k": 0.7618727775472962,
  "summary_gm_mad": 61.518402099609375,
  "summary_gm_mean": 652.5974731445312,
  "summary_gm_median": 647.2174682617188,
  "summary_gm_n": 19680.0,
  "summary_gm_p05": 548.6886627197265,
  "summary_gm_p95": 778.9158477783203,
  "summary_gm_stdv": 69.1490249633789,
  "summary_wm_k": 1.8331405459844596,
  "summary_wm_mad": 32.72954559326172,
  "summary_wm_mean": 997.4528198242188,
  "summary_wm_median": 1000.0020751953125,
  "summary_wm_n": 184946.0,
  "summary_wm_p05": 928.8727111816406,
  "summary_wm_p95": 1055.0171508789062,
  "summary_wm_stdv": 38.849365234375,
  "tpm_overlap_csf": 0.22629313170909882,
  "tpm_overlap_gm": 0.49932771921157837,
  "tpm_overlap_wm": 0.5768668055534363,
  "wm2max": 0.7607571233213071
}