{
    "Manufacturer": "Philips",
    "PatientPosition": "HFS",
    "SeriesDescription": "ImageMRSERIES",
    "ProtocolName": "WIPtask-wm_boldSENSE",
    "SeriesNumber": 3,
    "AcquisitionNumber": 3,
    "ImageComments": "PIOP2",
    "PhilipsRescaleSlope": 0.75849,
    "PhilipsRescaleIntercept": 0,
    "PhilipsScaleSlope": 0.0535367,
    "UsePhilipsFloatNotDisplayScaling": 1,
    "EchoTime": 0.02763,
    "RepetitionTime": 2,
    "ReconMatrixPE": 80,
    "ImageOrientationPatientDICOM": [
        0.999544,
        -0.0294724,
        0.00650504,
        0.029142,
        0.998512,
        0.0460952
    ],
    "ConversionSoftware": "dcm2niix",
    "ConversionSoftwareVersion": "v1.0.20181125  GCC6.3.0",
    "BidsifyVersion": "0.3.5",
    "SliceEncodingDirection": "k",
    "PhaseEncodingDirection": "j",
    "PulseSequenceType": "gradient echo EPI",
    "ParallelAcquisitionTechnique": "SENSE",
    "ParallelReductionFactorInPlane": 2,
    "FlipAngle": 76.1,
    "WaterFatShift": 12,
    "NumberOfVolumesDiscardedByScanner": 2,
    "TaskName": "workingmemory"
}