{
    "Manufacturer": "Philips",
    "PatientPosition": "HFS",
    "SeriesDescription": "ImageMRSERIES",
    "ProtocolName": "WIPT1anat_acq-6m_T1wSENSE",
    "SeriesNumber": 2,
    "AcquisitionNumber": 2,
    "ImageComments": "PIOP2",
    "PhilipsRescaleSlope": 9.3475,
    "PhilipsRescaleIntercept": 0,
    "PhilipsScaleSlope": 0.0072096,
    "UsePhilipsFloatNotDisplayScaling": 1,
    "EchoTime": 0.00376,
    "RepetitionTime": 0.008213,
    "ReconMatrixPE": 240,
    "ImageOrientationPatientDICOM": [
        0.998707,
        0.0154839,
        -0.0484159,
        -0.0195249,
        0.996263,
        -0.0841389
    ],
    "ConversionSoftware": "dcm2niix",
    "ConversionSoftwareVersion": "v1.0.20181125  GCC6.3.0",
    "BidsifyVersion": "0.3.5"
}