{
  "bids_meta": {
    "AcquisitionNumber": 2,
    "BidsifyVersion": "0.3.5",
    "ConversionSoftware": "dcm2niix",
    "ConversionSoftwareVersion": "v1.0.20181125  GCC6.3.0",
    "EchoTime": 0.00373,
    "ImageComments": "PIOP2",
    "ImageOrientationPatientDICOM": [
      0.999433,
      0.0110034,
      -0.0318157,
      -0.0111642,
      0.999926,
      -0.00488089
    ],
    "Manufacturer": "Philips",
    "NumberSignalAcquisitions": 2,
    "PatientPosition": "HFS",
    "PhilipsRescaleIntercept": 0,
    "PhilipsRescaleSlope": 9.89866,
    "PhilipsScaleSlope": 0.00749492,
    "ProtocolName": "WIPT1anat_acq-6m_T1wSENSE",
    "ReconMatrixPE": 240,
    "RepetitionTime": 0.008172,
    "SeriesDescription": "ImageMRSERIES",
    "SeriesNumber": 2,
    "UsePhilipsFloatNotDisplayScaling": 1,
    "dataset": "unknown",
    "modality": "T1w",
    "subject_id": "0202"
  },
  "cjv": 0.3064235919175831,
  "cnr": 3.876259049357307,
  "efc": 0.7736032912256482,
  "fber": 923.0272827148438,
  "fwhm_avg": 4.581203519513618,
  "fwhm_x": 4.37285,
  "fwhm_y": 4.5600302717989845,
  "fwhm_z": 4.810730286741871,
  "icvs_csf": 0.2487146063360808,
  "icvs_gm": 0.398789163515158,
  "icvs_wm": 0.35249623014876125,
  "inu_med": 0.5801442861557007,
  "inu_range": 0.21410261392593388,
  "provenance": {
    "md5sum": "c1588661aceaade1edd673500f863c80",
    "settings": {
      "testing": false
    },
    "software": "mriqc",
    "version": "0.15.0",
    "warnings": {
      "large_rot_frame": true,
      "small_air_mask": true
    },
    "webapi_port": null,
    "webapi_url": "https://mriqc.nimh.nih.gov/api/v1"
  },
  "qi_1": 0.0,
  "qi_2": 0.00015822954612989165,
  "rpve_csf": 26.923378337268144,
  "rpve_gm": 16.317950967566734,
  "rpve_wm": 23.50659407680127,
  "size_x": 240,
  "size_y": 240,
  "size_z": 220,
  "snr_csf": 2.633810768382281,
  "snr_gm": 8.31412972673565,
  "snr_total": 11.87812749634521,
  "snr_wm": 24.6864419939177,
  "snrd_csf": 18.417972696566235,
  "snrd_gm": 38.100364882511286,
  "snrd_total": 38.230453064175094,
  "snrd_wm": 58.173021613447766,
  "spacing_x": 1.0,
  "spacing_y": 0.9999999403953552,
  "spacing_z": 0.9999999403953552,
  "summary_bg_k": 39.85627778457108,
  "summary_bg_mad": 11.261847496032715,
  "summary_bg_mean": 11.039484024047852,
  "summary_bg_median": 8.103938102722168,
  "summary_bg_n": 131851.0,
  "summary_bg_p05": 0.0,
  "summary_bg_p95": 24.141429901123047,
  "summary_bg_stdv": 8.818072319030762,
  "summary_csf_k": -0.8034794403342711,
  "summary_csf_mad": 142.75225830078125,
  "summary_csf_mean": 306.3415832519531,
  "summary_csf_median": 316.6064453125,
  "summary_csf_n": 14280.0,
  "summary_csf_p05": 112.26241950988769,
  "summary_csf_p95": 479.7705169677734,
  "summary_csf_stdv": 120.20429229736328,
  "summary_gm_k": 0.4945486956341929,
  "summary_gm_mad": 70.92012786865234,
  "summary_gm_mean": 664.6075439453125,
  "summary_gm_median": 654.9483642578125,
  "summary_gm_n": 21796.0,
  "summary_gm_p05": 551.2658996582031,
  "summary_gm_p95": 813.4917602539062,
  "summary_gm_stdv": 78.77352905273438,
  "summary_wm_k": 1.4820470992194572,
  "summary_wm_mad": 34.81151580810547,
  "summary_wm_mean": 996.628173828125,
  "summary_wm_median": 999.9989624023438,
  "summary_wm_n": 181794.0,
  "summary_wm_p05": 923.5374084472655,
  "summary_wm_p95": 1055.7379638671875,
  "summary_wm_stdv": 40.507911682128906,
  "tpm_overlap_csf": 0.21243181824684143,
  "tpm_overlap_gm": 0.5012093186378479,
  "tpm_overlap_wm": 0.5830175280570984,
  "wm2max": 0.7528767302204801
}