{
  "aor": 0.0008692307692307692,
  "aqi": 0.004513084796380091,
  "bids_meta": {
    "AcquisitionNumber": 7,
    "BidsifyVersion": "0.3.5",
    "ConversionSoftware": "dcm2niix",
    "ConversionSoftwareVersion": "v1.0.20181125  GCC6.3.0",
    "EchoTime": 0.02763,
    "FlipAngle": 76.1,
    "ImageComments": "PIOP2",
    "ImageOrientationPatientDICOM": [
      0.996291,
      0.0859888,
      0.00320444,
      -0.0859378,
      0.992431,
      0.0877265
    ],
    "Manufacturer": "Philips",
    "NumberOfVolumesDiscardedByScanner": 2,
    "ParallelAcquisitionTechnique": "SENSE",
    "ParallelReductionFactorInPlane": 2,
    "PatientPosition": "HFS",
    "PhaseEncodingDirection": "j",
    "PhilipsRescaleIntercept": 0,
    "PhilipsRescaleSlope": 0.8127,
    "PhilipsScaleSlope": 0.0588872,
    "ProtocolName": "WIPtask-stop_boldSENSE",
    "PulseSequenceType": "gradient echo EPI",
    "ReconMatrixPE": 80,
    "RepetitionTime": 2,
    "SeriesDescription": "ImageMRSERIES",
    "SeriesNumber": 7,
    "SliceEncodingDirection": "k",
    "TaskName": "stopsignal",
    "UsePhilipsFloatNotDisplayScaling": 1,
    "WaterFatShift": 12,
    "acq_id": "seq",
    "dataset": "unknown",
    "modality": "bold",
    "subject_id": "0217",
    "task_id": "stopsignal"
  },
  "dummy_trs": 0,
  "dvars_nstd": 18.32218081818183,
  "dvars_std": 1.2197640009545454,
  "dvars_vstd": 8.161627307136364,
  "efc": 0.416251646811721,
  "fber": 1083170176.0,
  "fd_mean": 0.08164977717643356,
  "fd_num": 4,
  "fd_perc": 1.8099547511312217,
  "fwhm_avg": 2.565730516570465,
  "fwhm_x": 2.4646433333333335,
  "fwhm_y": 2.8407966666666664,
  "fwhm_z": 2.3917515497113944,
  "gcor": 0.0131968,
  "gsr_x": 0.0020022166427224874,
  "gsr_y": -0.000974596943706274,
  "provenance": {
    "md5sum": "5fa7f647126d177b743dc86b436ac44a",
    "settings": {
      "fd_thres": 0.2,
      "hmc_fsl": false
    },
    "software": "mriqc",
    "version": "0.15.0",
    "webapi_port": null,
    "webapi_url": "https://mriqc.nimh.nih.gov/api/v1"
  },
  "size_t": 221,
  "size_x": 80,
  "size_y": 80,
  "size_z": 36,
  "snr": 5.213872607953426,
  "spacing_tr": 2.0,
  "spacing_x": 3.0,
  "spacing_y": 3.0,
  "spacing_z": 3.299999952316284,
  "spikes_num": 0,
  "summary_bg_k": 76.09066004033694,
  "summary_bg_mad": 0.9947989583015442,
  "summary_bg_mean": 231.07237243652344,
  "summary_bg_median": 0.6790353655815125,
  "summary_bg_n": 147917.0,
  "summary_bg_p05": 0.0028252142015844587,
  "summary_bg_p95": 1145.7982421874979,
  "summary_bg_stdv": 1247.539306640625,
  "summary_fg_k": 2.56719767415397,
  "summary_fg_mad": 3967.33203125,
  "summary_fg_mean": 24236.27734375,
  "summary_fg_median": 24253.2734375,
  "summary_fg_n": 42456.0,
  "summary_fg_p05": 17182.7021484375,
  "summary_fg_p95": 31153.84716796875,
  "summary_fg_stdv": 4651.62646484375,
  "tsnr": 82.22197723388672
}