{
  "aor": 0.0012225925925925924,
  "aqi": 0.008014015629629629,
  "bids_meta": {
    "AcquisitionNumber": 8,
    "BidsifyVersion": "0.3.5",
    "ConversionSoftware": "dcm2niix",
    "ConversionSoftwareVersion": "v1.0.20181125  GCC6.3.0",
    "EchoTime": 0.02763,
    "FlipAngle": 76.1,
    "ImageComments": "PIOP2",
    "ImageOrientationPatientDICOM": [
      0.999674,
      0.0224482,
      -0.0122034,
      -0.023384,
      0.996284,
      -0.0828934
    ],
    "Manufacturer": "Philips",
    "NumberOfVolumesDiscardedByScanner": 2,
    "ParallelAcquisitionTechnique": "SENSE",
    "ParallelReductionFactorInPlane": 2,
    "PatientPosition": "HFS",
    "PhaseEncodingDirection": "j",
    "PhilipsRescaleIntercept": 0,
    "PhilipsRescaleSlope": 0.79878,
    "PhilipsScaleSlope": 0.0597815,
    "ProtocolName": "WIPtask-harriri_boldSENSE",
    "PulseSequenceType": "gradient echo EPI",
    "ReconMatrixPE": 80,
    "RepetitionTime": 2,
    "SeriesDescription": "ImageMRSERIES",
    "SeriesNumber": 8,
    "SliceEncodingDirection": "k",
    "TaskName": "emomatching",
    "UsePhilipsFloatNotDisplayScaling": 1,
    "WaterFatShift": 12,
    "acq_id": "seq",
    "dataset": "unknown",
    "modality": "bold",
    "subject_id": "0033",
    "task_id": "emomatching"
  },
  "dummy_trs": 0,
  "dvars_nstd": 19.99977574410448,
  "dvars_std": 1.1625316358955218,
  "dvars_vstd": 1.0306163431343287,
  "efc": 0.39585538795751607,
  "fber": 437122240.0,
  "fd_mean": 0.13580948824329378,
  "fd_num": 19,
  "fd_perc": 14.074074074074074,
  "fwhm_avg": 2.627959708480301,
  "fwhm_x": 2.5391233333333334,
  "fwhm_y": 2.9549466666666664,
  "fwhm_z": 2.389809125440903,
  "gcor": 0.0324932,
  "gsr_x": -0.008475678972899914,
  "gsr_y": 0.003479075850918889,
  "provenance": {
    "md5sum": "0ccc7acb19a91e552b1e77194d96aa83",
    "settings": {
      "fd_thres": 0.2,
      "hmc_fsl": false
    },
    "software": "mriqc",
    "version": "0.15.0",
    "webapi_port": null,
    "webapi_url": "https://mriqc.nimh.nih.gov/api/v1"
  },
  "size_t": 135,
  "size_x": 80,
  "size_y": 80,
  "size_z": 36,
  "snr": 5.236534189054875,
  "spacing_tr": 2.0,
  "spacing_x": 3.0,
  "spacing_y": 3.0,
  "spacing_z": 3.299999952316284,
  "spikes_num": 0,
  "summary_bg_k": 82.37541172776771,
  "summary_bg_mad": 1.6241099834442139,
  "summary_bg_mean": 202.0551300048828,
  "summary_bg_median": 1.1104062795639038,
  "summary_bg_n": 151789.0,
  "summary_bg_p05": 0.0040595694445073605,
  "summary_bg_p95": 1014.4880249023508,
  "summary_bg_stdv": 1064.939697265625,
  "summary_fg_k": 3.7732503904595767,
  "summary_fg_mad": 3946.5205078125,
  "summary_fg_mean": 24813.943359375,
  "summary_fg_median": 24831.208984375,
  "summary_fg_n": 38714.0,
  "summary_fg_p05": 17682.73525390625,
  "summary_fg_p95": 31687.88349609375,
  "summary_fg_stdv": 4741.85546875,
  "tsnr": 65.74793243408203
}