{
  "aor": 0.0035563703703703703,
  "aqi": 0.003203313185185185,
  "bids_meta": {
    "AcquisitionNumber": 8,
    "BidsifyVersion": "0.3.5",
    "ConversionSoftware": "dcm2niix",
    "ConversionSoftwareVersion": "v1.0.20181125  GCC6.3.0",
    "EchoTime": 0.02763,
    "EffectiveEchoSpacing": 0.0006909035636805814,
    "FlipAngle": 76.1,
    "ImageComments": "PIOP2",
    "ImageOrientationPatientDICOM": [
      0.999785,
      -0.0136789,
      0.0155912,
      0.0129134,
      0.998755,
      0.0481835
    ],
    "Manufacturer": "Philips",
    "NumberOfVolumesDiscardedByScanner": 2,
    "ParallelAcquisitionTechnique": "SENSE",
    "ParallelReductionFactorInPlane": 2,
    "PatientPosition": "HFS",
    "PhaseEncodingDirection": "j",
    "PhilipsRescaleIntercept": 0,
    "PhilipsRescaleSlope": 0.74872,
    "PhilipsScaleSlope": 0.0563138,
    "ProtocolName": "WIPtask-harriri_boldSENSE",
    "PulseSequenceType": "gradient echo EPI",
    "ReconMatrixPE": 80,
    "RepetitionTime": 2,
    "SeriesDescription": "ImageMRSERIES",
    "SeriesNumber": 8,
    "SliceEncodingDirection": "k",
    "SliceTiming": [
      0.0,
      0.0556,
      0.1111,
      0.1667,
      0.2222,
      0.2778,
      0.3333,
      0.3889,
      0.4444,
      0.5,
      0.5556,
      0.6111,
      0.6667,
      0.7222,
      0.7778,
      0.8333,
      0.8889,
      0.9444,
      1.0,
      1.0556,
      1.1111,
      1.1667,
      1.2222,
      1.2778,
      1.3333,
      1.3889,
      1.4444,
      1.5,
      1.5556,
      1.6111,
      1.6667,
      1.7222,
      1.7778,
      1.8333,
      1.8889,
      1.9444
    ],
    "TaskName": "emomatching",
    "TotalReadoutTime": 0.026945238983542674,
    "UsePhilipsFloatNotDisplayScaling": 1,
    "WaterFatShift": 12,
    "acq_id": "seq",
    "dataset": "unknown",
    "modality": "bold",
    "subject_id": "0100",
    "task_id": "emomatching"
  },
  "dummy_trs": 0,
  "dvars_nstd": 15.634678157388064,
  "dvars_std": 1.1126326611940296,
  "dvars_vstd": 1.0003133871641794,
  "efc": 0.3868407577672855,
  "fber": 775310144.0,
  "fd_mean": 0.14842824228202608,
  "fd_num": 27,
  "fd_perc": 20.0,
  "fwhm_avg": 2.572507183059241,
  "fwhm_x": 2.522346666666667,
  "fwhm_y": 2.8403566666666666,
  "fwhm_z": 2.354818215844389,
  "gcor": 0.0305155,
  "gsr_x": -0.0019286711467429996,
  "gsr_y": -0.00024634323199279606,
  "provenance": {
    "md5sum": "0a19576870c6f77746171ec6c644edea",
    "settings": {
      "fd_thres": 0.2,
      "hmc_fsl": false
    },
    "software": "mriqc",
    "version": "0.15.0",
    "webapi_port": null,
    "webapi_url": "https://mriqc.nimh.nih.gov/api/v1"
  },
  "size_t": 135,
  "size_x": 80,
  "size_y": 80,
  "size_z": 36,
  "snr": 4.6533796125119595,
  "spacing_tr": 2.0,
  "spacing_x": 3.0,
  "spacing_y": 3.0,
  "spacing_z": 3.299999952316284,
  "spikes_num": 2,
  "summary_bg_k": 104.4370662827431,
  "summary_bg_mad": 1.217617392539978,
  "summary_bg_mean": 168.97193908691406,
  "summary_bg_median": 0.8320550322532654,
  "summary_bg_n": 152539.0,
  "summary_bg_p05": 0.0026839578757062556,
  "summary_bg_p95": 800.0082763671907,
  "summary_bg_stdv": 956.6723022460938,
  "summary_fg_k": 2.366374550291522,
  "summary_fg_mad": 4387.26904296875,
  "summary_fg_mean": 25163.8125,
  "summary_fg_median": 25007.3046875,
  "summary_fg_n": 38012.0,
  "summary_fg_p05": 17035.3087890625,
  "summary_fg_p95": 33577.180273437494,
  "summary_fg_stdv": 5373.9384765625,
  "tsnr": 84.4234390258789
}