{
  "aor": 0.0005968949771689498,
  "aqi": 0.0026295988584474884,
  "bids_meta": {
    "AcquisitionNumber": 7,
    "BidsifyVersion": "0.3.5",
    "ConversionSoftware": "dcm2niix",
    "ConversionSoftwareVersion": "v1.0.20181125  GCC6.3.0",
    "EchoTime": 0.02763,
    "EffectiveEchoSpacing": 0.0006909035636805814,
    "FlipAngle": 76.1,
    "ImageComments": "PIOP2",
    "ImageOrientationPatientDICOM": [
      0.999005,
      -0.0363116,
      0.025874,
      0.0378541,
      0.997367,
      -0.0618552
    ],
    "Manufacturer": "Philips",
    "NumberOfVolumesDiscardedByScanner": 2,
    "ParallelAcquisitionTechnique": "SENSE",
    "ParallelReductionFactorInPlane": 2,
    "PatientPosition": "HFS",
    "PhaseEncodingDirection": "j",
    "PhilipsRescaleIntercept": 0,
    "PhilipsRescaleSlope": 0.77167,
    "PhilipsScaleSlope": 0.0538047,
    "ProtocolName": "WIPtask-stop_boldSENSE",
    "PulseSequenceType": "gradient echo EPI",
    "ReconMatrixPE": 80,
    "RepetitionTime": 2,
    "SeriesDescription": "ImageMRSERIES",
    "SeriesNumber": 7,
    "SliceEncodingDirection": "k",
    "SliceTiming": [
      0.0,
      0.0556,
      0.1111,
      0.1667,
      0.2222,
      0.2778,
      0.3333,
      0.3889,
      0.4444,
      0.5,
      0.5556,
      0.6111,
      0.6667,
      0.7222,
      0.7778,
      0.8333,
      0.8889,
      0.9444,
      1.0,
      1.0556,
      1.1111,
      1.1667,
      1.2222,
      1.2778,
      1.3333,
      1.3889,
      1.4444,
      1.5,
      1.5556,
      1.6111,
      1.6667,
      1.7222,
      1.7778,
      1.8333,
      1.8889,
      1.9444
    ],
    "TaskName": "stopsignal",
    "TotalReadoutTime": 0.026945238983542674,
    "UsePhilipsFloatNotDisplayScaling": 1,
    "WaterFatShift": 12,
    "acq_id": "seq",
    "dataset": "unknown",
    "modality": "bold",
    "subject_id": "0168",
    "task_id": "stopsignal"
  },
  "dummy_trs": 0,
  "dvars_nstd": 16.954361395183483,
  "dvars_std": 1.1784108647706422,
  "dvars_vstd": 0.9744122780275228,
  "efc": 0.39349881116442836,
  "fber": 4573799424.0,
  "fd_mean": 0.13542659659330944,
  "fd_num": 20,
  "fd_perc": 9.132420091324201,
  "fwhm_avg": 2.623137385467787,
  "fwhm_x": 2.5608033333333333,
  "fwhm_y": 2.8731633333333337,
  "fwhm_z": 2.4354454897366944,
  "gcor": 0.0234025,
  "gsr_x": -0.004528847523033619,
  "gsr_y": 0.0015113771660253406,
  "provenance": {
    "md5sum": "2dcd63c171164ed397bd0773382d7fe4",
    "settings": {
      "fd_thres": 0.2,
      "hmc_fsl": false
    },
    "software": "mriqc",
    "version": "0.15.0",
    "webapi_port": null,
    "webapi_url": "https://mriqc.nimh.nih.gov/api/v1"
  },
  "size_t": 219,
  "size_x": 80,
  "size_y": 80,
  "size_z": 36,
  "snr": 4.689858949618209,
  "spacing_tr": 2.0,
  "spacing_x": 3.0,
  "spacing_y": 3.0,
  "spacing_z": 3.299999952316284,
  "spikes_num": 0,
  "summary_bg_k": 135.0629837167009,
  "summary_bg_mad": 0.5092530250549316,
  "summary_bg_mean": 149.42794799804688,
  "summary_bg_median": 0.34387490153312683,
  "summary_bg_n": 150621.0,
  "summary_bg_p05": 0.0,
  "summary_bg_p95": 781.764892578125,
  "summary_bg_stdv": 893.1085205078125,
  "summary_fg_k": 2.0829541092866757,
  "summary_fg_mad": 4630.1611328125,
  "summary_fg_mean": 26176.240234375,
  "summary_fg_median": 26111.419921875,
  "summary_fg_n": 39535.0,
  "summary_fg_p05": 17362.1939453125,
  "summary_fg_p95": 34807.09374999999,
  "summary_fg_stdv": 5567.56396484375,
  "tsnr": 93.80677795410156
}