{
  "aor": 0.0009641481481481481,
  "aqi": 0.001948424888888889,
  "bids_meta": {
    "AcquisitionNumber": 8,
    "BidsifyVersion": "0.3.5",
    "ConversionSoftware": "dcm2niix",
    "ConversionSoftwareVersion": "v1.0.20181125  GCC6.3.0",
    "EchoTime": 0.02763,
    "EffectiveEchoSpacing": 0.0006909035636805814,
    "FlipAngle": 76.1,
    "ImageComments": "PIOP2",
    "ImageOrientationPatientDICOM": [
      0.999005,
      -0.0363116,
      0.025874,
      0.0378541,
      0.997367,
      -0.0618552
    ],
    "Manufacturer": "Philips",
    "NumberOfVolumesDiscardedByScanner": 2,
    "ParallelAcquisitionTechnique": "SENSE",
    "ParallelReductionFactorInPlane": 2,
    "PatientPosition": "HFS",
    "PhaseEncodingDirection": "j",
    "PhilipsRescaleIntercept": 0,
    "PhilipsRescaleSlope": 0.77656,
    "PhilipsScaleSlope": 0.054476,
    "ProtocolName": "WIPtask-harriri_boldSENSE",
    "PulseSequenceType": "gradient echo EPI",
    "ReconMatrixPE": 80,
    "RepetitionTime": 2,
    "SeriesDescription": "ImageMRSERIES",
    "SeriesNumber": 8,
    "SliceEncodingDirection": "k",
    "SliceTiming": [
      0.0,
      0.0556,
      0.1111,
      0.1667,
      0.2222,
      0.2778,
      0.3333,
      0.3889,
      0.4444,
      0.5,
      0.5556,
      0.6111,
      0.6667,
      0.7222,
      0.7778,
      0.8333,
      0.8889,
      0.9444,
      1.0,
      1.0556,
      1.1111,
      1.1667,
      1.2222,
      1.2778,
      1.3333,
      1.3889,
      1.4444,
      1.5,
      1.5556,
      1.6111,
      1.6667,
      1.7222,
      1.7778,
      1.8333,
      1.8889,
      1.9444
    ],
    "TaskName": "emomatching",
    "TotalReadoutTime": 0.026945238983542674,
    "UsePhilipsFloatNotDisplayScaling": 1,
    "WaterFatShift": 12,
    "acq_id": "seq",
    "dataset": "unknown",
    "modality": "bold",
    "subject_id": "0168",
    "task_id": "emomatching"
  },
  "dummy_trs": 0,
  "dvars_nstd": 18.27164983768657,
  "dvars_std": 1.2669619170149247,
  "dvars_vstd": 1.0047255244776117,
  "efc": 0.39341547891159373,
  "fber": 5837227008.0,
  "fd_mean": 0.16901710914177415,
  "fd_num": 41,
  "fd_perc": 30.37037037037037,
  "fwhm_avg": 2.630546072339072,
  "fwhm_x": 2.567483333333333,
  "fwhm_y": 2.88817,
  "fwhm_z": 2.435984883683882,
  "gcor": 0.0257153,
  "gsr_x": -0.004379773046821356,
  "gsr_y": 0.00187238201033324,
  "provenance": {
    "md5sum": "01c711f06d12a3821a7500c3afbf995c",
    "settings": {
      "fd_thres": 0.2,
      "hmc_fsl": false
    },
    "software": "mriqc",
    "version": "0.15.0",
    "webapi_port": null,
    "webapi_url": "https://mriqc.nimh.nih.gov/api/v1"
  },
  "size_t": 135,
  "size_x": 80,
  "size_y": 80,
  "size_z": 36,
  "snr": 4.652856858929117,
  "spacing_tr": 2.0,
  "spacing_x": 3.0,
  "spacing_y": 3.0,
  "spacing_z": 3.299999952316284,
  "spikes_num": 1,
  "summary_bg_k": 141.7361418551442,
  "summary_bg_mad": 0.4561724066734314,
  "summary_bg_mean": 150.6648712158203,
  "summary_bg_median": 0.3106544613838196,
  "summary_bg_n": 150644.0,
  "summary_bg_p05": 0.0010949841875117273,
  "summary_bg_p95": 766.0181671142583,
  "summary_bg_stdv": 916.466064453125,
  "summary_fg_k": 2.1202252269602937,
  "summary_fg_mad": 4643.55224609375,
  "summary_fg_mean": 26085.494140625,
  "summary_fg_median": 26027.51953125,
  "summary_fg_n": 39574.0,
  "summary_fg_p05": 17281.44833984375,
  "summary_fg_p95": 34728.5900390625,
  "summary_fg_stdv": 5593.80859375,
  "tsnr": 105.02439880371094
}