{
  "aor": 0.0009272083333333334,
  "aqi": 0.0029208117916666664,
  "bids_meta": {
    "AcquisitionNumber": 4,
    "BidsifyVersion": "0.3.5",
    "ConversionSoftware": "dcm2niix",
    "ConversionSoftwareVersion": "v1.0.20181125  GCC6.3.0",
    "EchoTime": 0.02763,
    "FlipAngle": 76.1,
    "ImageComments": "PIOP2",
    "ImageOrientationPatientDICOM": [
      0.999923,
      0.00560354,
      0.0111126,
      -0.00471206,
      0.996888,
      -0.0786863
    ],
    "Manufacturer": "Philips",
    "NumberOfVolumesDiscardedByScanner": 2,
    "ParallelAcquisitionTechnique": "SENSE",
    "ParallelReductionFactorInPlane": 2,
    "PatientPosition": "HFS",
    "PhaseEncodingDirection": "j",
    "PhilipsRescaleIntercept": 0,
    "PhilipsRescaleSlope": 0.76239,
    "PhilipsScaleSlope": 0.0553559,
    "ProtocolName": "WIPtask-rest_boldSENSE",
    "PulseSequenceType": "gradient echo EPI",
    "ReconMatrixPE": 80,
    "RepetitionTime": 2,
    "SeriesDescription": "ImageMRSERIES",
    "SeriesNumber": 4,
    "SliceEncodingDirection": "k",
    "TaskName": "restingstate",
    "UsePhilipsFloatNotDisplayScaling": 1,
    "WaterFatShift": 12,
    "acq_id": "seq",
    "dataset": "unknown",
    "modality": "bold",
    "subject_id": "0200",
    "task_id": "restingstate"
  },
  "dummy_trs": 0,
  "dvars_nstd": 16.45440813887029,
  "dvars_std": 1.1795829632217578,
  "dvars_vstd": 1.013160220251046,
  "efc": 0.4087733288813621,
  "fber": 3027395840.0,
  "fd_mean": 0.08253605276105244,
  "fd_num": 5,
  "fd_perc": 2.0833333333333335,
  "fwhm_avg": 2.5827326379503766,
  "fwhm_x": 2.5237166666666666,
  "fwhm_y": 2.797893333333333,
  "fwhm_z": 2.42658791385113,
  "gcor": 0.0133643,
  "gsr_x": -0.005596595350652933,
  "gsr_y": 0.003354031592607498,
  "provenance": {
    "md5sum": "e4ac556b0cb2057913cc54bd68d3ae7a",
    "settings": {
      "fd_thres": 0.2,
      "hmc_fsl": false
    },
    "software": "mriqc",
    "version": "0.15.0",
    "webapi_port": null,
    "webapi_url": "https://mriqc.nimh.nih.gov/api/v1"
  },
  "size_t": 240,
  "size_x": 80,
  "size_y": 80,
  "size_z": 36,
  "snr": 4.659487753087253,
  "spacing_tr": 2.0,
  "spacing_x": 3.0,
  "spacing_y": 3.0,
  "spacing_z": 3.299999952316284,
  "spikes_num": 0,
  "summary_bg_k": 161.10507079483065,
  "summary_bg_mad": 0.6134052276611328,
  "summary_bg_mean": 177.08560180664062,
  "summary_bg_median": 0.41486644744873047,
  "summary_bg_n": 148088.0,
  "summary_bg_p05": 0.0,
  "summary_bg_p95": 838.5998901367177,
  "summary_bg_stdv": 1042.1864013671875,
  "summary_fg_k": 1.9313924027275755,
  "summary_fg_mad": 4651.66748046875,
  "summary_fg_mean": 26010.71875,
  "summary_fg_median": 25785.578125,
  "summary_fg_n": 42262.0,
  "summary_fg_p05": 17554.8548828125,
  "summary_fg_p95": 34929.777539062496,
  "summary_fg_stdv": 5533.9287109375,
  "tsnr": 93.81575012207031
}