{
  "aor": 0.002624,
  "aqi": 0.002442835851851852,
  "bids_meta": {
    "AcquisitionNumber": 8,
    "BidsifyVersion": "0.3.5",
    "ConversionSoftware": "dcm2niix",
    "ConversionSoftwareVersion": "v1.0.20181125  GCC6.3.0",
    "EchoTime": 0.02763,
    "FlipAngle": 76.1,
    "ImageComments": "PIOP2",
    "ImageOrientationPatientDICOM": [
      0.999923,
      0.00560354,
      0.0111126,
      -0.00471206,
      0.996888,
      -0.0786863
    ],
    "Manufacturer": "Philips",
    "NumberOfVolumesDiscardedByScanner": 2,
    "ParallelAcquisitionTechnique": "SENSE",
    "ParallelReductionFactorInPlane": 2,
    "PatientPosition": "HFS",
    "PhaseEncodingDirection": "j",
    "PhilipsRescaleIntercept": 0,
    "PhilipsRescaleSlope": 0.78462,
    "PhilipsScaleSlope": 0.0546653,
    "ProtocolName": "WIPtask-harriri_boldSENSE",
    "PulseSequenceType": "gradient echo EPI",
    "ReconMatrixPE": 80,
    "RepetitionTime": 2,
    "SeriesDescription": "ImageMRSERIES",
    "SeriesNumber": 8,
    "SliceEncodingDirection": "k",
    "TaskName": "emomatching",
    "UsePhilipsFloatNotDisplayScaling": 1,
    "WaterFatShift": 12,
    "acq_id": "seq",
    "dataset": "unknown",
    "modality": "bold",
    "subject_id": "0200",
    "task_id": "emomatching"
  },
  "dummy_trs": 0,
  "dvars_nstd": 16.896774306194036,
  "dvars_std": 1.2300263728358212,
  "dvars_vstd": 1.0255468903731344,
  "efc": 0.40982653651382667,
  "fber": 3118123520.0,
  "fd_mean": 0.07609850852133418,
  "fd_num": 2,
  "fd_perc": 1.4814814814814814,
  "fwhm_avg": 2.5806122339434254,
  "fwhm_x": 2.51536,
  "fwhm_y": 2.7929433333333336,
  "fwhm_z": 2.4335333684969433,
  "gcor": 0.0348318,
  "gsr_x": -0.005778493359684944,
  "gsr_y": 0.0032954427879303694,
  "provenance": {
    "md5sum": "5e9c2ba2047f43fe4c3184bb928cf3b8",
    "settings": {
      "fd_thres": 0.2,
      "hmc_fsl": false
    },
    "software": "mriqc",
    "version": "0.15.0",
    "webapi_port": null,
    "webapi_url": "https://mriqc.nimh.nih.gov/api/v1"
  },
  "size_t": 135,
  "size_x": 80,
  "size_y": 80,
  "size_z": 36,
  "snr": 4.6207076534294504,
  "spacing_tr": 2.0,
  "spacing_x": 3.0,
  "spacing_y": 3.0,
  "spacing_z": 3.299999952316284,
  "spikes_num": 4,
  "summary_bg_k": 138.6914510469392,
  "summary_bg_mad": 0.6143467426300049,
  "summary_bg_mean": 184.39459228515625,
  "summary_bg_median": 0.4168279767036438,
  "summary_bg_n": 147983.0,
  "summary_bg_p05": 0.00104801143752411,
  "summary_bg_p95": 897.162738037102,
  "summary_bg_stdv": 1079.192138671875,
  "summary_fg_k": 1.9489977044002886,
  "summary_fg_mad": 4670.275390625,
  "summary_fg_mean": 25970.833984375,
  "summary_fg_median": 25708.8671875,
  "summary_fg_n": 42361.0,
  "summary_fg_p05": 17521.234375,
  "summary_fg_p95": 34907.03515625,
  "summary_fg_stdv": 5563.77197265625,
  "tsnr": 101.00950622558594
}