{
  "aor": 0.0039036283185840703,
  "aqi": 0.006844408230088496,
  "bids_meta": {
    "AcquisitionNumber": 7,
    "BidsifyVersion": "0.3.5",
    "ConversionSoftware": "dcm2niix",
    "ConversionSoftwareVersion": "v1.0.20181125  GCC6.3.0",
    "EchoTime": 0.02763,
    "EffectiveEchoSpacing": 0.0006909035636805814,
    "FlipAngle": 76.1,
    "ImageComments": "PIOP2",
    "ImageOrientationPatientDICOM": [
      0.998421,
      0.0511073,
      0.0233194,
      -0.0497043,
      0.997123,
      -0.057226
    ],
    "Manufacturer": "Philips",
    "NumberOfVolumesDiscardedByScanner": 2,
    "ParallelAcquisitionTechnique": "SENSE",
    "ParallelReductionFactorInPlane": 2,
    "PatientPosition": "HFS",
    "PhaseEncodingDirection": "j",
    "PhilipsRescaleIntercept": 0,
    "PhilipsRescaleSlope": 0.75849,
    "PhilipsScaleSlope": 0.0583639,
    "ProtocolName": "WIPtask-stop_boldSENSE",
    "PulseSequenceType": "gradient echo EPI",
    "ReconMatrixPE": 80,
    "RepetitionTime": 2,
    "SeriesDescription": "ImageMRSERIES",
    "SeriesNumber": 7,
    "SliceEncodingDirection": "k",
    "SliceTiming": [
      0.0,
      0.0556,
      0.1111,
      0.1667,
      0.2222,
      0.2778,
      0.3333,
      0.3889,
      0.4444,
      0.5,
      0.5556,
      0.6111,
      0.6667,
      0.7222,
      0.7778,
      0.8333,
      0.8889,
      0.9444,
      1.0,
      1.0556,
      1.1111,
      1.1667,
      1.2222,
      1.2778,
      1.3333,
      1.3889,
      1.4444,
      1.5,
      1.5556,
      1.6111,
      1.6667,
      1.7222,
      1.7778,
      1.8333,
      1.8889,
      1.9444
    ],
    "TaskName": "stopsignal",
    "TotalReadoutTime": 0.026945238983542674,
    "UsePhilipsFloatNotDisplayScaling": 1,
    "WaterFatShift": 12,
    "acq_id": "seq",
    "dataset": "unknown",
    "modality": "bold",
    "subject_id": "0048",
    "task_id": "stopsignal"
  },
  "dummy_trs": 0,
  "dvars_nstd": 20.86831748106669,
  "dvars_std": 1.2840666982666664,
  "dvars_vstd": 2049879.2524750389,
  "efc": 0.40681384695595896,
  "fber": 276330048.0,
  "fd_mean": 0.1415247798221756,
  "fd_num": 35,
  "fd_perc": 15.486725663716815,
  "fwhm_avg": 2.67178582756565,
  "fwhm_x": 2.59012,
  "fwhm_y": 3.0033766666666666,
  "fwhm_z": 2.421860816030284,
  "gcor": 0.0215471,
  "gsr_x": -0.003762738313525915,
  "gsr_y": 0.004129752051085234,
  "provenance": {
    "md5sum": "ee5f792bbb4cc5dddd4fd99371f551c6",
    "settings": {
      "fd_thres": 0.2,
      "hmc_fsl": false
    },
    "software": "mriqc",
    "version": "0.15.0",
    "webapi_port": null,
    "webapi_url": "https://mriqc.nimh.nih.gov/api/v1"
  },
  "size_t": 226,
  "size_x": 80,
  "size_y": 80,
  "size_z": 36,
  "snr": 5.397141198451642,
  "spacing_tr": 2.0,
  "spacing_x": 3.0,
  "spacing_y": 3.0,
  "spacing_z": 3.299999713897705,
  "spikes_num": 0,
  "summary_bg_k": 125.29761466978366,
  "summary_bg_mad": 2.00307559967041,
  "summary_bg_mean": 150.44366455078125,
  "summary_bg_median": 1.3510539531707764,
  "summary_bg_n": 148360.0,
  "summary_bg_p05": 0.0,
  "summary_bg_p95": 848.4377258300774,
  "summary_bg_stdv": 795.5817260742188,
  "summary_fg_k": 2.375943562098695,
  "summary_fg_mad": 4019.4765625,
  "summary_fg_mean": 25461.439453125,
  "summary_fg_median": 25360.650390625,
  "summary_fg_n": 41423.0,
  "summary_fg_p05": 18376.344921875,
  "summary_fg_p95": 32914.451953125004,
  "summary_fg_stdv": 4698.84765625,
  "tsnr": 70.06855010986328
}