{
  "bids_meta": {
    "AcquisitionNumber": 2,
    "BidsifyVersion": "0.3.5",
    "ConversionSoftware": "dcm2niix",
    "ConversionSoftwareVersion": "v1.0.20181125  GCC6.3.0",
    "EchoTime": 0.00374,
    "ImageComments": "PIOP2",
    "ImageOrientationPatientDICOM": [
      0.999994,
      -0.00317467,
      0.00113298,
      0.00314159,
      0.9996,
      0.0280998
    ],
    "Manufacturer": "Philips",
    "NumberSignalAcquisitions": 2,
    "PatientPosition": "HFS",
    "PhilipsRescaleIntercept": 0,
    "PhilipsRescaleSlope": 8.53309,
    "PhilipsScaleSlope": 0.00744608,
    "ProtocolName": "WIPT1anat_acq-6m_T1wSENSE",
    "ReconMatrixPE": 240,
    "RepetitionTime": 0.008166,
    "SeriesDescription": "ImageMRSERIES",
    "SeriesNumber": 2,
    "UsePhilipsFloatNotDisplayScaling": 1,
    "dataset": "unknown",
    "modality": "T1w",
    "subject_id": "0172"
  },
  "cjv": 0.27994455181564093,
  "cnr": 4.349814859436594,
  "efc": 0.7610749525283449,
  "fber": 1585.6932373046875,
  "fwhm_avg": 4.689236850373557,
  "fwhm_x": 4.340410258708612,
  "fwhm_y": 4.82144,
  "fwhm_z": 4.90586029241206,
  "icvs_csf": 0.2602507069906042,
  "icvs_gm": 0.38304698513458585,
  "icvs_wm": 0.35670230787481,
  "inu_med": 1.2739368677139282,
  "inu_range": 0.3227917909622191,
  "provenance": {
    "md5sum": "83af9f061979824134dfd42399b97e60",
    "settings": {
      "testing": false
    },
    "software": "mriqc",
    "version": "0.15.0",
    "warnings": {
      "large_rot_frame": true,
      "small_air_mask": true
    },
    "webapi_port": null,
    "webapi_url": "https://mriqc.nimh.nih.gov/api/v1"
  },
  "qi_1": 0.0,
  "qi_2": 0.00025311278269219334,
  "rpve_csf": 25.309396328844304,
  "rpve_gm": 16.318578360621476,
  "rpve_wm": 23.063774940815303,
  "size_x": 240,
  "size_y": 240,
  "size_z": 220,
  "snr_csf": 2.99586268134125,
  "snr_gm": 9.931863367263546,
  "snr_total": 14.336151114584704,
  "snr_wm": 30.080727295149316,
  "snrd_csf": 23.29308697276746,
  "snrd_gm": 49.98124651294278,
  "snrd_total": 49.25426224468692,
  "snrd_wm": 74.48845324835054,
  "spacing_x": 0.9999999403953552,
  "spacing_y": 1.0,
  "spacing_z": 0.9999999403953552,
  "summary_bg_k": 10.502482706295442,
  "summary_bg_mad": 8.795125007629395,
  "summary_bg_mean": 9.189605712890625,
  "summary_bg_median": 6.092426300048828,
  "summary_bg_n": 102677.0,
  "summary_bg_p05": 0.0,
  "summary_bg_p95": 23.803560256958004,
  "summary_bg_stdv": 7.190089702606201,
  "summary_csf_k": 0.17989116350415202,
  "summary_csf_mad": 109.857666015625,
  "summary_csf_mean": 299.72686767578125,
  "summary_csf_median": 312.7068176269531,
  "summary_csf_n": 16515.0,
  "summary_csf_p05": 117.83975524902344,
  "summary_csf_p95": 450.16761474609376,
  "summary_csf_stdv": 104.37639617919922,
  "summary_gm_k": 0.3402077037029816,
  "summary_gm_mad": 63.464046478271484,
  "summary_gm_mean": 675.4437866210938,
  "summary_gm_median": 670.9920654296875,
  "summary_gm_n": 22441.0,
  "summary_gm_p05": 571.8150634765625,
  "summary_gm_p95": 795.78076171875,
  "summary_gm_stdv": 67.55802917480469,
  "summary_wm_k": 1.8824481480908615,
  "summary_wm_mad": 28.639453887939453,
  "summary_wm_mean": 998.7255249023438,
  "summary_wm_median": 999.998291015625,
  "summary_wm_n": 197934.0,
  "summary_wm_p05": 942.6192932128906,
  "summary_wm_p95": 1050.1789123535154,
  "summary_wm_stdv": 33.243736267089844,
  "tpm_overlap_csf": 0.21410955488681793,
  "tpm_overlap_gm": 0.49765893816947937,
  "tpm_overlap_wm": 0.5826680660247803,
  "wm2max": 0.7403825082558011
}