{
  "aor": 0.0015095833333333335,
  "aqi": 0.005053654333333334,
  "bids_meta": {
    "AcquisitionNumber": 4,
    "BidsifyVersion": "0.3.5",
    "ConversionSoftware": "dcm2niix",
    "ConversionSoftwareVersion": "v1.0.20181125  GCC6.3.0",
    "EchoTime": 0.02763,
    "EffectiveEchoSpacing": 0.0006909035636805814,
    "FlipAngle": 76.1,
    "ImageComments": "PIOP2",
    "ImageOrientationPatientDICOM": [
      0.997086,
      0.0177221,
      -0.0742017,
      -0.00817932,
      0.991871,
      0.126985
    ],
    "Manufacturer": "Philips",
    "NumberOfVolumesDiscardedByScanner": 2,
    "ParallelAcquisitionTechnique": "SENSE",
    "ParallelReductionFactorInPlane": 2,
    "PatientPosition": "HFS",
    "PhaseEncodingDirection": "j",
    "PhilipsRescaleIntercept": 0,
    "PhilipsRescaleSlope": 0.81001,
    "PhilipsScaleSlope": 0.0502796,
    "ProtocolName": "WIPtask-rest_boldSENSE",
    "PulseSequenceType": "gradient echo EPI",
    "ReconMatrixPE": 80,
    "RepetitionTime": 2,
    "SeriesDescription": "ImageMRSERIES",
    "SeriesNumber": 4,
    "SliceEncodingDirection": "k",
    "SliceTiming": [
      0.0,
      0.0556,
      0.1111,
      0.1667,
      0.2222,
      0.2778,
      0.3333,
      0.3889,
      0.4444,
      0.5,
      0.5556,
      0.6111,
      0.6667,
      0.7222,
      0.7778,
      0.8333,
      0.8889,
      0.9444,
      1.0,
      1.0556,
      1.1111,
      1.1667,
      1.2222,
      1.2778,
      1.3333,
      1.3889,
      1.4444,
      1.5,
      1.5556,
      1.6111,
      1.6667,
      1.7222,
      1.7778,
      1.8333,
      1.8889,
      1.9444
    ],
    "TaskName": "restingstate",
    "TotalReadoutTime": 0.026945238983542674,
    "UsePhilipsFloatNotDisplayScaling": 1,
    "WaterFatShift": 12,
    "acq_id": "seq",
    "dataset": "unknown",
    "modality": "bold",
    "subject_id": "0114",
    "task_id": "restingstate"
  },
  "dummy_trs": 0,
  "dvars_nstd": 22.359404272803342,
  "dvars_std": 1.3143907688702925,
  "dvars_vstd": 1.0744997871548119,
  "efc": 0.4321170697026106,
  "fber": 609693504.0,
  "fd_mean": 0.12640226263134524,
  "fd_num": 28,
  "fd_perc": 11.666666666666666,
  "fwhm_avg": 2.4777098089812792,
  "fwhm_x": 2.4101733333333333,
  "fwhm_y": 2.73885,
  "fwhm_z": 2.284106093610505,
  "gcor": 0.0275491,
  "gsr_x": -0.003809235291555524,
  "gsr_y": 0.004614978097379208,
  "provenance": {
    "md5sum": "8a289b94a5160d87557fd620242fa593",
    "settings": {
      "fd_thres": 0.2,
      "hmc_fsl": false
    },
    "software": "mriqc",
    "version": "0.15.0",
    "webapi_port": null,
    "webapi_url": "https://mriqc.nimh.nih.gov/api/v1"
  },
  "size_t": 240,
  "size_x": 80,
  "size_y": 80,
  "size_z": 36,
  "snr": 5.232879203091339,
  "spacing_tr": 2.0,
  "spacing_x": 3.0,
  "spacing_y": 3.0,
  "spacing_z": 3.299999952316284,
  "spikes_num": 0,
  "summary_bg_k": 156.21198396633486,
  "summary_bg_mad": 1.5055066347122192,
  "summary_bg_mean": 182.9990997314453,
  "summary_bg_median": 1.0388544797897339,
  "summary_bg_n": 142675.0,
  "summary_bg_p05": 0.004134525312110783,
  "summary_bg_p95": 942.4720458984325,
  "summary_bg_stdv": 1031.6015625,
  "summary_fg_k": 2.3464795618942142,
  "summary_fg_mad": 4574.248046875,
  "summary_fg_mean": 27746.392578125,
  "summary_fg_median": 27672.857421875,
  "summary_fg_n": 46337.0,
  "summary_fg_p05": 19616.788671875,
  "summary_fg_p95": 35801.4890625,
  "summary_fg_stdv": 5288.208984375,
  "tsnr": 76.03121948242188
}