{
  "aor": 0.00086,
  "aqi": 0.0041134536244541485,
  "bids_meta": {
    "AcquisitionNumber": 7,
    "BidsifyVersion": "0.3.5",
    "ConversionSoftware": "dcm2niix",
    "ConversionSoftwareVersion": "v1.0.20181125  GCC6.3.0",
    "EchoTime": 0.02763,
    "EffectiveEchoSpacing": 0.0006909035636805814,
    "FlipAngle": 76.1,
    "ImageComments": "PIOP2",
    "ImageOrientationPatientDICOM": [
      0.996258,
      -0.000874009,
      0.0864233,
      0.0119983,
      0.991665,
      -0.128283
    ],
    "Manufacturer": "Philips",
    "NumberOfVolumesDiscardedByScanner": 2,
    "ParallelAcquisitionTechnique": "SENSE",
    "ParallelReductionFactorInPlane": 2,
    "PatientPosition": "HFS",
    "PhaseEncodingDirection": "j",
    "PhilipsRescaleIntercept": 0,
    "PhilipsRescaleSlope": 0.77729,
    "PhilipsScaleSlope": 0.0656594,
    "ProtocolName": "WIPtask-stop_boldSENSE",
    "PulseSequenceType": "gradient echo EPI",
    "ReconMatrixPE": 80,
    "RepetitionTime": 2,
    "SeriesDescription": "ImageMRSERIES",
    "SeriesNumber": 7,
    "SliceEncodingDirection": "k",
    "SliceTiming": [
      0.0,
      0.0556,
      0.1111,
      0.1667,
      0.2222,
      0.2778,
      0.3333,
      0.3889,
      0.4444,
      0.5,
      0.5556,
      0.6111,
      0.6667,
      0.7222,
      0.7778,
      0.8333,
      0.8889,
      0.9444,
      1.0,
      1.0556,
      1.1111,
      1.1667,
      1.2222,
      1.2778,
      1.3333,
      1.3889,
      1.4444,
      1.5,
      1.5556,
      1.6111,
      1.6667,
      1.7222,
      1.7778,
      1.8333,
      1.8889,
      1.9444
    ],
    "TaskName": "stopsignal",
    "TotalReadoutTime": 0.026945238983542674,
    "UsePhilipsFloatNotDisplayScaling": 1,
    "WaterFatShift": 12,
    "acq_id": "seq",
    "dataset": "unknown",
    "modality": "bold",
    "subject_id": "0113",
    "task_id": "stopsignal"
  },
  "dummy_trs": 0,
  "dvars_nstd": 18.194731683201756,
  "dvars_std": 1.1864337166228074,
  "dvars_vstd": 1.9364104710964913,
  "efc": 0.42171491425064905,
  "fber": 169211536.0,
  "fd_mean": 0.11586741216717993,
  "fd_num": 18,
  "fd_perc": 7.860262008733624,
  "fwhm_avg": 2.536559304228509,
  "fwhm_x": 2.4663066666666666,
  "fwhm_y": 2.79745,
  "fwhm_z": 2.345921246018861,
  "gcor": 0.0200519,
  "gsr_x": 0.001064059790223837,
  "gsr_y": -0.0003233445168007165,
  "provenance": {
    "md5sum": "56620ea766e98442cfb3b1aad4a2b1fe",
    "settings": {
      "fd_thres": 0.2,
      "hmc_fsl": false
    },
    "software": "mriqc",
    "version": "0.15.0",
    "webapi_port": null,
    "webapi_url": "https://mriqc.nimh.nih.gov/api/v1"
  },
  "size_t": 229,
  "size_x": 80,
  "size_y": 80,
  "size_z": 36,
  "snr": 5.143666696256273,
  "spacing_tr": 2.0,
  "spacing_x": 3.0,
  "spacing_y": 3.0,
  "spacing_z": 3.299999952316284,
  "spikes_num": 0,
  "summary_bg_k": 57.16183823814023,
  "summary_bg_mad": 2.4803483486175537,
  "summary_bg_mean": 249.07286071777344,
  "summary_bg_median": 1.6729695796966553,
  "summary_bg_n": 146926.0,
  "summary_bg_p05": 0.0,
  "summary_bg_p95": 937.0040130615234,
  "summary_bg_stdv": 1251.7567138671875,
  "summary_fg_k": 2.2475929661253913,
  "summary_fg_mad": 4037.609619140625,
  "summary_fg_mean": 23936.25,
  "summary_fg_median": 23928.0859375,
  "summary_fg_n": 43365.0,
  "summary_fg_p05": 16864.4390625,
  "summary_fg_p95": 30924.3640625,
  "summary_fg_stdv": 4651.8974609375,
  "tsnr": 82.56385803222656
}