{
  "aor": 0.002058,
  "aqi": 0.006102796999999999,
  "bids_meta": {
    "AcquisitionNumber": 3,
    "BidsifyVersion": "0.3.5",
    "ConversionSoftware": "dcm2niix",
    "ConversionSoftwareVersion": "v1.0.20181125  GCC6.3.0",
    "EchoTime": 0.02763,
    "EffectiveEchoSpacing": 0.0006909035636805814,
    "FlipAngle": 76.1,
    "ImageComments": "PIOP2",
    "ImageOrientationPatientDICOM": [
      0.996258,
      -0.000874009,
      0.0864233,
      0.0119983,
      0.991665,
      -0.128283
    ],
    "Manufacturer": "Philips",
    "NumberOfVolumesDiscardedByScanner": 2,
    "ParallelAcquisitionTechnique": "SENSE",
    "ParallelReductionFactorInPlane": 2,
    "PatientPosition": "HFS",
    "PhaseEncodingDirection": "j",
    "PhilipsRescaleIntercept": 0,
    "PhilipsRescaleSlope": 0.81807,
    "PhilipsScaleSlope": 0.0620314,
    "ProtocolName": "WIPtask-wm_boldSENSE",
    "PulseSequenceType": "gradient echo EPI",
    "ReconMatrixPE": 80,
    "RepetitionTime": 2,
    "SeriesDescription": "ImageMRSERIES",
    "SeriesNumber": 3,
    "SliceEncodingDirection": "k",
    "SliceTiming": [
      0.0,
      0.0556,
      0.1111,
      0.1667,
      0.2222,
      0.2778,
      0.3333,
      0.3889,
      0.4444,
      0.5,
      0.5556,
      0.6111,
      0.6667,
      0.7222,
      0.7778,
      0.8333,
      0.8889,
      0.9444,
      1.0,
      1.0556,
      1.1111,
      1.1667,
      1.2222,
      1.2778,
      1.3333,
      1.3889,
      1.4444,
      1.5,
      1.5556,
      1.6111,
      1.6667,
      1.7222,
      1.7778,
      1.8333,
      1.8889,
      1.9444
    ],
    "TaskName": "workingmemory",
    "TotalReadoutTime": 0.026945238983542674,
    "UsePhilipsFloatNotDisplayScaling": 1,
    "WaterFatShift": 12,
    "acq_id": "seq",
    "dataset": "unknown",
    "modality": "bold",
    "subject_id": "0113",
    "task_id": "workingmemory"
  },
  "dummy_trs": 0,
  "dvars_nstd": 16.75988203301887,
  "dvars_std": 1.116137847924528,
  "dvars_vstd": 1.0180535522641505,
  "efc": 0.42110633753123294,
  "fber": 219144560.0,
  "fd_mean": 0.10049846296781727,
  "fd_num": 2,
  "fd_perc": 1.25,
  "fwhm_avg": 2.5454784960669,
  "fwhm_x": 2.4836133333333335,
  "fwhm_y": 2.823676666666667,
  "fwhm_z": 2.3291454882007003,
  "gcor": 0.013262,
  "gsr_x": 0.001056092674843967,
  "gsr_y": -0.0006301618413999677,
  "provenance": {
    "md5sum": "8cb71ab598a4ff72ec867d795c7cc790",
    "settings": {
      "fd_thres": 0.2,
      "hmc_fsl": false
    },
    "software": "mriqc",
    "version": "0.15.0",
    "webapi_port": null,
    "webapi_url": "https://mriqc.nimh.nih.gov/api/v1"
  },
  "size_t": 160,
  "size_x": 80,
  "size_y": 80,
  "size_z": 36,
  "snr": 5.220251259637545,
  "spacing_tr": 2.0,
  "spacing_x": 3.0,
  "spacing_y": 3.0,
  "spacing_z": 3.299999952316284,
  "spikes_num": 0,
  "summary_bg_k": 61.68513788540122,
  "summary_bg_mad": 2.1627962589263916,
  "summary_bg_mean": 238.47158813476562,
  "summary_bg_median": 1.4893437623977661,
  "summary_bg_n": 146725.0,
  "summary_bg_p05": 0.0035889925435185436,
  "summary_bg_p95": 917.6675415039049,
  "summary_bg_stdv": 1249.5579833984375,
  "summary_fg_k": 2.476300057493236,
  "summary_fg_mad": 3968.7509765625,
  "summary_fg_mean": 23776.9453125,
  "summary_fg_median": 23812.712890625,
  "summary_fg_n": 43418.0,
  "summary_fg_p05": 16791.50263671875,
  "summary_fg_p95": 30602.348535156252,
  "summary_fg_stdv": 4561.55029296875,
  "tsnr": 74.44017028808594
}