{
  "bids_meta": {
    "AcquisitionNumber": 2,
    "BidsifyVersion": "0.3.5",
    "ConversionSoftware": "dcm2niix",
    "ConversionSoftwareVersion": "v1.0.20181125  GCC6.3.0",
    "EchoTime": 0.00375,
    "ImageComments": "PIOP2",
    "ImageOrientationPatientDICOM": [
      0.999754,
      0.0126306,
      -0.0182423,
      -0.0141346,
      0.996296,
      -0.0848197
    ],
    "Manufacturer": "Philips",
    "PatientPosition": "HFS",
    "PhilipsRescaleIntercept": 0,
    "PhilipsRescaleSlope": 8.40342,
    "PhilipsScaleSlope": 0.00726532,
    "ProtocolName": "WIPT1anat_acq-6m_T1wSENSE",
    "ReconMatrixPE": 240,
    "RepetitionTime": 0.00819,
    "SeriesDescription": "ImageMRSERIES",
    "SeriesNumber": 2,
    "UsePhilipsFloatNotDisplayScaling": 1,
    "acq_id": "6m",
    "dataset": "unknown",
    "modality": "T1w",
    "subject_id": "0150"
  },
  "cjv": 0.26154442026193875,
  "cnr": 4.6098334712180185,
  "efc": 0.7667373080947891,
  "fber": 1775.8272705078125,
  "fwhm_avg": 4.598103418340886,
  "fwhm_x": 4.27857025502266,
  "fwhm_y": 4.66046,
  "fwhm_z": 4.85528,
  "icvs_csf": 0.2387861246339067,
  "icvs_gm": 0.409755618600743,
  "icvs_wm": 0.3514582567653503,
  "inu_med": 2.5540013313293457,
  "inu_range": 0.6902524471282958,
  "provenance": {
    "md5sum": "e719c16c9458e678e23abb80ab2fd9df",
    "settings": {
      "testing": false
    },
    "software": "mriqc",
    "version": "0.15.0",
    "warnings": {
      "large_rot_frame": true,
      "small_air_mask": true
    },
    "webapi_port": null,
    "webapi_url": "https://mriqc.nimh.nih.gov/api/v1"
  },
  "qi_1": 0.0,
  "qi_2": 0.00014476261257559745,
  "rpve_csf": 30.120916676246313,
  "rpve_gm": 17.721748009794883,
  "rpve_wm": 25.7529121959888,
  "size_x": 240,
  "size_y": 240,
  "size_z": 220,
  "snr_csf": 2.3866055186319657,
  "snr_gm": 10.229153167499831,
  "snr_total": 12.477974783719423,
  "snr_wm": 24.81816566502647,
  "snrd_csf": 20.772895598064885,
  "snrd_gm": 47.618126571733136,
  "snrd_total": 47.20974793797555,
  "snrd_wm": 73.23822164412863,
  "spacing_x": 0.9999999403953552,
  "spacing_y": 1.0,
  "spacing_z": 1.0,
  "summary_bg_k": 7.696251603225809,
  "summary_bg_mad": 8.945260047912598,
  "summary_bg_mean": 11.86030101776123,
  "summary_bg_median": 12.180257797241211,
  "summary_bg_n": 103645.0,
  "summary_bg_p05": 0.0,
  "summary_bg_p95": 30.502881240844726,
  "summary_bg_stdv": 9.754646301269531,
  "summary_csf_k": -1.0377423190759323,
  "summary_csf_mad": 153.67739868164062,
  "summary_csf_mean": 279.3440246582031,
  "summary_csf_median": 283.6340026855469,
  "summary_csf_n": 13937.0,
  "summary_csf_p05": 99.17300262451172,
  "summary_csf_p95": 454.27114868164057,
  "summary_csf_stdv": 118.83984375,
  "summary_gm_k": 0.719165654212528,
  "summary_gm_mad": 58.2442626953125,
  "summary_gm_mean": 656.6810302734375,
  "summary_gm_median": 650.179931640625,
  "summary_gm_n": 23473.0,
  "summary_gm_p05": 565.918212890625,
  "summary_gm_p95": 774.5394165039062,
  "summary_gm_stdv": 63.56010818481445,
  "summary_wm_k": 1.7497046561856129,
  "summary_wm_mad": 33.24864959716797,
  "summary_wm_mean": 996.1343383789062,
  "summary_wm_median": 999.997802734375,
  "summary_wm_n": 168084.0,
  "summary_wm_p05": 922.2119873046875,
  "summary_wm_p95": 1054.0470642089845,
  "summary_wm_stdv": 40.2928581237793,
  "tpm_overlap_csf": 0.2408101111650467,
  "tpm_overlap_gm": 0.5201131105422974,
  "tpm_overlap_wm": 0.5934410095214844,
  "wm2max": 0.710814105638773
}