{
    "Manufacturer": "Philips",
    "PatientPosition": "HFS",
    "SeriesDescription": "ImageMRSERIES",
    "ProtocolName": "WIPT1anat_acq-6m_T1wSENSE",
    "SeriesNumber": 2,
    "AcquisitionNumber": 2,
    "ImageComments": "PIOP2",
    "PhilipsRescaleSlope": 8.96264,
    "PhilipsRescaleIntercept": 0,
    "PhilipsScaleSlope": 0.00718885,
    "UsePhilipsFloatNotDisplayScaling": 1,
    "EchoTime": 0.00379,
    "RepetitionTime": 0.008261,
    "ReconMatrixPE": 240,
    "ImageOrientationPatientDICOM": [
        0.999199,
        -0.0305312,
        -0.0258817,
        0.0336706,
        0.990795,
        0.131113
    ],
    "ConversionSoftware": "dcm2niix",
    "ConversionSoftwareVersion": "v1.0.20181125  GCC6.3.0",
    "BidsifyVersion": "0.3.5"
}