{
  "aor": 0.001000318181818182,
  "aqi": 0.002305346818181818,
  "bids_meta": {
    "AcquisitionNumber": 7,
    "BidsifyVersion": "0.3.5",
    "ConversionSoftware": "dcm2niix",
    "ConversionSoftwareVersion": "v1.0.20181125  GCC6.3.0",
    "EchoTime": 0.02763,
    "FlipAngle": 76.1,
    "ImageComments": "PIOP2",
    "ImageOrientationPatientDICOM": [
      0.993803,
      -0.110035,
      -0.0157467,
      0.11077,
      0.992157,
      0.0579185
    ],
    "Manufacturer": "Philips",
    "NumberOfVolumesDiscardedByScanner": 2,
    "ParallelAcquisitionTechnique": "SENSE",
    "ParallelReductionFactorInPlane": 2,
    "PatientPosition": "HFS",
    "PhaseEncodingDirection": "j",
    "PhilipsRescaleIntercept": 0,
    "PhilipsRescaleSlope": 0.82442,
    "PhilipsScaleSlope": 0.0556112,
    "ProtocolName": "WIPtask-stop_boldSENSE",
    "PulseSequenceType": "gradient echo EPI",
    "ReconMatrixPE": 80,
    "RepetitionTime": 2,
    "SeriesDescription": "ImageMRSERIES",
    "SeriesNumber": 7,
    "SliceEncodingDirection": "k",
    "TaskName": "stopsignal",
    "UsePhilipsFloatNotDisplayScaling": 1,
    "WaterFatShift": 12,
    "acq_id": "seq",
    "dataset": "unknown",
    "modality": "bold",
    "subject_id": "0087",
    "task_id": "stopsignal"
  },
  "dummy_trs": 0,
  "dvars_nstd": 19.556069914337893,
  "dvars_std": 1.2202722231963485,
  "dvars_vstd": 1.0035154058447497,
  "efc": 0.40781762369203123,
  "fber": 1570419584.0,
  "fd_mean": 0.1670470847893774,
  "fd_num": 67,
  "fd_perc": 30.454545454545453,
  "fwhm_avg": 2.6806479915732595,
  "fwhm_x": 2.590666666666667,
  "fwhm_y": 3.0065166666666667,
  "fwhm_z": 2.4447606413864458,
  "gcor": 0.0566439,
  "gsr_x": -0.006707737687975168,
  "gsr_y": 0.003978945314884186,
  "provenance": {
    "md5sum": "147e739490167ad1c01e2c5d5cdcfa58",
    "settings": {
      "fd_thres": 0.2,
      "hmc_fsl": false
    },
    "software": "mriqc",
    "version": "0.15.0",
    "webapi_port": null,
    "webapi_url": "https://mriqc.nimh.nih.gov/api/v1"
  },
  "size_t": 220,
  "size_x": 80,
  "size_y": 80,
  "size_z": 36,
  "snr": 4.581751178576429,
  "spacing_tr": 2.0,
  "spacing_x": 3.0,
  "spacing_y": 3.0,
  "spacing_z": 3.299999952316284,
  "spikes_num": 2,
  "summary_bg_k": 75.05455814406156,
  "summary_bg_mad": 0.8732343316078186,
  "summary_bg_mean": 307.78094482421875,
  "summary_bg_median": 0.5909315347671509,
  "summary_bg_n": 149383.0,
  "summary_bg_p05": 0.0011915185023099186,
  "summary_bg_p95": 1350.3969238281186,
  "summary_bg_stdv": 1651.947998046875,
  "summary_fg_k": 1.9162072237335952,
  "summary_fg_mad": 4786.130859375,
  "summary_fg_mean": 26788.822265625,
  "summary_fg_median": 26783.17578125,
  "summary_fg_n": 40578.0,
  "summary_fg_p05": 17223.0185546875,
  "summary_fg_p95": 36037.758593750004,
  "summary_fg_stdv": 5845.5478515625,
  "tsnr": 93.288818359375
}