{
  "aor": 0.0013276296296296296,
  "aqi": 0.0026101735555555555,
  "bids_meta": {
    "AcquisitionNumber": 8,
    "BidsifyVersion": "0.3.5",
    "ConversionSoftware": "dcm2niix",
    "ConversionSoftwareVersion": "v1.0.20181125  GCC6.3.0",
    "EchoTime": 0.02763,
    "FlipAngle": 76.1,
    "ImageComments": "PIOP2",
    "ImageOrientationPatientDICOM": [
      0.993803,
      -0.110035,
      -0.0157467,
      0.11077,
      0.992157,
      0.0579185
    ],
    "Manufacturer": "Philips",
    "NumberOfVolumesDiscardedByScanner": 2,
    "ParallelAcquisitionTechnique": "SENSE",
    "ParallelReductionFactorInPlane": 2,
    "PatientPosition": "HFS",
    "PhaseEncodingDirection": "j",
    "PhilipsRescaleIntercept": 0,
    "PhilipsRescaleSlope": 0.80757,
    "PhilipsScaleSlope": 0.0562921,
    "ProtocolName": "WIPtask-harriri_boldSENSE",
    "PulseSequenceType": "gradient echo EPI",
    "ReconMatrixPE": 80,
    "RepetitionTime": 2,
    "SeriesDescription": "ImageMRSERIES",
    "SeriesNumber": 8,
    "SliceEncodingDirection": "k",
    "TaskName": "emomatching",
    "UsePhilipsFloatNotDisplayScaling": 1,
    "WaterFatShift": 12,
    "acq_id": "seq",
    "dataset": "unknown",
    "modality": "bold",
    "subject_id": "0087",
    "task_id": "emomatching"
  },
  "dummy_trs": 0,
  "dvars_nstd": 19.80753645955224,
  "dvars_std": 1.238768167238806,
  "dvars_vstd": 1.0074039280597011,
  "efc": 0.4103279717653126,
  "fber": 974077760.0,
  "fd_mean": 0.14896136931390092,
  "fd_num": 29,
  "fd_perc": 21.48148148148148,
  "fwhm_avg": 2.6847812239616906,
  "fwhm_x": 2.593523333333333,
  "fwhm_y": 3.002523333333333,
  "fwhm_z": 2.4582970052184048,
  "gcor": 0.0770678,
  "gsr_x": -0.00676652230322361,
  "gsr_y": 0.001748596434481442,
  "provenance": {
    "md5sum": "50e4582a3be80816a12ac38c63b6ddec",
    "settings": {
      "fd_thres": 0.2,
      "hmc_fsl": false
    },
    "software": "mriqc",
    "version": "0.15.0",
    "webapi_port": null,
    "webapi_url": "https://mriqc.nimh.nih.gov/api/v1"
  },
  "size_t": 135,
  "size_x": 80,
  "size_y": 80,
  "size_z": 36,
  "snr": 4.539835825841714,
  "spacing_tr": 2.0,
  "spacing_x": 3.0,
  "spacing_y": 3.0,
  "spacing_z": 3.299999952316284,
  "spikes_num": 0,
  "summary_bg_k": 60.483593706878054,
  "summary_bg_mad": 1.166007399559021,
  "summary_bg_mean": 357.9355163574219,
  "summary_bg_median": 0.7942204475402832,
  "summary_bg_n": 149437.0,
  "summary_bg_p05": 0.0018729330273345114,
  "summary_bg_p95": 1806.326269531238,
  "summary_bg_stdv": 1790.4459228515625,
  "summary_fg_k": 1.8291274938900957,
  "summary_fg_mad": 4797.64453125,
  "summary_fg_mean": 26594.35546875,
  "summary_fg_median": 26578.734375,
  "summary_fg_n": 40566.0,
  "summary_fg_p05": 17060.60302734375,
  "summary_fg_p95": 35895.6240234375,
  "summary_fg_stdv": 5854.486328125,
  "tsnr": 87.6378173828125
}