{
  "aor": 0.0052868333333333335,
  "aqi": 0.004498233083333332,
  "bids_meta": {
    "AcquisitionNumber": 4,
    "BidsifyVersion": "0.3.5",
    "ConversionSoftware": "dcm2niix",
    "ConversionSoftwareVersion": "v1.0.20181125  GCC6.3.0",
    "EchoTime": 0.02763,
    "EffectiveEchoSpacing": 0.0006909035636805814,
    "FlipAngle": 76.1,
    "ImageComments": "PIOP2",
    "ImageOrientationPatientDICOM": [
      0.995404,
      0.0948282,
      0.0133829,
      -0.0930418,
      0.990685,
      -0.0994336
    ],
    "Manufacturer": "Philips",
    "NumberOfVolumesDiscardedByScanner": 2,
    "ParallelAcquisitionTechnique": "SENSE",
    "ParallelReductionFactorInPlane": 2,
    "PatientPosition": "HFS",
    "PhaseEncodingDirection": "j",
    "PhilipsRescaleIntercept": 0,
    "PhilipsRescaleSlope": 0.74261,
    "PhilipsScaleSlope": 0.0523231,
    "ProtocolName": "WIPtask-rest_boldSENSE",
    "PulseSequenceType": "gradient echo EPI",
    "ReconMatrixPE": 80,
    "RepetitionTime": 2,
    "SeriesDescription": "ImageMRSERIES",
    "SeriesNumber": 4,
    "SliceEncodingDirection": "k",
    "SliceTiming": [
      0.0,
      0.0556,
      0.1111,
      0.1667,
      0.2222,
      0.2778,
      0.3333,
      0.3889,
      0.4444,
      0.5,
      0.5556,
      0.6111,
      0.6667,
      0.7222,
      0.7778,
      0.8333,
      0.8889,
      0.9444,
      1.0,
      1.0556,
      1.1111,
      1.1667,
      1.2222,
      1.2778,
      1.3333,
      1.3889,
      1.4444,
      1.5,
      1.5556,
      1.6111,
      1.6667,
      1.7222,
      1.7778,
      1.8333,
      1.8889,
      1.9444
    ],
    "TaskName": "restingstate",
    "TotalReadoutTime": 0.026945238983542674,
    "UsePhilipsFloatNotDisplayScaling": 1,
    "WaterFatShift": 12,
    "acq_id": "seq",
    "dataset": "unknown",
    "modality": "bold",
    "subject_id": "0188",
    "task_id": "restingstate"
  },
  "dummy_trs": 0,
  "dvars_nstd": 18.579084938870288,
  "dvars_std": 1.221635121004184,
  "dvars_vstd": 1.0576935103347282,
  "efc": 0.41321667215806307,
  "fber": 207189696.0,
  "fd_mean": 0.15929313344858995,
  "fd_num": 54,
  "fd_perc": 22.5,
  "fwhm_avg": 2.648103648163787,
  "fwhm_x": 2.5737466666666666,
  "fwhm_y": 2.92064,
  "fwhm_z": 2.4499242778246946,
  "gcor": 0.0595536,
  "gsr_x": -0.0008449041051790118,
  "gsr_y": 0.0008099886472336948,
  "provenance": {
    "md5sum": "8cb48afc8aa4a56c1a4fb52c8d18b35b",
    "settings": {
      "fd_thres": 0.2,
      "hmc_fsl": false
    },
    "software": "mriqc",
    "version": "0.15.0",
    "webapi_port": null,
    "webapi_url": "https://mriqc.nimh.nih.gov/api/v1"
  },
  "size_t": 240,
  "size_x": 80,
  "size_y": 80,
  "size_z": 36,
  "snr": 4.375470688764029,
  "spacing_tr": 2.0,
  "spacing_x": 3.0,
  "spacing_y": 3.0,
  "spacing_z": 3.299999952316284,
  "spikes_num": 9,
  "summary_bg_k": 59.20949085686355,
  "summary_bg_mad": 2.362170457839966,
  "summary_bg_mean": 246.74444580078125,
  "summary_bg_median": 1.5932596921920776,
  "summary_bg_n": 147725.0,
  "summary_bg_p05": 0.0,
  "summary_bg_p95": 1168.1391113281177,
  "summary_bg_stdv": 1219.0018310546875,
  "summary_fg_k": 2.981704884799857,
  "summary_fg_mad": 4479.68994140625,
  "summary_fg_mean": 25665.25390625,
  "summary_fg_median": 25350.361328125,
  "summary_fg_n": 42464.0,
  "summary_fg_p05": 17519.97333984375,
  "summary_fg_p95": 34817.31015625,
  "summary_fg_stdv": 5793.6767578125,
  "tsnr": 71.55630493164062
}