{
  "aor": 0.0023956637168141594,
  "aqi": 0.008923357079646017,
  "bids_meta": {
    "AcquisitionNumber": 7,
    "BidsifyVersion": "0.3.5",
    "ConversionSoftware": "dcm2niix",
    "ConversionSoftwareVersion": "v1.0.20181125  GCC6.3.0",
    "EchoTime": 0.02763,
    "EffectiveEchoSpacing": 0.0006909035636805814,
    "FlipAngle": 76.1,
    "ImageComments": "PIOP2",
    "ImageOrientationPatientDICOM": [
      0.995404,
      0.0948282,
      0.0133829,
      -0.0930418,
      0.990685,
      -0.0994336
    ],
    "Manufacturer": "Philips",
    "NumberOfVolumesDiscardedByScanner": 2,
    "ParallelAcquisitionTechnique": "SENSE",
    "ParallelReductionFactorInPlane": 2,
    "PatientPosition": "HFS",
    "PhaseEncodingDirection": "j",
    "PhilipsRescaleIntercept": 0,
    "PhilipsRescaleSlope": 0.74652,
    "PhilipsScaleSlope": 0.0556565,
    "ProtocolName": "WIPtask-stop_boldSENSE",
    "PulseSequenceType": "gradient echo EPI",
    "ReconMatrixPE": 80,
    "RepetitionTime": 2,
    "SeriesDescription": "ImageMRSERIES",
    "SeriesNumber": 7,
    "SliceEncodingDirection": "k",
    "SliceTiming": [
      0.0,
      0.0556,
      0.1111,
      0.1667,
      0.2222,
      0.2778,
      0.3333,
      0.3889,
      0.4444,
      0.5,
      0.5556,
      0.6111,
      0.6667,
      0.7222,
      0.7778,
      0.8333,
      0.8889,
      0.9444,
      1.0,
      1.0556,
      1.1111,
      1.1667,
      1.2222,
      1.2778,
      1.3333,
      1.3889,
      1.4444,
      1.5,
      1.5556,
      1.6111,
      1.6667,
      1.7222,
      1.7778,
      1.8333,
      1.8889,
      1.9444
    ],
    "TaskName": "stopsignal",
    "TotalReadoutTime": 0.026945238983542674,
    "UsePhilipsFloatNotDisplayScaling": 1,
    "WaterFatShift": 12,
    "acq_id": "seq",
    "dataset": "unknown",
    "modality": "bold",
    "subject_id": "0188",
    "task_id": "stopsignal"
  },
  "dummy_trs": 0,
  "dvars_nstd": 17.695256364844454,
  "dvars_std": 1.0804071162666666,
  "dvars_vstd": 1.0149751419111106,
  "efc": 0.4142236619024009,
  "fber": 62857616.0,
  "fd_mean": 0.18073411429874692,
  "fd_num": 78,
  "fd_perc": 34.51327433628319,
  "fwhm_avg": 2.6337966784389253,
  "fwhm_x": 2.55355,
  "fwhm_y": 2.9037066666666664,
  "fwhm_z": 2.4441333686501094,
  "gcor": 0.0181325,
  "gsr_x": -0.0011944089783355594,
  "gsr_y": 0.001161346328444779,
  "provenance": {
    "md5sum": "d927ff5a8761088a6d58b7fc8dce6cb4",
    "settings": {
      "fd_thres": 0.2,
      "hmc_fsl": false
    },
    "software": "mriqc",
    "version": "0.15.0",
    "webapi_port": null,
    "webapi_url": "https://mriqc.nimh.nih.gov/api/v1"
  },
  "size_t": 226,
  "size_x": 80,
  "size_y": 80,
  "size_z": 36,
  "snr": 4.573131641144141,
  "spacing_tr": 2.0,
  "spacing_x": 3.0,
  "spacing_y": 3.0,
  "spacing_z": 3.299999952316284,
  "spikes_num": 3,
  "summary_bg_k": 53.64594105313106,
  "summary_bg_mad": 4.132268905639648,
  "summary_bg_mean": 243.3831787109375,
  "summary_bg_median": 2.9076366424560547,
  "summary_bg_n": 147746.0,
  "summary_bg_p05": 0.026516451500356197,
  "summary_bg_p95": 1154.034912109375,
  "summary_bg_stdv": 1157.6881103515625,
  "summary_fg_k": 2.9813716624267004,
  "summary_fg_mad": 4176.044921875,
  "summary_fg_mean": 24982.908203125,
  "summary_fg_median": 24714.8125,
  "summary_fg_n": 42370.0,
  "summary_fg_p05": 17397.078515625,
  "summary_fg_p95": 33522.17578125,
  "summary_fg_stdv": 5404.2880859375,
  "tsnr": 62.1170768737793
}