{
  "aor": 0.0009445925925925928,
  "aqi": 0.00435383888888889,
  "bids_meta": {
    "AcquisitionNumber": 8,
    "BidsifyVersion": "0.3.5",
    "ConversionSoftware": "dcm2niix",
    "ConversionSoftwareVersion": "v1.0.20181125  GCC6.3.0",
    "EchoTime": 0.02763,
    "EffectiveEchoSpacing": 0.0006909035636805814,
    "FlipAngle": 76.1,
    "ImageComments": "PIOP2",
    "ImageOrientationPatientDICOM": [
      0.995823,
      0.0624191,
      -0.0666302,
      -0.0654443,
      0.996876,
      -0.0442269
    ],
    "Manufacturer": "Philips",
    "NumberOfVolumesDiscardedByScanner": 2,
    "ParallelAcquisitionTechnique": "SENSE",
    "ParallelReductionFactorInPlane": 2,
    "PatientPosition": "HFS",
    "PhaseEncodingDirection": "j",
    "PhilipsRescaleIntercept": 0,
    "PhilipsRescaleSlope": 0.75775,
    "PhilipsScaleSlope": 0.0472219,
    "ProtocolName": "WIPtask-harriri_boldSENSE",
    "PulseSequenceType": "gradient echo EPI",
    "ReconMatrixPE": 80,
    "RepetitionTime": 2,
    "SeriesDescription": "ImageMRSERIES",
    "SeriesNumber": 8,
    "SliceEncodingDirection": "k",
    "SliceTiming": [
      0.0,
      0.0556,
      0.1111,
      0.1667,
      0.2222,
      0.2778,
      0.3333,
      0.3889,
      0.4444,
      0.5,
      0.5556,
      0.6111,
      0.6667,
      0.7222,
      0.7778,
      0.8333,
      0.8889,
      0.9444,
      1.0,
      1.0556,
      1.1111,
      1.1667,
      1.2222,
      1.2778,
      1.3333,
      1.3889,
      1.4444,
      1.5,
      1.5556,
      1.6111,
      1.6667,
      1.7222,
      1.7778,
      1.8333,
      1.8889,
      1.9444
    ],
    "TaskName": "emomatching",
    "TotalReadoutTime": 0.026945238983542674,
    "UsePhilipsFloatNotDisplayScaling": 1,
    "WaterFatShift": 12,
    "acq_id": "seq",
    "dataset": "unknown",
    "modality": "bold",
    "subject_id": "0007",
    "task_id": "emomatching"
  },
  "dummy_trs": 0,
  "dvars_nstd": 22.907405398059716,
  "dvars_std": 1.2594705068656706,
  "dvars_vstd": 0.9708930393283582,
  "efc": 0.3616579816381763,
  "fber": 2471665920.0,
  "fd_mean": 0.1687644343087426,
  "fd_num": 38,
  "fd_perc": 28.14814814814815,
  "fwhm_avg": 2.6356195065575827,
  "fwhm_x": 2.53143,
  "fwhm_y": 2.96538,
  "fwhm_z": 2.410048519672748,
  "gcor": 0.0222182,
  "gsr_x": -0.004783288575708866,
  "gsr_y": 0.0016492250142619014,
  "provenance": {
    "md5sum": "d6fa692ce319f0edcf2a17b8a9fded48",
    "settings": {
      "fd_thres": 0.2,
      "hmc_fsl": false
    },
    "software": "mriqc",
    "version": "0.15.0",
    "webapi_port": null,
    "webapi_url": "https://mriqc.nimh.nih.gov/api/v1"
  },
  "size_t": 135,
  "size_x": 80,
  "size_y": 80,
  "size_z": 36,
  "snr": 4.669524450713682,
  "spacing_tr": 2.0,
  "spacing_x": 3.0,
  "spacing_y": 3.0,
  "spacing_z": 3.299999952316284,
  "spikes_num": 0,
  "summary_bg_k": 100.66628841193828,
  "summary_bg_mad": 0.8563522696495056,
  "summary_bg_mean": 197.34011840820312,
  "summary_bg_median": 0.5812910199165344,
  "summary_bg_n": 157927.0,
  "summary_bg_p05": 0.002019146177917719,
  "summary_bg_p95": 752.2019897460932,
  "summary_bg_stdv": 1173.8607177734375,
  "summary_fg_k": 2.559851907100808,
  "summary_fg_mad": 5312.51416015625,
  "summary_fg_mean": 30747.080078125,
  "summary_fg_median": 30711.271484375,
  "summary_fg_n": 33623.0,
  "summary_fg_p05": 20266.3541015625,
  "summary_fg_p95": 40549.66679687498,
  "summary_fg_stdv": 6576.861328125,
  "tsnr": 77.06456756591797
}