{
  "aor": 0.0011374883720930234,
  "aqi": 0.0026523563720930237,
  "bids_meta": {
    "AcquisitionNumber": 7,
    "BidsifyVersion": "0.3.5",
    "ConversionSoftware": "dcm2niix",
    "ConversionSoftwareVersion": "v1.0.20181125  GCC6.3.0",
    "EchoTime": 0.02763,
    "EffectiveEchoSpacing": 0.0006909035636805814,
    "FlipAngle": 76.1,
    "ImageComments": "PIOP2",
    "ImageOrientationPatientDICOM": [
      0.999949,
      -0.00797628,
      0.00612684,
      0.00785375,
      0.999774,
      0.0197697
    ],
    "Manufacturer": "Philips",
    "NumberOfVolumesDiscardedByScanner": 2,
    "ParallelAcquisitionTechnique": "SENSE",
    "ParallelReductionFactorInPlane": 2,
    "PatientPosition": "HFS",
    "PhaseEncodingDirection": "j",
    "PhilipsRescaleIntercept": 0,
    "PhilipsRescaleSlope": 0.7956,
    "PhilipsScaleSlope": 0.0682642,
    "ProtocolName": "WIPtask-stop_boldSENSE",
    "PulseSequenceType": "gradient echo EPI",
    "ReconMatrixPE": 80,
    "RepetitionTime": 2,
    "SeriesDescription": "ImageMRSERIES",
    "SeriesNumber": 7,
    "SliceEncodingDirection": "k",
    "SliceTiming": [
      0.0,
      0.0556,
      0.1111,
      0.1667,
      0.2222,
      0.2778,
      0.3333,
      0.3889,
      0.4444,
      0.5,
      0.5556,
      0.6111,
      0.6667,
      0.7222,
      0.7778,
      0.8333,
      0.8889,
      0.9444,
      1.0,
      1.0556,
      1.1111,
      1.1667,
      1.2222,
      1.2778,
      1.3333,
      1.3889,
      1.4444,
      1.5,
      1.5556,
      1.6111,
      1.6667,
      1.7222,
      1.7778,
      1.8333,
      1.8889,
      1.9444
    ],
    "TaskName": "stopsignal",
    "TotalReadoutTime": 0.026945238983542674,
    "UsePhilipsFloatNotDisplayScaling": 1,
    "WaterFatShift": 12,
    "acq_id": "seq",
    "dataset": "unknown",
    "modality": "bold",
    "subject_id": "0169",
    "task_id": "stopsignal"
  },
  "dummy_trs": 0,
  "dvars_nstd": 17.849607993364494,
  "dvars_std": 1.181308556308411,
  "dvars_vstd": 1.0093222467289724,
  "efc": 0.3880327426413714,
  "fber": 5075526144.0,
  "fd_mean": 0.08551474831967606,
  "fd_num": 2,
  "fd_perc": 0.9302325581395349,
  "fwhm_avg": 2.5161871826597895,
  "fwhm_x": 2.4334633333333335,
  "fwhm_y": 2.8432133333333334,
  "fwhm_z": 2.271884881312701,
  "gcor": 0.010941,
  "gsr_x": 0.0010210813488811255,
  "gsr_y": -0.0006193846929818392,
  "provenance": {
    "md5sum": "5956f1b8a4d31a0406aa2c67344b7db6",
    "settings": {
      "fd_thres": 0.2,
      "hmc_fsl": false
    },
    "software": "mriqc",
    "version": "0.15.0",
    "webapi_port": null,
    "webapi_url": "https://mriqc.nimh.nih.gov/api/v1"
  },
  "size_t": 215,
  "size_x": 80,
  "size_y": 80,
  "size_z": 36,
  "snr": 4.922399125092293,
  "spacing_tr": 2.0,
  "spacing_x": 3.0,
  "spacing_y": 3.0,
  "spacing_z": 3.299999952316284,
  "spikes_num": 2,
  "summary_bg_k": 116.864131378126,
  "summary_bg_mad": 0.42772191762924194,
  "summary_bg_mean": 151.3538360595703,
  "summary_bg_median": 0.2884940505027771,
  "summary_bg_n": 152454.0,
  "summary_bg_p05": 0.0,
  "summary_bg_p95": 550.9791778564472,
  "summary_bg_stdv": 973.919921875,
  "summary_fg_k": 2.6336462906475635,
  "summary_fg_mad": 3670.432373046875,
  "summary_fg_mean": 22221.392578125,
  "summary_fg_median": 22174.67578125,
  "summary_fg_n": 38336.0,
  "summary_fg_p05": 15092.953369140625,
  "summary_fg_p95": 29064.69970703125,
  "summary_fg_stdv": 4504.79248046875,
  "tsnr": 96.29328918457031
}