{
  "aor": 0.0007970796460176992,
  "aqi": 0.003297809646017699,
  "bids_meta": {
    "AcquisitionNumber": 7,
    "BidsifyVersion": "0.3.5",
    "ConversionSoftware": "dcm2niix",
    "ConversionSoftwareVersion": "v1.0.20181125  GCC6.3.0",
    "EchoTime": 0.02763,
    "FlipAngle": 76.1,
    "ImageComments": "PIOP2",
    "ImageOrientationPatientDICOM": [
      0.999252,
      0.0335313,
      -0.0192358,
      -0.0352439,
      0.994664,
      -0.0969651
    ],
    "Manufacturer": "Philips",
    "NumberOfVolumesDiscardedByScanner": 2,
    "ParallelAcquisitionTechnique": "SENSE",
    "ParallelReductionFactorInPlane": 2,
    "PatientPosition": "HFS",
    "PhaseEncodingDirection": "j",
    "PhilipsRescaleIntercept": 0,
    "PhilipsRescaleSlope": 0.75849,
    "PhilipsScaleSlope": 0.0587839,
    "ProtocolName": "WIPtask-stop_boldSENSE",
    "PulseSequenceType": "gradient echo EPI",
    "ReconMatrixPE": 80,
    "RepetitionTime": 2,
    "SeriesDescription": "ImageMRSERIES",
    "SeriesNumber": 7,
    "SliceEncodingDirection": "k",
    "TaskName": "stopsignal",
    "UsePhilipsFloatNotDisplayScaling": 1,
    "WaterFatShift": 12,
    "acq_id": "seq",
    "dataset": "unknown",
    "modality": "bold",
    "subject_id": "0158",
    "task_id": "stopsignal"
  },
  "dummy_trs": 0,
  "dvars_nstd": 17.511261334266667,
  "dvars_std": 1.2521292631999992,
  "dvars_vstd": 0.9980809980888895,
  "efc": 0.40484048318715227,
  "fber": 1061232384.0,
  "fd_mean": 0.09806817533066604,
  "fd_num": 6,
  "fd_perc": 2.6548672566371683,
  "fwhm_avg": 2.6874036482864483,
  "fwhm_x": 2.6454833333333334,
  "fwhm_y": 2.9413366666666665,
  "fwhm_z": 2.475390944859345,
  "gcor": 0.0324054,
  "gsr_x": -0.0003902259632013738,
  "gsr_y": -0.0014360216446220875,
  "provenance": {
    "md5sum": "35f356b0d1747952773b07af6bc34ada",
    "settings": {
      "fd_thres": 0.2,
      "hmc_fsl": false
    },
    "software": "mriqc",
    "version": "0.15.0",
    "webapi_port": null,
    "webapi_url": "https://mriqc.nimh.nih.gov/api/v1"
  },
  "size_t": 226,
  "size_x": 80,
  "size_y": 80,
  "size_z": 36,
  "snr": 5.018123369274799,
  "spacing_tr": 2.0,
  "spacing_x": 3.0,
  "spacing_y": 3.0,
  "spacing_z": 3.299999952316284,
  "spikes_num": 0,
  "summary_bg_k": 55.05110018213774,
  "summary_bg_mad": 1.0665814876556396,
  "summary_bg_mean": 263.34765625,
  "summary_bg_median": 0.7236732244491577,
  "summary_bg_n": 150059.0,
  "summary_bg_p05": 0.0013241703738458453,
  "summary_bg_p95": 893.0993469238323,
  "summary_bg_stdv": 1373.30078125,
  "summary_fg_k": 3.703069708704077,
  "summary_fg_mad": 3817.275146484375,
  "summary_fg_mean": 25883.44140625,
  "summary_fg_median": 26066.009765625,
  "summary_fg_n": 39982.0,
  "summary_fg_p05": 17240.80126953125,
  "summary_fg_p95": 33237.555859374996,
  "summary_fg_stdv": 5194.30908203125,
  "tsnr": 92.1360092163086
}