{
    "Manufacturer": "Philips",
    "PatientPosition": "HFS",
    "SeriesDescription": "ImageMRSERIES",
    "ProtocolName": "WIPT1anat_acq-6m_T1wSENSE",
    "SeriesNumber": 2,
    "AcquisitionNumber": 2,
    "ImageComments": "PIOP2",
    "PhilipsRescaleSlope": 9.29402,
    "PhilipsRescaleIntercept": 0,
    "PhilipsScaleSlope": 0.00739055,
    "UsePhilipsFloatNotDisplayScaling": 1,
    "EchoTime": 0.00373,
    "RepetitionTime": 0.008163,
    "ReconMatrixPE": 240,
    "ImageOrientationPatientDICOM": [
        0.999796,
        0.0065539,
        -0.0191063,
        -0.00628199,
        0.999879,
        0.014257
    ],
    "ConversionSoftware": "dcm2niix",
    "ConversionSoftwareVersion": "v1.0.20181125  GCC6.3.0",
    "BidsifyVersion": "0.3.5"
}