{
  "aor": 0.0011942500000000002,
  "aqi": 0.0025952893125,
  "bids_meta": {
    "AcquisitionNumber": 3,
    "BidsifyVersion": "0.3.5",
    "ConversionSoftware": "dcm2niix",
    "ConversionSoftwareVersion": "v1.0.20181125  GCC6.3.0",
    "EchoTime": 0.02763,
    "FlipAngle": 76.1,
    "ImageComments": "PIOP2",
    "ImageOrientationPatientDICOM": [
      0.99855,
      0.0446012,
      -0.0301383,
      -0.0418517,
      0.99538,
      0.086407
    ],
    "Manufacturer": "Philips",
    "NumberOfVolumesDiscardedByScanner": 2,
    "ParallelAcquisitionTechnique": "SENSE",
    "ParallelReductionFactorInPlane": 2,
    "PatientPosition": "HFS",
    "PhaseEncodingDirection": "j",
    "PhilipsRescaleIntercept": 0,
    "PhilipsRescaleSlope": 0.85348,
    "PhilipsScaleSlope": 0.0480826,
    "ProtocolName": "WIPtask-wm_boldSENSE",
    "PulseSequenceType": "gradient echo EPI",
    "ReconMatrixPE": 80,
    "RepetitionTime": 2,
    "SeriesDescription": "ImageMRSERIES",
    "SeriesNumber": 3,
    "SliceEncodingDirection": "k",
    "TaskName": "workingmemory",
    "UsePhilipsFloatNotDisplayScaling": 1,
    "WaterFatShift": 12,
    "acq_id": "seq",
    "dataset": "unknown",
    "modality": "bold",
    "subject_id": "0178",
    "task_id": "workingmemory"
  },
  "dummy_trs": 0,
  "dvars_nstd": 15.814352089371065,
  "dvars_std": 1.1728894293081762,
  "dvars_vstd": 0.9960254892452826,
  "efc": 0.4244161067764182,
  "fber": 1353264640.0,
  "fd_mean": 0.09666630147866388,
  "fd_num": 4,
  "fd_perc": 2.5,
  "fwhm_avg": 2.57987960740198,
  "fwhm_x": 2.5680466666666666,
  "fwhm_y": 2.795946666666667,
  "fwhm_z": 2.3756454888726073,
  "gcor": 0.0409844,
  "gsr_x": 0.0001417171733919531,
  "gsr_y": -0.00010080525680677965,
  "provenance": {
    "md5sum": "ff854fe5fea87807c78e3a290e2616b5",
    "settings": {
      "fd_thres": 0.2,
      "hmc_fsl": false
    },
    "software": "mriqc",
    "version": "0.15.0",
    "webapi_port": null,
    "webapi_url": "https://mriqc.nimh.nih.gov/api/v1"
  },
  "size_t": 160,
  "size_x": 80,
  "size_y": 80,
  "size_z": 36,
  "snr": 4.761828376805773,
  "spacing_tr": 2.0,
  "spacing_x": 3.0,
  "spacing_y": 3.0,
  "spacing_z": 3.299999952316284,
  "spikes_num": 0,
  "summary_bg_k": 77.52241903255822,
  "summary_bg_mad": 1.0187032222747803,
  "summary_bg_mean": 247.2978973388672,
  "summary_bg_median": 0.6953973174095154,
  "summary_bg_n": 144760.0,
  "summary_bg_p05": 0.0024753008619882166,
  "summary_bg_p95": 1288.0175964355342,
  "summary_bg_stdv": 1319.126220703125,
  "summary_fg_k": 2.370243761002647,
  "summary_fg_mad": 4999.01611328125,
  "summary_fg_mean": 28241.806640625,
  "summary_fg_median": 28136.259765625,
  "summary_fg_n": 44915.0,
  "summary_fg_p05": 19278.452343750003,
  "summary_fg_p95": 37386.1875,
  "summary_fg_stdv": 5908.6435546875,
  "tsnr": 98.73387908935547
}