{
  "aor": 0.0010991666666666665,
  "aqi": 0.004109683041666667,
  "bids_meta": {
    "AcquisitionNumber": 4,
    "BidsifyVersion": "0.3.5",
    "ConversionSoftware": "dcm2niix",
    "ConversionSoftwareVersion": "v1.0.20181125  GCC6.3.0",
    "EchoTime": 0.02763,
    "EffectiveEchoSpacing": 0.0006909035636805814,
    "FlipAngle": 76.1,
    "ImageComments": "PIOP2",
    "ImageOrientationPatientDICOM": [
      0.995362,
      -0.0883714,
      0.0380116,
      0.0947906,
      0.968353,
      -0.230882
    ],
    "Manufacturer": "Philips",
    "NumberOfVolumesDiscardedByScanner": 2,
    "ParallelAcquisitionTechnique": "SENSE",
    "ParallelReductionFactorInPlane": 2,
    "PatientPosition": "HFS",
    "PhaseEncodingDirection": "j",
    "PhilipsRescaleIntercept": 0,
    "PhilipsRescaleSlope": 0.75702,
    "PhilipsScaleSlope": 0.0742627,
    "ProtocolName": "WIPtask-rest_boldSENSE",
    "PulseSequenceType": "gradient echo EPI",
    "ReconMatrixPE": 80,
    "RepetitionTime": 2,
    "SeriesDescription": "ImageMRSERIES",
    "SeriesNumber": 4,
    "SliceEncodingDirection": "k",
    "SliceTiming": [
      0.0,
      0.0556,
      0.1111,
      0.1667,
      0.2222,
      0.2778,
      0.3333,
      0.3889,
      0.4444,
      0.5,
      0.5556,
      0.6111,
      0.6667,
      0.7222,
      0.7778,
      0.8333,
      0.8889,
      0.9444,
      1.0,
      1.0556,
      1.1111,
      1.1667,
      1.2222,
      1.2778,
      1.3333,
      1.3889,
      1.4444,
      1.5,
      1.5556,
      1.6111,
      1.6667,
      1.7222,
      1.7778,
      1.8333,
      1.8889,
      1.9444
    ],
    "TaskName": "restingstate",
    "TotalReadoutTime": 0.026945238983542674,
    "UsePhilipsFloatNotDisplayScaling": 1,
    "WaterFatShift": 12,
    "acq_id": "seq",
    "dataset": "unknown",
    "modality": "bold",
    "subject_id": "0061",
    "task_id": "restingstate"
  },
  "dummy_trs": 0,
  "dvars_nstd": 16.19035279117155,
  "dvars_std": 1.121469719707113,
  "dvars_vstd": 0.9896496723430959,
  "efc": 0.37653429229225666,
  "fber": 1211644672.0,
  "fd_mean": 0.08964353245947886,
  "fd_num": 5,
  "fd_perc": 2.0833333333333335,
  "fwhm_avg": 2.5833729406251753,
  "fwhm_x": 2.620416666666667,
  "fwhm_y": 2.776923333333333,
  "fwhm_z": 2.352778821875526,
  "gcor": 0.0195023,
  "gsr_x": -0.001125064678490162,
  "gsr_y": 0.00033104492467828095,
  "provenance": {
    "md5sum": "26729507bdbb3d973af2a2413d65e99b",
    "settings": {
      "fd_thres": 0.2,
      "hmc_fsl": false
    },
    "software": "mriqc",
    "version": "0.15.0",
    "webapi_port": null,
    "webapi_url": "https://mriqc.nimh.nih.gov/api/v1"
  },
  "size_t": 240,
  "size_x": 80,
  "size_y": 80,
  "size_z": 36,
  "snr": 5.100740946491124,
  "spacing_tr": 2.0,
  "spacing_x": 3.0,
  "spacing_y": 3.0,
  "spacing_z": 3.299999952316284,
  "spikes_num": 0,
  "summary_bg_k": 101.87156141232894,
  "summary_bg_mad": 0.8126491904258728,
  "summary_bg_mean": 142.8047332763672,
  "summary_bg_median": 0.5512328147888184,
  "summary_bg_n": 155263.0,
  "summary_bg_p05": 0.000400524854194373,
  "summary_bg_p95": 651.2570434570266,
  "summary_bg_stdv": 802.3108520507812,
  "summary_fg_k": 3.092727761731756,
  "summary_fg_mad": 3081.5771484375,
  "summary_fg_mean": 20366.17578125,
  "summary_fg_median": 20352.673828125,
  "summary_fg_n": 35665.0,
  "summary_fg_p05": 13957.5681640625,
  "summary_fg_p95": 26341.505078124992,
  "summary_fg_stdv": 3990.084716796875,
  "tsnr": 81.98320007324219
}