{
  "aor": 0.0012065966386554624,
  "aqi": 0.0048665787815126045,
  "bids_meta": {
    "AcquisitionNumber": 7,
    "BidsifyVersion": "0.3.5",
    "ConversionSoftware": "dcm2niix",
    "ConversionSoftwareVersion": "v1.0.20181125  GCC6.3.0",
    "EchoTime": 0.02763,
    "EffectiveEchoSpacing": 0.0006909035636805814,
    "FlipAngle": 76.1,
    "ImageComments": "PIOP2",
    "ImageOrientationPatientDICOM": [
      0.995362,
      -0.0883714,
      0.0380116,
      0.0947906,
      0.968353,
      -0.230882
    ],
    "Manufacturer": "Philips",
    "NumberOfVolumesDiscardedByScanner": 2,
    "ParallelAcquisitionTechnique": "SENSE",
    "ParallelReductionFactorInPlane": 2,
    "PatientPosition": "HFS",
    "PhaseEncodingDirection": "j",
    "PhilipsRescaleIntercept": 0,
    "PhilipsRescaleSlope": 0.76093,
    "PhilipsScaleSlope": 0.0749201,
    "ProtocolName": "WIPtask-stop_boldSENSE",
    "PulseSequenceType": "gradient echo EPI",
    "ReconMatrixPE": 80,
    "RepetitionTime": 2,
    "SeriesDescription": "ImageMRSERIES",
    "SeriesNumber": 7,
    "SliceEncodingDirection": "k",
    "SliceTiming": [
      0.0,
      0.0556,
      0.1111,
      0.1667,
      0.2222,
      0.2778,
      0.3333,
      0.3889,
      0.4444,
      0.5,
      0.5556,
      0.6111,
      0.6667,
      0.7222,
      0.7778,
      0.8333,
      0.8889,
      0.9444,
      1.0,
      1.0556,
      1.1111,
      1.1667,
      1.2222,
      1.2778,
      1.3333,
      1.3889,
      1.4444,
      1.5,
      1.5556,
      1.6111,
      1.6667,
      1.7222,
      1.7778,
      1.8333,
      1.8889,
      1.9444
    ],
    "TaskName": "stopsignal",
    "TotalReadoutTime": 0.026945238983542674,
    "UsePhilipsFloatNotDisplayScaling": 1,
    "WaterFatShift": 12,
    "acq_id": "seq",
    "dataset": "unknown",
    "modality": "bold",
    "subject_id": "0061",
    "task_id": "stopsignal"
  },
  "dummy_trs": 0,
  "dvars_nstd": 16.095866915527427,
  "dvars_std": 1.105279656751054,
  "dvars_vstd": 0.9889840516455692,
  "efc": 0.37664851885533646,
  "fber": 488018432.0,
  "fd_mean": 0.09628751217015026,
  "fd_num": 6,
  "fd_perc": 2.5210084033613445,
  "fwhm_avg": 2.611994960919221,
  "fwhm_x": 2.645773333333333,
  "fwhm_y": 2.818326666666667,
  "fwhm_z": 2.3718848827576617,
  "gcor": 0.0117852,
  "gsr_x": -0.0008459849050268531,
  "gsr_y": 3.726003342308104e-05,
  "provenance": {
    "md5sum": "59be3ae4f4237c75e8370e062661e7ce",
    "settings": {
      "fd_thres": 0.2,
      "hmc_fsl": false
    },
    "software": "mriqc",
    "version": "0.15.0",
    "webapi_port": null,
    "webapi_url": "https://mriqc.nimh.nih.gov/api/v1"
  },
  "size_t": 238,
  "size_x": 80,
  "size_y": 80,
  "size_z": 36,
  "snr": 5.131552239863334,
  "spacing_tr": 2.0,
  "spacing_x": 3.0,
  "spacing_y": 3.0,
  "spacing_z": 3.299999952316284,
  "spikes_num": 0,
  "summary_bg_k": 91.59661465023282,
  "summary_bg_mad": 1.261938214302063,
  "summary_bg_mean": 138.8800506591797,
  "summary_bg_median": 0.869627058506012,
  "summary_bg_n": 155154.0,
  "summary_bg_p05": 0.0041466683614999065,
  "summary_bg_p95": 605.6291076660158,
  "summary_bg_stdv": 775.9681396484375,
  "summary_fg_k": 3.153453294317769,
  "summary_fg_mad": 2958.37060546875,
  "summary_fg_mean": 20000.4609375,
  "summary_fg_median": 20011.458984375,
  "summary_fg_n": 35803.0,
  "summary_fg_p05": 13599.7884765625,
  "summary_fg_p95": 25785.087890625,
  "summary_fg_stdv": 3899.634765625,
  "tsnr": 77.39369201660156
}