{
  "aor": 0.0008061250000000001,
  "aqi": 0.0045526615625,
  "bids_meta": {
    "AcquisitionNumber": 3,
    "BidsifyVersion": "0.3.5",
    "ConversionSoftware": "dcm2niix",
    "ConversionSoftwareVersion": "v1.0.20181125  GCC6.3.0",
    "EchoTime": 0.02763,
    "EffectiveEchoSpacing": 0.0006909035636805814,
    "FlipAngle": 76.1,
    "ImageComments": "PIOP2",
    "ImageOrientationPatientDICOM": [
      0.995362,
      -0.0883714,
      0.0380116,
      0.0947906,
      0.968353,
      -0.230882
    ],
    "Manufacturer": "Philips",
    "NumberOfVolumesDiscardedByScanner": 2,
    "ParallelAcquisitionTechnique": "SENSE",
    "ParallelReductionFactorInPlane": 2,
    "PatientPosition": "HFS",
    "PhaseEncodingDirection": "j",
    "PhilipsRescaleIntercept": 0,
    "PhilipsRescaleSlope": 0.79121,
    "PhilipsScaleSlope": 0.0704869,
    "ProtocolName": "WIPtask-wm_boldSENSE",
    "PulseSequenceType": "gradient echo EPI",
    "ReconMatrixPE": 80,
    "RepetitionTime": 2,
    "SeriesDescription": "ImageMRSERIES",
    "SeriesNumber": 3,
    "SliceEncodingDirection": "k",
    "SliceTiming": [
      0.0,
      0.0556,
      0.1111,
      0.1667,
      0.2222,
      0.2778,
      0.3333,
      0.3889,
      0.4444,
      0.5,
      0.5556,
      0.6111,
      0.6667,
      0.7222,
      0.7778,
      0.8333,
      0.8889,
      0.9444,
      1.0,
      1.0556,
      1.1111,
      1.1667,
      1.2222,
      1.2778,
      1.3333,
      1.3889,
      1.4444,
      1.5,
      1.5556,
      1.6111,
      1.6667,
      1.7222,
      1.7778,
      1.8333,
      1.8889,
      1.9444
    ],
    "TaskName": "workingmemory",
    "TotalReadoutTime": 0.026945238983542674,
    "UsePhilipsFloatNotDisplayScaling": 1,
    "WaterFatShift": 12,
    "acq_id": "seq",
    "dataset": "unknown",
    "modality": "bold",
    "subject_id": "0061",
    "task_id": "workingmemory"
  },
  "dummy_trs": 0,
  "dvars_nstd": 17.349805124276738,
  "dvars_std": 1.122342280628931,
  "dvars_vstd": 0.9479817155974839,
  "efc": 0.3757471052672098,
  "fber": 1115321344.0,
  "fd_mean": 0.08311575281769285,
  "fd_num": 2,
  "fd_perc": 1.25,
  "fwhm_avg": 2.6176016276388694,
  "fwhm_x": 2.6521466666666664,
  "fwhm_y": 2.8177733333333332,
  "fwhm_z": 2.382884882916608,
  "gcor": 0.0175236,
  "gsr_x": -0.0012132596457377076,
  "gsr_y": 0.0004230174527037889,
  "provenance": {
    "md5sum": "dff10af8f14db1008cda79381c918111",
    "settings": {
      "fd_thres": 0.2,
      "hmc_fsl": false
    },
    "software": "mriqc",
    "version": "0.15.0",
    "webapi_port": null,
    "webapi_url": "https://mriqc.nimh.nih.gov/api/v1"
  },
  "size_t": 160,
  "size_x": 80,
  "size_y": 80,
  "size_z": 36,
  "snr": 4.943619087761008,
  "spacing_tr": 2.0,
  "spacing_x": 3.0,
  "spacing_y": 3.0,
  "spacing_z": 3.299999952316284,
  "spikes_num": 0,
  "summary_bg_k": 114.42920479245572,
  "summary_bg_mad": 0.8338043689727783,
  "summary_bg_mean": 144.56642150878906,
  "summary_bg_median": 0.5655947327613831,
  "summary_bg_n": 155315.0,
  "summary_bg_p05": 0.0008870053512509915,
  "summary_bg_p95": 642.8844299316333,
  "summary_bg_stdv": 812.6727294921875,
  "summary_fg_k": 3.03341601990473,
  "summary_fg_mad": 3175.424072265625,
  "summary_fg_mean": 20484.283203125,
  "summary_fg_median": 20474.40625,
  "summary_fg_n": 35657.0,
  "summary_fg_p05": 13712.0751953125,
  "summary_fg_p95": 26676.677734375,
  "summary_fg_stdv": 4141.5244140625,
  "tsnr": 77.67557525634766
}