{
  "aor": 0.004333719999999999,
  "aqi": 0.00922858156,
  "bids_meta": {
    "AcquisitionNumber": 7,
    "BidsifyVersion": "0.3.5",
    "ConversionSoftware": "dcm2niix",
    "ConversionSoftwareVersion": "v1.0.20181125  GCC6.3.0",
    "EchoTime": 0.02763,
    "EffectiveEchoSpacing": 0.0006909035636805814,
    "FlipAngle": 76.1,
    "ImageComments": "PIOP2",
    "ImageOrientationPatientDICOM": [
      0.997069,
      -0.0626746,
      0.0438855,
      0.0674488,
      0.990786,
      -0.117443
    ],
    "Manufacturer": "Philips",
    "NumberOfVolumesDiscardedByScanner": 2,
    "ParallelAcquisitionTechnique": "SENSE",
    "ParallelReductionFactorInPlane": 2,
    "PatientPosition": "HFS",
    "PhaseEncodingDirection": "j",
    "PhilipsRescaleIntercept": 0,
    "PhilipsRescaleSlope": 0.78462,
    "PhilipsScaleSlope": 0.0643059,
    "ProtocolName": "WIPtask-stop_boldSENSE",
    "PulseSequenceType": "gradient echo EPI",
    "ReconMatrixPE": 80,
    "RepetitionTime": 2,
    "SeriesDescription": "ImageMRSERIES",
    "SeriesNumber": 7,
    "SliceEncodingDirection": "k",
    "SliceTiming": [
      0.0,
      0.0556,
      0.1111,
      0.1667,
      0.2222,
      0.2778,
      0.3333,
      0.3889,
      0.4444,
      0.5,
      0.5556,
      0.6111,
      0.6667,
      0.7222,
      0.7778,
      0.8333,
      0.8889,
      0.9444,
      1.0,
      1.0556,
      1.1111,
      1.1667,
      1.2222,
      1.2778,
      1.3333,
      1.3889,
      1.4444,
      1.5,
      1.5556,
      1.6111,
      1.6667,
      1.7222,
      1.7778,
      1.8333,
      1.8889,
      1.9444
    ],
    "TaskName": "stopsignal",
    "TotalReadoutTime": 0.026945238983542674,
    "UsePhilipsFloatNotDisplayScaling": 1,
    "WaterFatShift": 12,
    "acq_id": "seq",
    "dataset": "unknown",
    "modality": "bold",
    "subject_id": "0073",
    "task_id": "stopsignal"
  },
  "dummy_trs": 0,
  "dvars_nstd": 27.40737042546183,
  "dvars_std": 1.2689906023293174,
  "dvars_vstd": 0.9954666334939752,
  "efc": 0.39112822895069616,
  "fber": 162863232.0,
  "fd_mean": 0.23346027613347994,
  "fd_num": 118,
  "fd_perc": 47.2,
  "fwhm_avg": 2.608929304299473,
  "fwhm_x": 2.5996566666666667,
  "fwhm_y": 2.866476666666667,
  "fwhm_z": 2.3606545795650855,
  "gcor": 0.012208,
  "gsr_x": 0.00013881280028726906,
  "gsr_y": -0.001051872968673706,
  "provenance": {
    "md5sum": "cbbe079271b7d9faaf89a5973f769d43",
    "settings": {
      "fd_thres": 0.2,
      "hmc_fsl": false
    },
    "software": "mriqc",
    "version": "0.15.0",
    "webapi_port": null,
    "webapi_url": "https://mriqc.nimh.nih.gov/api/v1"
  },
  "size_t": 250,
  "size_x": 80,
  "size_y": 80,
  "size_z": 36,
  "snr": 5.044446865393603,
  "spacing_tr": 2.0,
  "spacing_x": 3.0,
  "spacing_y": 3.0,
  "spacing_z": 3.299999952316284,
  "spikes_num": 4,
  "summary_bg_k": 120.54094514496343,
  "summary_bg_mad": 2.356482982635498,
  "summary_bg_mean": 146.2003631591797,
  "summary_bg_median": 1.6177140474319458,
  "summary_bg_n": 151490.0,
  "summary_bg_p05": 0.007294024154543878,
  "summary_bg_p95": 698.8573638915981,
  "summary_bg_stdv": 830.3285522460938,
  "summary_fg_k": 2.036541902113629,
  "summary_fg_mad": 3933.749267578125,
  "summary_fg_mean": 22502.21875,
  "summary_fg_median": 22399.650390625,
  "summary_fg_n": 38751.0,
  "summary_fg_p05": 15735.69384765625,
  "summary_fg_p95": 29318.8603515625,
  "summary_fg_stdv": 4440.39990234375,
  "tsnr": 55.87968444824219
}