{
  "aor": 0.003120166666666667,
  "aqi": 0.005749427958333333,
  "bids_meta": {
    "AcquisitionNumber": 4,
    "BidsifyVersion": "0.3.5",
    "ConversionSoftware": "dcm2niix",
    "ConversionSoftwareVersion": "v1.0.20181125  GCC6.3.0",
    "EchoTime": 0.02763,
    "EffectiveEchoSpacing": 0.0006909035636805814,
    "FlipAngle": 76.1,
    "ImageComments": "PIOP2",
    "ImageOrientationPatientDICOM": [
      0.997069,
      -0.0626746,
      0.0438855,
      0.0674488,
      0.990786,
      -0.117443
    ],
    "Manufacturer": "Philips",
    "NumberOfVolumesDiscardedByScanner": 2,
    "ParallelAcquisitionTechnique": "SENSE",
    "ParallelReductionFactorInPlane": 2,
    "PatientPosition": "HFS",
    "PhaseEncodingDirection": "j",
    "PhilipsRescaleIntercept": 0,
    "PhilipsRescaleSlope": 0.76947,
    "PhilipsScaleSlope": 0.0657592,
    "ProtocolName": "WIPtask-rest_boldSENSE",
    "PulseSequenceType": "gradient echo EPI",
    "ReconMatrixPE": 80,
    "RepetitionTime": 2,
    "SeriesDescription": "ImageMRSERIES",
    "SeriesNumber": 4,
    "SliceEncodingDirection": "k",
    "SliceTiming": [
      0.0,
      0.0556,
      0.1111,
      0.1667,
      0.2222,
      0.2778,
      0.3333,
      0.3889,
      0.4444,
      0.5,
      0.5556,
      0.6111,
      0.6667,
      0.7222,
      0.7778,
      0.8333,
      0.8889,
      0.9444,
      1.0,
      1.0556,
      1.1111,
      1.1667,
      1.2222,
      1.2778,
      1.3333,
      1.3889,
      1.4444,
      1.5,
      1.5556,
      1.6111,
      1.6667,
      1.7222,
      1.7778,
      1.8333,
      1.8889,
      1.9444
    ],
    "TaskName": "restingstate",
    "TotalReadoutTime": 0.026945238983542674,
    "UsePhilipsFloatNotDisplayScaling": 1,
    "WaterFatShift": 12,
    "acq_id": "seq",
    "dataset": "unknown",
    "modality": "bold",
    "subject_id": "0073",
    "task_id": "restingstate"
  },
  "dummy_trs": 0,
  "dvars_nstd": 23.3137924002929,
  "dvars_std": 1.3505823405439337,
  "dvars_vstd": 1.0294364442677824,
  "efc": 0.3883563502430861,
  "fber": 530497440.0,
  "fd_mean": 0.16523027640130675,
  "fd_num": 52,
  "fd_perc": 21.666666666666668,
  "fwhm_avg": 2.5914662738808016,
  "fwhm_x": 2.59857,
  "fwhm_y": 2.839183333333333,
  "fwhm_z": 2.3366454883090726,
  "gcor": 0.018596,
  "gsr_x": 0.0007597453077323735,
  "gsr_y": -0.001007228740490973,
  "provenance": {
    "md5sum": "ce1cebbabcdc6a2f5d2a5100f6cbb338",
    "settings": {
      "fd_thres": 0.2,
      "hmc_fsl": false
    },
    "software": "mriqc",
    "version": "0.15.0",
    "webapi_port": null,
    "webapi_url": "https://mriqc.nimh.nih.gov/api/v1"
  },
  "size_t": 240,
  "size_x": 80,
  "size_y": 80,
  "size_z": 36,
  "snr": 5.090615589160092,
  "spacing_tr": 2.0,
  "spacing_x": 3.0,
  "spacing_y": 3.0,
  "spacing_z": 3.299999952316284,
  "spikes_num": 3,
  "summary_bg_k": 127.14344389837379,
  "summary_bg_mad": 1.3263782262802124,
  "summary_bg_mean": 139.49790954589844,
  "summary_bg_median": 0.9023594856262207,
  "summary_bg_n": 151903.0,
  "summary_bg_p05": 0.0,
  "summary_bg_p95": 617.4926086425779,
  "summary_bg_stdv": 836.414306640625,
  "summary_fg_k": 2.015192094170396,
  "summary_fg_mad": 3955.920166015625,
  "summary_fg_mean": 22616.736328125,
  "summary_fg_median": 22510.3046875,
  "summary_fg_n": 38340.0,
  "summary_fg_p05": 15964.895312499999,
  "summary_fg_p95": 29401.75166015624,
  "summary_fg_stdv": 4421.8642578125,
  "tsnr": 71.6744613647461
}