{
  "aor": 0.007523125,
  "aqi": 0.0112035659375,
  "bids_meta": {
    "AcquisitionNumber": 3,
    "BidsifyVersion": "0.3.5",
    "ConversionSoftware": "dcm2niix",
    "ConversionSoftwareVersion": "v1.0.20181125  GCC6.3.0",
    "EchoTime": 0.02763,
    "EffectiveEchoSpacing": 0.0006909035636805814,
    "FlipAngle": 76.1,
    "ImageComments": "PIOP2",
    "ImageOrientationPatientDICOM": [
      0.997069,
      -0.0626746,
      0.0438855,
      0.0674488,
      0.990786,
      -0.117443
    ],
    "Manufacturer": "Philips",
    "NumberOfVolumesDiscardedByScanner": 2,
    "ParallelAcquisitionTechnique": "SENSE",
    "ParallelReductionFactorInPlane": 2,
    "PatientPosition": "HFS",
    "PhaseEncodingDirection": "j",
    "PhilipsRescaleIntercept": 0,
    "PhilipsRescaleSlope": 0.78315,
    "PhilipsScaleSlope": 0.0641286,
    "ProtocolName": "WIPtask-wm_boldSENSE",
    "PulseSequenceType": "gradient echo EPI",
    "ReconMatrixPE": 80,
    "RepetitionTime": 2,
    "SeriesDescription": "ImageMRSERIES",
    "SeriesNumber": 3,
    "SliceEncodingDirection": "k",
    "SliceTiming": [
      0.0,
      0.0556,
      0.1111,
      0.1667,
      0.2222,
      0.2778,
      0.3333,
      0.3889,
      0.4444,
      0.5,
      0.5556,
      0.6111,
      0.6667,
      0.7222,
      0.7778,
      0.8333,
      0.8889,
      0.9444,
      1.0,
      1.0556,
      1.1111,
      1.1667,
      1.2222,
      1.2778,
      1.3333,
      1.3889,
      1.4444,
      1.5,
      1.5556,
      1.6111,
      1.6667,
      1.7222,
      1.7778,
      1.8333,
      1.8889,
      1.9444
    ],
    "TaskName": "workingmemory",
    "TotalReadoutTime": 0.026945238983542674,
    "UsePhilipsFloatNotDisplayScaling": 1,
    "WaterFatShift": 12,
    "acq_id": "seq",
    "dataset": "unknown",
    "modality": "bold",
    "subject_id": "0073",
    "task_id": "workingmemory"
  },
  "dummy_trs": 0,
  "dvars_nstd": 22.81316561044025,
  "dvars_std": 1.2539690455974846,
  "dvars_vstd": 1.0625859605031451,
  "efc": 0.38859407166231924,
  "fber": 353632160.0,
  "fd_mean": 0.1634004514501586,
  "fd_num": 40,
  "fd_perc": 25.0,
  "fwhm_avg": 2.6187544558215863,
  "fwhm_x": 2.6195999999999997,
  "fwhm_y": 2.874563333333333,
  "fwhm_z": 2.3621000341314264,
  "gcor": 0.0110446,
  "gsr_x": 0.0007380357710644603,
  "gsr_y": -0.0015432400396093726,
  "provenance": {
    "md5sum": "e1c40bb0b7ee04326346997f9c17cf25",
    "settings": {
      "fd_thres": 0.2,
      "hmc_fsl": false
    },
    "software": "mriqc",
    "version": "0.15.0",
    "webapi_port": null,
    "webapi_url": "https://mriqc.nimh.nih.gov/api/v1"
  },
  "size_t": 160,
  "size_x": 80,
  "size_y": 80,
  "size_z": 36,
  "snr": 5.030004230324042,
  "spacing_tr": 2.0,
  "spacing_x": 3.0,
  "spacing_y": 3.0,
  "spacing_z": 3.299999952316284,
  "spikes_num": 3,
  "summary_bg_k": 130.8547764712825,
  "summary_bg_mad": 1.6558494567871094,
  "summary_bg_mean": 139.40028381347656,
  "summary_bg_median": 1.136338710784912,
  "summary_bg_n": 151840.0,
  "summary_bg_p05": 0.004194342065602541,
  "summary_bg_p95": 572.3327514648427,
  "summary_bg_stdv": 845.0479736328125,
  "summary_fg_k": 2.033399106632122,
  "summary_fg_mad": 4022.531494140625,
  "summary_fg_mean": 22703.412109375,
  "summary_fg_median": 22599.84765625,
  "summary_fg_n": 38425.0,
  "summary_fg_p05": 15908.0986328125,
  "summary_fg_p95": 29608.138671874993,
  "summary_fg_stdv": 4492.94921875,
  "tsnr": 56.9985237121582
}