{
  "aor": 0.0015802499999999996,
  "aqi": 0.0031933291250000003,
  "bids_meta": {
    "AcquisitionNumber": 3,
    "BidsifyVersion": "0.3.5",
    "ConversionSoftware": "dcm2niix",
    "ConversionSoftwareVersion": "v1.0.20181125  GCC6.3.0",
    "EchoTime": 0.02763,
    "EffectiveEchoSpacing": 0.0006909035636805814,
    "FlipAngle": 76.1,
    "ImageComments": "PIOP2",
    "ImageOrientationPatientDICOM": [
      0.998759,
      0.0312003,
      -0.0388218,
      -0.037321,
      0.984989,
      -0.168533
    ],
    "Manufacturer": "Philips",
    "NumberOfVolumesDiscardedByScanner": 2,
    "ParallelAcquisitionTechnique": "SENSE",
    "ParallelReductionFactorInPlane": 2,
    "PatientPosition": "HFS",
    "PhaseEncodingDirection": "j",
    "PhilipsRescaleIntercept": 0,
    "PhilipsRescaleSlope": 0.84664,
    "PhilipsScaleSlope": 0.0558623,
    "ProtocolName": "WIPtask-wm_boldSENSE",
    "PulseSequenceType": "gradient echo EPI",
    "ReconMatrixPE": 80,
    "RepetitionTime": 2,
    "SeriesDescription": "ImageMRSERIES",
    "SeriesNumber": 3,
    "SliceEncodingDirection": "k",
    "SliceTiming": [
      0.0,
      0.0556,
      0.1111,
      0.1667,
      0.2222,
      0.2778,
      0.3333,
      0.3889,
      0.4444,
      0.5,
      0.5556,
      0.6111,
      0.6667,
      0.7222,
      0.7778,
      0.8333,
      0.8889,
      0.9444,
      1.0,
      1.0556,
      1.1111,
      1.1667,
      1.2222,
      1.2778,
      1.3333,
      1.3889,
      1.4444,
      1.5,
      1.5556,
      1.6111,
      1.6667,
      1.7222,
      1.7778,
      1.8333,
      1.8889,
      1.9444
    ],
    "TaskName": "workingmemory",
    "TotalReadoutTime": 0.026945238983542674,
    "UsePhilipsFloatNotDisplayScaling": 1,
    "WaterFatShift": 12,
    "acq_id": "seq",
    "dataset": "unknown",
    "modality": "bold",
    "subject_id": "0105",
    "task_id": "workingmemory"
  },
  "dummy_trs": 0,
  "dvars_nstd": 19.811375582389946,
  "dvars_std": 1.3494692921383644,
  "dvars_vstd": 0.9983917899371065,
  "efc": 0.4055066469008654,
  "fber": 1031183872.0,
  "fd_mean": 0.08718047886269709,
  "fd_num": 5,
  "fd_perc": 3.125,
  "fwhm_avg": 2.7195073859484773,
  "fwhm_x": 2.65593,
  "fwhm_y": 2.9673466666666664,
  "fwhm_z": 2.5352454911787654,
  "gcor": 0.0301426,
  "gsr_x": -0.001210295595228672,
  "gsr_y": -0.0004905468667857349,
  "provenance": {
    "md5sum": "798d459468c01ca1b831dc3fbf02e0e1",
    "settings": {
      "fd_thres": 0.2,
      "hmc_fsl": false
    },
    "software": "mriqc",
    "version": "0.15.0",
    "webapi_port": null,
    "webapi_url": "https://mriqc.nimh.nih.gov/api/v1"
  },
  "size_t": 160,
  "size_x": 80,
  "size_y": 80,
  "size_z": 36,
  "snr": 5.6354066437846955,
  "spacing_tr": 2.0,
  "spacing_x": 3.0,
  "spacing_y": 3.0,
  "spacing_z": 3.299999952316284,
  "spikes_num": 1,
  "summary_bg_k": 59.86644924008056,
  "summary_bg_mad": 1.1315276622772217,
  "summary_bg_mean": 276.74066162109375,
  "summary_bg_median": 0.7632037997245789,
  "summary_bg_n": 150279.0,
  "summary_bg_p05": 0.0,
  "summary_bg_p95": 1118.4758666992198,
  "summary_bg_stdv": 1484.3306884765625,
  "summary_fg_k": 3.0520589433674203,
  "summary_fg_mad": 3865.931640625,
  "summary_fg_mean": 27397.689453125,
  "summary_fg_median": 27557.931640625,
  "summary_fg_n": 39982.0,
  "summary_fg_p05": 19159.73564453125,
  "summary_fg_p95": 34526.756640625,
  "summary_fg_stdv": 4890.07958984375,
  "tsnr": 98.64910125732422
}