{
  "bids_meta": {
    "AcquisitionNumber": 2,
    "BidsifyVersion": "0.3.5",
    "ConversionSoftware": "dcm2niix",
    "ConversionSoftwareVersion": "v1.0.20181125  GCC6.3.0",
    "EchoTime": 0.00376,
    "ImageComments": "PIOP2",
    "ImageOrientationPatientDICOM": [
      0.999398,
      -0.025911,
      -0.0230523,
      0.0239012,
      0.996216,
      -0.0835572
    ],
    "Manufacturer": "Philips",
    "NumberSignalAcquisitions": 2,
    "PatientPosition": "HFS",
    "PhilipsRescaleIntercept": 0,
    "PhilipsRescaleSlope": 6.76313,
    "PhilipsScaleSlope": 0.0072314,
    "ProtocolName": "WIPT1anat_acq-6m_T1wSENSE",
    "ReconMatrixPE": 240,
    "RepetitionTime": 0.0082,
    "SeriesDescription": "ImageMRSERIES",
    "SeriesNumber": 2,
    "UsePhilipsFloatNotDisplayScaling": 1,
    "dataset": "unknown",
    "modality": "T1w",
    "subject_id": "0003"
  },
  "cjv": 0.26643672154171266,
  "cnr": 4.738539544379283,
  "efc": 0.7334255059335961,
  "fber": 694.1981811523438,
  "fwhm_avg": 4.24587008629263,
  "fwhm_x": 4.04161,
  "fwhm_y": 4.35275,
  "fwhm_z": 4.343250258877889,
  "icvs_csf": 0.277308107615307,
  "icvs_gm": 0.38699336642924925,
  "icvs_wm": 0.33569852595544375,
  "inu_med": 0.6679640412330627,
  "inu_range": 0.13111313581466666,
  "provenance": {
    "md5sum": "ac7a98af8af4156a806f73604ae03ec2",
    "settings": {
      "testing": false
    },
    "software": "mriqc",
    "version": "0.15.0",
    "warnings": {
      "large_rot_frame": true,
      "small_air_mask": true
    },
    "webapi_port": null,
    "webapi_url": "https://mriqc.nimh.nih.gov/api/v1"
  },
  "qi_1": 0.0020690798492664173,
  "qi_2": 9.507980952695329e-05,
  "rpve_csf": 28.292706528343498,
  "rpve_gm": 18.8653253760135,
  "rpve_wm": 28.480647942898678,
  "size_x": 240,
  "size_y": 240,
  "size_z": 220,
  "snr_csf": 3.874397144867695,
  "snr_gm": 10.62199500409868,
  "snr_total": 13.716980534891404,
  "snr_wm": 26.654549455707837,
  "snrd_csf": 24.77903188020312,
  "snrd_gm": 48.9266704696667,
  "snrd_total": 49.43039147495301,
  "snrd_wm": 74.58547207498923,
  "spacing_x": 1.0,
  "spacing_y": 1.0,
  "spacing_z": 0.9999999403953552,
  "summary_bg_k": 7.515375611264991,
  "summary_bg_mad": 8.78366470336914,
  "summary_bg_mean": 8.808622360229492,
  "summary_bg_median": 6.032088279724121,
  "summary_bg_n": 136757.0,
  "summary_bg_p05": 0.0,
  "summary_bg_p95": 23.608309555053708,
  "summary_bg_stdv": 7.041382312774658,
  "summary_csf_k": 0.04265697221150999,
  "summary_csf_mad": 86.43144226074219,
  "summary_csf_mean": 322.2913818359375,
  "summary_csf_median": 332.22198486328125,
  "summary_csf_n": 11197.0,
  "summary_csf_p05": 160.84293212890623,
  "summary_csf_p95": 440.760235595703,
  "summary_csf_stdv": 85.74421691894531,
  "summary_gm_k": 0.3584766669814732,
  "summary_gm_mad": 58.95271301269531,
  "summary_gm_mean": 657.9267578125,
  "summary_gm_median": 655.9786376953125,
  "summary_gm_n": 16705.0,
  "summary_gm_p05": 562.3941284179688,
  "summary_gm_p95": 765.0570068359375,
  "summary_gm_stdv": 61.754783630371094,
  "summary_wm_k": 1.3328692623724017,
  "summary_wm_mad": 32.706153869628906,
  "summary_wm_mean": 997.9794921875,
  "summary_wm_median": 999.9960327148438,
  "summary_wm_n": 145050.0,
  "summary_wm_p05": 932.3746948242188,
  "summary_wm_p95": 1054.9526977539062,
  "summary_wm_stdv": 37.51676940917969,
  "tpm_overlap_csf": 0.17187118530273438,
  "tpm_overlap_gm": 0.4702105224132538,
  "tpm_overlap_wm": 0.5685776472091675,
  "wm2max": 0.6235859448935223
}