{
  "aor": 0.0008345922746781118,
  "aqi": 0.0025195515021459226,
  "bids_meta": {
    "AcquisitionNumber": 7,
    "BidsifyVersion": "0.3.5",
    "ConversionSoftware": "dcm2niix",
    "ConversionSoftwareVersion": "v1.0.20181125  GCC6.3.0",
    "EchoTime": 0.02763,
    "EffectiveEchoSpacing": 0.0006909035636805814,
    "FlipAngle": 76.1,
    "ImageComments": "PIOP2",
    "ImageOrientationPatientDICOM": [
      0.998191,
      -0.0576787,
      -0.0169614,
      0.0580797,
      0.998019,
      0.0241857
    ],
    "Manufacturer": "Philips",
    "NumberOfVolumesDiscardedByScanner": 2,
    "ParallelAcquisitionTechnique": "SENSE",
    "ParallelReductionFactorInPlane": 2,
    "PatientPosition": "HFS",
    "PhaseEncodingDirection": "j",
    "PhilipsRescaleIntercept": 0,
    "PhilipsRescaleSlope": 0.74725,
    "PhilipsScaleSlope": 0.0598479,
    "ProtocolName": "WIPtask-stop_boldSENSE",
    "PulseSequenceType": "gradient echo EPI",
    "ReconMatrixPE": 80,
    "RepetitionTime": 2,
    "SeriesDescription": "ImageMRSERIES",
    "SeriesNumber": 7,
    "SliceEncodingDirection": "k",
    "SliceTiming": [
      0.0,
      0.0556,
      0.1111,
      0.1667,
      0.2222,
      0.2778,
      0.3333,
      0.3889,
      0.4444,
      0.5,
      0.5556,
      0.6111,
      0.6667,
      0.7222,
      0.7778,
      0.8333,
      0.8889,
      0.9444,
      1.0,
      1.0556,
      1.1111,
      1.1667,
      1.2222,
      1.2778,
      1.3333,
      1.3889,
      1.4444,
      1.5,
      1.5556,
      1.6111,
      1.6667,
      1.7222,
      1.7778,
      1.8333,
      1.8889,
      1.9444
    ],
    "TaskName": "stopsignal",
    "TotalReadoutTime": 0.026945238983542674,
    "UsePhilipsFloatNotDisplayScaling": 1,
    "WaterFatShift": 12,
    "acq_id": "seq",
    "dataset": "unknown",
    "modality": "bold",
    "subject_id": "0090",
    "task_id": "stopsignal"
  },
  "dummy_trs": 0,
  "dvars_nstd": 19.986053783103447,
  "dvars_std": 1.2764719912500004,
  "dvars_vstd": 1.004666972586207,
  "efc": 0.4039354446666235,
  "fber": 4744449536.0,
  "fd_mean": 0.12248014206525633,
  "fd_num": 11,
  "fd_perc": 4.721030042918455,
  "fwhm_avg": 2.5373385971092577,
  "fwhm_x": 2.474486666666667,
  "fwhm_y": 2.801686666666667,
  "fwhm_z": 2.335842457994439,
  "gcor": 0.0382858,
  "gsr_x": -0.001866385224275291,
  "gsr_y": 0.0002057768579106778,
  "provenance": {
    "md5sum": "d9c23970f6c7cb514bc0fab307bf3086",
    "settings": {
      "fd_thres": 0.2,
      "hmc_fsl": false
    },
    "software": "mriqc",
    "version": "0.15.0",
    "webapi_port": null,
    "webapi_url": "https://mriqc.nimh.nih.gov/api/v1"
  },
  "size_t": 233,
  "size_x": 80,
  "size_y": 80,
  "size_z": 36,
  "snr": 4.615697568048832,
  "spacing_tr": 2.0,
  "spacing_x": 3.0,
  "spacing_y": 3.0,
  "spacing_z": 3.299999952316284,
  "spikes_num": 1,
  "summary_bg_k": 135.47057039829812,
  "summary_bg_mad": 0.46653974056243896,
  "summary_bg_mean": 125.99940490722656,
  "summary_bg_median": 0.3167014420032501,
  "summary_bg_n": 148450.0,
  "summary_bg_p05": 0.0006063252076273784,
  "summary_bg_p95": 665.8377136230465,
  "summary_bg_stdv": 750.692626953125,
  "summary_fg_k": 1.6563350713552136,
  "summary_fg_mad": 4456.24609375,
  "summary_fg_mean": 24003.2578125,
  "summary_fg_median": 23799.83203125,
  "summary_fg_n": 41654.0,
  "summary_fg_p05": 15857.964062500001,
  "summary_fg_p95": 32201.3294921875,
  "summary_fg_stdv": 5156.21875,
  "tsnr": 96.24401092529297
}