{
  "bids_meta": {
    "AcquisitionNumber": 2,
    "BidsifyVersion": "0.3.5",
    "ConversionSoftware": "dcm2niix",
    "ConversionSoftwareVersion": "v1.0.20181125  GCC6.3.0",
    "EchoTime": 0.00376,
    "ImageComments": "PIOP2",
    "ImageOrientationPatientDICOM": [
      0.998237,
      0.0566307,
      -0.0177861,
      -0.0573832,
      0.997332,
      -0.045114
    ],
    "Manufacturer": "Philips",
    "PatientPosition": "HFS",
    "PhilipsRescaleIntercept": 0,
    "PhilipsRescaleSlope": 8.83394,
    "PhilipsScaleSlope": 0.00720249,
    "ProtocolName": "WIPT1anat_acq-6m_T1wSENSE",
    "ReconMatrixPE": 240,
    "RepetitionTime": 0.008174,
    "SeriesDescription": "ImageMRSERIES",
    "SeriesNumber": 2,
    "UsePhilipsFloatNotDisplayScaling": 1,
    "acq_id": "6m",
    "dataset": "unknown",
    "modality": "T1w",
    "subject_id": "0012"
  },
  "cjv": 0.2495395440193143,
  "cnr": 4.940938967641323,
  "efc": 0.7517556451827553,
  "fber": 1711.330810546875,
  "fwhm_avg": 4.452616666666667,
  "fwhm_x": 4.11305,
  "fwhm_y": 4.59415,
  "fwhm_z": 4.65065,
  "icvs_csf": 0.2527044371651714,
  "icvs_gm": 0.39883073296187016,
  "icvs_wm": 0.34846482987295846,
  "inu_med": 1.8954335451126099,
  "inu_range": 0.3784381151199343,
  "provenance": {
    "md5sum": "8d7f4bf306adeee0cc4b68862cc15641",
    "settings": {
      "testing": false
    },
    "software": "mriqc",
    "version": "0.15.0",
    "warnings": {
      "large_rot_frame": true,
      "small_air_mask": true
    },
    "webapi_port": null,
    "webapi_url": "https://mriqc.nimh.nih.gov/api/v1"
  },
  "qi_1": 0.00015579987963695573,
  "qi_2": 0.00011200373422425956,
  "rpve_csf": 25.48614654044017,
  "rpve_gm": 15.839933813460465,
  "rpve_wm": 23.34410862202107,
  "size_x": 240,
  "size_y": 240,
  "size_z": 220,
  "snr_csf": 2.643873292920287,
  "snr_gm": 10.141235475624061,
  "snr_total": 13.13759057692964,
  "snr_wm": 26.627662962244568,
  "snrd_csf": 24.019799807669244,
  "snrd_gm": 53.63600016779822,
  "snrd_total": 53.95151823384566,
  "snrd_wm": 84.19875472606952,
  "spacing_x": 1.0,
  "spacing_y": 1.0,
  "spacing_z": 1.0,
  "summary_bg_k": 8.679640203467521,
  "summary_bg_mad": 7.780797004699707,
  "summary_bg_mean": 8.047657012939453,
  "summary_bg_median": 5.3978118896484375,
  "summary_bg_n": 163733.0,
  "summary_bg_p05": 0.0,
  "summary_bg_p95": 16.54269027709961,
  "summary_bg_stdv": 6.4145827293396,
  "summary_csf_k": 27.98193965895242,
  "summary_csf_mad": 122.3763427734375,
  "summary_csf_mean": 277.9150390625,
  "summary_csf_median": 285.2737121582031,
  "summary_csf_n": 17286.0,
  "summary_csf_p05": 112.85321235656738,
  "summary_csf_p95": 426.54039001464844,
  "summary_csf_stdv": 107.89679718017578,
  "summary_gm_k": 0.650424440884998,
  "summary_gm_mad": 58.04241943359375,
  "summary_gm_mean": 641.1279296875,
  "summary_gm_median": 637.013671875,
  "summary_gm_n": 27292.0,
  "summary_gm_p05": 547.4367065429688,
  "summary_gm_p95": 753.0068725585936,
  "summary_gm_stdv": 62.81305694580078,
  "summary_wm_k": 1.22613318596287,
  "summary_wm_mad": 32.53589630126953,
  "summary_wm_mean": 997.8619384765625,
  "summary_wm_median": 999.9954833984375,
  "summary_wm_n": 182841.0,
  "summary_wm_p05": 931.490966796875,
  "summary_wm_p95": 1055.2952880859375,
  "summary_wm_stdv": 37.554656982421875,
  "tpm_overlap_csf": 0.2202058732509613,
  "tpm_overlap_gm": 0.5041898488998413,
  "tpm_overlap_wm": 0.5642213821411133,
  "wm2max": 0.7350617611357939
}