{
  "aor": 0.0010919375,
  "aqi": 0.0030020275625,
  "bids_meta": {
    "AcquisitionNumber": 3,
    "BidsifyVersion": "0.3.5",
    "ConversionSoftware": "dcm2niix",
    "ConversionSoftwareVersion": "v1.0.20181125  GCC6.3.0",
    "EchoTime": 0.02763,
    "EffectiveEchoSpacing": 0.0006909035636805814,
    "FlipAngle": 76.1,
    "ImageComments": "PIOP2",
    "ImageOrientationPatientDICOM": [
      0.999949,
      -0.00797628,
      0.00612684,
      0.00785375,
      0.999774,
      0.0197697
    ],
    "Manufacturer": "Philips",
    "NumberOfVolumesDiscardedByScanner": 2,
    "ParallelAcquisitionTechnique": "SENSE",
    "ParallelReductionFactorInPlane": 2,
    "PatientPosition": "HFS",
    "PhaseEncodingDirection": "j",
    "PhilipsRescaleIntercept": 0,
    "PhilipsRescaleSlope": 0.82979,
    "PhilipsScaleSlope": 0.0645173,
    "ProtocolName": "WIPtask-wm_boldSENSE",
    "PulseSequenceType": "gradient echo EPI",
    "ReconMatrixPE": 80,
    "RepetitionTime": 2,
    "SeriesDescription": "ImageMRSERIES",
    "SeriesNumber": 3,
    "SliceEncodingDirection": "k",
    "SliceTiming": [
      0.0,
      0.0556,
      0.1111,
      0.1667,
      0.2222,
      0.2778,
      0.3333,
      0.3889,
      0.4444,
      0.5,
      0.5556,
      0.6111,
      0.6667,
      0.7222,
      0.7778,
      0.8333,
      0.8889,
      0.9444,
      1.0,
      1.0556,
      1.1111,
      1.1667,
      1.2222,
      1.2778,
      1.3333,
      1.3889,
      1.4444,
      1.5,
      1.5556,
      1.6111,
      1.6667,
      1.7222,
      1.7778,
      1.8333,
      1.8889,
      1.9444
    ],
    "TaskName": "workingmemory",
    "TotalReadoutTime": 0.026945238983542674,
    "UsePhilipsFloatNotDisplayScaling": 1,
    "WaterFatShift": 12,
    "acq_id": "seq",
    "dataset": "unknown",
    "modality": "bold",
    "subject_id": "0169",
    "task_id": "workingmemory"
  },
  "dummy_trs": 0,
  "dvars_nstd": 19.592812352452846,
  "dvars_std": 1.19739397100629,
  "dvars_vstd": 0.9942950711320754,
  "efc": 0.3872109539888499,
  "fber": 2989566208.0,
  "fd_mean": 0.084864639435798,
  "fd_num": 4,
  "fd_perc": 2.5,
  "fwhm_avg": 2.527659808983688,
  "fwhm_x": 2.44021,
  "fwhm_y": 2.8581633333333336,
  "fwhm_z": 2.2846060936177297,
  "gcor": 0.0203924,
  "gsr_x": 0.0011665804777294397,
  "gsr_y": -0.0008661536267027259,
  "provenance": {
    "md5sum": "f8a7feb99c37859ac676f18fa4fbd392",
    "settings": {
      "fd_thres": 0.2,
      "hmc_fsl": false
    },
    "software": "mriqc",
    "version": "0.15.0",
    "webapi_port": null,
    "webapi_url": "https://mriqc.nimh.nih.gov/api/v1"
  },
  "size_t": 160,
  "size_x": 80,
  "size_y": 80,
  "size_z": 36,
  "snr": 4.866036776404432,
  "spacing_tr": 2.0,
  "spacing_x": 3.0,
  "spacing_y": 3.0,
  "spacing_z": 3.299999952316284,
  "spikes_num": 1,
  "summary_bg_k": 126.68826723345123,
  "summary_bg_mad": 0.5714092254638672,
  "summary_bg_mean": 148.12339782714844,
  "summary_bg_median": 0.3874405026435852,
  "summary_bg_n": 152474.0,
  "summary_bg_p05": 0.0007555975636933001,
  "summary_bg_p95": 510.19856567383226,
  "summary_bg_stdv": 965.0248413085938,
  "summary_fg_k": 2.6265325192113433,
  "summary_fg_mad": 3708.99462890625,
  "summary_fg_mean": 22342.8046875,
  "summary_fg_median": 22267.529296875,
  "summary_fg_n": 38290.0,
  "summary_fg_p05": 15158.070654296876,
  "summary_fg_p95": 29264.7650390625,
  "summary_fg_stdv": 4576.05224609375,
  "tsnr": 89.20504760742188
}