{
  "aor": 0.000691,
  "aqi": 0.002712130791666667,
  "bids_meta": {
    "AcquisitionNumber": 4,
    "BidsifyVersion": "0.3.5",
    "ConversionSoftware": "dcm2niix",
    "ConversionSoftwareVersion": "v1.0.20181125  GCC6.3.0",
    "EchoTime": 0.02763,
    "EffectiveEchoSpacing": 0.0006909035636805814,
    "FlipAngle": 76.1,
    "ImageComments": "PIOP2",
    "ImageOrientationPatientDICOM": [
      0.999949,
      -0.00797628,
      0.00612684,
      0.00785375,
      0.999774,
      0.0197697
    ],
    "Manufacturer": "Philips",
    "NumberOfVolumesDiscardedByScanner": 2,
    "ParallelAcquisitionTechnique": "SENSE",
    "ParallelReductionFactorInPlane": 2,
    "PatientPosition": "HFS",
    "PhaseEncodingDirection": "j",
    "PhilipsRescaleIntercept": 0,
    "PhilipsRescaleSlope": 0.77729,
    "PhilipsScaleSlope": 0.0676419,
    "ProtocolName": "WIPtask-rest_boldSENSE",
    "PulseSequenceType": "gradient echo EPI",
    "ReconMatrixPE": 80,
    "RepetitionTime": 2,
    "SeriesDescription": "ImageMRSERIES",
    "SeriesNumber": 4,
    "SliceEncodingDirection": "k",
    "SliceTiming": [
      0.0,
      0.0556,
      0.1111,
      0.1667,
      0.2222,
      0.2778,
      0.3333,
      0.3889,
      0.4444,
      0.5,
      0.5556,
      0.6111,
      0.6667,
      0.7222,
      0.7778,
      0.8333,
      0.8889,
      0.9444,
      1.0,
      1.0556,
      1.1111,
      1.1667,
      1.2222,
      1.2778,
      1.3333,
      1.3889,
      1.4444,
      1.5,
      1.5556,
      1.6111,
      1.6667,
      1.7222,
      1.7778,
      1.8333,
      1.8889,
      1.9444
    ],
    "TaskName": "restingstate",
    "TotalReadoutTime": 0.026945238983542674,
    "UsePhilipsFloatNotDisplayScaling": 1,
    "WaterFatShift": 12,
    "acq_id": "seq",
    "dataset": "unknown",
    "modality": "bold",
    "subject_id": "0169",
    "task_id": "restingstate"
  },
  "dummy_trs": 0,
  "dvars_nstd": 18.254490098075305,
  "dvars_std": 1.1888949296234317,
  "dvars_vstd": 0.9967504102510459,
  "efc": 0.387630045605429,
  "fber": 3193244672.0,
  "fd_mean": 0.08739786694384413,
  "fd_num": 4,
  "fd_perc": 1.6666666666666667,
  "fwhm_avg": 2.5105927382203217,
  "fwhm_x": 2.4301866666666667,
  "fwhm_y": 2.828673333333333,
  "fwhm_z": 2.2729182146609657,
  "gcor": 0.0168909,
  "gsr_x": 0.0012209838023409247,
  "gsr_y": -0.0008194788242690265,
  "provenance": {
    "md5sum": "3bb223ef05758f1030c5fa69812daf6e",
    "settings": {
      "fd_thres": 0.2,
      "hmc_fsl": false
    },
    "software": "mriqc",
    "version": "0.15.0",
    "webapi_port": null,
    "webapi_url": "https://mriqc.nimh.nih.gov/api/v1"
  },
  "size_t": 240,
  "size_x": 80,
  "size_y": 80,
  "size_z": 36,
  "snr": 4.936313387012812,
  "spacing_tr": 2.0,
  "spacing_x": 3.0,
  "spacing_y": 3.0,
  "spacing_z": 3.299999952316284,
  "spikes_num": 1,
  "summary_bg_k": 118.13234094927107,
  "summary_bg_mad": 0.5393426418304443,
  "summary_bg_mean": 147.98492431640625,
  "summary_bg_median": 0.36536818742752075,
  "summary_bg_n": 152536.0,
  "summary_bg_p05": 0.000426086327934172,
  "summary_bg_p95": 514.9248962402344,
  "summary_bg_stdv": 948.30126953125,
  "summary_fg_k": 2.4663869721915166,
  "summary_fg_mad": 3725.041015625,
  "summary_fg_mean": 22323.27734375,
  "summary_fg_median": 22250.63671875,
  "summary_fg_n": 38245.0,
  "summary_fg_p05": 15208.210351562499,
  "summary_fg_p95": 29194.637499999993,
  "summary_fg_stdv": 4507.482421875,
  "tsnr": 94.33198547363281
}