{
  "aor": 0.0013260089686098655,
  "aqi": 0.0035379565470852023,
  "bids_meta": {
    "AcquisitionNumber": 7,
    "BidsifyVersion": "0.3.5",
    "ConversionSoftware": "dcm2niix",
    "ConversionSoftwareVersion": "v1.0.20181125  GCC6.3.0",
    "EchoTime": 0.02763,
    "EffectiveEchoSpacing": 0.0006909035636805814,
    "FlipAngle": 76.1,
    "ImageComments": "PIOP2",
    "ImageOrientationPatientDICOM": [
      0.999758,
      -0.00881908,
      -0.0201713,
      0.00488578,
      0.982289,
      -0.187311
    ],
    "Manufacturer": "Philips",
    "NumberOfVolumesDiscardedByScanner": 2,
    "ParallelAcquisitionTechnique": "SENSE",
    "ParallelReductionFactorInPlane": 2,
    "PatientPosition": "HFS",
    "PhaseEncodingDirection": "j",
    "PhilipsRescaleIntercept": 0,
    "PhilipsRescaleSlope": 0.81538,
    "PhilipsScaleSlope": 0.0504193,
    "ProtocolName": "WIPtask-stop_boldSENSE",
    "PulseSequenceType": "gradient echo EPI",
    "ReconMatrixPE": 80,
    "RepetitionTime": 2,
    "SeriesDescription": "ImageMRSERIES",
    "SeriesNumber": 7,
    "SliceEncodingDirection": "k",
    "SliceTiming": [
      0.0,
      0.0556,
      0.1111,
      0.1667,
      0.2222,
      0.2778,
      0.3333,
      0.3889,
      0.4444,
      0.5,
      0.5556,
      0.6111,
      0.6667,
      0.7222,
      0.7778,
      0.8333,
      0.8889,
      0.9444,
      1.0,
      1.0556,
      1.1111,
      1.1667,
      1.2222,
      1.2778,
      1.3333,
      1.3889,
      1.4444,
      1.5,
      1.5556,
      1.6111,
      1.6667,
      1.7222,
      1.7778,
      1.8333,
      1.8889,
      1.9444
    ],
    "TaskName": "stopsignal",
    "TotalReadoutTime": 0.026945238983542674,
    "UsePhilipsFloatNotDisplayScaling": 1,
    "WaterFatShift": 12,
    "acq_id": "seq",
    "dataset": "unknown",
    "modality": "bold",
    "subject_id": "0130",
    "task_id": "stopsignal"
  },
  "dummy_trs": 0,
  "dvars_nstd": 18.07746237653151,
  "dvars_std": 1.1883970203153156,
  "dvars_vstd": 0.9621420943693689,
  "efc": 0.38918044567077253,
  "fber": 3294777088.0,
  "fd_mean": 0.08437404101148376,
  "fd_num": 1,
  "fd_perc": 0.4484304932735426,
  "fwhm_avg": 2.5159597079458256,
  "fwhm_x": 2.55845,
  "fwhm_y": 2.7105866666666665,
  "fwhm_z": 2.278842457170811,
  "gcor": 0.01593,
  "gsr_x": -0.0022212706971913576,
  "gsr_y": 0.0012711907038465142,
  "provenance": {
    "md5sum": "21f6a701443394a67abc31997d568154",
    "settings": {
      "fd_thres": 0.2,
      "hmc_fsl": false
    },
    "software": "mriqc",
    "version": "0.15.0",
    "webapi_port": null,
    "webapi_url": "https://mriqc.nimh.nih.gov/api/v1"
  },
  "size_t": 223,
  "size_x": 80,
  "size_y": 80,
  "size_z": 36,
  "snr": 4.269705303246248,
  "spacing_tr": 2.0,
  "spacing_x": 3.0,
  "spacing_y": 3.0,
  "spacing_z": 3.299999952316284,
  "spikes_num": 2,
  "summary_bg_k": 133.60407495920776,
  "summary_bg_mad": 0.5846822261810303,
  "summary_bg_mean": 155.12330627441406,
  "summary_bg_median": 0.3943621516227722,
  "summary_bg_n": 150701.0,
  "summary_bg_p05": 0.0,
  "summary_bg_p95": 675.11572265625,
  "summary_bg_stdv": 926.4688110351562,
  "summary_fg_k": 1.927702579702271,
  "summary_fg_mad": 5228.97021484375,
  "summary_fg_mean": 26633.83203125,
  "summary_fg_median": 26397.8828125,
  "summary_fg_n": 39533.0,
  "summary_fg_p05": 17075.371484375,
  "summary_fg_p95": 36349.90078125,
  "summary_fg_stdv": 6182.5224609375,
  "tsnr": 78.04620361328125
}