{
  "aor": 0.001686,
  "aqi": 0.005843561703703703,
  "bids_meta": {
    "AcquisitionNumber": 8,
    "BidsifyVersion": "0.3.5",
    "ConversionSoftware": "dcm2niix",
    "ConversionSoftwareVersion": "v1.0.20181125  GCC6.3.0",
    "EchoTime": 0.02763,
    "EffectiveEchoSpacing": 0.0006909035636805814,
    "FlipAngle": 76.1,
    "ImageComments": "PIOP2",
    "ImageOrientationPatientDICOM": [
      0.999758,
      -0.00881908,
      -0.0201713,
      0.00488578,
      0.982289,
      -0.187311
    ],
    "Manufacturer": "Philips",
    "NumberOfVolumesDiscardedByScanner": 2,
    "ParallelAcquisitionTechnique": "SENSE",
    "ParallelReductionFactorInPlane": 2,
    "PatientPosition": "HFS",
    "PhaseEncodingDirection": "j",
    "PhilipsRescaleIntercept": 0,
    "PhilipsRescaleSlope": 0.79976,
    "PhilipsScaleSlope": 0.0498359,
    "ProtocolName": "WIPtask-harriri_boldSENSE",
    "PulseSequenceType": "gradient echo EPI",
    "ReconMatrixPE": 80,
    "RepetitionTime": 2,
    "SeriesDescription": "ImageMRSERIES",
    "SeriesNumber": 8,
    "SliceEncodingDirection": "k",
    "SliceTiming": [
      0.0,
      0.0556,
      0.1111,
      0.1667,
      0.2222,
      0.2778,
      0.3333,
      0.3889,
      0.4444,
      0.5,
      0.5556,
      0.6111,
      0.6667,
      0.7222,
      0.7778,
      0.8333,
      0.8889,
      0.9444,
      1.0,
      1.0556,
      1.1111,
      1.1667,
      1.2222,
      1.2778,
      1.3333,
      1.3889,
      1.4444,
      1.5,
      1.5556,
      1.6111,
      1.6667,
      1.7222,
      1.7778,
      1.8333,
      1.8889,
      1.9444
    ],
    "TaskName": "emorecognition",
    "TotalReadoutTime": 0.026945238983542674,
    "UsePhilipsFloatNotDisplayScaling": 1,
    "WaterFatShift": 12,
    "acq_id": "seq",
    "dataset": "unknown",
    "modality": "bold",
    "subject_id": "0130",
    "task_id": "emorecognition"
  },
  "dummy_trs": 0,
  "dvars_nstd": 21.164678580373142,
  "dvars_std": 1.1786011259701492,
  "dvars_vstd": 22.416243403731322,
  "efc": 0.3887978093402827,
  "fber": 855065728.0,
  "fd_mean": 0.1296719496085509,
  "fd_num": 18,
  "fd_perc": 13.333333333333334,
  "fwhm_avg": 2.520349000994671,
  "fwhm_x": 2.5668633333333335,
  "fwhm_y": 2.69052,
  "fwhm_z": 2.3036636696506796,
  "gcor": 0.0259824,
  "gsr_x": -0.0021242923103272915,
  "gsr_y": 0.0012961692409589887,
  "provenance": {
    "md5sum": "a0f4da7c3c112e07578ec8d9782b9587",
    "settings": {
      "fd_thres": 0.2,
      "hmc_fsl": false
    },
    "software": "mriqc",
    "version": "0.15.0",
    "webapi_port": null,
    "webapi_url": "https://mriqc.nimh.nih.gov/api/v1"
  },
  "size_t": 135,
  "size_x": 80,
  "size_y": 80,
  "size_z": 36,
  "snr": 4.2614496870206136,
  "spacing_tr": 2.0,
  "spacing_x": 3.0,
  "spacing_y": 3.0,
  "spacing_z": 3.299999952316284,
  "spikes_num": 0,
  "summary_bg_k": 130.87331335151862,
  "summary_bg_mad": 1.2412145137786865,
  "summary_bg_mean": 158.01983642578125,
  "summary_bg_median": 0.8392657041549683,
  "summary_bg_n": 150859.0,
  "summary_bg_p05": 0.0,
  "summary_bg_p95": 695.1314331054705,
  "summary_bg_stdv": 939.5806274414062,
  "summary_fg_k": 1.7895462296226183,
  "summary_fg_mad": 5280.12451171875,
  "summary_fg_mean": 26858.0546875,
  "summary_fg_median": 26607.24609375,
  "summary_fg_n": 39392.0,
  "summary_fg_p05": 17135.42431640625,
  "summary_fg_p95": 36674.1443359375,
  "summary_fg_stdv": 6243.62841796875,
  "tsnr": 62.66239929199219
}