{
  "aor": 0.00250675,
  "aqi": 0.004042319458333333,
  "bids_meta": {
    "AcquisitionNumber": 4,
    "BidsifyVersion": "0.3.5",
    "ConversionSoftware": "dcm2niix",
    "ConversionSoftwareVersion": "v1.0.20181125  GCC6.3.0",
    "EchoTime": 0.02763,
    "FlipAngle": 76.1,
    "ImageComments": "PIOP2",
    "ImageOrientationPatientDICOM": [
      0.999202,
      -0.0324266,
      0.0233399,
      0.0376869,
      0.958921,
      -0.281159
    ],
    "Manufacturer": "Philips",
    "NumberOfVolumesDiscardedByScanner": 2,
    "ParallelAcquisitionTechnique": "SENSE",
    "ParallelReductionFactorInPlane": 2,
    "PatientPosition": "HFS",
    "PhaseEncodingDirection": "j",
    "PhilipsRescaleIntercept": 0,
    "PhilipsRescaleSlope": 0.81099,
    "PhilipsScaleSlope": 0.0557431,
    "ProtocolName": "WIPtask-rest_boldSENSE",
    "PulseSequenceType": "gradient echo EPI",
    "ReconMatrixPE": 80,
    "RepetitionTime": 2,
    "SeriesDescription": "ImageMRSERIES",
    "SeriesNumber": 4,
    "SliceEncodingDirection": "k",
    "TaskName": "restingstate",
    "UsePhilipsFloatNotDisplayScaling": 1,
    "WaterFatShift": 12,
    "acq_id": "seq",
    "dataset": "unknown",
    "modality": "bold",
    "subject_id": "0045",
    "task_id": "restingstate"
  },
  "dummy_trs": 0,
  "dvars_nstd": 18.791196141171557,
  "dvars_std": 1.2093953346861923,
  "dvars_vstd": 1.0573830258995807,
  "efc": 0.4070296952035385,
  "fber": 518999616.0,
  "fd_mean": 0.12527924082023137,
  "fd_num": 26,
  "fd_perc": 10.833333333333334,
  "fwhm_avg": 2.502957384649939,
  "fwhm_x": 2.4713133333333333,
  "fwhm_y": 2.7719133333333335,
  "fwhm_z": 2.2656454872831504,
  "gcor": 0.0300197,
  "gsr_x": -0.00210393825545907,
  "gsr_y": 0.005422814283519983,
  "provenance": {
    "md5sum": "7dc4d2affbd3963a7225974ebe08faa7",
    "settings": {
      "fd_thres": 0.2,
      "hmc_fsl": false
    },
    "software": "mriqc",
    "version": "0.15.0",
    "webapi_port": null,
    "webapi_url": "https://mriqc.nimh.nih.gov/api/v1"
  },
  "size_t": 240,
  "size_x": 80,
  "size_y": 80,
  "size_z": 36,
  "snr": 5.159538323220729,
  "spacing_tr": 2.0,
  "spacing_x": 3.0,
  "spacing_y": 3.0,
  "spacing_z": 3.299999952316284,
  "spikes_num": 1,
  "summary_bg_k": 162.69275937840254,
  "summary_bg_mad": 1.4231951236724854,
  "summary_bg_mean": 217.58193969726562,
  "summary_bg_median": 0.9599304795265198,
  "summary_bg_n": 148502.0,
  "summary_bg_p05": 0.0,
  "summary_bg_p95": 1033.3004699706967,
  "summary_bg_stdv": 1216.4287109375,
  "summary_fg_k": 2.915250266074019,
  "summary_fg_mad": 3897.033203125,
  "summary_fg_mean": 25246.587890625,
  "summary_fg_median": 25125.55859375,
  "summary_fg_n": 40856.0,
  "summary_fg_p05": 17850.5380859375,
  "summary_fg_p95": 32760.04345703125,
  "summary_fg_stdv": 4869.67041015625,
  "tsnr": 83.2220458984375
}