{
  "aor": 0.0007274074074074075,
  "aqi": 0.0027497681481481484,
  "bids_meta": {
    "AcquisitionNumber": 8,
    "BidsifyVersion": "0.3.5",
    "ConversionSoftware": "dcm2niix",
    "ConversionSoftwareVersion": "v1.0.20181125  GCC6.3.0",
    "EchoTime": 0.02763,
    "EffectiveEchoSpacing": 0.0006909035636805814,
    "FlipAngle": 76.1,
    "ImageComments": "PIOP2",
    "ImageOrientationPatientDICOM": [
      0.999756,
      0.0125649,
      -0.0181707,
      -0.01588,
      0.980539,
      -0.195682
    ],
    "Manufacturer": "Philips",
    "NumberOfVolumesDiscardedByScanner": 2,
    "ParallelAcquisitionTechnique": "SENSE",
    "ParallelReductionFactorInPlane": 2,
    "PatientPosition": "HFS",
    "PhaseEncodingDirection": "j",
    "PhilipsRescaleIntercept": 0,
    "PhilipsRescaleSlope": 0.79219,
    "PhilipsScaleSlope": 0.0621021,
    "ProtocolName": "WIPtask-harriri_boldSENSE",
    "PulseSequenceType": "gradient echo EPI",
    "ReconMatrixPE": 80,
    "RepetitionTime": 2,
    "SeriesDescription": "ImageMRSERIES",
    "SeriesNumber": 8,
    "SliceEncodingDirection": "k",
    "SliceTiming": [
      0.0,
      0.0556,
      0.1111,
      0.1667,
      0.2222,
      0.2778,
      0.3333,
      0.3889,
      0.4444,
      0.5,
      0.5556,
      0.6111,
      0.6667,
      0.7222,
      0.7778,
      0.8333,
      0.8889,
      0.9444,
      1.0,
      1.0556,
      1.1111,
      1.1667,
      1.2222,
      1.2778,
      1.3333,
      1.3889,
      1.4444,
      1.5,
      1.5556,
      1.6111,
      1.6667,
      1.7222,
      1.7778,
      1.8333,
      1.8889,
      1.9444
    ],
    "TaskName": "emomatching",
    "TotalReadoutTime": 0.026945238983542674,
    "UsePhilipsFloatNotDisplayScaling": 1,
    "WaterFatShift": 12,
    "acq_id": "seq",
    "dataset": "unknown",
    "modality": "bold",
    "subject_id": "0026",
    "task_id": "emomatching"
  },
  "dummy_trs": 0,
  "dvars_nstd": 19.8874824435821,
  "dvars_std": 1.3038504802238806,
  "dvars_vstd": 1.0026583659701498,
  "efc": 0.37836064033670996,
  "fber": 5507342336.0,
  "fd_mean": 0.10488462547937832,
  "fd_num": 2,
  "fd_perc": 1.4814814814814814,
  "fwhm_avg": 2.541667283757055,
  "fwhm_x": 2.4980433333333334,
  "fwhm_y": 2.8369766666666667,
  "fwhm_z": 2.2899818512711647,
  "gcor": 0.024185,
  "gsr_x": -0.0025807609781622887,
  "gsr_y": -0.0005261076148599386,
  "provenance": {
    "md5sum": "f9912b4993885f6a624433b55da97c7c",
    "settings": {
      "fd_thres": 0.2,
      "hmc_fsl": false
    },
    "software": "mriqc",
    "version": "0.15.0",
    "webapi_port": null,
    "webapi_url": "https://mriqc.nimh.nih.gov/api/v1"
  },
  "size_t": 135,
  "size_x": 80,
  "size_y": 80,
  "size_z": 36,
  "snr": 4.995810779836769,
  "spacing_tr": 2.0,
  "spacing_x": 3.0,
  "spacing_y": 3.0,
  "spacing_z": 3.299999952316284,
  "spikes_num": 0,
  "summary_bg_k": 149.50622591677657,
  "summary_bg_mad": 0.42103102803230286,
  "summary_bg_mean": 146.74935913085938,
  "summary_bg_median": 0.2859048843383789,
  "summary_bg_n": 154285.0,
  "summary_bg_p05": 0.0008739344659261406,
  "summary_bg_p95": 616.022009277343,
  "summary_bg_stdv": 917.8558349609375,
  "summary_fg_k": 2.807762795104117,
  "summary_fg_mad": 3704.94775390625,
  "summary_fg_mean": 22927.48046875,
  "summary_fg_median": 22876.0546875,
  "summary_fg_n": 36290.0,
  "summary_fg_p05": 15722.016552734376,
  "summary_fg_p95": 29818.129687499997,
  "summary_fg_stdv": 4578.984375,
  "tsnr": 99.75892639160156
}