{
  "aor": 0.003475418502202644,
  "aqi": 0.004536038546255507,
  "bids_meta": {
    "AcquisitionNumber": 7,
    "BidsifyVersion": "0.3.5",
    "ConversionSoftware": "dcm2niix",
    "ConversionSoftwareVersion": "v1.0.20181125  GCC6.3.0",
    "EchoTime": 0.02763,
    "EffectiveEchoSpacing": 0.0006909035636805814,
    "FlipAngle": 76.1,
    "ImageComments": "PIOP2",
    "ImageOrientationPatientDICOM": [
      0.999756,
      0.0125649,
      -0.0181707,
      -0.01588,
      0.980539,
      -0.195682
    ],
    "Manufacturer": "Philips",
    "NumberOfVolumesDiscardedByScanner": 2,
    "ParallelAcquisitionTechnique": "SENSE",
    "ParallelReductionFactorInPlane": 2,
    "PatientPosition": "HFS",
    "PhaseEncodingDirection": "j",
    "PhilipsRescaleIntercept": 0,
    "PhilipsRescaleSlope": 0.8127,
    "PhilipsScaleSlope": 0.0619443,
    "ProtocolName": "WIPtask-stop_boldSENSE",
    "PulseSequenceType": "gradient echo EPI",
    "ReconMatrixPE": 80,
    "RepetitionTime": 2,
    "SeriesDescription": "ImageMRSERIES",
    "SeriesNumber": 7,
    "SliceEncodingDirection": "k",
    "SliceTiming": [
      0.0,
      0.0556,
      0.1111,
      0.1667,
      0.2222,
      0.2778,
      0.3333,
      0.3889,
      0.4444,
      0.5,
      0.5556,
      0.6111,
      0.6667,
      0.7222,
      0.7778,
      0.8333,
      0.8889,
      0.9444,
      1.0,
      1.0556,
      1.1111,
      1.1667,
      1.2222,
      1.2778,
      1.3333,
      1.3889,
      1.4444,
      1.5,
      1.5556,
      1.6111,
      1.6667,
      1.7222,
      1.7778,
      1.8333,
      1.8889,
      1.9444
    ],
    "TaskName": "stopsignal",
    "TotalReadoutTime": 0.026945238983542674,
    "UsePhilipsFloatNotDisplayScaling": 1,
    "WaterFatShift": 12,
    "acq_id": "seq",
    "dataset": "unknown",
    "modality": "bold",
    "subject_id": "0026",
    "task_id": "stopsignal"
  },
  "dummy_trs": 0,
  "dvars_nstd": 20.901146964690263,
  "dvars_std": 1.3137449507079657,
  "dvars_vstd": 1.013521662123894,
  "efc": 0.3795312463481062,
  "fber": 626113216.0,
  "fd_mean": 0.11664093230423125,
  "fd_num": 11,
  "fd_perc": 4.845814977973569,
  "fwhm_avg": 2.539650213034469,
  "fwhm_x": 2.4945633333333332,
  "fwhm_y": 2.8376266666666665,
  "fwhm_z": 2.2867606391034077,
  "gcor": 0.0283963,
  "gsr_x": -0.002595482161268592,
  "gsr_y": -0.0005343136726878583,
  "provenance": {
    "md5sum": "cf427aea0602ea99451f58b4d9406a21",
    "settings": {
      "fd_thres": 0.2,
      "hmc_fsl": false
    },
    "software": "mriqc",
    "version": "0.15.0",
    "webapi_port": null,
    "webapi_url": "https://mriqc.nimh.nih.gov/api/v1"
  },
  "size_t": 227,
  "size_x": 80,
  "size_y": 80,
  "size_z": 36,
  "snr": 5.043317417633301,
  "spacing_tr": 2.0,
  "spacing_x": 3.0,
  "spacing_y": 3.0,
  "spacing_z": 3.299999952316284,
  "spikes_num": 0,
  "summary_bg_k": 139.5956567375716,
  "summary_bg_mad": 1.2207542657852173,
  "summary_bg_mean": 151.1953582763672,
  "summary_bg_median": 0.8302060961723328,
  "summary_bg_n": 154270.0,
  "summary_bg_p05": 0.0015065021230839194,
  "summary_bg_p95": 644.6995666503899,
  "summary_bg_stdv": 908.943115234375,
  "summary_fg_k": 2.67226184770837,
  "summary_fg_mad": 3689.6669921875,
  "summary_fg_mean": 22917.494140625,
  "summary_fg_median": 22836.70703125,
  "summary_fg_n": 36297.0,
  "summary_fg_p05": 15779.298046875,
  "summary_fg_p95": 29814.504687499997,
  "summary_fg_stdv": 4528.0498046875,
  "tsnr": 76.54217529296875
}