{
  "aor": 0.0013292592592592592,
  "aqi": 0.0034853011111111113,
  "bids_meta": {
    "AcquisitionNumber": 8,
    "BidsifyVersion": "0.3.5",
    "ConversionSoftware": "dcm2niix",
    "ConversionSoftwareVersion": "v1.0.20181125  GCC6.3.0",
    "EchoTime": 0.02763,
    "FlipAngle": 76.1,
    "ImageComments": "PIOP2",
    "ImageOrientationPatientDICOM": [
      0.997972,
      -0.0471274,
      0.0427992,
      0.0523015,
      0.990244,
      -0.129155
    ],
    "Manufacturer": "Philips",
    "NumberOfVolumesDiscardedByScanner": 2,
    "ParallelAcquisitionTechnique": "SENSE",
    "ParallelReductionFactorInPlane": 2,
    "PatientPosition": "HFS",
    "PhaseEncodingDirection": "j",
    "PhilipsRescaleIntercept": 0,
    "PhilipsRescaleSlope": 0.77973,
    "PhilipsScaleSlope": 0.0610121,
    "ProtocolName": "WIPtask-harriri_boldSENSE",
    "PulseSequenceType": "gradient echo EPI",
    "ReconMatrixPE": 80,
    "RepetitionTime": 2,
    "SeriesDescription": "ImageMRSERIES",
    "SeriesNumber": 8,
    "SliceEncodingDirection": "k",
    "TaskName": "emomatching",
    "UsePhilipsFloatNotDisplayScaling": 1,
    "WaterFatShift": 12,
    "acq_id": "seq",
    "dataset": "unknown",
    "modality": "bold",
    "subject_id": "0104",
    "task_id": "emomatching"
  },
  "dummy_trs": 0,
  "dvars_nstd": 16.680534889626863,
  "dvars_std": 1.1169713526119394,
  "dvars_vstd": 0.9760947420895517,
  "efc": 0.3708426541119963,
  "fber": 2606828288.0,
  "fd_mean": 0.1423820360855034,
  "fd_num": 15,
  "fd_perc": 11.11111111111111,
  "fwhm_avg": 2.4534646573130643,
  "fwhm_x": 2.341466666666667,
  "fwhm_y": 2.7666,
  "fwhm_z": 2.252327305272526,
  "gcor": 0.0133227,
  "gsr_x": -0.00809604860842228,
  "gsr_y": 0.0008097164100036025,
  "provenance": {
    "md5sum": "74e40a955e3491cc24763e88e536fc16",
    "settings": {
      "fd_thres": 0.2,
      "hmc_fsl": false
    },
    "software": "mriqc",
    "version": "0.15.0",
    "webapi_port": null,
    "webapi_url": "https://mriqc.nimh.nih.gov/api/v1"
  },
  "size_t": 135,
  "size_x": 80,
  "size_y": 80,
  "size_z": 36,
  "snr": 4.385422602106203,
  "spacing_tr": 2.0,
  "spacing_x": 3.0,
  "spacing_y": 3.0,
  "spacing_z": 3.299999952316284,
  "spikes_num": 0,
  "summary_bg_k": 139.7102424316792,
  "summary_bg_mad": 0.6260870695114136,
  "summary_bg_mean": 142.1025390625,
  "summary_bg_median": 0.4225974678993225,
  "summary_bg_n": 156566.0,
  "summary_bg_p05": 0.0,
  "summary_bg_p95": 487.52381134033203,
  "summary_bg_stdv": 884.33056640625,
  "summary_fg_k": 1.641942103880444,
  "summary_fg_mad": 4474.80908203125,
  "summary_fg_mean": 24139.162109375,
  "summary_fg_median": 23542.416015625,
  "summary_fg_n": 35393.0,
  "summary_fg_p05": 16986.855078125,
  "summary_fg_p95": 33996.90000000001,
  "summary_fg_stdv": 5368.2587890625,
  "tsnr": 88.04039001464844
}