{
  "bids_meta": {
    "AcquisitionNumber": 2,
    "BidsifyVersion": "0.3.5",
    "ConversionSoftware": "dcm2niix",
    "ConversionSoftwareVersion": "v1.0.20181125  GCC6.3.0",
    "EchoTime": 0.00374,
    "ImageComments": "PIOP2",
    "ImageOrientationPatientDICOM": [
      0.999596,
      0.00894573,
      0.0269879,
      -0.00819992,
      0.999585,
      -0.0276206
    ],
    "Manufacturer": "Philips",
    "PatientPosition": "HFS",
    "PhilipsRescaleIntercept": 0,
    "PhilipsRescaleSlope": 9.34383,
    "PhilipsScaleSlope": 0.00764738,
    "ProtocolName": "WIPT1anat_acq-6m_T1wSENSE",
    "ReconMatrixPE": 240,
    "RepetitionTime": 0.008189,
    "SeriesDescription": "ImageMRSERIES",
    "SeriesNumber": 2,
    "UsePhilipsFloatNotDisplayScaling": 1,
    "acq_id": "6m",
    "dataset": "unknown",
    "modality": "T1w",
    "subject_id": "0109"
  },
  "cjv": 0.26828864869843455,
  "cnr": 4.504606366520643,
  "efc": 0.7481883158000087,
  "fber": 1382.71142578125,
  "fwhm_avg": 4.784513423619474,
  "fwhm_x": 4.544250270858423,
  "fwhm_y": 4.8207,
  "fwhm_z": 4.98859,
  "icvs_csf": 0.2536607744036317,
  "icvs_gm": 0.3868300601391606,
  "icvs_wm": 0.3595091654572076,
  "inu_med": 1.8273656368255615,
  "inu_range": 0.43524312973022483,
  "provenance": {
    "md5sum": "b6c53ea227ada8d749b53a0877b544d2",
    "settings": {
      "testing": false
    },
    "software": "mriqc",
    "version": "0.15.0",
    "warnings": {
      "large_rot_frame": true,
      "small_air_mask": true
    },
    "webapi_port": null,
    "webapi_url": "https://mriqc.nimh.nih.gov/api/v1"
  },
  "qi_1": 0.0,
  "qi_2": 0.00020627532398740473,
  "rpve_csf": 21.992290992245398,
  "rpve_gm": 13.887649277184162,
  "rpve_wm": 19.514011045203517,
  "size_x": 240,
  "size_y": 240,
  "size_z": 220,
  "snr_csf": 2.883104955027702,
  "snr_gm": 9.434860741521225,
  "snr_total": 12.377706977271918,
  "snr_wm": 24.81515523526683,
  "snrd_csf": 22.017147003006812,
  "snrd_gm": 49.197685938770874,
  "snrd_total": 49.2761209317786,
  "snrd_wm": 76.6135298535581,
  "spacing_x": 0.9999999403953552,
  "spacing_y": 1.0,
  "spacing_z": 1.0,
  "summary_bg_k": 11.759422594257925,
  "summary_bg_mad": 8.55117130279541,
  "summary_bg_mean": 8.879129409790039,
  "summary_bg_median": 5.916486740112305,
  "summary_bg_n": 129381.0,
  "summary_bg_p05": 0.0,
  "summary_bg_p95": 23.20212173461914,
  "summary_bg_stdv": 7.3902716636657715,
  "summary_csf_k": 7.460485742997255,
  "summary_csf_mad": 112.97874450683594,
  "summary_csf_mean": 278.6142578125,
  "summary_csf_median": 287.3789367675781,
  "summary_csf_n": 21391.0,
  "summary_csf_p05": 119.70695877075195,
  "summary_csf_p95": 425.9690856933594,
  "summary_csf_stdv": 99.674560546875,
  "summary_gm_k": 0.8215384563701722,
  "summary_gm_mad": 62.1685791015625,
  "summary_gm_mean": 647.613037109375,
  "summary_gm_median": 642.153076171875,
  "summary_gm_n": 19833.0,
  "summary_gm_p05": 549.06005859375,
  "summary_gm_p95": 771.5740112304686,
  "summary_gm_stdv": 68.06002807617188,
  "summary_wm_k": 1.391783170070398,
  "summary_wm_mad": 33.83729553222656,
  "summary_wm_mean": 997.1395263671875,
  "summary_wm_median": 999.99853515625,
  "summary_wm_n": 234272.0,
  "summary_wm_p05": 925.3263916015626,
  "summary_wm_p95": 1058.0653259277342,
  "summary_wm_stdv": 40.29780960083008,
  "tpm_overlap_csf": 0.2180081009864807,
  "tpm_overlap_gm": 0.49079883098602295,
  "tpm_overlap_wm": 0.559365451335907,
  "wm2max": 0.8026199564617901
}