{
    "Manufacturer": "Philips",
    "PatientPosition": "HFS",
    "SeriesDescription": "ImageMRSERIES",
    "ProtocolName": "WIPdwi_acq-32b1000SENSE",
    "SeriesNumber": 6,
    "AcquisitionNumber": 6,
    "ImageComments": "PIOP2",
    "PhilipsRescaleSlope": 4.19609,
    "PhilipsRescaleIntercept": 0,
    "PhilipsScaleSlope": 0.0253626,
    "UsePhilipsFloatNotDisplayScaling": 1,
    "EchoTime": 0.08599,
    "RepetitionTime": 7.38463,
    "ReconMatrixPE": 112,
    "ImageOrientationPatientDICOM": [
        0.998868,
        0.0405855,
        -0.0248051,
        -0.0392456,
        0.99786,
        0.0523043
    ],
    "ConversionSoftware": "dcm2niix",
    "ConversionSoftwareVersion": "v1.0.20181125  GCC6.3.0",
    "BidsifyVersion": "0.3.5",
    "FlipAngle": 90,
    "WaterFatShift": 18.927,
    "ParallelAcquisitionTechnique": "SENSE",
    "ParallelReductionFactorInPlane": 2,
    "PhaseEncodingDirection": "j"
}