{
  "aor": 0.0007841874999999999,
  "aqi": 0.0036111631249999996,
  "bids_meta": {
    "AcquisitionNumber": 3,
    "BidsifyVersion": "0.3.5",
    "ConversionSoftware": "dcm2niix",
    "ConversionSoftwareVersion": "v1.0.20181125  GCC6.3.0",
    "EchoTime": 0.02763,
    "FlipAngle": 76.1,
    "ImageComments": "PIOP2",
    "ImageOrientationPatientDICOM": [
      0.998611,
      0.0526011,
      0.00312632,
      -0.0507622,
      0.976225,
      -0.210732
    ],
    "Manufacturer": "Philips",
    "NumberOfVolumesDiscardedByScanner": 2,
    "ParallelAcquisitionTechnique": "SENSE",
    "ParallelReductionFactorInPlane": 2,
    "PatientPosition": "HFS",
    "PhaseEncodingDirection": "j",
    "PhilipsRescaleIntercept": 0,
    "PhilipsRescaleSlope": 0.78706,
    "PhilipsScaleSlope": 0.0571936,
    "ProtocolName": "WIPtask-wm_boldSENSE",
    "PulseSequenceType": "gradient echo EPI",
    "ReconMatrixPE": 80,
    "RepetitionTime": 2,
    "SeriesDescription": "ImageMRSERIES",
    "SeriesNumber": 3,
    "SliceEncodingDirection": "k",
    "TaskName": "workingmemory",
    "UsePhilipsFloatNotDisplayScaling": 1,
    "WaterFatShift": 12,
    "acq_id": "seq",
    "dataset": "unknown",
    "modality": "bold",
    "subject_id": "0112",
    "task_id": "workingmemory"
  },
  "dummy_trs": 0,
  "dvars_nstd": 20.85823733245283,
  "dvars_std": 1.3407103117610057,
  "dvars_vstd": 0.9875313867295598,
  "efc": 0.40007143149563995,
  "fber": 1177869440.0,
  "fd_mean": 0.09045551729306814,
  "fd_num": 3,
  "fd_perc": 1.875,
  "fwhm_avg": 2.5682034454827853,
  "fwhm_x": 2.5272433333333333,
  "fwhm_y": 2.8646366666666663,
  "fwhm_z": 2.3127303364483565,
  "gcor": 0.0512411,
  "gsr_x": -0.006490808911621571,
  "gsr_y": 0.004351493902504444,
  "provenance": {
    "md5sum": "9999b981b2f06573474b6417bf7f181d",
    "settings": {
      "fd_thres": 0.2,
      "hmc_fsl": false
    },
    "software": "mriqc",
    "version": "0.15.0",
    "webapi_port": null,
    "webapi_url": "https://mriqc.nimh.nih.gov/api/v1"
  },
  "size_t": 160,
  "size_x": 80,
  "size_y": 80,
  "size_z": 36,
  "snr": 5.356456482339996,
  "spacing_tr": 2.0,
  "spacing_x": 3.0,
  "spacing_y": 3.0,
  "spacing_z": 3.299999952316284,
  "spikes_num": 0,
  "summary_bg_k": 98.9380351625467,
  "summary_bg_mad": 1.0111244916915894,
  "summary_bg_mean": 200.0882110595703,
  "summary_bg_median": 0.6905063986778259,
  "summary_bg_n": 150286.0,
  "summary_bg_p05": 0.0026346701779402792,
  "summary_bg_p95": 943.4904632568359,
  "summary_bg_stdv": 1142.046875,
  "summary_fg_k": 3.1317558715038274,
  "summary_fg_mad": 3755.2578125,
  "summary_fg_mean": 26023.181640625,
  "summary_fg_median": 26026.138671875,
  "summary_fg_n": 39725.0,
  "summary_fg_p05": 18386.922265625002,
  "summary_fg_p95": 33357.30859374998,
  "summary_fg_stdv": 4858.77392578125,
  "tsnr": 94.5230941772461
}