{
  "bids_meta": {
    "AcquisitionNumber": 2,
    "BidsifyVersion": "0.3.5",
    "ConversionSoftware": "dcm2niix",
    "ConversionSoftwareVersion": "v1.0.20181125  GCC6.3.0",
    "EchoTime": 0.00374,
    "ImageComments": "PIOP2",
    "ImageOrientationPatientDICOM": [
      0.999625,
      0.0206943,
      -0.0179137,
      -0.0209392,
      0.999688,
      -0.01359
    ],
    "Manufacturer": "Philips",
    "NumberSignalAcquisitions": 2,
    "PatientPosition": "HFS",
    "PhilipsRescaleIntercept": 0,
    "PhilipsRescaleSlope": 8.49109,
    "PhilipsScaleSlope": 0.00749223,
    "ProtocolName": "WIPT1anat_acq-6m_T1wSENSE",
    "ReconMatrixPE": 240,
    "RepetitionTime": 0.008171,
    "SeriesDescription": "ImageMRSERIES",
    "SeriesNumber": 2,
    "UsePhilipsFloatNotDisplayScaling": 1,
    "dataset": "unknown",
    "modality": "T1w",
    "subject_id": "0055"
  },
  "cjv": 0.2609589963195973,
  "cnr": 4.573091741413393,
  "efc": 0.7571635089848955,
  "fber": 1849.13525390625,
  "fwhm_avg": 4.565256854785692,
  "fwhm_x": 4.22743,
  "fwhm_y": 4.669560278327482,
  "fwhm_z": 4.7987802860295945,
  "icvs_csf": 0.2557842183298372,
  "icvs_gm": 0.4092738487265969,
  "icvs_wm": 0.3349419329435659,
  "inu_med": 1.7839380502700806,
  "inu_range": 0.3793654799461359,
  "provenance": {
    "md5sum": "d8bf8f05fdcf6960fb024133b6bccda5",
    "settings": {
      "testing": false
    },
    "software": "mriqc",
    "version": "0.15.0",
    "warnings": {
      "large_rot_frame": true,
      "small_air_mask": true
    },
    "webapi_port": null,
    "webapi_url": "https://mriqc.nimh.nih.gov/api/v1"
  },
  "qi_1": 0.0,
  "qi_2": 0.0001471709686158359,
  "rpve_csf": 24.862454930115693,
  "rpve_gm": 15.510597766695145,
  "rpve_wm": 23.912079761595383,
  "size_x": 240,
  "size_y": 240,
  "size_z": 220,
  "snr_csf": 3.178258856337721,
  "snr_gm": 9.158029895550317,
  "snr_total": 12.364625372516377,
  "snr_wm": 24.757587365661088,
  "snrd_csf": 25.376650499615877,
  "snrd_gm": 52.04988981151628,
  "snrd_total": 53.24750785662203,
  "snrd_wm": 82.31598325873394,
  "spacing_x": 1.0,
  "spacing_y": 0.9999999403953552,
  "spacing_z": 0.9999999403953552,
  "summary_bg_k": 163.96798307504406,
  "summary_bg_mad": 7.95875883102417,
  "summary_bg_mean": 8.698357582092285,
  "summary_bg_median": 5.535186767578125,
  "summary_bg_n": 91364.0,
  "summary_bg_p05": 0.0,
  "summary_bg_p95": 21.996111583709713,
  "summary_bg_stdv": 8.11099910736084,
  "summary_csf_k": 27.549611953837225,
  "summary_csf_mad": 91.43019104003906,
  "summary_csf_mean": 297.1334228515625,
  "summary_csf_median": 308.2818298339844,
  "summary_csf_n": 18462.0,
  "summary_csf_p05": 132.79052429199217,
  "summary_csf_p95": 415.6278182983399,
  "summary_csf_stdv": 96.99445343017578,
  "summary_gm_k": 0.8917576033146082,
  "summary_gm_mad": 61.45329284667969,
  "summary_gm_mean": 639.81005859375,
  "summary_gm_median": 632.31494140625,
  "summary_gm_n": 29460.0,
  "summary_gm_p05": 541.3114624023438,
  "summary_gm_p95": 769.439712524414,
  "summary_gm_stdv": 69.04369354248047,
  "summary_wm_k": 1.2557589917812644,
  "summary_wm_mad": 34.49610900878906,
  "summary_wm_mean": 997.8827514648438,
  "summary_wm_median": 999.9949340820312,
  "summary_wm_n": 175678.0,
  "summary_wm_p05": 927.0551727294921,
  "summary_wm_p95": 1060.3545166015624,
  "summary_wm_stdv": 40.39133834838867,
  "tpm_overlap_csf": 0.2141079604625702,
  "tpm_overlap_gm": 0.5135266184806824,
  "tpm_overlap_wm": 0.5670134425163269,
  "wm2max": 0.76198920169604
}