{
  "aor": 0.001148392857142857,
  "aqi": 0.0024863474999999996,
  "bids_meta": {
    "AcquisitionNumber": 7,
    "BidsifyVersion": "0.3.5",
    "ConversionSoftware": "dcm2niix",
    "ConversionSoftwareVersion": "v1.0.20181125  GCC6.3.0",
    "EchoTime": 0.02763,
    "EffectiveEchoSpacing": 0.0006909035636805814,
    "FlipAngle": 76.1,
    "ImageComments": "PIOP2",
    "ImageOrientationPatientDICOM": [
      0.997166,
      0.0550599,
      0.0512691,
      -0.0513867,
      0.996194,
      -0.0703989
    ],
    "Manufacturer": "Philips",
    "NumberOfVolumesDiscardedByScanner": 2,
    "ParallelAcquisitionTechnique": "SENSE",
    "ParallelReductionFactorInPlane": 2,
    "PatientPosition": "HFS",
    "PhaseEncodingDirection": "j",
    "PhilipsRescaleIntercept": 0,
    "PhilipsRescaleSlope": 0.76239,
    "PhilipsScaleSlope": 0.0646232,
    "ProtocolName": "WIPtask-stop_boldSENSE",
    "PulseSequenceType": "gradient echo EPI",
    "ReconMatrixPE": 80,
    "RepetitionTime": 2,
    "SeriesDescription": "ImageMRSERIES",
    "SeriesNumber": 7,
    "SliceEncodingDirection": "k",
    "SliceTiming": [
      0.0,
      0.0556,
      0.1111,
      0.1667,
      0.2222,
      0.2778,
      0.3333,
      0.3889,
      0.4444,
      0.5,
      0.5556,
      0.6111,
      0.6667,
      0.7222,
      0.7778,
      0.8333,
      0.8889,
      0.9444,
      1.0,
      1.0556,
      1.1111,
      1.1667,
      1.2222,
      1.2778,
      1.3333,
      1.3889,
      1.4444,
      1.5,
      1.5556,
      1.6111,
      1.6667,
      1.7222,
      1.7778,
      1.8333,
      1.8889,
      1.9444
    ],
    "TaskName": "stopsignal",
    "TotalReadoutTime": 0.026945238983542674,
    "UsePhilipsFloatNotDisplayScaling": 1,
    "WaterFatShift": 12,
    "acq_id": "seq",
    "dataset": "unknown",
    "modality": "bold",
    "subject_id": "0016",
    "task_id": "stopsignal"
  },
  "dummy_trs": 0,
  "dvars_nstd": 18.95169601946188,
  "dvars_std": 1.283600757354259,
  "dvars_vstd": 0.9970255556950669,
  "efc": 0.3930380328252251,
  "fber": 951771136.0,
  "fd_mean": 0.11587090186168636,
  "fd_num": 4,
  "fd_perc": 1.7857142857142858,
  "fwhm_avg": 2.535239809092541,
  "fwhm_x": 2.5349766666666667,
  "fwhm_y": 2.7635366666666665,
  "fwhm_z": 2.307206093944291,
  "gcor": 0.0115472,
  "gsr_x": -0.0010036755120381713,
  "gsr_y": -0.0008941403939388692,
  "provenance": {
    "md5sum": "3012f29daa3e9b00260eb164d5b8ac28",
    "settings": {
      "fd_thres": 0.2,
      "hmc_fsl": false
    },
    "software": "mriqc",
    "version": "0.15.0",
    "webapi_port": null,
    "webapi_url": "https://mriqc.nimh.nih.gov/api/v1"
  },
  "size_t": 224,
  "size_x": 80,
  "size_y": 80,
  "size_z": 36,
  "snr": 5.246823893092293,
  "spacing_tr": 2.0,
  "spacing_x": 3.0,
  "spacing_y": 3.0,
  "spacing_z": 3.299999952316284,
  "spikes_num": 0,
  "summary_bg_k": 98.28624656735529,
  "summary_bg_mad": 1.065309762954712,
  "summary_bg_mean": 175.1562957763672,
  "summary_bg_median": 0.7185404896736145,
  "summary_bg_n": 151811.0,
  "summary_bg_p05": 0.0,
  "summary_bg_p95": 823.3966369628906,
  "summary_bg_stdv": 999.28125,
  "summary_fg_k": 1.973658657412078,
  "summary_fg_mad": 4141.25537109375,
  "summary_fg_mean": 24019.525390625,
  "summary_fg_median": 24132.744140625,
  "summary_fg_n": 38837.0,
  "summary_fg_p05": 16302.3814453125,
  "summary_fg_p95": 30673.609765625,
  "summary_fg_stdv": 4599.4365234375,
  "tsnr": 101.95110321044922
}