{
  "aor": 0.0008135625,
  "aqi": 0.002730569625,
  "bids_meta": {
    "AcquisitionNumber": 3,
    "BidsifyVersion": "0.3.5",
    "ConversionSoftware": "dcm2niix",
    "ConversionSoftwareVersion": "v1.0.20181125  GCC6.3.0",
    "EchoTime": 0.02763,
    "EffectiveEchoSpacing": 0.0006909035636805814,
    "FlipAngle": 76.1,
    "ImageComments": "PIOP2",
    "ImageOrientationPatientDICOM": [
      0.997166,
      0.0550599,
      0.0512691,
      -0.0513867,
      0.996194,
      -0.0703989
    ],
    "Manufacturer": "Philips",
    "NumberOfVolumesDiscardedByScanner": 2,
    "ParallelAcquisitionTechnique": "SENSE",
    "ParallelReductionFactorInPlane": 2,
    "PatientPosition": "HFS",
    "PhaseEncodingDirection": "j",
    "PhilipsRescaleIntercept": 0,
    "PhilipsRescaleSlope": 0.75458,
    "PhilipsScaleSlope": 0.0625485,
    "ProtocolName": "WIPtask-wm_boldSENSE",
    "PulseSequenceType": "gradient echo EPI",
    "ReconMatrixPE": 80,
    "RepetitionTime": 2,
    "SeriesDescription": "ImageMRSERIES",
    "SeriesNumber": 3,
    "SliceEncodingDirection": "k",
    "SliceTiming": [
      0.0,
      0.0556,
      0.1111,
      0.1667,
      0.2222,
      0.2778,
      0.3333,
      0.3889,
      0.4444,
      0.5,
      0.5556,
      0.6111,
      0.6667,
      0.7222,
      0.7778,
      0.8333,
      0.8889,
      0.9444,
      1.0,
      1.0556,
      1.1111,
      1.1667,
      1.2222,
      1.2778,
      1.3333,
      1.3889,
      1.4444,
      1.5,
      1.5556,
      1.6111,
      1.6667,
      1.7222,
      1.7778,
      1.8333,
      1.8889,
      1.9444
    ],
    "TaskName": "workingmemory",
    "TotalReadoutTime": 0.026945238983542674,
    "UsePhilipsFloatNotDisplayScaling": 1,
    "WaterFatShift": 12,
    "acq_id": "seq",
    "dataset": "unknown",
    "modality": "bold",
    "subject_id": "0016",
    "task_id": "workingmemory"
  },
  "dummy_trs": 0,
  "dvars_nstd": 21.058057640943378,
  "dvars_std": 1.3485547463522016,
  "dvars_vstd": 0.986100902264151,
  "efc": 0.3917279493011754,
  "fber": 2348023552.0,
  "fd_mean": 0.10291090900669175,
  "fd_num": 2,
  "fd_perc": 1.25,
  "fwhm_avg": 2.5500148596657386,
  "fwhm_x": 2.54787,
  "fwhm_y": 2.7808200000000003,
  "fwhm_z": 2.321354578997216,
  "gcor": 0.0195593,
  "gsr_x": -0.0012744128471240401,
  "gsr_y": -0.000650479574687779,
  "provenance": {
    "md5sum": "bff70a52ad349de5338cd58c55c68c57",
    "settings": {
      "fd_thres": 0.2,
      "hmc_fsl": false
    },
    "software": "mriqc",
    "version": "0.15.0",
    "webapi_port": null,
    "webapi_url": "https://mriqc.nimh.nih.gov/api/v1"
  },
  "size_t": 160,
  "size_x": 80,
  "size_y": 80,
  "size_z": 36,
  "snr": 5.143705541282837,
  "spacing_tr": 2.0,
  "spacing_x": 3.0,
  "spacing_y": 3.0,
  "spacing_z": 3.299999952316284,
  "spikes_num": 0,
  "summary_bg_k": 104.66887684933072,
  "summary_bg_mad": 0.6982382535934448,
  "summary_bg_mean": 170.46218872070312,
  "summary_bg_median": 0.47279515862464905,
  "summary_bg_n": 151791.0,
  "summary_bg_p05": 0.0001569589803693816,
  "summary_bg_p95": 804.1835327148438,
  "summary_bg_stdv": 1018.3853759765625,
  "summary_fg_k": 2.004384529126347,
  "summary_fg_mad": 4253.9306640625,
  "summary_fg_mean": 24333.294921875,
  "summary_fg_median": 24452.90625,
  "summary_fg_n": 38777.0,
  "summary_fg_p05": 16369.0169921875,
  "summary_fg_p95": 31189.656640625,
  "summary_fg_stdv": 4753.88623046875,
  "tsnr": 95.99079132080078
}