{
  "bids_meta": {
    "AcquisitionNumber": 2,
    "BidsifyVersion": "0.3.5",
    "ConversionSoftware": "dcm2niix",
    "ConversionSoftwareVersion": "v1.0.20181125  GCC6.3.0",
    "EchoTime": 0.00375,
    "ImageComments": "PIOP2",
    "ImageOrientationPatientDICOM": [
      0.999704,
      -0.00379839,
      -0.0240219,
      0.00174481,
      0.996385,
      -0.0849373
    ],
    "Manufacturer": "Philips",
    "NumberSignalAcquisitions": 2,
    "PatientPosition": "HFS",
    "PhilipsRescaleIntercept": 0,
    "PhilipsRescaleSlope": 9.58193,
    "PhilipsScaleSlope": 0.00698348,
    "ProtocolName": "WIPT1anat_acq-6m_T1wSENSE",
    "ReconMatrixPE": 240,
    "RepetitionTime": 0.008189,
    "SeriesDescription": "ImageMRSERIES",
    "SeriesNumber": 2,
    "UsePhilipsFloatNotDisplayScaling": 1,
    "dataset": "unknown",
    "modality": "T1w",
    "subject_id": "0124"
  },
  "cjv": 0.23770463498504418,
  "cnr": 5.052150987686448,
  "efc": 0.7718025376178637,
  "fber": 473.870361328125,
  "fwhm_avg": 4.795283247832683,
  "fwhm_x": 4.536119459252422,
  "fwhm_y": 4.768850284245627,
  "fwhm_z": 5.08088,
  "icvs_csf": 0.2543526941813092,
  "icvs_gm": 0.39167077106537723,
  "icvs_wm": 0.3539765347533136,
  "inu_med": 1.6794017553329468,
  "inu_range": 0.37229371070861816,
  "provenance": {
    "md5sum": "ce8bce43749ced837aa424d1e2879bb0",
    "settings": {
      "testing": false
    },
    "software": "mriqc",
    "version": "0.15.0",
    "warnings": {
      "large_rot_frame": true,
      "small_air_mask": true
    },
    "webapi_port": null,
    "webapi_url": "https://mriqc.nimh.nih.gov/api/v1"
  },
  "qi_1": 0.0,
  "qi_2": 0.0001702884665406794,
  "rpve_csf": 21.298934180144453,
  "rpve_gm": 13.506327440007198,
  "rpve_wm": 19.604927916038992,
  "size_x": 240,
  "size_y": 240,
  "size_z": 220,
  "snr_csf": 2.7773244760451914,
  "snr_gm": 9.542491178488346,
  "snr_total": 13.51851523921828,
  "snr_wm": 28.235730063121302,
  "snrd_csf": 22.706151867334352,
  "snrd_gm": 48.3570273010288,
  "snrd_total": 49.548551829156914,
  "snrd_wm": 77.58247631910758,
  "spacing_x": 1.0000001192092896,
  "spacing_y": 0.9999999403953552,
  "spacing_z": 1.0,
  "summary_bg_k": 12.429116548520557,
  "summary_bg_mad": 8.444334983825684,
  "summary_bg_mean": 8.444000244140625,
  "summary_bg_median": 5.849318027496338,
  "summary_bg_n": 73679.0,
  "summary_bg_p05": 0.0,
  "summary_bg_p95": 17.7028076171875,
  "summary_bg_stdv": 6.2410783767700195,
  "summary_csf_k": -0.8010896372704175,
  "summary_csf_mad": 116.24627685546875,
  "summary_csf_mean": 280.564453125,
  "summary_csf_median": 292.66937255859375,
  "summary_csf_n": 22453.0,
  "summary_csf_p05": 99.49774322509765,
  "summary_csf_p95": 435.50974731445314,
  "summary_csf_stdv": 105.37582397460938,
  "summary_gm_k": 0.982811786753675,
  "summary_gm_mad": 58.97212219238281,
  "summary_gm_mean": 628.2013549804688,
  "summary_gm_median": 623.2945556640625,
  "summary_gm_n": 33176.0,
  "summary_gm_p05": 531.3326721191406,
  "summary_gm_p95": 745.5801239013672,
  "summary_gm_stdv": 65.31681823730469,
  "summary_wm_k": 1.5191457194182298,
  "summary_wm_mad": 30.57107162475586,
  "summary_wm_mean": 997.5364990234375,
  "summary_wm_median": 999.9939575195312,
  "summary_wm_n": 241482.0,
  "summary_wm_p05": 935.2589324951173,
  "summary_wm_p95": 1049.99013671875,
  "summary_wm_stdv": 35.41583251953125,
  "tpm_overlap_csf": 0.22861218452453613,
  "tpm_overlap_gm": 0.5101862549781799,
  "tpm_overlap_wm": 0.5781769752502441,
  "wm2max": 0.7779589388323597
}