{
  "bids_meta": {
    "AcquisitionNumber": 2,
    "BidsifyVersion": "0.3.5",
    "ConversionSoftware": "dcm2niix",
    "ConversionSoftwareVersion": "v1.0.20181125  GCC6.3.0",
    "EchoTime": 0.00381,
    "ImageComments": "PIOP2",
    "ImageOrientationPatientDICOM": [
      0.996009,
      0.0892524,
      -0.00038896,
      -0.0888914,
      0.99157,
      -0.0942732
    ],
    "Manufacturer": "Philips",
    "PatientPosition": "HFS",
    "PhilipsRescaleIntercept": 0,
    "PhilipsRescaleSlope": 9.51673,
    "PhilipsScaleSlope": 0.00727753,
    "ProtocolName": "WIPT1anat_acq-6m_T1wSENSE",
    "ReconMatrixPE": 240,
    "RepetitionTime": 0.008251,
    "SeriesDescription": "ImageMRSERIES",
    "SeriesNumber": 2,
    "UsePhilipsFloatNotDisplayScaling": 1,
    "acq_id": "6m",
    "dataset": "unknown",
    "modality": "T1w",
    "subject_id": "0217"
  },
  "cjv": 0.26189853208558844,
  "cnr": 4.561992856864289,
  "efc": 0.769158391241695,
  "fber": 1798.37646484375,
  "fwhm_avg": 4.516906570188827,
  "fwhm_x": 4.234210252378598,
  "fwhm_y": 4.545049458187883,
  "fwhm_z": 4.77146,
  "icvs_csf": 0.24622222582691972,
  "icvs_gm": 0.41137861701303824,
  "icvs_wm": 0.34239915716004204,
  "inu_med": 1.7151765823364258,
  "inu_range": 0.35855865478515625,
  "provenance": {
    "md5sum": "b8141b5933643c73cc5e7f5bc6b66d2c",
    "settings": {
      "testing": false
    },
    "software": "mriqc",
    "version": "0.15.0",
    "warnings": {
      "large_rot_frame": true,
      "small_air_mask": true
    },
    "webapi_port": null,
    "webapi_url": "https://mriqc.nimh.nih.gov/api/v1"
  },
  "qi_1": 0.0,
  "qi_2": 8.999200901956796e-05,
  "rpve_csf": 23.468362266635246,
  "rpve_gm": 14.099470131608097,
  "rpve_wm": 21.426713809283285,
  "size_x": 240,
  "size_y": 240,
  "size_z": 220,
  "snr_csf": 2.7519267797346454,
  "snr_gm": 8.871951318370108,
  "snr_total": 12.60180525112708,
  "snr_wm": 26.18153765527649,
  "snrd_csf": 22.858248274037052,
  "snrd_gm": 52.47062193330135,
  "snrd_total": 52.84077507014038,
  "snrd_wm": 83.19345500308273,
  "spacing_x": 0.9999999403953552,
  "spacing_y": 1.0000001192092896,
  "spacing_z": 1.0,
  "summary_bg_k": 17.159811940461235,
  "summary_bg_mad": 7.874826431274414,
  "summary_bg_mean": 8.31351089477539,
  "summary_bg_median": 5.505384922027588,
  "summary_bg_n": 97528.0,
  "summary_bg_p05": 0.0,
  "summary_bg_p95": 21.618921852111814,
  "summary_bg_stdv": 6.359633922576904,
  "summary_csf_k": 0.2927010207958709,
  "summary_csf_mad": 115.77413940429688,
  "summary_csf_mean": 269.46014404296875,
  "summary_csf_median": 274.7591857910156,
  "summary_csf_n": 18796.0,
  "summary_csf_p05": 116.77595520019531,
  "summary_csf_p95": 426.2155227661133,
  "summary_csf_stdv": 99.8398208618164,
  "summary_gm_k": 1.1516823228270372,
  "summary_gm_mad": 63.205421447753906,
  "summary_gm_mean": 639.8939819335938,
  "summary_gm_median": 630.703857421875,
  "summary_gm_n": 37044.0,
  "summary_gm_p05": 541.0730926513671,
  "summary_gm_p95": 772.8960388183593,
  "summary_gm_stdv": 71.08868408203125,
  "summary_wm_k": 1.1346926663895882,
  "summary_wm_mad": 33.51175308227539,
  "summary_wm_mean": 997.632568359375,
  "summary_wm_median": 999.9963989257812,
  "summary_wm_n": 195035.0,
  "summary_wm_p05": 929.5086730957031,
  "summary_wm_p95": 1055.5557495117187,
  "summary_wm_stdv": 38.194618225097656,
  "tpm_overlap_csf": 0.2280743271112442,
  "tpm_overlap_gm": 0.5172342658042908,
  "tpm_overlap_wm": 0.5709235668182373,
  "wm2max": 0.796234360140055
}