{
    "Manufacturer": "Philips",
    "PatientPosition": "HFS",
    "SeriesDescription": "ImageMRSERIES",
    "ProtocolName": "WIPT1anat_acq-6m_T1wSENSE",
    "SeriesNumber": 2,
    "AcquisitionNumber": 2,
    "ImageComments": "PIOP2",
    "PhilipsRescaleSlope": 9.06569,
    "PhilipsRescaleIntercept": 0,
    "PhilipsScaleSlope": 0.00720781,
    "UsePhilipsFloatNotDisplayScaling": 1,
    "EchoTime": 0.00375,
    "RepetitionTime": 0.008167,
    "ReconMatrixPE": 240,
    "ImageOrientationPatientDICOM": [
        0.995551,
        -0.0838666,
        0.0429397,
        0.0834238,
        0.996442,
        0.012005
    ],
    "ConversionSoftware": "dcm2niix",
    "ConversionSoftwareVersion": "v1.0.20181125  GCC6.3.0",
    "BidsifyVersion": "0.3.5"
}