{
  "aor": 0.008418833333333332,
  "aqi": 0.007092291541666667,
  "bids_meta": {
    "AcquisitionNumber": 4,
    "BidsifyVersion": "0.3.5",
    "ConversionSoftware": "dcm2niix",
    "ConversionSoftwareVersion": "v1.0.20181125  GCC6.3.0",
    "EchoTime": 0.02763,
    "EffectiveEchoSpacing": 0.0006909035636805814,
    "FlipAngle": 76.1,
    "ImageComments": "PIOP2",
    "ImageOrientationPatientDICOM": [
      0.998162,
      -0.03624,
      0.0485744,
      0.0475959,
      0.964933,
      -0.258147
    ],
    "Manufacturer": "Philips",
    "NumberOfVolumesDiscardedByScanner": 2,
    "ParallelAcquisitionTechnique": "SENSE",
    "ParallelReductionFactorInPlane": 2,
    "PatientPosition": "HFS",
    "PhaseEncodingDirection": "j",
    "PhilipsRescaleIntercept": 0,
    "PhilipsRescaleSlope": 0.77338,
    "PhilipsScaleSlope": 0.0538851,
    "ProtocolName": "WIPtask-rest_boldSENSE",
    "PulseSequenceType": "gradient echo EPI",
    "ReconMatrixPE": 80,
    "RepetitionTime": 2,
    "SeriesDescription": "ImageMRSERIES",
    "SeriesNumber": 4,
    "SliceEncodingDirection": "k",
    "SliceTiming": [
      0.0,
      0.0556,
      0.1111,
      0.1667,
      0.2222,
      0.2778,
      0.3333,
      0.3889,
      0.4444,
      0.5,
      0.5556,
      0.6111,
      0.6667,
      0.7222,
      0.7778,
      0.8333,
      0.8889,
      0.9444,
      1.0,
      1.0556,
      1.1111,
      1.1667,
      1.2222,
      1.2778,
      1.3333,
      1.3889,
      1.4444,
      1.5,
      1.5556,
      1.6111,
      1.6667,
      1.7222,
      1.7778,
      1.8333,
      1.8889,
      1.9444
    ],
    "TaskName": "restingstate",
    "TotalReadoutTime": 0.026945238983542674,
    "UsePhilipsFloatNotDisplayScaling": 1,
    "WaterFatShift": 12,
    "acq_id": "seq",
    "dataset": "unknown",
    "modality": "bold",
    "subject_id": "0097",
    "task_id": "restingstate"
  },
  "dummy_trs": 0,
  "dvars_nstd": 20.226114280836804,
  "dvars_std": 1.1793722424686193,
  "dvars_vstd": 0.977059335313807,
  "efc": 0.3764994023178865,
  "fber": 828235904.0,
  "fd_mean": 0.16370812838246357,
  "fd_num": 57,
  "fd_perc": 23.75,
  "fwhm_avg": 2.5547851626128324,
  "fwhm_x": 2.46496,
  "fwhm_y": 2.8953166666666665,
  "fwhm_z": 2.30407882117183,
  "gcor": 0.0114049,
  "gsr_x": -0.0027517250273376703,
  "gsr_y": 0.0027189115062355995,
  "provenance": {
    "md5sum": "7e144fdc688c08dcd338f1277a4610d6",
    "settings": {
      "fd_thres": 0.2,
      "hmc_fsl": false
    },
    "software": "mriqc",
    "version": "0.15.0",
    "webapi_port": null,
    "webapi_url": "https://mriqc.nimh.nih.gov/api/v1"
  },
  "size_t": 240,
  "size_x": 80,
  "size_y": 80,
  "size_z": 36,
  "snr": 4.828801984498851,
  "spacing_tr": 2.0,
  "spacing_x": 3.0,
  "spacing_y": 3.0,
  "spacing_z": 3.299999952316284,
  "spikes_num": 0,
  "summary_bg_k": 115.03710230390978,
  "summary_bg_mad": 1.2635211944580078,
  "summary_bg_mean": 181.03135681152344,
  "summary_bg_median": 0.8654258251190186,
  "summary_bg_n": 154865.0,
  "summary_bg_p05": 0.0033967584371566773,
  "summary_bg_p95": 688.0895996093739,
  "summary_bg_stdv": 1061.1136474609375,
  "summary_fg_k": 2.211652269456148,
  "summary_fg_mad": 4532.99267578125,
  "summary_fg_mean": 26702.93359375,
  "summary_fg_median": 26518.265625,
  "summary_fg_n": 35931.0,
  "summary_fg_p05": 18420.5888671875,
  "summary_fg_p95": 35328.990234375,
  "summary_fg_stdv": 5491.60986328125,
  "tsnr": 65.16241455078125
}