{
    "Manufacturer": "Philips",
    "PatientPosition": "HFS",
    "SeriesDescription": "ImageMRSERIES",
    "ProtocolName": "WIPdwi_acq-32b1000SENSE",
    "SeriesNumber": 6,
    "AcquisitionNumber": 6,
    "ImageComments": "PIOP2",
    "PhilipsRescaleSlope": 4.20562,
    "PhilipsRescaleIntercept": 0,
    "PhilipsScaleSlope": 0.0227146,
    "UsePhilipsFloatNotDisplayScaling": 1,
    "EchoTime": 0.08753,
    "RepetitionTime": 7.47672,
    "ReconMatrixPE": 112,
    "ImageOrientationPatientDICOM": [
        0.998952,
        0.0314685,
        0.0332311,
        -0.0324405,
        0.999049,
        0.0291264
    ],
    "ConversionSoftware": "dcm2niix",
    "ConversionSoftwareVersion": "v1.0.20181125  GCC6.3.0",
    "BidsifyVersion": "0.3.5",
    "FlipAngle": 90,
    "WaterFatShift": 18.927,
    "ParallelAcquisitionTechnique": "SENSE",
    "ParallelReductionFactorInPlane": 2,
    "PhaseEncodingDirection": "j"
}