{
    "Manufacturer": "Philips",
    "PatientPosition": "HFS",
    "SeriesDescription": "ImageMRSERIES",
    "ProtocolName": "WIPT1anat_acq-6m_T1wSENSE",
    "SeriesNumber": 2,
    "AcquisitionNumber": 2,
    "ImageComments": "PIOP2",
    "PhilipsRescaleSlope": 8.65324,
    "PhilipsRescaleIntercept": 0,
    "PhilipsScaleSlope": 0.00695328,
    "UsePhilipsFloatNotDisplayScaling": 1,
    "EchoTime": 0.00377,
    "RepetitionTime": 0.008203,
    "ReconMatrixPE": 240,
    "ImageOrientationPatientDICOM": [
        0.995748,
        0.0793887,
        -0.0467173,
        -0.077318,
        0.996009,
        0.0445798
    ],
    "ConversionSoftware": "dcm2niix",
    "ConversionSoftwareVersion": "v1.0.20181125  GCC6.3.0",
    "BidsifyVersion": "0.3.5"
}