{
  "aor": 0.006621851851851852,
  "aqi": 0.006010787481481481,
  "bids_meta": {
    "AcquisitionNumber": 8,
    "BidsifyVersion": "0.3.5",
    "ConversionSoftware": "dcm2niix",
    "ConversionSoftwareVersion": "v1.0.20181125  GCC6.3.0",
    "EchoTime": 0.02763,
    "FlipAngle": 76.1,
    "ImageComments": "PIOP2",
    "ImageOrientationPatientDICOM": [
      0.998876,
      0.0382443,
      -0.0279978,
      -0.0441359,
      0.965853,
      -0.255302
    ],
    "Manufacturer": "Philips",
    "NumberOfVolumesDiscardedByScanner": 2,
    "ParallelAcquisitionTechnique": "SENSE",
    "ParallelReductionFactorInPlane": 2,
    "PatientPosition": "HFS",
    "PhaseEncodingDirection": "j",
    "PhilipsRescaleIntercept": 0,
    "PhilipsRescaleSlope": 0.78217,
    "PhilipsScaleSlope": 0.0554913,
    "ProtocolName": "WIPtask-harriri_boldSENSE",
    "PulseSequenceType": "gradient echo EPI",
    "ReconMatrixPE": 80,
    "RepetitionTime": 2,
    "SeriesDescription": "ImageMRSERIES",
    "SeriesNumber": 8,
    "SliceEncodingDirection": "k",
    "TaskName": "emomatching",
    "UsePhilipsFloatNotDisplayScaling": 1,
    "WaterFatShift": 12,
    "acq_id": "seq",
    "dataset": "unknown",
    "modality": "bold",
    "subject_id": "0144",
    "task_id": "emomatching"
  },
  "dummy_trs": 0,
  "dvars_nstd": 22.051995889402985,
  "dvars_std": 1.2288196623880594,
  "dvars_vstd": 1.070105741044777,
  "efc": 0.42491853064583196,
  "fber": 315600992.0,
  "fd_mean": 0.23284243060902998,
  "fd_num": 68,
  "fd_perc": 50.370370370370374,
  "fwhm_avg": 2.5481273848376236,
  "fwhm_x": 2.47003,
  "fwhm_y": 2.86974,
  "fwhm_z": 2.30461215451287,
  "gcor": 0.06672,
  "gsr_x": -0.005131101701408625,
  "gsr_y": 0.0059669604524970055,
  "provenance": {
    "md5sum": "1890cd96449f2b7988e5963faff7d273",
    "settings": {
      "fd_thres": 0.2,
      "hmc_fsl": false
    },
    "software": "mriqc",
    "version": "0.15.0",
    "webapi_port": null,
    "webapi_url": "https://mriqc.nimh.nih.gov/api/v1"
  },
  "size_t": 135,
  "size_x": 80,
  "size_y": 80,
  "size_z": 36,
  "snr": 4.918711168257666,
  "spacing_tr": 2.0,
  "spacing_x": 3.0,
  "spacing_y": 3.0,
  "spacing_z": 3.299999952316284,
  "spikes_num": 12,
  "summary_bg_k": 115.03386736020303,
  "summary_bg_mad": 1.8967058658599854,
  "summary_bg_mean": 242.98106384277344,
  "summary_bg_median": 1.312699556350708,
  "summary_bg_n": 145140.0,
  "summary_bg_p05": 0.007031078450381758,
  "summary_bg_p95": 1300.248925781248,
  "summary_bg_stdv": 1271.09130859375,
  "summary_fg_k": 2.722165117879662,
  "summary_fg_mad": 4267.2333984375,
  "summary_fg_mean": 25240.94921875,
  "summary_fg_median": 25256.724609375,
  "summary_fg_n": 44159.0,
  "summary_fg_p05": 17305.0767578125,
  "summary_fg_p95": 32662.6375,
  "summary_fg_stdv": 5134.767578125,
  "tsnr": 66.3053207397461
}