{
  "bids_meta": {
    "AcquisitionNumber": 2,
    "BidsifyVersion": "0.3.5",
    "ConversionSoftware": "dcm2niix",
    "ConversionSoftwareVersion": "v1.0.20181125  GCC6.3.0",
    "EchoTime": 0.00376,
    "ImageComments": "PIOP2",
    "ImageOrientationPatientDICOM": [
      0.995401,
      0.0628885,
      -0.0722566,
      -0.0598351,
      0.997252,
      0.0436741
    ],
    "Manufacturer": "Philips",
    "NumberSignalAcquisitions": 2,
    "PatientPosition": "HFS",
    "PhilipsRescaleIntercept": 0,
    "PhilipsRescaleSlope": 9.35726,
    "PhilipsScaleSlope": 0.00715617,
    "ProtocolName": "WIPT1anat_acq-6m_T1wSENSE",
    "ReconMatrixPE": 240,
    "RepetitionTime": 0.008206,
    "SeriesDescription": "ImageMRSERIES",
    "SeriesNumber": 2,
    "UsePhilipsFloatNotDisplayScaling": 1,
    "dataset": "unknown",
    "modality": "T1w",
    "subject_id": "0224"
  },
  "cjv": 0.23674407044524534,
  "cnr": 4.97663855142549,
  "efc": 0.7573573721854575,
  "fber": 1536.44580078125,
  "fwhm_avg": 4.547870091486778,
  "fwhm_x": 4.34419,
  "fwhm_y": 4.604680274460332,
  "fwhm_z": 4.69474,
  "icvs_csf": 0.266090151465422,
  "icvs_gm": 0.38292315352143835,
  "icvs_wm": 0.3509866950131396,
  "inu_med": 1.696325421333313,
  "inu_range": 0.39382004737854004,
  "provenance": {
    "md5sum": "2bc3ea4e2d213c860beea8dad5493bff",
    "settings": {
      "testing": false
    },
    "software": "mriqc",
    "version": "0.15.0",
    "warnings": {
      "large_rot_frame": true,
      "small_air_mask": true
    },
    "webapi_port": null,
    "webapi_url": "https://mriqc.nimh.nih.gov/api/v1"
  },
  "qi_1": 0.0,
  "qi_2": 0.00014802534847162195,
  "rpve_csf": 23.59088867380212,
  "rpve_gm": 15.398052396575968,
  "rpve_wm": 22.21134963487185,
  "size_x": 240,
  "size_y": 240,
  "size_z": 220,
  "snr_csf": 2.850152018084288,
  "snr_gm": 9.795003372624068,
  "snr_total": 13.523083268793584,
  "snr_wm": 27.9240944156724,
  "snrd_csf": 22.52178298686221,
  "snrd_gm": 52.37728367795072,
  "snrd_total": 52.60186618687422,
  "snrd_wm": 82.90653189580974,
  "spacing_x": 1.0,
  "spacing_y": 0.9999999403953552,
  "spacing_z": 1.0,
  "summary_bg_k": 4.502446608612405,
  "summary_bg_mad": 7.902073860168457,
  "summary_bg_mean": 7.914940357208252,
  "summary_bg_median": 5.487433910369873,
  "summary_bg_n": 131931.0,
  "summary_bg_p05": 0.0,
  "summary_bg_p95": 16.621987342834473,
  "summary_bg_stdv": 5.714565753936768,
  "summary_csf_k": -0.5853216529808436,
  "summary_csf_mad": 107.99871826171875,
  "summary_csf_mean": 268.4911193847656,
  "summary_csf_median": 271.6515197753906,
  "summary_csf_n": 16805.0,
  "summary_csf_p05": 116.33143768310546,
  "summary_csf_p95": 416.6197265625,
  "summary_csf_stdv": 95.30840301513672,
  "summary_gm_k": 0.8697254247104911,
  "summary_gm_mad": 57.117286682128906,
  "summary_gm_mean": 635.1118774414062,
  "summary_gm_median": 631.7603149414062,
  "summary_gm_n": 22957.0,
  "summary_gm_p05": 536.4582275390625,
  "summary_gm_p95": 747.6557250976563,
  "summary_gm_stdv": 64.49681854248047,
  "summary_wm_k": 1.6842125948641407,
  "summary_wm_mad": 30.06024932861328,
  "summary_wm_mean": 997.4138793945312,
  "summary_wm_median": 999.9956665039062,
  "summary_wm_n": 200829.0,
  "summary_wm_p05": 934.0956176757812,
  "summary_wm_p95": 1050.7407958984375,
  "summary_wm_stdv": 35.81112289428711,
  "tpm_overlap_csf": 0.21313248574733734,
  "tpm_overlap_gm": 0.49063238501548767,
  "tpm_overlap_wm": 0.5797462463378906,
  "wm2max": 0.7801570720076775
}