{
  "aor": 0.006661555555555555,
  "aqi": 0.010081716148148148,
  "bids_meta": {
    "AcquisitionNumber": 9,
    "BidsifyVersion": "0.3.5",
    "ConversionSoftware": "dcm2niix",
    "ConversionSoftwareVersion": "v1.0.20181125  GCC6.3.0",
    "EchoTime": 0.02763,
    "EffectiveEchoSpacing": 0.0006909035636805814,
    "FlipAngle": 76.1,
    "ImageComments": "PIOP2",
    "ImageOrientationPatientDICOM": [
      0.999553,
      0.013733,
      -0.0265495,
      -0.0130849,
      0.999616,
      0.0244328
    ],
    "Manufacturer": "Philips",
    "NumberOfVolumesDiscardedByScanner": 2,
    "ParallelAcquisitionTechnique": "SENSE",
    "ParallelReductionFactorInPlane": 2,
    "PatientPosition": "HFS",
    "PhaseEncodingDirection": "j",
    "PhilipsRescaleIntercept": 0,
    "PhilipsRescaleSlope": 0.80928,
    "PhilipsScaleSlope": 0.0621662,
    "ProtocolName": "WIPtask-harriri_boldSENSE",
    "PulseSequenceType": "gradient echo EPI",
    "ReconMatrixPE": 80,
    "RepetitionTime": 2,
    "SeriesDescription": "ImageMRSERIES",
    "SeriesNumber": 9,
    "SliceEncodingDirection": "k",
    "SliceTiming": [
      0.0,
      0.0556,
      0.1111,
      0.1667,
      0.2222,
      0.2778,
      0.3333,
      0.3889,
      0.4444,
      0.5,
      0.5556,
      0.6111,
      0.6667,
      0.7222,
      0.7778,
      0.8333,
      0.8889,
      0.9444,
      1.0,
      1.0556,
      1.1111,
      1.1667,
      1.2222,
      1.2778,
      1.3333,
      1.3889,
      1.4444,
      1.5,
      1.5556,
      1.6111,
      1.6667,
      1.7222,
      1.7778,
      1.8333,
      1.8889,
      1.9444
    ],
    "TaskName": "emomatching",
    "TotalReadoutTime": 0.026945238983542674,
    "UsePhilipsFloatNotDisplayScaling": 1,
    "WaterFatShift": 12,
    "acq_id": "seq",
    "dataset": "unknown",
    "modality": "bold",
    "subject_id": "0060",
    "task_id": "emomatching"
  },
  "dummy_trs": 0,
  "dvars_nstd": 21.51254036186567,
  "dvars_std": 1.1803806000000001,
  "dvars_vstd": 1.013027487761194,
  "efc": 0.3906386571143444,
  "fber": 185853360.0,
  "fd_mean": 0.18517741549937106,
  "fd_num": 35,
  "fd_perc": 25.925925925925927,
  "fwhm_avg": 2.5360035464962434,
  "fwhm_x": 2.5328733333333333,
  "fwhm_y": 2.7617100000000003,
  "fwhm_z": 2.313427306155397,
  "gcor": 0.00659642,
  "gsr_x": 0.0013538628118112683,
  "gsr_y": -0.0008781953365541995,
  "provenance": {
    "md5sum": "faaec91de5f26efcb08da8503fb27fda",
    "settings": {
      "fd_thres": 0.2,
      "hmc_fsl": false
    },
    "software": "mriqc",
    "version": "0.15.0",
    "webapi_port": null,
    "webapi_url": "https://mriqc.nimh.nih.gov/api/v1"
  },
  "size_t": 135,
  "size_x": 80,
  "size_y": 80,
  "size_z": 36,
  "snr": 4.841868429895234,
  "spacing_tr": 2.0,
  "spacing_x": 3.0,
  "spacing_y": 3.0,
  "spacing_z": 3.299999952316284,
  "spikes_num": 3,
  "summary_bg_k": 194.4463444884711,
  "summary_bg_mad": 2.208397150039673,
  "summary_bg_mean": 159.9994659423828,
  "summary_bg_median": 1.5144069194793701,
  "summary_bg_n": 152551.0,
  "summary_bg_p05": 0.011654329020529985,
  "summary_bg_p95": 709.4676818847656,
  "summary_bg_stdv": 967.4151611328125,
  "summary_fg_k": 2.4646954531519194,
  "summary_fg_mad": 3817.816650390625,
  "summary_fg_mean": 22785.091796875,
  "summary_fg_median": 22615.478515625,
  "summary_fg_n": 38570.0,
  "summary_fg_p05": 15595.721826171874,
  "summary_fg_p95": 30000.092187499995,
  "summary_fg_stdv": 4670.755859375,
  "tsnr": 56.313053131103516
}