{
    "Manufacturer": "Philips",
    "PatientPosition": "HFS",
    "SeriesDescription": "ImageMRSERIES",
    "ProtocolName": "WIPT1anat_acq-6m_T1wSENSE",
    "SeriesNumber": 2,
    "AcquisitionNumber": 2,
    "ImageComments": "PIOP2",
    "PhilipsRescaleSlope": 8.66813,
    "PhilipsRescaleIntercept": 0,
    "PhilipsScaleSlope": 0.00701182,
    "UsePhilipsFloatNotDisplayScaling": 1,
    "EchoTime": 0.00375,
    "RepetitionTime": 0.008158,
    "ReconMatrixPE": 240,
    "ImageOrientationPatientDICOM": [
        0.997445,
        0.0671897,
        -0.0242525,
        -0.0666,
        0.997482,
        0.0243572
    ],
    "ConversionSoftware": "dcm2niix",
    "ConversionSoftwareVersion": "v1.0.20181125  GCC6.3.0",
    "BidsifyVersion": "0.3.5"
}