{
  "aor": 0.0011743125,
  "aqi": 0.002914145625,
  "bids_meta": {
    "AcquisitionNumber": 3,
    "BidsifyVersion": "0.3.5",
    "ConversionSoftware": "dcm2niix",
    "ConversionSoftwareVersion": "v1.0.20181125  GCC6.3.0",
    "EchoTime": 0.02763,
    "FlipAngle": 76.1,
    "ImageComments": "PIOP2",
    "ImageOrientationPatientDICOM": [
      0.997163,
      0.0717541,
      -0.0227572,
      -0.0683294,
      0.989634,
      0.126319
    ],
    "Manufacturer": "Philips",
    "NumberOfVolumesDiscardedByScanner": 2,
    "ParallelAcquisitionTechnique": "SENSE",
    "ParallelReductionFactorInPlane": 2,
    "PatientPosition": "HFS",
    "PhaseEncodingDirection": "j",
    "PhilipsRescaleIntercept": 0,
    "PhilipsRescaleSlope": 0.75629,
    "PhilipsScaleSlope": 0.0541482,
    "ProtocolName": "WIPtask-wm_boldSENSE",
    "PulseSequenceType": "gradient echo EPI",
    "ReconMatrixPE": 80,
    "RepetitionTime": 2,
    "SeriesDescription": "ImageMRSERIES",
    "SeriesNumber": 3,
    "SliceEncodingDirection": "k",
    "TaskName": "workingmemory",
    "UsePhilipsFloatNotDisplayScaling": 1,
    "WaterFatShift": 12,
    "acq_id": "seq",
    "dataset": "unknown",
    "modality": "bold",
    "subject_id": "0054",
    "task_id": "workingmemory"
  },
  "dummy_trs": 0,
  "dvars_nstd": 18.70154381345912,
  "dvars_std": 1.3168834949685526,
  "dvars_vstd": 1.0004285521383647,
  "efc": 0.4184353802370904,
  "fber": 1334415104.0,
  "fd_mean": 0.09951544231204174,
  "fd_num": 8,
  "fd_perc": 5.0,
  "fwhm_avg": 2.6228733450078163,
  "fwhm_x": 2.5306,
  "fwhm_y": 2.9141866666666663,
  "fwhm_z": 2.423833368356782,
  "gcor": 0.038546,
  "gsr_x": 0.004311744589358568,
  "gsr_y": -0.0016665882430970669,
  "provenance": {
    "md5sum": "35c040bb21db003b1a2045ea691ce05a",
    "settings": {
      "fd_thres": 0.2,
      "hmc_fsl": false
    },
    "software": "mriqc",
    "version": "0.15.0",
    "webapi_port": null,
    "webapi_url": "https://mriqc.nimh.nih.gov/api/v1"
  },
  "size_t": 160,
  "size_x": 80,
  "size_y": 80,
  "size_z": 36,
  "snr": 5.287240622330216,
  "spacing_tr": 2.0,
  "spacing_x": 3.0,
  "spacing_y": 3.0,
  "spacing_z": 3.299999952316284,
  "spikes_num": 2,
  "summary_bg_k": 63.100559378577856,
  "summary_bg_mad": 1.007330060005188,
  "summary_bg_mean": 268.8281555175781,
  "summary_bg_median": 0.6834078431129456,
  "summary_bg_n": 146817.0,
  "summary_bg_p05": 0.0011233296943828465,
  "summary_bg_p95": 1100.8704589843646,
  "summary_bg_stdv": 1466.126220703125,
  "summary_fg_k": 2.5659624650386172,
  "summary_fg_mad": 4270.30859375,
  "summary_fg_mean": 26906.181640625,
  "summary_fg_median": 26823.00390625,
  "summary_fg_n": 43161.0,
  "summary_fg_p05": 19037.478515625,
  "summary_fg_p95": 34639.81640625,
  "summary_fg_stdv": 5073.0986328125,
  "tsnr": 103.22471618652344
}