{
  "aor": 0.0013636296296296293,
  "aqi": 0.0024297778518518522,
  "bids_meta": {
    "AcquisitionNumber": 8,
    "BidsifyVersion": "0.3.5",
    "ConversionSoftware": "dcm2niix",
    "ConversionSoftwareVersion": "v1.0.20181125  GCC6.3.0",
    "EchoTime": 0.02763,
    "EffectiveEchoSpacing": 0.0006909035636805814,
    "FlipAngle": 76.1,
    "ImageComments": "PIOP2",
    "ImageOrientationPatientDICOM": [
      0.999073,
      -0.0306194,
      -0.0302431,
      0.035063,
      0.986585,
      0.159435
    ],
    "Manufacturer": "Philips",
    "NumberOfVolumesDiscardedByScanner": 2,
    "ParallelAcquisitionTechnique": "SENSE",
    "ParallelReductionFactorInPlane": 2,
    "PatientPosition": "HFS",
    "PhaseEncodingDirection": "j",
    "PhilipsRescaleIntercept": 0,
    "PhilipsRescaleSlope": 0.77485,
    "PhilipsScaleSlope": 0.0444256,
    "ProtocolName": "WIPtask-harriri_boldSENSE",
    "PulseSequenceType": "gradient echo EPI",
    "ReconMatrixPE": 80,
    "RepetitionTime": 2,
    "SeriesDescription": "ImageMRSERIES",
    "SeriesNumber": 8,
    "SliceEncodingDirection": "k",
    "SliceTiming": [
      0.0,
      0.0556,
      0.1111,
      0.1667,
      0.2222,
      0.2778,
      0.3333,
      0.3889,
      0.4444,
      0.5,
      0.5556,
      0.6111,
      0.6667,
      0.7222,
      0.7778,
      0.8333,
      0.8889,
      0.9444,
      1.0,
      1.0556,
      1.1111,
      1.1667,
      1.2222,
      1.2778,
      1.3333,
      1.3889,
      1.4444,
      1.5,
      1.5556,
      1.6111,
      1.6667,
      1.7222,
      1.7778,
      1.8333,
      1.8889,
      1.9444
    ],
    "TaskName": "emomatching",
    "TotalReadoutTime": 0.026945238983542674,
    "UsePhilipsFloatNotDisplayScaling": 1,
    "WaterFatShift": 12,
    "acq_id": "seq",
    "dataset": "unknown",
    "modality": "bold",
    "subject_id": "0066",
    "task_id": "emomatching"
  },
  "dummy_trs": 0,
  "dvars_nstd": 16.87584422268656,
  "dvars_std": 1.2638018179850743,
  "dvars_vstd": 0.9971080302238802,
  "efc": 0.4389719816446357,
  "fber": 3152616448.0,
  "fd_mean": 0.09946013575468876,
  "fd_num": 0,
  "fd_perc": 0.0,
  "fwhm_avg": 2.517783950967027,
  "fwhm_x": 2.43214,
  "fwhm_y": 2.71843,
  "fwhm_z": 2.402781852901081,
  "gcor": 0.0239723,
  "gsr_x": -0.004805580712854862,
  "gsr_y": 0.005135716404765844,
  "provenance": {
    "md5sum": "3c6f153a3e640ebf2a3b1608c33c19ff",
    "settings": {
      "fd_thres": 0.2,
      "hmc_fsl": false
    },
    "software": "mriqc",
    "version": "0.15.0",
    "webapi_port": null,
    "webapi_url": "https://mriqc.nimh.nih.gov/api/v1"
  },
  "size_t": 135,
  "size_x": 80,
  "size_y": 80,
  "size_z": 36,
  "snr": 4.6414255945904,
  "spacing_tr": 2.0,
  "spacing_x": 3.0,
  "spacing_y": 3.0,
  "spacing_z": 3.299999952316284,
  "spikes_num": 1,
  "summary_bg_k": 131.68722161262886,
  "summary_bg_mad": 0.7298995852470398,
  "summary_bg_mean": 210.38552856445312,
  "summary_bg_median": 0.4923097789287567,
  "summary_bg_n": 141802.0,
  "summary_bg_p05": 0.0,
  "summary_bg_p95": 1220.9001647949187,
  "summary_bg_stdv": 1156.29150390625,
  "summary_fg_k": 1.9898057355755423,
  "summary_fg_mad": 5664.53955078125,
  "summary_fg_mean": 31428.083984375,
  "summary_fg_median": 30784.875,
  "summary_fg_n": 48355.0,
  "summary_fg_p05": 22547.758984375,
  "summary_fg_p95": 42676.896093749994,
  "summary_fg_stdv": 6632.56494140625,
  "tsnr": 104.80348205566406
}