{
  "aor": 0.0008067083333333333,
  "aqi": 0.002757687958333333,
  "bids_meta": {
    "AcquisitionNumber": 4,
    "BidsifyVersion": "0.3.5",
    "ConversionSoftware": "dcm2niix",
    "ConversionSoftwareVersion": "v1.0.20181125  GCC6.3.0",
    "EchoTime": 0.02763,
    "FlipAngle": 76.1,
    "ImageComments": "PIOP2",
    "ImageOrientationPatientDICOM": [
      0.99968,
      0.00751536,
      -0.0241648,
      -0.012214,
      0.979592,
      -0.200627
    ],
    "Manufacturer": "Philips",
    "NumberOfVolumesDiscardedByScanner": 2,
    "ParallelAcquisitionTechnique": "SENSE",
    "ParallelReductionFactorInPlane": 2,
    "PatientPosition": "HFS",
    "PhaseEncodingDirection": "j",
    "PhilipsRescaleIntercept": 0,
    "PhilipsRescaleSlope": 0.77021,
    "PhilipsScaleSlope": 0.0542353,
    "ProtocolName": "WIPtask-rest_boldSENSE",
    "PulseSequenceType": "gradient echo EPI",
    "ReconMatrixPE": 80,
    "RepetitionTime": 2,
    "SeriesDescription": "ImageMRSERIES",
    "SeriesNumber": 4,
    "SliceEncodingDirection": "k",
    "TaskName": "restingstate",
    "UsePhilipsFloatNotDisplayScaling": 1,
    "WaterFatShift": 12,
    "acq_id": "seq",
    "dataset": "unknown",
    "modality": "bold",
    "subject_id": "0095",
    "task_id": "restingstate"
  },
  "dummy_trs": 0,
  "dvars_nstd": 21.129004785648537,
  "dvars_std": 1.3817148143514635,
  "dvars_vstd": 1.0026454300836818,
  "efc": 0.4016831258725098,
  "fber": 6292177920.0,
  "fd_mean": 0.09031241797870455,
  "fd_num": 0,
  "fd_perc": 0.0,
  "fwhm_avg": 2.4547407178358864,
  "fwhm_x": 2.367036666666667,
  "fwhm_y": 2.76214,
  "fwhm_z": 2.2350454868409924,
  "gcor": 0.0253563,
  "gsr_x": -0.006506236270070076,
  "gsr_y": 0.002215190092101693,
  "provenance": {
    "md5sum": "567d6db7d29e3f1ad93440a72f4955c8",
    "settings": {
      "fd_thres": 0.2,
      "hmc_fsl": false
    },
    "software": "mriqc",
    "version": "0.15.0",
    "webapi_port": null,
    "webapi_url": "https://mriqc.nimh.nih.gov/api/v1"
  },
  "size_t": 240,
  "size_x": 80,
  "size_y": 80,
  "size_z": 36,
  "snr": 4.774573720245138,
  "spacing_tr": 2.0,
  "spacing_x": 3.0,
  "spacing_y": 3.0,
  "spacing_z": 3.299999952316284,
  "spikes_num": 2,
  "summary_bg_k": 137.84409919260108,
  "summary_bg_mad": 0.4211921691894531,
  "summary_bg_mean": 135.01150512695312,
  "summary_bg_median": 0.2840898036956787,
  "summary_bg_n": 149344.0,
  "summary_bg_p05": 0.0,
  "summary_bg_p95": 775.8626708984383,
  "summary_bg_stdv": 782.86083984375,
  "summary_fg_k": 2.4153188010120106,
  "summary_fg_mad": 4304.06103515625,
  "summary_fg_mean": 24842.740234375,
  "summary_fg_median": 24576.541015625,
  "summary_fg_n": 41047.0,
  "summary_fg_p05": 17126.137890625,
  "summary_fg_p95": 32878.8953125,
  "summary_fg_stdv": 5147.31640625,
  "tsnr": 95.70227813720703
}