{
  "aor": 0.0013352916666666667,
  "aqi": 0.006963462750000001,
  "bids_meta": {
    "AcquisitionNumber": 4,
    "BidsifyVersion": "0.3.5",
    "ConversionSoftware": "dcm2niix",
    "ConversionSoftwareVersion": "v1.0.20181125  GCC6.3.0",
    "EchoTime": 0.02763,
    "EffectiveEchoSpacing": 0.0006909035636805814,
    "FlipAngle": 76.1,
    "ImageComments": "PIOP2",
    "ImageOrientationPatientDICOM": [
      0.999938,
      0.00375353,
      0.0105,
      -0.00331593,
      0.999138,
      -0.0413876
    ],
    "Manufacturer": "Philips",
    "NumberOfVolumesDiscardedByScanner": 2,
    "ParallelAcquisitionTechnique": "SENSE",
    "ParallelReductionFactorInPlane": 2,
    "PatientPosition": "HFS",
    "PhaseEncodingDirection": "j",
    "PhilipsRescaleIntercept": 0,
    "PhilipsRescaleSlope": 0.75775,
    "PhilipsScaleSlope": 0.0593403,
    "ProtocolName": "WIPtask-rest_boldSENSE",
    "PulseSequenceType": "gradient echo EPI",
    "ReconMatrixPE": 80,
    "RepetitionTime": 2,
    "SeriesDescription": "ImageMRSERIES",
    "SeriesNumber": 4,
    "SliceEncodingDirection": "k",
    "SliceTiming": [
      0.0,
      0.0556,
      0.1111,
      0.1667,
      0.2222,
      0.2778,
      0.3333,
      0.3889,
      0.4444,
      0.5,
      0.5556,
      0.6111,
      0.6667,
      0.7222,
      0.7778,
      0.8333,
      0.8889,
      0.9444,
      1.0,
      1.0556,
      1.1111,
      1.1667,
      1.2222,
      1.2778,
      1.3333,
      1.3889,
      1.4444,
      1.5,
      1.5556,
      1.6111,
      1.6667,
      1.7222,
      1.7778,
      1.8333,
      1.8889,
      1.9444
    ],
    "TaskName": "restingstate",
    "TotalReadoutTime": 0.026945238983542674,
    "UsePhilipsFloatNotDisplayScaling": 1,
    "WaterFatShift": 12,
    "acq_id": "seq",
    "dataset": "unknown",
    "modality": "bold",
    "subject_id": "0187",
    "task_id": "restingstate"
  },
  "dummy_trs": 0,
  "dvars_nstd": 21.551276402510457,
  "dvars_std": 1.253085208786611,
  "dvars_vstd": 1.251157216150628,
  "efc": 0.3844628433039218,
  "fber": 766883840.0,
  "fd_mean": 0.1276233963230874,
  "fd_num": 32,
  "fd_perc": 13.333333333333334,
  "fwhm_avg": 2.4772699099470534,
  "fwhm_x": 2.453133333333333,
  "fwhm_y": 2.703773333333333,
  "fwhm_z": 2.274903063174494,
  "gcor": 0.0203662,
  "gsr_x": -0.0006697166827507317,
  "gsr_y": -0.0004653827927540988,
  "provenance": {
    "md5sum": "c925bf00b9bf8c455926651b296cc475",
    "settings": {
      "fd_thres": 0.2,
      "hmc_fsl": false
    },
    "software": "mriqc",
    "version": "0.15.0",
    "webapi_port": null,
    "webapi_url": "https://mriqc.nimh.nih.gov/api/v1"
  },
  "size_t": 240,
  "size_x": 80,
  "size_y": 80,
  "size_z": 36,
  "snr": 5.276733489703083,
  "spacing_tr": 2.0,
  "spacing_x": 3.0,
  "spacing_y": 3.0,
  "spacing_z": 3.299999952316284,
  "spikes_num": 0,
  "summary_bg_k": 138.9306325902701,
  "summary_bg_mad": 1.4001898765563965,
  "summary_bg_mean": 195.02708435058594,
  "summary_bg_median": 0.9444136619567871,
  "summary_bg_n": 153878.0,
  "summary_bg_p05": 0.0,
  "summary_bg_p95": 708.6883056640592,
  "summary_bg_stdv": 1154.955322265625,
  "summary_fg_k": 2.553382842184422,
  "summary_fg_mad": 4404.9951171875,
  "summary_fg_mean": 28243.4609375,
  "summary_fg_median": 27987.84765625,
  "summary_fg_n": 37546.0,
  "summary_fg_p05": 20657.63134765625,
  "summary_fg_p95": 36673.2314453125,
  "summary_fg_stdv": 5303.939453125,
  "tsnr": 71.09880828857422
}