{
  "aor": 0.0010133783783783782,
  "aqi": 0.00195232036036036,
  "bids_meta": {
    "AcquisitionNumber": 7,
    "BidsifyVersion": "0.3.5",
    "ConversionSoftware": "dcm2niix",
    "ConversionSoftwareVersion": "v1.0.20181125  GCC6.3.0",
    "EchoTime": 0.02763,
    "EffectiveEchoSpacing": 0.0006909035636805814,
    "FlipAngle": 76.1,
    "ImageComments": "PIOP2",
    "ImageOrientationPatientDICOM": [
      0.999849,
      0.00447933,
      0.0167699,
      -0.0045372,
      0.999984,
      0.00341459
    ],
    "Manufacturer": "Philips",
    "NumberOfVolumesDiscardedByScanner": 2,
    "ParallelAcquisitionTechnique": "SENSE",
    "ParallelReductionFactorInPlane": 2,
    "PatientPosition": "HFS",
    "PhaseEncodingDirection": "j",
    "PhilipsRescaleIntercept": 0,
    "PhilipsRescaleSlope": 0.78217,
    "PhilipsScaleSlope": 0.0573709,
    "ProtocolName": "WIPtask-stop_boldSENSE",
    "PulseSequenceType": "gradient echo EPI",
    "ReconMatrixPE": 80,
    "RepetitionTime": 2,
    "SeriesDescription": "ImageMRSERIES",
    "SeriesNumber": 7,
    "SliceEncodingDirection": "k",
    "SliceTiming": [
      0.0,
      0.0556,
      0.1111,
      0.1667,
      0.2222,
      0.2778,
      0.3333,
      0.3889,
      0.4444,
      0.5,
      0.5556,
      0.6111,
      0.6667,
      0.7222,
      0.7778,
      0.8333,
      0.8889,
      0.9444,
      1.0,
      1.0556,
      1.1111,
      1.1667,
      1.2222,
      1.2778,
      1.3333,
      1.3889,
      1.4444,
      1.5,
      1.5556,
      1.6111,
      1.6667,
      1.7222,
      1.7778,
      1.8333,
      1.8889,
      1.9444
    ],
    "TaskName": "stopsignal",
    "TotalReadoutTime": 0.026945238983542674,
    "UsePhilipsFloatNotDisplayScaling": 1,
    "WaterFatShift": 12,
    "acq_id": "seq",
    "dataset": "unknown",
    "modality": "bold",
    "subject_id": "0179",
    "task_id": "stopsignal"
  },
  "dummy_trs": 0,
  "dvars_nstd": 17.103284210045246,
  "dvars_std": 1.1749405854298642,
  "dvars_vstd": 1.0112202826244343,
  "efc": 0.38358272619365746,
  "fber": 3905909504.0,
  "fd_mean": 0.09212509441421363,
  "fd_num": 1,
  "fd_perc": 0.45045045045045046,
  "fwhm_avg": 2.5400458696998136,
  "fwhm_x": 2.4961866666666666,
  "fwhm_y": 2.8164933333333333,
  "fwhm_z": 2.30745760909944,
  "gcor": 0.0225351,
  "gsr_x": -0.000552262004930526,
  "gsr_y": 0.00028182414826005697,
  "provenance": {
    "md5sum": "7e99100a842b623ff36755a4d6b1dc20",
    "settings": {
      "fd_thres": 0.2,
      "hmc_fsl": false
    },
    "software": "mriqc",
    "version": "0.15.0",
    "webapi_port": null,
    "webapi_url": "https://mriqc.nimh.nih.gov/api/v1"
  },
  "size_t": 222,
  "size_x": 80,
  "size_y": 80,
  "size_z": 36,
  "snr": 4.5484775478862245,
  "spacing_tr": 2.0,
  "spacing_x": 3.0,
  "spacing_y": 3.0,
  "spacing_z": 3.299999952316284,
  "spikes_num": 0,
  "summary_bg_k": 226.66713938665546,
  "summary_bg_mad": 0.4675779342651367,
  "summary_bg_mean": 165.2764434814453,
  "summary_bg_median": 0.3156851530075073,
  "summary_bg_n": 153318.0,
  "summary_bg_p05": 0.0,
  "summary_bg_p95": 611.2053466796865,
  "summary_bg_stdv": 1062.6400146484375,
  "summary_fg_k": 2.0530705662276088,
  "summary_fg_mad": 4306.78271484375,
  "summary_fg_mean": 22935.7265625,
  "summary_fg_median": 22575.779296875,
  "summary_fg_n": 37429.0,
  "summary_fg_p05": 15833.720312500001,
  "summary_fg_p95": 30797.96171875,
  "summary_fg_stdv": 4963.30419921875,
  "tsnr": 98.32548522949219
}