{
  "aor": 0.003090208333333333,
  "aqi": 0.0047115685,
  "bids_meta": {
    "AcquisitionNumber": 4,
    "BidsifyVersion": "0.3.5",
    "ConversionSoftware": "dcm2niix",
    "ConversionSoftwareVersion": "v1.0.20181125  GCC6.3.0",
    "EchoTime": 0.02763,
    "EffectiveEchoSpacing": 0.0006909035636805814,
    "FlipAngle": 76.1,
    "ImageComments": "PIOP2",
    "ImageOrientationPatientDICOM": [
      0.999849,
      0.00447933,
      0.0167699,
      -0.0045372,
      0.999984,
      0.00341459
    ],
    "Manufacturer": "Philips",
    "NumberOfVolumesDiscardedByScanner": 2,
    "ParallelAcquisitionTechnique": "SENSE",
    "ParallelReductionFactorInPlane": 2,
    "PatientPosition": "HFS",
    "PhaseEncodingDirection": "j",
    "PhilipsRescaleIntercept": 0,
    "PhilipsRescaleSlope": 0.779,
    "PhilipsScaleSlope": 0.0572024,
    "ProtocolName": "WIPtask-rest_boldSENSE",
    "PulseSequenceType": "gradient echo EPI",
    "ReconMatrixPE": 80,
    "RepetitionTime": 2,
    "SeriesDescription": "ImageMRSERIES",
    "SeriesNumber": 4,
    "SliceEncodingDirection": "k",
    "SliceTiming": [
      0.0,
      0.0556,
      0.1111,
      0.1667,
      0.2222,
      0.2778,
      0.3333,
      0.3889,
      0.4444,
      0.5,
      0.5556,
      0.6111,
      0.6667,
      0.7222,
      0.7778,
      0.8333,
      0.8889,
      0.9444,
      1.0,
      1.0556,
      1.1111,
      1.1667,
      1.2222,
      1.2778,
      1.3333,
      1.3889,
      1.4444,
      1.5,
      1.5556,
      1.6111,
      1.6667,
      1.7222,
      1.7778,
      1.8333,
      1.8889,
      1.9444
    ],
    "TaskName": "restingstate",
    "TotalReadoutTime": 0.026945238983542674,
    "UsePhilipsFloatNotDisplayScaling": 1,
    "WaterFatShift": 12,
    "acq_id": "seq",
    "dataset": "unknown",
    "modality": "bold",
    "subject_id": "0179",
    "task_id": "restingstate"
  },
  "dummy_trs": 0,
  "dvars_nstd": 16.175890344351465,
  "dvars_std": 1.0865265916317997,
  "dvars_vstd": 1.0104837126359836,
  "efc": 0.38334154461167685,
  "fber": 1354419968.0,
  "fd_mean": 0.10577105599739424,
  "fd_num": 3,
  "fd_perc": 1.25,
  "fwhm_avg": 2.546049910131527,
  "fwhm_x": 2.4990566666666667,
  "fwhm_y": 2.82589,
  "fwhm_z": 2.313203063727914,
  "gcor": 0.0152226,
  "gsr_x": -0.000674467533826828,
  "gsr_y": -0.00016709418559912592,
  "provenance": {
    "md5sum": "6cf5e8f7110ae4606081599f0c909edb",
    "settings": {
      "fd_thres": 0.2,
      "hmc_fsl": false
    },
    "software": "mriqc",
    "version": "0.15.0",
    "webapi_port": null,
    "webapi_url": "https://mriqc.nimh.nih.gov/api/v1"
  },
  "size_t": 240,
  "size_x": 80,
  "size_y": 80,
  "size_z": 36,
  "snr": 4.579687429238166,
  "spacing_tr": 2.0,
  "spacing_x": 3.0,
  "spacing_y": 3.0,
  "spacing_z": 3.299999952316284,
  "spikes_num": 0,
  "summary_bg_k": 219.61425431223248,
  "summary_bg_mad": 0.8277273178100586,
  "summary_bg_mean": 165.01986694335938,
  "summary_bg_median": 0.5582935810089111,
  "summary_bg_n": 153450.0,
  "summary_bg_p05": 0.0,
  "summary_bg_p95": 610.810662841795,
  "summary_bg_stdv": 1031.5625,
  "summary_fg_k": 1.946234678657719,
  "summary_fg_mad": 4383.8076171875,
  "summary_fg_mean": 23294.98828125,
  "summary_fg_median": 22914.556640625,
  "summary_fg_n": 37260.0,
  "summary_fg_p05": 16160.32705078125,
  "summary_fg_p95": 31394.794335937484,
  "summary_fg_stdv": 5003.45263671875,
  "tsnr": 71.95404815673828
}