{
    "Manufacturer": "Philips",
    "PatientPosition": "HFS",
    "SeriesDescription": "ImageMRSERIES",
    "ProtocolName": "WIPtask-rest_boldSENSE",
    "SeriesNumber": 5,
    "AcquisitionNumber": 5,
    "ImageComments": "PIOP2",
    "PhilipsRescaleSlope": 0.80586,
    "PhilipsRescaleIntercept": 0,
    "PhilipsScaleSlope": 0.0516892,
    "UsePhilipsFloatNotDisplayScaling": 1,
    "EchoTime": 0.02763,
    "RepetitionTime": 2,
    "ReconMatrixPE": 80,
    "ImageOrientationPatientDICOM": [
        0.997425,
        0.0671237,
        -0.0252653,
        -0.0667735,
        0.997663,
        0.0144605
    ],
    "ConversionSoftware": "dcm2niix",
    "ConversionSoftwareVersion": "v1.0.20181125  GCC6.3.0",
    "BidsifyVersion": "0.3.5",
    "SliceEncodingDirection": "k",
    "PhaseEncodingDirection": "j",
    "PulseSequenceType": "gradient echo EPI",
    "ParallelAcquisitionTechnique": "SENSE",
    "ParallelReductionFactorInPlane": 2,
    "FlipAngle": 76.1,
    "WaterFatShift": 12,
    "NumberOfVolumesDiscardedByScanner": 2,
    "TaskName": "restingstate"
}