{
  "bids_meta": {
    "AcquisitionNumber": 2,
    "BidsifyVersion": "0.3.5",
    "ConversionSoftware": "dcm2niix",
    "ConversionSoftwareVersion": "v1.0.20181125  GCC6.3.0",
    "EchoTime": 0.00372,
    "ImageComments": "PIOP2",
    "ImageOrientationPatientDICOM": [
      0.999564,
      -0.00908942,
      -0.0281012,
      0.0101188,
      0.999275,
      0.03671
    ],
    "Manufacturer": "Philips",
    "PatientPosition": "HFS",
    "PhilipsRescaleIntercept": 0,
    "PhilipsRescaleSlope": 9.25006,
    "PhilipsScaleSlope": 0.00677728,
    "ProtocolName": "WIPT1anat_acq-6m_T1wSENSE",
    "ReconMatrixPE": 240,
    "RepetitionTime": 0.008133,
    "SeriesDescription": "ImageMRSERIES",
    "SeriesNumber": 2,
    "UsePhilipsFloatNotDisplayScaling": 1,
    "acq_id": "6m",
    "dataset": "unknown",
    "modality": "T1w",
    "subject_id": "0001"
  },
  "cjv": 0.29090153499413945,
  "cnr": 4.030637113351577,
  "efc": 0.7639932146967107,
  "fber": 1824.80224609375,
  "fwhm_avg": 4.57473,
  "fwhm_x": 4.38358,
  "fwhm_y": 4.59185,
  "fwhm_z": 4.74876,
  "icvs_csf": 0.2474522826850699,
  "icvs_gm": 0.4019571968429394,
  "icvs_wm": 0.3505905204719907,
  "inu_med": 1.6076642274856567,
  "inu_range": 0.3756986141204832,
  "provenance": {
    "md5sum": "4a2967b6a93eb821a564662577d8811d",
    "settings": {
      "testing": false
    },
    "software": "mriqc",
    "version": "0.15.0",
    "warnings": {
      "large_rot_frame": true,
      "small_air_mask": true
    },
    "webapi_port": null,
    "webapi_url": "https://mriqc.nimh.nih.gov/api/v1"
  },
  "qi_1": 0.0,
  "qi_2": 5.766450603808929e-05,
  "rpve_csf": 23.238609974258782,
  "rpve_gm": 14.180198965380024,
  "rpve_wm": 20.712934246746542,
  "size_x": 240,
  "size_y": 240,
  "size_z": 220,
  "snr_csf": 2.559873579664649,
  "snr_gm": 8.306323384471144,
  "snr_total": 12.145442538757862,
  "snr_wm": 25.57013065213779,
  "snrd_csf": 22.392338272098574,
  "snrd_gm": 55.68244260791905,
  "snrd_total": 54.68737732533739,
  "snrd_wm": 85.98735109599454,
  "spacing_x": 1.0,
  "spacing_y": 1.0,
  "spacing_z": 1.0,
  "summary_bg_k": 8.688707086469833,
  "summary_bg_mad": 7.618902683258057,
  "summary_bg_mean": 8.05766487121582,
  "summary_bg_median": 5.30413293838501,
  "summary_bg_n": 159311.0,
  "summary_bg_p05": 0.0,
  "summary_bg_p95": 20.93983745574951,
  "summary_bg_stdv": 6.20552921295166,
  "summary_csf_k": 32.55528994393994,
  "summary_csf_mad": 104.94727325439453,
  "summary_csf_mean": 267.6377868652344,
  "summary_csf_median": 260.4114990234375,
  "summary_csf_n": 17489.0,
  "summary_csf_p05": 121.18327026367187,
  "summary_csf_p95": 436.81837158203126,
  "summary_csf_stdv": 101.72535705566406,
  "summary_gm_k": 0.712941524375871,
  "summary_gm_mad": 69.13357543945312,
  "summary_gm_mean": 657.5498046875,
  "summary_gm_median": 647.5584716796875,
  "summary_gm_n": 26110.0,
  "summary_gm_p05": 548.6887268066406,
  "summary_gm_p95": 805.5224792480469,
  "summary_gm_stdv": 77.95820617675781,
  "summary_wm_k": 1.3607782688591517,
  "summary_wm_mad": 33.38904571533203,
  "summary_wm_mean": 997.7511596679688,
  "summary_wm_median": 999.9891357421875,
  "summary_wm_n": 210807.0,
  "summary_wm_p05": 929.8981079101563,
  "summary_wm_p95": 1057.9479736328124,
  "summary_wm_stdv": 39.10761260986328,
  "tpm_overlap_csf": 0.21708352863788605,
  "tpm_overlap_gm": 0.4991217255592346,
  "tpm_overlap_wm": 0.5634940266609192,
  "wm2max": 0.8309417795832322
}