{
  "aor": 0.0007960087719298245,
  "aqi": 0.005260594342105264,
  "bids_meta": {
    "AcquisitionNumber": 7,
    "BidsifyVersion": "0.3.5",
    "ConversionSoftware": "dcm2niix",
    "ConversionSoftwareVersion": "v1.0.20181125  GCC6.3.0",
    "EchoTime": 0.02763,
    "FlipAngle": 76.1,
    "ImageComments": "PIOP2",
    "ImageOrientationPatientDICOM": [
      0.999201,
      0.0326176,
      -0.0230946,
      -0.0352421,
      0.991625,
      -0.12425
    ],
    "Manufacturer": "Philips",
    "NumberOfVolumesDiscardedByScanner": 2,
    "ParallelAcquisitionTechnique": "SENSE",
    "ParallelReductionFactorInPlane": 2,
    "PatientPosition": "HFS",
    "PhaseEncodingDirection": "j",
    "PhilipsRescaleIntercept": 0,
    "PhilipsRescaleSlope": 0.75849,
    "PhilipsScaleSlope": 0.0535629,
    "ProtocolName": "WIPtask-stop_boldSENSE",
    "PulseSequenceType": "gradient echo EPI",
    "ReconMatrixPE": 80,
    "RepetitionTime": 2,
    "SeriesDescription": "ImageMRSERIES",
    "SeriesNumber": 7,
    "SliceEncodingDirection": "k",
    "TaskName": "stopsignal",
    "UsePhilipsFloatNotDisplayScaling": 1,
    "WaterFatShift": 12,
    "acq_id": "seq",
    "dataset": "unknown",
    "modality": "bold",
    "subject_id": "0157",
    "task_id": "stopsignal"
  },
  "dummy_trs": 0,
  "dvars_nstd": 20.461893787577086,
  "dvars_std": 1.1970973272246692,
  "dvars_vstd": 0.955805767268722,
  "efc": 0.41754129889859526,
  "fber": 830196800.0,
  "fd_mean": 0.1317063646164146,
  "fd_num": 16,
  "fd_perc": 7.017543859649122,
  "fwhm_avg": 2.5506007179131114,
  "fwhm_x": 2.52083,
  "fwhm_y": 2.8798933333333334,
  "fwhm_z": 2.251078820406001,
  "gcor": 0.00891005,
  "gsr_x": -0.001097411965020001,
  "gsr_y": 0.00268960976973176,
  "provenance": {
    "md5sum": "7db5f56a0a1c360f146db8ef2b65d5cd",
    "settings": {
      "fd_thres": 0.2,
      "hmc_fsl": false
    },
    "software": "mriqc",
    "version": "0.15.0",
    "webapi_port": null,
    "webapi_url": "https://mriqc.nimh.nih.gov/api/v1"
  },
  "size_t": 228,
  "size_x": 80,
  "size_y": 80,
  "size_z": 36,
  "snr": 5.230899637345348,
  "spacing_tr": 2.0,
  "spacing_x": 3.0,
  "spacing_y": 3.0,
  "spacing_z": 3.299999952316284,
  "spikes_num": 1,
  "summary_bg_k": 114.46779374063378,
  "summary_bg_mad": 1.1878516674041748,
  "summary_bg_mean": 182.36935424804688,
  "summary_bg_median": 0.802283525466919,
  "summary_bg_n": 145825.0,
  "summary_bg_p05": 0.0,
  "summary_bg_p95": 961.4024780273422,
  "summary_bg_stdv": 1038.1112060546875,
  "summary_fg_k": 3.022314060021688,
  "summary_fg_mad": 4089.63525390625,
  "summary_fg_mean": 26308.05078125,
  "summary_fg_median": 26233.498046875,
  "summary_fg_n": 43522.0,
  "summary_fg_p05": 18807.9755859375,
  "summary_fg_p95": 33821.2015625,
  "summary_fg_stdv": 5015.044921875,
  "tsnr": 81.17285919189453
}