{
  "aor": 0.009397375,
  "aqi": 0.004761468374999999,
  "bids_meta": {
    "AcquisitionNumber": 3,
    "BidsifyVersion": "0.3.5",
    "ConversionSoftware": "dcm2niix",
    "ConversionSoftwareVersion": "v1.0.20181125  GCC6.3.0",
    "EchoTime": 0.02763,
    "FlipAngle": 76.1,
    "ImageComments": "PIOP2",
    "ImageOrientationPatientDICOM": [
      0.998502,
      0.008916,
      -0.0539823,
      -0.0228335,
      0.964514,
      -0.263044
    ],
    "Manufacturer": "Philips",
    "NumberOfVolumesDiscardedByScanner": 2,
    "ParallelAcquisitionTechnique": "SENSE",
    "ParallelReductionFactorInPlane": 2,
    "PatientPosition": "HFS",
    "PhaseEncodingDirection": "j",
    "PhilipsRescaleIntercept": 0,
    "PhilipsRescaleSlope": 0.77021,
    "PhilipsScaleSlope": 0.057453,
    "ProtocolName": "WIPtask-wm_boldSENSE",
    "PulseSequenceType": "gradient echo EPI",
    "ReconMatrixPE": 80,
    "RepetitionTime": 2,
    "SeriesDescription": "ImageMRSERIES",
    "SeriesNumber": 3,
    "SliceEncodingDirection": "k",
    "TaskName": "workingmemory",
    "UsePhilipsFloatNotDisplayScaling": 1,
    "WaterFatShift": 12,
    "acq_id": "seq",
    "dataset": "unknown",
    "modality": "bold",
    "subject_id": "0185",
    "task_id": "workingmemory"
  },
  "dummy_trs": 0,
  "dvars_nstd": 17.521174970566037,
  "dvars_std": 1.2289396221383642,
  "dvars_vstd": 1.0498296693710694,
  "efc": 0.3928146463659457,
  "fber": 204202832.0,
  "fd_mean": 0.11560113987134621,
  "fd_num": 7,
  "fd_perc": 4.375,
  "fwhm_avg": 2.5786292032805562,
  "fwhm_x": 2.50462,
  "fwhm_y": 2.8724433333333335,
  "fwhm_z": 2.358824276508335,
  "gcor": 0.0178599,
  "gsr_x": -0.011061951518058777,
  "gsr_y": 0.006084093824028969,
  "provenance": {
    "md5sum": "9ff7030da6b3d247079e641be7133be5",
    "settings": {
      "fd_thres": 0.2,
      "hmc_fsl": false
    },
    "software": "mriqc",
    "version": "0.15.0",
    "webapi_port": null,
    "webapi_url": "https://mriqc.nimh.nih.gov/api/v1"
  },
  "size_t": 160,
  "size_x": 80,
  "size_y": 80,
  "size_z": 36,
  "snr": 4.955418759932687,
  "spacing_tr": 2.0,
  "spacing_x": 3.0,
  "spacing_y": 3.0,
  "spacing_z": 3.299999952316284,
  "spikes_num": 2,
  "summary_bg_k": 59.33826698101598,
  "summary_bg_mad": 2.3800666332244873,
  "summary_bg_mean": 284.8833923339844,
  "summary_bg_median": 1.6207551956176758,
  "summary_bg_n": 152916.0,
  "summary_bg_p05": 0.0036333068856038153,
  "summary_bg_p95": 1064.5337219238281,
  "summary_bg_stdv": 1494.525634765625,
  "summary_fg_k": 2.3252523235507416,
  "summary_fg_mad": 4060.880859375,
  "summary_fg_mean": 25234.384765625,
  "summary_fg_median": 25001.328125,
  "summary_fg_n": 37256.0,
  "summary_fg_p05": 17653.8623046875,
  "summary_fg_p95": 33401.8095703125,
  "summary_fg_stdv": 5045.1826171875,
  "tsnr": 74.40164947509766
}