{
  "aor": 0.0035732286995515702,
  "aqi": 0.0042950430044843045,
  "bids_meta": {
    "AcquisitionNumber": 7,
    "BidsifyVersion": "0.3.5",
    "ConversionSoftware": "dcm2niix",
    "ConversionSoftwareVersion": "v1.0.20181125  GCC6.3.0",
    "EchoTime": 0.02763,
    "FlipAngle": 76.1,
    "ImageComments": "PIOP2",
    "ImageOrientationPatientDICOM": [
      0.998502,
      0.008916,
      -0.0539823,
      -0.0228335,
      0.964514,
      -0.263044
    ],
    "Manufacturer": "Philips",
    "NumberOfVolumesDiscardedByScanner": 2,
    "ParallelAcquisitionTechnique": "SENSE",
    "ParallelReductionFactorInPlane": 2,
    "PatientPosition": "HFS",
    "PhaseEncodingDirection": "j",
    "PhilipsRescaleIntercept": 0,
    "PhilipsRescaleSlope": 0.77094,
    "PhilipsScaleSlope": 0.0570325,
    "ProtocolName": "WIPtask-stop_boldSENSE",
    "PulseSequenceType": "gradient echo EPI",
    "ReconMatrixPE": 80,
    "RepetitionTime": 2,
    "SeriesDescription": "ImageMRSERIES",
    "SeriesNumber": 7,
    "SliceEncodingDirection": "k",
    "TaskName": "stopsignal",
    "UsePhilipsFloatNotDisplayScaling": 1,
    "WaterFatShift": 12,
    "acq_id": "seq",
    "dataset": "unknown",
    "modality": "bold",
    "subject_id": "0185",
    "task_id": "stopsignal"
  },
  "dummy_trs": 0,
  "dvars_nstd": 18.683580072252262,
  "dvars_std": 1.232452420855856,
  "dvars_vstd": 1.0239634082432436,
  "efc": 0.39177177802930985,
  "fber": 255529712.0,
  "fd_mean": 0.12224394690142437,
  "fd_num": 12,
  "fd_perc": 5.381165919282512,
  "fwhm_avg": 2.5910667791229325,
  "fwhm_x": 2.5165533333333334,
  "fwhm_y": 2.880216666666667,
  "fwhm_z": 2.3764303373687965,
  "gcor": 0.019251,
  "gsr_x": -0.010699836537241936,
  "gsr_y": 0.00542094511911273,
  "provenance": {
    "md5sum": "8a885abdf4b1372f7c29043c18298e01",
    "settings": {
      "fd_thres": 0.2,
      "hmc_fsl": false
    },
    "software": "mriqc",
    "version": "0.15.0",
    "webapi_port": null,
    "webapi_url": "https://mriqc.nimh.nih.gov/api/v1"
  },
  "size_t": 223,
  "size_x": 80,
  "size_y": 80,
  "size_z": 36,
  "snr": 4.920541890332508,
  "spacing_tr": 2.0,
  "spacing_x": 3.0,
  "spacing_y": 3.0,
  "spacing_z": 3.299999952316284,
  "spikes_num": 1,
  "summary_bg_k": 58.5368147055217,
  "summary_bg_mad": 2.1014761924743652,
  "summary_bg_mean": 283.0299072265625,
  "summary_bg_median": 1.449430227279663,
  "summary_bg_n": 153170.0,
  "summary_bg_p05": 0.011768285604193811,
  "summary_bg_p95": 1017.760650634763,
  "summary_bg_stdv": 1491.303955078125,
  "summary_fg_k": 2.3073086808267727,
  "summary_fg_mad": 4118.3212890625,
  "summary_fg_mean": 25327.123046875,
  "summary_fg_median": 25045.251953125,
  "summary_fg_n": 37090.0,
  "summary_fg_p05": 17763.971484375,
  "summary_fg_p95": 33655.654296875,
  "summary_fg_stdv": 5089.869140625,
  "tsnr": 78.54327392578125
}