{
  "aor": 0.001068888888888889,
  "aqi": 0.0026908683703703706,
  "bids_meta": {
    "AcquisitionNumber": 8,
    "BidsifyVersion": "0.3.5",
    "ConversionSoftware": "dcm2niix",
    "ConversionSoftwareVersion": "v1.0.20181125  GCC6.3.0",
    "EchoTime": 0.02763,
    "FlipAngle": 76.1,
    "ImageComments": "PIOP2",
    "ImageOrientationPatientDICOM": [
      0.998502,
      0.008916,
      -0.0539823,
      -0.0228335,
      0.964514,
      -0.263044
    ],
    "Manufacturer": "Philips",
    "NumberOfVolumesDiscardedByScanner": 2,
    "ParallelAcquisitionTechnique": "SENSE",
    "ParallelReductionFactorInPlane": 2,
    "PatientPosition": "HFS",
    "PhaseEncodingDirection": "j",
    "PhilipsRescaleIntercept": 0,
    "PhilipsRescaleSlope": 0.78217,
    "PhilipsScaleSlope": 0.057026,
    "ProtocolName": "WIPtask-harriri_boldSENSE",
    "PulseSequenceType": "gradient echo EPI",
    "ReconMatrixPE": 80,
    "RepetitionTime": 2,
    "SeriesDescription": "ImageMRSERIES",
    "SeriesNumber": 8,
    "SliceEncodingDirection": "k",
    "TaskName": "emomatching",
    "UsePhilipsFloatNotDisplayScaling": 1,
    "WaterFatShift": 12,
    "acq_id": "seq",
    "dataset": "unknown",
    "modality": "bold",
    "subject_id": "0185",
    "task_id": "emomatching"
  },
  "dummy_trs": 0,
  "dvars_nstd": 19.720785988059703,
  "dvars_std": 1.2793644026865674,
  "dvars_vstd": 1.0085983352238803,
  "efc": 0.3917564956438419,
  "fber": 719203008.0,
  "fd_mean": 0.11603294517359941,
  "fd_num": 10,
  "fd_perc": 7.407407407407407,
  "fwhm_avg": 2.5505883951003234,
  "fwhm_x": 2.4788033333333335,
  "fwhm_y": 2.83478,
  "fwhm_z": 2.338181851967636,
  "gcor": 0.0293708,
  "gsr_x": -0.01063759345561266,
  "gsr_y": 0.005733690690249205,
  "provenance": {
    "md5sum": "871256dc92061b403080831a11115cf6",
    "settings": {
      "fd_thres": 0.2,
      "hmc_fsl": false
    },
    "software": "mriqc",
    "version": "0.15.0",
    "webapi_port": null,
    "webapi_url": "https://mriqc.nimh.nih.gov/api/v1"
  },
  "size_t": 135,
  "size_x": 80,
  "size_y": 80,
  "size_z": 36,
  "snr": 5.078246615552264,
  "spacing_tr": 2.0,
  "spacing_x": 3.0,
  "spacing_y": 3.0,
  "spacing_z": 3.299999952316284,
  "spikes_num": 0,
  "summary_bg_k": 70.9254416659062,
  "summary_bg_mad": 1.3036726713180542,
  "summary_bg_mean": 280.429931640625,
  "summary_bg_median": 0.8843937516212463,
  "summary_bg_n": 153115.0,
  "summary_bg_p05": 0.0,
  "summary_bg_p95": 1001.6112426757788,
  "summary_bg_stdv": 1523.7132568359375,
  "summary_fg_k": 2.4418806040566716,
  "summary_fg_mad": 3935.845703125,
  "summary_fg_mean": 25199.91015625,
  "summary_fg_median": 24967.375,
  "summary_fg_n": 37078.0,
  "summary_fg_p05": 17901.62705078125,
  "summary_fg_p95": 33169.3029296875,
  "summary_fg_stdv": 4916.46826171875,
  "tsnr": 96.62944030761719
}