{
    "Manufacturer": "Philips",
    "PatientPosition": "HFS",
    "SeriesDescription": "ImageMRSERIES",
    "ProtocolName": "WIPT1anat_acq-6m_T1wSENSE",
    "SeriesNumber": 2,
    "AcquisitionNumber": 2,
    "ImageComments": "PIOP2",
    "PhilipsRescaleSlope": 8.61783,
    "PhilipsRescaleIntercept": 0,
    "PhilipsScaleSlope": 0.00745511,
    "UsePhilipsFloatNotDisplayScaling": 1,
    "EchoTime": 0.00381,
    "RepetitionTime": 0.008291,
    "ReconMatrixPE": 240,
    "ImageOrientationPatientDICOM": [
        0.998019,
        0.0446892,
        -0.0442928,
        -0.0503828,
        0.989273,
        -0.137114
    ],
    "ConversionSoftware": "dcm2niix",
    "ConversionSoftwareVersion": "v1.0.20181125  GCC6.3.0",
    "BidsifyVersion": "0.3.5"
}