{
  "aor": 0.0015578125,
  "aqi": 0.003709630312499999,
  "bids_meta": {
    "AcquisitionNumber": 3,
    "BidsifyVersion": "0.3.5",
    "ConversionSoftware": "dcm2niix",
    "ConversionSoftwareVersion": "v1.0.20181125  GCC6.3.0",
    "EchoTime": 0.02763,
    "FlipAngle": 76.1,
    "ImageComments": "PIOP2",
    "ImageOrientationPatientDICOM": [
      0.999499,
      0.0140192,
      0.028369,
      -0.0155269,
      0.998439,
      0.0536446
    ],
    "Manufacturer": "Philips",
    "NumberOfVolumesDiscardedByScanner": 2,
    "ParallelAcquisitionTechnique": "SENSE",
    "ParallelReductionFactorInPlane": 2,
    "PatientPosition": "HFS",
    "PhaseEncodingDirection": "j",
    "PhilipsRescaleIntercept": 0,
    "PhilipsRescaleSlope": 0.7663,
    "PhilipsScaleSlope": 0.0598653,
    "ProtocolName": "WIPtask-wm_boldSENSE",
    "PulseSequenceType": "gradient echo EPI",
    "ReconMatrixPE": 80,
    "RepetitionTime": 2,
    "SeriesDescription": "ImageMRSERIES",
    "SeriesNumber": 3,
    "SliceEncodingDirection": "k",
    "TaskName": "workingmemory",
    "UsePhilipsFloatNotDisplayScaling": 1,
    "WaterFatShift": 12,
    "acq_id": "seq",
    "dataset": "unknown",
    "modality": "bold",
    "subject_id": "0159",
    "task_id": "workingmemory"
  },
  "dummy_trs": 0,
  "dvars_nstd": 20.463314194150957,
  "dvars_std": 1.2588272627672958,
  "dvars_vstd": 0.9989417622641514,
  "efc": 0.435988497508053,
  "fber": 410785824.0,
  "fd_mean": 0.13208651666839752,
  "fd_num": 19,
  "fd_perc": 11.875,
  "fwhm_avg": 2.728749305542621,
  "fwhm_x": 2.607606666666667,
  "fwhm_y": 2.9598866666666663,
  "fwhm_z": 2.61875458329453,
  "gcor": 0.0417987,
  "gsr_x": -0.0015935520641505718,
  "gsr_y": 0.0013380817836150527,
  "provenance": {
    "md5sum": "ed4e9e589fcd254f95916e2719a2505a",
    "settings": {
      "fd_thres": 0.2,
      "hmc_fsl": false
    },
    "software": "mriqc",
    "version": "0.15.0",
    "webapi_port": null,
    "webapi_url": "https://mriqc.nimh.nih.gov/api/v1"
  },
  "size_t": 160,
  "size_x": 80,
  "size_y": 80,
  "size_z": 36,
  "snr": 4.639238368577522,
  "spacing_tr": 2.0,
  "spacing_x": 3.0,
  "spacing_y": 3.0,
  "spacing_z": 3.299999952316284,
  "spikes_num": 0,
  "summary_bg_k": 82.27440153558945,
  "summary_bg_mad": 1.5477639436721802,
  "summary_bg_mean": 204.23997497558594,
  "summary_bg_median": 1.0664194822311401,
  "summary_bg_n": 142969.0,
  "summary_bg_p05": 0.002869899664074183,
  "summary_bg_p95": 1063.708813476564,
  "summary_bg_stdv": 1115.5155029296875,
  "summary_fg_k": 3.1367212934385824,
  "summary_fg_mad": 3826.27490234375,
  "summary_fg_mean": 23429.6171875,
  "summary_fg_median": 23232.53515625,
  "summary_fg_n": 46695.0,
  "summary_fg_p05": 16177.65625,
  "summary_fg_p95": 31035.714453124994,
  "summary_fg_stdv": 5007.7802734375,
  "tsnr": 84.92403411865234
}