{
  "bids_meta": {
    "AcquisitionNumber": 2,
    "BidsifyVersion": "0.3.5",
    "ConversionSoftware": "dcm2niix",
    "ConversionSoftwareVersion": "v1.0.20181125  GCC6.3.0",
    "EchoTime": 0.00377,
    "ImageComments": "PIOP2",
    "ImageOrientationPatientDICOM": [
      0.998113,
      0.0585613,
      -0.0184813,
      -0.0572013,
      0.996106,
      0.0670929
    ],
    "Manufacturer": "Philips",
    "NumberSignalAcquisitions": 2,
    "PatientPosition": "HFS",
    "PhilipsRescaleIntercept": 0,
    "PhilipsRescaleSlope": 3.42222,
    "PhilipsScaleSlope": 0.00683227,
    "ProtocolName": "WIPT1anat_acq-6m_T1wSENSE",
    "ReconMatrixPE": 240,
    "RepetitionTime": 0.008203,
    "SeriesDescription": "ImageMRSERIES",
    "SeriesNumber": 2,
    "UsePhilipsFloatNotDisplayScaling": 1,
    "dataset": "unknown",
    "modality": "T1w",
    "subject_id": "0067"
  },
  "cjv": 0.25253180821489196,
  "cnr": 4.981902326096928,
  "efc": 0.7372368472220592,
  "fber": 1963.1678466796875,
  "fwhm_avg": 4.386453426236517,
  "fwhm_x": 3.97263,
  "fwhm_y": 4.51076,
  "fwhm_z": 4.675970278709548,
  "icvs_csf": 0.23200425235728597,
  "icvs_gm": 0.41095423593446806,
  "icvs_wm": 0.357041511708246,
  "inu_med": 2.1465187072753906,
  "inu_range": 0.4581789791584012,
  "provenance": {
    "md5sum": "d8b4c70dd9445f380670e62473b55000",
    "settings": {
      "testing": false
    },
    "software": "mriqc",
    "version": "0.15.0",
    "warnings": {
      "large_rot_frame": true,
      "small_air_mask": true
    },
    "webapi_port": null,
    "webapi_url": "https://mriqc.nimh.nih.gov/api/v1"
  },
  "qi_1": 0.0,
  "qi_2": 0.00015228426602181006,
  "rpve_csf": 24.52794848997059,
  "rpve_gm": 14.329968689052194,
  "rpve_wm": 20.920676230937616,
  "size_x": 240,
  "size_y": 240,
  "size_z": 220,
  "snr_csf": 0.9542427489868781,
  "snr_gm": 9.623778058444735,
  "snr_total": 11.089095803895342,
  "snr_wm": 22.68926660425441,
  "snrd_csf": 21.16290425169246,
  "snrd_gm": 57.61526751484524,
  "snrd_total": 57.59043272301263,
  "snrd_wm": 93.99312640250018,
  "spacing_x": 1.0,
  "spacing_y": 1.0,
  "spacing_z": 0.9999999403953552,
  "summary_bg_k": 8.606798428384101,
  "summary_bg_mad": 6.969963073730469,
  "summary_bg_mean": 7.2576704025268555,
  "summary_bg_median": 4.807782173156738,
  "summary_bg_n": 156820.0,
  "summary_bg_p05": 0.0,
  "summary_bg_p95": 19.129169368743895,
  "summary_bg_stdv": 6.001682281494141,
  "summary_csf_k": 78.48207245534763,
  "summary_csf_mad": 111.630859375,
  "summary_csf_mean": 252.98886108398438,
  "summary_csf_median": 225.1510772705078,
  "summary_csf_n": 14410.0,
  "summary_csf_p05": 89.51215171813965,
  "summary_csf_p95": 410.1528366088867,
  "summary_csf_stdv": 235.93919372558594,
  "summary_gm_k": 0.5761360153511541,
  "summary_gm_mad": 60.41554260253906,
  "summary_gm_mean": 615.2011108398438,
  "summary_gm_median": 612.9659423828125,
  "summary_gm_n": 22568.0,
  "summary_gm_p05": 516.5811767578125,
  "summary_gm_p95": 723.4527801513672,
  "summary_gm_stdv": 63.69144821166992,
  "summary_wm_k": 1.3629493685938332,
  "summary_wm_mad": 37.31987762451172,
  "summary_wm_mean": 994.7530517578125,
  "summary_wm_median": 999.9881591796875,
  "summary_wm_n": 213779.0,
  "summary_wm_p05": 912.1535034179688,
  "summary_wm_p95": 1057.0216064453125,
  "summary_wm_stdv": 44.07307815551758,
  "tpm_overlap_csf": 0.22833509743213654,
  "tpm_overlap_gm": 0.5201691389083862,
  "tpm_overlap_wm": 0.5932233929634094,
  "wm2max": 0.617892662417148
}