{
    "Manufacturer": "Philips",
    "PatientPosition": "HFS",
    "SeriesDescription": "ImageMRSERIES",
    "ProtocolName": "WIPT1anat_acq-6m_T1wSENSE",
    "SeriesNumber": 2,
    "AcquisitionNumber": 2,
    "ImageComments": "PIOP2",
    "PhilipsRescaleSlope": 7.39756,
    "PhilipsRescaleIntercept": 0,
    "PhilipsScaleSlope": 0.00776127,
    "UsePhilipsFloatNotDisplayScaling": 1,
    "EchoTime": 0.00379,
    "RepetitionTime": 0.008252,
    "ReconMatrixPE": 240,
    "ImageOrientationPatientDICOM": [
        0.997734,
        -0.0511346,
        -0.0437301,
        0.055258,
        0.993556,
        0.0989631
    ],
    "ConversionSoftware": "dcm2niix",
    "ConversionSoftwareVersion": "v1.0.20181125  GCC6.3.0",
    "BidsifyVersion": "0.3.5"
}