{
  "aor": 0.0013277083333333333,
  "aqi": 0.004832321458333333,
  "bids_meta": {
    "AcquisitionNumber": 4,
    "BidsifyVersion": "0.3.5",
    "ConversionSoftware": "dcm2niix",
    "ConversionSoftwareVersion": "v1.0.20181125  GCC6.3.0",
    "EchoTime": 0.02763,
    "FlipAngle": 76.1,
    "ImageComments": "PIOP2",
    "ImageOrientationPatientDICOM": [
      0.996267,
      0.0863225,
      0.000817196,
      -0.0859357,
      0.992614,
      -0.08563
    ],
    "Manufacturer": "Philips",
    "NumberOfVolumesDiscardedByScanner": 2,
    "ParallelAcquisitionTechnique": "SENSE",
    "ParallelReductionFactorInPlane": 2,
    "PatientPosition": "HFS",
    "PhaseEncodingDirection": "j",
    "PhilipsRescaleIntercept": 0,
    "PhilipsRescaleSlope": 0.74799,
    "PhilipsScaleSlope": 0.0571408,
    "ProtocolName": "WIPtask-rest_boldSENSE",
    "PulseSequenceType": "gradient echo EPI",
    "ReconMatrixPE": 80,
    "RepetitionTime": 2,
    "SeriesDescription": "ImageMRSERIES",
    "SeriesNumber": 4,
    "SliceEncodingDirection": "k",
    "TaskName": "restingstate",
    "UsePhilipsFloatNotDisplayScaling": 1,
    "WaterFatShift": 12,
    "acq_id": "seq",
    "dataset": "unknown",
    "modality": "bold",
    "subject_id": "0133",
    "task_id": "restingstate"
  },
  "dummy_trs": 0,
  "dvars_nstd": 23.36487748167365,
  "dvars_std": 1.299603087866108,
  "dvars_vstd": 0.9956815164853559,
  "efc": 0.42005696079323873,
  "fber": 246121536.0,
  "fd_mean": 0.16062093287008292,
  "fd_num": 55,
  "fd_perc": 22.916666666666668,
  "fwhm_avg": 2.6053508196366875,
  "fwhm_x": 2.56673,
  "fwhm_y": 2.8501133333333333,
  "fwhm_z": 2.3992091255767294,
  "gcor": 0.0244864,
  "gsr_x": 0.004803227260708809,
  "gsr_y": -0.0004374731215648353,
  "provenance": {
    "md5sum": "5259b9ad899b1a650de4c59c5957c60d",
    "settings": {
      "fd_thres": 0.2,
      "hmc_fsl": false
    },
    "software": "mriqc",
    "version": "0.15.0",
    "webapi_port": null,
    "webapi_url": "https://mriqc.nimh.nih.gov/api/v1"
  },
  "size_t": 240,
  "size_x": 80,
  "size_y": 80,
  "size_z": 36,
  "snr": 4.759115698000054,
  "spacing_tr": 2.0,
  "spacing_x": 3.0,
  "spacing_y": 3.0,
  "spacing_z": 3.299999952316284,
  "spikes_num": 4,
  "summary_bg_k": 53.34179577443031,
  "summary_bg_mad": 2.0417726039886475,
  "summary_bg_mean": 262.9509582519531,
  "summary_bg_median": 1.3771545886993408,
  "summary_bg_n": 146542.0,
  "summary_bg_p05": 0.0,
  "summary_bg_p95": 1154.0251586914062,
  "summary_bg_stdv": 1323.5880126953125,
  "summary_fg_k": 3.3669884212700714,
  "summary_fg_mad": 3866.61376953125,
  "summary_fg_mean": 24924.0390625,
  "summary_fg_median": 24525.1953125,
  "summary_fg_n": 43432.0,
  "summary_fg_p05": 17672.59775390625,
  "summary_fg_p95": 32845.81171875,
  "summary_fg_stdv": 5153.25,
  "tsnr": 77.87570190429688
}