{
  "aor": 0.0008616666666666666,
  "aqi": 0.006172347125,
  "bids_meta": {
    "AcquisitionNumber": 4,
    "BidsifyVersion": "0.3.5",
    "ConversionSoftware": "dcm2niix",
    "ConversionSoftwareVersion": "v1.0.20181125  GCC6.3.0",
    "EchoTime": 0.02763,
    "FlipAngle": 76.1,
    "ImageComments": "PIOP2",
    "ImageOrientationPatientDICOM": [
      0.998237,
      0.0566307,
      -0.0177861,
      -0.0573832,
      0.997332,
      -0.045114
    ],
    "Manufacturer": "Philips",
    "NumberOfVolumesDiscardedByScanner": 2,
    "ParallelAcquisitionTechnique": "SENSE",
    "ParallelReductionFactorInPlane": 2,
    "PatientPosition": "HFS",
    "PhaseEncodingDirection": "j",
    "PhilipsRescaleIntercept": 0,
    "PhilipsRescaleSlope": 0.779,
    "PhilipsScaleSlope": 0.0509011,
    "ProtocolName": "WIPtask-rest_boldSENSE",
    "PulseSequenceType": "gradient echo EPI",
    "ReconMatrixPE": 80,
    "RepetitionTime": 2,
    "SeriesDescription": "ImageMRSERIES",
    "SeriesNumber": 4,
    "SliceEncodingDirection": "k",
    "TaskName": "restingstate",
    "UsePhilipsFloatNotDisplayScaling": 1,
    "WaterFatShift": 12,
    "acq_id": "seq",
    "dataset": "unknown",
    "modality": "bold",
    "subject_id": "0012",
    "task_id": "restingstate"
  },
  "dummy_trs": 0,
  "dvars_nstd": 26.17765977271966,
  "dvars_std": 1.2473992853138076,
  "dvars_vstd": 0.9517205946443514,
  "efc": 0.3920374279050046,
  "fber": 774894400.0,
  "fd_mean": 0.2048304120500771,
  "fd_num": 127,
  "fd_perc": 52.916666666666664,
  "fwhm_avg": 2.5387596071361074,
  "fwhm_x": 2.4187833333333333,
  "fwhm_y": 2.87705,
  "fwhm_z": 2.3204454880749887,
  "gcor": 0.0207248,
  "gsr_x": -0.004858436528593302,
  "gsr_y": 0.00420587370172143,
  "provenance": {
    "md5sum": "203aa6544c78a7fbc6751d8bff72e7d3",
    "settings": {
      "fd_thres": 0.2,
      "hmc_fsl": false
    },
    "software": "mriqc",
    "version": "0.15.0",
    "webapi_port": null,
    "webapi_url": "https://mriqc.nimh.nih.gov/api/v1"
  },
  "size_t": 240,
  "size_x": 80,
  "size_y": 80,
  "size_z": 36,
  "snr": 5.035804377492485,
  "spacing_tr": 2.0,
  "spacing_x": 3.0,
  "spacing_y": 3.0,
  "spacing_z": 3.299999952316284,
  "spikes_num": 0,
  "summary_bg_k": 88.42200950172588,
  "summary_bg_mad": 1.2718007564544678,
  "summary_bg_mean": 193.26736450195312,
  "summary_bg_median": 0.8592134714126587,
  "summary_bg_n": 151987.0,
  "summary_bg_p05": 0.0,
  "summary_bg_p95": 885.0368164062475,
  "summary_bg_stdv": 1063.4503173828125,
  "summary_fg_k": 2.7011392210842216,
  "summary_fg_mad": 4462.609375,
  "summary_fg_mean": 26187.744140625,
  "summary_fg_median": 26020.9921875,
  "summary_fg_n": 38618.0,
  "summary_fg_p05": 18622.684765625,
  "summary_fg_p95": 34183.133203125,
  "summary_fg_stdv": 5167.1298828125,
  "tsnr": 67.43384552001953
}