{
    "Manufacturer": "Philips",
    "PatientPosition": "HFS",
    "SeriesDescription": "ImageMRSERIES",
    "ProtocolName": "WIPT1anat_acq-6m_T1wSENSE",
    "SeriesNumber": 2,
    "AcquisitionNumber": 2,
    "ImageComments": "PIOP2",
    "PhilipsRescaleSlope": 9.19902,
    "PhilipsRescaleIntercept": 0,
    "PhilipsScaleSlope": 0.00761346,
    "UsePhilipsFloatNotDisplayScaling": 1,
    "EchoTime": 0.00382,
    "RepetitionTime": 0.008293,
    "ReconMatrixPE": 240,
    "ImageOrientationPatientDICOM": [
        0.997071,
        0.0704998,
        0.0296564,
        -0.0660506,
        0.989197,
        -0.130869
    ],
    "ConversionSoftware": "dcm2niix",
    "ConversionSoftwareVersion": "v1.0.20181125  GCC6.3.0",
    "BidsifyVersion": "0.3.5"
}