{
  "aor": 0.012928592592592592,
  "aqi": 0.007067112148148148,
  "bids_meta": {
    "AcquisitionNumber": 8,
    "BidsifyVersion": "0.3.5",
    "ConversionSoftware": "dcm2niix",
    "ConversionSoftwareVersion": "v1.0.20181125  GCC6.3.0",
    "EchoTime": 0.02763,
    "FlipAngle": 76.1,
    "ImageComments": "PIOP2",
    "ImageOrientationPatientDICOM": [
      0.999581,
      0.00901972,
      -0.0275171,
      -0.00767638,
      0.998792,
      0.0485395
    ],
    "Manufacturer": "Philips",
    "NumberOfVolumesDiscardedByScanner": 2,
    "ParallelAcquisitionTechnique": "SENSE",
    "ParallelReductionFactorInPlane": 2,
    "PatientPosition": "HFS",
    "PhaseEncodingDirection": "j",
    "PhilipsRescaleIntercept": 0,
    "PhilipsRescaleSlope": 0.82247,
    "PhilipsScaleSlope": 0.0533502,
    "ProtocolName": "WIPtask-harriri_boldSENSE",
    "PulseSequenceType": "gradient echo EPI",
    "ReconMatrixPE": 80,
    "RepetitionTime": 2,
    "SeriesDescription": "ImageMRSERIES",
    "SeriesNumber": 8,
    "SliceEncodingDirection": "k",
    "TaskName": "emomatching",
    "UsePhilipsFloatNotDisplayScaling": 1,
    "WaterFatShift": 12,
    "acq_id": "seq",
    "dataset": "unknown",
    "modality": "bold",
    "subject_id": "0043",
    "task_id": "emomatching"
  },
  "dummy_trs": 0,
  "dvars_nstd": 24.289436284104468,
  "dvars_std": 1.504452041865672,
  "dvars_vstd": 1.111122244328358,
  "efc": 0.4172024089114126,
  "fber": 217622416.0,
  "fd_mean": 0.12400808165708439,
  "fd_num": 13,
  "fd_perc": 9.62962962962963,
  "fwhm_avg": 2.5637134454742765,
  "fwhm_x": 2.5671433333333336,
  "fwhm_y": 2.8130333333333333,
  "fwhm_z": 2.310963669756162,
  "gcor": 0.0226872,
  "gsr_x": -0.0020328809041529894,
  "gsr_y": 0.0026149123441427946,
  "provenance": {
    "md5sum": "832423d40ea32239f808fa98dc6b4494",
    "settings": {
      "fd_thres": 0.2,
      "hmc_fsl": false
    },
    "software": "mriqc",
    "version": "0.15.0",
    "webapi_port": null,
    "webapi_url": "https://mriqc.nimh.nih.gov/api/v1"
  },
  "size_t": 135,
  "size_x": 80,
  "size_y": 80,
  "size_z": 36,
  "snr": 5.285648159664239,
  "spacing_tr": 2.0,
  "spacing_x": 3.0,
  "spacing_y": 3.0,
  "spacing_z": 3.299999952316284,
  "spikes_num": 7,
  "summary_bg_k": 78.91903657320272,
  "summary_bg_mad": 2.430860757827759,
  "summary_bg_mean": 256.05926513671875,
  "summary_bg_median": 1.6466667652130127,
  "summary_bg_n": 146787.0,
  "summary_bg_p05": 0.0,
  "summary_bg_p95": 1225.163085937486,
  "summary_bg_stdv": 1340.33544921875,
  "summary_fg_k": 2.7949803436861167,
  "summary_fg_mad": 4436.2177734375,
  "summary_fg_mean": 27994.90234375,
  "summary_fg_median": 27889.5625,
  "summary_fg_n": 42882.0,
  "summary_fg_p05": 20227.448046875,
  "summary_fg_p95": 36117.8900390625,
  "summary_fg_stdv": 5276.408203125,
  "tsnr": 72.71723937988281
}