{
  "aor": 0.0007489375,
  "aqi": 0.004501559,
  "bids_meta": {
    "AcquisitionNumber": 3,
    "BidsifyVersion": "0.3.5",
    "ConversionSoftware": "dcm2niix",
    "ConversionSoftwareVersion": "v1.0.20181125  GCC6.3.0",
    "EchoTime": 0.02763,
    "FlipAngle": 76.1,
    "ImageComments": "PIOP2",
    "ImageOrientationPatientDICOM": [
      0.999581,
      0.00901972,
      -0.0275171,
      -0.00767638,
      0.998792,
      0.0485395
    ],
    "Manufacturer": "Philips",
    "NumberOfVolumesDiscardedByScanner": 2,
    "ParallelAcquisitionTechnique": "SENSE",
    "ParallelReductionFactorInPlane": 2,
    "PatientPosition": "HFS",
    "PhaseEncodingDirection": "j",
    "PhilipsRescaleIntercept": 0,
    "PhilipsRescaleSlope": 0.82344,
    "PhilipsScaleSlope": 0.0515596,
    "ProtocolName": "WIPtask-wm_boldSENSE",
    "PulseSequenceType": "gradient echo EPI",
    "ReconMatrixPE": 80,
    "RepetitionTime": 2,
    "SeriesDescription": "ImageMRSERIES",
    "SeriesNumber": 3,
    "SliceEncodingDirection": "k",
    "TaskName": "workingmemory",
    "UsePhilipsFloatNotDisplayScaling": 1,
    "WaterFatShift": 12,
    "acq_id": "seq",
    "dataset": "unknown",
    "modality": "bold",
    "subject_id": "0043",
    "task_id": "workingmemory"
  },
  "dummy_trs": 0,
  "dvars_nstd": 24.689038078867934,
  "dvars_std": 1.4016859883647794,
  "dvars_vstd": 0.9678359622641511,
  "efc": 0.4159524663113068,
  "fber": 910729216.0,
  "fd_mean": 0.13171074764660898,
  "fd_num": 17,
  "fd_perc": 10.625,
  "fwhm_avg": 2.5482164756691392,
  "fwhm_x": 2.55143,
  "fwhm_y": 2.8047133333333334,
  "fwhm_z": 2.288506093674083,
  "gcor": 0.0442918,
  "gsr_x": -0.0022242229897528887,
  "gsr_y": 0.002450748113915324,
  "provenance": {
    "md5sum": "72ba1a46ddd7d8159fac233c998dc4e9",
    "settings": {
      "fd_thres": 0.2,
      "hmc_fsl": false
    },
    "software": "mriqc",
    "version": "0.15.0",
    "webapi_port": null,
    "webapi_url": "https://mriqc.nimh.nih.gov/api/v1"
  },
  "size_t": 160,
  "size_x": 80,
  "size_y": 80,
  "size_z": 36,
  "snr": 5.239229876578573,
  "spacing_tr": 2.0,
  "spacing_x": 3.0,
  "spacing_y": 3.0,
  "spacing_z": 3.299999952316284,
  "spikes_num": 0,
  "summary_bg_k": 81.98122927776653,
  "summary_bg_mad": 1.236262321472168,
  "summary_bg_mean": 254.7599334716797,
  "summary_bg_median": 0.8453676104545593,
  "summary_bg_n": 146899.0,
  "summary_bg_p05": 0.004728110181167723,
  "summary_bg_p95": 1227.033410644536,
  "summary_bg_stdv": 1387.651123046875,
  "summary_fg_k": 2.72641776037573,
  "summary_fg_mad": 4518.4375,
  "summary_fg_mean": 28358.29296875,
  "summary_fg_median": 28224.4375,
  "summary_fg_n": 42752.0,
  "summary_fg_p05": 20408.382714843752,
  "summary_fg_p95": 36721.145117187494,
  "summary_fg_stdv": 5387.07177734375,
  "tsnr": 86.52493286132812
}