{
  "aor": 0.0012,
  "aqi": 0.002479461375,
  "bids_meta": {
    "AcquisitionNumber": 3,
    "BidsifyVersion": "0.3.5",
    "ConversionSoftware": "dcm2niix",
    "ConversionSoftwareVersion": "v1.0.20181125  GCC6.3.0",
    "EchoTime": 0.02763,
    "EffectiveEchoSpacing": 0.0006909035636805814,
    "FlipAngle": 76.1,
    "ImageComments": "PIOP2",
    "ImageOrientationPatientDICOM": [
      0.999945,
      -0.00284117,
      -0.0100926,
      0.00052357,
      0.974916,
      -0.222575
    ],
    "Manufacturer": "Philips",
    "NumberOfVolumesDiscardedByScanner": 2,
    "ParallelAcquisitionTechnique": "SENSE",
    "ParallelReductionFactorInPlane": 2,
    "PatientPosition": "HFS",
    "PhaseEncodingDirection": "j",
    "PhilipsRescaleIntercept": 0,
    "PhilipsRescaleSlope": 0.76703,
    "PhilipsScaleSlope": 0.0648451,
    "ProtocolName": "WIPtask-wm_boldSENSE",
    "PulseSequenceType": "gradient echo EPI",
    "ReconMatrixPE": 80,
    "RepetitionTime": 2,
    "SeriesDescription": "ImageMRSERIES",
    "SeriesNumber": 3,
    "SliceEncodingDirection": "k",
    "SliceTiming": [
      0.0,
      0.0556,
      0.1111,
      0.1667,
      0.2222,
      0.2778,
      0.3333,
      0.3889,
      0.4444,
      0.5,
      0.5556,
      0.6111,
      0.6667,
      0.7222,
      0.7778,
      0.8333,
      0.8889,
      0.9444,
      1.0,
      1.0556,
      1.1111,
      1.1667,
      1.2222,
      1.2778,
      1.3333,
      1.3889,
      1.4444,
      1.5,
      1.5556,
      1.6111,
      1.6667,
      1.7222,
      1.7778,
      1.8333,
      1.8889,
      1.9444
    ],
    "TaskName": "workingmemory",
    "TotalReadoutTime": 0.026945238983542674,
    "UsePhilipsFloatNotDisplayScaling": 1,
    "WaterFatShift": 12,
    "acq_id": "seq",
    "dataset": "unknown",
    "modality": "bold",
    "subject_id": "0127",
    "task_id": "workingmemory"
  },
  "dummy_trs": 0,
  "dvars_nstd": 20.255569709685524,
  "dvars_std": 1.2991883669811328,
  "dvars_vstd": 0.9986404010691825,
  "efc": 0.37508065320660106,
  "fber": 1894602752.0,
  "fd_mean": 0.10613898749053288,
  "fd_num": 5,
  "fd_perc": 3.125,
  "fwhm_avg": 2.5799641529682544,
  "fwhm_x": 2.556243333333333,
  "fwhm_y": 2.7848066666666664,
  "fwhm_z": 2.398842458904764,
  "gcor": 0.0279707,
  "gsr_x": -0.003073415020480752,
  "gsr_y": 0.004311514552682638,
  "provenance": {
    "md5sum": "4b3d900bf670ca0b95aa72db5778320b",
    "settings": {
      "fd_thres": 0.2,
      "hmc_fsl": false
    },
    "software": "mriqc",
    "version": "0.15.0",
    "webapi_port": null,
    "webapi_url": "https://mriqc.nimh.nih.gov/api/v1"
  },
  "size_t": 160,
  "size_x": 80,
  "size_y": 80,
  "size_z": 36,
  "snr": 4.853939518232282,
  "spacing_tr": 2.0,
  "spacing_x": 3.0,
  "spacing_y": 3.0,
  "spacing_z": 3.299999952316284,
  "spikes_num": 0,
  "summary_bg_k": 125.8058316361749,
  "summary_bg_mad": 0.7183601260185242,
  "summary_bg_mean": 133.18943786621094,
  "summary_bg_median": 0.4847278296947479,
  "summary_bg_n": 154583.0,
  "summary_bg_p05": 0.0,
  "summary_bg_p95": 653.4113159179668,
  "summary_bg_stdv": 797.2605590820312,
  "summary_fg_k": 1.960407666351494,
  "summary_fg_mad": 4136.87744140625,
  "summary_fg_mean": 22994.65234375,
  "summary_fg_median": 23079.91015625,
  "summary_fg_n": 36187.0,
  "summary_fg_p05": 15438.334765624999,
  "summary_fg_p95": 30214.558398437497,
  "summary_fg_stdv": 4754.81640625,
  "tsnr": 95.69340515136719
}