{
  "aor": 0.0017466250000000001,
  "aqi": 0.006748814208333333,
  "bids_meta": {
    "AcquisitionNumber": 4,
    "BidsifyVersion": "0.3.5",
    "ConversionSoftware": "dcm2niix",
    "ConversionSoftwareVersion": "v1.0.20181125  GCC6.3.0",
    "EchoTime": 0.02763,
    "FlipAngle": 76.1,
    "ImageComments": "PIOP2",
    "ImageOrientationPatientDICOM": [
      0.99539,
      -0.0771876,
      0.0569249,
      0.0779893,
      0.996882,
      -0.0119955
    ],
    "Manufacturer": "Philips",
    "NumberOfVolumesDiscardedByScanner": 2,
    "ParallelAcquisitionTechnique": "SENSE",
    "ParallelReductionFactorInPlane": 2,
    "PatientPosition": "HFS",
    "PhaseEncodingDirection": "j",
    "PhilipsRescaleIntercept": 0,
    "PhilipsRescaleSlope": 0.89402,
    "PhilipsScaleSlope": 0.0482813,
    "ProtocolName": "WIPtask-rest_boldSENSE",
    "PulseSequenceType": "gradient echo EPI",
    "ReconMatrixPE": 80,
    "RepetitionTime": 2,
    "SeriesDescription": "ImageMRSERIES",
    "SeriesNumber": 4,
    "SliceEncodingDirection": "k",
    "TaskName": "restingstate",
    "UsePhilipsFloatNotDisplayScaling": 1,
    "WaterFatShift": 12,
    "acq_id": "seq",
    "dataset": "unknown",
    "modality": "bold",
    "subject_id": "0008",
    "task_id": "restingstate"
  },
  "dummy_trs": 0,
  "dvars_nstd": 25.15507393192469,
  "dvars_std": 1.3670448220920501,
  "dvars_vstd": 0.9679406692050215,
  "efc": 0.43448126709222545,
  "fber": 333724000.0,
  "fd_mean": 0.13520624726502659,
  "fd_num": 26,
  "fd_perc": 10.833333333333334,
  "fwhm_avg": 2.4665750613720334,
  "fwhm_x": 2.4336699999999998,
  "fwhm_y": 2.709873333333333,
  "fwhm_z": 2.256181850782768,
  "gcor": 0.013517,
  "gsr_x": 0.004381336737424135,
  "gsr_y": -0.0006247113924473524,
  "provenance": {
    "md5sum": "b18996322e3d5df8a30ced79a9831db1",
    "settings": {
      "fd_thres": 0.2,
      "hmc_fsl": false
    },
    "software": "mriqc",
    "version": "0.15.0",
    "webapi_port": null,
    "webapi_url": "https://mriqc.nimh.nih.gov/api/v1"
  },
  "size_t": 240,
  "size_x": 80,
  "size_y": 80,
  "size_z": 36,
  "snr": 5.072593496026163,
  "spacing_tr": 2.0,
  "spacing_x": 3.0,
  "spacing_y": 3.0,
  "spacing_z": 3.299999952316284,
  "spikes_num": 0,
  "summary_bg_k": 75.00327145458283,
  "summary_bg_mad": 1.8961371183395386,
  "summary_bg_mean": 268.7824401855469,
  "summary_bg_median": 1.2914355993270874,
  "summary_bg_n": 143891.0,
  "summary_bg_p05": 0.0027834573993459344,
  "summary_bg_p95": 1304.5008544921875,
  "summary_bg_stdv": 1386.2432861328125,
  "summary_fg_k": 2.5947000323993814,
  "summary_fg_mad": 4316.755859375,
  "summary_fg_mean": 26720.859375,
  "summary_fg_median": 26506.283203125,
  "summary_fg_n": 46015.0,
  "summary_fg_p05": 19164.1302734375,
  "summary_fg_p95": 34968.401171875,
  "summary_fg_stdv": 5225.333984375,
  "tsnr": 71.20159149169922
}