{
  "aor": 0.0031522869955156953,
  "aqi": 0.004295687713004484,
  "bids_meta": {
    "AcquisitionNumber": 7,
    "BidsifyVersion": "0.3.5",
    "ConversionSoftware": "dcm2niix",
    "ConversionSoftwareVersion": "v1.0.20181125  GCC6.3.0",
    "EchoTime": 0.02763,
    "FlipAngle": 76.1,
    "ImageComments": "PIOP2",
    "ImageOrientationPatientDICOM": [
      0.999704,
      -0.0206589,
      0.0128184,
      0.0223373,
      0.98862,
      -0.148768
    ],
    "Manufacturer": "Philips",
    "NumberOfVolumesDiscardedByScanner": 2,
    "ParallelAcquisitionTechnique": "SENSE",
    "ParallelReductionFactorInPlane": 2,
    "PatientPosition": "HFS",
    "PhaseEncodingDirection": "j",
    "PhilipsRescaleIntercept": 0,
    "PhilipsRescaleSlope": 0.81905,
    "PhilipsScaleSlope": 0.0453253,
    "ProtocolName": "WIPtask-stop_boldSENSE",
    "PulseSequenceType": "gradient echo EPI",
    "ReconMatrixPE": 80,
    "RepetitionTime": 2,
    "SeriesDescription": "ImageMRSERIES",
    "SeriesNumber": 7,
    "SliceEncodingDirection": "k",
    "TaskName": "stopsignal",
    "UsePhilipsFloatNotDisplayScaling": 1,
    "WaterFatShift": 12,
    "acq_id": "seq",
    "dataset": "unknown",
    "modality": "bold",
    "subject_id": "0197",
    "task_id": "stopsignal"
  },
  "dummy_trs": 0,
  "dvars_nstd": 19.744711506531527,
  "dvars_std": 1.3184426555855862,
  "dvars_vstd": 1.0171770951801806,
  "efc": 0.39139700944982914,
  "fber": 1668711808.0,
  "fd_mean": 0.0811582254440565,
  "fd_num": 4,
  "fd_perc": 1.7937219730941705,
  "fwhm_avg": 2.603345566885817,
  "fwhm_x": 2.5590433333333333,
  "fwhm_y": 2.898626666666667,
  "fwhm_z": 2.3523667006574502,
  "gcor": 0.0106374,
  "gsr_x": -0.004075412172824144,
  "gsr_y": 0.004933916497975588,
  "provenance": {
    "md5sum": "ac7163061c887f28f5ed27b677c4f95b",
    "settings": {
      "fd_thres": 0.2,
      "hmc_fsl": false
    },
    "software": "mriqc",
    "version": "0.15.0",
    "webapi_port": null,
    "webapi_url": "https://mriqc.nimh.nih.gov/api/v1"
  },
  "size_t": 223,
  "size_x": 80,
  "size_y": 80,
  "size_z": 36,
  "snr": 4.908960116118813,
  "spacing_tr": 2.0,
  "spacing_x": 3.0,
  "spacing_y": 3.0,
  "spacing_z": 3.299999952316284,
  "spikes_num": 1,
  "summary_bg_k": 137.27564365587054,
  "summary_bg_mad": 0.9367791414260864,
  "summary_bg_mean": 187.88941955566406,
  "summary_bg_median": 0.6318479180335999,
  "summary_bg_n": 151130.0,
  "summary_bg_p05": 0.0,
  "summary_bg_p95": 883.818759155273,
  "summary_bg_stdv": 1098.0709228515625,
  "summary_fg_k": 2.2955533513858573,
  "summary_fg_mad": 4804.01171875,
  "summary_fg_mean": 28716.751953125,
  "summary_fg_median": 28599.474609375,
  "summary_fg_n": 38738.0,
  "summary_fg_p05": 19733.439746093747,
  "summary_fg_p95": 38060.3892578125,
  "summary_fg_stdv": 5825.89892578125,
  "tsnr": 80.94966888427734
}