{
  "aor": 0.006495,
  "aqi": 0.007798357162162163,
  "bids_meta": {
    "AcquisitionNumber": 7,
    "BidsifyVersion": "0.3.5",
    "ConversionSoftware": "dcm2niix",
    "ConversionSoftwareVersion": "v1.0.20181125  GCC6.3.0",
    "EchoTime": 0.02763,
    "EffectiveEchoSpacing": 0.0006909035636805814,
    "FlipAngle": 76.1,
    "ImageComments": "PIOP2",
    "ImageOrientationPatientDICOM": [
      0.999818,
      -0.00594069,
      -0.0181421,
      0.00471157,
      0.997738,
      -0.0670567
    ],
    "Manufacturer": "Philips",
    "NumberOfVolumesDiscardedByScanner": 2,
    "ParallelAcquisitionTechnique": "SENSE",
    "ParallelReductionFactorInPlane": 2,
    "PatientPosition": "HFS",
    "PhaseEncodingDirection": "j",
    "PhilipsRescaleIntercept": 0,
    "PhilipsRescaleSlope": 0.83248,
    "PhilipsScaleSlope": 0.0553469,
    "ProtocolName": "WIPtask-stop_boldSENSE",
    "PulseSequenceType": "gradient echo EPI",
    "ReconMatrixPE": 80,
    "RepetitionTime": 2,
    "SeriesDescription": "ImageMRSERIES",
    "SeriesNumber": 7,
    "SliceEncodingDirection": "k",
    "SliceTiming": [
      0.0,
      0.0556,
      0.1111,
      0.1667,
      0.2222,
      0.2778,
      0.3333,
      0.3889,
      0.4444,
      0.5,
      0.5556,
      0.6111,
      0.6667,
      0.7222,
      0.7778,
      0.8333,
      0.8889,
      0.9444,
      1.0,
      1.0556,
      1.1111,
      1.1667,
      1.2222,
      1.2778,
      1.3333,
      1.3889,
      1.4444,
      1.5,
      1.5556,
      1.6111,
      1.6667,
      1.7222,
      1.7778,
      1.8333,
      1.8889,
      1.9444
    ],
    "TaskName": "stopsignal",
    "TotalReadoutTime": 0.026945238983542674,
    "UsePhilipsFloatNotDisplayScaling": 1,
    "WaterFatShift": 12,
    "acq_id": "seq",
    "dataset": "unknown",
    "modality": "bold",
    "subject_id": "0171",
    "task_id": "stopsignal"
  },
  "dummy_trs": 0,
  "dvars_nstd": 19.163083594253404,
  "dvars_std": 1.174518934886878,
  "dvars_vstd": 1.0312183910407244,
  "efc": 0.38394258311939317,
  "fber": 205213328.0,
  "fd_mean": 0.14493114614240904,
  "fd_num": 33,
  "fd_perc": 14.864864864864865,
  "fwhm_avg": 2.596702132578361,
  "fwhm_x": 2.537783333333333,
  "fwhm_y": 2.8924866666666667,
  "fwhm_z": 2.3598363977350814,
  "gcor": 0.016176,
  "gsr_x": -0.0057702683843672276,
  "gsr_y": 0.001667120959609747,
  "provenance": {
    "md5sum": "ef18d7cb40794c56945e300d26556064",
    "settings": {
      "fd_thres": 0.2,
      "hmc_fsl": false
    },
    "software": "mriqc",
    "version": "0.15.0",
    "webapi_port": null,
    "webapi_url": "https://mriqc.nimh.nih.gov/api/v1"
  },
  "size_t": 222,
  "size_x": 80,
  "size_y": 80,
  "size_z": 36,
  "snr": 4.681826912769204,
  "spacing_tr": 2.0,
  "spacing_x": 3.0,
  "spacing_y": 3.0,
  "spacing_z": 3.299999952316284,
  "spikes_num": 0,
  "summary_bg_k": 89.96403152304805,
  "summary_bg_mad": 2.353999137878418,
  "summary_bg_mean": 198.27284240722656,
  "summary_bg_median": 1.6032905578613281,
  "summary_bg_n": 153600.0,
  "summary_bg_p05": 0.0011605642037466172,
  "summary_bg_p95": 790.5547241210916,
  "summary_bg_stdv": 1115.7110595703125,
  "summary_fg_k": 1.6145110453470606,
  "summary_fg_mad": 4453.1015625,
  "summary_fg_mean": 25003.9765625,
  "summary_fg_median": 24944.16015625,
  "summary_fg_n": 37222.0,
  "summary_fg_p05": 16032.646142578127,
  "summary_fg_p95": 33400.81933593749,
  "summary_fg_stdv": 5327.79736328125,
  "tsnr": 60.03894805908203
}