{
  "bids_meta": {
    "AcquisitionNumber": 2,
    "BidsifyVersion": "0.3.5",
    "ConversionSoftware": "dcm2niix",
    "ConversionSoftwareVersion": "v1.0.20181125  GCC6.3.0",
    "EchoTime": 0.00375,
    "ImageComments": "PIOP2",
    "ImageOrientationPatientDICOM": [
      0.99946,
      -0.028826,
      -0.0157943,
      0.0298379,
      0.997232,
      0.0680967
    ],
    "Manufacturer": "Philips",
    "NumberSignalAcquisitions": 2,
    "PatientPosition": "HFS",
    "PhilipsRescaleIntercept": 0,
    "PhilipsRescaleSlope": 8.35433,
    "PhilipsScaleSlope": 0.00731631,
    "ProtocolName": "WIPT1anat_acq-6m_T1wSENSE",
    "ReconMatrixPE": 240,
    "RepetitionTime": 0.008179,
    "SeriesDescription": "ImageMRSERIES",
    "SeriesNumber": 2,
    "UsePhilipsFloatNotDisplayScaling": 1,
    "dataset": "unknown",
    "modality": "T1w",
    "subject_id": "0146"
  },
  "cjv": 0.2635813950986693,
  "cnr": 4.60934976707797,
  "efc": 0.7484913328087066,
  "fber": 1842.060546875,
  "fwhm_avg": 4.509140179075014,
  "fwhm_x": 4.302350256440058,
  "fwhm_y": 4.51428,
  "fwhm_z": 4.710790280784981,
  "icvs_csf": 0.241080425520989,
  "icvs_gm": 0.400039577961384,
  "icvs_wm": 0.35887999651762703,
  "inu_med": 2.038372039794922,
  "inu_range": 0.43350057601928715,
  "provenance": {
    "md5sum": "2f53694d4444f355393c736a4b5c4649",
    "settings": {
      "testing": false
    },
    "software": "mriqc",
    "version": "0.15.0",
    "warnings": {
      "large_rot_frame": true,
      "small_air_mask": true
    },
    "webapi_port": null,
    "webapi_url": "https://mriqc.nimh.nih.gov/api/v1"
  },
  "qi_1": 3.1666613888976855e-05,
  "qi_2": 0.00033508505068180055,
  "rpve_csf": 27.804163107792938,
  "rpve_gm": 16.742049403713647,
  "rpve_wm": 24.164686874726893,
  "size_x": 240,
  "size_y": 240,
  "size_z": 220,
  "snr_csf": 2.147673607314807,
  "snr_gm": 9.57000230472973,
  "snr_total": 12.650460972808126,
  "snr_wm": 26.23370700637984,
  "snrd_csf": 25.216634680455392,
  "snrd_gm": 58.831992575844566,
  "snrd_total": 58.536588932667364,
  "snrd_wm": 91.56113954170212,
  "spacing_x": 0.9999999403953552,
  "spacing_y": 1.0,
  "spacing_z": 0.9999999403953552,
  "summary_bg_k": 292.26974679682684,
  "summary_bg_mad": 7.1551313400268555,
  "summary_bg_mean": 7.510548114776611,
  "summary_bg_median": 4.99556827545166,
  "summary_bg_n": 85832.0,
  "summary_bg_p05": 0.0,
  "summary_bg_p95": 15.27981686592102,
  "summary_bg_stdv": 7.297121047973633,
  "summary_csf_k": 83.4762201354194,
  "summary_csf_mad": 107.19600677490234,
  "summary_csf_mean": 269.8992004394531,
  "summary_csf_median": 275.40576171875,
  "summary_csf_n": 11956.0,
  "summary_csf_p05": 91.92996788024902,
  "summary_csf_p95": 427.3084945678711,
  "summary_csf_stdv": 128.22909545898438,
  "summary_gm_k": 0.6758127117556421,
  "summary_gm_mad": 61.62432098388672,
  "summary_gm_mean": 644.6930541992188,
  "summary_gm_median": 642.5389404296875,
  "summary_gm_n": 22664.0,
  "summary_gm_p05": 540.1676544189453,
  "summary_gm_p95": 761.8013061523437,
  "summary_gm_stdv": 67.13945770263672,
  "summary_wm_k": 1.3598805907556448,
  "summary_wm_mad": 32.593994140625,
  "summary_wm_mean": 996.2293701171875,
  "summary_wm_median": 999.9932861328125,
  "summary_wm_n": 190026.0,
  "summary_wm_p05": 926.6089477539062,
  "summary_wm_p95": 1051.8970031738281,
  "summary_wm_stdv": 38.1185417175293,
  "tpm_overlap_csf": 0.22279523313045502,
  "tpm_overlap_gm": 0.5076841711997986,
  "tpm_overlap_wm": 0.5794192552566528,
  "wm2max": 0.7526334554517973
}