{
  "bids_meta": {
    "AcquisitionNumber": 2,
    "BidsifyVersion": "0.3.5",
    "ConversionSoftware": "dcm2niix",
    "ConversionSoftwareVersion": "v1.0.20181125  GCC6.3.0",
    "EchoTime": 0.00374,
    "ImageComments": "PIOP2",
    "ImageOrientationPatientDICOM": [
      0.999588,
      0.0273516,
      -0.00869691,
      -0.0273972,
      0.999611,
      -0.00517416
    ],
    "Manufacturer": "Philips",
    "NumberSignalAcquisitions": 2,
    "PatientPosition": "HFS",
    "PhilipsRescaleIntercept": 0,
    "PhilipsRescaleSlope": 8.97582,
    "PhilipsScaleSlope": 0.00736516,
    "ProtocolName": "WIPT1anat_acq-6m_T1wSENSE",
    "ReconMatrixPE": 240,
    "RepetitionTime": 0.00816,
    "SeriesDescription": "ImageMRSERIES",
    "SeriesNumber": 2,
    "UsePhilipsFloatNotDisplayScaling": 1,
    "dataset": "unknown",
    "modality": "T1w",
    "subject_id": "0167"
  },
  "cjv": 0.25871428054633333,
  "cnr": 4.584796873419886,
  "efc": 0.764861216869498,
  "fber": 1813.9111328125,
  "fwhm_avg": 4.607943523711573,
  "fwhm_x": 4.24178,
  "fwhm_y": 4.734860282219666,
  "fwhm_z": 4.847190288915056,
  "icvs_csf": 0.26636421150820827,
  "icvs_gm": 0.3642063669985414,
  "icvs_wm": 0.36942942149325025,
  "inu_med": 1.7724695205688477,
  "inu_range": 0.34435983896255484,
  "provenance": {
    "md5sum": "a9944407f017257be9ef12e3e1fe18cd",
    "settings": {
      "testing": false
    },
    "software": "mriqc",
    "version": "0.15.0",
    "warnings": {
      "large_rot_frame": true,
      "small_air_mask": true
    },
    "webapi_port": null,
    "webapi_url": "https://mriqc.nimh.nih.gov/api/v1"
  },
  "qi_1": 0.0,
  "qi_2": 0.0003419911648686922,
  "rpve_csf": 21.39604632867282,
  "rpve_gm": 14.427292104459235,
  "rpve_wm": 19.61116540054711,
  "size_x": 240,
  "size_y": 240,
  "size_z": 220,
  "snr_csf": 2.8369406396302566,
  "snr_gm": 9.404450143352939,
  "snr_total": 14.196051042594014,
  "snr_wm": 30.346762344798847,
  "snrd_csf": 25.800644712874742,
  "snrd_gm": 56.04081041202676,
  "snrd_total": 56.079651210982,
  "snrd_wm": 86.39749850804448,
  "spacing_x": 1.0,
  "spacing_y": 0.9999999403953552,
  "spacing_z": 0.9999999403953552,
  "summary_bg_k": 2.8939166509285856,
  "summary_bg_mad": 7.58273458480835,
  "summary_bg_mean": 7.621081829071045,
  "summary_bg_median": 5.2784295082092285,
  "summary_bg_n": 93445.0,
  "summary_bg_p05": 0.0,
  "summary_bg_p95": 16.047400283813477,
  "summary_bg_stdv": 5.512720108032227,
  "summary_csf_k": 0.5140236147611454,
  "summary_csf_mad": 117.65137481689453,
  "summary_csf_mean": 287.1724548339844,
  "summary_csf_median": 298.6239929199219,
  "summary_csf_n": 21705.0,
  "summary_csf_p05": 114.22253723144532,
  "summary_csf_p95": 442.5647705078125,
  "summary_csf_stdv": 105.26026153564453,
  "summary_gm_k": 1.0155870294369738,
  "summary_gm_mad": 60.88514709472656,
  "summary_gm_mean": 654.0488891601562,
  "summary_gm_median": 648.6322631835938,
  "summary_gm_n": 20081.0,
  "summary_gm_p05": 552.9063720703125,
  "summary_gm_p95": 781.4039916992188,
  "summary_gm_stdv": 68.96906280517578,
  "summary_wm_k": 0.8017198060781907,
  "summary_wm_mad": 30.01590919494629,
  "summary_wm_mean": 1000.1136474609375,
  "summary_wm_median": 999.9891967773438,
  "summary_wm_n": 250048.0,
  "summary_wm_p05": 946.5203918457032,
  "summary_wm_p95": 1054.5762756347656,
  "summary_wm_stdv": 32.952022552490234,
  "tpm_overlap_csf": 0.216817706823349,
  "tpm_overlap_gm": 0.47887253761291504,
  "tpm_overlap_wm": 0.5750887393951416,
  "wm2max": 0.8216384813535094
}