{
  "aor": 0.0010951515151515151,
  "aqi": 0.0040148070995671,
  "bids_meta": {
    "AcquisitionNumber": 7,
    "BidsifyVersion": "0.3.5",
    "ConversionSoftware": "dcm2niix",
    "ConversionSoftwareVersion": "v1.0.20181125  GCC6.3.0",
    "EchoTime": 0.02763,
    "FlipAngle": 76.1,
    "ImageComments": "PIOP2",
    "ImageOrientationPatientDICOM": [
      0.99761,
      0.0689768,
      -0.00407421,
      -0.0688849,
      0.997433,
      0.0195245
    ],
    "Manufacturer": "Philips",
    "NumberOfVolumesDiscardedByScanner": 2,
    "ParallelAcquisitionTechnique": "SENSE",
    "ParallelReductionFactorInPlane": 2,
    "PatientPosition": "HFS",
    "PhaseEncodingDirection": "j",
    "PhilipsRescaleIntercept": 0,
    "PhilipsRescaleSlope": 0.75238,
    "PhilipsScaleSlope": 0.0548018,
    "ProtocolName": "WIPtask-stop_boldSENSE",
    "PulseSequenceType": "gradient echo EPI",
    "ReconMatrixPE": 80,
    "RepetitionTime": 2,
    "SeriesDescription": "ImageMRSERIES",
    "SeriesNumber": 7,
    "SliceEncodingDirection": "k",
    "TaskName": "stopsignal",
    "UsePhilipsFloatNotDisplayScaling": 1,
    "WaterFatShift": 12,
    "acq_id": "seq",
    "dataset": "unknown",
    "modality": "bold",
    "subject_id": "0223",
    "task_id": "stopsignal"
  },
  "dummy_trs": 0,
  "dvars_nstd": 24.118475996956523,
  "dvars_std": 1.2597969115217393,
  "dvars_vstd": 1.0025987352173915,
  "efc": 0.3891504164012142,
  "fber": 490499040.0,
  "fd_mean": 0.18902361460106004,
  "fd_num": 85,
  "fd_perc": 36.7965367965368,
  "fwhm_avg": 2.580082334625185,
  "fwhm_x": 2.5219133333333335,
  "fwhm_y": 2.8529699999999996,
  "fwhm_z": 2.3653636705422207,
  "gcor": 0.0327865,
  "gsr_x": -0.002916789148002863,
  "gsr_y": 0.0006954309646971524,
  "provenance": {
    "md5sum": "89b9a8bd844c1082d41ce1484baebab5",
    "settings": {
      "fd_thres": 0.2,
      "hmc_fsl": false
    },
    "software": "mriqc",
    "version": "0.15.0",
    "webapi_port": null,
    "webapi_url": "https://mriqc.nimh.nih.gov/api/v1"
  },
  "size_t": 231,
  "size_x": 80,
  "size_y": 80,
  "size_z": 36,
  "snr": 4.706922670084507,
  "spacing_tr": 2.0,
  "spacing_x": 3.0,
  "spacing_y": 3.0,
  "spacing_z": 3.299999952316284,
  "spikes_num": 0,
  "summary_bg_k": 99.56934168903676,
  "summary_bg_mad": 1.6045598983764648,
  "summary_bg_mean": 194.41122436523438,
  "summary_bg_median": 1.0906845331192017,
  "summary_bg_n": 152391.0,
  "summary_bg_p05": 0.0,
  "summary_bg_p95": 702.6510925292969,
  "summary_bg_stdv": 1111.525146484375,
  "summary_fg_k": 2.0523515629803057,
  "summary_fg_mad": 4775.177734375,
  "summary_fg_mean": 25998.759765625,
  "summary_fg_median": 25957.6875,
  "summary_fg_n": 38208.0,
  "summary_fg_p05": 17095.6138671875,
  "summary_fg_p95": 34131.256250000006,
  "summary_fg_stdv": 5514.71728515625,
  "tsnr": 73.92428588867188
}