{
  "bids_meta": {
    "AcquisitionNumber": 2,
    "BidsifyVersion": "0.3.5",
    "ConversionSoftware": "dcm2niix",
    "ConversionSoftwareVersion": "v1.0.20181125  GCC6.3.0",
    "EchoTime": 0.00383,
    "ImageComments": "PIOP2",
    "ImageOrientationPatientDICOM": [
      0.999276,
      -0.0377923,
      0.00432312,
      0.0364672,
      0.984114,
      0.17375
    ],
    "Manufacturer": "Philips",
    "PatientPosition": "HFS",
    "PhilipsRescaleIntercept": 0,
    "PhilipsRescaleSlope": 8.16166,
    "PhilipsScaleSlope": 0.00753696,
    "ProtocolName": "WIPT1anat_acq-6m_T1wSENSE",
    "ReconMatrixPE": 240,
    "RepetitionTime": 0.008302,
    "SeriesDescription": "ImageMRSERIES",
    "SeriesNumber": 2,
    "UsePhilipsFloatNotDisplayScaling": 1,
    "acq_id": "6m",
    "dataset": "unknown",
    "modality": "T1w",
    "subject_id": "0019"
  },
  "cjv": 0.27032625911299724,
  "cnr": 4.7292911157317725,
  "efc": 0.7527027801572125,
  "fber": 1797.7576904296875,
  "fwhm_avg": 4.66720009619018,
  "fwhm_x": 4.32243,
  "fwhm_y": 4.841410288570541,
  "fwhm_z": 4.83776,
  "icvs_csf": 0.26853096603019977,
  "icvs_gm": 0.3781878217054379,
  "icvs_wm": 0.3532812122643624,
  "inu_med": 1.6687517166137695,
  "inu_range": 0.31748945713043164,
  "provenance": {
    "md5sum": "2ecbde38d74abb01ddc15eda06068d67",
    "settings": {
      "testing": false
    },
    "software": "mriqc",
    "version": "0.15.0",
    "warnings": {
      "large_rot_frame": true,
      "small_air_mask": true
    },
    "webapi_port": null,
    "webapi_url": "https://mriqc.nimh.nih.gov/api/v1"
  },
  "qi_1": 0.0,
  "qi_2": 6.502901902832459e-05,
  "rpve_csf": 27.71494009633083,
  "rpve_gm": 18.31876542703798,
  "rpve_wm": 25.710519717462873,
  "size_x": 240,
  "size_y": 240,
  "size_z": 220,
  "snr_csf": 3.29121162594262,
  "snr_gm": 10.359879364838664,
  "snr_total": 13.485124594377929,
  "snr_wm": 26.804282792352502,
  "snrd_csf": 23.970450347029107,
  "snrd_gm": 54.03944479429593,
  "snrd_total": 53.63015278512997,
  "snrd_wm": 82.88056321406489,
  "spacing_x": 1.0,
  "spacing_y": 0.9999999403953552,
  "spacing_z": 1.0,
  "summary_bg_k": 13.04120998052052,
  "summary_bg_mad": 7.904533386230469,
  "summary_bg_mean": 8.700030326843262,
  "summary_bg_median": 5.463661193847656,
  "summary_bg_n": 140635.0,
  "summary_bg_p05": 0.0,
  "summary_bg_p95": 21.661576080322263,
  "summary_bg_stdv": 7.837812423706055,
  "summary_csf_k": 0.036183165392491556,
  "summary_csf_mad": 87.71919250488281,
  "summary_csf_mean": 279.75311279296875,
  "summary_csf_median": 289.2149353027344,
  "summary_csf_n": 16616.0,
  "summary_csf_p05": 126.41763496398926,
  "summary_csf_p95": 410.4984893798828,
  "summary_csf_stdv": 87.87226867675781,
  "summary_gm_k": 0.32093576561954196,
  "summary_gm_mad": 60.35301208496094,
  "summary_gm_mean": 655.7767333984375,
  "summary_gm_median": 652.01171875,
  "summary_gm_n": 21356.0,
  "summary_gm_p05": 560.3003082275391,
  "summary_gm_p95": 765.0497894287109,
  "summary_gm_stdv": 62.93475341796875,
  "summary_wm_k": 1.4181524894139619,
  "summary_wm_mad": 33.71562576293945,
  "summary_wm_mean": 997.735107421875,
  "summary_wm_median": 999.9935913085938,
  "summary_wm_n": 174813.0,
  "summary_wm_p05": 931.4413208007813,
  "summary_wm_p95": 1053.6745361328126,
  "summary_wm_stdv": 37.307125091552734,
  "tpm_overlap_csf": 0.2082192450761795,
  "tpm_overlap_gm": 0.4849296808242798,
  "tpm_overlap_wm": 0.5724650621414185,
  "wm2max": 0.7469832782001349
}