{
  "aor": 0.0032624444444444445,
  "aqi": 0.005002194962962963,
  "bids_meta": {
    "AcquisitionNumber": 8,
    "BidsifyVersion": "0.3.5",
    "ConversionSoftware": "dcm2niix",
    "ConversionSoftwareVersion": "v1.0.20181125  GCC6.3.0",
    "EchoTime": 0.02763,
    "FlipAngle": 76.1,
    "ImageComments": "PIOP2",
    "ImageOrientationPatientDICOM": [
      0.997628,
      0.0673656,
      -0.0141564,
      -0.0678365,
      0.997049,
      -0.0359405
    ],
    "Manufacturer": "Philips",
    "NumberOfVolumesDiscardedByScanner": 2,
    "ParallelAcquisitionTechnique": "SENSE",
    "ParallelReductionFactorInPlane": 2,
    "PatientPosition": "HFS",
    "PhaseEncodingDirection": "j",
    "PhilipsRescaleIntercept": 0,
    "PhilipsRescaleSlope": 0.78217,
    "PhilipsScaleSlope": 0.0523504,
    "ProtocolName": "WIPtask-harriri_boldSENSE",
    "PulseSequenceType": "gradient echo EPI",
    "ReconMatrixPE": 80,
    "RepetitionTime": 2,
    "SeriesDescription": "ImageMRSERIES",
    "SeriesNumber": 8,
    "SliceEncodingDirection": "k",
    "TaskName": "emomatching",
    "UsePhilipsFloatNotDisplayScaling": 1,
    "WaterFatShift": 12,
    "acq_id": "seq",
    "dataset": "unknown",
    "modality": "bold",
    "subject_id": "0161",
    "task_id": "emomatching"
  },
  "dummy_trs": 0,
  "dvars_nstd": 15.675166357164183,
  "dvars_std": 1.1211992085074625,
  "dvars_vstd": 1.0100774344776111,
  "efc": 0.42278035602997077,
  "fber": 642136256.0,
  "fd_mean": 0.08387246791788472,
  "fd_num": 6,
  "fd_perc": 4.444444444444445,
  "fwhm_avg": 2.5749034455683595,
  "fwhm_x": 2.4929566666666667,
  "fwhm_y": 2.901256666666667,
  "fwhm_z": 2.3304970033717445,
  "gcor": 0.0338866,
  "gsr_x": 0.004649864975363016,
  "gsr_y": -0.0004001283959951252,
  "provenance": {
    "md5sum": "c80594991330a7dbb9763043c0a2dfde",
    "settings": {
      "fd_thres": 0.2,
      "hmc_fsl": false
    },
    "software": "mriqc",
    "version": "0.15.0",
    "webapi_port": null,
    "webapi_url": "https://mriqc.nimh.nih.gov/api/v1"
  },
  "size_t": 135,
  "size_x": 80,
  "size_y": 80,
  "size_z": 36,
  "snr": 5.208976448337126,
  "spacing_tr": 2.0,
  "spacing_x": 3.0,
  "spacing_y": 3.0,
  "spacing_z": 3.299999952316284,
  "spikes_num": 3,
  "summary_bg_k": 59.43990456357766,
  "summary_bg_mad": 1.3271229267120361,
  "summary_bg_mean": 269.32208251953125,
  "summary_bg_median": 0.8970651626586914,
  "summary_bg_n": 146153.0,
  "summary_bg_p05": 0.00010842236515600245,
  "summary_bg_p95": 1176.8415527343743,
  "summary_bg_stdv": 1401.673583984375,
  "summary_fg_k": 3.162118834363781,
  "summary_fg_mad": 3848.399658203125,
  "summary_fg_mean": 25267.560546875,
  "summary_fg_median": 25403.40625,
  "summary_fg_n": 43608.0,
  "summary_fg_p05": 17147.208984375,
  "summary_fg_p95": 32049.95263671875,
  "summary_fg_stdv": 4876.7958984375,
  "tsnr": 75.89637756347656
}