{
    "Manufacturer": "Philips",
    "PatientPosition": "HFS",
    "SeriesDescription": "ImageMRSERIES",
    "ProtocolName": "WIPdwi_acq-32b1000SENSE",
    "SeriesNumber": 6,
    "AcquisitionNumber": 6,
    "ImageComments": "PIOP2",
    "PhilipsRescaleSlope": 3.4232,
    "PhilipsRescaleIntercept": 0,
    "PhilipsScaleSlope": 0.0253054,
    "UsePhilipsFloatNotDisplayScaling": 1,
    "EchoTime": 0.0863,
    "RepetitionTime": 7.40442,
    "ReconMatrixPE": 112,
    "ImageOrientationPatientDICOM": [
        0.995605,
        -0.0839216,
        -0.0415629,
        0.0864038,
        0.994327,
        0.0620419
    ],
    "ConversionSoftware": "dcm2niix",
    "ConversionSoftwareVersion": "v1.0.20181125  GCC6.3.0",
    "BidsifyVersion": "0.3.5",
    "FlipAngle": 90,
    "WaterFatShift": 18.927,
    "ParallelAcquisitionTechnique": "SENSE",
    "ParallelReductionFactorInPlane": 2,
    "PhaseEncodingDirection": "j"
}