{
    "Manufacturer": "Philips",
    "PatientPosition": "HFS",
    "SeriesDescription": "ImageMRSERIES",
    "ProtocolName": "WIPT1anat_acq-6m_T1wSENSE",
    "SeriesNumber": 2,
    "AcquisitionNumber": 2,
    "ImageComments": "PIOP2",
    "PhilipsRescaleSlope": 9.05568,
    "PhilipsRescaleIntercept": 0,
    "PhilipsScaleSlope": 0.0068619,
    "UsePhilipsFloatNotDisplayScaling": 1,
    "EchoTime": 0.00376,
    "RepetitionTime": 0.008168,
    "ReconMatrixPE": 240,
    "ImageOrientationPatientDICOM": [
        0.997628,
        0.0673656,
        -0.0141564,
        -0.0678365,
        0.997049,
        -0.0359405
    ],
    "ConversionSoftware": "dcm2niix",
    "ConversionSoftwareVersion": "v1.0.20181125  GCC6.3.0",
    "BidsifyVersion": "0.3.5"
}