{
  "bids_meta": {
    "AcquisitionNumber": 2,
    "BidsifyVersion": "0.3.5",
    "ConversionSoftware": "dcm2niix",
    "ConversionSoftwareVersion": "v1.0.20181125  GCC6.3.0",
    "EchoTime": 0.00374,
    "ImageComments": "PIOP2",
    "ImageOrientationPatientDICOM": [
      0.999885,
      0.0109791,
      0.0104824,
      -0.0106457,
      0.999452,
      -0.0313497
    ],
    "Manufacturer": "Philips",
    "PatientPosition": "HFS",
    "PhilipsRescaleIntercept": 0,
    "PhilipsRescaleSlope": 8.97656,
    "PhilipsScaleSlope": 0.00686408,
    "ProtocolName": "WIPT1anat_acq-6m_T1wSENSE",
    "ReconMatrixPE": 240,
    "RepetitionTime": 0.008183,
    "SeriesDescription": "ImageMRSERIES",
    "SeriesNumber": 2,
    "UsePhilipsFloatNotDisplayScaling": 1,
    "acq_id": "6m",
    "dataset": "unknown",
    "modality": "T1w",
    "subject_id": "0006"
  },
  "cjv": 0.2703038580244437,
  "cnr": 4.316938646299878,
  "efc": 0.749338307322613,
  "fber": 1548.2840576171875,
  "fwhm_avg": 4.66643,
  "fwhm_x": 4.41267,
  "fwhm_y": 4.79163,
  "fwhm_z": 4.79499,
  "icvs_csf": 0.2754806861307141,
  "icvs_gm": 0.35493008298845946,
  "icvs_wm": 0.36958923088082646,
  "inu_med": 1.6375722885131836,
  "inu_range": 0.30958729386329664,
  "provenance": {
    "md5sum": "6add85eb00a556d4fb1b0a80d03ef24d",
    "settings": {
      "testing": false
    },
    "software": "mriqc",
    "version": "0.15.0",
    "warnings": {
      "large_rot_frame": true,
      "small_air_mask": true
    },
    "webapi_port": null,
    "webapi_url": "https://mriqc.nimh.nih.gov/api/v1"
  },
  "qi_1": 0.0,
  "qi_2": 9.841258713955398e-05,
  "rpve_csf": 20.87302255679142,
  "rpve_gm": 14.512330743941114,
  "rpve_wm": 19.276469535503036,
  "size_x": 240,
  "size_y": 240,
  "size_z": 220,
  "snr_csf": 2.8956540710771708,
  "snr_gm": 9.20009872743901,
  "snr_total": 13.893539554054035,
  "snr_wm": 29.584865863645923,
  "snrd_csf": 25.4130251777675,
  "snrd_gm": 58.03336803873199,
  "snrd_total": 57.22519648215172,
  "snrd_wm": 88.22919622995568,
  "spacing_x": 1.0,
  "spacing_y": 1.0,
  "spacing_z": 1.0,
  "summary_bg_k": 5.814180453819036,
  "summary_bg_mad": 7.425327301025391,
  "summary_bg_mean": 7.586860656738281,
  "summary_bg_median": 5.18278169631958,
  "summary_bg_n": 129937.0,
  "summary_bg_p05": 0.0,
  "summary_bg_p95": 15.944835472106934,
  "summary_bg_stdv": 5.611701965332031,
  "summary_csf_k": -0.6451916412899199,
  "summary_csf_mad": 111.26278686523438,
  "summary_csf_mean": 279.0552062988281,
  "summary_csf_median": 288.03167724609375,
  "summary_csf_n": 24452.0,
  "summary_csf_p05": 113.25041275024415,
  "summary_csf_p95": 427.0718994140625,
  "summary_csf_stdv": 99.46829986572266,
  "summary_gm_k": 1.1504345323287666,
  "summary_gm_mad": 63.04452896118164,
  "summary_gm_mean": 661.69775390625,
  "summary_gm_median": 657.751220703125,
  "summary_gm_n": 17387.0,
  "summary_gm_p05": 551.7780151367188,
  "summary_gm_p95": 785.6088806152345,
  "summary_gm_stdv": 71.49187469482422,
  "summary_wm_k": 1.198756258702339,
  "summary_wm_mad": 29.464277267456055,
  "summary_wm_mean": 998.5786743164062,
  "summary_wm_median": 999.9912719726562,
  "summary_wm_n": 256441.0,
  "summary_wm_p05": 940.5390014648438,
  "summary_wm_p95": 1051.258544921875,
  "summary_wm_stdv": 33.80070495605469,
  "tpm_overlap_csf": 0.21079474687576294,
  "tpm_overlap_gm": 0.4674423635005951,
  "tpm_overlap_wm": 0.5900916457176208,
  "wm2max": 0.8439571463656217
}