{
  "aor": 0.0013492500000000002,
  "aqi": 0.0026325216874999997,
  "bids_meta": {
    "AcquisitionNumber": 3,
    "BidsifyVersion": "0.3.5",
    "ConversionSoftware": "dcm2niix",
    "ConversionSoftwareVersion": "v1.0.20181125  GCC6.3.0",
    "EchoTime": 0.02763,
    "FlipAngle": 76.1,
    "ImageComments": "PIOP2",
    "ImageOrientationPatientDICOM": [
      0.997687,
      -0.0504232,
      0.0455963,
      0.057701,
      0.982738,
      -0.175776
    ],
    "Manufacturer": "Philips",
    "NumberOfVolumesDiscardedByScanner": 2,
    "ParallelAcquisitionTechnique": "SENSE",
    "ParallelReductionFactorInPlane": 2,
    "PatientPosition": "HFS",
    "PhaseEncodingDirection": "j",
    "PhilipsRescaleIntercept": 0,
    "PhilipsRescaleSlope": 0.77827,
    "PhilipsScaleSlope": 0.0535451,
    "ProtocolName": "WIPtask-wm_boldSENSE",
    "PulseSequenceType": "gradient echo EPI",
    "ReconMatrixPE": 80,
    "RepetitionTime": 2,
    "SeriesDescription": "ImageMRSERIES",
    "SeriesNumber": 3,
    "SliceEncodingDirection": "k",
    "TaskName": "workingmemory",
    "UsePhilipsFloatNotDisplayScaling": 1,
    "WaterFatShift": 12,
    "acq_id": "seq",
    "dataset": "unknown",
    "modality": "bold",
    "subject_id": "0166",
    "task_id": "workingmemory"
  },
  "dummy_trs": 0,
  "dvars_nstd": 18.757078812452818,
  "dvars_std": 1.3185466723270445,
  "dvars_vstd": 0.9991180366666673,
  "efc": 0.40529149892431804,
  "fber": 1385708672.0,
  "fd_mean": 0.08273059809648291,
  "fd_num": 0,
  "fd_perc": 0.0,
  "fwhm_avg": 2.4253720311166433,
  "fwhm_x": 2.3726233333333333,
  "fwhm_y": 2.63742,
  "fwhm_z": 2.2660727600165966,
  "gcor": 0.0120565,
  "gsr_x": 0.0003926987701561302,
  "gsr_y": -0.0009552348055876791,
  "provenance": {
    "md5sum": "bf5d6f9030bfd927406317c290ae03e2",
    "settings": {
      "fd_thres": 0.2,
      "hmc_fsl": false
    },
    "software": "mriqc",
    "version": "0.15.0",
    "webapi_port": null,
    "webapi_url": "https://mriqc.nimh.nih.gov/api/v1"
  },
  "size_t": 160,
  "size_x": 80,
  "size_y": 80,
  "size_z": 36,
  "snr": 4.982327067874309,
  "spacing_tr": 2.0,
  "spacing_x": 3.0,
  "spacing_y": 3.0,
  "spacing_z": 3.299999952316284,
  "spikes_num": 0,
  "summary_bg_k": 76.70262443169251,
  "summary_bg_mad": 0.949944257736206,
  "summary_bg_mean": 237.27285766601562,
  "summary_bg_median": 0.6438398957252502,
  "summary_bg_n": 149477.0,
  "summary_bg_p05": 0.001160208648070693,
  "summary_bg_p95": 994.3635131835881,
  "summary_bg_stdv": 1366.026611328125,
  "summary_fg_k": 2.338832528776,
  "summary_fg_mad": 4488.1630859375,
  "summary_fg_mean": 26916.31640625,
  "summary_fg_median": 26745.58984375,
  "summary_fg_n": 40924.0,
  "summary_fg_p05": 18947.017187499998,
  "summary_fg_p95": 35461.510546875004,
  "summary_fg_stdv": 5368.0263671875,
  "tsnr": 101.10429382324219
}