{
    "Manufacturer": "Philips",
    "PatientPosition": "HFS",
    "SeriesDescription": "ImageMRSERIES",
    "ProtocolName": "WIPT1anat_acq-6m_T1wSENSE",
    "SeriesNumber": 2,
    "AcquisitionNumber": 2,
    "ImageComments": "PIOP2",
    "PhilipsRescaleSlope": 9.24567,
    "PhilipsRescaleIntercept": 0,
    "PhilipsScaleSlope": 0.00758039,
    "UsePhilipsFloatNotDisplayScaling": 1,
    "EchoTime": 0.00374,
    "RepetitionTime": 0.008139,
    "ReconMatrixPE": 240,
    "ImageOrientationPatientDICOM": [
        0.996664,
        0.0797615,
        -0.0172927,
        -0.0798395,
        0.9968,
        -0.00386747
    ],
    "ConversionSoftware": "dcm2niix",
    "ConversionSoftwareVersion": "v1.0.20181125  GCC6.3.0",
    "BidsifyVersion": "0.3.5"
}