{
  "aor": 0.0007770416666666667,
  "aqi": 0.003038456125,
  "bids_meta": {
    "AcquisitionNumber": 4,
    "BidsifyVersion": "0.3.5",
    "ConversionSoftware": "dcm2niix",
    "ConversionSoftwareVersion": "v1.0.20181125  GCC6.3.0",
    "EchoTime": 0.02763,
    "EffectiveEchoSpacing": 0.0006909035636805814,
    "FlipAngle": 76.1,
    "ImageComments": "PIOP2",
    "ImageOrientationPatientDICOM": [
      0.997166,
      0.0550599,
      0.0512691,
      -0.0513867,
      0.996194,
      -0.0703989
    ],
    "Manufacturer": "Philips",
    "NumberOfVolumesDiscardedByScanner": 2,
    "ParallelAcquisitionTechnique": "SENSE",
    "ParallelReductionFactorInPlane": 2,
    "PatientPosition": "HFS",
    "PhaseEncodingDirection": "j",
    "PhilipsRescaleIntercept": 0,
    "PhilipsRescaleSlope": 0.75629,
    "PhilipsScaleSlope": 0.0643373,
    "ProtocolName": "WIPtask-rest_boldSENSE",
    "PulseSequenceType": "gradient echo EPI",
    "ReconMatrixPE": 80,
    "RepetitionTime": 2,
    "SeriesDescription": "ImageMRSERIES",
    "SeriesNumber": 4,
    "SliceEncodingDirection": "k",
    "SliceTiming": [
      0.0,
      0.0556,
      0.1111,
      0.1667,
      0.2222,
      0.2778,
      0.3333,
      0.3889,
      0.4444,
      0.5,
      0.5556,
      0.6111,
      0.6667,
      0.7222,
      0.7778,
      0.8333,
      0.8889,
      0.9444,
      1.0,
      1.0556,
      1.1111,
      1.1667,
      1.2222,
      1.2778,
      1.3333,
      1.3889,
      1.4444,
      1.5,
      1.5556,
      1.6111,
      1.6667,
      1.7222,
      1.7778,
      1.8333,
      1.8889,
      1.9444
    ],
    "TaskName": "restingstate",
    "TotalReadoutTime": 0.026945238983542674,
    "UsePhilipsFloatNotDisplayScaling": 1,
    "WaterFatShift": 12,
    "acq_id": "seq",
    "dataset": "unknown",
    "modality": "bold",
    "subject_id": "0016",
    "task_id": "restingstate"
  },
  "dummy_trs": 0,
  "dvars_nstd": 20.28946446401672,
  "dvars_std": 1.2829094510878658,
  "dvars_vstd": 1.002934753430962,
  "efc": 0.39245301816642264,
  "fber": 1112278272.0,
  "fd_mean": 0.13319664538062373,
  "fd_num": 21,
  "fd_perc": 8.75,
  "fwhm_avg": 2.5395355666658617,
  "fwhm_x": 2.53904,
  "fwhm_y": 2.772866666666667,
  "fwhm_z": 2.3067000333309178,
  "gcor": 0.015869,
  "gsr_x": -0.0012520180316641927,
  "gsr_y": -0.0007292230729945004,
  "provenance": {
    "md5sum": "3a3aad4fefd55ecf49d4455f9ccd36e5",
    "settings": {
      "fd_thres": 0.2,
      "hmc_fsl": false
    },
    "software": "mriqc",
    "version": "0.15.0",
    "webapi_port": null,
    "webapi_url": "https://mriqc.nimh.nih.gov/api/v1"
  },
  "size_t": 240,
  "size_x": 80,
  "size_y": 80,
  "size_z": 36,
  "snr": 5.209032337804021,
  "spacing_tr": 2.0,
  "spacing_x": 3.0,
  "spacing_y": 3.0,
  "spacing_z": 3.299999952316284,
  "spikes_num": 0,
  "summary_bg_k": 99.59873021435364,
  "summary_bg_mad": 0.9788869023323059,
  "summary_bg_mean": 170.4568634033203,
  "summary_bg_median": 0.665634036064148,
  "summary_bg_n": 151715.0,
  "summary_bg_p05": 0.001404912956058979,
  "summary_bg_p95": 801.0976745605467,
  "summary_bg_stdv": 1002.4448852539062,
  "summary_fg_k": 2.078597099816479,
  "summary_fg_mad": 4147.4873046875,
  "summary_fg_mean": 24068.703125,
  "summary_fg_median": 24181.41796875,
  "summary_fg_n": 38808.0,
  "summary_fg_p05": 16263.393505859374,
  "summary_fg_p95": 30750.297070312503,
  "summary_fg_stdv": 4642.1494140625,
  "tsnr": 91.74637603759766
}