{
  "aor": 0.0010296581196581197,
  "aqi": 0.003933121111111111,
  "bids_meta": {
    "AcquisitionNumber": 7,
    "BidsifyVersion": "0.3.5",
    "ConversionSoftware": "dcm2niix",
    "ConversionSoftwareVersion": "v1.0.20181125  GCC6.3.0",
    "EchoTime": 0.02763,
    "EffectiveEchoSpacing": 0.0006909035636805814,
    "FlipAngle": 76.1,
    "ImageComments": "PIOP2",
    "ImageOrientationPatientDICOM": [
      0.999111,
      0.0234684,
      0.0350162,
      -0.0134279,
      0.964605,
      -0.263357
    ],
    "Manufacturer": "Philips",
    "NumberOfVolumesDiscardedByScanner": 2,
    "ParallelAcquisitionTechnique": "SENSE",
    "ParallelReductionFactorInPlane": 2,
    "PatientPosition": "HFS",
    "PhaseEncodingDirection": "j",
    "PhilipsRescaleIntercept": 0,
    "PhilipsRescaleSlope": 0.84298,
    "PhilipsScaleSlope": 0.0552949,
    "ProtocolName": "WIPtask-stop_boldSENSE",
    "PulseSequenceType": "gradient echo EPI",
    "ReconMatrixPE": 80,
    "RepetitionTime": 2,
    "SeriesDescription": "ImageMRSERIES",
    "SeriesNumber": 7,
    "SliceEncodingDirection": "k",
    "SliceTiming": [
      0.0,
      0.0556,
      0.1111,
      0.1667,
      0.2222,
      0.2778,
      0.3333,
      0.3889,
      0.4444,
      0.5,
      0.5556,
      0.6111,
      0.6667,
      0.7222,
      0.7778,
      0.8333,
      0.8889,
      0.9444,
      1.0,
      1.0556,
      1.1111,
      1.1667,
      1.2222,
      1.2778,
      1.3333,
      1.3889,
      1.4444,
      1.5,
      1.5556,
      1.6111,
      1.6667,
      1.7222,
      1.7778,
      1.8333,
      1.8889,
      1.9444
    ],
    "TaskName": "stopsignal",
    "TotalReadoutTime": 0.026945238983542674,
    "UsePhilipsFloatNotDisplayScaling": 1,
    "WaterFatShift": 12,
    "acq_id": "seq",
    "dataset": "unknown",
    "modality": "bold",
    "subject_id": "0118",
    "task_id": "stopsignal"
  },
  "dummy_trs": 2,
  "dvars_nstd": 22.638533628798264,
  "dvars_std": 1.3423171111587988,
  "dvars_vstd": 0.9972599414592277,
  "efc": 0.4246607897135599,
  "fber": 1539968384.0,
  "fd_mean": 0.1063104581460292,
  "fd_num": 12,
  "fd_perc": 5.128205128205129,
  "fwhm_avg": 2.450248192477441,
  "fwhm_x": 2.490343333333333,
  "fwhm_y": 2.647346666666667,
  "fwhm_z": 2.213054577432323,
  "gcor": 0.057879,
  "gsr_x": 0.0026008696295320988,
  "gsr_y": -0.0009760439279489219,
  "provenance": {
    "md5sum": "af6cc42e8347b89a269b773da351872f",
    "settings": {
      "fd_thres": 0.2,
      "hmc_fsl": false
    },
    "software": "mriqc",
    "version": "0.15.0",
    "webapi_port": null,
    "webapi_url": "https://mriqc.nimh.nih.gov/api/v1"
  },
  "size_t": 234,
  "size_x": 80,
  "size_y": 80,
  "size_z": 36,
  "snr": 4.719126254353042,
  "spacing_tr": 2.0,
  "spacing_x": 3.0,
  "spacing_y": 3.0,
  "spacing_z": 3.299999952316284,
  "spikes_num": 2,
  "summary_bg_k": 112.59311566328681,
  "summary_bg_mad": 0.7606967687606812,
  "summary_bg_mean": 206.8148193359375,
  "summary_bg_median": 0.5130821466445923,
  "summary_bg_n": 144334.0,
  "summary_bg_p05": 0.0,
  "summary_bg_p95": 1008.842202758789,
  "summary_bg_stdv": 1119.877197265625,
  "summary_fg_k": 2.647295601515154,
  "summary_fg_mad": 4127.79931640625,
  "summary_fg_mean": 24433.578125,
  "summary_fg_median": 24237.15234375,
  "summary_fg_n": 44403.0,
  "summary_fg_p05": 16873.881640625,
  "summary_fg_p95": 32486.5720703125,
  "summary_fg_stdv": 5135.8828125,
  "tsnr": 79.95930480957031
}