{
  "bids_meta": {
    "AcquisitionNumber": 2,
    "BidsifyVersion": "0.3.5",
    "ConversionSoftware": "dcm2niix",
    "ConversionSoftwareVersion": "v1.0.20181125  GCC6.3.0",
    "EchoTime": 0.00375,
    "ImageComments": "PIOP2",
    "ImageOrientationPatientDICOM": [
      0.999659,
      0.00791047,
      0.0248949,
      -0.00575768,
      0.996331,
      -0.0853878
    ],
    "Manufacturer": "Philips",
    "PatientPosition": "HFS",
    "PhilipsRescaleIntercept": 0,
    "PhilipsRescaleSlope": 9.53089,
    "PhilipsScaleSlope": 0.0072619,
    "ProtocolName": "WIPT1anat_acq-6m_T1wSENSE",
    "ReconMatrixPE": 240,
    "RepetitionTime": 0.008193,
    "SeriesDescription": "ImageMRSERIES",
    "SeriesNumber": 2,
    "UsePhilipsFloatNotDisplayScaling": 1,
    "acq_id": "6m",
    "dataset": "unknown",
    "modality": "T1w",
    "subject_id": "0159"
  },
  "cjv": 0.2564806283587609,
  "cnr": 4.777028909595735,
  "efc": 0.7703944129846478,
  "fber": 1554.9022216796875,
  "fwhm_avg": 4.508986666666666,
  "fwhm_x": 4.22647,
  "fwhm_y": 4.58575,
  "fwhm_z": 4.71474,
  "icvs_csf": 0.23448851747790747,
  "icvs_gm": 0.4176134443333313,
  "icvs_wm": 0.34789803818876125,
  "inu_med": 1.7289551496505737,
  "inu_range": 0.3813672542572022,
  "provenance": {
    "md5sum": "a77c5bec553b49bfd04907b61936b25a",
    "settings": {
      "testing": false
    },
    "software": "mriqc",
    "version": "0.15.0",
    "warnings": {
      "large_rot_frame": true,
      "small_air_mask": true
    },
    "webapi_port": null,
    "webapi_url": "https://mriqc.nimh.nih.gov/api/v1"
  },
  "qi_1": 3.162183894545685e-05,
  "qi_2": 0.00019223276411627476,
  "rpve_csf": 21.373345544032702,
  "rpve_gm": 12.533843623354425,
  "rpve_wm": 18.976521462581598,
  "size_x": 240,
  "size_y": 240,
  "size_z": 220,
  "snr_csf": 2.057038278146498,
  "snr_gm": 8.65992135443766,
  "snr_total": 12.028917435058323,
  "snr_wm": 25.369792672590812,
  "snrd_csf": 18.229481425835562,
  "snrd_gm": 48.292476158110055,
  "snrd_total": 48.47086614100355,
  "snrd_wm": 78.89064083906503,
  "spacing_x": 1.0,
  "spacing_y": 1.0,
  "spacing_z": 1.0,
  "summary_bg_k": 3.8759044074782985,
  "summary_bg_mad": 8.30439567565918,
  "summary_bg_mean": 8.767674446105957,
  "summary_bg_median": 5.854413032531738,
  "summary_bg_n": 75140.0,
  "summary_bg_p05": 0.0,
  "summary_bg_p95": 17.85089855194092,
  "summary_bg_stdv": 6.472403526306152,
  "summary_csf_k": 50.55658845092068,
  "summary_csf_mad": 112.47608947753906,
  "summary_csf_mean": 240.67953491210938,
  "summary_csf_median": 231.07376098632812,
  "summary_csf_n": 14796.0,
  "summary_csf_p05": 94.71465682983398,
  "summary_csf_p95": 398.2620620727539,
  "summary_csf_stdv": 112.32943725585938,
  "summary_gm_k": 0.8429494288902104,
  "summary_gm_mad": 64.32026672363281,
  "summary_gm_mean": 619.3563232421875,
  "summary_gm_median": 612.1470947265625,
  "summary_gm_n": 35523.0,
  "summary_gm_p05": 516.6519836425781,
  "summary_gm_p95": 749.3872436523438,
  "summary_gm_stdv": 70.6863784790039,
  "summary_wm_k": 1.0577458469377659,
  "summary_wm_mad": 35.157554626464844,
  "summary_wm_mean": 997.7454833984375,
  "summary_wm_median": 1000.004150390625,
  "summary_wm_n": 230814.0,
  "summary_wm_p05": 928.0352081298828,
  "summary_wm_p95": 1057.8592163085937,
  "summary_wm_stdv": 39.41703414916992,
  "tpm_overlap_csf": 0.21805021166801453,
  "tpm_overlap_gm": 0.5122626423835754,
  "tpm_overlap_wm": 0.5649828314781189,
  "wm2max": 0.7471959301996407
}