{
  "aor": 0.0011622962962962963,
  "aqi": 0.002448607481481481,
  "bids_meta": {
    "AcquisitionNumber": 8,
    "BidsifyVersion": "0.3.5",
    "ConversionSoftware": "dcm2niix",
    "ConversionSoftwareVersion": "v1.0.20181125  GCC6.3.0",
    "EchoTime": 0.02763,
    "FlipAngle": 76.1,
    "ImageComments": "PIOP2",
    "ImageOrientationPatientDICOM": [
      0.995675,
      -0.0831255,
      0.0414826,
      0.0792357,
      0.992969,
      0.0879414
    ],
    "Manufacturer": "Philips",
    "NumberOfVolumesDiscardedByScanner": 2,
    "ParallelAcquisitionTechnique": "SENSE",
    "ParallelReductionFactorInPlane": 2,
    "PatientPosition": "HFS",
    "PhaseEncodingDirection": "j",
    "PhilipsRescaleIntercept": 0,
    "PhilipsRescaleSlope": 0.81099,
    "PhilipsScaleSlope": 0.0512556,
    "ProtocolName": "WIPtask-harriri_boldSENSE",
    "PulseSequenceType": "gradient echo EPI",
    "ReconMatrixPE": 80,
    "RepetitionTime": 2,
    "SeriesDescription": "ImageMRSERIES",
    "SeriesNumber": 8,
    "SliceEncodingDirection": "k",
    "TaskName": "emomatching",
    "UsePhilipsFloatNotDisplayScaling": 1,
    "WaterFatShift": 12,
    "acq_id": "seq",
    "dataset": "unknown",
    "modality": "bold",
    "subject_id": "0037",
    "task_id": "emomatching"
  },
  "dummy_trs": 0,
  "dvars_nstd": 17.82656924417911,
  "dvars_std": 1.2695328357462692,
  "dvars_vstd": 1.0083026195522389,
  "efc": 0.3906861931597083,
  "fber": 1566062464.0,
  "fd_mean": 0.08328920450921172,
  "fd_num": 0,
  "fd_perc": 0.0,
  "fwhm_avg": 2.688665062525434,
  "fwhm_x": 2.580626666666667,
  "fwhm_y": 2.98972,
  "fwhm_z": 2.4956485209096346,
  "gcor": 0.0147994,
  "gsr_x": -0.006639458239078522,
  "gsr_y": 0.0021534664556384087,
  "provenance": {
    "md5sum": "9c7dc47a9ffbf0d576cb6c72689c5e2f",
    "settings": {
      "fd_thres": 0.2,
      "hmc_fsl": false
    },
    "software": "mriqc",
    "version": "0.15.0",
    "webapi_port": null,
    "webapi_url": "https://mriqc.nimh.nih.gov/api/v1"
  },
  "size_t": 135,
  "size_x": 80,
  "size_y": 80,
  "size_z": 36,
  "snr": 4.908427769890844,
  "spacing_tr": 2.0,
  "spacing_x": 3.0,
  "spacing_y": 3.0,
  "spacing_z": 3.299999952316284,
  "spikes_num": 2,
  "summary_bg_k": 136.1751086316221,
  "summary_bg_mad": 0.89312744140625,
  "summary_bg_mean": 161.04820251464844,
  "summary_bg_median": 0.6067696809768677,
  "summary_bg_n": 152198.0,
  "summary_bg_p05": 0.0013200089451856913,
  "summary_bg_p95": 784.0217224121079,
  "summary_bg_stdv": 949.7192993164062,
  "summary_fg_k": 2.360802588101901,
  "summary_fg_mad": 4300.3515625,
  "summary_fg_mean": 25980.556640625,
  "summary_fg_median": 25788.064453125,
  "summary_fg_n": 38725.0,
  "summary_fg_p05": 17964.617578125002,
  "summary_fg_p95": 34313.5046875,
  "summary_fg_stdv": 5253.76611328125,
  "tsnr": 101.78225708007812
}