{
    "Manufacturer": "Philips",
    "PatientPosition": "HFS",
    "SeriesDescription": "ImageMRSERIES",
    "ProtocolName": "WIPT1anat_acq-6m_T1wSENSE",
    "SeriesNumber": 2,
    "AcquisitionNumber": 2,
    "ImageComments": "PIOP2",
    "PhilipsRescaleSlope": 8.8801,
    "PhilipsRescaleIntercept": 0,
    "PhilipsScaleSlope": 0.00629939,
    "UsePhilipsFloatNotDisplayScaling": 1,
    "EchoTime": 0.00375,
    "RepetitionTime": 0.008184,
    "ReconMatrixPE": 240,
    "ImageOrientationPatientDICOM": [
        0.998913,
        0.0316588,
        0.0342204,
        -0.0294725,
        0.997603,
        -0.0626076
    ],
    "ConversionSoftware": "dcm2niix",
    "ConversionSoftwareVersion": "v1.0.20181125  GCC6.3.0",
    "BidsifyVersion": "0.3.5"
}