{
  "aor": 0.000908828828828829,
  "aqi": 0.003728633243243243,
  "bids_meta": {
    "AcquisitionNumber": 7,
    "BidsifyVersion": "0.3.5",
    "ConversionSoftware": "dcm2niix",
    "ConversionSoftwareVersion": "v1.0.20181125  GCC6.3.0",
    "EchoTime": 0.02763,
    "EffectiveEchoSpacing": 0.0006909035636805814,
    "FlipAngle": 76.1,
    "ImageComments": "PIOP2",
    "ImageOrientationPatientDICOM": [
      0.99835,
      0.0292927,
      -0.049384,
      -0.0264915,
      0.998054,
      0.0564543
    ],
    "Manufacturer": "Philips",
    "NumberOfVolumesDiscardedByScanner": 2,
    "ParallelAcquisitionTechnique": "SENSE",
    "ParallelReductionFactorInPlane": 2,
    "PatientPosition": "HFS",
    "PhaseEncodingDirection": "j",
    "PhilipsRescaleIntercept": 0,
    "PhilipsRescaleSlope": 0.77338,
    "PhilipsScaleSlope": 0.0573008,
    "ProtocolName": "WIPtask-stop_boldSENSE",
    "PulseSequenceType": "gradient echo EPI",
    "ReconMatrixPE": 80,
    "RepetitionTime": 2,
    "SeriesDescription": "ImageMRSERIES",
    "SeriesNumber": 7,
    "SliceEncodingDirection": "k",
    "SliceTiming": [
      0.0,
      0.0556,
      0.1111,
      0.1667,
      0.2222,
      0.2778,
      0.3333,
      0.3889,
      0.4444,
      0.5,
      0.5556,
      0.6111,
      0.6667,
      0.7222,
      0.7778,
      0.8333,
      0.8889,
      0.9444,
      1.0,
      1.0556,
      1.1111,
      1.1667,
      1.2222,
      1.2778,
      1.3333,
      1.3889,
      1.4444,
      1.5,
      1.5556,
      1.6111,
      1.6667,
      1.7222,
      1.7778,
      1.8333,
      1.8889,
      1.9444
    ],
    "TaskName": "stopsignal",
    "TotalReadoutTime": 0.026945238983542674,
    "UsePhilipsFloatNotDisplayScaling": 1,
    "WaterFatShift": 12,
    "acq_id": "seq",
    "dataset": "unknown",
    "modality": "bold",
    "subject_id": "0062",
    "task_id": "stopsignal"
  },
  "dummy_trs": 0,
  "dvars_nstd": 20.09230989171946,
  "dvars_std": 1.2936451496380101,
  "dvars_vstd": 0.9945450840271493,
  "efc": 0.4063129472058506,
  "fber": 1679735936.0,
  "fd_mean": 0.11542547637264564,
  "fd_num": 17,
  "fd_perc": 7.657657657657658,
  "fwhm_avg": 2.6056733447281357,
  "fwhm_x": 2.58091,
  "fwhm_y": 2.870343333333333,
  "fwhm_z": 2.3657667008510748,
  "gcor": 0.0273278,
  "gsr_x": -0.003285009181126952,
  "gsr_y": 0.0004060080391354859,
  "provenance": {
    "md5sum": "a334c5db3e4d410012c2f54fd14dd5df",
    "settings": {
      "fd_thres": 0.2,
      "hmc_fsl": false
    },
    "software": "mriqc",
    "version": "0.15.0",
    "webapi_port": null,
    "webapi_url": "https://mriqc.nimh.nih.gov/api/v1"
  },
  "size_t": 222,
  "size_x": 80,
  "size_y": 80,
  "size_z": 36,
  "snr": 5.134478013078373,
  "spacing_tr": 2.0,
  "spacing_x": 3.0,
  "spacing_y": 3.0,
  "spacing_z": 3.299999952316284,
  "spikes_num": 0,
  "summary_bg_k": 105.75594153791866,
  "summary_bg_mad": 0.8505128622055054,
  "summary_bg_mean": 216.1888885498047,
  "summary_bg_median": 0.5778732895851135,
  "summary_bg_n": 149326.0,
  "summary_bg_p05": 0.0,
  "summary_bg_p95": 1010.6233825683594,
  "summary_bg_stdv": 1209.7095947265625,
  "summary_fg_k": 2.9611856322716505,
  "summary_fg_mad": 4165.701171875,
  "summary_fg_mean": 26156.73828125,
  "summary_fg_median": 26214.037109375,
  "summary_fg_n": 40879.0,
  "summary_fg_p05": 17853.154296875,
  "summary_fg_p95": 33729.801953124996,
  "summary_fg_stdv": 5105.4296875,
  "tsnr": 89.10595703125
}