{
  "aor": 0.0021827354260089684,
  "aqi": 0.003188320269058296,
  "bids_meta": {
    "AcquisitionNumber": 7,
    "BidsifyVersion": "0.3.5",
    "ConversionSoftware": "dcm2niix",
    "ConversionSoftwareVersion": "v1.0.20181125  GCC6.3.0",
    "EchoTime": 0.02763,
    "FlipAngle": 76.1,
    "ImageComments": "PIOP2",
    "ImageOrientationPatientDICOM": [
      0.998185,
      0.0297307,
      -0.0523816,
      -0.0407892,
      0.973574,
      -0.2247
    ],
    "Manufacturer": "Philips",
    "NumberOfVolumesDiscardedByScanner": 2,
    "ParallelAcquisitionTechnique": "SENSE",
    "ParallelReductionFactorInPlane": 2,
    "PatientPosition": "HFS",
    "PhaseEncodingDirection": "j",
    "PhilipsRescaleIntercept": 0,
    "PhilipsRescaleSlope": 0.78144,
    "PhilipsScaleSlope": 0.0611689,
    "ProtocolName": "WIPtask-stop_boldSENSE",
    "PulseSequenceType": "gradient echo EPI",
    "ReconMatrixPE": 80,
    "RepetitionTime": 2,
    "SeriesDescription": "ImageMRSERIES",
    "SeriesNumber": 7,
    "SliceEncodingDirection": "k",
    "TaskName": "stopsignal",
    "UsePhilipsFloatNotDisplayScaling": 1,
    "WaterFatShift": 12,
    "acq_id": "seq",
    "dataset": "unknown",
    "modality": "bold",
    "subject_id": "0009",
    "task_id": "stopsignal"
  },
  "dummy_trs": 0,
  "dvars_nstd": 19.742216054459462,
  "dvars_std": 1.299207185315315,
  "dvars_vstd": 1.035368226216216,
  "efc": 0.3627393648815845,
  "fber": 2199105024.0,
  "fd_mean": 0.10299692624746895,
  "fd_num": 6,
  "fd_perc": 2.690582959641256,
  "fwhm_avg": 2.545548596561617,
  "fwhm_x": 2.509603333333333,
  "fwhm_y": 2.9049,
  "fwhm_z": 2.222142456351518,
  "gcor": 0.020075,
  "gsr_x": -0.008830214850604534,
  "gsr_y": 0.0034646824933588505,
  "provenance": {
    "md5sum": "4fef54d5048548082928e4c22744064f",
    "settings": {
      "fd_thres": 0.2,
      "hmc_fsl": false
    },
    "software": "mriqc",
    "version": "0.15.0",
    "webapi_port": null,
    "webapi_url": "https://mriqc.nimh.nih.gov/api/v1"
  },
  "size_t": 223,
  "size_x": 80,
  "size_y": 80,
  "size_z": 36,
  "snr": 4.9321215736161825,
  "spacing_tr": 2.0,
  "spacing_x": 3.0,
  "spacing_y": 3.0,
  "spacing_z": 3.299999952316284,
  "spikes_num": 1,
  "summary_bg_k": 146.30167656916944,
  "summary_bg_mad": 0.7725966572761536,
  "summary_bg_mean": 150.58541870117188,
  "summary_bg_median": 0.5211085081100464,
  "summary_bg_n": 156878.0,
  "summary_bg_p05": 0.0,
  "summary_bg_p95": 713.2248687744127,
  "summary_bg_stdv": 907.2257080078125,
  "summary_fg_k": 2.408013768066759,
  "summary_fg_mad": 4515.6953125,
  "summary_fg_mean": 26345.525390625,
  "summary_fg_median": 26363.197265625,
  "summary_fg_n": 33718.0,
  "summary_fg_p05": 17304.06083984375,
  "summary_fg_p95": 34036.46015624999,
  "summary_fg_stdv": 5345.125,
  "tsnr": 89.0050048828125
}