{
  "aor": 0.0008248148148148149,
  "aqi": 0.001941035851851852,
  "bids_meta": {
    "AcquisitionNumber": 8,
    "BidsifyVersion": "0.3.5",
    "ConversionSoftware": "dcm2niix",
    "ConversionSoftwareVersion": "v1.0.20181125  GCC6.3.0",
    "EchoTime": 0.02763,
    "EffectiveEchoSpacing": 0.0006909035636805814,
    "FlipAngle": 76.1,
    "ImageComments": "PIOP2",
    "ImageOrientationPatientDICOM": [
      0.999577,
      0.0202513,
      -0.0208595,
      -0.0172732,
      0.990805,
      0.134194
    ],
    "Manufacturer": "Philips",
    "NumberOfVolumesDiscardedByScanner": 2,
    "ParallelAcquisitionTechnique": "SENSE",
    "ParallelReductionFactorInPlane": 2,
    "PatientPosition": "HFS",
    "PhaseEncodingDirection": "j",
    "PhilipsRescaleIntercept": 0,
    "PhilipsRescaleSlope": 0.82076,
    "PhilipsScaleSlope": 0.0546957,
    "ProtocolName": "WIPtask-harriri_boldSENSE",
    "PulseSequenceType": "gradient echo EPI",
    "ReconMatrixPE": 80,
    "RepetitionTime": 2,
    "SeriesDescription": "ImageMRSERIES",
    "SeriesNumber": 8,
    "SliceEncodingDirection": "k",
    "SliceTiming": [
      0.0,
      0.0556,
      0.1111,
      0.1667,
      0.2222,
      0.2778,
      0.3333,
      0.3889,
      0.4444,
      0.5,
      0.5556,
      0.6111,
      0.6667,
      0.7222,
      0.7778,
      0.8333,
      0.8889,
      0.9444,
      1.0,
      1.0556,
      1.1111,
      1.1667,
      1.2222,
      1.2778,
      1.3333,
      1.3889,
      1.4444,
      1.5,
      1.5556,
      1.6111,
      1.6667,
      1.7222,
      1.7778,
      1.8333,
      1.8889,
      1.9444
    ],
    "TaskName": "emomatching",
    "TotalReadoutTime": 0.026945238983542674,
    "UsePhilipsFloatNotDisplayScaling": 1,
    "WaterFatShift": 12,
    "acq_id": "seq",
    "dataset": "unknown",
    "modality": "bold",
    "subject_id": "0180",
    "task_id": "emomatching"
  },
  "dummy_trs": 0,
  "dvars_nstd": 14.515025900373134,
  "dvars_std": 1.1502875376865673,
  "dvars_vstd": 1.0024051109701497,
  "efc": 0.3990094086866521,
  "fber": 4465910272.0,
  "fd_mean": 0.08644780539115571,
  "fd_num": 3,
  "fd_perc": 2.2222222222222223,
  "fwhm_avg": 2.8199534467728147,
  "fwhm_x": 2.762226666666667,
  "fwhm_y": 3.11707,
  "fwhm_z": 2.580563673651777,
  "gcor": 0.028321,
  "gsr_x": -0.0037597096525132656,
  "gsr_y": 0.0011818697676062584,
  "provenance": {
    "md5sum": "876f146594c5317683dcb19c70aa78db",
    "settings": {
      "fd_thres": 0.2,
      "hmc_fsl": false
    },
    "software": "mriqc",
    "version": "0.15.0",
    "webapi_port": null,
    "webapi_url": "https://mriqc.nimh.nih.gov/api/v1"
  },
  "size_t": 135,
  "size_x": 80,
  "size_y": 80,
  "size_z": 36,
  "snr": 4.825106713478289,
  "spacing_tr": 2.0,
  "spacing_x": 3.0,
  "spacing_y": 3.0,
  "spacing_z": 3.299999952316284,
  "spikes_num": 0,
  "summary_bg_k": 107.3105980263949,
  "summary_bg_mad": 0.5104086399078369,
  "summary_bg_mean": 176.83168029785156,
  "summary_bg_median": 0.34671029448509216,
  "summary_bg_n": 150523.0,
  "summary_bg_p05": 0.0010300537804141642,
  "summary_bg_p95": 797.8433776855461,
  "summary_bg_stdv": 1065.055908203125,
  "summary_fg_k": 1.9301989075656678,
  "summary_fg_mad": 4240.04541015625,
  "summary_fg_mean": 24789.361328125,
  "summary_fg_median": 24917.76953125,
  "summary_fg_n": 39809.0,
  "summary_fg_p05": 16201.9251953125,
  "summary_fg_p95": 32634.2671875,
  "summary_fg_stdv": 5164.12548828125,
  "tsnr": 107.87492370605469
}