{
  "aor": 0.0015605803571428572,
  "aqi": 0.008460467767857142,
  "bids_meta": {
    "AcquisitionNumber": 7,
    "BidsifyVersion": "0.3.5",
    "ConversionSoftware": "dcm2niix",
    "ConversionSoftwareVersion": "v1.0.20181125  GCC6.3.0",
    "EchoTime": 0.02763,
    "FlipAngle": 76.1,
    "ImageComments": "PIOP2",
    "ImageOrientationPatientDICOM": [
      0.996357,
      0.0845442,
      0.0111496,
      -0.0812152,
      0.98063,
      -0.178236
    ],
    "Manufacturer": "Philips",
    "NumberOfVolumesDiscardedByScanner": 2,
    "ParallelAcquisitionTechnique": "SENSE",
    "ParallelReductionFactorInPlane": 2,
    "PatientPosition": "HFS",
    "PhaseEncodingDirection": "j",
    "PhilipsRescaleIntercept": 0,
    "PhilipsRescaleSlope": 0.87033,
    "PhilipsScaleSlope": 0.060965,
    "ProtocolName": "WIPtask-stop_boldSENSE",
    "PulseSequenceType": "gradient echo EPI",
    "ReconMatrixPE": 80,
    "RepetitionTime": 2,
    "SeriesDescription": "ImageMRSERIES",
    "SeriesNumber": 7,
    "SliceEncodingDirection": "k",
    "TaskName": "stopsignal",
    "UsePhilipsFloatNotDisplayScaling": 1,
    "WaterFatShift": 12,
    "acq_id": "seq",
    "dataset": "unknown",
    "modality": "bold",
    "subject_id": "0108",
    "task_id": "stopsignal"
  },
  "dummy_trs": 0,
  "dvars_nstd": 23.382290647443927,
  "dvars_std": 1.253369649058296,
  "dvars_vstd": 0.9760155060538123,
  "efc": 0.4154102093778836,
  "fber": 117040072.0,
  "fd_mean": 0.16576145359533387,
  "fd_num": 66,
  "fd_perc": 29.464285714285715,
  "fwhm_avg": 2.6506525371040524,
  "fwhm_x": 2.57362,
  "fwhm_y": 2.9177466666666665,
  "fwhm_z": 2.4605909446454906,
  "gcor": 0.018013,
  "gsr_x": 0.000637662538792938,
  "gsr_y": -0.00018018543778453022,
  "provenance": {
    "md5sum": "fd3ca1e9f98a371b986e4740daa20a93",
    "settings": {
      "fd_thres": 0.2,
      "hmc_fsl": false
    },
    "software": "mriqc",
    "version": "0.15.0",
    "webapi_port": null,
    "webapi_url": "https://mriqc.nimh.nih.gov/api/v1"
  },
  "size_t": 224,
  "size_x": 80,
  "size_y": 80,
  "size_z": 36,
  "snr": 5.819551083464999,
  "spacing_tr": 2.0,
  "spacing_x": 3.0,
  "spacing_y": 3.0,
  "spacing_z": 3.299999952316284,
  "spikes_num": 0,
  "summary_bg_k": 66.7207966179245,
  "summary_bg_mad": 3.2321462631225586,
  "summary_bg_mean": 253.04969787597656,
  "summary_bg_median": 2.2515580654144287,
  "summary_bg_n": 148183.0,
  "summary_bg_p05": 0.013030952122062447,
  "summary_bg_p95": 1041.9867797851543,
  "summary_bg_stdv": 1331.49853515625,
  "summary_fg_k": 3.6852588700336666,
  "summary_fg_mad": 3562.97998046875,
  "summary_fg_mean": 25268.119140625,
  "summary_fg_median": 25484.84765625,
  "summary_fg_n": 42030.0,
  "summary_fg_p05": 18343.371875,
  "summary_fg_p95": 31469.430859374996,
  "summary_fg_stdv": 4379.12548828125,
  "tsnr": 70.56913757324219
}