{
  "aor": 0.0019204444444444445,
  "aqi": 0.008017503703703703,
  "bids_meta": {
    "AcquisitionNumber": 8,
    "BidsifyVersion": "0.3.5",
    "ConversionSoftware": "dcm2niix",
    "ConversionSoftwareVersion": "v1.0.20181125  GCC6.3.0",
    "EchoTime": 0.02763,
    "FlipAngle": 76.1,
    "ImageComments": "PIOP2",
    "ImageOrientationPatientDICOM": [
      0.996357,
      0.0845442,
      0.0111496,
      -0.0812152,
      0.98063,
      -0.178236
    ],
    "Manufacturer": "Philips",
    "NumberOfVolumesDiscardedByScanner": 2,
    "ParallelAcquisitionTechnique": "SENSE",
    "ParallelReductionFactorInPlane": 2,
    "PatientPosition": "HFS",
    "PhaseEncodingDirection": "j",
    "PhilipsRescaleIntercept": 0,
    "PhilipsRescaleSlope": 0.95678,
    "PhilipsScaleSlope": 0.0558046,
    "ProtocolName": "WIPtask-harriri_boldSENSE",
    "PulseSequenceType": "gradient echo EPI",
    "ReconMatrixPE": 80,
    "RepetitionTime": 2,
    "SeriesDescription": "ImageMRSERIES",
    "SeriesNumber": 8,
    "SliceEncodingDirection": "k",
    "TaskName": "emomatching",
    "UsePhilipsFloatNotDisplayScaling": 1,
    "WaterFatShift": 12,
    "acq_id": "seq",
    "dataset": "unknown",
    "modality": "bold",
    "subject_id": "0108",
    "task_id": "emomatching"
  },
  "dummy_trs": 0,
  "dvars_nstd": 25.548950651044777,
  "dvars_std": 1.2455869270149258,
  "dvars_vstd": 0.9825238461194027,
  "efc": 0.4161095741770069,
  "fber": 185915168.0,
  "fd_mean": 0.1983399025430854,
  "fd_num": 63,
  "fd_perc": 46.666666666666664,
  "fwhm_avg": 2.627158900672868,
  "fwhm_x": 2.55022,
  "fwhm_y": 2.8846900000000004,
  "fwhm_z": 2.4465667020186035,
  "gcor": 0.0229225,
  "gsr_x": 0.0006111469119787216,
  "gsr_y": -0.00029658598941750824,
  "provenance": {
    "md5sum": "a5b06c66e27286e174d39b3f56247501",
    "settings": {
      "fd_thres": 0.2,
      "hmc_fsl": false
    },
    "software": "mriqc",
    "version": "0.15.0",
    "webapi_port": null,
    "webapi_url": "https://mriqc.nimh.nih.gov/api/v1"
  },
  "size_t": 135,
  "size_x": 80,
  "size_y": 80,
  "size_z": 36,
  "snr": 5.894960735489184,
  "spacing_tr": 2.0,
  "spacing_x": 3.0,
  "spacing_y": 3.0,
  "spacing_z": 3.299999952316284,
  "spikes_num": 0,
  "summary_bg_k": 65.02127707298204,
  "summary_bg_mad": 2.503019332885742,
  "summary_bg_mean": 253.90283203125,
  "summary_bg_median": 1.7029733657836914,
  "summary_bg_n": 148095.0,
  "summary_bg_p05": 0.004869511630386115,
  "summary_bg_p95": 1075.2995361328076,
  "summary_bg_stdv": 1332.1192626953125,
  "summary_fg_k": 3.6088214229685924,
  "summary_fg_mad": 3514.0830078125,
  "summary_fg_mean": 24955.1484375,
  "summary_fg_median": 25155.66796875,
  "summary_fg_n": 42080.0,
  "summary_fg_p05": 18202.5669921875,
  "summary_fg_p95": 30953.698242187493,
  "summary_fg_stdv": 4267.2666015625,
  "tsnr": 69.47952270507812
}