{
  "aor": 0.0008807500000000001,
  "aqi": 0.008125148625,
  "bids_meta": {
    "AcquisitionNumber": 4,
    "BidsifyVersion": "0.3.5",
    "ConversionSoftware": "dcm2niix",
    "ConversionSoftwareVersion": "v1.0.20181125  GCC6.3.0",
    "EchoTime": 0.02763,
    "FlipAngle": 76.1,
    "ImageComments": "PIOP2",
    "ImageOrientationPatientDICOM": [
      0.996357,
      0.0845442,
      0.0111496,
      -0.0812152,
      0.98063,
      -0.178236
    ],
    "Manufacturer": "Philips",
    "NumberOfVolumesDiscardedByScanner": 2,
    "ParallelAcquisitionTechnique": "SENSE",
    "ParallelReductionFactorInPlane": 2,
    "PatientPosition": "HFS",
    "PhaseEncodingDirection": "j",
    "PhilipsRescaleIntercept": 0,
    "PhilipsRescaleSlope": 0.842,
    "PhilipsScaleSlope": 0.0621066,
    "ProtocolName": "WIPtask-rest_boldSENSE",
    "PulseSequenceType": "gradient echo EPI",
    "ReconMatrixPE": 80,
    "RepetitionTime": 2,
    "SeriesDescription": "ImageMRSERIES",
    "SeriesNumber": 4,
    "SliceEncodingDirection": "k",
    "TaskName": "restingstate",
    "UsePhilipsFloatNotDisplayScaling": 1,
    "WaterFatShift": 12,
    "acq_id": "seq",
    "dataset": "unknown",
    "modality": "bold",
    "subject_id": "0108",
    "task_id": "restingstate"
  },
  "dummy_trs": 0,
  "dvars_nstd": 24.707952810627628,
  "dvars_std": 1.2663070557740583,
  "dvars_vstd": 1.1463790230125528,
  "efc": 0.4169861487396964,
  "fber": 105237336.0,
  "fd_mean": 0.1848977478141519,
  "fd_num": 97,
  "fd_perc": 40.416666666666664,
  "fwhm_avg": 2.662631123065435,
  "fwhm_x": 2.578186666666667,
  "fwhm_y": 2.927773333333333,
  "fwhm_z": 2.4819333691963044,
  "gcor": 0.029111,
  "gsr_x": 0.00039677933091297746,
  "gsr_y": 5.2139632316539064e-05,
  "provenance": {
    "md5sum": "6f5211405aa74e237a637c054d99cb74",
    "settings": {
      "fd_thres": 0.2,
      "hmc_fsl": false
    },
    "software": "mriqc",
    "version": "0.15.0",
    "webapi_port": null,
    "webapi_url": "https://mriqc.nimh.nih.gov/api/v1"
  },
  "size_t": 240,
  "size_x": 80,
  "size_y": 80,
  "size_z": 36,
  "snr": 5.76676060245802,
  "spacing_tr": 2.0,
  "spacing_x": 3.0,
  "spacing_y": 3.0,
  "spacing_z": 3.299999952316284,
  "spikes_num": 0,
  "summary_bg_k": 66.67186531088176,
  "summary_bg_mad": 3.3612349033355713,
  "summary_bg_mean": 251.95509338378906,
  "summary_bg_median": 2.3297667503356934,
  "summary_bg_n": 147749.0,
  "summary_bg_p05": 0.010961560159921648,
  "summary_bg_p95": 1146.974560546876,
  "summary_bg_stdv": 1308.4208984375,
  "summary_fg_k": 3.608031403934456,
  "summary_fg_mad": 3615.615234375,
  "summary_fg_mean": 25296.7734375,
  "summary_fg_median": 25499.576171875,
  "summary_fg_n": 42343.0,
  "summary_fg_p05": 18333.437890625,
  "summary_fg_p95": 31545.380859375,
  "summary_fg_stdv": 4421.767578125,
  "tsnr": 68.78527069091797
}