{
  "aor": 0.0015549056603773584,
  "aqi": 0.003213848113207547,
  "bids_meta": {
    "AcquisitionNumber": 3,
    "BidsifyVersion": "0.3.5",
    "ConversionSoftware": "dcm2niix",
    "ConversionSoftwareVersion": "v1.0.20181125  GCC6.3.0",
    "EchoTime": 0.02763,
    "EffectiveEchoSpacing": 0.0006909035636805814,
    "FlipAngle": 76.1,
    "ImageComments": "PIOP2",
    "ImageOrientationPatientDICOM": [
      0.998619,
      -0.0417258,
      -0.0319355,
      0.0369667,
      0.989834,
      -0.137337
    ],
    "Manufacturer": "Philips",
    "NumberOfVolumesDiscardedByScanner": 2,
    "ParallelAcquisitionTechnique": "SENSE",
    "ParallelReductionFactorInPlane": 2,
    "PatientPosition": "HFS",
    "PhaseEncodingDirection": "j",
    "PhilipsRescaleIntercept": 0,
    "PhilipsRescaleSlope": 0.77729,
    "PhilipsScaleSlope": 0.0619761,
    "ProtocolName": "WIPtask-wm_boldSENSE",
    "PulseSequenceType": "gradient echo EPI",
    "ReconMatrixPE": 80,
    "RepetitionTime": 2,
    "SeriesDescription": "ImageMRSERIES",
    "SeriesNumber": 3,
    "SliceEncodingDirection": "k",
    "SliceTiming": [
      0.0,
      0.0556,
      0.1111,
      0.1667,
      0.2222,
      0.2778,
      0.3333,
      0.3889,
      0.4444,
      0.5,
      0.5556,
      0.6111,
      0.6667,
      0.7222,
      0.7778,
      0.8333,
      0.8889,
      0.9444,
      1.0,
      1.0556,
      1.1111,
      1.1667,
      1.2222,
      1.2778,
      1.3333,
      1.3889,
      1.4444,
      1.5,
      1.5556,
      1.6111,
      1.6667,
      1.7222,
      1.7778,
      1.8333,
      1.8889,
      1.9444
    ],
    "TaskName": "workingmemory",
    "TotalReadoutTime": 0.026945238983542674,
    "UsePhilipsFloatNotDisplayScaling": 1,
    "WaterFatShift": 12,
    "acq_id": "seq",
    "dataset": "unknown",
    "modality": "bold",
    "subject_id": "0190",
    "task_id": "workingmemory"
  },
  "dummy_trs": 1,
  "dvars_nstd": 17.627665145189876,
  "dvars_std": 1.2592468365189873,
  "dvars_vstd": 1.014966700316455,
  "efc": 0.38895405216529594,
  "fber": 1290626048.0,
  "fd_mean": 0.10689961826169016,
  "fd_num": 5,
  "fd_perc": 3.1446540880503147,
  "fwhm_avg": 2.7309712239138464,
  "fwhm_x": 2.7338633333333333,
  "fwhm_y": 3.0106866666666665,
  "fwhm_z": 2.4483636717415385,
  "gcor": 0.0321691,
  "gsr_x": -0.000520352041348815,
  "gsr_y": 0.0011147450422868133,
  "provenance": {
    "md5sum": "d37455c304a365388f0cd9babaa83f28",
    "settings": {
      "fd_thres": 0.2,
      "hmc_fsl": false
    },
    "software": "mriqc",
    "version": "0.15.0",
    "webapi_port": null,
    "webapi_url": "https://mriqc.nimh.nih.gov/api/v1"
  },
  "size_t": 159,
  "size_x": 80,
  "size_y": 80,
  "size_z": 36,
  "snr": 5.249691533434154,
  "spacing_tr": 2.0,
  "spacing_x": 3.0,
  "spacing_y": 3.0,
  "spacing_z": 3.299999952316284,
  "spikes_num": 0,
  "summary_bg_k": 88.34594237138568,
  "summary_bg_mad": 1.00970458984375,
  "summary_bg_mean": 194.56036376953125,
  "summary_bg_median": 0.6870647668838501,
  "summary_bg_n": 152076.0,
  "summary_bg_p05": 0.0011891188332810998,
  "summary_bg_p95": 791.3251190185547,
  "summary_bg_stdv": 1142.6859130859375,
  "summary_fg_k": 3.27712386366935,
  "summary_fg_mad": 3838.177734375,
  "summary_fg_mean": 25610.953125,
  "summary_fg_median": 25924.927734375,
  "summary_fg_n": 37994.0,
  "summary_fg_p05": 17031.41123046875,
  "summary_fg_p95": 32529.16611328125,
  "summary_fg_stdv": 4938.306640625,
  "tsnr": 97.168212890625
}