{
  "aor": 0.0019151874999999998,
  "aqi": 0.005121266625,
  "bids_meta": {
    "AcquisitionNumber": 3,
    "BidsifyVersion": "0.3.5",
    "ConversionSoftware": "dcm2niix",
    "ConversionSoftwareVersion": "v1.0.20181125  GCC6.3.0",
    "EchoTime": 0.02763,
    "EffectiveEchoSpacing": 0.0006909035636805814,
    "FlipAngle": 76.1,
    "ImageComments": "PIOP2",
    "ImageOrientationPatientDICOM": [
      0.998021,
      0.0607932,
      -0.0160613,
      -0.0568465,
      0.981513,
      0.182758
    ],
    "Manufacturer": "Philips",
    "NumberOfVolumesDiscardedByScanner": 2,
    "ParallelAcquisitionTechnique": "SENSE",
    "ParallelReductionFactorInPlane": 2,
    "PatientPosition": "HFS",
    "PhaseEncodingDirection": "j",
    "PhilipsRescaleIntercept": 0,
    "PhilipsRescaleSlope": 0.7956,
    "PhilipsScaleSlope": 0.046951,
    "ProtocolName": "WIPtask-wm_boldSENSE",
    "PulseSequenceType": "gradient echo EPI",
    "ReconMatrixPE": 80,
    "RepetitionTime": 2,
    "SeriesDescription": "ImageMRSERIES",
    "SeriesNumber": 3,
    "SliceEncodingDirection": "k",
    "SliceTiming": [
      0.0,
      0.0556,
      0.1111,
      0.1667,
      0.2222,
      0.2778,
      0.3333,
      0.3889,
      0.4444,
      0.5,
      0.5556,
      0.6111,
      0.6667,
      0.7222,
      0.7778,
      0.8333,
      0.8889,
      0.9444,
      1.0,
      1.0556,
      1.1111,
      1.1667,
      1.2222,
      1.2778,
      1.3333,
      1.3889,
      1.4444,
      1.5,
      1.5556,
      1.6111,
      1.6667,
      1.7222,
      1.7778,
      1.8333,
      1.8889,
      1.9444
    ],
    "TaskName": "workingmemory",
    "TotalReadoutTime": 0.026945238983542674,
    "UsePhilipsFloatNotDisplayScaling": 1,
    "WaterFatShift": 12,
    "acq_id": "seq",
    "dataset": "unknown",
    "modality": "bold",
    "subject_id": "0067",
    "task_id": "workingmemory"
  },
  "dummy_trs": 0,
  "dvars_nstd": 22.966267616226425,
  "dvars_std": 1.3083944778616357,
  "dvars_vstd": 0.9821613626415093,
  "efc": 0.42407886448578197,
  "fber": 801180736.0,
  "fd_mean": 0.15029799760315918,
  "fd_num": 27,
  "fd_perc": 16.875,
  "fwhm_avg": 2.5604956361443634,
  "fwhm_x": 2.4576433333333334,
  "fwhm_y": 2.877316437998101,
  "fwhm_z": 2.3465271371016567,
  "gcor": 0.0116335,
  "gsr_x": -0.006491897627711296,
  "gsr_y": 0.006696751806885004,
  "provenance": {
    "md5sum": "a595c5f747afaa0f604e6578b37f8f66",
    "settings": {
      "fd_thres": 0.2,
      "hmc_fsl": false
    },
    "software": "mriqc",
    "version": "0.15.0",
    "webapi_port": null,
    "webapi_url": "https://mriqc.nimh.nih.gov/api/v1"
  },
  "size_t": 160,
  "size_x": 80,
  "size_y": 80,
  "size_z": 36,
  "snr": 4.4606624131016765,
  "spacing_tr": 2.0,
  "spacing_x": 3.0,
  "spacing_y": 3.000000238418579,
  "spacing_z": 3.3000001907348633,
  "spikes_num": 0,
  "summary_bg_k": 92.35610247396686,
  "summary_bg_mad": 1.3591903448104858,
  "summary_bg_mean": 188.12266540527344,
  "summary_bg_median": 0.9252791404724121,
  "summary_bg_n": 144129.0,
  "summary_bg_p05": 0.0003071853017900145,
  "summary_bg_p95": 1055.4768066406261,
  "summary_bg_stdv": 992.174072265625,
  "summary_fg_k": 1.8747062865731259,
  "summary_fg_mad": 5298.396484375,
  "summary_fg_mean": 29363.044921875,
  "summary_fg_median": 28846.81640625,
  "summary_fg_n": 45658.0,
  "summary_fg_p05": 19883.7470703125,
  "summary_fg_p95": 40606.184375,
  "summary_fg_stdv": 6466.86474609375,
  "tsnr": 74.5008544921875
}