{
  "aor": 0.018412916666666668,
  "aqi": 0.010846536833333333,
  "bids_meta": {
    "AcquisitionNumber": 4,
    "BidsifyVersion": "0.3.5",
    "ConversionSoftware": "dcm2niix",
    "ConversionSoftwareVersion": "v1.0.20181125  GCC6.3.0",
    "EchoTime": 0.02763,
    "FlipAngle": 76.1,
    "ImageComments": "PIOP2",
    "ImageOrientationPatientDICOM": [
      0.998272,
      -0.0288371,
      -0.0511956,
      0.019865,
      0.985617,
      -0.167821
    ],
    "Manufacturer": "Philips",
    "NumberOfVolumesDiscardedByScanner": 2,
    "ParallelAcquisitionTechnique": "SENSE",
    "ParallelReductionFactorInPlane": 2,
    "PatientPosition": "HFS",
    "PhaseEncodingDirection": "j",
    "PhilipsRescaleIntercept": 0,
    "PhilipsRescaleSlope": 0.74725,
    "PhilipsScaleSlope": 0.06159,
    "ProtocolName": "WIPtask-rest_boldSENSE",
    "PulseSequenceType": "gradient echo EPI",
    "ReconMatrixPE": 80,
    "RepetitionTime": 2,
    "SeriesDescription": "ImageMRSERIES",
    "SeriesNumber": 4,
    "SliceEncodingDirection": "k",
    "TaskName": "restingstate",
    "UsePhilipsFloatNotDisplayScaling": 1,
    "WaterFatShift": 12,
    "acq_id": "seq",
    "dataset": "unknown",
    "modality": "bold",
    "subject_id": "0102",
    "task_id": "restingstate"
  },
  "dummy_trs": 0,
  "dvars_nstd": 18.70441395246862,
  "dvars_std": 1.2249683202928852,
  "dvars_vstd": 1.1585916150209201,
  "efc": 0.37162040807431496,
  "fber": 488846272.0,
  "fd_mean": 0.2199381460461336,
  "fd_num": 107,
  "fd_perc": 44.583333333333336,
  "fwhm_avg": 2.575343410877697,
  "fwhm_x": 2.5025168655488383,
  "fwhm_y": 2.8877466666666667,
  "fwhm_z": 2.3357667004175866,
  "gcor": 0.0196751,
  "gsr_x": -0.004717853385955095,
  "gsr_y": -0.00030668635736219585,
  "provenance": {
    "md5sum": "eb0d5da5fb01c7428b03d7c307dc464e",
    "settings": {
      "fd_thres": 0.2,
      "hmc_fsl": false
    },
    "software": "mriqc",
    "version": "0.15.0",
    "webapi_port": null,
    "webapi_url": "https://mriqc.nimh.nih.gov/api/v1"
  },
  "size_t": 240,
  "size_x": 80,
  "size_y": 80,
  "size_z": 36,
  "snr": 5.059821680898169,
  "spacing_tr": 2.0,
  "spacing_x": 2.999999761581421,
  "spacing_y": 3.0,
  "spacing_z": 3.299999952316284,
  "spikes_num": 47,
  "summary_bg_k": 102.5821534705097,
  "summary_bg_mad": 1.3871248960494995,
  "summary_bg_mean": 157.99563598632812,
  "summary_bg_median": 0.935601532459259,
  "summary_bg_n": 157002.0,
  "summary_bg_p05": 0.0,
  "summary_bg_p95": 504.5208175659144,
  "summary_bg_stdv": 934.5977783203125,
  "summary_fg_k": 2.622554129362472,
  "summary_fg_mad": 3645.634765625,
  "summary_fg_mean": 22244.236328125,
  "summary_fg_median": 22263.517578125,
  "summary_fg_n": 34844.0,
  "summary_fg_p05": 14837.970068359376,
  "summary_fg_p95": 28660.512988281243,
  "summary_fg_stdv": 4399.99658203125,
  "tsnr": 57.41127014160156
}