{
    "Manufacturer": "Philips",
    "PatientPosition": "HFS",
    "SeriesDescription": "ImageMRSERIES",
    "ProtocolName": "WIPT1anat_acq-6m_T1wSENSE",
    "SeriesNumber": 2,
    "AcquisitionNumber": 2,
    "ImageComments": "PIOP2",
    "PhilipsRescaleSlope": 9.06422,
    "PhilipsRescaleIntercept": 0,
    "PhilipsScaleSlope": 0.00722135,
    "UsePhilipsFloatNotDisplayScaling": 1,
    "EchoTime": 0.00377,
    "RepetitionTime": 0.008215,
    "ReconMatrixPE": 240,
    "ImageOrientationPatientDICOM": [
        0.998788,
        -0.0425328,
        -0.0247684,
        0.0402901,
        0.995573,
        -0.0849191
    ],
    "ConversionSoftware": "dcm2niix",
    "ConversionSoftwareVersion": "v1.0.20181125  GCC6.3.0",
    "BidsifyVersion": "0.3.5"
}