{
  "aor": 0.004626888888888888,
  "aqi": 0.009045614370370372,
  "bids_meta": {
    "AcquisitionNumber": 8,
    "BidsifyVersion": "0.3.5",
    "ConversionSoftware": "dcm2niix",
    "ConversionSoftwareVersion": "v1.0.20181125  GCC6.3.0",
    "EchoTime": 0.02763,
    "FlipAngle": 76.1,
    "ImageComments": "PIOP2",
    "ImageOrientationPatientDICOM": [
      0.999394,
      0.0134046,
      -0.0321234,
      -0.0160487,
      0.996377,
      -0.0835207
    ],
    "Manufacturer": "Philips",
    "NumberOfVolumesDiscardedByScanner": 2,
    "ParallelAcquisitionTechnique": "SENSE",
    "ParallelReductionFactorInPlane": 2,
    "PatientPosition": "HFS",
    "PhaseEncodingDirection": "j",
    "PhilipsRescaleIntercept": 0,
    "PhilipsRescaleSlope": 0.81441,
    "PhilipsScaleSlope": 0.0537639,
    "ProtocolName": "WIPtask-harriri_boldSENSE",
    "PulseSequenceType": "gradient echo EPI",
    "ReconMatrixPE": 80,
    "RepetitionTime": 2,
    "SeriesDescription": "ImageMRSERIES",
    "SeriesNumber": 8,
    "SliceEncodingDirection": "k",
    "TaskName": "emomatching",
    "UsePhilipsFloatNotDisplayScaling": 1,
    "WaterFatShift": 12,
    "acq_id": "seq",
    "dataset": "unknown",
    "modality": "bold",
    "subject_id": "0024",
    "task_id": "emomatching"
  },
  "dummy_trs": 0,
  "dvars_nstd": 18.418264652313436,
  "dvars_std": 1.193338686865672,
  "dvars_vstd": 1.0041092967910448,
  "efc": 0.4037260636279886,
  "fber": 319579264.0,
  "fd_mean": 0.13221694738509257,
  "fd_num": 10,
  "fd_perc": 7.407407407407407,
  "fwhm_avg": 2.55083102110922,
  "fwhm_x": 2.456236666666667,
  "fwhm_y": 2.9107533333333335,
  "fwhm_z": 2.2855030633276603,
  "gcor": 0.0114265,
  "gsr_x": -0.0013392938999459147,
  "gsr_y": 0.003865935141220689,
  "provenance": {
    "md5sum": "74457fdbf3d34bc19eee86349e2f2469",
    "settings": {
      "fd_thres": 0.2,
      "hmc_fsl": false
    },
    "software": "mriqc",
    "version": "0.15.0",
    "webapi_port": null,
    "webapi_url": "https://mriqc.nimh.nih.gov/api/v1"
  },
  "size_t": 135,
  "size_x": 80,
  "size_y": 80,
  "size_z": 36,
  "snr": 5.3377756550047595,
  "spacing_tr": 2.0,
  "spacing_x": 3.0,
  "spacing_y": 3.0,
  "spacing_z": 3.299999952316284,
  "spikes_num": 0,
  "summary_bg_k": 124.10183548147256,
  "summary_bg_mad": 2.096266269683838,
  "summary_bg_mean": 211.75045776367188,
  "summary_bg_median": 1.4205795526504517,
  "summary_bg_n": 149393.0,
  "summary_bg_p05": 0.0,
  "summary_bg_p95": 1133.1443603515575,
  "summary_bg_stdv": 1126.2254638671875,
  "summary_fg_k": 3.13442394417842,
  "summary_fg_mad": 4238.27197265625,
  "summary_fg_mean": 26695.28515625,
  "summary_fg_median": 26762.908203125,
  "summary_fg_n": 40480.0,
  "summary_fg_p05": 19219.06123046875,
  "summary_fg_p95": 33942.60878906249,
  "summary_fg_stdv": 5013.80712890625,
  "tsnr": 66.48521423339844
}