{
  "aor": 0.007087562499999998,
  "aqi": 0.006619086875000001,
  "bids_meta": {
    "AcquisitionNumber": 3,
    "BidsifyVersion": "0.3.5",
    "ConversionSoftware": "dcm2niix",
    "ConversionSoftwareVersion": "v1.0.20181125  GCC6.3.0",
    "EchoTime": 0.02763,
    "FlipAngle": 76.1,
    "ImageComments": "PIOP2",
    "ImageOrientationPatientDICOM": [
      0.999394,
      0.0134046,
      -0.0321234,
      -0.0160487,
      0.996377,
      -0.0835207
    ],
    "Manufacturer": "Philips",
    "NumberOfVolumesDiscardedByScanner": 2,
    "ParallelAcquisitionTechnique": "SENSE",
    "ParallelReductionFactorInPlane": 2,
    "PatientPosition": "HFS",
    "PhaseEncodingDirection": "j",
    "PhilipsRescaleIntercept": 0,
    "PhilipsRescaleSlope": 0.78632,
    "PhilipsScaleSlope": 0.0554815,
    "ProtocolName": "WIPtask-wm_boldSENSE",
    "PulseSequenceType": "gradient echo EPI",
    "ReconMatrixPE": 80,
    "RepetitionTime": 2,
    "SeriesDescription": "ImageMRSERIES",
    "SeriesNumber": 3,
    "SliceEncodingDirection": "k",
    "TaskName": "workingmemory",
    "UsePhilipsFloatNotDisplayScaling": 1,
    "WaterFatShift": 12,
    "acq_id": "seq",
    "dataset": "unknown",
    "modality": "bold",
    "subject_id": "0024",
    "task_id": "workingmemory"
  },
  "dummy_trs": 0,
  "dvars_nstd": 17.065302531194963,
  "dvars_std": 1.1892926853459118,
  "dvars_vstd": 1.0253869042767296,
  "efc": 0.4097865798725763,
  "fber": 84947584.0,
  "fd_mean": 0.12507306559400952,
  "fd_num": 11,
  "fd_perc": 6.875,
  "fwhm_avg": 2.554434960548187,
  "fwhm_x": 2.4451533333333333,
  "fwhm_y": 2.9233,
  "fwhm_z": 2.294851548311227,
  "gcor": 0.0181391,
  "gsr_x": -0.0014488159213215113,
  "gsr_y": 0.0038448285777121782,
  "provenance": {
    "md5sum": "51de12df1cdeab9f720e9ec67b0d3295",
    "settings": {
      "fd_thres": 0.2,
      "hmc_fsl": false
    },
    "software": "mriqc",
    "version": "0.15.0",
    "webapi_port": null,
    "webapi_url": "https://mriqc.nimh.nih.gov/api/v1"
  },
  "size_t": 160,
  "size_x": 80,
  "size_y": 80,
  "size_z": 36,
  "snr": 5.325514180658807,
  "spacing_tr": 2.0,
  "spacing_x": 3.0,
  "spacing_y": 3.0,
  "spacing_z": 3.299999952316284,
  "spikes_num": 4,
  "summary_bg_k": 112.65810069865154,
  "summary_bg_mad": 4.08394193649292,
  "summary_bg_mean": 222.32322692871094,
  "summary_bg_median": 2.7674920558929443,
  "summary_bg_n": 148212.0,
  "summary_bg_p05": 0.0,
  "summary_bg_p95": 1133.317333984375,
  "summary_bg_stdv": 1149.096923828125,
  "summary_fg_k": 3.0239183507645757,
  "summary_fg_mad": 4355.1181640625,
  "summary_fg_mean": 27022.21484375,
  "summary_fg_median": 27105.490234375,
  "summary_fg_n": 41537.0,
  "summary_fg_p05": 19319.4109375,
  "summary_fg_p95": 34409.06484375,
  "summary_fg_stdv": 5089.68017578125,
  "tsnr": 69.96198272705078
}