{
  "bids_meta": {
    "AcquisitionNumber": 2,
    "BidsifyVersion": "0.3.5",
    "ConversionSoftware": "dcm2niix",
    "ConversionSoftwareVersion": "v1.0.20181125  GCC6.3.0",
    "EchoTime": 0.00383,
    "ImageComments": "PIOP2",
    "ImageOrientationPatientDICOM": [
      0.999762,
      0.0127611,
      -0.0176936,
      -0.00855029,
      0.975384,
      0.220346
    ],
    "Manufacturer": "Philips",
    "NumberSignalAcquisitions": 2,
    "PatientPosition": "HFS",
    "PhilipsRescaleIntercept": 0,
    "PhilipsRescaleSlope": 8.6398,
    "PhilipsScaleSlope": 0.00720753,
    "ProtocolName": "WIPT1anat_acq-6m_T1wSENSE",
    "ReconMatrixPE": 240,
    "RepetitionTime": 0.008334,
    "SeriesDescription": "ImageMRSERIES",
    "SeriesNumber": 2,
    "UsePhilipsFloatNotDisplayScaling": 1,
    "dataset": "unknown",
    "modality": "T1w",
    "subject_id": "0130"
  },
  "cjv": 0.25433598118957657,
  "cnr": 4.5198867231657145,
  "efc": 0.7394893208048801,
  "fber": 1797.97265625,
  "fwhm_avg": 4.445176848145933,
  "fwhm_x": 4.20138,
  "fwhm_y": 4.429390264012233,
  "fwhm_z": 4.704760280425566,
  "icvs_csf": 0.2629564567790901,
  "icvs_gm": 0.3952187465957924,
  "icvs_wm": 0.34182479662511756,
  "inu_med": 1.6476492881774902,
  "inu_range": 0.25973350405693063,
  "provenance": {
    "md5sum": "278b24161097853c485c92f06df8fc85",
    "settings": {
      "testing": false
    },
    "software": "mriqc",
    "version": "0.15.0",
    "warnings": {
      "large_rot_frame": true,
      "small_air_mask": true
    },
    "webapi_port": null,
    "webapi_url": "https://mriqc.nimh.nih.gov/api/v1"
  },
  "qi_1": 0.0,
  "qi_2": 4.854850792841587e-05,
  "rpve_csf": 27.43838780308372,
  "rpve_gm": 17.474735071676626,
  "rpve_wm": 26.16134278081078,
  "size_x": 240,
  "size_y": 240,
  "size_z": 220,
  "snr_csf": 2.2875200416895574,
  "snr_gm": 9.33117221708338,
  "snr_total": 12.858882556332263,
  "snr_wm": 26.957955410223853,
  "snrd_csf": 21.121632237032767,
  "snrd_gm": 59.05394875351635,
  "snrd_total": 58.011002466926534,
  "snrd_wm": 93.85742641023049,
  "spacing_x": 1.0,
  "spacing_y": 0.9999999403953552,
  "spacing_z": 0.9999999403953552,
  "summary_bg_k": 108.19370393106142,
  "summary_bg_mad": 6.980086326599121,
  "summary_bg_mean": 11.447622299194336,
  "summary_bg_median": 4.861194610595703,
  "summary_bg_n": 172592.0,
  "summary_bg_p05": 0.0,
  "summary_bg_p95": 24.44282474517822,
  "summary_bg_stdv": 28.427719116210938,
  "summary_csf_k": -0.4038664261311964,
  "summary_csf_mad": 108.7650375366211,
  "summary_csf_mean": 238.13218688964844,
  "summary_csf_median": 225.03836059570312,
  "summary_csf_n": 15390.0,
  "summary_csf_p05": 98.37100257873536,
  "summary_csf_p95": 407.3253494262693,
  "summary_csf_stdv": 98.37336730957031,
  "summary_gm_k": 0.6428589483068801,
  "summary_gm_mad": 63.48621368408203,
  "summary_gm_mean": 632.8943481445312,
  "summary_gm_median": 629.1845092773438,
  "summary_gm_n": 24131.0,
  "summary_gm_p05": 529.6408996582031,
  "summary_gm_p95": 752.061767578125,
  "summary_gm_stdv": 67.42684173583984,
  "summary_wm_k": 1.6411950347804964,
  "summary_wm_mad": 30.824172973632812,
  "summary_wm_mean": 995.7745971679688,
  "summary_wm_median": 999.9947509765625,
  "summary_wm_n": 164507.0,
  "summary_wm_p05": 926.0660888671874,
  "summary_wm_p95": 1048.1476806640626,
  "summary_wm_stdv": 37.0944938659668,
  "tpm_overlap_csf": 0.2236989289522171,
  "tpm_overlap_gm": 0.5005493760108948,
  "tpm_overlap_wm": 0.5826376080513,
  "wm2max": 0.8283223174794917
}