{
    "Manufacturer": "Philips",
    "PatientPosition": "HFS",
    "SeriesDescription": "ImageMRSERIES",
    "ProtocolName": "WIPB0SENSE",
    "SeriesNumber": 5,
    "AcquisitionNumber": 5,
    "ImageComments": "PIOP2",
    "PhilipsRescaleSlope": 0.04884,
    "PhilipsRescaleIntercept": -100,
    "PhilipsScaleSlope": 20.475,
    "UsePhilipsFloatNotDisplayScaling": 1,
    "EchoTime": 0.00302,
    "RepetitionTime": 0.010789,
    "ReconMatrixPE": 128,
    "ImageOrientationPatientDICOM": [
        0.999385,
        -0.024407,
        -0.0251599,
        0.0225047,
        0.997056,
        -0.073301
    ],
    "ConversionSoftware": "dcm2niix",
    "ConversionSoftwareVersion": "v1.0.20181125  GCC6.3.0",
    "BidsifyVersion": "0.3.5",
    "id": "thisisnotanid",
    "EchoTime1": 0.003,
    "EchoTime2": 0.008,
    "WaterFatShift": 1.134,
    "FlipAngle": 8,
    "IntendedFor": [
        "func/sub-0163_task-stopsignal_acq-seq_bold.nii.gz",
        "func/sub-0163_task-emomatching_acq-seq_bold.nii.gz",
        "func/sub-0163_task-restingstate_acq-seq_bold.nii.gz",
        "func/sub-0163_task-workingmemory_acq-seq_bold.nii.gz"
    ]
}