{
  "aor": 0.0022914375,
  "aqi": 0.0040372614375,
  "bids_meta": {
    "AcquisitionNumber": 3,
    "BidsifyVersion": "0.3.5",
    "ConversionSoftware": "dcm2niix",
    "ConversionSoftwareVersion": "v1.0.20181125  GCC6.3.0",
    "EchoTime": 0.02763,
    "EffectiveEchoSpacing": 0.0006909035636805814,
    "FlipAngle": 76.1,
    "ImageComments": "PIOP2",
    "ImageOrientationPatientDICOM": [
      0.998419,
      0.0512453,
      -0.0230854,
      -0.0524997,
      0.996966,
      -0.0574765
    ],
    "Manufacturer": "Philips",
    "NumberOfVolumesDiscardedByScanner": 2,
    "ParallelAcquisitionTechnique": "SENSE",
    "ParallelReductionFactorInPlane": 2,
    "PatientPosition": "HFS",
    "PhaseEncodingDirection": "j",
    "PhilipsRescaleIntercept": 0,
    "PhilipsRescaleSlope": 0.77582,
    "PhilipsScaleSlope": 0.0527256,
    "ProtocolName": "WIPtask-wm_boldSENSE",
    "PulseSequenceType": "gradient echo EPI",
    "ReconMatrixPE": 80,
    "RepetitionTime": 2,
    "SeriesDescription": "ImageMRSERIES",
    "SeriesNumber": 3,
    "SliceEncodingDirection": "k",
    "SliceTiming": [
      0.0,
      0.0556,
      0.1111,
      0.1667,
      0.2222,
      0.2778,
      0.3333,
      0.3889,
      0.4444,
      0.5,
      0.5556,
      0.6111,
      0.6667,
      0.7222,
      0.7778,
      0.8333,
      0.8889,
      0.9444,
      1.0,
      1.0556,
      1.1111,
      1.1667,
      1.2222,
      1.2778,
      1.3333,
      1.3889,
      1.4444,
      1.5,
      1.5556,
      1.6111,
      1.6667,
      1.7222,
      1.7778,
      1.8333,
      1.8889,
      1.9444
    ],
    "TaskName": "workingmemory",
    "TotalReadoutTime": 0.026945238983542674,
    "UsePhilipsFloatNotDisplayScaling": 1,
    "WaterFatShift": 12,
    "acq_id": "seq",
    "dataset": "unknown",
    "modality": "bold",
    "subject_id": "0075",
    "task_id": "workingmemory"
  },
  "dummy_trs": 0,
  "dvars_nstd": 18.229255778490558,
  "dvars_std": 1.1600617700628932,
  "dvars_vstd": 0.9854855324528311,
  "efc": 0.3987002184297184,
  "fber": 515214880.0,
  "fd_mean": 0.13072290364075823,
  "fd_num": 13,
  "fd_perc": 8.125,
  "fwhm_avg": 2.647261122773392,
  "fwhm_x": 2.5679633333333336,
  "fwhm_y": 2.95252,
  "fwhm_z": 2.421300034986843,
  "gcor": 0.0160779,
  "gsr_x": -0.0033081972505897284,
  "gsr_y": 0.001931986422277987,
  "provenance": {
    "md5sum": "18f19c1716323739c0f9f4030f218699",
    "settings": {
      "fd_thres": 0.2,
      "hmc_fsl": false
    },
    "software": "mriqc",
    "version": "0.15.0",
    "webapi_port": null,
    "webapi_url": "https://mriqc.nimh.nih.gov/api/v1"
  },
  "size_t": 160,
  "size_x": 80,
  "size_y": 80,
  "size_z": 36,
  "snr": 4.882959678277229,
  "spacing_tr": 2.0,
  "spacing_x": 3.0,
  "spacing_y": 3.0,
  "spacing_z": 3.299999952316284,
  "spikes_num": 0,
  "summary_bg_k": 98.43249709638624,
  "summary_bg_mad": 1.5490500926971436,
  "summary_bg_mean": 203.6583251953125,
  "summary_bg_median": 1.0536847114562988,
  "summary_bg_n": 150472.0,
  "summary_bg_p05": 0.0029786784201860424,
  "summary_bg_p95": 1102.2435302734361,
  "summary_bg_stdv": 1121.19580078125,
  "summary_fg_k": 2.663067692473682,
  "summary_fg_mad": 4426.37255859375,
  "summary_fg_mean": 26577.689453125,
  "summary_fg_median": 26592.712890625,
  "summary_fg_n": 39547.0,
  "summary_fg_p05": 17966.404296875,
  "summary_fg_p95": 34719.233203125,
  "summary_fg_stdv": 5445.95458984375,
  "tsnr": 82.01876831054688
}