{
  "aor": 0.011583256880733942,
  "aqi": 0.029403980275229353,
  "bids_meta": {
    "AcquisitionNumber": 7,
    "BidsifyVersion": "0.3.5",
    "ConversionSoftware": "dcm2niix",
    "ConversionSoftwareVersion": "v1.0.20181125  GCC6.3.0",
    "EchoTime": 0.02763,
    "FlipAngle": 76.1,
    "ImageComments": "PIOP2",
    "ImageOrientationPatientDICOM": [
      0.998382,
      0.0568565,
      -0.000621234,
      -0.0566922,
      0.99454,
      -0.0876092
    ],
    "Manufacturer": "Philips",
    "NumberOfVolumesDiscardedByScanner": 2,
    "ParallelAcquisitionTechnique": "SENSE",
    "ParallelReductionFactorInPlane": 2,
    "PatientPosition": "HFS",
    "PhaseEncodingDirection": "j",
    "PhilipsRescaleIntercept": 0,
    "PhilipsRescaleSlope": 0.78071,
    "PhilipsScaleSlope": 0.0470669,
    "ProtocolName": "WIPtask-stop_boldSENSE",
    "PulseSequenceType": "gradient echo EPI",
    "ReconMatrixPE": 80,
    "RepetitionTime": 2,
    "SeriesDescription": "ImageMRSERIES",
    "SeriesNumber": 7,
    "SliceEncodingDirection": "k",
    "TaskName": "stopsignal",
    "UsePhilipsFloatNotDisplayScaling": 1,
    "WaterFatShift": 12,
    "acq_id": "seq",
    "dataset": "unknown",
    "modality": "bold",
    "subject_id": "0176",
    "task_id": "stopsignal"
  },
  "dummy_trs": 0,
  "dvars_nstd": 28.782974924331803,
  "dvars_std": 0.9527878527188947,
  "dvars_vstd": 0.953053134930876,
  "efc": 0.4231917446651954,
  "fber": 5875616.5,
  "fd_mean": 0.40912632905657276,
  "fd_num": 103,
  "fd_perc": 47.24770642201835,
  "fwhm_avg": 2.6554353652475955,
  "fwhm_x": 2.5762533333333333,
  "fwhm_y": 2.95838,
  "fwhm_z": 2.4316727624094527,
  "gcor": 0.0310195,
  "gsr_x": 0.00019346475892234594,
  "gsr_y": 0.004388102330267429,
  "provenance": {
    "md5sum": "99743dab05345bdabac204ac73f85a85",
    "settings": {
      "fd_thres": 0.2,
      "hmc_fsl": false
    },
    "software": "mriqc",
    "version": "0.15.0",
    "webapi_port": null,
    "webapi_url": "https://mriqc.nimh.nih.gov/api/v1"
  },
  "size_t": 218,
  "size_x": 80,
  "size_y": 80,
  "size_z": 36,
  "snr": 4.639063633386028,
  "spacing_tr": 2.0,
  "spacing_x": 3.0,
  "spacing_y": 3.0,
  "spacing_z": 3.299999952316284,
  "spikes_num": 15,
  "summary_bg_k": 97.36111242099417,
  "summary_bg_mad": 14.899575233459473,
  "summary_bg_mean": 263.2581481933594,
  "summary_bg_median": 10.865636825561523,
  "summary_bg_n": 145334.0,
  "summary_bg_p05": 0.2748328134417534,
  "summary_bg_p95": 1209.1015136718788,
  "summary_bg_stdv": 1334.1422119140625,
  "summary_fg_k": 1.6141523781011928,
  "summary_fg_mad": 5259.6533203125,
  "summary_fg_mean": 28475.869140625,
  "summary_fg_median": 28130.046875,
  "summary_fg_n": 43793.0,
  "summary_fg_p05": 19146.74375,
  "summary_fg_p95": 38298.86875,
  "summary_fg_stdv": 6063.66455078125,
  "tsnr": 27.232959747314453
}