{
  "aor": 0.003971012145748988,
  "aqi": 0.013802538906882595,
  "bids_meta": {
    "AcquisitionNumber": 7,
    "BidsifyVersion": "0.3.5",
    "ConversionSoftware": "dcm2niix",
    "ConversionSoftwareVersion": "v1.0.20181125  GCC6.3.0",
    "EchoTime": 0.02763,
    "EffectiveEchoSpacing": 0.0006909035636805814,
    "FlipAngle": 76.1,
    "ImageComments": "PIOP2",
    "ImageOrientationPatientDICOM": [
      0.997505,
      0.0590846,
      -0.0386376,
      -0.0622334,
      0.994338,
      -0.086134
    ],
    "Manufacturer": "Philips",
    "NumberOfVolumesDiscardedByScanner": 2,
    "ParallelAcquisitionTechnique": "SENSE",
    "ParallelReductionFactorInPlane": 2,
    "PatientPosition": "HFS",
    "PhaseEncodingDirection": "j",
    "PhilipsRescaleIntercept": 0,
    "PhilipsRescaleSlope": 0.75165,
    "PhilipsScaleSlope": 0.0528621,
    "ProtocolName": "WIPtask-stop_boldSENSE",
    "PulseSequenceType": "gradient echo EPI",
    "ReconMatrixPE": 80,
    "RepetitionTime": 2,
    "SeriesDescription": "ImageMRSERIES",
    "SeriesNumber": 7,
    "SliceEncodingDirection": "k",
    "SliceTiming": [
      0.0,
      0.0556,
      0.1111,
      0.1667,
      0.2222,
      0.2778,
      0.3333,
      0.3889,
      0.4444,
      0.5,
      0.5556,
      0.6111,
      0.6667,
      0.7222,
      0.7778,
      0.8333,
      0.8889,
      0.9444,
      1.0,
      1.0556,
      1.1111,
      1.1667,
      1.2222,
      1.2778,
      1.3333,
      1.3889,
      1.4444,
      1.5,
      1.5556,
      1.6111,
      1.6667,
      1.7222,
      1.7778,
      1.8333,
      1.8889,
      1.9444
    ],
    "TaskName": "stopsignal",
    "TotalReadoutTime": 0.026945238983542674,
    "UsePhilipsFloatNotDisplayScaling": 1,
    "WaterFatShift": 12,
    "acq_id": "seq",
    "dataset": "unknown",
    "modality": "bold",
    "subject_id": "0057",
    "task_id": "stopsignal"
  },
  "dummy_trs": 0,
  "dvars_nstd": 31.96505983853658,
  "dvars_std": 1.213687537601626,
  "dvars_vstd": 1.0315949372764228,
  "efc": 0.4118398981162974,
  "fber": 41761788.0,
  "fd_mean": 0.3071806768735409,
  "fd_num": 114,
  "fd_perc": 46.15384615384615,
  "fwhm_avg": 2.4768175866707542,
  "fwhm_x": 2.4172933333333333,
  "fwhm_y": 2.747386666666667,
  "fwhm_z": 2.265772760012262,
  "gcor": 0.0756135,
  "gsr_x": -0.003671975340694189,
  "gsr_y": 0.00428720423951745,
  "provenance": {
    "md5sum": "e0fd26e4905b541a8b275d435b48e09e",
    "settings": {
      "fd_thres": 0.2,
      "hmc_fsl": false
    },
    "software": "mriqc",
    "version": "0.15.0",
    "webapi_port": null,
    "webapi_url": "https://mriqc.nimh.nih.gov/api/v1"
  },
  "size_t": 247,
  "size_x": 80,
  "size_y": 80,
  "size_z": 36,
  "snr": 4.550618385849642,
  "spacing_tr": 2.0,
  "spacing_x": 3.0,
  "spacing_y": 3.0,
  "spacing_z": 3.299999952316284,
  "spikes_num": 3,
  "summary_bg_k": 49.31614726271027,
  "summary_bg_mad": 5.330917835235596,
  "summary_bg_mean": 315.381591796875,
  "summary_bg_median": 3.696413040161133,
  "summary_bg_n": 148921.0,
  "summary_bg_p05": 0.03489036113023758,
  "summary_bg_p95": 1248.323486328125,
  "summary_bg_stdv": 1545.9766845703125,
  "summary_fg_k": 2.0572771239413408,
  "summary_fg_mad": 4651.70947265625,
  "summary_fg_mean": 26378.51953125,
  "summary_fg_median": 25833.23046875,
  "summary_fg_n": 41398.0,
  "summary_fg_p05": 18388.11513671875,
  "summary_fg_p95": 36179.9982421875,
  "summary_fg_stdv": 5676.79296875,
  "tsnr": 41.51132583618164
}