{
  "aor": 0.0016427499999999997,
  "aqi": 0.004412817937499999,
  "bids_meta": {
    "AcquisitionNumber": 3,
    "BidsifyVersion": "0.3.5",
    "ConversionSoftware": "dcm2niix",
    "ConversionSoftwareVersion": "v1.0.20181125  GCC6.3.0",
    "EchoTime": 0.02763,
    "EffectiveEchoSpacing": 0.0006909035636805814,
    "FlipAngle": 76.1,
    "ImageComments": "PIOP2",
    "ImageOrientationPatientDICOM": [
      0.997505,
      0.0590846,
      -0.0386376,
      -0.0622334,
      0.994338,
      -0.086134
    ],
    "Manufacturer": "Philips",
    "NumberOfVolumesDiscardedByScanner": 2,
    "ParallelAcquisitionTechnique": "SENSE",
    "ParallelReductionFactorInPlane": 2,
    "PatientPosition": "HFS",
    "PhaseEncodingDirection": "j",
    "PhilipsRescaleIntercept": 0,
    "PhilipsRescaleSlope": 0.74359,
    "PhilipsScaleSlope": 0.0509824,
    "ProtocolName": "WIPtask-wm_boldSENSE",
    "PulseSequenceType": "gradient echo EPI",
    "ReconMatrixPE": 80,
    "RepetitionTime": 2,
    "SeriesDescription": "ImageMRSERIES",
    "SeriesNumber": 3,
    "SliceEncodingDirection": "k",
    "SliceTiming": [
      0.0,
      0.0556,
      0.1111,
      0.1667,
      0.2222,
      0.2778,
      0.3333,
      0.3889,
      0.4444,
      0.5,
      0.5556,
      0.6111,
      0.6667,
      0.7222,
      0.7778,
      0.8333,
      0.8889,
      0.9444,
      1.0,
      1.0556,
      1.1111,
      1.1667,
      1.2222,
      1.2778,
      1.3333,
      1.3889,
      1.4444,
      1.5,
      1.5556,
      1.6111,
      1.6667,
      1.7222,
      1.7778,
      1.8333,
      1.8889,
      1.9444
    ],
    "TaskName": "workingmemory",
    "TotalReadoutTime": 0.026945238983542674,
    "UsePhilipsFloatNotDisplayScaling": 1,
    "WaterFatShift": 12,
    "acq_id": "seq",
    "dataset": "unknown",
    "modality": "bold",
    "subject_id": "0057",
    "task_id": "workingmemory"
  },
  "dummy_trs": 0,
  "dvars_nstd": 20.45155604962264,
  "dvars_std": 1.2180393801886786,
  "dvars_vstd": 0.9751047605031449,
  "efc": 0.41180216586538465,
  "fber": 626287424.0,
  "fd_mean": 0.11838518459189472,
  "fd_num": 10,
  "fd_perc": 6.25,
  "fwhm_avg": 2.4882202130754094,
  "fwhm_x": 2.4218566666666668,
  "fwhm_y": 2.7475433333333332,
  "fwhm_z": 2.295260639226229,
  "gcor": 0.0208534,
  "gsr_x": -0.003803122788667679,
  "gsr_y": 0.004263247828930616,
  "provenance": {
    "md5sum": "5d63bab9cd8c6cea696feaab3d2951ef",
    "settings": {
      "fd_thres": 0.2,
      "hmc_fsl": false
    },
    "software": "mriqc",
    "version": "0.15.0",
    "webapi_port": null,
    "webapi_url": "https://mriqc.nimh.nih.gov/api/v1"
  },
  "size_t": 160,
  "size_x": 80,
  "size_y": 80,
  "size_z": 36,
  "snr": 4.4016397156844045,
  "spacing_tr": 2.0,
  "spacing_x": 3.0,
  "spacing_y": 3.0,
  "spacing_z": 3.299999952316284,
  "spikes_num": 1,
  "summary_bg_k": 47.662271155168256,
  "summary_bg_mad": 1.4550633430480957,
  "summary_bg_mean": 332.7745361328125,
  "summary_bg_median": 0.9966893792152405,
  "summary_bg_n": 148766.0,
  "summary_bg_p05": 0.004364384803920984,
  "summary_bg_p95": 1330.9037170410156,
  "summary_bg_stdv": 1664.27099609375,
  "summary_fg_k": 1.9394404202837547,
  "summary_fg_mad": 5083.953125,
  "summary_fg_mean": 27400.669921875,
  "summary_fg_median": 26896.73828125,
  "summary_fg_n": 41608.0,
  "summary_fg_p05": 18604.6845703125,
  "summary_fg_p95": 37850.06445312501,
  "summary_fg_stdv": 6110.54443359375,
  "tsnr": 72.32405090332031
}