{
  "aor": 0.0020880357142857146,
  "aqi": 0.0018088193303571426,
  "bids_meta": {
    "AcquisitionNumber": 7,
    "BidsifyVersion": "0.3.5",
    "ConversionSoftware": "dcm2niix",
    "ConversionSoftwareVersion": "v1.0.20181125  GCC6.3.0",
    "EchoTime": 0.02763,
    "FlipAngle": 76.1,
    "ImageComments": "PIOP2",
    "ImageOrientationPatientDICOM": [
      0.996127,
      0.0852541,
      0.0215149,
      -0.0803215,
      0.981851,
      -0.171807
    ],
    "Manufacturer": "Philips",
    "NumberOfVolumesDiscardedByScanner": 2,
    "ParallelAcquisitionTechnique": "SENSE",
    "ParallelReductionFactorInPlane": 2,
    "PatientPosition": "HFS",
    "PhaseEncodingDirection": "j",
    "PhilipsRescaleIntercept": 0,
    "PhilipsRescaleSlope": 0.79976,
    "PhilipsScaleSlope": 0.053325,
    "ProtocolName": "WIPtask-stop_boldSENSE",
    "PulseSequenceType": "gradient echo EPI",
    "ReconMatrixPE": 80,
    "RepetitionTime": 2,
    "SeriesDescription": "ImageMRSERIES",
    "SeriesNumber": 7,
    "SliceEncodingDirection": "k",
    "TaskName": "stopsignal",
    "UsePhilipsFloatNotDisplayScaling": 1,
    "WaterFatShift": 12,
    "acq_id": "seq",
    "dataset": "unknown",
    "modality": "bold",
    "subject_id": "0174",
    "task_id": "stopsignal"
  },
  "dummy_trs": 0,
  "dvars_nstd": 17.128020928116605,
  "dvars_std": 1.2288526516143494,
  "dvars_vstd": 1.0355004678475337,
  "efc": 0.38774270685678974,
  "fber": 2434048512.0,
  "fd_mean": 0.08965883452522835,
  "fd_num": 2,
  "fd_perc": 0.8928571428571429,
  "fwhm_avg": 2.6359660721602176,
  "fwhm_x": 2.563213333333333,
  "fwhm_y": 2.9458333333333333,
  "fwhm_z": 2.398851549813987,
  "gcor": 0.0158787,
  "gsr_x": -0.009128602221608162,
  "gsr_y": 0.004815565422177315,
  "provenance": {
    "md5sum": "a2237680fc49e7e05c53c2df3318642a",
    "settings": {
      "fd_thres": 0.2,
      "hmc_fsl": false
    },
    "software": "mriqc",
    "version": "0.15.0",
    "webapi_port": null,
    "webapi_url": "https://mriqc.nimh.nih.gov/api/v1"
  },
  "size_t": 224,
  "size_x": 80,
  "size_y": 80,
  "size_z": 36,
  "snr": 4.509476011393628,
  "spacing_tr": 2.0,
  "spacing_x": 3.0,
  "spacing_y": 3.0,
  "spacing_z": 3.299999952316284,
  "spikes_num": 2,
  "summary_bg_k": 117.05415987844917,
  "summary_bg_mad": 0.6487627029418945,
  "summary_bg_mean": 162.33856201171875,
  "summary_bg_median": 0.4375837743282318,
  "summary_bg_n": 151888.0,
  "summary_bg_p05": 0.0,
  "summary_bg_p95": 766.9368530273433,
  "summary_bg_stdv": 965.454833984375,
  "summary_fg_k": 1.2094149250097912,
  "summary_fg_mad": 4770.220703125,
  "summary_fg_mean": 24295.06640625,
  "summary_fg_median": 24196.001953125,
  "summary_fg_n": 38293.0,
  "summary_fg_p05": 15643.7177734375,
  "summary_fg_p95": 33048.520312500004,
  "summary_fg_stdv": 5365.5205078125,
  "tsnr": 100.78852844238281
}