{
  "bids_meta": {
    "AcquisitionNumber": 2,
    "BidsifyVersion": "0.3.5",
    "ConversionSoftware": "dcm2niix",
    "ConversionSoftwareVersion": "v1.0.20181125  GCC6.3.0",
    "EchoTime": 0.00383,
    "ImageComments": "PIOP2",
    "ImageOrientationPatientDICOM": [
      0.999875,
      -0.013873,
      0.00755787,
      0.0151836,
      0.976009,
      -0.217202
    ],
    "Manufacturer": "Philips",
    "NumberSignalAcquisitions": 2,
    "PatientPosition": "HFS",
    "PhilipsRescaleIntercept": 0,
    "PhilipsRescaleSlope": 8.54701,
    "PhilipsScaleSlope": 0.00750017,
    "ProtocolName": "WIPT1anat_acq-6m_T1wSENSE",
    "ReconMatrixPE": 240,
    "RepetitionTime": 0.008326,
    "SeriesDescription": "ImageMRSERIES",
    "SeriesNumber": 2,
    "UsePhilipsFloatNotDisplayScaling": 1,
    "dataset": "unknown",
    "modality": "T1w",
    "subject_id": "0169"
  },
  "cjv": 0.28038781244478406,
  "cnr": 4.11002678995517,
  "efc": 0.765969026901162,
  "fber": 1204.8116455078125,
  "fwhm_avg": 4.57140018690627,
  "fwhm_x": 4.3069,
  "fwhm_y": 4.619050275316851,
  "fwhm_z": 4.788250285401957,
  "icvs_csf": 0.2546259226029202,
  "icvs_gm": 0.3846371224844481,
  "icvs_wm": 0.3607369549126317,
  "inu_med": 0.6122913360595703,
  "inu_range": 0.21357320547103864,
  "provenance": {
    "md5sum": "00ea8da8e1b5107f2c6c4cd624b3775e",
    "settings": {
      "testing": false
    },
    "software": "mriqc",
    "version": "0.15.0",
    "warnings": {
      "large_rot_frame": true,
      "small_air_mask": true
    },
    "webapi_port": null,
    "webapi_url": "https://mriqc.nimh.nih.gov/api/v1"
  },
  "qi_1": 0.0,
  "qi_2": 0.0003378951649579778,
  "rpve_csf": 25.347592298422988,
  "rpve_gm": 16.074827769491037,
  "rpve_wm": 22.519553282225086,
  "size_x": 240,
  "size_y": 240,
  "size_z": 220,
  "snr_csf": 2.7595739282607976,
  "snr_gm": 8.995658475136471,
  "snr_total": 12.110027046534801,
  "snr_wm": 24.574848736207134,
  "snrd_csf": 19.535875296636878,
  "snrd_gm": 38.69129693180957,
  "snrd_total": 39.09151040246292,
  "snrd_wm": 59.04735897894234,
  "spacing_x": 1.0,
  "spacing_y": 0.9999999403953552,
  "spacing_z": 0.9999999403953552,
  "summary_bg_k": 74.15307267417433,
  "summary_bg_mad": 11.095172882080078,
  "summary_bg_mean": 10.938994407653809,
  "summary_bg_median": 7.69122838973999,
  "summary_bg_n": 99370.0,
  "summary_bg_p05": 0.0,
  "summary_bg_p95": 23.059458827972414,
  "summary_bg_stdv": 8.606010437011719,
  "summary_csf_k": 0.15298429522082335,
  "summary_csf_mad": 129.9217529296875,
  "summary_csf_mean": 318.49591064453125,
  "summary_csf_median": 330.8531188964844,
  "summary_csf_n": 13327.0,
  "summary_csf_p05": 108.79207458496094,
  "summary_csf_p95": 492.33043518066404,
  "summary_csf_stdv": 119.8883285522461,
  "summary_gm_k": 0.6660946592060699,
  "summary_gm_mad": 62.60573959350586,
  "summary_gm_mean": 660.2232666015625,
  "summary_gm_median": 655.2630004882812,
  "summary_gm_n": 20077.0,
  "summary_gm_p05": 547.6960327148438,
  "summary_gm_p95": 793.8503662109376,
  "summary_gm_stdv": 72.84032440185547,
  "summary_wm_k": 1.9854159593770184,
  "summary_wm_mad": 34.05614471435547,
  "summary_wm_mean": 997.72021484375,
  "summary_wm_median": 1000.0065307617188,
  "summary_wm_n": 197284.0,
  "summary_wm_p05": 926.040771484375,
  "summary_wm_p95": 1057.8724853515625,
  "summary_wm_stdv": 40.69217300415039,
  "tpm_overlap_csf": 0.2044118046760559,
  "tpm_overlap_gm": 0.4879054129123688,
  "tpm_overlap_wm": 0.5787393450737,
  "wm2max": 0.578406217910051
}