{
  "aor": 0.001580916666666667,
  "aqi": 0.003973935375,
  "bids_meta": {
    "AcquisitionNumber": 4,
    "BidsifyVersion": "0.3.5",
    "ConversionSoftware": "dcm2niix",
    "ConversionSoftwareVersion": "v1.0.20181125  GCC6.3.0",
    "EchoTime": 0.02763,
    "FlipAngle": 76.1,
    "ImageComments": "PIOP2",
    "ImageOrientationPatientDICOM": [
      0.999614,
      0.00790766,
      -0.0266348,
      -0.0122132,
      0.986118,
      -0.165595
    ],
    "Manufacturer": "Philips",
    "NumberOfVolumesDiscardedByScanner": 2,
    "ParallelAcquisitionTechnique": "SENSE",
    "ParallelReductionFactorInPlane": 2,
    "PatientPosition": "HFS",
    "PhaseEncodingDirection": "j",
    "PhilipsRescaleIntercept": 0,
    "PhilipsRescaleSlope": 0.78803,
    "PhilipsScaleSlope": 0.0518232,
    "ProtocolName": "WIPtask-rest_boldSENSE",
    "PulseSequenceType": "gradient echo EPI",
    "ReconMatrixPE": 80,
    "RepetitionTime": 2,
    "SeriesDescription": "ImageMRSERIES",
    "SeriesNumber": 4,
    "SliceEncodingDirection": "k",
    "TaskName": "restingstate",
    "UsePhilipsFloatNotDisplayScaling": 1,
    "WaterFatShift": 12,
    "acq_id": "seq",
    "dataset": "unknown",
    "modality": "bold",
    "subject_id": "0210",
    "task_id": "restingstate"
  },
  "dummy_trs": 0,
  "dvars_nstd": 20.66440809297071,
  "dvars_std": 1.3330941977824275,
  "dvars_vstd": 1.1610802420083683,
  "efc": 0.38926843266635075,
  "fber": 2523966208.0,
  "fd_mean": 0.10872913121595702,
  "fd_num": 11,
  "fd_perc": 4.583333333333333,
  "fwhm_avg": 2.5871575873102297,
  "fwhm_x": 2.5439000000000003,
  "fwhm_y": 2.8190333333333335,
  "fwhm_z": 2.3985394285973554,
  "gcor": 0.0456903,
  "gsr_x": -0.0034021767787635326,
  "gsr_y": 0.0009126319782808423,
  "provenance": {
    "md5sum": "b9dec518b5d61a95827fc24b3c19ec6e",
    "settings": {
      "fd_thres": 0.2,
      "hmc_fsl": false
    },
    "software": "mriqc",
    "version": "0.15.0",
    "webapi_port": null,
    "webapi_url": "https://mriqc.nimh.nih.gov/api/v1"
  },
  "size_t": 240,
  "size_x": 80,
  "size_y": 80,
  "size_z": 36,
  "snr": 5.101289002232189,
  "spacing_tr": 2.0,
  "spacing_x": 3.0,
  "spacing_y": 3.0,
  "spacing_z": 3.299999952316284,
  "spikes_num": 3,
  "summary_bg_k": 122.3402146515654,
  "summary_bg_mad": 0.710128903388977,
  "summary_bg_mean": 183.213134765625,
  "summary_bg_median": 0.4789746403694153,
  "summary_bg_n": 152102.0,
  "summary_bg_p05": 0.0,
  "summary_bg_p95": 919.4296234130856,
  "summary_bg_stdv": 1096.9722900390625,
  "summary_fg_k": 3.0782262699482503,
  "summary_fg_mad": 4256.36572265625,
  "summary_fg_mean": 27121.3828125,
  "summary_fg_median": 27149.4453125,
  "summary_fg_n": 38201.0,
  "summary_fg_p05": 18556.734375,
  "summary_fg_p95": 34792.078125,
  "summary_fg_stdv": 5322.005859375,
  "tsnr": 84.27849578857422
}