{
  "aor": 0.0010223076923076924,
  "aqi": 0.004662871945701357,
  "bids_meta": {
    "AcquisitionNumber": 7,
    "BidsifyVersion": "0.3.5",
    "ConversionSoftware": "dcm2niix",
    "ConversionSoftwareVersion": "v1.0.20181125  GCC6.3.0",
    "EchoTime": 0.02763,
    "FlipAngle": 76.1,
    "ImageComments": "PIOP2",
    "ImageOrientationPatientDICOM": [
      0.999614,
      0.00790766,
      -0.0266348,
      -0.0122132,
      0.986118,
      -0.165595
    ],
    "Manufacturer": "Philips",
    "NumberOfVolumesDiscardedByScanner": 2,
    "ParallelAcquisitionTechnique": "SENSE",
    "ParallelReductionFactorInPlane": 2,
    "PatientPosition": "HFS",
    "PhaseEncodingDirection": "j",
    "PhilipsRescaleIntercept": 0,
    "PhilipsRescaleSlope": 0.77485,
    "PhilipsScaleSlope": 0.0549391,
    "ProtocolName": "WIPtask-stop_boldSENSE",
    "PulseSequenceType": "gradient echo EPI",
    "ReconMatrixPE": 80,
    "RepetitionTime": 2,
    "SeriesDescription": "ImageMRSERIES",
    "SeriesNumber": 7,
    "SliceEncodingDirection": "k",
    "TaskName": "stopsignal",
    "UsePhilipsFloatNotDisplayScaling": 1,
    "WaterFatShift": 12,
    "acq_id": "seq",
    "dataset": "unknown",
    "modality": "bold",
    "subject_id": "0210",
    "task_id": "stopsignal"
  },
  "dummy_trs": 0,
  "dvars_nstd": 21.20814042077273,
  "dvars_std": 1.3037004196363637,
  "dvars_vstd": 0.9803537366818182,
  "efc": 0.3910128078076202,
  "fber": 2234228224.0,
  "fd_mean": 0.11636695041298763,
  "fd_num": 15,
  "fd_perc": 6.787330316742081,
  "fwhm_avg": 2.5862122338599387,
  "fwhm_x": 2.5212966666666667,
  "fwhm_y": 2.8211399999999998,
  "fwhm_z": 2.4162000349131505,
  "gcor": 0.0440642,
  "gsr_x": -0.003285127691924572,
  "gsr_y": 0.0003627590194810182,
  "provenance": {
    "md5sum": "7ddb135c247059414407c7b9d2b50c01",
    "settings": {
      "fd_thres": 0.2,
      "hmc_fsl": false
    },
    "software": "mriqc",
    "version": "0.15.0",
    "webapi_port": null,
    "webapi_url": "https://mriqc.nimh.nih.gov/api/v1"
  },
  "size_t": 221,
  "size_x": 80,
  "size_y": 80,
  "size_z": 36,
  "snr": 5.113203720886483,
  "spacing_tr": 2.0,
  "spacing_x": 3.0,
  "spacing_y": 3.0,
  "spacing_z": 3.299999952316284,
  "spikes_num": 1,
  "summary_bg_k": 116.60344218403038,
  "summary_bg_mad": 0.7614029049873352,
  "summary_bg_mean": 181.51840209960938,
  "summary_bg_median": 0.5135584473609924,
  "summary_bg_n": 151831.0,
  "summary_bg_p05": 0.0,
  "summary_bg_p95": 922.7432861328125,
  "summary_bg_stdv": 1078.6700439453125,
  "summary_fg_k": 2.939053587931273,
  "summary_fg_mad": 4183.22021484375,
  "summary_fg_mean": 26578.294921875,
  "summary_fg_median": 26663.8984375,
  "summary_fg_n": 38517.0,
  "summary_fg_p05": 17930.726953125,
  "summary_fg_p95": 34108.9484375,
  "summary_fg_stdv": 5214.64697265625,
  "tsnr": 79.81333923339844
}