{
    "Manufacturer": "Philips",
    "PatientPosition": "HFS",
    "SeriesDescription": "ImageMRSERIES",
    "ProtocolName": "WIPdwi_acq-32b1000SENSE",
    "SeriesNumber": 6,
    "AcquisitionNumber": 6,
    "ImageComments": "PIOP2",
    "PhilipsRescaleSlope": 3.96581,
    "PhilipsRescaleIntercept": 0,
    "PhilipsScaleSlope": 0.0248694,
    "UsePhilipsFloatNotDisplayScaling": 1,
    "EchoTime": 0.08599,
    "RepetitionTime": 7.38627,
    "ReconMatrixPE": 112,
    "ImageOrientationPatientDICOM": [
        0.999934,
        0.011462,
        0.00119548,
        -0.0115189,
        0.99094,
        0.133808
    ],
    "ConversionSoftware": "dcm2niix",
    "ConversionSoftwareVersion": "v1.0.20181125  GCC6.3.0",
    "BidsifyVersion": "0.3.5",
    "FlipAngle": 90,
    "WaterFatShift": 18.927,
    "ParallelAcquisitionTechnique": "SENSE",
    "ParallelReductionFactorInPlane": 2,
    "PhaseEncodingDirection": "j"
}