{
  "bids_meta": {
    "AcquisitionNumber": 2,
    "BidsifyVersion": "0.3.5",
    "ConversionSoftware": "dcm2niix",
    "ConversionSoftwareVersion": "v1.0.20181125  GCC6.3.0",
    "EchoTime": 0.00383,
    "ImageComments": "PIOP2",
    "ImageOrientationPatientDICOM": [
      0.999807,
      -0.0164641,
      0.0106743,
      0.0139609,
      0.979159,
      0.202614
    ],
    "Manufacturer": "Philips",
    "PatientPosition": "HFS",
    "PhilipsRescaleIntercept": 0,
    "PhilipsRescaleSlope": 8.34823,
    "PhilipsScaleSlope": 0.00699637,
    "ProtocolName": "WIPT1anat_acq-6m_T1wSENSE",
    "ReconMatrixPE": 240,
    "RepetitionTime": 0.008316,
    "SeriesDescription": "ImageMRSERIES",
    "SeriesNumber": 2,
    "UsePhilipsFloatNotDisplayScaling": 1,
    "acq_id": "6m",
    "dataset": "unknown",
    "modality": "T1w",
    "subject_id": "0197"
  },
  "cjv": 0.2526595868389628,
  "cnr": 4.967211086753229,
  "efc": 0.7604734993915948,
  "fber": 2000.592529296875,
  "fwhm_avg": 4.543640093562409,
  "fwhm_x": 4.2969,
  "fwhm_y": 4.62487,
  "fwhm_z": 4.70915028068723,
  "icvs_csf": 0.24562646264760882,
  "icvs_gm": 0.4112146814668416,
  "icvs_wm": 0.34315885588554956,
  "inu_med": 1.9316285848617554,
  "inu_range": 0.3789278268814087,
  "provenance": {
    "md5sum": "18e43628cfdb3a1046fcdf42f075d42f",
    "settings": {
      "testing": false
    },
    "software": "mriqc",
    "version": "0.15.0",
    "warnings": {
      "large_rot_frame": true,
      "small_air_mask": true
    },
    "webapi_port": null,
    "webapi_url": "https://mriqc.nimh.nih.gov/api/v1"
  },
  "qi_1": 0.0,
  "qi_2": 0.00040996921681048443,
  "rpve_csf": 27.302694962725077,
  "rpve_gm": 16.420720154930798,
  "rpve_wm": 24.64274193390721,
  "size_x": 240,
  "size_y": 240,
  "size_z": 220,
  "snr_csf": 2.7001257360315263,
  "snr_gm": 9.865061799901126,
  "snr_total": 11.85475121326968,
  "snr_wm": 22.999066103876388,
  "snrd_csf": 25.552702972606777,
  "snrd_gm": 56.7796488301279,
  "snrd_total": 57.99711368085021,
  "snrd_wm": 91.65898923981595,
  "spacing_x": 1.0,
  "spacing_y": 1.0,
  "spacing_z": 0.9999999403953552,
  "summary_bg_k": 259.9685824346278,
  "summary_bg_mad": 7.1474833488464355,
  "summary_bg_mean": 7.198757648468018,
  "summary_bg_median": 4.970799922943115,
  "summary_bg_n": 71647.0,
  "summary_bg_p05": 0.0,
  "summary_bg_p95": 15.109223556518554,
  "summary_bg_stdv": 5.961949348449707,
  "summary_csf_k": 13.770365312208654,
  "summary_csf_mad": 113.23270416259766,
  "summary_csf_mean": 269.58184814453125,
  "summary_csf_median": 278.7778625488281,
  "summary_csf_n": 12677.0,
  "summary_csf_p05": 108.41424865722657,
  "summary_csf_p95": 411.38737792968755,
  "summary_csf_stdv": 103.24217987060547,
  "summary_gm_k": 0.4258047105307088,
  "summary_gm_mad": 59.479461669921875,
  "summary_gm_mean": 623.9883422851562,
  "summary_gm_median": 619.4612426757812,
  "summary_gm_n": 23545.0,
  "summary_gm_p05": 529.602099609375,
  "summary_gm_p95": 735.042578125,
  "summary_gm_stdv": 62.7921142578125,
  "summary_wm_k": 1.9570717061619884,
  "summary_wm_mad": 36.66526794433594,
  "summary_wm_mean": 994.1758422851562,
  "summary_wm_median": 999.991943359375,
  "summary_wm_n": 171681.0,
  "summary_wm_p05": 911.8477172851562,
  "summary_wm_p95": 1052.89501953125,
  "summary_wm_stdv": 43.479549407958984,
  "tpm_overlap_csf": 0.22676406800746918,
  "tpm_overlap_gm": 0.5201911330223083,
  "tpm_overlap_wm": 0.5806809663772583,
  "wm2max": 0.8278957419775873
}