{
    "Manufacturer": "Philips",
    "PatientPosition": "HFS",
    "SeriesDescription": "ImageMRSERIES",
    "ProtocolName": "WIPT1anat_acq-6m_T1wSENSE",
    "SeriesNumber": 2,
    "AcquisitionNumber": 2,
    "ImageComments": "PIOP2",
    "PhilipsRescaleSlope": 9.18437,
    "PhilipsRescaleIntercept": 0,
    "PhilipsScaleSlope": 0.00753594,
    "UsePhilipsFloatNotDisplayScaling": 1,
    "EchoTime": 0.00382,
    "RepetitionTime": 0.008322,
    "ReconMatrixPE": 240,
    "ImageOrientationPatientDICOM": [
        0.997565,
        -0.0481056,
        0.0504913,
        0.0393688,
        0.986062,
        0.161653
    ],
    "ConversionSoftware": "dcm2niix",
    "ConversionSoftwareVersion": "v1.0.20181125  GCC6.3.0",
    "BidsifyVersion": "0.3.5"
}