{
    "Manufacturer": "Philips",
    "PatientPosition": "HFS",
    "SeriesDescription": "ImageMRSERIES",
    "ProtocolName": "WIPT1anat_acq-6m_T1wSENSE",
    "SeriesNumber": 2,
    "AcquisitionNumber": 2,
    "ImageComments": "PIOP2",
    "PhilipsRescaleSlope": 8.97314,
    "PhilipsRescaleIntercept": 0,
    "PhilipsScaleSlope": 0.00720815,
    "UsePhilipsFloatNotDisplayScaling": 1,
    "EchoTime": 0.00374,
    "RepetitionTime": 0.008178,
    "ReconMatrixPE": 240,
    "ImageOrientationPatientDICOM": [
        0.996622,
        0.0275558,
        -0.0773584,
        -0.0283604,
        0.999554,
        -0.00932223
    ],
    "ConversionSoftware": "dcm2niix",
    "ConversionSoftwareVersion": "v1.0.20181125  GCC6.3.0",
    "BidsifyVersion": "0.3.5"
}