{
  "aor": 0.002202666666666666,
  "aqi": 0.005341678074074074,
  "bids_meta": {
    "AcquisitionNumber": 8,
    "BidsifyVersion": "0.3.5",
    "ConversionSoftware": "dcm2niix",
    "ConversionSoftwareVersion": "v1.0.20181125  GCC6.3.0",
    "EchoTime": 0.02763,
    "FlipAngle": 76.1,
    "ImageComments": "PIOP2",
    "ImageOrientationPatientDICOM": [
      0.995749,
      0.0795661,
      -0.046395,
      -0.0766187,
      0.99512,
      0.0621779
    ],
    "Manufacturer": "Philips",
    "NumberOfVolumesDiscardedByScanner": 2,
    "ParallelAcquisitionTechnique": "SENSE",
    "ParallelReductionFactorInPlane": 2,
    "PatientPosition": "HFS",
    "PhaseEncodingDirection": "j",
    "PhilipsRescaleIntercept": 0,
    "PhilipsRescaleSlope": 0.84664,
    "PhilipsScaleSlope": 0.0598551,
    "ProtocolName": "WIPtask-harriri_boldSENSE",
    "PulseSequenceType": "gradient echo EPI",
    "ReconMatrixPE": 80,
    "RepetitionTime": 2,
    "SeriesDescription": "ImageMRSERIES",
    "SeriesNumber": 8,
    "SliceEncodingDirection": "k",
    "TaskName": "emomatching",
    "UsePhilipsFloatNotDisplayScaling": 1,
    "WaterFatShift": 12,
    "acq_id": "seq",
    "dataset": "unknown",
    "modality": "bold",
    "subject_id": "0111",
    "task_id": "emomatching"
  },
  "dummy_trs": 0,
  "dvars_nstd": 21.375943326194033,
  "dvars_std": 1.3125686165671637,
  "dvars_vstd": 1.004501312014925,
  "efc": 0.4297200007668949,
  "fber": 303912032.0,
  "fd_mean": 0.17920851160280932,
  "fd_num": 42,
  "fd_perc": 31.11111111111111,
  "fwhm_avg": 2.5043529405387983,
  "fwhm_x": 2.4442066666666666,
  "fwhm_y": 2.7340066666666663,
  "fwhm_z": 2.334845488283063,
  "gcor": 0.0147263,
  "gsr_x": -0.0033226297236979008,
  "gsr_y": 0.005722290836274624,
  "provenance": {
    "md5sum": "f00a4be7d0e173d7a1e01a93a4cdcdbb",
    "settings": {
      "fd_thres": 0.2,
      "hmc_fsl": false
    },
    "software": "mriqc",
    "version": "0.15.0",
    "webapi_port": null,
    "webapi_url": "https://mriqc.nimh.nih.gov/api/v1"
  },
  "size_t": 135,
  "size_x": 80,
  "size_y": 80,
  "size_z": 36,
  "snr": 5.785619150015692,
  "spacing_tr": 2.0,
  "spacing_x": 3.0,
  "spacing_y": 3.0,
  "spacing_z": 3.299999952316284,
  "spikes_num": 0,
  "summary_bg_k": 162.97773490677628,
  "summary_bg_mad": 1.9803476333618164,
  "summary_bg_mean": 198.61354064941406,
  "summary_bg_median": 1.3442277908325195,
  "summary_bg_n": 144280.0,
  "summary_bg_p05": 0.001290141354547814,
  "summary_bg_p95": 1201.4629699707011,
  "summary_bg_stdv": 1016.7664184570312,
  "summary_fg_k": 3.880328521112151,
  "summary_fg_mad": 3614.23681640625,
  "summary_fg_mean": 25482.416015625,
  "summary_fg_median": 25536.59765625,
  "summary_fg_n": 45345.0,
  "summary_fg_p05": 18823.119140625,
  "summary_fg_p95": 31809.7359375,
  "summary_fg_stdv": 4413.7568359375,
  "tsnr": 86.9173583984375
}