{
  "aor": 0.0007693333333333332,
  "aqi": 0.006888860476190476,
  "bids_meta": {
    "AcquisitionNumber": 7,
    "BidsifyVersion": "0.3.5",
    "ConversionSoftware": "dcm2niix",
    "ConversionSoftwareVersion": "v1.0.20181125  GCC6.3.0",
    "EchoTime": 0.02763,
    "FlipAngle": 76.1,
    "ImageComments": "PIOP2",
    "ImageOrientationPatientDICOM": [
      0.995749,
      0.0795661,
      -0.046395,
      -0.0766187,
      0.99512,
      0.0621779
    ],
    "Manufacturer": "Philips",
    "NumberOfVolumesDiscardedByScanner": 2,
    "ParallelAcquisitionTechnique": "SENSE",
    "ParallelReductionFactorInPlane": 2,
    "PatientPosition": "HFS",
    "PhaseEncodingDirection": "j",
    "PhilipsRescaleIntercept": 0,
    "PhilipsRescaleSlope": 0.87033,
    "PhilipsScaleSlope": 0.0582983,
    "ProtocolName": "WIPtask-stop_boldSENSE",
    "PulseSequenceType": "gradient echo EPI",
    "ReconMatrixPE": 80,
    "RepetitionTime": 2,
    "SeriesDescription": "ImageMRSERIES",
    "SeriesNumber": 7,
    "SliceEncodingDirection": "k",
    "TaskName": "stopsignal",
    "UsePhilipsFloatNotDisplayScaling": 1,
    "WaterFatShift": 12,
    "acq_id": "seq",
    "dataset": "unknown",
    "modality": "bold",
    "subject_id": "0111",
    "task_id": "stopsignal"
  },
  "dummy_trs": 0,
  "dvars_nstd": 20.262927023397133,
  "dvars_std": 1.2489291031578946,
  "dvars_vstd": 1.2849409411004793,
  "efc": 0.4295689481860029,
  "fber": 790863808.0,
  "fd_mean": 0.15674416148985285,
  "fd_num": 46,
  "fd_perc": 21.904761904761905,
  "fwhm_avg": 2.4916352637799375,
  "fwhm_x": 2.4203066666666664,
  "fwhm_y": 2.7179233333333332,
  "fwhm_z": 2.3366757913398133,
  "gcor": 0.0122627,
  "gsr_x": -0.003866342129185796,
  "gsr_y": 0.006702335551381111,
  "provenance": {
    "md5sum": "088acb9993c8c333544f3a0491c15650",
    "settings": {
      "fd_thres": 0.2,
      "hmc_fsl": false
    },
    "software": "mriqc",
    "version": "0.15.0",
    "webapi_port": null,
    "webapi_url": "https://mriqc.nimh.nih.gov/api/v1"
  },
  "size_t": 210,
  "size_x": 80,
  "size_y": 80,
  "size_z": 36,
  "snr": 5.817910349227641,
  "spacing_tr": 2.0,
  "spacing_x": 3.0,
  "spacing_y": 3.0,
  "spacing_z": 3.299999952316284,
  "spikes_num": 0,
  "summary_bg_k": 161.6552437527835,
  "summary_bg_mad": 1.2366849184036255,
  "summary_bg_mean": 201.3804931640625,
  "summary_bg_median": 0.8396285176277161,
  "summary_bg_n": 144644.0,
  "summary_bg_p05": 0.0002760069226496855,
  "summary_bg_p95": 1211.9129150390627,
  "summary_bg_stdv": 1026.675048828125,
  "summary_fg_k": 3.9719591668731535,
  "summary_fg_mad": 3609.5341796875,
  "summary_fg_mean": 25473.759765625,
  "summary_fg_median": 25533.94921875,
  "summary_fg_n": 45163.0,
  "summary_fg_p05": 18869.484375,
  "summary_fg_p95": 31770.328320312503,
  "summary_fg_stdv": 4388.8037109375,
  "tsnr": 80.84394836425781
}