{
  "aor": 0.0019840740740740743,
  "aqi": 0.004478224740740741,
  "bids_meta": {
    "AcquisitionNumber": 8,
    "BidsifyVersion": "0.3.5",
    "ConversionSoftware": "dcm2niix",
    "ConversionSoftwareVersion": "v1.0.20181125  GCC6.3.0",
    "EchoTime": 0.02763,
    "EffectiveEchoSpacing": 0.0006909035636805814,
    "FlipAngle": 76.1,
    "ImageComments": "PIOP2",
    "ImageOrientationPatientDICOM": [
      0.999934,
      0.011462,
      0.00119548,
      -0.0115189,
      0.99094,
      0.133808
    ],
    "Manufacturer": "Philips",
    "NumberOfVolumesDiscardedByScanner": 2,
    "ParallelAcquisitionTechnique": "SENSE",
    "ParallelReductionFactorInPlane": 2,
    "PatientPosition": "HFS",
    "PhaseEncodingDirection": "j",
    "PhilipsRescaleIntercept": 0,
    "PhilipsRescaleSlope": 0.78706,
    "PhilipsScaleSlope": 0.0535359,
    "ProtocolName": "WIPtask-harriri_boldSENSE",
    "PulseSequenceType": "gradient echo EPI",
    "ReconMatrixPE": 80,
    "RepetitionTime": 2,
    "SeriesDescription": "ImageMRSERIES",
    "SeriesNumber": 8,
    "SliceEncodingDirection": "k",
    "SliceTiming": [
      0.0,
      0.0556,
      0.1111,
      0.1667,
      0.2222,
      0.2778,
      0.3333,
      0.3889,
      0.4444,
      0.5,
      0.5556,
      0.6111,
      0.6667,
      0.7222,
      0.7778,
      0.8333,
      0.8889,
      0.9444,
      1.0,
      1.0556,
      1.1111,
      1.1667,
      1.2222,
      1.2778,
      1.3333,
      1.3889,
      1.4444,
      1.5,
      1.5556,
      1.6111,
      1.6667,
      1.7222,
      1.7778,
      1.8333,
      1.8889,
      1.9444
    ],
    "TaskName": "emomatching",
    "TotalReadoutTime": 0.026945238983542674,
    "UsePhilipsFloatNotDisplayScaling": 1,
    "WaterFatShift": 12,
    "acq_id": "seq",
    "dataset": "unknown",
    "modality": "bold",
    "subject_id": "0155",
    "task_id": "emomatching"
  },
  "dummy_trs": 0,
  "dvars_nstd": 17.8495762172388,
  "dvars_std": 1.1605602542537312,
  "dvars_vstd": 0.9846083899253735,
  "efc": 0.429254691262189,
  "fber": 1039561024.0,
  "fd_mean": 0.12044584249977625,
  "fd_num": 18,
  "fd_perc": 13.333333333333334,
  "fwhm_avg": 2.6534339511922806,
  "fwhm_x": 2.5576966666666667,
  "fwhm_y": 2.953056666666667,
  "fwhm_z": 2.449548520243508,
  "gcor": 0.0206821,
  "gsr_x": 0.0005999290151521564,
  "gsr_y": 0.0009678981150500476,
  "provenance": {
    "md5sum": "53933d780136a640e4626b02487122d4",
    "settings": {
      "fd_thres": 0.2,
      "hmc_fsl": false
    },
    "software": "mriqc",
    "version": "0.15.0",
    "webapi_port": null,
    "webapi_url": "https://mriqc.nimh.nih.gov/api/v1"
  },
  "size_t": 135,
  "size_x": 80,
  "size_y": 80,
  "size_z": 36,
  "snr": 5.057522325116107,
  "spacing_tr": 2.0,
  "spacing_x": 3.0,
  "spacing_y": 3.0,
  "spacing_z": 3.299999952316284,
  "spikes_num": 1,
  "summary_bg_k": 69.88779043239876,
  "summary_bg_mad": 1.0582239627838135,
  "summary_bg_mean": 249.91592407226562,
  "summary_bg_median": 0.7217617034912109,
  "summary_bg_n": 144864.0,
  "summary_bg_p05": 0.0020570275140926243,
  "summary_bg_p95": 1286.3604980468783,
  "summary_bg_stdv": 1285.57958984375,
  "summary_fg_k": 2.6664873791206656,
  "summary_fg_mad": 4144.49169921875,
  "summary_fg_mean": 25732.61328125,
  "summary_fg_median": 25615.587890625,
  "summary_fg_n": 45038.0,
  "summary_fg_p05": 17865.77919921875,
  "summary_fg_p95": 33425.611328125,
  "summary_fg_stdv": 5064.79296875,
  "tsnr": 82.23094940185547
}