{
  "aor": 0.0013421666666666666,
  "aqi": 0.004908669083333333,
  "bids_meta": {
    "AcquisitionNumber": 5,
    "BidsifyVersion": "0.3.5",
    "ConversionSoftware": "dcm2niix",
    "ConversionSoftwareVersion": "v1.0.20181125  GCC6.3.0",
    "EchoTime": 0.02763,
    "FlipAngle": 76.1,
    "ImageComments": "PIOP2",
    "ImageOrientationPatientDICOM": [
      0.997425,
      0.0671237,
      -0.0252653,
      -0.0667735,
      0.997663,
      0.0144605
    ],
    "Manufacturer": "Philips",
    "NumberOfVolumesDiscardedByScanner": 2,
    "ParallelAcquisitionTechnique": "SENSE",
    "ParallelReductionFactorInPlane": 2,
    "PatientPosition": "HFS",
    "PhaseEncodingDirection": "j",
    "PhilipsRescaleIntercept": 0,
    "PhilipsRescaleSlope": 0.80586,
    "PhilipsScaleSlope": 0.0516892,
    "ProtocolName": "WIPtask-rest_boldSENSE",
    "PulseSequenceType": "gradient echo EPI",
    "ReconMatrixPE": 80,
    "RepetitionTime": 2,
    "SeriesDescription": "ImageMRSERIES",
    "SeriesNumber": 5,
    "SliceEncodingDirection": "k",
    "TaskName": "restingstate",
    "UsePhilipsFloatNotDisplayScaling": 1,
    "WaterFatShift": 12,
    "acq_id": "seq",
    "dataset": "unknown",
    "modality": "bold",
    "subject_id": "0032",
    "task_id": "restingstate"
  },
  "dummy_trs": 0,
  "dvars_nstd": 21.062247479748955,
  "dvars_std": 1.224697521924686,
  "dvars_vstd": 1.0487741809623428,
  "efc": 0.3959895928412211,
  "fber": 1248265472.0,
  "fd_mean": 0.1323394604019651,
  "fd_num": 22,
  "fd_perc": 9.166666666666666,
  "fwhm_avg": 2.5607256675752823,
  "fwhm_x": 2.5582366666666667,
  "fwhm_y": 2.8381433333333335,
  "fwhm_z": 2.2857970027258467,
  "gcor": 0.0576373,
  "gsr_x": 0.0005422150134108961,
  "gsr_y": 0.0002028451708611101,
  "provenance": {
    "md5sum": "5c6eb5911e13c2b574a6d1641d6e10ef",
    "settings": {
      "fd_thres": 0.2,
      "hmc_fsl": false
    },
    "software": "mriqc",
    "version": "0.15.0",
    "webapi_port": null,
    "webapi_url": "https://mriqc.nimh.nih.gov/api/v1"
  },
  "size_t": 240,
  "size_x": 80,
  "size_y": 80,
  "size_z": 36,
  "snr": 4.629263940753456,
  "spacing_tr": 2.0,
  "spacing_x": 3.0,
  "spacing_y": 3.0,
  "spacing_z": 3.299999952316284,
  "spikes_num": 3,
  "summary_bg_k": 111.29891157016503,
  "summary_bg_mad": 0.985130250453949,
  "summary_bg_mean": 264.6670837402344,
  "summary_bg_median": 0.6665378212928772,
  "summary_bg_n": 151779.0,
  "summary_bg_p05": 0.0007626417616847906,
  "summary_bg_p95": 1154.0287231445363,
  "summary_bg_stdv": 1420.91064453125,
  "summary_fg_k": 1.9656204038076233,
  "summary_fg_mad": 5015.8720703125,
  "summary_fg_mean": 26194.033203125,
  "summary_fg_median": 26363.455078125,
  "summary_fg_n": 38325.0,
  "summary_fg_p05": 16384.569921875,
  "summary_fg_p95": 34403.90859374999,
  "summary_fg_stdv": 5694.8818359375,
  "tsnr": 66.59007263183594
}