{
  "aor": 0.0013026875,
  "aqi": 0.0033579196249999997,
  "bids_meta": {
    "AcquisitionNumber": 4,
    "BidsifyVersion": "0.3.5",
    "ConversionSoftware": "dcm2niix",
    "ConversionSoftwareVersion": "v1.0.20181125  GCC6.3.0",
    "EchoTime": 0.02763,
    "FlipAngle": 76.1,
    "ImageComments": "PIOP2",
    "ImageOrientationPatientDICOM": [
      0.997425,
      0.0671237,
      -0.0252653,
      -0.0667735,
      0.997663,
      0.0144605
    ],
    "Manufacturer": "Philips",
    "NumberOfVolumesDiscardedByScanner": 2,
    "ParallelAcquisitionTechnique": "SENSE",
    "ParallelReductionFactorInPlane": 2,
    "PatientPosition": "HFS",
    "PhaseEncodingDirection": "j",
    "PhilipsRescaleIntercept": 0,
    "PhilipsRescaleSlope": 0.8127,
    "PhilipsScaleSlope": 0.0506128,
    "ProtocolName": "WIPtask-wm_boldSENSE",
    "PulseSequenceType": "gradient echo EPI",
    "ReconMatrixPE": 80,
    "RepetitionTime": 2,
    "SeriesDescription": "ImageMRSERIES",
    "SeriesNumber": 4,
    "SliceEncodingDirection": "k",
    "TaskName": "workingmemory",
    "UsePhilipsFloatNotDisplayScaling": 1,
    "WaterFatShift": 12,
    "acq_id": "seq",
    "dataset": "unknown",
    "modality": "bold",
    "subject_id": "0032",
    "task_id": "workingmemory"
  },
  "dummy_trs": 0,
  "dvars_nstd": 20.572070901761002,
  "dvars_std": 1.2179140771069183,
  "dvars_vstd": 0.9897530106289307,
  "efc": 0.3947284459045997,
  "fber": 1186011904.0,
  "fd_mean": 0.11356217760377826,
  "fd_num": 8,
  "fd_perc": 5.0,
  "fwhm_avg": 2.5360130412035393,
  "fwhm_x": 2.533533333333333,
  "fwhm_y": 2.811363333333333,
  "fwhm_z": 2.263142456943952,
  "gcor": 0.0377003,
  "gsr_x": 0.0007323636091314256,
  "gsr_y": 0.00025817181449383497,
  "provenance": {
    "md5sum": "52b2f5d505a50b856db4e2c2df9b4c8f",
    "settings": {
      "fd_thres": 0.2,
      "hmc_fsl": false
    },
    "software": "mriqc",
    "version": "0.15.0",
    "webapi_port": null,
    "webapi_url": "https://mriqc.nimh.nih.gov/api/v1"
  },
  "size_t": 160,
  "size_x": 80,
  "size_y": 80,
  "size_z": 36,
  "snr": 4.672741822802645,
  "spacing_tr": 2.0,
  "spacing_x": 3.0,
  "spacing_y": 3.0,
  "spacing_z": 3.299999952316284,
  "spikes_num": 0,
  "summary_bg_k": 130.93514194494205,
  "summary_bg_mad": 1.0478202104568481,
  "summary_bg_mean": 256.7666320800781,
  "summary_bg_median": 0.7132691740989685,
  "summary_bg_n": 151851.0,
  "summary_bg_p05": 0.0015171716222539544,
  "summary_bg_p95": 1087.5936889648438,
  "summary_bg_stdv": 1421.6109619140625,
  "summary_fg_k": 1.7730352595135779,
  "summary_fg_mad": 5089.26806640625,
  "summary_fg_mean": 26470.580078125,
  "summary_fg_median": 26639.44921875,
  "summary_fg_n": 38180.0,
  "summary_fg_p05": 16778.4453125,
  "summary_fg_p95": 34775.646875,
  "summary_fg_stdv": 5700.95703125,
  "tsnr": 77.32347869873047
}