{
  "aor": 0.0015680625,
  "aqi": 0.00438732275,
  "bids_meta": {
    "AcquisitionNumber": 3,
    "BidsifyVersion": "0.3.5",
    "ConversionSoftware": "dcm2niix",
    "ConversionSoftwareVersion": "v1.0.20181125  GCC6.3.0",
    "EchoTime": 0.02763,
    "FlipAngle": 76.1,
    "ImageComments": "PIOP2",
    "ImageOrientationPatientDICOM": [
      0.996075,
      0.0801778,
      0.0374985,
      -0.0811922,
      0.99635,
      0.026358
    ],
    "Manufacturer": "Philips",
    "NumberOfVolumesDiscardedByScanner": 2,
    "ParallelAcquisitionTechnique": "SENSE",
    "ParallelReductionFactorInPlane": 2,
    "PatientPosition": "HFS",
    "PhaseEncodingDirection": "j",
    "PhilipsRescaleIntercept": 0,
    "PhilipsRescaleSlope": 0.76239,
    "PhilipsScaleSlope": 0.059602,
    "ProtocolName": "WIPtask-wm_boldSENSE",
    "PulseSequenceType": "gradient echo EPI",
    "ReconMatrixPE": 80,
    "RepetitionTime": 2,
    "SeriesDescription": "ImageMRSERIES",
    "SeriesNumber": 3,
    "SliceEncodingDirection": "k",
    "TaskName": "workingmemory",
    "UsePhilipsFloatNotDisplayScaling": 1,
    "WaterFatShift": 12,
    "acq_id": "seq",
    "dataset": "unknown",
    "modality": "bold",
    "subject_id": "0123",
    "task_id": "workingmemory"
  },
  "dummy_trs": 0,
  "dvars_nstd": 19.97527808081761,
  "dvars_std": 1.204057542955975,
  "dvars_vstd": 0.9856542609433955,
  "efc": 0.3857290157150097,
  "fber": 1022543808.0,
  "fd_mean": 0.13434232184262956,
  "fd_num": 23,
  "fd_perc": 14.375,
  "fwhm_avg": 2.721138294473633,
  "fwhm_x": 2.6927299999999996,
  "fwhm_y": 3.0528999999999997,
  "fwhm_z": 2.4177848834208993,
  "gcor": 0.0285149,
  "gsr_x": -0.004543840419501066,
  "gsr_y": 0.0006577915046364069,
  "provenance": {
    "md5sum": "d2c1f105e890aff852dc7b76799d5ad0",
    "settings": {
      "fd_thres": 0.2,
      "hmc_fsl": false
    },
    "software": "mriqc",
    "version": "0.15.0",
    "webapi_port": null,
    "webapi_url": "https://mriqc.nimh.nih.gov/api/v1"
  },
  "size_t": 160,
  "size_x": 80,
  "size_y": 80,
  "size_z": 36,
  "snr": 5.159308273293363,
  "spacing_tr": 2.0,
  "spacing_x": 3.0,
  "spacing_y": 3.0,
  "spacing_z": 3.299999952316284,
  "spikes_num": 1,
  "summary_bg_k": 102.89078322677443,
  "summary_bg_mad": 1.0933555364608765,
  "summary_bg_mean": 187.6703338623047,
  "summary_bg_median": 0.7460594773292542,
  "summary_bg_n": 153235.0,
  "summary_bg_p05": 0.003621859615668655,
  "summary_bg_p95": 715.1187805175776,
  "summary_bg_stdv": 1108.787353515625,
  "summary_fg_k": 3.2311186660120113,
  "summary_fg_mad": 3761.53271484375,
  "summary_fg_mean": 24885.140625,
  "summary_fg_median": 25099.787109375,
  "summary_fg_n": 37261.0,
  "summary_fg_p05": 16608.017578125,
  "summary_fg_p95": 31763.78125,
  "summary_fg_stdv": 4864.88671875,
  "tsnr": 80.6832504272461
}