{
    "Manufacturer": "Philips",
    "PatientPosition": "HFS",
    "SeriesDescription": "ImageMRSERIES",
    "ProtocolName": "WIPT1anat_acq-6m_T1wSENSE",
    "SeriesNumber": 2,
    "AcquisitionNumber": 2,
    "ImageComments": "PIOP2",
    "PhilipsRescaleSlope": 9.33407,
    "PhilipsRescaleIntercept": 0,
    "PhilipsScaleSlope": 0.00723778,
    "UsePhilipsFloatNotDisplayScaling": 1,
    "EchoTime": 0.00383,
    "RepetitionTime": 0.008305,
    "ReconMatrixPE": 240,
    "ImageOrientationPatientDICOM": [
        0.998117,
        0.0589285,
        -0.017002,
        -0.0556287,
        0.986558,
        0.153653
    ],
    "ConversionSoftware": "dcm2niix",
    "ConversionSoftwareVersion": "v1.0.20181125  GCC6.3.0",
    "BidsifyVersion": "0.3.5"
}