{
  "aor": 0.00092075,
  "aqi": 0.0028403712916666665,
  "bids_meta": {
    "AcquisitionNumber": 4,
    "BidsifyVersion": "0.3.5",
    "ConversionSoftware": "dcm2niix",
    "ConversionSoftwareVersion": "v1.0.20181125  GCC6.3.0",
    "EchoTime": 0.02763,
    "EffectiveEchoSpacing": 0.0006909035636805814,
    "FlipAngle": 76.1,
    "ImageComments": "PIOP2",
    "ImageOrientationPatientDICOM": [
      0.998477,
      0.0505754,
      0.0220284,
      -0.0525027,
      0.993788,
      0.0981247
    ],
    "Manufacturer": "Philips",
    "NumberOfVolumesDiscardedByScanner": 2,
    "ParallelAcquisitionTechnique": "SENSE",
    "ParallelReductionFactorInPlane": 2,
    "PatientPosition": "HFS",
    "PhaseEncodingDirection": "j",
    "PhilipsRescaleIntercept": 0,
    "PhilipsRescaleSlope": 0.78803,
    "PhilipsScaleSlope": 0.0604463,
    "ProtocolName": "WIPtask-rest_boldSENSE",
    "PulseSequenceType": "gradient echo EPI",
    "ReconMatrixPE": 80,
    "RepetitionTime": 2,
    "SeriesDescription": "ImageMRSERIES",
    "SeriesNumber": 4,
    "SliceEncodingDirection": "k",
    "SliceTiming": [
      0.0,
      0.0556,
      0.1111,
      0.1667,
      0.2222,
      0.2778,
      0.3333,
      0.3889,
      0.4444,
      0.5,
      0.5556,
      0.6111,
      0.6667,
      0.7222,
      0.7778,
      0.8333,
      0.8889,
      0.9444,
      1.0,
      1.0556,
      1.1111,
      1.1667,
      1.2222,
      1.2778,
      1.3333,
      1.3889,
      1.4444,
      1.5,
      1.5556,
      1.6111,
      1.6667,
      1.7222,
      1.7778,
      1.8333,
      1.8889,
      1.9444
    ],
    "TaskName": "restingstate",
    "TotalReadoutTime": 0.026945238983542674,
    "UsePhilipsFloatNotDisplayScaling": 1,
    "WaterFatShift": 12,
    "acq_id": "seq",
    "dataset": "unknown",
    "modality": "bold",
    "subject_id": "0072",
    "task_id": "restingstate"
  },
  "dummy_trs": 0,
  "dvars_nstd": 19.44695663025103,
  "dvars_std": 1.306648789121339,
  "dvars_vstd": 1.002199022468619,
  "efc": 0.3822192573015041,
  "fber": 1052778176.0,
  "fd_mean": 0.12091926632089367,
  "fd_num": 18,
  "fd_perc": 7.5,
  "fwhm_avg": 2.5221398090682983,
  "fwhm_x": 2.4913933333333333,
  "fwhm_y": 2.7728533333333334,
  "fwhm_z": 2.302172760538228,
  "gcor": 0.0340755,
  "gsr_x": -0.002811308251693845,
  "gsr_y": 0.0011138777481392026,
  "provenance": {
    "md5sum": "11fc142221970f634a9e419eb4598198",
    "settings": {
      "fd_thres": 0.2,
      "hmc_fsl": false
    },
    "software": "mriqc",
    "version": "0.15.0",
    "webapi_port": null,
    "webapi_url": "https://mriqc.nimh.nih.gov/api/v1"
  },
  "size_t": 240,
  "size_x": 80,
  "size_y": 80,
  "size_z": 36,
  "snr": 4.909671654165165,
  "spacing_tr": 2.0,
  "spacing_x": 3.0,
  "spacing_y": 3.0,
  "spacing_z": 3.299999952316284,
  "spikes_num": 4,
  "summary_bg_k": 242.94792137647025,
  "summary_bg_mad": 1.0479148626327515,
  "summary_bg_mean": 148.9718017578125,
  "summary_bg_median": 0.7167868614196777,
  "summary_bg_n": 153569.0,
  "summary_bg_p05": 0.0031858835835009824,
  "summary_bg_p95": 543.7348144531259,
  "summary_bg_stdv": 957.541748046875,
  "summary_fg_k": 1.7490936989148516,
  "summary_fg_mad": 4501.3466796875,
  "summary_fg_mean": 24322.8671875,
  "summary_fg_median": 24209.875,
  "summary_fg_n": 37266.0,
  "summary_fg_p05": 17124.02001953125,
  "summary_fg_p95": 32083.29443359375,
  "summary_fg_stdv": 4930.99169921875,
  "tsnr": 94.10493469238281
}