{
  "bids_meta": {
    "AcquisitionNumber": 2,
    "BidsifyVersion": "0.3.5",
    "ConversionSoftware": "dcm2niix",
    "ConversionSoftwareVersion": "v1.0.20181125  GCC6.3.0",
    "EchoTime": 0.00379,
    "ImageComments": "PIOP2",
    "ImageOrientationPatientDICOM": [
      0.999467,
      0.0322009,
      -0.00542499,
      -0.0326318,
      0.991103,
      -0.129033
    ],
    "Manufacturer": "Philips",
    "PatientPosition": "HFS",
    "PhilipsRescaleIntercept": 0,
    "PhilipsRescaleSlope": 8.49573,
    "PhilipsScaleSlope": 0.00711727,
    "ProtocolName": "WIPT1anat_acq-6m_T1wSENSE",
    "ReconMatrixPE": 240,
    "RepetitionTime": 0.008249,
    "SeriesDescription": "ImageMRSERIES",
    "SeriesNumber": 2,
    "UsePhilipsFloatNotDisplayScaling": 1,
    "acq_id": "6m",
    "dataset": "unknown",
    "modality": "T1w",
    "subject_id": "0157"
  },
  "cjv": 0.269416946713488,
  "cnr": 4.726989040972967,
  "efc": 0.7533782089809994,
  "fber": 1859.098388671875,
  "fwhm_avg": 4.558640178130081,
  "fwhm_x": 4.318370257394925,
  "fwhm_y": 4.71034,
  "fwhm_z": 4.647210276995318,
  "icvs_csf": 0.23940556228084345,
  "icvs_gm": 0.4061742800890328,
  "icvs_wm": 0.3544201576301238,
  "inu_med": 1.7542989253997803,
  "inu_range": 0.3744613230228424,
  "provenance": {
    "md5sum": "24d49d778b5b0d75211fef2a1783ce22",
    "settings": {
      "testing": false
    },
    "software": "mriqc",
    "version": "0.15.0",
    "warnings": {
      "large_rot_frame": true,
      "small_air_mask": true
    },
    "webapi_port": null,
    "webapi_url": "https://mriqc.nimh.nih.gov/api/v1"
  },
  "qi_1": 0.0,
  "qi_2": 5.9049327791469556e-05,
  "rpve_csf": 24.228333323681177,
  "rpve_gm": 14.353132032749313,
  "rpve_wm": 20.963178136540115,
  "size_x": 240,
  "size_y": 240,
  "size_z": 220,
  "snr_csf": 2.4266007136483165,
  "snr_gm": 9.75067103418676,
  "snr_total": 12.358422682093037,
  "snr_wm": 24.897996298444035,
  "snrd_csf": 25.402045080045283,
  "snrd_gm": 52.63995964762842,
  "snrd_total": 53.59003344319851,
  "snrd_wm": 82.72809560192182,
  "spacing_x": 0.9999999403953552,
  "spacing_y": 1.0,
  "spacing_z": 0.9999999403953552,
  "summary_bg_k": 176.86380871120866,
  "summary_bg_mad": 7.919123649597168,
  "summary_bg_mean": 7.335574626922607,
  "summary_bg_median": 5.462953567504883,
  "summary_bg_n": 202059.0,
  "summary_bg_p05": 0.0,
  "summary_bg_p95": 16.60715637207031,
  "summary_bg_stdv": 6.961442947387695,
  "summary_csf_k": 135.81505745443448,
  "summary_csf_mad": 99.27557373046875,
  "summary_csf_mean": 292.800537109375,
  "summary_csf_median": 307.05352783203125,
  "summary_csf_n": 16314.0,
  "summary_csf_p05": 130.92248306274416,
  "summary_csf_p95": 422.4890350341796,
  "summary_csf_stdv": 126.53260803222656,
  "summary_gm_k": 0.2842718156443298,
  "summary_gm_mad": 62.54035949707031,
  "summary_gm_mean": 641.4633178710938,
  "summary_gm_median": 636.298583984375,
  "summary_gm_n": 24770.0,
  "summary_gm_p05": 543.7957794189454,
  "summary_gm_p95": 758.2243225097657,
  "summary_gm_stdv": 65.25558471679688,
  "summary_wm_k": 1.0683968080704673,
  "summary_wm_mad": 35.44599533081055,
  "summary_wm_mean": 996.4918823242188,
  "summary_wm_median": 999.9963989257812,
  "summary_wm_n": 203913.0,
  "summary_wm_p05": 924.1349609375,
  "summary_wm_p95": 1055.8090576171876,
  "summary_wm_stdv": 40.163631439208984,
  "tpm_overlap_csf": 0.22656893730163574,
  "tpm_overlap_gm": 0.5114789009094238,
  "tpm_overlap_wm": 0.5733697414398193,
  "wm2max": 0.6689599481843792
}