{
  "aor": 0.0028577037037037043,
  "aqi": 0.003751229703703703,
  "bids_meta": {
    "AcquisitionNumber": 8,
    "BidsifyVersion": "0.3.5",
    "ConversionSoftware": "dcm2niix",
    "ConversionSoftwareVersion": "v1.0.20181125  GCC6.3.0",
    "EchoTime": 0.02763,
    "FlipAngle": 76.1,
    "ImageComments": "PIOP2",
    "ImageOrientationPatientDICOM": [
      0.997544,
      -0.0477743,
      0.0512127,
      0.044077,
      0.996499,
      0.0710417
    ],
    "Manufacturer": "Philips",
    "NumberOfVolumesDiscardedByScanner": 2,
    "ParallelAcquisitionTechnique": "SENSE",
    "ParallelReductionFactorInPlane": 2,
    "PatientPosition": "HFS",
    "PhaseEncodingDirection": "j",
    "PhilipsRescaleIntercept": 0,
    "PhilipsRescaleSlope": 0.79634,
    "PhilipsScaleSlope": 0.0516067,
    "ProtocolName": "WIPtask-harriri_boldSENSE",
    "PulseSequenceType": "gradient echo EPI",
    "ReconMatrixPE": 80,
    "RepetitionTime": 2,
    "SeriesDescription": "ImageMRSERIES",
    "SeriesNumber": 8,
    "SliceEncodingDirection": "k",
    "TaskName": "emomatching",
    "UsePhilipsFloatNotDisplayScaling": 1,
    "WaterFatShift": 12,
    "acq_id": "seq",
    "dataset": "unknown",
    "modality": "bold",
    "subject_id": "0023",
    "task_id": "emomatching"
  },
  "dummy_trs": 0,
  "dvars_nstd": 22.122281323507462,
  "dvars_std": 1.3844259641791041,
  "dvars_vstd": 1.0391564697014926,
  "efc": 0.4522126239370959,
  "fber": 115184960.0,
  "fd_mean": 0.12795125276433864,
  "fd_num": 21,
  "fd_perc": 15.555555555555555,
  "fwhm_avg": 2.5550151630336373,
  "fwhm_x": 2.48727,
  "fwhm_y": 2.78633,
  "fwhm_z": 2.3914454891009114,
  "gcor": 0.0289572,
  "gsr_x": 0.002031048759818077,
  "gsr_y": 0.0006412845104932785,
  "provenance": {
    "md5sum": "d68c63687132a3a5d60989e65169c059",
    "settings": {
      "fd_thres": 0.2,
      "hmc_fsl": false
    },
    "software": "mriqc",
    "version": "0.15.0",
    "webapi_port": null,
    "webapi_url": "https://mriqc.nimh.nih.gov/api/v1"
  },
  "size_t": 135,
  "size_x": 80,
  "size_y": 80,
  "size_z": 36,
  "snr": 4.983693960089853,
  "spacing_tr": 2.0,
  "spacing_x": 3.0,
  "spacing_y": 3.0,
  "spacing_z": 3.299999952316284,
  "spikes_num": 0,
  "summary_bg_k": 78.70324017139598,
  "summary_bg_mad": 3.292813301086426,
  "summary_bg_mean": 258.4583740234375,
  "summary_bg_median": 2.2711105346679688,
  "summary_bg_n": 139354.0,
  "summary_bg_p05": 0.007683282159268856,
  "summary_bg_p95": 1450.6346130371103,
  "summary_bg_stdv": 1348.081298828125,
  "summary_fg_k": 2.3322917704989425,
  "summary_fg_mad": 4426.4873046875,
  "summary_fg_mean": 26239.365234375,
  "summary_fg_median": 25934.2109375,
  "summary_fg_n": 49882.0,
  "summary_fg_p05": 18974.21220703125,
  "summary_fg_p95": 34549.8728515625,
  "summary_fg_stdv": 5203.7607421875,
  "tsnr": 91.89397430419922
}