{
  "aor": 0.0013660624999999999,
  "aqi": 0.004199834437499999,
  "bids_meta": {
    "AcquisitionNumber": 3,
    "BidsifyVersion": "0.3.5",
    "ConversionSoftware": "dcm2niix",
    "ConversionSoftwareVersion": "v1.0.20181125  GCC6.3.0",
    "EchoTime": 0.02763,
    "EffectiveEchoSpacing": 0.0006909035636805814,
    "FlipAngle": 76.1,
    "ImageComments": "PIOP2",
    "ImageOrientationPatientDICOM": [
      0.998527,
      -0.0022476,
      -0.0542068,
      0.000174276,
      0.999269,
      -0.0382229
    ],
    "Manufacturer": "Philips",
    "NumberOfVolumesDiscardedByScanner": 2,
    "ParallelAcquisitionTechnique": "SENSE",
    "ParallelReductionFactorInPlane": 2,
    "PatientPosition": "HFS",
    "PhaseEncodingDirection": "j",
    "PhilipsRescaleIntercept": 0,
    "PhilipsRescaleSlope": 0.78315,
    "PhilipsScaleSlope": 0.0533904,
    "ProtocolName": "WIPtask-wm_boldSENSE",
    "PulseSequenceType": "gradient echo EPI",
    "ReconMatrixPE": 80,
    "RepetitionTime": 2,
    "SeriesDescription": "ImageMRSERIES",
    "SeriesNumber": 3,
    "SliceEncodingDirection": "k",
    "SliceTiming": [
      0.0,
      0.0556,
      0.1111,
      0.1667,
      0.2222,
      0.2778,
      0.3333,
      0.3889,
      0.4444,
      0.5,
      0.5556,
      0.6111,
      0.6667,
      0.7222,
      0.7778,
      0.8333,
      0.8889,
      0.9444,
      1.0,
      1.0556,
      1.1111,
      1.1667,
      1.2222,
      1.2778,
      1.3333,
      1.3889,
      1.4444,
      1.5,
      1.5556,
      1.6111,
      1.6667,
      1.7222,
      1.7778,
      1.8333,
      1.8889,
      1.9444
    ],
    "TaskName": "workingmemory",
    "TotalReadoutTime": 0.026945238983542674,
    "UsePhilipsFloatNotDisplayScaling": 1,
    "WaterFatShift": 12,
    "acq_id": "seq",
    "dataset": "unknown",
    "modality": "bold",
    "subject_id": "0124",
    "task_id": "workingmemory"
  },
  "dummy_trs": 0,
  "dvars_nstd": 18.676710560691824,
  "dvars_std": 1.23252341918239,
  "dvars_vstd": 0.991349713584906,
  "efc": 0.423995820579843,
  "fber": 164166432.0,
  "fd_mean": 0.10038749067271392,
  "fd_num": 4,
  "fd_perc": 2.5,
  "fwhm_avg": 2.6140355668993034,
  "fwhm_x": 2.53031,
  "fwhm_y": 2.95663,
  "fwhm_z": 2.355166700697909,
  "gcor": 0.0262531,
  "gsr_x": 0.007988877594470978,
  "gsr_y": -0.001431643613614142,
  "provenance": {
    "md5sum": "b9e44ff321daef7fe8767d4e3b1b0efa",
    "settings": {
      "fd_thres": 0.2,
      "hmc_fsl": false
    },
    "software": "mriqc",
    "version": "0.15.0",
    "webapi_port": null,
    "webapi_url": "https://mriqc.nimh.nih.gov/api/v1"
  },
  "size_t": 160,
  "size_x": 80,
  "size_y": 80,
  "size_z": 36,
  "snr": 5.423544444923174,
  "spacing_tr": 2.0,
  "spacing_x": 3.0,
  "spacing_y": 3.0,
  "spacing_z": 3.299999952316284,
  "spikes_num": 1,
  "summary_bg_k": 43.00358525745933,
  "summary_bg_mad": 2.729763984680176,
  "summary_bg_mean": 320.2591857910156,
  "summary_bg_median": 1.8695236444473267,
  "summary_bg_n": 146057.0,
  "summary_bg_p05": 0.007165160961449147,
  "summary_bg_p95": 1158.054516601558,
  "summary_bg_stdv": 1560.1927490234375,
  "summary_fg_k": 3.8958698672640466,
  "summary_fg_mad": 3940.82177734375,
  "summary_fg_mean": 25539.162109375,
  "summary_fg_median": 25556.439453125,
  "summary_fg_n": 43634.0,
  "summary_fg_p05": 18756.16181640625,
  "summary_fg_p95": 31981.869238281248,
  "summary_fg_stdv": 4712.07470703125,
  "tsnr": 86.89054870605469
}