{
  "aor": 0.0015602727272727274,
  "aqi": 0.002643465363636364,
  "bids_meta": {
    "AcquisitionNumber": 7,
    "BidsifyVersion": "0.3.5",
    "ConversionSoftware": "dcm2niix",
    "ConversionSoftwareVersion": "v1.0.20181125  GCC6.3.0",
    "EchoTime": 0.02763,
    "FlipAngle": 76.1,
    "ImageComments": "PIOP2",
    "ImageOrientationPatientDICOM": [
      0.99943,
      0.00512027,
      -0.0333818,
      -0.0109897,
      0.983951,
      -0.178102
    ],
    "Manufacturer": "Philips",
    "NumberOfVolumesDiscardedByScanner": 2,
    "ParallelAcquisitionTechnique": "SENSE",
    "ParallelReductionFactorInPlane": 2,
    "PatientPosition": "HFS",
    "PhaseEncodingDirection": "j",
    "PhilipsRescaleIntercept": 0,
    "PhilipsRescaleSlope": 0.84762,
    "PhilipsScaleSlope": 0.0643505,
    "ProtocolName": "WIPtask-stop_boldSENSE",
    "PulseSequenceType": "gradient echo EPI",
    "ReconMatrixPE": 80,
    "RepetitionTime": 2,
    "SeriesDescription": "ImageMRSERIES",
    "SeriesNumber": 7,
    "SliceEncodingDirection": "k",
    "TaskName": "stopsignal",
    "UsePhilipsFloatNotDisplayScaling": 1,
    "WaterFatShift": 12,
    "acq_id": "seq",
    "dataset": "unknown",
    "modality": "bold",
    "subject_id": "0204",
    "task_id": "stopsignal"
  },
  "dummy_trs": 0,
  "dvars_nstd": 19.60576073981735,
  "dvars_std": 1.2639136963470314,
  "dvars_vstd": 1.0116319066666672,
  "efc": 0.3829241418840578,
  "fber": 5683054592.0,
  "fd_mean": 0.11034445846332323,
  "fd_num": 15,
  "fd_perc": 6.818181818181818,
  "fwhm_avg": 2.6681686985932913,
  "fwhm_x": 2.6665733333333335,
  "fwhm_y": 2.9036933333333335,
  "fwhm_z": 2.4342394291132066,
  "gcor": 0.0613445,
  "gsr_x": -0.0030289452988654375,
  "gsr_y": 0.005484964698553085,
  "provenance": {
    "md5sum": "ca83952ae1426163aae67907ec602d16",
    "settings": {
      "fd_thres": 0.2,
      "hmc_fsl": false
    },
    "software": "mriqc",
    "version": "0.15.0",
    "webapi_port": null,
    "webapi_url": "https://mriqc.nimh.nih.gov/api/v1"
  },
  "size_t": 220,
  "size_x": 80,
  "size_y": 80,
  "size_z": 36,
  "snr": 4.573516967459974,
  "spacing_tr": 2.0,
  "spacing_x": 3.0,
  "spacing_y": 3.0,
  "spacing_z": 3.299999952316284,
  "spikes_num": 4,
  "summary_bg_k": 103.889316432423,
  "summary_bg_mad": 0.4087037742137909,
  "summary_bg_mean": 155.92703247070312,
  "summary_bg_median": 0.27675655484199524,
  "summary_bg_n": 153067.0,
  "summary_bg_p05": 0.0,
  "summary_bg_p95": 771.1685791015552,
  "summary_bg_stdv": 880.2462158203125,
  "summary_fg_k": 1.7243964470196724,
  "summary_fg_mad": 4260.384765625,
  "summary_fg_mean": 23100.078125,
  "summary_fg_median": 23090.548828125,
  "summary_fg_n": 37394.0,
  "summary_fg_p05": 14705.21513671875,
  "summary_fg_p95": 30803.39609375,
  "summary_fg_stdv": 5048.68359375,
  "tsnr": 87.96257781982422
}