{
  "aor": 0.0068785,
  "aqi": 0.004963674791666667,
  "bids_meta": {
    "AcquisitionNumber": 4,
    "BidsifyVersion": "0.3.5",
    "ConversionSoftware": "dcm2niix",
    "ConversionSoftwareVersion": "v1.0.20181125  GCC6.3.0",
    "EchoTime": 0.02763,
    "FlipAngle": 76.1,
    "ImageComments": "PIOP2",
    "ImageOrientationPatientDICOM": [
      0.99943,
      0.00512027,
      -0.0333818,
      -0.0109897,
      0.983951,
      -0.178102
    ],
    "Manufacturer": "Philips",
    "NumberOfVolumesDiscardedByScanner": 2,
    "ParallelAcquisitionTechnique": "SENSE",
    "ParallelReductionFactorInPlane": 2,
    "PatientPosition": "HFS",
    "PhaseEncodingDirection": "j",
    "PhilipsRescaleIntercept": 0,
    "PhilipsRescaleSlope": 0.90281,
    "PhilipsScaleSlope": 0.062506,
    "ProtocolName": "WIPtask-rest_boldSENSE",
    "PulseSequenceType": "gradient echo EPI",
    "ReconMatrixPE": 80,
    "RepetitionTime": 2,
    "SeriesDescription": "ImageMRSERIES",
    "SeriesNumber": 4,
    "SliceEncodingDirection": "k",
    "TaskName": "restingstate",
    "UsePhilipsFloatNotDisplayScaling": 1,
    "WaterFatShift": 12,
    "acq_id": "seq",
    "dataset": "unknown",
    "modality": "bold",
    "subject_id": "0204",
    "task_id": "restingstate"
  },
  "dummy_trs": 0,
  "dvars_nstd": 21.182410375481187,
  "dvars_std": 1.2878732079916317,
  "dvars_vstd": 1.0581956526778244,
  "efc": 0.38374378853106894,
  "fber": 1893813376.0,
  "fd_mean": 0.12615680001155213,
  "fd_num": 34,
  "fd_perc": 14.166666666666666,
  "fwhm_avg": 2.7084106179808054,
  "fwhm_x": 2.7105,
  "fwhm_y": 2.939883333333333,
  "fwhm_z": 2.4748485206090827,
  "gcor": 0.085551,
  "gsr_x": -0.0029645271133631468,
  "gsr_y": 0.00420990539714694,
  "provenance": {
    "md5sum": "583af92cbd16df874fb763b2e29b5a5d",
    "settings": {
      "fd_thres": 0.2,
      "hmc_fsl": false
    },
    "software": "mriqc",
    "version": "0.15.0",
    "webapi_port": null,
    "webapi_url": "https://mriqc.nimh.nih.gov/api/v1"
  },
  "size_t": 240,
  "size_x": 80,
  "size_y": 80,
  "size_z": 36,
  "snr": 4.5014874985533435,
  "spacing_tr": 2.0,
  "spacing_x": 3.0,
  "spacing_y": 3.0,
  "spacing_z": 3.299999952316284,
  "spikes_num": 19,
  "summary_bg_k": 106.65055928109847,
  "summary_bg_mad": 0.6820143461227417,
  "summary_bg_mean": 149.12380981445312,
  "summary_bg_median": 0.46001169085502625,
  "summary_bg_n": 152576.0,
  "summary_bg_p05": 0.0,
  "summary_bg_p95": 677.0275421142578,
  "summary_bg_stdv": 853.9837646484375,
  "summary_fg_k": 1.6886065913554233,
  "summary_fg_mad": 4224.0625,
  "summary_fg_mean": 22805.806640625,
  "summary_fg_median": 22826.1875,
  "summary_fg_n": 37700.0,
  "summary_fg_p05": 14205.8701171875,
  "summary_fg_p95": 30522.6341796875,
  "summary_fg_stdv": 5070.74267578125,
  "tsnr": 66.88746643066406
}