{
  "aor": 0.0021406875000000002,
  "aqi": 0.0031741395,
  "bids_meta": {
    "AcquisitionNumber": 3,
    "BidsifyVersion": "0.3.5",
    "ConversionSoftware": "dcm2niix",
    "ConversionSoftwareVersion": "v1.0.20181125  GCC6.3.0",
    "EchoTime": 0.02763,
    "FlipAngle": 76.1,
    "ImageComments": "PIOP2",
    "ImageOrientationPatientDICOM": [
      0.999614,
      0.00790766,
      -0.0266348,
      -0.0122132,
      0.986118,
      -0.165595
    ],
    "Manufacturer": "Philips",
    "NumberOfVolumesDiscardedByScanner": 2,
    "ParallelAcquisitionTechnique": "SENSE",
    "ParallelReductionFactorInPlane": 2,
    "PatientPosition": "HFS",
    "PhaseEncodingDirection": "j",
    "PhilipsRescaleIntercept": 0,
    "PhilipsRescaleSlope": 0.77656,
    "PhilipsScaleSlope": 0.0531328,
    "ProtocolName": "WIPtask-wm_boldSENSE",
    "PulseSequenceType": "gradient echo EPI",
    "ReconMatrixPE": 80,
    "RepetitionTime": 2,
    "SeriesDescription": "ImageMRSERIES",
    "SeriesNumber": 3,
    "SliceEncodingDirection": "k",
    "TaskName": "workingmemory",
    "UsePhilipsFloatNotDisplayScaling": 1,
    "WaterFatShift": 12,
    "acq_id": "seq",
    "dataset": "unknown",
    "modality": "bold",
    "subject_id": "0210",
    "task_id": "workingmemory"
  },
  "dummy_trs": 0,
  "dvars_nstd": 20.05075553069182,
  "dvars_std": 1.357560018805032,
  "dvars_vstd": 1.0285903222641506,
  "efc": 0.38884312099530893,
  "fber": 2453778176.0,
  "fd_mean": 0.0922070701594002,
  "fd_num": 2,
  "fd_perc": 1.25,
  "fwhm_avg": 2.5770055670418723,
  "fwhm_x": 2.5310833333333336,
  "fwhm_y": 2.8151666666666664,
  "fwhm_z": 2.3847667011256175,
  "gcor": 0.0623106,
  "gsr_x": -0.003061917144805193,
  "gsr_y": 3.008927160408348e-05,
  "provenance": {
    "md5sum": "937af5e3fa0bcb380f570a8d3fba5f1b",
    "settings": {
      "fd_thres": 0.2,
      "hmc_fsl": false
    },
    "software": "mriqc",
    "version": "0.15.0",
    "webapi_port": null,
    "webapi_url": "https://mriqc.nimh.nih.gov/api/v1"
  },
  "size_t": 160,
  "size_x": 80,
  "size_y": 80,
  "size_z": 36,
  "snr": 5.202366243535431,
  "spacing_tr": 2.0,
  "spacing_x": 3.0,
  "spacing_y": 3.0,
  "spacing_z": 3.299999952316284,
  "spikes_num": 4,
  "summary_bg_k": 128.90175722361477,
  "summary_bg_mad": 0.7659670114517212,
  "summary_bg_mean": 178.54579162597656,
  "summary_bg_median": 0.520453929901123,
  "summary_bg_n": 152092.0,
  "summary_bg_p05": 0.0012252060638274997,
  "summary_bg_p95": 905.5660186767575,
  "summary_bg_stdv": 1100.0997314453125,
  "summary_fg_k": 3.070678198777598,
  "summary_fg_mad": 4233.48681640625,
  "summary_fg_mean": 27422.568359375,
  "summary_fg_median": 27495.84375,
  "summary_fg_n": 38171.0,
  "summary_fg_p05": 18821.2275390625,
  "summary_fg_p95": 35014.486328125,
  "summary_fg_stdv": 5285.18798828125,
  "tsnr": 95.0478515625
}