{
  "aor": 0.0007843703703703703,
  "aqi": 0.0027956387407407405,
  "bids_meta": {
    "AcquisitionNumber": 9,
    "BidsifyVersion": "0.3.5",
    "ConversionSoftware": "dcm2niix",
    "ConversionSoftwareVersion": "v1.0.20181125  GCC6.3.0",
    "EchoTime": 0.02763,
    "FlipAngle": 76.1,
    "ImageComments": "PIOP2",
    "ImageOrientationPatientDICOM": [
      0.996114,
      0.0790471,
      -0.038828,
      -0.0803204,
      0.996242,
      -0.0324069
    ],
    "Manufacturer": "Philips",
    "NumberOfVolumesDiscardedByScanner": 2,
    "ParallelAcquisitionTechnique": "SENSE",
    "ParallelReductionFactorInPlane": 2,
    "PatientPosition": "HFS",
    "PhaseEncodingDirection": "j",
    "PhilipsRescaleIntercept": 0,
    "PhilipsRescaleSlope": 0.75165,
    "PhilipsScaleSlope": 0.048389,
    "ProtocolName": "WIPtask-harriri_boldSENSE",
    "PulseSequenceType": "gradient echo EPI",
    "ReconMatrixPE": 80,
    "RepetitionTime": 2,
    "SeriesDescription": "ImageMRSERIES",
    "SeriesNumber": 9,
    "SliceEncodingDirection": "k",
    "TaskName": "emomatching",
    "UsePhilipsFloatNotDisplayScaling": 1,
    "WaterFatShift": 12,
    "acq_id": "seq",
    "dataset": "unknown",
    "modality": "bold",
    "subject_id": "0209",
    "task_id": "emomatching"
  },
  "dummy_trs": 0,
  "dvars_nstd": 17.71916028634329,
  "dvars_std": 1.2399474682835818,
  "dvars_vstd": 1.0214416058955222,
  "efc": 0.45149113881183706,
  "fber": 893922880.0,
  "fd_mean": 0.0952237096136969,
  "fd_num": 3,
  "fd_perc": 2.2222222222222223,
  "fwhm_avg": 2.631520011718474,
  "fwhm_x": 2.5705833333333334,
  "fwhm_y": 2.89101,
  "fwhm_z": 2.432966701822089,
  "gcor": 0.0266101,
  "gsr_x": 0.005044791381806135,
  "gsr_y": 0.0005629462539218366,
  "provenance": {
    "md5sum": "8b5696ab7c9b7b0bcf9060c0159ff5dd",
    "settings": {
      "fd_thres": 0.2,
      "hmc_fsl": false
    },
    "software": "mriqc",
    "version": "0.15.0",
    "webapi_port": null,
    "webapi_url": "https://mriqc.nimh.nih.gov/api/v1"
  },
  "size_t": 135,
  "size_x": 80,
  "size_y": 80,
  "size_z": 36,
  "snr": 4.648243584008494,
  "spacing_tr": 2.0,
  "spacing_x": 3.0,
  "spacing_y": 3.0,
  "spacing_z": 3.299999952316284,
  "spikes_num": 0,
  "summary_bg_k": 59.083662668940285,
  "summary_bg_mad": 1.2165067195892334,
  "summary_bg_mean": 327.92352294921875,
  "summary_bg_median": 0.8270328044891357,
  "summary_bg_n": 139676.0,
  "summary_bg_p05": 0.003559027798473835,
  "summary_bg_p95": 1660.0505065917969,
  "summary_bg_stdv": 1696.7999267578125,
  "summary_fg_k": 2.6070041449927066,
  "summary_fg_mad": 4934.87939453125,
  "summary_fg_mean": 29220.642578125,
  "summary_fg_median": 28842.587890625,
  "summary_fg_n": 49571.0,
  "summary_fg_p05": 20460.193359375,
  "summary_fg_p95": 39176.6875,
  "summary_fg_stdv": 6204.98828125,
  "tsnr": 97.97489929199219
}