{
  "aor": 0.002628,
  "aqi": 0.0045038461250000005,
  "bids_meta": {
    "AcquisitionNumber": 5,
    "BidsifyVersion": "0.3.5",
    "ConversionSoftware": "dcm2niix",
    "ConversionSoftwareVersion": "v1.0.20181125  GCC6.3.0",
    "EchoTime": 0.02763,
    "FlipAngle": 76.1,
    "ImageComments": "PIOP2",
    "ImageOrientationPatientDICOM": [
      0.996114,
      0.0790471,
      -0.038828,
      -0.0803204,
      0.996242,
      -0.0324069
    ],
    "Manufacturer": "Philips",
    "NumberOfVolumesDiscardedByScanner": 2,
    "ParallelAcquisitionTechnique": "SENSE",
    "ParallelReductionFactorInPlane": 2,
    "PatientPosition": "HFS",
    "PhaseEncodingDirection": "j",
    "PhilipsRescaleIntercept": 0,
    "PhilipsRescaleSlope": 0.76166,
    "PhilipsScaleSlope": 0.0477673,
    "ProtocolName": "WIPtask-rest_boldSENSE",
    "PulseSequenceType": "gradient echo EPI",
    "ReconMatrixPE": 80,
    "RepetitionTime": 2,
    "SeriesDescription": "ImageMRSERIES",
    "SeriesNumber": 5,
    "SliceEncodingDirection": "k",
    "TaskName": "restingstate",
    "UsePhilipsFloatNotDisplayScaling": 1,
    "WaterFatShift": 12,
    "acq_id": "seq",
    "dataset": "unknown",
    "modality": "bold",
    "subject_id": "0209",
    "task_id": "restingstate"
  },
  "dummy_trs": 0,
  "dvars_nstd": 19.306633458577398,
  "dvars_std": 1.285534168075314,
  "dvars_vstd": 0.9959791110878657,
  "efc": 0.4514550130650571,
  "fber": 80274304.0,
  "fd_mean": 0.10965136203132157,
  "fd_num": 11,
  "fd_perc": 4.583333333333333,
  "fwhm_avg": 2.6370693046827087,
  "fwhm_x": 2.57517,
  "fwhm_y": 2.8958166666666667,
  "fwhm_z": 2.4402212473814595,
  "gcor": 0.0313328,
  "gsr_x": 0.005589083768427372,
  "gsr_y": 0.00025779264979064465,
  "provenance": {
    "md5sum": "37918a27918d27e7ad61590ff5db71e5",
    "settings": {
      "fd_thres": 0.2,
      "hmc_fsl": false
    },
    "software": "mriqc",
    "version": "0.15.0",
    "webapi_port": null,
    "webapi_url": "https://mriqc.nimh.nih.gov/api/v1"
  },
  "size_t": 240,
  "size_x": 80,
  "size_y": 80,
  "size_z": 36,
  "snr": 4.672803420245881,
  "spacing_tr": 2.0,
  "spacing_x": 3.0,
  "spacing_y": 3.0,
  "spacing_z": 3.299999952316284,
  "spikes_num": 1,
  "summary_bg_k": 64.41800333663153,
  "summary_bg_mad": 4.309061050415039,
  "summary_bg_mean": 319.615234375,
  "summary_bg_median": 2.9470770359039307,
  "summary_bg_n": 139711.0,
  "summary_bg_p05": 0.0028044310165569186,
  "summary_bg_p95": 1510.8645629882812,
  "summary_bg_stdv": 1662.605712890625,
  "summary_fg_k": 2.6309887271610313,
  "summary_fg_mad": 4971.6025390625,
  "summary_fg_mean": 29400.068359375,
  "summary_fg_median": 29014.671875,
  "summary_fg_n": 49493.0,
  "summary_fg_p05": 20759.953515625,
  "summary_fg_p95": 39257.306249999994,
  "summary_fg_stdv": 6209.20166015625,
  "tsnr": 77.56684875488281
}