{
  "aor": 0.0033179279279279277,
  "aqi": 0.0027161236486486487,
  "bids_meta": {
    "AcquisitionNumber": 7,
    "BidsifyVersion": "0.3.5",
    "ConversionSoftware": "dcm2niix",
    "ConversionSoftwareVersion": "v1.0.20181125  GCC6.3.0",
    "EchoTime": 0.02763,
    "FlipAngle": 76.1,
    "ImageComments": "PIOP2",
    "ImageOrientationPatientDICOM": [
      0.998888,
      -0.0344522,
      -0.0321905,
      0.0383734,
      0.990715,
      0.130425
    ],
    "Manufacturer": "Philips",
    "NumberOfVolumesDiscardedByScanner": 2,
    "ParallelAcquisitionTechnique": "SENSE",
    "ParallelReductionFactorInPlane": 2,
    "PatientPosition": "HFS",
    "PhaseEncodingDirection": "j",
    "PhilipsRescaleIntercept": 0,
    "PhilipsRescaleSlope": 0.77827,
    "PhilipsScaleSlope": 0.0535137,
    "ProtocolName": "WIPtask-stop_boldSENSE",
    "PulseSequenceType": "gradient echo EPI",
    "ReconMatrixPE": 80,
    "RepetitionTime": 2,
    "SeriesDescription": "ImageMRSERIES",
    "SeriesNumber": 7,
    "SliceEncodingDirection": "k",
    "TaskName": "stopsignal",
    "UsePhilipsFloatNotDisplayScaling": 1,
    "WaterFatShift": 12,
    "acq_id": "seq",
    "dataset": "unknown",
    "modality": "bold",
    "subject_id": "0214",
    "task_id": "stopsignal"
  },
  "dummy_trs": 0,
  "dvars_nstd": 15.828127942895927,
  "dvars_std": 1.1888463381447962,
  "dvars_vstd": 1.052313240950226,
  "efc": 0.4251047615479898,
  "fber": 645085632.0,
  "fd_mean": 0.09832469740104953,
  "fd_num": 3,
  "fd_perc": 1.3513513513513513,
  "fwhm_avg": 2.7109554669140152,
  "fwhm_x": 2.5382333333333333,
  "fwhm_y": 3.0266966666666666,
  "fwhm_z": 2.5679364007420453,
  "gcor": 0.0176799,
  "gsr_x": -0.001866737031377852,
  "gsr_y": 0.002511175349354744,
  "provenance": {
    "md5sum": "f97c4b89605154e48dcac862cb403763",
    "settings": {
      "fd_thres": 0.2,
      "hmc_fsl": false
    },
    "software": "mriqc",
    "version": "0.15.0",
    "webapi_port": null,
    "webapi_url": "https://mriqc.nimh.nih.gov/api/v1"
  },
  "size_t": 222,
  "size_x": 80,
  "size_y": 80,
  "size_z": 36,
  "snr": 5.092207794454678,
  "spacing_tr": 2.0,
  "spacing_x": 3.0,
  "spacing_y": 3.0,
  "spacing_z": 3.299999952316284,
  "spikes_num": 4,
  "summary_bg_k": 122.80001154521558,
  "summary_bg_mad": 1.3081969022750854,
  "summary_bg_mean": 182.1106719970703,
  "summary_bg_median": 0.882365345954895,
  "summary_bg_n": 144478.0,
  "summary_bg_p05": 0.0,
  "summary_bg_p95": 882.57734375,
  "summary_bg_stdv": 1072.516357421875,
  "summary_fg_k": 2.851181750716952,
  "summary_fg_mad": 4114.53955078125,
  "summary_fg_mean": 24550.236328125,
  "summary_fg_median": 24472.75,
  "summary_fg_n": 45207.0,
  "summary_fg_p05": 17656.7470703125,
  "summary_fg_p95": 31838.0958984375,
  "summary_fg_stdv": 4805.8681640625,
  "tsnr": 97.4682388305664
}