{
  "aor": 0.0009742962962962961,
  "aqi": 0.00305790237037037,
  "bids_meta": {
    "AcquisitionNumber": 8,
    "BidsifyVersion": "0.3.5",
    "ConversionSoftware": "dcm2niix",
    "ConversionSoftwareVersion": "v1.0.20181125  GCC6.3.0",
    "EchoTime": 0.02763,
    "FlipAngle": 76.1,
    "ImageComments": "PIOP2",
    "ImageOrientationPatientDICOM": [
      0.998888,
      -0.0344522,
      -0.0321905,
      0.0383734,
      0.990715,
      0.130425
    ],
    "Manufacturer": "Philips",
    "NumberOfVolumesDiscardedByScanner": 2,
    "ParallelAcquisitionTechnique": "SENSE",
    "ParallelReductionFactorInPlane": 2,
    "PatientPosition": "HFS",
    "PhaseEncodingDirection": "j",
    "PhilipsRescaleIntercept": 0,
    "PhilipsRescaleSlope": 0.76557,
    "PhilipsScaleSlope": 0.0534208,
    "ProtocolName": "WIPtask-harriri_boldSENSE",
    "PulseSequenceType": "gradient echo EPI",
    "ReconMatrixPE": 80,
    "RepetitionTime": 2,
    "SeriesDescription": "ImageMRSERIES",
    "SeriesNumber": 8,
    "SliceEncodingDirection": "k",
    "TaskName": "emomatching",
    "UsePhilipsFloatNotDisplayScaling": 1,
    "WaterFatShift": 12,
    "acq_id": "seq",
    "dataset": "unknown",
    "modality": "bold",
    "subject_id": "0214",
    "task_id": "emomatching"
  },
  "dummy_trs": 0,
  "dvars_nstd": 15.815516265522383,
  "dvars_std": 1.1337426520895513,
  "dvars_vstd": 0.9917641614179108,
  "efc": 0.4252736092515831,
  "fber": 945940224.0,
  "fd_mean": 0.10348188485475815,
  "fd_num": 6,
  "fd_perc": 4.444444444444445,
  "fwhm_avg": 2.706058295075058,
  "fwhm_x": 2.53732,
  "fwhm_y": 3.0382033333333336,
  "fwhm_z": 2.542651551891841,
  "gcor": 0.0257074,
  "gsr_x": -0.001915543107315898,
  "gsr_y": 0.002156945178285241,
  "provenance": {
    "md5sum": "f5d723a7240c9c526a0725b13d10b8c9",
    "settings": {
      "fd_thres": 0.2,
      "hmc_fsl": false
    },
    "software": "mriqc",
    "version": "0.15.0",
    "webapi_port": null,
    "webapi_url": "https://mriqc.nimh.nih.gov/api/v1"
  },
  "size_t": 135,
  "size_x": 80,
  "size_y": 80,
  "size_z": 36,
  "snr": 5.137655926576753,
  "spacing_tr": 2.0,
  "spacing_x": 3.0,
  "spacing_y": 3.0,
  "spacing_z": 3.299999952316284,
  "spikes_num": 0,
  "summary_bg_k": 128.9674052260647,
  "summary_bg_mad": 1.070773720741272,
  "summary_bg_mean": 183.76394653320312,
  "summary_bg_median": 0.7347354292869568,
  "summary_bg_n": 144389.0,
  "summary_bg_p05": 0.003075882000848653,
  "summary_bg_p95": 878.5050170898444,
  "summary_bg_stdv": 1085.6007080078125,
  "summary_fg_k": 2.8925088167836144,
  "summary_fg_mad": 4094.767822265625,
  "summary_fg_mean": 24610.083984375,
  "summary_fg_median": 24536.087890625,
  "summary_fg_n": 45223.0,
  "summary_fg_p05": 17719.6357421875,
  "summary_fg_p95": 31815.5638671875,
  "summary_fg_stdv": 4775.68310546875,
  "tsnr": 94.0137710571289
}