{
    "Manufacturer": "Philips",
    "PatientPosition": "HFS",
    "SeriesDescription": "ImageMRSERIES",
    "ProtocolName": "WIPT1anat_acq-6m_T1wSENSE",
    "SeriesNumber": 2,
    "AcquisitionNumber": 2,
    "ImageComments": "PIOP2",
    "PhilipsRescaleSlope": 9.13358,
    "PhilipsRescaleIntercept": 0,
    "PhilipsScaleSlope": 0.00704214,
    "UsePhilipsFloatNotDisplayScaling": 1,
    "EchoTime": 0.00372,
    "RepetitionTime": 0.008116,
    "ReconMatrixPE": 240,
    "ImageOrientationPatientDICOM": [
        0.999718,
        -0.02349,
        0.00334633,
        0.0233851,
        0.999319,
        0.0285311
    ],
    "ConversionSoftware": "dcm2niix",
    "ConversionSoftwareVersion": "v1.0.20181125  GCC6.3.0",
    "BidsifyVersion": "0.3.5"
}