{
    "Manufacturer": "Philips",
    "PatientPosition": "HFS",
    "SeriesDescription": "ImageMRSERIES",
    "ProtocolName": "WIPT1anat_acq-6m_T1wSENSE",
    "SeriesNumber": 2,
    "AcquisitionNumber": 2,
    "ImageComments": "PIOP2",
    "PhilipsRescaleSlope": 9.37192,
    "PhilipsRescaleIntercept": 0,
    "PhilipsScaleSlope": 0.00679737,
    "UsePhilipsFloatNotDisplayScaling": 1,
    "EchoTime": 0.00374,
    "RepetitionTime": 0.008165,
    "ReconMatrixPE": 240,
    "ImageOrientationPatientDICOM": [
        0.999593,
        -0.0122386,
        -0.0257484,
        0.0137834,
        0.998061,
        0.0606993
    ],
    "ConversionSoftware": "dcm2niix",
    "ConversionSoftwareVersion": "v1.0.20181125  GCC6.3.0",
    "BidsifyVersion": "0.3.5"
}