{
    "Manufacturer": "Philips",
    "PatientPosition": "HFS",
    "SeriesDescription": "ImageMRSERIES",
    "ProtocolName": "WIPT1anat_acq-6m_T1wSENSE",
    "SeriesNumber": 2,
    "AcquisitionNumber": 2,
    "ImageComments": "PIOP2",
    "PhilipsRescaleSlope": 8.49573,
    "PhilipsRescaleIntercept": 0,
    "PhilipsScaleSlope": 0.00711727,
    "UsePhilipsFloatNotDisplayScaling": 1,
    "EchoTime": 0.00379,
    "RepetitionTime": 0.008249,
    "ReconMatrixPE": 240,
    "ImageOrientationPatientDICOM": [
        0.999467,
        0.0322009,
        -0.00542499,
        -0.0326318,
        0.991103,
        -0.129033
    ],
    "ConversionSoftware": "dcm2niix",
    "ConversionSoftwareVersion": "v1.0.20181125  GCC6.3.0",
    "BidsifyVersion": "0.3.5"
}