{
  "aor": 0.0020569911504424777,
  "aqi": 0.010671040309734512,
  "bids_meta": {
    "AcquisitionNumber": 7,
    "BidsifyVersion": "0.3.5",
    "ConversionSoftware": "dcm2niix",
    "ConversionSoftwareVersion": "v1.0.20181125  GCC6.3.0",
    "EchoTime": 0.02763,
    "FlipAngle": 76.1,
    "ImageComments": "PIOP2",
    "ImageOrientationPatientDICOM": [
      0.999776,
      0.0118877,
      -0.0175083,
      -0.0137859,
      0.993542,
      -0.112626
    ],
    "Manufacturer": "Philips",
    "NumberOfVolumesDiscardedByScanner": 2,
    "ParallelAcquisitionTechnique": "SENSE",
    "ParallelReductionFactorInPlane": 2,
    "PatientPosition": "HFS",
    "PhaseEncodingDirection": "j",
    "PhilipsRescaleIntercept": 0,
    "PhilipsRescaleSlope": 0.74432,
    "PhilipsScaleSlope": 0.0518515,
    "ProtocolName": "WIPtask-stop_boldSENSE",
    "PulseSequenceType": "gradient echo EPI",
    "ReconMatrixPE": 80,
    "RepetitionTime": 2,
    "SeriesDescription": "ImageMRSERIES",
    "SeriesNumber": 7,
    "SliceEncodingDirection": "k",
    "TaskName": "stopsignal",
    "UsePhilipsFloatNotDisplayScaling": 1,
    "WaterFatShift": 12,
    "acq_id": "seq",
    "dataset": "unknown",
    "modality": "bold",
    "subject_id": "0088",
    "task_id": "stopsignal"
  },
  "dummy_trs": 0,
  "dvars_nstd": 27.148557391955578,
  "dvars_std": 1.3111148001333335,
  "dvars_vstd": 0.9706099179999995,
  "efc": 0.41314273177554295,
  "fber": 102370312.0,
  "fd_mean": 0.21391547978138817,
  "fd_num": 100,
  "fd_perc": 44.24778761061947,
  "fwhm_avg": 2.560990516466909,
  "fwhm_x": 2.5008066666666666,
  "fwhm_y": 2.811913333333333,
  "fwhm_z": 2.3702515494007277,
  "gcor": 0.0185139,
  "gsr_x": 0.0012230502907186747,
  "gsr_y": -4.1504747059661895e-05,
  "provenance": {
    "md5sum": "620d2eb561106775e895430dd73a3748",
    "settings": {
      "fd_thres": 0.2,
      "hmc_fsl": false
    },
    "software": "mriqc",
    "version": "0.15.0",
    "webapi_port": null,
    "webapi_url": "https://mriqc.nimh.nih.gov/api/v1"
  },
  "size_t": 226,
  "size_x": 80,
  "size_y": 80,
  "size_z": 36,
  "snr": 4.689501645226541,
  "spacing_tr": 2.0,
  "spacing_x": 3.0,
  "spacing_y": 3.0,
  "spacing_z": 3.299999952316284,
  "spikes_num": 1,
  "summary_bg_k": 54.28616224080983,
  "summary_bg_mad": 3.396070718765259,
  "summary_bg_mean": 293.85302734375,
  "summary_bg_median": 2.332920789718628,
  "summary_bg_n": 148869.0,
  "summary_bg_p05": 0.011396550573408605,
  "summary_bg_p95": 1197.031640625003,
  "summary_bg_stdv": 1451.88037109375,
  "summary_fg_k": 3.622578276142887,
  "summary_fg_mad": 3952.999755859375,
  "summary_fg_mean": 26105.341796875,
  "summary_fg_median": 25778.990234375,
  "summary_fg_n": 41623.0,
  "summary_fg_p05": 18621.71640625,
  "summary_fg_p95": 34880.294921875,
  "summary_fg_stdv": 5497.1044921875,
  "tsnr": 55.813232421875
}