{
    "Manufacturer": "Philips",
    "PatientPosition": "HFS",
    "SeriesDescription": "ImageMRSERIES",
    "ProtocolName": "WIPT1anat_acq-6m_T1wSENSE",
    "SeriesNumber": 2,
    "AcquisitionNumber": 2,
    "ImageComments": "PIOP2",
    "PhilipsRescaleSlope": 9.05934,
    "PhilipsRescaleIntercept": 0,
    "PhilipsScaleSlope": 0.00743352,
    "UsePhilipsFloatNotDisplayScaling": 1,
    "EchoTime": 0.00377,
    "RepetitionTime": 0.00822,
    "ReconMatrixPE": 240,
    "ImageOrientationPatientDICOM": [
        0.999766,
        0.0175488,
        -0.0126345,
        -0.0160547,
        0.993807,
        0.109951
    ],
    "ConversionSoftware": "dcm2niix",
    "ConversionSoftwareVersion": "v1.0.20181125  GCC6.3.0",
    "BidsifyVersion": "0.3.5"
}