{
  "aor": 0.0014491666666666667,
  "aqi": 0.0033164341249999995,
  "bids_meta": {
    "AcquisitionNumber": 4,
    "BidsifyVersion": "0.3.5",
    "ConversionSoftware": "dcm2niix",
    "ConversionSoftwareVersion": "v1.0.20181125  GCC6.3.0",
    "EchoTime": 0.02763,
    "EffectiveEchoSpacing": 0.0006909035636805814,
    "FlipAngle": 76.1,
    "ImageComments": "PIOP2",
    "ImageOrientationPatientDICOM": [
      0.996866,
      0.0764506,
      -0.0203394,
      -0.0779299,
      0.993227,
      -0.0861804
    ],
    "Manufacturer": "Philips",
    "NumberOfVolumesDiscardedByScanner": 2,
    "ParallelAcquisitionTechnique": "SENSE",
    "ParallelReductionFactorInPlane": 2,
    "PatientPosition": "HFS",
    "PhaseEncodingDirection": "j",
    "PhilipsRescaleIntercept": 0,
    "PhilipsRescaleSlope": 0.78974,
    "PhilipsScaleSlope": 0.0580481,
    "ProtocolName": "WIPtask-rest_boldSENSE",
    "PulseSequenceType": "gradient echo EPI",
    "ReconMatrixPE": 80,
    "RepetitionTime": 2,
    "SeriesDescription": "ImageMRSERIES",
    "SeriesNumber": 4,
    "SliceEncodingDirection": "k",
    "SliceTiming": [
      0.0,
      0.0556,
      0.1111,
      0.1667,
      0.2222,
      0.2778,
      0.3333,
      0.3889,
      0.4444,
      0.5,
      0.5556,
      0.6111,
      0.6667,
      0.7222,
      0.7778,
      0.8333,
      0.8889,
      0.9444,
      1.0,
      1.0556,
      1.1111,
      1.1667,
      1.2222,
      1.2778,
      1.3333,
      1.3889,
      1.4444,
      1.5,
      1.5556,
      1.6111,
      1.6667,
      1.7222,
      1.7778,
      1.8333,
      1.8889,
      1.9444
    ],
    "TaskName": "restingstate",
    "TotalReadoutTime": 0.026945238983542674,
    "UsePhilipsFloatNotDisplayScaling": 1,
    "WaterFatShift": 12,
    "acq_id": "seq",
    "dataset": "unknown",
    "modality": "bold",
    "subject_id": "0132",
    "task_id": "restingstate"
  },
  "dummy_trs": 0,
  "dvars_nstd": 20.82209339702929,
  "dvars_std": 1.170345037866109,
  "dvars_vstd": 0.9943947303347277,
  "efc": 0.3782032853165279,
  "fber": 6087351296.0,
  "fd_mean": 0.16833747049222297,
  "fd_num": 66,
  "fd_perc": 27.5,
  "fwhm_avg": 2.5811098093800884,
  "fwhm_x": 2.5341299999999998,
  "fwhm_y": 2.8422933333333336,
  "fwhm_z": 2.3669060948069327,
  "gcor": 0.0305225,
  "gsr_x": -0.0031447065994143486,
  "gsr_y": 0.0006109754322096705,
  "provenance": {
    "md5sum": "c690db995b011aa14d179195403263a0",
    "settings": {
      "fd_thres": 0.2,
      "hmc_fsl": false
    },
    "software": "mriqc",
    "version": "0.15.0",
    "webapi_port": null,
    "webapi_url": "https://mriqc.nimh.nih.gov/api/v1"
  },
  "size_t": 240,
  "size_x": 80,
  "size_y": 80,
  "size_z": 36,
  "snr": 4.782307533662382,
  "spacing_tr": 2.0,
  "spacing_x": 3.0,
  "spacing_y": 3.0,
  "spacing_z": 3.299999952316284,
  "spikes_num": 1,
  "summary_bg_k": 130.72824541228334,
  "summary_bg_mad": 0.41069120168685913,
  "summary_bg_mean": 144.80618286132812,
  "summary_bg_median": 0.27801135182380676,
  "summary_bg_n": 154390.0,
  "summary_bg_p05": 0.0004494238237384708,
  "summary_bg_p95": 682.3388397216793,
  "summary_bg_stdv": 877.5493774414062,
  "summary_fg_k": 1.925043339509398,
  "summary_fg_mad": 4346.98388671875,
  "summary_fg_mean": 23879.8125,
  "summary_fg_median": 23826.658203125,
  "summary_fg_n": 36499.0,
  "summary_fg_p05": 16118.377246093749,
  "summary_fg_p95": 31582.598828125,
  "summary_fg_stdv": 4982.18310546875,
  "tsnr": 83.9847183227539
}