{
  "aor": 0.0034705045871559633,
  "aqi": 0.004730521559633027,
  "bids_meta": {
    "AcquisitionNumber": 7,
    "BidsifyVersion": "0.3.5",
    "ConversionSoftware": "dcm2niix",
    "ConversionSoftwareVersion": "v1.0.20181125  GCC6.3.0",
    "EchoTime": 0.02763,
    "EffectiveEchoSpacing": 0.0006909035636805814,
    "FlipAngle": 76.1,
    "ImageComments": "PIOP2",
    "ImageOrientationPatientDICOM": [
      0.998185,
      0.0538926,
      -0.026864,
      -0.0540598,
      0.998522,
      -0.00553659
    ],
    "Manufacturer": "Philips",
    "NumberOfVolumesDiscardedByScanner": 2,
    "ParallelAcquisitionTechnique": "SENSE",
    "ParallelReductionFactorInPlane": 2,
    "PatientPosition": "HFS",
    "PhaseEncodingDirection": "j",
    "PhilipsRescaleIntercept": 0,
    "PhilipsRescaleSlope": 0.77167,
    "PhilipsScaleSlope": 0.0506785,
    "ProtocolName": "WIPtask-stop_boldSENSE",
    "PulseSequenceType": "gradient echo EPI",
    "ReconMatrixPE": 80,
    "RepetitionTime": 2,
    "SeriesDescription": "ImageMRSERIES",
    "SeriesNumber": 7,
    "SliceEncodingDirection": "k",
    "SliceTiming": [
      0.0,
      0.0556,
      0.1111,
      0.1667,
      0.2222,
      0.2778,
      0.3333,
      0.3889,
      0.4444,
      0.5,
      0.5556,
      0.6111,
      0.6667,
      0.7222,
      0.7778,
      0.8333,
      0.8889,
      0.9444,
      1.0,
      1.0556,
      1.1111,
      1.1667,
      1.2222,
      1.2778,
      1.3333,
      1.3889,
      1.4444,
      1.5,
      1.5556,
      1.6111,
      1.6667,
      1.7222,
      1.7778,
      1.8333,
      1.8889,
      1.9444
    ],
    "TaskName": "stopsignal",
    "TotalReadoutTime": 0.026945238983542674,
    "UsePhilipsFloatNotDisplayScaling": 1,
    "WaterFatShift": 12,
    "acq_id": "seq",
    "dataset": "unknown",
    "modality": "bold",
    "subject_id": "0021",
    "task_id": "stopsignal"
  },
  "dummy_trs": 0,
  "dvars_nstd": 19.791705539953924,
  "dvars_std": 1.2704818405990779,
  "dvars_vstd": 1.0178417192626734,
  "efc": 0.41718819752869984,
  "fber": 455279936.0,
  "fd_mean": 0.11697586070668012,
  "fd_num": 12,
  "fd_perc": 5.504587155963303,
  "fwhm_avg": 2.6140439508724627,
  "fwhm_x": 2.473316666666667,
  "fwhm_y": 2.985666666666667,
  "fwhm_z": 2.383148519284054,
  "gcor": 0.0183771,
  "gsr_x": -0.0007258038967847824,
  "gsr_y": 0.0039742933586239815,
  "provenance": {
    "md5sum": "f64ca0a68a5404803343ef390e9aa9d4",
    "settings": {
      "fd_thres": 0.2,
      "hmc_fsl": false
    },
    "software": "mriqc",
    "version": "0.15.0",
    "webapi_port": null,
    "webapi_url": "https://mriqc.nimh.nih.gov/api/v1"
  },
  "size_t": 218,
  "size_x": 80,
  "size_y": 80,
  "size_z": 36,
  "snr": 4.5948094223706795,
  "spacing_tr": 2.0,
  "spacing_x": 3.0,
  "spacing_y": 3.0,
  "spacing_z": 3.299999952316284,
  "spikes_num": 1,
  "summary_bg_k": 86.64608988504345,
  "summary_bg_mad": 1.6563650369644165,
  "summary_bg_mean": 223.60826110839844,
  "summary_bg_median": 1.1172012090682983,
  "summary_bg_n": 146153.0,
  "summary_bg_p05": 0.0,
  "summary_bg_p95": 1046.0270751953076,
  "summary_bg_stdv": 1277.2137451171875,
  "summary_fg_k": 2.5045834729836614,
  "summary_fg_mad": 4512.392578125,
  "summary_fg_mean": 26027.396484375,
  "summary_fg_median": 26015.576171875,
  "summary_fg_n": 43477.0,
  "summary_fg_p05": 16855.372265625,
  "summary_fg_p95": 34509.56328125,
  "summary_fg_stdv": 5661.8837890625,
  "tsnr": 77.43995666503906
}