{
  "aor": 0.0015605925925925924,
  "aqi": 0.0022368519999999997,
  "bids_meta": {
    "AcquisitionNumber": 8,
    "BidsifyVersion": "0.3.5",
    "ConversionSoftware": "dcm2niix",
    "ConversionSoftwareVersion": "v1.0.20181125  GCC6.3.0",
    "EchoTime": 0.02763,
    "EffectiveEchoSpacing": 0.0006909035636805814,
    "FlipAngle": 76.1,
    "ImageComments": "PIOP2",
    "ImageOrientationPatientDICOM": [
      0.995622,
      0.0848035,
      -0.0393088,
      -0.0787068,
      0.987464,
      0.136818
    ],
    "Manufacturer": "Philips",
    "NumberOfVolumesDiscardedByScanner": 2,
    "ParallelAcquisitionTechnique": "SENSE",
    "ParallelReductionFactorInPlane": 2,
    "PatientPosition": "HFS",
    "PhaseEncodingDirection": "j",
    "PhilipsRescaleIntercept": 0,
    "PhilipsRescaleSlope": 0.75702,
    "PhilipsScaleSlope": 0.0455004,
    "ProtocolName": "WIPtask-harriri_boldSENSE",
    "PulseSequenceType": "gradient echo EPI",
    "ReconMatrixPE": 80,
    "RepetitionTime": 2,
    "SeriesDescription": "ImageMRSERIES",
    "SeriesNumber": 8,
    "SliceEncodingDirection": "k",
    "SliceTiming": [
      0.0,
      0.0556,
      0.1111,
      0.1667,
      0.2222,
      0.2778,
      0.3333,
      0.3889,
      0.4444,
      0.5,
      0.5556,
      0.6111,
      0.6667,
      0.7222,
      0.7778,
      0.8333,
      0.8889,
      0.9444,
      1.0,
      1.0556,
      1.1111,
      1.1667,
      1.2222,
      1.2778,
      1.3333,
      1.3889,
      1.4444,
      1.5,
      1.5556,
      1.6111,
      1.6667,
      1.7222,
      1.7778,
      1.8333,
      1.8889,
      1.9444
    ],
    "TaskName": "emomatching",
    "TotalReadoutTime": 0.026945238983542674,
    "UsePhilipsFloatNotDisplayScaling": 1,
    "WaterFatShift": 12,
    "acq_id": "seq",
    "dataset": "unknown",
    "modality": "bold",
    "subject_id": "0177",
    "task_id": "emomatching"
  },
  "dummy_trs": 0,
  "dvars_nstd": 16.107595550447773,
  "dvars_std": 1.2296981567910448,
  "dvars_vstd": 1.0115678382089552,
  "efc": 0.4217547473146585,
  "fber": 2018570368.0,
  "fd_mean": 0.07883341206809728,
  "fd_num": 0,
  "fd_perc": 0.0,
  "fwhm_avg": 2.587920516471565,
  "fwhm_x": 2.44924,
  "fwhm_y": 2.943303333333333,
  "fwhm_z": 2.3712182160813624,
  "gcor": 0.0306368,
  "gsr_x": -0.00219813734292984,
  "gsr_y": 0.005254851654171944,
  "provenance": {
    "md5sum": "1e2d2a9cb13a141afbeebbff41b9fa8b",
    "settings": {
      "fd_thres": 0.2,
      "hmc_fsl": false
    },
    "software": "mriqc",
    "version": "0.15.0",
    "webapi_port": null,
    "webapi_url": "https://mriqc.nimh.nih.gov/api/v1"
  },
  "size_t": 135,
  "size_x": 80,
  "size_y": 80,
  "size_z": 36,
  "snr": 4.964728217821949,
  "spacing_tr": 2.0,
  "spacing_x": 3.0,
  "spacing_y": 3.0,
  "spacing_z": 3.299999952316284,
  "spikes_num": 0,
  "summary_bg_k": 66.94053892317142,
  "summary_bg_mad": 0.9292733669281006,
  "summary_bg_mean": 284.7476806640625,
  "summary_bg_median": 0.6301151514053345,
  "summary_bg_n": 145808.0,
  "summary_bg_p05": 0.000651010117144324,
  "summary_bg_p95": 1391.1956726074216,
  "summary_bg_stdv": 1512.6949462890625,
  "summary_fg_k": 2.2461438731102374,
  "summary_fg_mad": 5480.8056640625,
  "summary_fg_mean": 31191.654296875,
  "summary_fg_median": 31047.7109375,
  "summary_fg_n": 44162.0,
  "summary_fg_p05": 21782.81220703125,
  "summary_fg_p95": 40823.37265625,
  "summary_fg_stdv": 6253.5869140625,
  "tsnr": 106.9549789428711
}