{
  "aor": 0.0007174429223744291,
  "aqi": 0.0022061989041095888,
  "bids_meta": {
    "AcquisitionNumber": 7,
    "BidsifyVersion": "0.3.5",
    "ConversionSoftware": "dcm2niix",
    "ConversionSoftwareVersion": "v1.0.20181125  GCC6.3.0",
    "EchoTime": 0.02763,
    "EffectiveEchoSpacing": 0.0006909035636805814,
    "FlipAngle": 76.1,
    "ImageComments": "PIOP2",
    "ImageOrientationPatientDICOM": [
      0.995622,
      0.0848035,
      -0.0393088,
      -0.0787068,
      0.987464,
      0.136818
    ],
    "Manufacturer": "Philips",
    "NumberOfVolumesDiscardedByScanner": 2,
    "ParallelAcquisitionTechnique": "SENSE",
    "ParallelReductionFactorInPlane": 2,
    "PatientPosition": "HFS",
    "PhaseEncodingDirection": "j",
    "PhilipsRescaleIntercept": 0,
    "PhilipsRescaleSlope": 0.75385,
    "PhilipsScaleSlope": 0.0453954,
    "ProtocolName": "WIPtask-stop_boldSENSE",
    "PulseSequenceType": "gradient echo EPI",
    "ReconMatrixPE": 80,
    "RepetitionTime": 2,
    "SeriesDescription": "ImageMRSERIES",
    "SeriesNumber": 7,
    "SliceEncodingDirection": "k",
    "SliceTiming": [
      0.0,
      0.0556,
      0.1111,
      0.1667,
      0.2222,
      0.2778,
      0.3333,
      0.3889,
      0.4444,
      0.5,
      0.5556,
      0.6111,
      0.6667,
      0.7222,
      0.7778,
      0.8333,
      0.8889,
      0.9444,
      1.0,
      1.0556,
      1.1111,
      1.1667,
      1.2222,
      1.2778,
      1.3333,
      1.3889,
      1.4444,
      1.5,
      1.5556,
      1.6111,
      1.6667,
      1.7222,
      1.7778,
      1.8333,
      1.8889,
      1.9444
    ],
    "TaskName": "stopsignal",
    "TotalReadoutTime": 0.026945238983542674,
    "UsePhilipsFloatNotDisplayScaling": 1,
    "WaterFatShift": 12,
    "acq_id": "seq",
    "dataset": "unknown",
    "modality": "bold",
    "subject_id": "0177",
    "task_id": "stopsignal"
  },
  "dummy_trs": 0,
  "dvars_nstd": 16.802429483486254,
  "dvars_std": 1.249223641513761,
  "dvars_vstd": 1.012715439082569,
  "efc": 0.4213030313064605,
  "fber": 8037095424.0,
  "fd_mean": 0.07776972437717353,
  "fd_num": 1,
  "fd_perc": 0.45662100456621,
  "fwhm_avg": 2.600084758980287,
  "fwhm_x": 2.4568333333333334,
  "fwhm_y": 2.954663333333333,
  "fwhm_z": 2.388757610274194,
  "gcor": 0.0361801,
  "gsr_x": -0.0019877112936228514,
  "gsr_y": 0.005849434994161129,
  "provenance": {
    "md5sum": "7c8c86f4343175620c2ded631b4ff2b9",
    "settings": {
      "fd_thres": 0.2,
      "hmc_fsl": false
    },
    "software": "mriqc",
    "version": "0.15.0",
    "webapi_port": null,
    "webapi_url": "https://mriqc.nimh.nih.gov/api/v1"
  },
  "size_t": 219,
  "size_x": 80,
  "size_y": 80,
  "size_z": 36,
  "snr": 4.928080911359182,
  "spacing_tr": 2.0,
  "spacing_x": 3.0,
  "spacing_y": 3.0,
  "spacing_z": 3.299999952316284,
  "spikes_num": 0,
  "summary_bg_k": 69.89379387982727,
  "summary_bg_mad": 0.45073989033699036,
  "summary_bg_mean": 280.319091796875,
  "summary_bg_median": 0.30401942133903503,
  "summary_bg_n": 145753.0,
  "summary_bg_p05": 0.0,
  "summary_bg_p95": 1357.3910644531245,
  "summary_bg_stdv": 1501.4443359375,
  "summary_fg_k": 2.129243049830401,
  "summary_fg_mad": 5549.328125,
  "summary_fg_mean": 31269.181640625,
  "summary_fg_median": 31145.66015625,
  "summary_fg_n": 44188.0,
  "summary_fg_p05": 21679.68115234375,
  "summary_fg_p95": 40981.1763671875,
  "summary_fg_stdv": 6319.966796875,
  "tsnr": 105.37614440917969
}