{
  "aor": 0.0012151111111111108,
  "aqi": 0.0023710720740740742,
  "bids_meta": {
    "AcquisitionNumber": 8,
    "BidsifyVersion": "0.3.5",
    "ConversionSoftware": "dcm2niix",
    "ConversionSoftwareVersion": "v1.0.20181125  GCC6.3.0",
    "EchoTime": 0.02763,
    "EffectiveEchoSpacing": 0.0006909035636805814,
    "FlipAngle": 76.1,
    "ImageComments": "PIOP2",
    "ImageOrientationPatientDICOM": [
      0.999945,
      -0.00284117,
      -0.0100926,
      0.00052357,
      0.974916,
      -0.222575
    ],
    "Manufacturer": "Philips",
    "NumberOfVolumesDiscardedByScanner": 2,
    "ParallelAcquisitionTechnique": "SENSE",
    "ParallelReductionFactorInPlane": 2,
    "PatientPosition": "HFS",
    "PhaseEncodingDirection": "j",
    "PhilipsRescaleIntercept": 0,
    "PhilipsRescaleSlope": 0.77656,
    "PhilipsScaleSlope": 0.0649112,
    "ProtocolName": "WIPtask-harriri_boldSENSE",
    "PulseSequenceType": "gradient echo EPI",
    "ReconMatrixPE": 80,
    "RepetitionTime": 2,
    "SeriesDescription": "ImageMRSERIES",
    "SeriesNumber": 8,
    "SliceEncodingDirection": "k",
    "SliceTiming": [
      0.0,
      0.0556,
      0.1111,
      0.1667,
      0.2222,
      0.2778,
      0.3333,
      0.3889,
      0.4444,
      0.5,
      0.5556,
      0.6111,
      0.6667,
      0.7222,
      0.7778,
      0.8333,
      0.8889,
      0.9444,
      1.0,
      1.0556,
      1.1111,
      1.1667,
      1.2222,
      1.2778,
      1.3333,
      1.3889,
      1.4444,
      1.5,
      1.5556,
      1.6111,
      1.6667,
      1.7222,
      1.7778,
      1.8333,
      1.8889,
      1.9444
    ],
    "TaskName": "emomatching",
    "TotalReadoutTime": 0.026945238983542674,
    "UsePhilipsFloatNotDisplayScaling": 1,
    "WaterFatShift": 12,
    "acq_id": "seq",
    "dataset": "unknown",
    "modality": "bold",
    "subject_id": "0127",
    "task_id": "emomatching"
  },
  "dummy_trs": 0,
  "dvars_nstd": 20.18633001291046,
  "dvars_std": 1.3007300587313444,
  "dvars_vstd": 1.0080475312686563,
  "efc": 0.3746977285292156,
  "fber": 6808867328.0,
  "fd_mean": 0.10862118406862598,
  "fd_num": 5,
  "fd_perc": 3.7037037037037037,
  "fwhm_avg": 2.573827284298594,
  "fwhm_x": 2.54654,
  "fwhm_y": 2.7725266666666664,
  "fwhm_z": 2.402415186229116,
  "gcor": 0.0324772,
  "gsr_x": -0.002655518939718604,
  "gsr_y": 0.0037872265093028545,
  "provenance": {
    "md5sum": "42fe27f8aacd3d3d2da50102b0d3432a",
    "settings": {
      "fd_thres": 0.2,
      "hmc_fsl": false
    },
    "software": "mriqc",
    "version": "0.15.0",
    "webapi_port": null,
    "webapi_url": "https://mriqc.nimh.nih.gov/api/v1"
  },
  "size_t": 135,
  "size_x": 80,
  "size_y": 80,
  "size_z": 36,
  "snr": 4.812985143744572,
  "spacing_tr": 2.0,
  "spacing_x": 3.0,
  "spacing_y": 3.0,
  "spacing_z": 3.299999952316284,
  "spikes_num": 2,
  "summary_bg_k": 127.41170008455063,
  "summary_bg_mad": 0.3670812249183655,
  "summary_bg_mean": 129.84945678710938,
  "summary_bg_median": 0.24802562594413757,
  "summary_bg_n": 154594.0,
  "summary_bg_p05": 0.00015790307079441846,
  "summary_bg_p95": 615.2403747558596,
  "summary_bg_stdv": 789.9247436523438,
  "summary_fg_k": 1.9780803183984572,
  "summary_fg_mad": 4150.943359375,
  "summary_fg_mean": 22694.84375,
  "summary_fg_median": 22767.0625,
  "summary_fg_n": 36142.0,
  "summary_fg_p05": 15309.181201171874,
  "summary_fg_p95": 29868.29990234374,
  "summary_fg_stdv": 4730.27587890625,
  "tsnr": 97.8870620727539
}