{
  "aor": 0.0009873094170403586,
  "aqi": 0.002147381793721973,
  "bids_meta": {
    "AcquisitionNumber": 7,
    "BidsifyVersion": "0.3.5",
    "ConversionSoftware": "dcm2niix",
    "ConversionSoftwareVersion": "v1.0.20181125  GCC6.3.0",
    "EchoTime": 0.02763,
    "EffectiveEchoSpacing": 0.0006909035636805814,
    "FlipAngle": 76.1,
    "ImageComments": "PIOP2",
    "ImageOrientationPatientDICOM": [
      0.999945,
      -0.00284117,
      -0.0100926,
      0.00052357,
      0.974916,
      -0.222575
    ],
    "Manufacturer": "Philips",
    "NumberOfVolumesDiscardedByScanner": 2,
    "ParallelAcquisitionTechnique": "SENSE",
    "ParallelReductionFactorInPlane": 2,
    "PatientPosition": "HFS",
    "PhaseEncodingDirection": "j",
    "PhilipsRescaleIntercept": 0,
    "PhilipsRescaleSlope": 0.7956,
    "PhilipsScaleSlope": 0.0623185,
    "ProtocolName": "WIPtask-stop_boldSENSE",
    "PulseSequenceType": "gradient echo EPI",
    "ReconMatrixPE": 80,
    "RepetitionTime": 2,
    "SeriesDescription": "ImageMRSERIES",
    "SeriesNumber": 7,
    "SliceEncodingDirection": "k",
    "SliceTiming": [
      0.0,
      0.0556,
      0.1111,
      0.1667,
      0.2222,
      0.2778,
      0.3333,
      0.3889,
      0.4444,
      0.5,
      0.5556,
      0.6111,
      0.6667,
      0.7222,
      0.7778,
      0.8333,
      0.8889,
      0.9444,
      1.0,
      1.0556,
      1.1111,
      1.1667,
      1.2222,
      1.2778,
      1.3333,
      1.3889,
      1.4444,
      1.5,
      1.5556,
      1.6111,
      1.6667,
      1.7222,
      1.7778,
      1.8333,
      1.8889,
      1.9444
    ],
    "TaskName": "stopsignal",
    "TotalReadoutTime": 0.026945238983542674,
    "UsePhilipsFloatNotDisplayScaling": 1,
    "WaterFatShift": 12,
    "acq_id": "seq",
    "dataset": "unknown",
    "modality": "bold",
    "subject_id": "0127",
    "task_id": "stopsignal"
  },
  "dummy_trs": 0,
  "dvars_nstd": 20.497584471846853,
  "dvars_std": 1.3214371964864862,
  "dvars_vstd": 1.0104555432882885,
  "efc": 0.374784726906866,
  "fber": 6500210176.0,
  "fd_mean": 0.11175592535654985,
  "fd_num": 15,
  "fd_perc": 6.726457399103139,
  "fwhm_avg": 2.5975304156823973,
  "fwhm_x": 2.5749033333333333,
  "fwhm_y": 2.8005999999999998,
  "fwhm_z": 2.417087913713859,
  "gcor": 0.0248762,
  "gsr_x": -0.002985219703987241,
  "gsr_y": 0.0040793041698634624,
  "provenance": {
    "md5sum": "bb49e09c086dabfa3ace090bb2fed780",
    "settings": {
      "fd_thres": 0.2,
      "hmc_fsl": false
    },
    "software": "mriqc",
    "version": "0.15.0",
    "webapi_port": null,
    "webapi_url": "https://mriqc.nimh.nih.gov/api/v1"
  },
  "size_t": 223,
  "size_x": 80,
  "size_y": 80,
  "size_z": 36,
  "snr": 4.7105068854140395,
  "spacing_tr": 2.0,
  "spacing_x": 3.0,
  "spacing_y": 3.0,
  "spacing_z": 3.299999952316284,
  "spikes_num": 0,
  "summary_bg_k": 122.01557894338178,
  "summary_bg_mad": 0.3722320795059204,
  "summary_bg_mean": 135.09640502929688,
  "summary_bg_median": 0.2510667145252228,
  "summary_bg_n": 154545.0,
  "summary_bg_p05": 0.0,
  "summary_bg_p95": 653.818090820309,
  "summary_bg_stdv": 811.345458984375,
  "summary_fg_k": 1.9930479615820893,
  "summary_fg_mad": 4279.58642578125,
  "summary_fg_mean": 23096.88671875,
  "summary_fg_median": 23169.009765625,
  "summary_fg_n": 36253.0,
  "summary_fg_p05": 15367.567773437499,
  "summary_fg_p95": 30545.327734375,
  "summary_fg_stdv": 4918.51318359375,
  "tsnr": 100.8622817993164
}