{
  "aor": 0.002159333333333334,
  "aqi": 0.0046831335555555555,
  "bids_meta": {
    "AcquisitionNumber": 8,
    "BidsifyVersion": "0.3.5",
    "ConversionSoftware": "dcm2niix",
    "ConversionSoftwareVersion": "v1.0.20181125  GCC6.3.0",
    "EchoTime": 0.02763,
    "EffectiveEchoSpacing": 0.0006909035636805814,
    "FlipAngle": 76.1,
    "ImageComments": "PIOP2",
    "ImageOrientationPatientDICOM": [
      0.995361,
      0.0953606,
      -0.0127637,
      -0.0953164,
      0.995439,
      0.00402756
    ],
    "Manufacturer": "Philips",
    "NumberOfVolumesDiscardedByScanner": 2,
    "ParallelAcquisitionTechnique": "SENSE",
    "ParallelReductionFactorInPlane": 2,
    "PatientPosition": "HFS",
    "PhaseEncodingDirection": "j",
    "PhilipsRescaleIntercept": 0,
    "PhilipsRescaleSlope": 0.79805,
    "PhilipsScaleSlope": 0.0644516,
    "ProtocolName": "WIPtask-harriri_boldSENSE",
    "PulseSequenceType": "gradient echo EPI",
    "ReconMatrixPE": 80,
    "RepetitionTime": 2,
    "SeriesDescription": "ImageMRSERIES",
    "SeriesNumber": 8,
    "SliceEncodingDirection": "k",
    "SliceTiming": [
      0.0,
      0.0556,
      0.1111,
      0.1667,
      0.2222,
      0.2778,
      0.3333,
      0.3889,
      0.4444,
      0.5,
      0.5556,
      0.6111,
      0.6667,
      0.7222,
      0.7778,
      0.8333,
      0.8889,
      0.9444,
      1.0,
      1.0556,
      1.1111,
      1.1667,
      1.2222,
      1.2778,
      1.3333,
      1.3889,
      1.4444,
      1.5,
      1.5556,
      1.6111,
      1.6667,
      1.7222,
      1.7778,
      1.8333,
      1.8889,
      1.9444
    ],
    "TaskName": "emomatching",
    "TotalReadoutTime": 0.026945238983542674,
    "UsePhilipsFloatNotDisplayScaling": 1,
    "WaterFatShift": 12,
    "acq_id": "seq",
    "dataset": "unknown",
    "modality": "bold",
    "subject_id": "0106",
    "task_id": "emomatching"
  },
  "dummy_trs": 0,
  "dvars_nstd": 18.805051333582085,
  "dvars_std": 1.1916653308955223,
  "dvars_vstd": 1.013656920298508,
  "efc": 0.39889551166288156,
  "fber": 964575360.0,
  "fd_mean": 0.12565058232442813,
  "fd_num": 12,
  "fd_perc": 8.88888888888889,
  "fwhm_avg": 2.601276374955751,
  "fwhm_x": 2.5093799999999997,
  "fwhm_y": 2.94434,
  "fwhm_z": 2.350109124867253,
  "gcor": 0.0508226,
  "gsr_x": -0.00475664995610714,
  "gsr_y": 0.002232759026810527,
  "provenance": {
    "md5sum": "4f7e7f35aa054800532e19c4a94afdb6",
    "settings": {
      "fd_thres": 0.2,
      "hmc_fsl": false
    },
    "software": "mriqc",
    "version": "0.15.0",
    "webapi_port": null,
    "webapi_url": "https://mriqc.nimh.nih.gov/api/v1"
  },
  "size_t": 135,
  "size_x": 80,
  "size_y": 80,
  "size_z": 36,
  "snr": 5.012920543865464,
  "spacing_tr": 2.0,
  "spacing_x": 3.0,
  "spacing_y": 3.0,
  "spacing_z": 3.299999952316284,
  "spikes_num": 2,
  "summary_bg_k": 98.6906332786252,
  "summary_bg_mad": 0.9268818497657776,
  "summary_bg_mean": 183.82534790039062,
  "summary_bg_median": 0.6290217638015747,
  "summary_bg_n": 150776.0,
  "summary_bg_p05": 0.0011989899503532797,
  "summary_bg_p95": 741.8554229736328,
  "summary_bg_stdv": 1050.7054443359375,
  "summary_fg_k": 2.190441503456036,
  "summary_fg_mad": 3623.40771484375,
  "summary_fg_mean": 20968.095703125,
  "summary_fg_median": 21056.1796875,
  "summary_fg_n": 39566.0,
  "summary_fg_p05": 13897.822509765625,
  "summary_fg_p95": 27177.24462890625,
  "summary_fg_stdv": 4200.32861328125,
  "tsnr": 73.30384826660156
}