{
    "Manufacturer": "Philips",
    "PatientPosition": "HFS",
    "SeriesDescription": "ImageMRSERIES",
    "ProtocolName": "WIPT1anat_acq-6m_T1wSENSE",
    "SeriesNumber": 2,
    "AcquisitionNumber": 2,
    "ImageComments": "PIOP2",
    "PhilipsRescaleSlope": 8.36874,
    "PhilipsRescaleIntercept": 0,
    "PhilipsScaleSlope": 0.00662526,
    "UsePhilipsFloatNotDisplayScaling": 1,
    "EchoTime": 0.00378,
    "RepetitionTime": 0.008233,
    "ReconMatrixPE": 240,
    "ImageOrientationPatientDICOM": [
        0.999692,
        -0.0232044,
        0.0088153,
        0.0219879,
        0.992612,
        0.11932
    ],
    "ConversionSoftware": "dcm2niix",
    "ConversionSoftwareVersion": "v1.0.20181125  GCC6.3.0",
    "BidsifyVersion": "0.3.5"
}