{
  "aor": 0.0013445,
  "aqi": 0.005591818583333334,
  "bids_meta": {
    "AcquisitionNumber": 4,
    "BidsifyVersion": "0.3.5",
    "ConversionSoftware": "dcm2niix",
    "ConversionSoftwareVersion": "v1.0.20181125  GCC6.3.0",
    "EchoTime": 0.02763,
    "FlipAngle": 76.1,
    "ImageComments": "PIOP2",
    "ImageOrientationPatientDICOM": [
      0.999671,
      -0.00331293,
      -0.0254393,
      0.000174475,
      0.992482,
      -0.122393
    ],
    "Manufacturer": "Philips",
    "NumberOfVolumesDiscardedByScanner": 2,
    "ParallelAcquisitionTechnique": "SENSE",
    "ParallelReductionFactorInPlane": 2,
    "PatientPosition": "HFS",
    "PhaseEncodingDirection": "j",
    "PhilipsRescaleIntercept": 0,
    "PhilipsRescaleSlope": 0.84298,
    "PhilipsScaleSlope": 0.0592789,
    "ProtocolName": "WIPtask-rest_boldSENSE",
    "PulseSequenceType": "gradient echo EPI",
    "ReconMatrixPE": 80,
    "RepetitionTime": 2,
    "SeriesDescription": "ImageMRSERIES",
    "SeriesNumber": 4,
    "SliceEncodingDirection": "k",
    "TaskName": "restingstate",
    "UsePhilipsFloatNotDisplayScaling": 1,
    "WaterFatShift": 12,
    "acq_id": "seq",
    "dataset": "unknown",
    "modality": "bold",
    "subject_id": "0163",
    "task_id": "restingstate"
  },
  "dummy_trs": 0,
  "dvars_nstd": 21.578071825732216,
  "dvars_std": 1.4214377316736406,
  "dvars_vstd": 0.9992660675732217,
  "efc": 0.40641658731861974,
  "fber": 750737728.0,
  "fd_mean": 0.0939104835457848,
  "fd_num": 4,
  "fd_perc": 1.6666666666666667,
  "fwhm_avg": 2.678909708623834,
  "fwhm_x": 2.6238366666666666,
  "fwhm_y": 2.9932833333333337,
  "fwhm_z": 2.419609125871501,
  "gcor": 0.0294289,
  "gsr_x": -0.005725948140025139,
  "gsr_y": 0.002741242526099086,
  "provenance": {
    "md5sum": "2ef5ec0335ac12a3d20a7be1d97c6bc2",
    "settings": {
      "fd_thres": 0.2,
      "hmc_fsl": false
    },
    "software": "mriqc",
    "version": "0.15.0",
    "webapi_port": null,
    "webapi_url": "https://mriqc.nimh.nih.gov/api/v1"
  },
  "size_t": 240,
  "size_x": 80,
  "size_y": 80,
  "size_z": 36,
  "snr": 5.411075654477199,
  "spacing_tr": 2.0,
  "spacing_x": 3.0,
  "spacing_y": 3.0,
  "spacing_z": 3.299999952316284,
  "spikes_num": 1,
  "summary_bg_k": 85.10382529076385,
  "summary_bg_mad": 1.2762980461120605,
  "summary_bg_mean": 185.9750518798828,
  "summary_bg_median": 0.8658013343811035,
  "summary_bg_n": 148865.0,
  "summary_bg_p05": 0.0,
  "summary_bg_p95": 1005.0120727539062,
  "summary_bg_stdv": 984.8613891601562,
  "summary_fg_k": 2.758403673353131,
  "summary_fg_mad": 3911.227783203125,
  "summary_fg_mean": 25428.6328125,
  "summary_fg_median": 25573.984375,
  "summary_fg_n": 41142.0,
  "summary_fg_p05": 17804.44140625,
  "summary_fg_p95": 32418.231640625,
  "summary_fg_stdv": 4726.171875,
  "tsnr": 80.92257690429688
}