{
  "aor": 0.0022741704035874437,
  "aqi": 0.005188163721973094,
  "bids_meta": {
    "AcquisitionNumber": 7,
    "BidsifyVersion": "0.3.5",
    "ConversionSoftware": "dcm2niix",
    "ConversionSoftwareVersion": "v1.0.20181125  GCC6.3.0",
    "EchoTime": 0.02763,
    "FlipAngle": 76.1,
    "ImageComments": "PIOP2",
    "ImageOrientationPatientDICOM": [
      0.999671,
      -0.00331293,
      -0.0254393,
      0.000174475,
      0.992482,
      -0.122393
    ],
    "Manufacturer": "Philips",
    "NumberOfVolumesDiscardedByScanner": 2,
    "ParallelAcquisitionTechnique": "SENSE",
    "ParallelReductionFactorInPlane": 2,
    "PatientPosition": "HFS",
    "PhaseEncodingDirection": "j",
    "PhilipsRescaleIntercept": 0,
    "PhilipsRescaleSlope": 0.84664,
    "PhilipsScaleSlope": 0.0577046,
    "ProtocolName": "WIPtask-stop_boldSENSE",
    "PulseSequenceType": "gradient echo EPI",
    "ReconMatrixPE": 80,
    "RepetitionTime": 2,
    "SeriesDescription": "ImageMRSERIES",
    "SeriesNumber": 7,
    "SliceEncodingDirection": "k",
    "TaskName": "stopsignal",
    "UsePhilipsFloatNotDisplayScaling": 1,
    "WaterFatShift": 12,
    "acq_id": "seq",
    "dataset": "unknown",
    "modality": "bold",
    "subject_id": "0163",
    "task_id": "stopsignal"
  },
  "dummy_trs": 0,
  "dvars_nstd": 20.461500378378364,
  "dvars_std": 1.3819646727927928,
  "dvars_vstd": 0.9922828533333328,
  "efc": 0.4077013787006821,
  "fber": 597489344.0,
  "fd_mean": 0.09712442269610573,
  "fd_num": 10,
  "fd_perc": 4.484304932735426,
  "fwhm_avg": 2.6810878904721407,
  "fwhm_x": 2.6185466666666666,
  "fwhm_y": 2.9988533333333334,
  "fwhm_z": 2.4258636714164226,
  "gcor": 0.0161412,
  "gsr_x": -0.005814389791339636,
  "gsr_y": 0.0029082144610583782,
  "provenance": {
    "md5sum": "33a2ce8c2af4fef586ae209566d4f0f0",
    "settings": {
      "fd_thres": 0.2,
      "hmc_fsl": false
    },
    "software": "mriqc",
    "version": "0.15.0",
    "webapi_port": null,
    "webapi_url": "https://mriqc.nimh.nih.gov/api/v1"
  },
  "size_t": 223,
  "size_x": 80,
  "size_y": 80,
  "size_z": 36,
  "snr": 5.412935155024956,
  "spacing_tr": 2.0,
  "spacing_x": 3.0,
  "spacing_y": 3.0,
  "spacing_z": 3.299999952316284,
  "spikes_num": 0,
  "summary_bg_k": 86.30998027058048,
  "summary_bg_mad": 1.3576399087905884,
  "summary_bg_mean": 191.73147583007812,
  "summary_bg_median": 0.9167572855949402,
  "summary_bg_n": 148657.0,
  "summary_bg_p05": 0.0,
  "summary_bg_p95": 983.4876342773207,
  "summary_bg_stdv": 992.5054321289062,
  "summary_fg_k": 2.6493674646426264,
  "summary_fg_mad": 3923.790771484375,
  "summary_fg_mean": 25470.830078125,
  "summary_fg_median": 25609.3984375,
  "summary_fg_n": 41224.0,
  "summary_fg_p05": 17819.97939453125,
  "summary_fg_p95": 32522.273144531246,
  "summary_fg_stdv": 4731.0908203125,
  "tsnr": 81.42807006835938
}