{
  "aor": 0.0053211111111111115,
  "aqi": 0.005447358962962962,
  "bids_meta": {
    "AcquisitionNumber": 8,
    "BidsifyVersion": "0.3.5",
    "ConversionSoftware": "dcm2niix",
    "ConversionSoftwareVersion": "v1.0.20181125  GCC6.3.0",
    "EchoTime": 0.02763,
    "EffectiveEchoSpacing": 0.0006909035636805814,
    "FlipAngle": 76.1,
    "ImageComments": "PIOP2",
    "ImageOrientationPatientDICOM": [
      0.999111,
      0.0234684,
      0.0350162,
      -0.0134279,
      0.964605,
      -0.263357
    ],
    "Manufacturer": "Philips",
    "NumberOfVolumesDiscardedByScanner": 2,
    "ParallelAcquisitionTechnique": "SENSE",
    "ParallelReductionFactorInPlane": 2,
    "PatientPosition": "HFS",
    "PhaseEncodingDirection": "j",
    "PhilipsRescaleIntercept": 0,
    "PhilipsRescaleSlope": 0.80415,
    "PhilipsScaleSlope": 0.0581604,
    "ProtocolName": "WIPtask-harriri_boldSENSE",
    "PulseSequenceType": "gradient echo EPI",
    "ReconMatrixPE": 80,
    "RepetitionTime": 2,
    "SeriesDescription": "ImageMRSERIES",
    "SeriesNumber": 8,
    "SliceEncodingDirection": "k",
    "SliceTiming": [
      0.0,
      0.0556,
      0.1111,
      0.1667,
      0.2222,
      0.2778,
      0.3333,
      0.3889,
      0.4444,
      0.5,
      0.5556,
      0.6111,
      0.6667,
      0.7222,
      0.7778,
      0.8333,
      0.8889,
      0.9444,
      1.0,
      1.0556,
      1.1111,
      1.1667,
      1.2222,
      1.2778,
      1.3333,
      1.3889,
      1.4444,
      1.5,
      1.5556,
      1.6111,
      1.6667,
      1.7222,
      1.7778,
      1.8333,
      1.8889,
      1.9444
    ],
    "TaskName": "emorecognition",
    "TotalReadoutTime": 0.026945238983542674,
    "UsePhilipsFloatNotDisplayScaling": 1,
    "WaterFatShift": 12,
    "acq_id": "seq",
    "dataset": "unknown",
    "modality": "bold",
    "subject_id": "0118",
    "task_id": "emorecognition"
  },
  "dummy_trs": 0,
  "dvars_nstd": 22.424132403955216,
  "dvars_std": 1.3203450497014921,
  "dvars_vstd": 1.001796286268656,
  "efc": 0.4245141447209295,
  "fber": 901254144.0,
  "fd_mean": 0.10970806500758444,
  "fd_num": 12,
  "fd_perc": 8.88888888888889,
  "fwhm_avg": 2.455008293512092,
  "fwhm_x": 2.4915133333333332,
  "fwhm_y": 2.65536,
  "fwhm_z": 2.218151547202942,
  "gcor": 0.048911,
  "gsr_x": 0.003119430271908641,
  "gsr_y": -0.0011680491734296083,
  "provenance": {
    "md5sum": "74cdc616c895e8a3bc99b29f670f83d5",
    "settings": {
      "fd_thres": 0.2,
      "hmc_fsl": false
    },
    "software": "mriqc",
    "version": "0.15.0",
    "webapi_port": null,
    "webapi_url": "https://mriqc.nimh.nih.gov/api/v1"
  },
  "size_t": 135,
  "size_x": 80,
  "size_y": 80,
  "size_z": 36,
  "snr": 4.743818037621615,
  "spacing_tr": 2.0,
  "spacing_x": 3.0,
  "spacing_y": 3.0,
  "spacing_z": 3.299999952316284,
  "spikes_num": 9,
  "summary_bg_k": 100.52920920294885,
  "summary_bg_mad": 1.0564806461334229,
  "summary_bg_mean": 206.39517211914062,
  "summary_bg_median": 0.7161273956298828,
  "summary_bg_n": 144458.0,
  "summary_bg_p05": 0.0004337627440690995,
  "summary_bg_p95": 1031.512701416009,
  "summary_bg_stdv": 1109.739501953125,
  "summary_fg_k": 2.7196961846749224,
  "summary_fg_mad": 4070.296142578125,
  "summary_fg_mean": 24264.0703125,
  "summary_fg_median": 24057.44921875,
  "summary_fg_n": 44279.0,
  "summary_fg_p05": 16843.95078125,
  "summary_fg_p95": 32220.203124999996,
  "summary_fg_stdv": 5071.26904296875,
  "tsnr": 70.19638061523438
}