{
  "aor": 0.000749375,
  "aqi": 0.00234366825,
  "bids_meta": {
    "AcquisitionNumber": 3,
    "BidsifyVersion": "0.3.5",
    "ConversionSoftware": "dcm2niix",
    "ConversionSoftwareVersion": "v1.0.20181125  GCC6.3.0",
    "EchoTime": 0.02763,
    "EffectiveEchoSpacing": 0.0006909035636805814,
    "FlipAngle": 76.1,
    "ImageComments": "PIOP2",
    "ImageOrientationPatientDICOM": [
      0.999111,
      0.0234684,
      0.0350162,
      -0.0134279,
      0.964605,
      -0.263357
    ],
    "Manufacturer": "Philips",
    "NumberOfVolumesDiscardedByScanner": 2,
    "ParallelAcquisitionTechnique": "SENSE",
    "ParallelReductionFactorInPlane": 2,
    "PatientPosition": "HFS",
    "PhaseEncodingDirection": "j",
    "PhilipsRescaleIntercept": 0,
    "PhilipsRescaleSlope": 0.80928,
    "PhilipsScaleSlope": 0.0588272,
    "ProtocolName": "WIPtask-wm_boldSENSE",
    "PulseSequenceType": "gradient echo EPI",
    "ReconMatrixPE": 80,
    "RepetitionTime": 2,
    "SeriesDescription": "ImageMRSERIES",
    "SeriesNumber": 3,
    "SliceEncodingDirection": "k",
    "SliceTiming": [
      0.0,
      0.0556,
      0.1111,
      0.1667,
      0.2222,
      0.2778,
      0.3333,
      0.3889,
      0.4444,
      0.5,
      0.5556,
      0.6111,
      0.6667,
      0.7222,
      0.7778,
      0.8333,
      0.8889,
      0.9444,
      1.0,
      1.0556,
      1.1111,
      1.1667,
      1.2222,
      1.2778,
      1.3333,
      1.3889,
      1.4444,
      1.5,
      1.5556,
      1.6111,
      1.6667,
      1.7222,
      1.7778,
      1.8333,
      1.8889,
      1.9444
    ],
    "TaskName": "workingmemory",
    "TotalReadoutTime": 0.026945238983542674,
    "UsePhilipsFloatNotDisplayScaling": 1,
    "WaterFatShift": 12,
    "acq_id": "seq",
    "dataset": "unknown",
    "modality": "bold",
    "subject_id": "0118",
    "task_id": "workingmemory"
  },
  "dummy_trs": 0,
  "dvars_nstd": 21.586019012452834,
  "dvars_std": 1.3874657094968559,
  "dvars_vstd": 0.9977145645283018,
  "efc": 0.42564491766831636,
  "fber": 1735893120.0,
  "fd_mean": 0.11555954616526432,
  "fd_num": 5,
  "fd_perc": 3.125,
  "fwhm_avg": 2.6043271827394228,
  "fwhm_x": 2.6760933333333337,
  "fwhm_y": 2.8484700000000003,
  "fwhm_z": 2.2884182148849344,
  "gcor": 0.0543485,
  "gsr_x": 0.0025764270685613155,
  "gsr_y": -0.0004803517076652497,
  "provenance": {
    "md5sum": "678c926f8083ce8869c3fc0ec9b77260",
    "settings": {
      "fd_thres": 0.2,
      "hmc_fsl": false
    },
    "software": "mriqc",
    "version": "0.15.0",
    "webapi_port": null,
    "webapi_url": "https://mriqc.nimh.nih.gov/api/v1"
  },
  "size_t": 160,
  "size_x": 80,
  "size_y": 80,
  "size_z": 36,
  "snr": 4.854715024103669,
  "spacing_tr": 2.0,
  "spacing_x": 3.0,
  "spacing_y": 3.0,
  "spacing_z": 3.299999952316284,
  "spikes_num": 0,
  "summary_bg_k": 127.60257935262032,
  "summary_bg_mad": 0.7775675058364868,
  "summary_bg_mean": 201.84133911132812,
  "summary_bg_median": 0.5276364684104919,
  "summary_bg_n": 144302.0,
  "summary_bg_p05": 0.0007061417534714564,
  "summary_bg_p95": 1088.0098205566264,
  "summary_bg_stdv": 1100.562744140625,
  "summary_fg_k": 2.783893668394886,
  "summary_fg_mad": 4043.345947265625,
  "summary_fg_mean": 24625.267578125,
  "summary_fg_median": 24519.123046875,
  "summary_fg_n": 44455.0,
  "summary_fg_p05": 16950.546484375,
  "summary_fg_p95": 32358.4564453125,
  "summary_fg_stdv": 5050.5224609375,
  "tsnr": 106.50205993652344
}