{
    "Manufacturer": "Philips",
    "PatientPosition": "HFS",
    "SeriesDescription": "ImageMRSERIES",
    "ProtocolName": "WIPT1anat_acq-6m_T1wSENSE",
    "SeriesNumber": 2,
    "AcquisitionNumber": 2,
    "ImageComments": "PIOP2",
    "PhilipsRescaleSlope": 9.03321,
    "PhilipsRescaleIntercept": 0,
    "PhilipsScaleSlope": 0.00745022,
    "UsePhilipsFloatNotDisplayScaling": 1,
    "EchoTime": 0.00379,
    "RepetitionTime": 0.008278,
    "ReconMatrixPE": 240,
    "ImageOrientationPatientDICOM": [
        0.997276,
        -0.000585912,
        0.0737512,
        0.0087031,
        0.993917,
        -0.109789
    ],
    "ConversionSoftware": "dcm2niix",
    "ConversionSoftwareVersion": "v1.0.20181125  GCC6.3.0",
    "BidsifyVersion": "0.3.5"
}