{
  "aor": 0.0008777500000000001,
  "aqi": 0.0037613573333333335,
  "bids_meta": {
    "AcquisitionNumber": 4,
    "BidsifyVersion": "0.3.5",
    "ConversionSoftware": "dcm2niix",
    "ConversionSoftwareVersion": "v1.0.20181125  GCC6.3.0",
    "EchoTime": 0.02763,
    "EffectiveEchoSpacing": 0.0006909035636805814,
    "FlipAngle": 76.1,
    "ImageComments": "PIOP2",
    "ImageOrientationPatientDICOM": [
      0.995631,
      0.06163,
      -0.0701516,
      -0.0656061,
      0.996281,
      -0.05586
    ],
    "Manufacturer": "Philips",
    "NumberOfVolumesDiscardedByScanner": 2,
    "ParallelAcquisitionTechnique": "SENSE",
    "ParallelReductionFactorInPlane": 2,
    "PatientPosition": "HFS",
    "PhaseEncodingDirection": "j",
    "PhilipsRescaleIntercept": 0,
    "PhilipsRescaleSlope": 0.78803,
    "PhilipsScaleSlope": 0.0576999,
    "ProtocolName": "WIPtask-rest_boldSENSE",
    "PulseSequenceType": "gradient echo EPI",
    "ReconMatrixPE": 80,
    "RepetitionTime": 2,
    "SeriesDescription": "ImageMRSERIES",
    "SeriesNumber": 4,
    "SliceEncodingDirection": "k",
    "SliceTiming": [
      0.0,
      0.0556,
      0.1111,
      0.1667,
      0.2222,
      0.2778,
      0.3333,
      0.3889,
      0.4444,
      0.5,
      0.5556,
      0.6111,
      0.6667,
      0.7222,
      0.7778,
      0.8333,
      0.8889,
      0.9444,
      1.0,
      1.0556,
      1.1111,
      1.1667,
      1.2222,
      1.2778,
      1.3333,
      1.3889,
      1.4444,
      1.5,
      1.5556,
      1.6111,
      1.6667,
      1.7222,
      1.7778,
      1.8333,
      1.8889,
      1.9444
    ],
    "TaskName": "restingstate",
    "TotalReadoutTime": 0.026945238983542674,
    "UsePhilipsFloatNotDisplayScaling": 1,
    "WaterFatShift": 12,
    "acq_id": "seq",
    "dataset": "unknown",
    "modality": "bold",
    "subject_id": "0224",
    "task_id": "restingstate"
  },
  "dummy_trs": 0,
  "dvars_nstd": 23.497335314100418,
  "dvars_std": 1.3283384721338916,
  "dvars_vstd": 1.003614658995816,
  "efc": 0.4164379189062925,
  "fber": 636910336.0,
  "fd_mean": 0.17572529703902848,
  "fd_num": 94,
  "fd_perc": 39.166666666666664,
  "fwhm_avg": 2.4356924348162994,
  "fwhm_x": 2.4117566666666668,
  "fwhm_y": 2.6999933333333335,
  "fwhm_z": 2.195327304448898,
  "gcor": 0.0432367,
  "gsr_x": -1.7977994502871297e-05,
  "gsr_y": -0.0003467202477622777,
  "provenance": {
    "md5sum": "faad94ef24f45d76c92a553d8620cb19",
    "settings": {
      "fd_thres": 0.2,
      "hmc_fsl": false
    },
    "software": "mriqc",
    "version": "0.15.0",
    "webapi_port": null,
    "webapi_url": "https://mriqc.nimh.nih.gov/api/v1"
  },
  "size_t": 240,
  "size_x": 80,
  "size_y": 80,
  "size_z": 36,
  "snr": 4.936292424109397,
  "spacing_tr": 2.0,
  "spacing_x": 3.0,
  "spacing_y": 3.0,
  "spacing_z": 3.299999952316284,
  "spikes_num": 0,
  "summary_bg_k": 77.88812311676983,
  "summary_bg_mad": 1.380105972290039,
  "summary_bg_mean": 208.224609375,
  "summary_bg_median": 0.9390214681625366,
  "summary_bg_n": 146348.0,
  "summary_bg_p05": 0.0024730609962716706,
  "summary_bg_p95": 1006.775964355463,
  "summary_bg_stdv": 1116.5526123046875,
  "summary_fg_k": 2.930299392814577,
  "summary_fg_mad": 4287.30908203125,
  "summary_fg_mean": 25430.091796875,
  "summary_fg_median": 25408.640625,
  "summary_fg_n": 43423.0,
  "summary_fg_p05": 17508.092578125,
  "summary_fg_p95": 32894.301953125,
  "summary_fg_stdv": 5147.25341796875,
  "tsnr": 88.28128051757812
}