{
  "bids_meta": {
    "AcquisitionNumber": 2,
    "BidsifyVersion": "0.3.5",
    "ConversionSoftware": "dcm2niix",
    "ConversionSoftwareVersion": "v1.0.20181125  GCC6.3.0",
    "EchoTime": 0.00378,
    "ImageComments": "PIOP2",
    "ImageOrientationPatientDICOM": [
      0.995296,
      -0.0776769,
      0.0578985,
      0.0813036,
      0.994686,
      -0.0631628
    ],
    "Manufacturer": "Philips",
    "PatientPosition": "HFS",
    "PhilipsRescaleIntercept": 0,
    "PhilipsRescaleSlope": 9.06447,
    "PhilipsScaleSlope": 0.00690483,
    "ProtocolName": "WIPT1anat_acq-6m_T1wSENSE",
    "ReconMatrixPE": 240,
    "RepetitionTime": 0.008238,
    "SeriesDescription": "ImageMRSERIES",
    "SeriesNumber": 2,
    "UsePhilipsFloatNotDisplayScaling": 1,
    "acq_id": "6m",
    "dataset": "unknown",
    "modality": "T1w",
    "subject_id": "0008"
  },
  "cjv": 0.26005874223989656,
  "cnr": 4.485791732143177,
  "efc": 0.7897831092200535,
  "fber": 1295.4696044921875,
  "fwhm_avg": 4.48670676157177,
  "fwhm_x": 4.26275,
  "fwhm_y": 4.42064,
  "fwhm_z": 4.7767302847153115,
  "icvs_csf": 0.2525519764407537,
  "icvs_gm": 0.4007692622271674,
  "icvs_wm": 0.3466787613320788,
  "inu_med": 0.4389388859272003,
  "inu_range": 0.14116046428680418,
  "provenance": {
    "md5sum": "3d4ec55f15fbaf709be018d7c9e724eb",
    "settings": {
      "testing": false
    },
    "software": "mriqc",
    "version": "0.15.0",
    "warnings": {
      "large_rot_frame": true,
      "small_air_mask": true
    },
    "webapi_port": null,
    "webapi_url": "https://mriqc.nimh.nih.gov/api/v1"
  },
  "qi_1": 0.0,
  "qi_2": 0.00015561266620411435,
  "rpve_csf": 22.280749555950266,
  "rpve_gm": 13.917997435013076,
  "rpve_wm": 20.698447671342713,
  "size_x": 240,
  "size_y": 240,
  "size_z": 220,
  "snr_csf": 3.0904013636006953,
  "snr_gm": 9.07760250543419,
  "snr_total": 12.776123117061331,
  "snr_wm": 26.160365482149114,
  "snrd_csf": 21.53226570641184,
  "snrd_gm": 40.02709920586873,
  "snrd_total": 41.401924109034475,
  "snrd_wm": 62.646407414822875,
  "spacing_x": 1.0,
  "spacing_y": 1.0,
  "spacing_z": 0.9999999403953552,
  "summary_bg_k": 62.70119541064413,
  "summary_bg_mad": 10.457714080810547,
  "summary_bg_mean": 10.636455535888672,
  "summary_bg_median": 7.229707717895508,
  "summary_bg_n": 98284.0,
  "summary_bg_p05": 0.0,
  "summary_bg_p95": 21.721700859069824,
  "summary_bg_stdv": 7.971302509307861,
  "summary_csf_k": 5.885406808301267,
  "summary_csf_mad": 117.2340316772461,
  "summary_csf_mean": 327.1797180175781,
  "summary_csf_median": 343.7120666503906,
  "summary_csf_n": 16521.0,
  "summary_csf_p05": 129.04177856445312,
  "summary_csf_p95": 476.52294921875,
  "summary_csf_stdv": 111.21586608886719,
  "summary_gm_k": 1.048627300242976,
  "summary_gm_mad": 62.41181945800781,
  "summary_gm_mean": 646.2026977539062,
  "summary_gm_median": 638.9386596679688,
  "summary_gm_n": 20564.0,
  "summary_gm_p05": 547.223828125,
  "summary_gm_p95": 781.6757110595703,
  "summary_gm_stdv": 70.38456726074219,
  "summary_wm_k": 1.9294435367613136,
  "summary_wm_mad": 31.486068725585938,
  "summary_wm_mean": 996.3094482421875,
  "summary_wm_median": 1000.0028076171875,
  "summary_wm_n": 215570.0,
  "summary_wm_p05": 924.8923370361329,
  "summary_wm_p95": 1050.9462829589843,
  "summary_wm_stdv": 38.22578430175781,
  "tpm_overlap_csf": 0.20480087399482727,
  "tpm_overlap_gm": 0.5008074641227722,
  "tpm_overlap_wm": 0.5758965611457825,
  "wm2max": 0.7082540783275434
}