{
  "aor": 0.0020540000000000003,
  "aqi": 0.0040971383125,
  "bids_meta": {
    "AcquisitionNumber": 3,
    "BidsifyVersion": "0.3.5",
    "ConversionSoftware": "dcm2niix",
    "ConversionSoftwareVersion": "v1.0.20181125  GCC6.3.0",
    "EchoTime": 0.02763,
    "FlipAngle": 76.1,
    "ImageComments": "PIOP2",
    "ImageOrientationPatientDICOM": [
      0.999676,
      0.00389555,
      -0.0251436,
      -0.00767711,
      0.988334,
      -0.152107
    ],
    "Manufacturer": "Philips",
    "NumberOfVolumesDiscardedByScanner": 2,
    "ParallelAcquisitionTechnique": "SENSE",
    "ParallelReductionFactorInPlane": 2,
    "PatientPosition": "HFS",
    "PhaseEncodingDirection": "j",
    "PhilipsRescaleIntercept": 0,
    "PhilipsRescaleSlope": 0.77973,
    "PhilipsScaleSlope": 0.0617234,
    "ProtocolName": "WIPtask-wm_boldSENSE",
    "PulseSequenceType": "gradient echo EPI",
    "ReconMatrixPE": 80,
    "RepetitionTime": 2,
    "SeriesDescription": "ImageMRSERIES",
    "SeriesNumber": 3,
    "SliceEncodingDirection": "k",
    "TaskName": "workingmemory",
    "UsePhilipsFloatNotDisplayScaling": 1,
    "WaterFatShift": 12,
    "acq_id": "seq",
    "dataset": "unknown",
    "modality": "bold",
    "subject_id": "0092",
    "task_id": "workingmemory"
  },
  "dummy_trs": 0,
  "dvars_nstd": 19.424233586540876,
  "dvars_std": 1.1800223501257863,
  "dvars_vstd": 0.9747069086163519,
  "efc": 0.3889068044668277,
  "fber": 466368064.0,
  "fd_mean": 0.08764603089074538,
  "fd_num": 3,
  "fd_perc": 1.875,
  "fwhm_avg": 2.5770651628223518,
  "fwhm_x": 2.5608733333333333,
  "fwhm_y": 2.8227433333333334,
  "fwhm_z": 2.3475788218003886,
  "gcor": 0.0171129,
  "gsr_x": -0.00197340315207839,
  "gsr_y": 0.00238439766690135,
  "provenance": {
    "md5sum": "b775dcc7092b9bcf105c4fb25c272d46",
    "settings": {
      "fd_thres": 0.2,
      "hmc_fsl": false
    },
    "software": "mriqc",
    "version": "0.15.0",
    "webapi_port": null,
    "webapi_url": "https://mriqc.nimh.nih.gov/api/v1"
  },
  "size_t": 160,
  "size_x": 80,
  "size_y": 80,
  "size_z": 36,
  "snr": 4.392562889987065,
  "spacing_tr": 2.0,
  "spacing_x": 3.0,
  "spacing_y": 3.0,
  "spacing_z": 3.299999952316284,
  "spikes_num": 0,
  "summary_bg_k": 99.08676156748301,
  "summary_bg_mad": 1.289458990097046,
  "summary_bg_mean": 170.033447265625,
  "summary_bg_median": 0.869726836681366,
  "summary_bg_n": 152003.0,
  "summary_bg_p05": 0.0,
  "summary_bg_p95": 755.990924072263,
  "summary_bg_stdv": 972.0916748046875,
  "summary_fg_k": 1.5862983961974857,
  "summary_fg_mad": 4171.96142578125,
  "summary_fg_mean": 21400.392578125,
  "summary_fg_median": 21169.248046875,
  "summary_fg_n": 38397.0,
  "summary_fg_p05": 13894.622656250001,
  "summary_fg_p95": 29245.344921874996,
  "summary_fg_stdv": 4819.27587890625,
  "tsnr": 70.92876434326172
}