{
  "aor": 0.0006782142857142857,
  "aqi": 0.0023374948660714284,
  "bids_meta": {
    "AcquisitionNumber": 7,
    "BidsifyVersion": "0.3.5",
    "ConversionSoftware": "dcm2niix",
    "ConversionSoftwareVersion": "v1.0.20181125  GCC6.3.0",
    "EchoTime": 0.02763,
    "FlipAngle": 76.1,
    "ImageComments": "PIOP2",
    "ImageOrientationPatientDICOM": [
      0.999676,
      0.00389555,
      -0.0251436,
      -0.00767711,
      0.988334,
      -0.152107
    ],
    "Manufacturer": "Philips",
    "NumberOfVolumesDiscardedByScanner": 2,
    "ParallelAcquisitionTechnique": "SENSE",
    "ParallelReductionFactorInPlane": 2,
    "PatientPosition": "HFS",
    "PhaseEncodingDirection": "j",
    "PhilipsRescaleIntercept": 0,
    "PhilipsRescaleSlope": 0.78071,
    "PhilipsScaleSlope": 0.0645026,
    "ProtocolName": "WIPtask-stop_boldSENSE",
    "PulseSequenceType": "gradient echo EPI",
    "ReconMatrixPE": 80,
    "RepetitionTime": 2,
    "SeriesDescription": "ImageMRSERIES",
    "SeriesNumber": 7,
    "SliceEncodingDirection": "k",
    "TaskName": "stopsignal",
    "UsePhilipsFloatNotDisplayScaling": 1,
    "WaterFatShift": 12,
    "acq_id": "seq",
    "dataset": "unknown",
    "modality": "bold",
    "subject_id": "0092",
    "task_id": "stopsignal"
  },
  "dummy_trs": 0,
  "dvars_nstd": 20.832005342600898,
  "dvars_std": 1.2590993529596413,
  "dvars_vstd": 0.9959139878475342,
  "efc": 0.3891970050210639,
  "fber": 919552640.0,
  "fd_mean": 0.1015067162008271,
  "fd_num": 11,
  "fd_perc": 4.910714285714286,
  "fwhm_avg": 2.5625136475909405,
  "fwhm_x": 2.53885,
  "fwhm_y": 2.8177,
  "fwhm_z": 2.330990942772821,
  "gcor": 0.036114,
  "gsr_x": -0.0018923436291515827,
  "gsr_y": 0.002234542276710272,
  "provenance": {
    "md5sum": "00a6b7473cbe420b5143cf88582dc2de",
    "settings": {
      "fd_thres": 0.2,
      "hmc_fsl": false
    },
    "software": "mriqc",
    "version": "0.15.0",
    "webapi_port": null,
    "webapi_url": "https://mriqc.nimh.nih.gov/api/v1"
  },
  "size_t": 224,
  "size_x": 80,
  "size_y": 80,
  "size_z": 36,
  "snr": 4.441982087740598,
  "spacing_tr": 2.0,
  "spacing_x": 3.0,
  "spacing_y": 3.0,
  "spacing_z": 3.299999952316284,
  "spikes_num": 0,
  "summary_bg_k": 96.72694839290888,
  "summary_bg_mad": 0.9669676423072815,
  "summary_bg_mean": 158.37911987304688,
  "summary_bg_median": 0.6562397480010986,
  "summary_bg_n": 151709.0,
  "summary_bg_p05": 0.0009084237972274423,
  "summary_bg_p95": 731.273132324219,
  "summary_bg_stdv": 937.7594604492188,
  "summary_fg_k": 1.701107245870987,
  "summary_fg_mad": 4018.240234375,
  "summary_fg_mean": 20989.861328125,
  "summary_fg_median": 20790.5546875,
  "summary_fg_n": 38555.0,
  "summary_fg_p05": 13803.91142578125,
  "summary_fg_p95": 28621.481640624992,
  "summary_fg_stdv": 4680.4072265625,
  "tsnr": 91.04756164550781
}