{
  "bids_meta": {
    "AcquisitionNumber": 2,
    "BidsifyVersion": "0.3.5",
    "ConversionSoftware": "dcm2niix",
    "ConversionSoftwareVersion": "v1.0.20181125  GCC6.3.0",
    "EchoTime": 0.00376,
    "ImageComments": "PIOP2",
    "ImageOrientationPatientDICOM": [
      0.997197,
      0.0550693,
      0.0506601,
      -0.0524354,
      0.997273,
      -0.0519302
    ],
    "Manufacturer": "Philips",
    "NumberSignalAcquisitions": 2,
    "PatientPosition": "HFS",
    "PhilipsRescaleIntercept": 0,
    "PhilipsRescaleSlope": 8.83077,
    "PhilipsScaleSlope": 0.00733726,
    "ProtocolName": "WIPT1anat_acq-6m_T1wSENSE",
    "ReconMatrixPE": 240,
    "RepetitionTime": 0.008196,
    "SeriesDescription": "ImageMRSERIES",
    "SeriesNumber": 2,
    "UsePhilipsFloatNotDisplayScaling": 1,
    "dataset": "unknown",
    "modality": "T1w",
    "subject_id": "0016"
  },
  "cjv": 0.2393884009416356,
  "cnr": 4.608889982671417,
  "efc": 0.7568768429368764,
  "fber": 1310.17724609375,
  "fwhm_avg": 4.666186666666667,
  "fwhm_x": 4.43987,
  "fwhm_y": 4.63941,
  "fwhm_z": 4.91928,
  "icvs_csf": 0.2605699107946158,
  "icvs_gm": 0.39721397678690024,
  "icvs_wm": 0.342216112418484,
  "inu_med": 1.1715424060821533,
  "inu_range": 0.3089987635612488,
  "provenance": {
    "md5sum": "7a66df9465fc0415ac2137b3cb4719c3",
    "settings": {
      "testing": false
    },
    "software": "mriqc",
    "version": "0.15.0",
    "warnings": {
      "large_rot_frame": true,
      "small_air_mask": true
    },
    "webapi_port": null,
    "webapi_url": "https://mriqc.nimh.nih.gov/api/v1"
  },
  "qi_1": 0.0,
  "qi_2": 5.8372352207533615e-05,
  "rpve_csf": 25.56560864873669,
  "rpve_gm": 16.292791318442443,
  "rpve_wm": 24.56896524849779,
  "size_x": 240,
  "size_y": 240,
  "size_z": 220,
  "snr_csf": 2.793581283457081,
  "snr_gm": 10.223601851403842,
  "snr_total": 13.305364450580141,
  "snr_wm": 26.8989102168795,
  "snrd_csf": 19.951621094330456,
  "snrd_gm": 42.50929617544944,
  "snrd_total": 43.3374621574234,
  "snrd_wm": 67.55146920249031,
  "spacing_x": 1.0,
  "spacing_y": 1.0,
  "spacing_z": 1.0,
  "summary_bg_k": 27.23059083242557,
  "summary_bg_mad": 9.698223114013672,
  "summary_bg_mean": 20.8618106842041,
  "summary_bg_median": 13.315279006958008,
  "summary_bg_n": 162273.0,
  "summary_bg_p05": 0.0,
  "summary_bg_p95": 86.2119186401367,
  "summary_bg_stdv": 36.04148483276367,
  "summary_csf_k": -0.635981474981747,
  "summary_csf_mad": 117.00947570800781,
  "summary_csf_mean": 282.4288024902344,
  "summary_csf_median": 295.35113525390625,
  "summary_csf_n": 14753.0,
  "summary_csf_p05": 106.40632019042968,
  "summary_csf_p95": 436.3961608886719,
  "summary_csf_stdv": 105.72132873535156,
  "summary_gm_k": 0.5813212759598461,
  "summary_gm_mad": 57.349666595458984,
  "summary_gm_mean": 633.81005859375,
  "summary_gm_median": 629.2806396484375,
  "summary_gm_n": 31971.0,
  "summary_gm_p05": 542.4948120117188,
  "summary_gm_p95": 744.0495910644531,
  "summary_gm_stdv": 61.5507926940918,
  "summary_wm_k": 1.7742797966941772,
  "summary_wm_mad": 31.393632888793945,
  "summary_wm_mean": 996.3002319335938,
  "summary_wm_median": 999.9890747070312,
  "summary_wm_n": 184201.0,
  "summary_wm_p05": 928.6387329101562,
  "summary_wm_p95": 1049.1312255859375,
  "summary_wm_stdv": 37.17572021484375,
  "tpm_overlap_csf": 0.21752163767814636,
  "tpm_overlap_gm": 0.5065978169441223,
  "tpm_overlap_wm": 0.5726472735404968,
  "wm2max": 0.6923515510693151
}