{
  "aor": 0.006101259259259259,
  "aqi": 0.005433385481481482,
  "bids_meta": {
    "AcquisitionNumber": 8,
    "BidsifyVersion": "0.3.5",
    "ConversionSoftware": "dcm2niix",
    "ConversionSoftwareVersion": "v1.0.20181125  GCC6.3.0",
    "EchoTime": 0.02763,
    "FlipAngle": 76.1,
    "ImageComments": "PIOP2",
    "ImageOrientationPatientDICOM": [
      0.995379,
      0.0857482,
      -0.0432148,
      -0.0771145,
      0.982014,
      0.172342
    ],
    "Manufacturer": "Philips",
    "NumberOfVolumesDiscardedByScanner": 2,
    "ParallelAcquisitionTechnique": "SENSE",
    "ParallelReductionFactorInPlane": 2,
    "PatientPosition": "HFS",
    "PhaseEncodingDirection": "j",
    "PhilipsRescaleIntercept": 0,
    "PhilipsRescaleSlope": 0.8127,
    "PhilipsScaleSlope": 0.0519888,
    "ProtocolName": "WIPtask-harriri_boldSENSE",
    "PulseSequenceType": "gradient echo EPI",
    "ReconMatrixPE": 80,
    "RepetitionTime": 2,
    "SeriesDescription": "ImageMRSERIES",
    "SeriesNumber": 8,
    "SliceEncodingDirection": "k",
    "TaskName": "emomatching",
    "UsePhilipsFloatNotDisplayScaling": 1,
    "WaterFatShift": 12,
    "acq_id": "seq",
    "dataset": "unknown",
    "modality": "bold",
    "subject_id": "0065",
    "task_id": "emomatching"
  },
  "dummy_trs": 0,
  "dvars_nstd": 19.801225100223885,
  "dvars_std": 1.1469392503731342,
  "dvars_vstd": 1.0162969686567167,
  "efc": 0.4097201365093423,
  "fber": 874124992.0,
  "fd_mean": 0.18224700369728458,
  "fd_num": 34,
  "fd_perc": 25.185185185185187,
  "fwhm_avg": 2.544276980925398,
  "fwhm_x": 2.4268300000000003,
  "fwhm_y": 2.874776666666667,
  "fwhm_z": 2.331224276109526,
  "gcor": 0.0571086,
  "gsr_x": 0.005074306391179562,
  "gsr_y": -0.003634074470028281,
  "provenance": {
    "md5sum": "1427af0f868126e1695229055e22fd6d",
    "settings": {
      "fd_thres": 0.2,
      "hmc_fsl": false
    },
    "software": "mriqc",
    "version": "0.15.0",
    "webapi_port": null,
    "webapi_url": "https://mriqc.nimh.nih.gov/api/v1"
  },
  "size_t": 135,
  "size_x": 80,
  "size_y": 80,
  "size_z": 36,
  "snr": 4.462333606391258,
  "spacing_tr": 2.0,
  "spacing_x": 3.0,
  "spacing_y": 3.0,
  "spacing_z": 3.299999952316284,
  "spikes_num": 5,
  "summary_bg_k": 72.6673696724457,
  "summary_bg_mad": 1.208888292312622,
  "summary_bg_mean": 247.31985473632812,
  "summary_bg_median": 0.8335908055305481,
  "summary_bg_n": 148521.0,
  "summary_bg_p05": 0.006950546987354755,
  "summary_bg_p95": 959.8201293945312,
  "summary_bg_stdv": 1387.135986328125,
  "summary_fg_k": 2.2118754803443785,
  "summary_fg_mad": 4814.294921875,
  "summary_fg_mean": 26572.568359375,
  "summary_fg_median": 26470.763671875,
  "summary_fg_n": 41858.0,
  "summary_fg_p05": 17105.0044921875,
  "summary_fg_p95": 35834.9640625,
  "summary_fg_stdv": 5931.97412109375,
  "tsnr": 64.72434997558594
}