{
  "aor": 0.0018905624999999999,
  "aqi": 0.0046324358125,
  "bids_meta": {
    "AcquisitionNumber": 3,
    "BidsifyVersion": "0.3.5",
    "ConversionSoftware": "dcm2niix",
    "ConversionSoftwareVersion": "v1.0.20181125  GCC6.3.0",
    "EchoTime": 0.02763,
    "FlipAngle": 76.1,
    "ImageComments": "PIOP2",
    "ImageOrientationPatientDICOM": [
      0.999151,
      -0.029295,
      -0.0289775,
      0.0291305,
      0.999557,
      -0.00608304
    ],
    "Manufacturer": "Philips",
    "NumberOfVolumesDiscardedByScanner": 2,
    "ParallelAcquisitionTechnique": "SENSE",
    "ParallelReductionFactorInPlane": 2,
    "PatientPosition": "HFS",
    "PhaseEncodingDirection": "j",
    "PhilipsRescaleIntercept": 0,
    "PhilipsRescaleSlope": 0.7685,
    "PhilipsScaleSlope": 0.055843,
    "ProtocolName": "WIPtask-wm_boldSENSE",
    "PulseSequenceType": "gradient echo EPI",
    "ReconMatrixPE": 80,
    "RepetitionTime": 2,
    "SeriesDescription": "ImageMRSERIES",
    "SeriesNumber": 3,
    "SliceEncodingDirection": "k",
    "TaskName": "workingmemory",
    "UsePhilipsFloatNotDisplayScaling": 1,
    "WaterFatShift": 12,
    "acq_id": "seq",
    "dataset": "unknown",
    "modality": "bold",
    "subject_id": "0186",
    "task_id": "workingmemory"
  },
  "dummy_trs": 0,
  "dvars_nstd": 20.454512596163525,
  "dvars_std": 1.1946388487421382,
  "dvars_vstd": 0.9654589127672958,
  "efc": 0.395465996071186,
  "fber": 637808576.0,
  "fd_mean": 0.1606992305032205,
  "fd_num": 36,
  "fd_perc": 22.5,
  "fwhm_avg": 2.6553734461614353,
  "fwhm_x": 2.5497566666666667,
  "fwhm_y": 2.962733333333333,
  "fwhm_z": 2.453630338484307,
  "gcor": 0.0304182,
  "gsr_x": -0.0031157657504081726,
  "gsr_y": 0.0021179672330617905,
  "provenance": {
    "md5sum": "df022511423c8f0edbb0874af3e22ec6",
    "settings": {
      "fd_thres": 0.2,
      "hmc_fsl": false
    },
    "software": "mriqc",
    "version": "0.15.0",
    "webapi_port": null,
    "webapi_url": "https://mriqc.nimh.nih.gov/api/v1"
  },
  "size_t": 160,
  "size_x": 80,
  "size_y": 80,
  "size_z": 36,
  "snr": 4.986664958083679,
  "spacing_tr": 2.0,
  "spacing_x": 3.0,
  "spacing_y": 3.0,
  "spacing_z": 3.299999952316284,
  "spikes_num": 0,
  "summary_bg_k": 135.8141962035534,
  "summary_bg_mad": 1.2818586826324463,
  "summary_bg_mean": 139.24655151367188,
  "summary_bg_median": 0.8761206865310669,
  "summary_bg_n": 150479.0,
  "summary_bg_p05": 0.0006248174293432386,
  "summary_bg_p95": 656.5198059082077,
  "summary_bg_stdv": 800.1165161132812,
  "summary_fg_k": 1.9684321355547771,
  "summary_fg_mad": 4263.02001953125,
  "summary_fg_mean": 24182.6484375,
  "summary_fg_median": 24149.26171875,
  "summary_fg_n": 39685.0,
  "summary_fg_p05": 16634.246484375,
  "summary_fg_p95": 31658.815234375,
  "summary_fg_stdv": 4842.70703125,
  "tsnr": 75.0670166015625
}