{
  "aor": 0.003053125,
  "aqi": 0.005194004,
  "bids_meta": {
    "AcquisitionNumber": 4,
    "BidsifyVersion": "0.3.5",
    "ConversionSoftware": "dcm2niix",
    "ConversionSoftwareVersion": "v1.0.20181125  GCC6.3.0",
    "EchoTime": 0.02763,
    "EffectiveEchoSpacing": 0.0006909035636805814,
    "FlipAngle": 76.1,
    "ImageComments": "PIOP2",
    "ImageOrientationPatientDICOM": [
      0.999791,
      0.0182799,
      -0.00911083,
      -0.0155314,
      0.970129,
      0.242093
    ],
    "Manufacturer": "Philips",
    "NumberOfVolumesDiscardedByScanner": 2,
    "ParallelAcquisitionTechnique": "SENSE",
    "ParallelReductionFactorInPlane": 2,
    "PatientPosition": "HFS",
    "PhaseEncodingDirection": "j",
    "PhilipsRescaleIntercept": 0,
    "PhilipsRescaleSlope": 0.75629,
    "PhilipsScaleSlope": 0.0490723,
    "ProtocolName": "WIPtask-rest_boldSENSE",
    "PulseSequenceType": "gradient echo EPI",
    "ReconMatrixPE": 80,
    "RepetitionTime": 2,
    "SeriesDescription": "ImageMRSERIES",
    "SeriesNumber": 4,
    "SliceEncodingDirection": "k",
    "SliceTiming": [
      0.0,
      0.0556,
      0.1111,
      0.1667,
      0.2222,
      0.2778,
      0.3333,
      0.3889,
      0.4444,
      0.5,
      0.5556,
      0.6111,
      0.6667,
      0.7222,
      0.7778,
      0.8333,
      0.8889,
      0.9444,
      1.0,
      1.0556,
      1.1111,
      1.1667,
      1.2222,
      1.2778,
      1.3333,
      1.3889,
      1.4444,
      1.5,
      1.5556,
      1.6111,
      1.6667,
      1.7222,
      1.7778,
      1.8333,
      1.8889,
      1.9444
    ],
    "TaskName": "restingstate",
    "TotalReadoutTime": 0.026945238983542674,
    "UsePhilipsFloatNotDisplayScaling": 1,
    "WaterFatShift": 12,
    "acq_id": "seq",
    "dataset": "unknown",
    "modality": "bold",
    "subject_id": "0074",
    "task_id": "restingstate"
  },
  "dummy_trs": 0,
  "dvars_nstd": 18.464214763933057,
  "dvars_std": 1.21263406125523,
  "dvars_vstd": 1.019171386527196,
  "efc": 0.4452001922052341,
  "fber": 146280064.0,
  "fd_mean": 0.11577303771809883,
  "fd_num": 18,
  "fd_perc": 7.5,
  "fwhm_avg": 2.5680824354127476,
  "fwhm_x": 2.4678766666666667,
  "fwhm_y": 2.9172100000000003,
  "fwhm_z": 2.319160639571575,
  "gcor": 0.0280578,
  "gsr_x": -0.0007290077628567815,
  "gsr_y": 0.0033664535731077194,
  "provenance": {
    "md5sum": "806154c6be4f0a03727be60cdccd257d",
    "settings": {
      "fd_thres": 0.2,
      "hmc_fsl": false
    },
    "software": "mriqc",
    "version": "0.15.0",
    "webapi_port": null,
    "webapi_url": "https://mriqc.nimh.nih.gov/api/v1"
  },
  "size_t": 240,
  "size_x": 80,
  "size_y": 80,
  "size_z": 36,
  "snr": 5.384721299922235,
  "spacing_tr": 2.0,
  "spacing_x": 3.0,
  "spacing_y": 3.0,
  "spacing_z": 3.299999952316284,
  "spikes_num": 2,
  "summary_bg_k": 70.52587681416601,
  "summary_bg_mad": 3.081157922744751,
  "summary_bg_mean": 311.874267578125,
  "summary_bg_median": 2.109631061553955,
  "summary_bg_n": 141600.0,
  "summary_bg_p05": 0.009000576613470913,
  "summary_bg_p95": 1705.0326965332015,
  "summary_bg_stdv": 1553.571044921875,
  "summary_fg_k": 3.090008113762244,
  "summary_fg_mad": 4400.7373046875,
  "summary_fg_mean": 28482.935546875,
  "summary_fg_median": 28436.99609375,
  "summary_fg_n": 47604.0,
  "summary_fg_p05": 20592.6896484375,
  "summary_fg_p95": 36480.260546875,
  "summary_fg_stdv": 5280.9970703125,
  "tsnr": 76.4741439819336
}