{
  "aor": 0.0033505185185185183,
  "aqi": 0.005863778592592592,
  "bids_meta": {
    "AcquisitionNumber": 8,
    "BidsifyVersion": "0.3.5",
    "ConversionSoftware": "dcm2niix",
    "ConversionSoftwareVersion": "v1.0.20181125  GCC6.3.0",
    "EchoTime": 0.02763,
    "EffectiveEchoSpacing": 0.0006909035636805814,
    "FlipAngle": 76.1,
    "ImageComments": "PIOP2",
    "ImageOrientationPatientDICOM": [
      0.999791,
      0.0182799,
      -0.00911083,
      -0.0155314,
      0.970129,
      0.242093
    ],
    "Manufacturer": "Philips",
    "NumberOfVolumesDiscardedByScanner": 2,
    "ParallelAcquisitionTechnique": "SENSE",
    "ParallelReductionFactorInPlane": 2,
    "PatientPosition": "HFS",
    "PhaseEncodingDirection": "j",
    "PhilipsRescaleIntercept": 0,
    "PhilipsRescaleSlope": 0.78217,
    "PhilipsScaleSlope": 0.0478149,
    "ProtocolName": "WIPtask-harriri_boldSENSE",
    "PulseSequenceType": "gradient echo EPI",
    "ReconMatrixPE": 80,
    "RepetitionTime": 2,
    "SeriesDescription": "ImageMRSERIES",
    "SeriesNumber": 8,
    "SliceEncodingDirection": "k",
    "SliceTiming": [
      0.0,
      0.0556,
      0.1111,
      0.1667,
      0.2222,
      0.2778,
      0.3333,
      0.3889,
      0.4444,
      0.5,
      0.5556,
      0.6111,
      0.6667,
      0.7222,
      0.7778,
      0.8333,
      0.8889,
      0.9444,
      1.0,
      1.0556,
      1.1111,
      1.1667,
      1.2222,
      1.2778,
      1.3333,
      1.3889,
      1.4444,
      1.5,
      1.5556,
      1.6111,
      1.6667,
      1.7222,
      1.7778,
      1.8333,
      1.8889,
      1.9444
    ],
    "TaskName": "emomatching",
    "TotalReadoutTime": 0.026945238983542674,
    "UsePhilipsFloatNotDisplayScaling": 1,
    "WaterFatShift": 12,
    "acq_id": "seq",
    "dataset": "unknown",
    "modality": "bold",
    "subject_id": "0074",
    "task_id": "emomatching"
  },
  "dummy_trs": 0,
  "dvars_nstd": 19.10825967082089,
  "dvars_std": 1.2205796885820899,
  "dvars_vstd": 0.9986666167910444,
  "efc": 0.44578285889645797,
  "fber": 269166912.0,
  "fd_mean": 0.12742873910937602,
  "fd_num": 19,
  "fd_perc": 14.074074074074074,
  "fwhm_avg": 2.597426374988504,
  "fwhm_x": 2.4941533333333332,
  "fwhm_y": 2.941216666666667,
  "fwhm_z": 2.3569091249655107,
  "gcor": 0.0448181,
  "gsr_x": -0.0008601610315963626,
  "gsr_y": 0.003743227105587721,
  "provenance": {
    "md5sum": "f009c40efcf2106d6afb15e152f34b92",
    "settings": {
      "fd_thres": 0.2,
      "hmc_fsl": false
    },
    "software": "mriqc",
    "version": "0.15.0",
    "webapi_port": null,
    "webapi_url": "https://mriqc.nimh.nih.gov/api/v1"
  },
  "size_t": 135,
  "size_x": 80,
  "size_y": 80,
  "size_z": 36,
  "snr": 5.24930454702982,
  "spacing_tr": 2.0,
  "spacing_x": 3.0,
  "spacing_y": 3.0,
  "spacing_z": 3.299999952316284,
  "spikes_num": 1,
  "summary_bg_k": 64.03085280932656,
  "summary_bg_mad": 2.2379844188690186,
  "summary_bg_mean": 319.93280029296875,
  "summary_bg_median": 1.5186508893966675,
  "summary_bg_n": 141341.0,
  "summary_bg_p05": 0.0022959390189498663,
  "summary_bg_p95": 1708.3128662109375,
  "summary_bg_stdv": 1570.804443359375,
  "summary_fg_k": 2.983841702778993,
  "summary_fg_mad": 4546.275390625,
  "summary_fg_mean": 28779.099609375,
  "summary_fg_median": 28707.4140625,
  "summary_fg_n": 47794.0,
  "summary_fg_p05": 20618.39013671875,
  "summary_fg_p95": 37168.289453125,
  "summary_fg_stdv": 5468.74609375,
  "tsnr": 74.22102355957031
}