{
    "Manufacturer": "Philips",
    "PatientPosition": "HFS",
    "SeriesDescription": "ImageMRSERIES",
    "ProtocolName": "WIPT1anat_acq-6m_T1wSENSE",
    "SeriesNumber": 2,
    "AcquisitionNumber": 2,
    "ImageComments": "PIOP2",
    "PhilipsRescaleSlope": 8.92845,
    "PhilipsRescaleIntercept": 0,
    "PhilipsScaleSlope": 0.00703881,
    "UsePhilipsFloatNotDisplayScaling": 1,
    "EchoTime": 0.00374,
    "RepetitionTime": 0.008176,
    "ReconMatrixPE": 240,
    "ImageOrientationPatientDICOM": [
        0.999681,
        0.00213182,
        -0.0251861,
        -0.004013,
        0.997185,
        -0.0748782
    ],
    "ConversionSoftware": "dcm2niix",
    "ConversionSoftwareVersion": "v1.0.20181125  GCC6.3.0",
    "BidsifyVersion": "0.3.5"
}