{
  "aor": 0.002726962962962963,
  "aqi": 0.0071674139999999996,
  "bids_meta": {
    "AcquisitionNumber": 8,
    "BidsifyVersion": "0.3.5",
    "ConversionSoftware": "dcm2niix",
    "ConversionSoftwareVersion": "v1.0.20181125  GCC6.3.0",
    "EchoTime": 0.02763,
    "EffectiveEchoSpacing": 0.0006909035636805814,
    "FlipAngle": 76.1,
    "ImageComments": "PIOP2",
    "ImageOrientationPatientDICOM": [
      0.998928,
      -0.0387421,
      -0.025334,
      0.0361053,
      0.994596,
      -0.0973455
    ],
    "Manufacturer": "Philips",
    "NumberOfVolumesDiscardedByScanner": 2,
    "ParallelAcquisitionTechnique": "SENSE",
    "ParallelReductionFactorInPlane": 2,
    "PatientPosition": "HFS",
    "PhaseEncodingDirection": "j",
    "PhilipsRescaleIntercept": 0,
    "PhilipsRescaleSlope": 0.76386,
    "PhilipsScaleSlope": 0.0571912,
    "ProtocolName": "WIPtask-harriri_boldSENSE",
    "PulseSequenceType": "gradient echo EPI",
    "ReconMatrixPE": 80,
    "RepetitionTime": 2,
    "SeriesDescription": "ImageMRSERIES",
    "SeriesNumber": 8,
    "SliceEncodingDirection": "k",
    "SliceTiming": [
      0.0,
      0.0556,
      0.1111,
      0.1667,
      0.2222,
      0.2778,
      0.3333,
      0.3889,
      0.4444,
      0.5,
      0.5556,
      0.6111,
      0.6667,
      0.7222,
      0.7778,
      0.8333,
      0.8889,
      0.9444,
      1.0,
      1.0556,
      1.1111,
      1.1667,
      1.2222,
      1.2778,
      1.3333,
      1.3889,
      1.4444,
      1.5,
      1.5556,
      1.6111,
      1.6667,
      1.7222,
      1.7778,
      1.8333,
      1.8889,
      1.9444
    ],
    "TaskName": "emomatching",
    "TotalReadoutTime": 0.026945238983542674,
    "UsePhilipsFloatNotDisplayScaling": 1,
    "WaterFatShift": 12,
    "acq_id": "seq",
    "dataset": "unknown",
    "modality": "bold",
    "subject_id": "0193",
    "task_id": "emomatching"
  },
  "dummy_trs": 0,
  "dvars_nstd": 18.323208809104482,
  "dvars_std": 1.0860300493283583,
  "dvars_vstd": 0.9575254841044779,
  "efc": 0.4147261269642283,
  "fber": 106165056.0,
  "fd_mean": 0.1541224753407482,
  "fd_num": 30,
  "fd_perc": 22.22222222222222,
  "fwhm_avg": 2.6165961731179643,
  "fwhm_x": 2.5302000000000002,
  "fwhm_y": 2.9316066666666667,
  "fwhm_z": 2.387981852687227,
  "gcor": 0.020667,
  "gsr_x": -0.00788481067866087,
  "gsr_y": 0.0063207983039319515,
  "provenance": {
    "md5sum": "9632486dce45f680455ee5f05318e685",
    "settings": {
      "fd_thres": 0.2,
      "hmc_fsl": false
    },
    "software": "mriqc",
    "version": "0.15.0",
    "webapi_port": null,
    "webapi_url": "https://mriqc.nimh.nih.gov/api/v1"
  },
  "size_t": 135,
  "size_x": 80,
  "size_y": 80,
  "size_z": 36,
  "snr": 4.594828303862644,
  "spacing_tr": 2.0,
  "spacing_x": 3.0,
  "spacing_y": 3.0,
  "spacing_z": 3.299999952316284,
  "spikes_num": 0,
  "summary_bg_k": 141.6313413812573,
  "summary_bg_mad": 3.146014928817749,
  "summary_bg_mean": 184.4409942626953,
  "summary_bg_median": 2.2006001472473145,
  "summary_bg_n": 146678.0,
  "summary_bg_p05": 0.021319825761020185,
  "summary_bg_p95": 902.9901885986309,
  "summary_bg_stdv": 1008.1245727539062,
  "summary_fg_k": 1.9563177424106772,
  "summary_fg_mad": 4585.9462890625,
  "summary_fg_mean": 25316.57421875,
  "summary_fg_median": 25292.583984375,
  "summary_fg_n": 42797.0,
  "summary_fg_p05": 16574.2515625,
  "summary_fg_p95": 33961.85390625,
  "summary_fg_stdv": 5504.51220703125,
  "tsnr": 60.47403335571289
}