{
  "bids_meta": {
    "AcquisitionNumber": 2,
    "BidsifyVersion": "0.3.5",
    "ConversionSoftware": "dcm2niix",
    "ConversionSoftwareVersion": "v1.0.20181125  GCC6.3.0",
    "EchoTime": 0.00381,
    "ImageComments": "PIOP2",
    "ImageOrientationPatientDICOM": [
      0.999792,
      -0.00638873,
      -0.0193874,
      0.00261745,
      0.982044,
      -0.188633
    ],
    "Manufacturer": "Philips",
    "PatientPosition": "HFS",
    "PhilipsRescaleIntercept": 0,
    "PhilipsRescaleSlope": 11.4691,
    "PhilipsScaleSlope": 0.00742715,
    "ProtocolName": "WIPT1anat_acq-6m_T1wSENSE",
    "ReconMatrixPE": 240,
    "RepetitionTime": 0.008302,
    "SeriesDescription": "ImageMRSERIES",
    "SeriesNumber": 2,
    "UsePhilipsFloatNotDisplayScaling": 1,
    "acq_id": "6m",
    "dataset": "unknown",
    "modality": "T1w",
    "subject_id": "0035"
  },
  "cjv": 0.2599440515882842,
  "cnr": 4.590128477634728,
  "efc": 0.7795133309739887,
  "fber": 1015.2978515625,
  "fwhm_avg": 4.330416666666667,
  "fwhm_x": 4.04607,
  "fwhm_y": 4.49021,
  "fwhm_z": 4.45497,
  "icvs_csf": 0.2441794982997173,
  "icvs_gm": 0.3895090644159095,
  "icvs_wm": 0.3663114372843732,
  "inu_med": 3.1117031574249268,
  "inu_range": 0.7581622838973998,
  "provenance": {
    "md5sum": "92dbbf593569a0db1f936ba105afc82a",
    "settings": {
      "testing": false
    },
    "software": "mriqc",
    "version": "0.15.0",
    "warnings": {
      "large_rot_frame": true,
      "small_air_mask": true
    },
    "webapi_port": null,
    "webapi_url": "https://mriqc.nimh.nih.gov/api/v1"
  },
  "qi_1": 0.0,
  "qi_2": 0.00017553128224688858,
  "rpve_csf": 26.380327875735556,
  "rpve_gm": 16.311967451413302,
  "rpve_wm": 22.469375496832747,
  "size_x": 240,
  "size_y": 240,
  "size_z": 220,
  "snr_csf": 2.701864701465711,
  "snr_gm": 9.774200476572588,
  "snr_total": 13.376279209185105,
  "snr_wm": 27.652772449517013,
  "snrd_csf": 17.506419607862984,
  "snrd_gm": 37.889147392871976,
  "snrd_total": 37.888617475124555,
  "snrd_wm": 58.27028542463869,
  "spacing_x": 1.0,
  "spacing_y": 1.0,
  "spacing_z": 1.0,
  "summary_bg_k": 9.091390734010393,
  "summary_bg_mad": 11.24319076538086,
  "summary_bg_mean": 12.757122039794922,
  "summary_bg_median": 7.9212236404418945,
  "summary_bg_n": 169475.0,
  "summary_bg_p05": 0.0,
  "summary_bg_p95": 23.84722766876221,
  "summary_bg_stdv": 8.56372356414795,
  "summary_csf_k": 1.7955885104654445,
  "summary_csf_mad": 136.55638122558594,
  "summary_csf_mean": 287.2679138183594,
  "summary_csf_median": 300.438232421875,
  "summary_csf_n": 17824.0,
  "summary_csf_p05": 115.44971733093263,
  "summary_csf_p95": 441.59618682861327,
  "summary_csf_stdv": 111.1935043334961,
  "summary_gm_k": 0.7795763962571178,
  "summary_gm_mad": 60.08176803588867,
  "summary_gm_mean": 655.107421875,
  "summary_gm_median": 650.238525390625,
  "summary_gm_n": 22049.0,
  "summary_gm_p05": 557.4241577148438,
  "summary_gm_p95": 776.587841796875,
  "summary_gm_stdv": 66.52449798583984,
  "summary_wm_k": 1.5458777113350006,
  "summary_wm_mad": 30.839645385742188,
  "summary_wm_mean": 997.83251953125,
  "summary_wm_median": 1000.0115356445312,
  "summary_wm_n": 193646.0,
  "summary_wm_p05": 934.3768463134766,
  "summary_wm_p95": 1052.5424499511719,
  "summary_wm_stdv": 36.163063049316406,
  "tpm_overlap_csf": 0.22081170976161957,
  "tpm_overlap_gm": 0.4872475862503052,
  "tpm_overlap_wm": 0.5573282837867737,
  "wm2max": 0.6814281484250121
}