{
  "bids_meta": {
    "AcquisitionNumber": 2,
    "BidsifyVersion": "0.3.5",
    "ConversionSoftware": "dcm2niix",
    "ConversionSoftwareVersion": "v1.0.20181125  GCC6.3.0",
    "EchoTime": 0.00374,
    "ImageComments": "PIOP2",
    "ImageOrientationPatientDICOM": [
      0.995824,
      0.0635538,
      -0.0655405,
      -0.0638735,
      0.997954,
      -0.00279175
    ],
    "Manufacturer": "Philips",
    "NumberSignalAcquisitions": 2,
    "PatientPosition": "HFS",
    "PhilipsRescaleIntercept": 0,
    "PhilipsRescaleSlope": 8.56166,
    "PhilipsScaleSlope": 0.00706755,
    "ProtocolName": "WIPT1anat_acq-6m_T1wSENSE",
    "ReconMatrixPE": 240,
    "RepetitionTime": 0.008162,
    "SeriesDescription": "ImageMRSERIES",
    "SeriesNumber": 2,
    "UsePhilipsFloatNotDisplayScaling": 1,
    "dataset": "unknown",
    "modality": "T1w",
    "subject_id": "0007"
  },
  "cjv": 0.2425706142897517,
  "cnr": 5.119136637823211,
  "efc": 0.7349309057382118,
  "fber": 1593.16162109375,
  "fwhm_avg": 4.51807694482528,
  "fwhm_x": 4.055960241754069,
  "fwhm_y": 4.52616,
  "fwhm_z": 4.972110592721771,
  "icvs_csf": 0.2529007945962847,
  "icvs_gm": 0.4160258438655059,
  "icvs_wm": 0.33107336153820943,
  "inu_med": 2.0234007835388184,
  "inu_range": 0.3510538339614868,
  "provenance": {
    "md5sum": "aa98d5c7a37da5e9fdfb9308356e6025",
    "settings": {
      "testing": false
    },
    "software": "mriqc",
    "version": "0.15.0",
    "warnings": {
      "large_rot_frame": true,
      "small_air_mask": true
    },
    "webapi_port": null,
    "webapi_url": "https://mriqc.nimh.nih.gov/api/v1"
  },
  "qi_1": 0.0,
  "qi_2": 6.848695624259712e-05,
  "rpve_csf": 29.239104856599404,
  "rpve_gm": 17.88340971873879,
  "rpve_wm": 27.808527528357473,
  "size_x": 240,
  "size_y": 240,
  "size_z": 220,
  "snr_csf": 2.3047351205386724,
  "snr_gm": 9.49532829765768,
  "snr_total": 11.581217491694602,
  "snr_wm": 22.94358905688745,
  "snrd_csf": 20.092212107380078,
  "snrd_gm": 53.67285330379106,
  "snrd_total": 54.23413247395079,
  "snrd_wm": 88.93733201068122,
  "spacing_x": 0.9999999403953552,
  "spacing_y": 1.0,
  "spacing_z": 0.9999998807907104,
  "summary_bg_k": 135.75601008621427,
  "summary_bg_mad": 7.366201400756836,
  "summary_bg_mean": 8.291211128234863,
  "summary_bg_median": 5.0805559158325195,
  "summary_bg_n": 126486.0,
  "summary_bg_p05": 0.0,
  "summary_bg_p95": 20.294036865234375,
  "summary_bg_stdv": 7.784262180328369,
  "summary_csf_k": 33.97029934017566,
  "summary_csf_mad": 109.09422302246094,
  "summary_csf_mean": 224.6466827392578,
  "summary_csf_median": 225.91217041015625,
  "summary_csf_n": 12643.0,
  "summary_csf_p05": 83.91401901245118,
  "summary_csf_p95": 379.749087524414,
  "summary_csf_stdv": 98.01700592041016,
  "summary_gm_k": 0.623481346156348,
  "summary_gm_mad": 59.48480224609375,
  "summary_gm_mean": 607.3594970703125,
  "summary_gm_median": 603.485107421875,
  "summary_gm_n": 18904.0,
  "summary_gm_p05": 510.7874588012695,
  "summary_gm_p95": 719.1722076416014,
  "summary_gm_stdv": 63.5543212890625,
  "summary_wm_k": 1.262617809095265,
  "summary_wm_mad": 36.69580841064453,
  "summary_wm_mean": 994.3955688476562,
  "summary_wm_median": 999.99072265625,
  "summary_wm_n": 145794.0,
  "summary_wm_p05": 911.0399139404296,
  "summary_wm_p95": 1055.5486755371094,
  "summary_wm_stdv": 43.5846061706543,
  "tpm_overlap_csf": 0.2227248102426529,
  "tpm_overlap_gm": 0.5119255781173706,
  "tpm_overlap_wm": 0.5597532987594604,
  "wm2max": 0.7521963033682658
}