{
    "Manufacturer": "Philips",
    "PatientPosition": "HFS",
    "SeriesDescription": "ImageMRSERIES",
    "ProtocolName": "WIPdwi_acq-32b1000SENSE",
    "SeriesNumber": 6,
    "AcquisitionNumber": 6,
    "ImageComments": "PIOP2",
    "PhilipsRescaleSlope": 3.99585,
    "PhilipsRescaleIntercept": 0,
    "PhilipsScaleSlope": 0.0267325,
    "UsePhilipsFloatNotDisplayScaling": 1,
    "EchoTime": 0.08599,
    "RepetitionTime": 7.38482,
    "ReconMatrixPE": 112,
    "ImageOrientationPatientDICOM": [
        0.998191,
        -0.0576787,
        -0.0169614,
        0.0580797,
        0.998019,
        0.0241857
    ],
    "ConversionSoftware": "dcm2niix",
    "ConversionSoftwareVersion": "v1.0.20181125  GCC6.3.0",
    "BidsifyVersion": "0.3.5",
    "FlipAngle": 90,
    "WaterFatShift": 18.927,
    "ParallelAcquisitionTechnique": "SENSE",
    "ParallelReductionFactorInPlane": 2,
    "PhaseEncodingDirection": "j"
}