{
  "bids_meta": {
    "AcquisitionNumber": 3,
    "BidsifyVersion": "0.3.5",
    "ConversionSoftware": "dcm2niix",
    "ConversionSoftwareVersion": "v1.0.20181125  GCC6.3.0",
    "EchoTime": 0.00381,
    "ImageComments": "PIOP2",
    "ImageOrientationPatientDICOM": [
      0.997347,
      0.0705525,
      -0.0179282,
      -0.0679923,
      0.990828,
      0.116774
    ],
    "Manufacturer": "Philips",
    "PatientPosition": "HFS",
    "PhilipsRescaleIntercept": 0,
    "PhilipsRescaleSlope": 8.33578,
    "PhilipsScaleSlope": 0.0072186,
    "ProtocolName": "WIPT1anat_acq-6m_T1wSENSE",
    "ReconMatrixPE": 240,
    "RepetitionTime": 0.008272,
    "SeriesDescription": "ImageMRSERIES",
    "SeriesNumber": 3,
    "UsePhilipsFloatNotDisplayScaling": 1,
    "acq_id": "6m",
    "dataset": "unknown",
    "modality": "T1w",
    "subject_id": "0027"
  },
  "cjv": 0.2591126105310929,
  "cnr": 5.018859862376733,
  "efc": 0.755524971347364,
  "fber": 1829.891357421875,
  "fwhm_avg": 4.83232,
  "fwhm_x": 4.50948,
  "fwhm_y": 4.94345,
  "fwhm_z": 5.04403,
  "icvs_csf": 0.24476309693919487,
  "icvs_gm": 0.39913573113758294,
  "icvs_wm": 0.35610117192322216,
  "inu_med": 1.7081202268600464,
  "inu_range": 0.380502426624298,
  "provenance": {
    "md5sum": "39fe320d01ae89ac8879b60a46fbd769",
    "settings": {
      "testing": false
    },
    "software": "mriqc",
    "version": "0.15.0",
    "warnings": {
      "large_rot_frame": true,
      "small_air_mask": true
    },
    "webapi_port": null,
    "webapi_url": "https://mriqc.nimh.nih.gov/api/v1"
  },
  "qi_1": 0.0,
  "qi_2": 0.00011251043355530746,
  "rpve_csf": 26.10406681417308,
  "rpve_gm": 15.844931892550035,
  "rpve_wm": 22.36776346739333,
  "size_x": 240,
  "size_y": 240,
  "size_z": 220,
  "snr_csf": 2.5745954589230116,
  "snr_gm": 11.011536522994996,
  "snr_total": 12.473945963629207,
  "snr_wm": 23.83570590896962,
  "snrd_csf": 22.184359353250517,
  "snrd_gm": 56.54600656682469,
  "snrd_total": 55.76417952171238,
  "snrd_wm": 88.56217264506195,
  "spacing_x": 1.0,
  "spacing_y": 1.0,
  "spacing_z": 1.0,
  "summary_bg_k": 13.447244702780061,
  "summary_bg_mad": 7.397479057312012,
  "summary_bg_mean": 9.566827774047852,
  "summary_bg_median": 10.07431411743164,
  "summary_bg_n": 86220.0,
  "summary_bg_p05": 0.0,
  "summary_bg_p95": 21.13846006393433,
  "summary_bg_stdv": 8.141839981079102,
  "summary_csf_k": -0.5605002673048114,
  "summary_csf_mad": 110.18800354003906,
  "summary_csf_mean": 252.2759246826172,
  "summary_csf_median": 250.4949188232422,
  "summary_csf_n": 17159.0,
  "summary_csf_p05": 104.79738082885741,
  "summary_csf_p95": 416.95934753417964,
  "summary_csf_stdv": 97.29203033447266,
  "summary_gm_k": 0.3315692599890907,
  "summary_gm_mad": 55.9467887878418,
  "summary_gm_mean": 641.7483520507812,
  "summary_gm_median": 638.4898071289062,
  "summary_gm_n": 25567.0,
  "summary_gm_p05": 552.5181274414062,
  "summary_gm_p95": 741.678662109375,
  "summary_gm_stdv": 57.982582092285156,
  "summary_wm_k": 0.965514357485064,
  "summary_wm_mad": 37.72523498535156,
  "summary_wm_mean": 995.5517578125,
  "summary_wm_median": 1000.0006713867188,
  "summary_wm_n": 192922.0,
  "summary_wm_p05": 918.0554473876953,
  "summary_wm_p95": 1056.0462951660156,
  "summary_wm_stdv": 41.95378494262695,
  "tpm_overlap_csf": 0.22815828025341034,
  "tpm_overlap_gm": 0.505319356918335,
  "tpm_overlap_wm": 0.5846040844917297,
  "wm2max": 0.7821118600617256
}