{
    "Manufacturer": "Philips",
    "PatientPosition": "HFS",
    "SeriesDescription": "ImageMRSERIES",
    "ProtocolName": "WIPT1anat_acq-6m_T1wSENSE",
    "SeriesNumber": 2,
    "AcquisitionNumber": 2,
    "ImageComments": "PIOP2",
    "PhilipsRescaleSlope": 9.89866,
    "PhilipsRescaleIntercept": 0,
    "PhilipsScaleSlope": 0.00749492,
    "UsePhilipsFloatNotDisplayScaling": 1,
    "EchoTime": 0.00373,
    "RepetitionTime": 0.008172,
    "ReconMatrixPE": 240,
    "ImageOrientationPatientDICOM": [
        0.999433,
        0.0110034,
        -0.0318157,
        -0.0111642,
        0.999926,
        -0.00488089
    ],
    "ConversionSoftware": "dcm2niix",
    "ConversionSoftwareVersion": "v1.0.20181125  GCC6.3.0",
    "BidsifyVersion": "0.3.5"
}