{
    "Manufacturer": "Philips",
    "PatientPosition": "HFS",
    "SeriesDescription": "ImageMRSERIES",
    "ProtocolName": "WIPT1anat_acq-6m_T1wSENSE",
    "SeriesNumber": 3,
    "AcquisitionNumber": 3,
    "ImageComments": "PIOP2",
    "PhilipsRescaleSlope": 9.27521,
    "PhilipsRescaleIntercept": 0,
    "PhilipsScaleSlope": 0.00703606,
    "UsePhilipsFloatNotDisplayScaling": 1,
    "EchoTime": 0.00384,
    "RepetitionTime": 0.008321,
    "ReconMatrixPE": 240,
    "ImageOrientationPatientDICOM": [
        0.996518,
        -0.0759137,
        0.0344715,
        0.080178,
        0.985948,
        -0.146553
    ],
    "ConversionSoftware": "dcm2niix",
    "ConversionSoftwareVersion": "v1.0.20181125  GCC6.3.0",
    "BidsifyVersion": "0.3.5"
}