{
  "bids_meta": {
    "AcquisitionNumber": 2,
    "BidsifyVersion": "0.3.5",
    "ConversionSoftware": "dcm2niix",
    "ConversionSoftwareVersion": "v1.0.20181125  GCC6.3.0",
    "EchoTime": 0.0038,
    "ImageComments": "PIOP2",
    "ImageOrientationPatientDICOM": [
      0.996267,
      0.0863225,
      0.000817196,
      -0.0859357,
      0.992614,
      -0.08563
    ],
    "Manufacturer": "Philips",
    "PatientPosition": "HFS",
    "PhilipsRescaleIntercept": 0,
    "PhilipsRescaleSlope": 9.70916,
    "PhilipsScaleSlope": 0.00735443,
    "ProtocolName": "WIPT1anat_acq-6m_T1wSENSE",
    "ReconMatrixPE": 240,
    "RepetitionTime": 0.008238,
    "SeriesDescription": "ImageMRSERIES",
    "SeriesNumber": 2,
    "UsePhilipsFloatNotDisplayScaling": 1,
    "acq_id": "6m",
    "dataset": "unknown",
    "modality": "T1w",
    "subject_id": "0133"
  },
  "cjv": 0.30425925690995514,
  "cnr": 3.923986937932538,
  "efc": 0.7613489219551408,
  "fber": 940.375244140625,
  "fwhm_avg": 4.510366761569188,
  "fwhm_x": 4.26828,
  "fwhm_y": 4.48622,
  "fwhm_z": 4.7766002847075635,
  "icvs_csf": 0.27616859412096345,
  "icvs_gm": 0.3757543663576024,
  "icvs_wm": 0.34807703952143415,
  "inu_med": 1.2570405006408691,
  "inu_range": 0.39675182700157174,
  "provenance": {
    "md5sum": "684b3cfa7ce06009da5c7afd578956de",
    "settings": {
      "testing": false
    },
    "software": "mriqc",
    "version": "0.15.0",
    "warnings": {
      "large_rot_frame": true,
      "small_air_mask": true
    },
    "webapi_port": null,
    "webapi_url": "https://mriqc.nimh.nih.gov/api/v1"
  },
  "qi_1": 0.002889259654603564,
  "qi_2": 0.00015717927563365763,
  "rpve_csf": 22.951366286086262,
  "rpve_gm": 15.485555048352444,
  "rpve_wm": 22.221421002801524,
  "size_x": 240,
  "size_y": 240,
  "size_z": 220,
  "snr_csf": 3.4726469443064945,
  "snr_gm": 8.715194863749284,
  "snr_total": 13.026075539108739,
  "snr_wm": 26.890384809270437,
  "snrd_csf": 19.586939732251874,
  "snrd_gm": 39.682325367060585,
  "snrd_total": 39.66457581271206,
  "snrd_wm": 59.72446233882371,
  "spacing_x": 1.0,
  "spacing_y": 1.0,
  "spacing_z": 0.9999999403953552,
  "summary_bg_k": 15.175179097699704,
  "summary_bg_mad": 10.969301223754883,
  "summary_bg_mean": 11.514892578125,
  "summary_bg_median": 7.553945064544678,
  "summary_bg_n": 158564.0,
  "summary_bg_p05": 0.0,
  "summary_bg_p95": 30.1689414024353,
  "summary_bg_stdv": 10.900078773498535,
  "summary_csf_k": -0.2055538559879011,
  "summary_csf_mad": 101.09104919433594,
  "summary_csf_mean": 320.6909484863281,
  "summary_csf_median": 327.9546813964844,
  "summary_csf_n": 17655.0,
  "summary_csf_p05": 148.4524398803711,
  "summary_csf_p95": 452.81319274902336,
  "summary_csf_stdv": 94.43672180175781,
  "summary_gm_k": 0.2351948622683162,
  "summary_gm_mad": 71.81363677978516,
  "summary_gm_mean": 670.8651733398438,
  "summary_gm_median": 664.4225463867188,
  "summary_gm_n": 17489.0,
  "summary_gm_p05": 555.3077026367188,
  "summary_gm_p95": 807.7065307617186,
  "summary_gm_stdv": 76.23507690429688,
  "summary_wm_k": 2.2734801686615436,
  "summary_wm_mad": 30.288557052612305,
  "summary_wm_mean": 997.5677490234375,
  "summary_wm_median": 999.9988403320312,
  "summary_wm_n": 192121.0,
  "summary_wm_p05": 932.7598266601562,
  "summary_wm_p95": 1052.2354736328125,
  "summary_wm_stdv": 37.18787384033203,
  "tpm_overlap_csf": 0.17912615835666656,
  "tpm_overlap_gm": 0.4734083116054535,
  "tpm_overlap_wm": 0.5724664330482483,
  "wm2max": 0.7219832660776933
}