{
    "Manufacturer": "Philips",
    "PatientPosition": "HFS",
    "SeriesDescription": "ImageMRSERIES",
    "ProtocolName": "WIPT1anat_acq-6m_T1wSENSE",
    "SeriesNumber": 2,
    "AcquisitionNumber": 2,
    "ImageComments": "PIOP2",
    "PhilipsRescaleSlope": 8.67692,
    "PhilipsRescaleIntercept": 0,
    "PhilipsScaleSlope": 0.00705424,
    "UsePhilipsFloatNotDisplayScaling": 1,
    "EchoTime": 0.00373,
    "RepetitionTime": 0.008164,
    "ReconMatrixPE": 240,
    "ImageOrientationPatientDICOM": [
        0.999145,
        0.00849826,
        0.0404665,
        -0.0106378,
        0.99854,
        0.0529539
    ],
    "ConversionSoftware": "dcm2niix",
    "ConversionSoftwareVersion": "v1.0.20181125  GCC6.3.0",
    "BidsifyVersion": "0.3.5"
}