{
  "aor": 0.0010707499999999999,
  "aqi": 0.004086240166666667,
  "bids_meta": {
    "AcquisitionNumber": 4,
    "BidsifyVersion": "0.3.5",
    "ConversionSoftware": "dcm2niix",
    "ConversionSoftwareVersion": "v1.0.20181125  GCC6.3.0",
    "EchoTime": 0.02763,
    "FlipAngle": 76.1,
    "ImageComments": "PIOP2",
    "ImageOrientationPatientDICOM": [
      0.998072,
      -0.0603124,
      0.0146364,
      0.0617441,
      0.941062,
      -0.33255
    ],
    "Manufacturer": "Philips",
    "NumberOfVolumesDiscardedByScanner": 2,
    "ParallelAcquisitionTechnique": "SENSE",
    "ParallelReductionFactorInPlane": 2,
    "PatientPosition": "HFS",
    "PhaseEncodingDirection": "j",
    "PhilipsRescaleIntercept": 0,
    "PhilipsRescaleSlope": 0.77485,
    "PhilipsScaleSlope": 0.0579479,
    "ProtocolName": "WIPtask-rest_boldSENSE",
    "PulseSequenceType": "gradient echo EPI",
    "ReconMatrixPE": 80,
    "RepetitionTime": 2,
    "SeriesDescription": "ImageMRSERIES",
    "SeriesNumber": 4,
    "SliceEncodingDirection": "k",
    "TaskName": "restingstate",
    "UsePhilipsFloatNotDisplayScaling": 1,
    "WaterFatShift": 12,
    "acq_id": "seq",
    "dataset": "unknown",
    "modality": "bold",
    "subject_id": "0019",
    "task_id": "restingstate"
  },
  "dummy_trs": 0,
  "dvars_nstd": 17.875120920878658,
  "dvars_std": 1.2091100176569045,
  "dvars_vstd": 0.9953276214644343,
  "efc": 0.3776127096818813,
  "fber": 793239168.0,
  "fd_mean": 0.155130813232048,
  "fd_num": 54,
  "fd_perc": 22.5,
  "fwhm_avg": 2.5879394056550655,
  "fwhm_x": 2.52877,
  "fwhm_y": 2.8026633333333333,
  "fwhm_z": 2.4323848836318636,
  "gcor": 0.0444045,
  "gsr_x": -0.00606840243563056,
  "gsr_y": 0.002060214290395379,
  "provenance": {
    "md5sum": "04a8bd196fdeb92a1a7c350bac00497c",
    "settings": {
      "fd_thres": 0.2,
      "hmc_fsl": false
    },
    "software": "mriqc",
    "version": "0.15.0",
    "webapi_port": null,
    "webapi_url": "https://mriqc.nimh.nih.gov/api/v1"
  },
  "size_t": 240,
  "size_x": 80,
  "size_y": 80,
  "size_z": 36,
  "snr": 5.441790314333714,
  "spacing_tr": 2.0,
  "spacing_x": 3.0,
  "spacing_y": 3.0,
  "spacing_z": 3.299999952316284,
  "spikes_num": 0,
  "summary_bg_k": 113.13341740593738,
  "summary_bg_mad": 1.2389309406280518,
  "summary_bg_mean": 143.36749267578125,
  "summary_bg_median": 0.8389536142349243,
  "summary_bg_n": 154518.0,
  "summary_bg_p05": 0.0,
  "summary_bg_p95": 708.5489105224585,
  "summary_bg_stdv": 805.8297729492188,
  "summary_fg_k": 3.013608648284176,
  "summary_fg_mad": 3880.445068359375,
  "summary_fg_mean": 25589.4453125,
  "summary_fg_median": 25605.919921875,
  "summary_fg_n": 36153.0,
  "summary_fg_p05": 18057.984765625,
  "summary_fg_p95": 32503.608593750007,
  "summary_fg_stdv": 4705.35693359375,
  "tsnr": 84.9342269897461
}