{
  "aor": 0.0010445625,
  "aqi": 0.00412985075,
  "bids_meta": {
    "AcquisitionNumber": 3,
    "BidsifyVersion": "0.3.5",
    "ConversionSoftware": "dcm2niix",
    "ConversionSoftwareVersion": "v1.0.20181125  GCC6.3.0",
    "EchoTime": 0.02763,
    "EffectiveEchoSpacing": 0.0006909035636805814,
    "FlipAngle": 76.1,
    "ImageComments": "PIOP2",
    "ImageOrientationPatientDICOM": [
      0.999356,
      0.0100756,
      0.034444,
      -0.00575594,
      0.992355,
      -0.123282
    ],
    "Manufacturer": "Philips",
    "NumberOfVolumesDiscardedByScanner": 2,
    "ParallelAcquisitionTechnique": "SENSE",
    "ParallelReductionFactorInPlane": 2,
    "PatientPosition": "HFS",
    "PhaseEncodingDirection": "j",
    "PhilipsRescaleIntercept": 0,
    "PhilipsRescaleSlope": 0.76459,
    "PhilipsScaleSlope": 0.0516281,
    "ProtocolName": "WIPtask-wm_boldSENSE",
    "PulseSequenceType": "gradient echo EPI",
    "ReconMatrixPE": 80,
    "RepetitionTime": 2,
    "SeriesDescription": "ImageMRSERIES",
    "SeriesNumber": 3,
    "SliceEncodingDirection": "k",
    "SliceTiming": [
      0.0,
      0.0556,
      0.1111,
      0.1667,
      0.2222,
      0.2778,
      0.3333,
      0.3889,
      0.4444,
      0.5,
      0.5556,
      0.6111,
      0.6667,
      0.7222,
      0.7778,
      0.8333,
      0.8889,
      0.9444,
      1.0,
      1.0556,
      1.1111,
      1.1667,
      1.2222,
      1.2778,
      1.3333,
      1.3889,
      1.4444,
      1.5,
      1.5556,
      1.6111,
      1.6667,
      1.7222,
      1.7778,
      1.8333,
      1.8889,
      1.9444
    ],
    "TaskName": "workingmemory",
    "TotalReadoutTime": 0.026945238983542674,
    "UsePhilipsFloatNotDisplayScaling": 1,
    "WaterFatShift": 12,
    "acq_id": "seq",
    "dataset": "unknown",
    "modality": "bold",
    "subject_id": "0079",
    "task_id": "workingmemory"
  },
  "dummy_trs": 0,
  "dvars_nstd": 21.641866371635214,
  "dvars_std": 1.319341701949686,
  "dvars_vstd": 2.4040254847798717,
  "efc": 0.4178411796700417,
  "fber": 767578432.0,
  "fd_mean": 0.11120032664858831,
  "fd_num": 6,
  "fd_perc": 3.75,
  "fwhm_avg": 2.611807990977454,
  "fwhm_x": 2.5722033333333334,
  "fwhm_y": 2.94216,
  "fwhm_z": 2.3210606395990294,
  "gcor": 0.0280671,
  "gsr_x": 0.006205620709806681,
  "gsr_y": -0.0025174198672175407,
  "provenance": {
    "md5sum": "df8d36ffd306b901c41362aa353cca28",
    "settings": {
      "fd_thres": 0.2,
      "hmc_fsl": false
    },
    "software": "mriqc",
    "version": "0.15.0",
    "webapi_port": null,
    "webapi_url": "https://mriqc.nimh.nih.gov/api/v1"
  },
  "size_t": 160,
  "size_x": 80,
  "size_y": 80,
  "size_z": 36,
  "snr": 4.869525853314618,
  "spacing_tr": 2.0,
  "spacing_x": 3.0,
  "spacing_y": 3.0,
  "spacing_z": 3.299999952316284,
  "spikes_num": 0,
  "summary_bg_k": 46.288728026922705,
  "summary_bg_mad": 1.247808814048767,
  "summary_bg_mean": 286.3622741699219,
  "summary_bg_median": 0.8416342735290527,
  "summary_bg_n": 147058.0,
  "summary_bg_p05": 0.0,
  "summary_bg_p95": 1296.5766601562423,
  "summary_bg_stdv": 1394.6732177734375,
  "summary_fg_k": 3.447187181786046,
  "summary_fg_mad": 4177.185546875,
  "summary_fg_mean": 26880.98828125,
  "summary_fg_median": 26695.802734375,
  "summary_fg_n": 42641.0,
  "summary_fg_p05": 18968.64453125,
  "summary_fg_p95": 35025.82421875,
  "summary_fg_stdv": 5482.15380859375,
  "tsnr": 86.78657531738281
}