{
  "aor": 0.010374484304932733,
  "aqi": 0.005521996412556054,
  "bids_meta": {
    "AcquisitionNumber": 7,
    "BidsifyVersion": "0.3.5",
    "ConversionSoftware": "dcm2niix",
    "ConversionSoftwareVersion": "v1.0.20181125  GCC6.3.0",
    "EchoTime": 0.02763,
    "EffectiveEchoSpacing": 0.0006909035636805814,
    "FlipAngle": 76.1,
    "ImageComments": "PIOP2",
    "ImageOrientationPatientDICOM": [
      0.999145,
      0.00891429,
      0.0403733,
      -0.0118586,
      0.99724,
      0.0732864
    ],
    "Manufacturer": "Philips",
    "NumberOfVolumesDiscardedByScanner": 2,
    "ParallelAcquisitionTechnique": "SENSE",
    "ParallelReductionFactorInPlane": 2,
    "PatientPosition": "HFS",
    "PhaseEncodingDirection": "j",
    "PhilipsRescaleIntercept": 0,
    "PhilipsRescaleSlope": 0.73993,
    "PhilipsScaleSlope": 0.0520524,
    "ProtocolName": "WIPtask-stop_boldSENSE",
    "PulseSequenceType": "gradient echo EPI",
    "ReconMatrixPE": 80,
    "RepetitionTime": 2,
    "SeriesDescription": "ImageMRSERIES",
    "SeriesNumber": 7,
    "SliceEncodingDirection": "k",
    "SliceTiming": [
      0.0,
      0.0556,
      0.1111,
      0.1667,
      0.2222,
      0.2778,
      0.3333,
      0.3889,
      0.4444,
      0.5,
      0.5556,
      0.6111,
      0.6667,
      0.7222,
      0.7778,
      0.8333,
      0.8889,
      0.9444,
      1.0,
      1.0556,
      1.1111,
      1.1667,
      1.2222,
      1.2778,
      1.3333,
      1.3889,
      1.4444,
      1.5,
      1.5556,
      1.6111,
      1.6667,
      1.7222,
      1.7778,
      1.8333,
      1.8889,
      1.9444
    ],
    "TaskName": "stopsignal",
    "TotalReadoutTime": 0.026945238983542674,
    "UsePhilipsFloatNotDisplayScaling": 1,
    "WaterFatShift": 12,
    "acq_id": "seq",
    "dataset": "unknown",
    "modality": "bold",
    "subject_id": "0207",
    "task_id": "stopsignal"
  },
  "dummy_trs": 1,
  "dvars_nstd": 17.29785853927927,
  "dvars_std": 1.2766358601801797,
  "dvars_vstd": 1.087953392342342,
  "efc": 0.42856648960716764,
  "fber": 155105488.0,
  "fd_mean": 0.10744606426735362,
  "fd_num": 6,
  "fd_perc": 2.690582959641256,
  "fwhm_avg": 2.6100344543617378,
  "fwhm_x": 2.5077798006995677,
  "fwhm_y": 2.9504269011455295,
  "fwhm_z": 2.371896661240116,
  "gcor": 0.0113704,
  "gsr_x": -0.0008804064127616584,
  "gsr_y": 0.002688711043447256,
  "provenance": {
    "md5sum": "a4ed2d0cf24954ff478287951fb04cb1",
    "settings": {
      "fd_thres": 0.2,
      "hmc_fsl": false
    },
    "software": "mriqc",
    "version": "0.15.0",
    "webapi_port": null,
    "webapi_url": "https://mriqc.nimh.nih.gov/api/v1"
  },
  "size_t": 223,
  "size_x": 80,
  "size_y": 80,
  "size_z": 36,
  "snr": 4.811827389242554,
  "spacing_tr": 2.0,
  "spacing_x": 3.000000238418579,
  "spacing_y": 2.999999761581421,
  "spacing_z": 3.3000004291534424,
  "spikes_num": 18,
  "summary_bg_k": 54.0377876390109,
  "summary_bg_mad": 2.8112778663635254,
  "summary_bg_mean": 291.09393310546875,
  "summary_bg_median": 1.8961780071258545,
  "summary_bg_n": 145039.0,
  "summary_bg_p05": 0.0,
  "summary_bg_p95": 1648.654614257816,
  "summary_bg_stdv": 1392.7060546875,
  "summary_fg_k": 3.565931419232639,
  "summary_fg_mad": 4210.9755859375,
  "summary_fg_mean": 26308.353515625,
  "summary_fg_median": 26182.658203125,
  "summary_fg_n": 44677.0,
  "summary_fg_p05": 18157.107421875,
  "summary_fg_p95": 34198.2875,
  "summary_fg_stdv": 5441.251953125,
  "tsnr": 77.52436828613281
}