{
  "bids_meta": {
    "AcquisitionNumber": 2,
    "BidsifyVersion": "0.3.5",
    "ConversionSoftware": "dcm2niix",
    "ConversionSoftwareVersion": "v1.0.20181125  GCC6.3.0",
    "EchoTime": 0.00373,
    "ImageComments": "PIOP2",
    "ImageOrientationPatientDICOM": [
      0.999752,
      0.020158,
      0.00943508,
      -0.0202436,
      0.999754,
      0.00906096
    ],
    "Manufacturer": "Philips",
    "NumberSignalAcquisitions": 2,
    "PatientPosition": "HFS",
    "PhilipsRescaleIntercept": 0,
    "PhilipsRescaleSlope": 9.31575,
    "PhilipsScaleSlope": 0.0073336,
    "ProtocolName": "WIPT1anat_acq-6m_T1wSENSE",
    "ReconMatrixPE": 240,
    "RepetitionTime": 0.008159,
    "SeriesDescription": "ImageMRSERIES",
    "SeriesNumber": 2,
    "UsePhilipsFloatNotDisplayScaling": 1,
    "dataset": "unknown",
    "modality": "T1w",
    "subject_id": "0013"
  },
  "cjv": 0.2734011826704601,
  "cnr": 4.385206800790796,
  "efc": 0.7609454231738286,
  "fber": 1958.1527099609375,
  "fwhm_avg": 4.466243333333334,
  "fwhm_x": 4.19384,
  "fwhm_y": 4.47481,
  "fwhm_z": 4.73008,
  "icvs_csf": 0.2534718398024247,
  "icvs_gm": 0.39153670686816755,
  "icvs_wm": 0.35499145332940774,
  "inu_med": 1.7042572498321533,
  "inu_range": 0.4085242748260498,
  "provenance": {
    "md5sum": "de0716f02d4579453642d5e7082ec371",
    "settings": {
      "testing": false
    },
    "software": "mriqc",
    "version": "0.15.0",
    "warnings": {
      "large_rot_frame": true,
      "small_air_mask": true
    },
    "webapi_port": null,
    "webapi_url": "https://mriqc.nimh.nih.gov/api/v1"
  },
  "qi_1": 0.0,
  "qi_2": 0.0002207557888707882,
  "rpve_csf": 22.408150902667707,
  "rpve_gm": 14.139742126908585,
  "rpve_wm": 20.603893640332945,
  "size_x": 240,
  "size_y": 240,
  "size_z": 220,
  "snr_csf": 2.35478750045723,
  "snr_gm": 8.598764477421279,
  "snr_total": 11.951661616738443,
  "snr_wm": 24.901432872336823,
  "snrd_csf": 26.44529643154763,
  "snrd_gm": 53.53544496424625,
  "snrd_total": 54.9233825250278,
  "snrd_wm": 84.78940617928953,
  "spacing_x": 1.0,
  "spacing_y": 1.0,
  "spacing_z": 1.0,
  "summary_bg_k": 35.27309856751051,
  "summary_bg_mad": 7.726576805114746,
  "summary_bg_mean": 8.201105117797852,
  "summary_bg_median": 5.34581995010376,
  "summary_bg_n": 97049.0,
  "summary_bg_p05": 0.0,
  "summary_bg_p95": 21.3390510559082,
  "summary_bg_stdv": 7.835617542266846,
  "summary_csf_k": 72.68683062152594,
  "summary_csf_mad": 103.86952209472656,
  "summary_csf_mean": 302.07379150390625,
  "summary_csf_median": 311.8917236328125,
  "summary_csf_n": 17606.0,
  "summary_csf_p05": 105.48030853271484,
  "summary_csf_p95": 444.4593963623047,
  "summary_csf_stdv": 132.4462890625,
  "summary_gm_k": 0.828901336483796,
  "summary_gm_mad": 66.70832824707031,
  "summary_gm_mean": 635.9927368164062,
  "summary_gm_median": 631.3887329101562,
  "summary_gm_n": 22350.0,
  "summary_gm_p05": 527.0371520996093,
  "summary_gm_p95": 766.8552978515625,
  "summary_gm_stdv": 73.42620086669922,
  "summary_wm_k": 1.4122935301710164,
  "summary_wm_mad": 34.06854248046875,
  "summary_wm_mean": 998.0897827148438,
  "summary_wm_median": 999.9931030273438,
  "summary_wm_n": 218521.0,
  "summary_wm_p05": 928.3190307617188,
  "summary_wm_p95": 1060.0677490234375,
  "summary_wm_stdv": 40.157962799072266,
  "tpm_overlap_csf": 0.2160569280385971,
  "tpm_overlap_gm": 0.5073379278182983,
  "tpm_overlap_wm": 0.579855740070343,
  "wm2max": 0.7829503957274524
}