{
  "aor": 0.0006917916666666667,
  "aqi": 0.003119182666666666,
  "bids_meta": {
    "AcquisitionNumber": 4,
    "BidsifyVersion": "0.3.5",
    "ConversionSoftware": "dcm2niix",
    "ConversionSoftwareVersion": "v1.0.20181125  GCC6.3.0",
    "EchoTime": 0.02763,
    "FlipAngle": 76.1,
    "ImageComments": "PIOP2",
    "ImageOrientationPatientDICOM": [
      0.999556,
      -0.0135165,
      -0.0265578,
      0.00767619,
      0.977927,
      -0.208805
    ],
    "Manufacturer": "Philips",
    "NumberOfVolumesDiscardedByScanner": 2,
    "ParallelAcquisitionTechnique": "SENSE",
    "ParallelReductionFactorInPlane": 2,
    "PatientPosition": "HFS",
    "PhaseEncodingDirection": "j",
    "PhilipsRescaleIntercept": 0,
    "PhilipsRescaleSlope": 0.78144,
    "PhilipsScaleSlope": 0.0661194,
    "ProtocolName": "WIPtask-rest_boldSENSE",
    "PulseSequenceType": "gradient echo EPI",
    "ReconMatrixPE": 80,
    "RepetitionTime": 2,
    "SeriesDescription": "ImageMRSERIES",
    "SeriesNumber": 4,
    "SliceEncodingDirection": "k",
    "TaskName": "restingstate",
    "UsePhilipsFloatNotDisplayScaling": 1,
    "WaterFatShift": 12,
    "acq_id": "seq",
    "dataset": "unknown",
    "modality": "bold",
    "subject_id": "0154",
    "task_id": "restingstate"
  },
  "dummy_trs": 0,
  "dvars_nstd": 23.800269841171556,
  "dvars_std": 1.3448572196652717,
  "dvars_vstd": 0.99570523665272,
  "efc": 0.40052084072867294,
  "fber": 8532119552.0,
  "fd_mean": 0.1801641249477271,
  "fd_num": 81,
  "fd_perc": 33.75,
  "fwhm_avg": 2.5541038498792337,
  "fwhm_x": 2.4587966666666667,
  "fwhm_y": 2.8168633333333335,
  "fwhm_z": 2.386651549637701,
  "gcor": 0.0382101,
  "gsr_x": -0.0084447106346488,
  "gsr_y": 0.004510072059929371,
  "provenance": {
    "md5sum": "291aa1923f82b9b0e4c6450f972ccfc3",
    "settings": {
      "fd_thres": 0.2,
      "hmc_fsl": false
    },
    "software": "mriqc",
    "version": "0.15.0",
    "webapi_port": null,
    "webapi_url": "https://mriqc.nimh.nih.gov/api/v1"
  },
  "size_t": 240,
  "size_x": 80,
  "size_y": 80,
  "size_z": 36,
  "snr": 5.157568410465391,
  "spacing_tr": 2.0,
  "spacing_x": 3.0,
  "spacing_y": 3.0,
  "spacing_z": 3.299999952316284,
  "spikes_num": 0,
  "summary_bg_k": 139.827096150126,
  "summary_bg_mad": 0.3078213036060333,
  "summary_bg_mean": 139.93695068359375,
  "summary_bg_median": 0.20762230455875397,
  "summary_bg_n": 150328.0,
  "summary_bg_p05": 0.0,
  "summary_bg_p95": 735.5441528320308,
  "summary_bg_stdv": 762.2586669921875,
  "summary_fg_k": 2.307088919272422,
  "summary_fg_mad": 3774.509765625,
  "summary_fg_mean": 23306.017578125,
  "summary_fg_median": 23246.6171875,
  "summary_fg_n": 40380.0,
  "summary_fg_p05": 16168.680712890624,
  "summary_fg_p95": 30431.327832031246,
  "summary_fg_stdv": 4507.2265625,
  "tsnr": 97.50358581542969
}