{
  "aor": 0.000985375,
  "aqi": 0.003980577375,
  "bids_meta": {
    "AcquisitionNumber": 3,
    "BidsifyVersion": "0.3.5",
    "ConversionSoftware": "dcm2niix",
    "ConversionSoftwareVersion": "v1.0.20181125  GCC6.3.0",
    "EchoTime": 0.02763,
    "FlipAngle": 76.1,
    "ImageComments": "PIOP2",
    "ImageOrientationPatientDICOM": [
      0.999556,
      -0.0135165,
      -0.0265578,
      0.00767619,
      0.977927,
      -0.208805
    ],
    "Manufacturer": "Philips",
    "NumberOfVolumesDiscardedByScanner": 2,
    "ParallelAcquisitionTechnique": "SENSE",
    "ParallelReductionFactorInPlane": 2,
    "PatientPosition": "HFS",
    "PhaseEncodingDirection": "j",
    "PhilipsRescaleIntercept": 0,
    "PhilipsRescaleSlope": 0.75849,
    "PhilipsScaleSlope": 0.0680494,
    "ProtocolName": "WIPtask-wm_boldSENSE",
    "PulseSequenceType": "gradient echo EPI",
    "ReconMatrixPE": 80,
    "RepetitionTime": 2,
    "SeriesDescription": "ImageMRSERIES",
    "SeriesNumber": 3,
    "SliceEncodingDirection": "k",
    "TaskName": "workingmemory",
    "UsePhilipsFloatNotDisplayScaling": 1,
    "WaterFatShift": 12,
    "acq_id": "seq",
    "dataset": "unknown",
    "modality": "bold",
    "subject_id": "0154",
    "task_id": "workingmemory"
  },
  "dummy_trs": 0,
  "dvars_nstd": 20.468547113396227,
  "dvars_std": 1.2373973159748428,
  "dvars_vstd": 0.9867609686792456,
  "efc": 0.4007427442610606,
  "fber": 1225458048.0,
  "fd_mean": 0.14108240014772977,
  "fd_num": 24,
  "fd_perc": 15.0,
  "fwhm_avg": 2.5486480922969226,
  "fwhm_x": 2.454406666666667,
  "fwhm_y": 2.8062466666666666,
  "fwhm_z": 2.3852909435574348,
  "gcor": 0.0373216,
  "gsr_x": -0.00842130184173584,
  "gsr_y": 0.004672481212764978,
  "provenance": {
    "md5sum": "6e85369ef21ca523ae14bd8292b1ea52",
    "settings": {
      "fd_thres": 0.2,
      "hmc_fsl": false
    },
    "software": "mriqc",
    "version": "0.15.0",
    "webapi_port": null,
    "webapi_url": "https://mriqc.nimh.nih.gov/api/v1"
  },
  "size_t": 160,
  "size_x": 80,
  "size_y": 80,
  "size_z": 36,
  "snr": 5.224470112403728,
  "spacing_tr": 2.0,
  "spacing_x": 3.0,
  "spacing_y": 3.0,
  "spacing_z": 3.299999952316284,
  "spikes_num": 1,
  "summary_bg_k": 132.97701796684098,
  "summary_bg_mad": 0.9031267762184143,
  "summary_bg_mean": 140.76974487304688,
  "summary_bg_median": 0.6091497540473938,
  "summary_bg_n": 150338.0,
  "summary_bg_p05": 0.0,
  "summary_bg_p95": 729.9065093994135,
  "summary_bg_stdv": 762.8281860351562,
  "summary_fg_k": 2.210578830096215,
  "summary_fg_mad": 3716.860595703125,
  "summary_fg_mean": 23167.484375,
  "summary_fg_median": 23117.107421875,
  "summary_fg_n": 40365.0,
  "summary_fg_p05": 16119.746484375,
  "summary_fg_p95": 30162.294140624996,
  "summary_fg_stdv": 4424.720703125,
  "tsnr": 88.48307800292969
}