{
  "aor": 0.010529174311926607,
  "aqi": 0.0038259174770642196,
  "bids_meta": {
    "AcquisitionNumber": 7,
    "BidsifyVersion": "0.3.5",
    "ConversionSoftware": "dcm2niix",
    "ConversionSoftwareVersion": "v1.0.20181125  GCC6.3.0",
    "EchoTime": 0.02763,
    "FlipAngle": 76.1,
    "ImageComments": "PIOP2",
    "ImageOrientationPatientDICOM": [
      0.999487,
      0.0317545,
      0.00414892,
      -0.0300133,
      0.974013,
      -0.224496
    ],
    "Manufacturer": "Philips",
    "NumberOfVolumesDiscardedByScanner": 2,
    "ParallelAcquisitionTechnique": "SENSE",
    "ParallelReductionFactorInPlane": 2,
    "PatientPosition": "HFS",
    "PhaseEncodingDirection": "j",
    "PhilipsRescaleIntercept": 0,
    "PhilipsRescaleSlope": 0.75702,
    "PhilipsScaleSlope": 0.0605866,
    "ProtocolName": "WIPtask-stop_boldSENSE",
    "PulseSequenceType": "gradient echo EPI",
    "ReconMatrixPE": 80,
    "RepetitionTime": 2,
    "SeriesDescription": "ImageMRSERIES",
    "SeriesNumber": 7,
    "SliceEncodingDirection": "k",
    "TaskName": "stopsignal",
    "UsePhilipsFloatNotDisplayScaling": 1,
    "WaterFatShift": 12,
    "acq_id": "seq",
    "dataset": "unknown",
    "modality": "bold",
    "subject_id": "0208",
    "task_id": "stopsignal"
  },
  "dummy_trs": 0,
  "dvars_nstd": 20.03622233013826,
  "dvars_std": 1.3547432401843322,
  "dvars_vstd": 1.0974870417972349,
  "efc": 0.376721553004756,
  "fber": 705921408.0,
  "fd_mean": 0.12805922242483078,
  "fd_num": 17,
  "fd_perc": 7.798165137614679,
  "fwhm_avg": 2.707956072112855,
  "fwhm_x": 2.7087833333333333,
  "fwhm_y": 3.026066666666667,
  "fwhm_z": 2.3890182163385654,
  "gcor": 0.0206264,
  "gsr_x": -0.006733465939760208,
  "gsr_y": 0.0030905359890311956,
  "provenance": {
    "md5sum": "221dc0546ef3fc63a1fa45a10a04e4b6",
    "settings": {
      "fd_thres": 0.2,
      "hmc_fsl": false
    },
    "software": "mriqc",
    "version": "0.15.0",
    "webapi_port": null,
    "webapi_url": "https://mriqc.nimh.nih.gov/api/v1"
  },
  "size_t": 218,
  "size_x": 80,
  "size_y": 80,
  "size_z": 36,
  "snr": 5.094178606394477,
  "spacing_tr": 2.0,
  "spacing_x": 3.0,
  "spacing_y": 3.0,
  "spacing_z": 3.299999952316284,
  "spikes_num": 5,
  "summary_bg_k": 168.8806048208343,
  "summary_bg_mad": 1.2381386756896973,
  "summary_bg_mean": 157.80038452148438,
  "summary_bg_median": 0.8351117968559265,
  "summary_bg_n": 154061.0,
  "summary_bg_p05": 0.0,
  "summary_bg_p95": 658.3397827148438,
  "summary_bg_stdv": 952.3703002929688,
  "summary_fg_k": 2.2878623074975213,
  "summary_fg_mad": 4049.35888671875,
  "summary_fg_mean": 24511.4453125,
  "summary_fg_median": 24557.0625,
  "summary_fg_n": 36038.0,
  "summary_fg_p05": 17062.1875,
  "summary_fg_p95": 32073.658789062505,
  "summary_fg_stdv": 4820.5458984375,
  "tsnr": 83.69898223876953
}