{
  "aor": 0.0006856666666666666,
  "aqi": 0.005630623833333334,
  "bids_meta": {
    "AcquisitionNumber": 4,
    "BidsifyVersion": "0.3.5",
    "ConversionSoftware": "dcm2niix",
    "ConversionSoftwareVersion": "v1.0.20181125  GCC6.3.0",
    "EchoTime": 0.02763,
    "FlipAngle": 76.1,
    "ImageComments": "PIOP2",
    "ImageOrientationPatientDICOM": [
      0.999487,
      0.0317545,
      0.00414892,
      -0.0300133,
      0.974013,
      -0.224496
    ],
    "Manufacturer": "Philips",
    "NumberOfVolumesDiscardedByScanner": 2,
    "ParallelAcquisitionTechnique": "SENSE",
    "ParallelReductionFactorInPlane": 2,
    "PatientPosition": "HFS",
    "PhaseEncodingDirection": "j",
    "PhilipsRescaleIntercept": 0,
    "PhilipsRescaleSlope": 0.7956,
    "PhilipsScaleSlope": 0.0589283,
    "ProtocolName": "WIPtask-rest_boldSENSE",
    "PulseSequenceType": "gradient echo EPI",
    "ReconMatrixPE": 80,
    "RepetitionTime": 2,
    "SeriesDescription": "ImageMRSERIES",
    "SeriesNumber": 4,
    "SliceEncodingDirection": "k",
    "TaskName": "restingstate",
    "UsePhilipsFloatNotDisplayScaling": 1,
    "WaterFatShift": 12,
    "acq_id": "seq",
    "dataset": "unknown",
    "modality": "bold",
    "subject_id": "0208",
    "task_id": "restingstate"
  },
  "dummy_trs": 0,
  "dvars_nstd": 19.983511657154807,
  "dvars_std": 1.1643006418828459,
  "dvars_vstd": 0.9286968202510464,
  "efc": 0.37597292207889516,
  "fber": 2506360064.0,
  "fd_mean": 0.15668687896645822,
  "fd_num": 54,
  "fd_perc": 22.5,
  "fwhm_avg": 2.6845029406733407,
  "fwhm_x": 2.6790933333333338,
  "fwhm_y": 3.0116366666666665,
  "fwhm_z": 2.3627788220200223,
  "gcor": 0.0650388,
  "gsr_x": -0.006562661845237017,
  "gsr_y": 0.0030641742050647736,
  "provenance": {
    "md5sum": "8cebf2aebd47cdbaf33cb87bd0fd7808",
    "settings": {
      "fd_thres": 0.2,
      "hmc_fsl": false
    },
    "software": "mriqc",
    "version": "0.15.0",
    "webapi_port": null,
    "webapi_url": "https://mriqc.nimh.nih.gov/api/v1"
  },
  "size_t": 240,
  "size_x": 80,
  "size_y": 80,
  "size_z": 36,
  "snr": 5.109951208915229,
  "spacing_tr": 2.0,
  "spacing_x": 3.0,
  "spacing_y": 3.0,
  "spacing_z": 3.299999952316284,
  "spikes_num": 0,
  "summary_bg_k": 130.90810546233004,
  "summary_bg_mad": 0.6427539587020874,
  "summary_bg_mean": 157.0384979248047,
  "summary_bg_median": 0.4335309565067291,
  "summary_bg_n": 154249.0,
  "summary_bg_p05": 0.0,
  "summary_bg_p95": 651.7571899414068,
  "summary_bg_stdv": 956.0753173828125,
  "summary_fg_k": 2.282122522248753,
  "summary_fg_mad": 3985.521484375,
  "summary_fg_mean": 24332.94921875,
  "summary_fg_median": 24353.92578125,
  "summary_fg_n": 35820.0,
  "summary_fg_p05": 16960.1216796875,
  "summary_fg_p95": 31851.433789062496,
  "summary_fg_stdv": 4765.91357421875,
  "tsnr": 73.46266174316406
}