{
  "bids_meta": {
    "AcquisitionNumber": 2,
    "BidsifyVersion": "0.3.5",
    "ConversionSoftware": "dcm2niix",
    "ConversionSoftwareVersion": "v1.0.20181125  GCC6.3.0",
    "EchoTime": 0.00377,
    "ImageComments": "PIOP2",
    "ImageOrientationPatientDICOM": [
      0.999352,
      -0.0311411,
      0.0180381,
      0.0326281,
      0.995493,
      -0.0890484
    ],
    "Manufacturer": "Philips",
    "PatientPosition": "HFS",
    "PhilipsRescaleIntercept": 0,
    "PhilipsRescaleSlope": 9.43639,
    "PhilipsScaleSlope": 0.00665293,
    "ProtocolName": "WIPT1anat_acq-6m_T1wSENSE",
    "ReconMatrixPE": 240,
    "RepetitionTime": 0.008209,
    "SeriesDescription": "ImageMRSERIES",
    "SeriesNumber": 2,
    "UsePhilipsFloatNotDisplayScaling": 1,
    "acq_id": "6m",
    "dataset": "unknown",
    "modality": "T1w",
    "subject_id": "0122"
  },
  "cjv": 0.28527282559504913,
  "cnr": 4.2904948838471055,
  "efc": 0.7643840542078248,
  "fber": 1738.3790283203125,
  "fwhm_avg": 4.6262301881367085,
  "fwhm_x": 4.40946,
  "fwhm_y": 4.722450281479972,
  "fwhm_z": 4.746780282930152,
  "icvs_csf": 0.25738148530926375,
  "icvs_gm": 0.35485840320013057,
  "icvs_wm": 0.3877601114906057,
  "inu_med": 1.7212458848953247,
  "inu_range": 0.4013297796249389,
  "provenance": {
    "md5sum": "aaef1845c8e81b6841eea1894691cd83",
    "settings": {
      "testing": false
    },
    "software": "mriqc",
    "version": "0.15.0",
    "warnings": {
      "large_rot_frame": true,
      "small_air_mask": true
    },
    "webapi_port": null,
    "webapi_url": "https://mriqc.nimh.nih.gov/api/v1"
  },
  "qi_1": 0.0,
  "qi_2": 9.263174397664898e-05,
  "rpve_csf": 19.981402837557788,
  "rpve_gm": 13.32731778672114,
  "rpve_wm": 16.821605593733096,
  "size_x": 240,
  "size_y": 240,
  "size_z": 220,
  "snr_csf": 2.213003735092469,
  "snr_gm": 9.632556326974383,
  "snr_total": 13.501895545565723,
  "snr_wm": 28.66012657463032,
  "snrd_csf": 25.282501182545747,
  "snrd_gm": 55.31858317117358,
  "snrd_total": 54.528869112524596,
  "snrd_wm": 82.98552298385447,
  "spacing_x": 1.0,
  "spacing_y": 0.9999999403953552,
  "spacing_z": 0.9999999403953552,
  "summary_bg_k": 33.08176616627034,
  "summary_bg_mad": 7.89456033706665,
  "summary_bg_mean": 7.763149738311768,
  "summary_bg_median": 5.56329870223999,
  "summary_bg_n": 206535.0,
  "summary_bg_p05": 0.0,
  "summary_bg_p95": 16.78925266265869,
  "summary_bg_stdv": 5.642853736877441,
  "summary_csf_k": 84.08043467554003,
  "summary_csf_mad": 100.61540222167969,
  "summary_csf_mean": 303.2791748046875,
  "summary_csf_median": 304.66058349609375,
  "summary_csf_n": 28678.0,
  "summary_csf_p05": 133.47443389892578,
  "summary_csf_p95": 447.5285339355468,
  "summary_csf_stdv": 137.66595458984375,
  "summary_gm_k": 0.8678457593448887,
  "summary_gm_mad": 63.60629653930664,
  "summary_gm_mean": 671.1450805664062,
  "summary_gm_median": 666.60302734375,
  "summary_gm_n": 20213.0,
  "summary_gm_p05": 568.1601440429688,
  "summary_gm_p95": 793.6538452148437,
  "summary_gm_stdv": 69.201416015625,
  "summary_wm_k": 0.946992115564607,
  "summary_wm_mad": 31.501859664916992,
  "summary_wm_mean": 999.9690551757812,
  "summary_wm_median": 999.9967041015625,
  "summary_wm_n": 290668.0,
  "summary_wm_p05": 942.6329162597656,
  "summary_wm_p95": 1056.8634643554688,
  "summary_wm_stdv": 34.89150619506836,
  "tpm_overlap_csf": 0.2122555673122406,
  "tpm_overlap_gm": 0.4677906632423401,
  "tpm_overlap_wm": 0.5807499289512634,
  "wm2max": 0.7301536431753828
}