{
    "Manufacturer": "Philips",
    "PatientPosition": "HFS",
    "SeriesDescription": "ImageMRSERIES",
    "ProtocolName": "WIPT1anat_acq-6m_T1wSENSE",
    "SeriesNumber": 2,
    "AcquisitionNumber": 2,
    "ImageComments": "PIOP2",
    "PhilipsRescaleSlope": 8.71941,
    "PhilipsRescaleIntercept": 0,
    "PhilipsScaleSlope": 0.00720541,
    "UsePhilipsFloatNotDisplayScaling": 1,
    "EchoTime": 0.00379,
    "RepetitionTime": 0.008257,
    "ReconMatrixPE": 240,
    "ImageOrientationPatientDICOM": [
        0.999298,
        -0.0310452,
        0.0209572,
        0.0280875,
        0.991235,
        0.129089
    ],
    "ConversionSoftware": "dcm2niix",
    "ConversionSoftwareVersion": "v1.0.20181125  GCC6.3.0",
    "BidsifyVersion": "0.3.5"
}