{
  "aor": 0.0008149583333333334,
  "aqi": 0.0030555510416666663,
  "bids_meta": {
    "AcquisitionNumber": 4,
    "BidsifyVersion": "0.3.5",
    "ConversionSoftware": "dcm2niix",
    "ConversionSoftwareVersion": "v1.0.20181125  GCC6.3.0",
    "EchoTime": 0.02763,
    "EffectiveEchoSpacing": 0.0006909035636805814,
    "FlipAngle": 76.1,
    "ImageComments": "PIOP2",
    "ImageOrientationPatientDICOM": [
      0.99994,
      0.00981281,
      -0.00497264,
      -0.00820273,
      0.966283,
      0.257351
    ],
    "Manufacturer": "Philips",
    "NumberOfVolumesDiscardedByScanner": 2,
    "ParallelAcquisitionTechnique": "SENSE",
    "ParallelReductionFactorInPlane": 2,
    "PatientPosition": "HFS",
    "PhaseEncodingDirection": "j",
    "PhilipsRescaleIntercept": 0,
    "PhilipsRescaleSlope": 0.76777,
    "PhilipsScaleSlope": 0.0475494,
    "ProtocolName": "WIPtask-rest_boldSENSE",
    "PulseSequenceType": "gradient echo EPI",
    "ReconMatrixPE": 80,
    "RepetitionTime": 2,
    "SeriesDescription": "ImageMRSERIES",
    "SeriesNumber": 4,
    "SliceEncodingDirection": "k",
    "SliceTiming": [
      0.0,
      0.0556,
      0.1111,
      0.1667,
      0.2222,
      0.2778,
      0.3333,
      0.3889,
      0.4444,
      0.5,
      0.5556,
      0.6111,
      0.6667,
      0.7222,
      0.7778,
      0.8333,
      0.8889,
      0.9444,
      1.0,
      1.0556,
      1.1111,
      1.1667,
      1.2222,
      1.2778,
      1.3333,
      1.3889,
      1.4444,
      1.5,
      1.5556,
      1.6111,
      1.6667,
      1.7222,
      1.7778,
      1.8333,
      1.8889,
      1.9444
    ],
    "TaskName": "restingstate",
    "TotalReadoutTime": 0.026945238983542674,
    "UsePhilipsFloatNotDisplayScaling": 1,
    "WaterFatShift": 12,
    "acq_id": "seq",
    "dataset": "unknown",
    "modality": "bold",
    "subject_id": "0030",
    "task_id": "restingstate"
  },
  "dummy_trs": 0,
  "dvars_nstd": 15.044871418075314,
  "dvars_std": 1.0788002606276152,
  "dvars_vstd": 0.9672202557740588,
  "efc": 0.4145209475517867,
  "fber": 920054976.0,
  "fd_mean": 0.08456074958443638,
  "fd_num": 3,
  "fd_perc": 1.25,
  "fwhm_avg": 2.5730851627974665,
  "fwhm_x": 2.534476666666667,
  "fwhm_y": 2.842366666666667,
  "fwhm_z": 2.3424121550590655,
  "gcor": 0.0086701,
  "gsr_x": 1.8938730136142112e-05,
  "gsr_y": 0.00028270293842069805,
  "provenance": {
    "md5sum": "2e5fb20a9988dd371ceb30fc1e8e45b8",
    "settings": {
      "fd_thres": 0.2,
      "hmc_fsl": false
    },
    "software": "mriqc",
    "version": "0.15.0",
    "webapi_port": null,
    "webapi_url": "https://mriqc.nimh.nih.gov/api/v1"
  },
  "size_t": 240,
  "size_x": 80,
  "size_y": 80,
  "size_z": 36,
  "snr": 4.924498044542946,
  "spacing_tr": 2.0,
  "spacing_x": 3.0,
  "spacing_y": 3.0,
  "spacing_z": 3.299999952316284,
  "spikes_num": 0,
  "summary_bg_k": 74.31676181672754,
  "summary_bg_mad": 1.1973975896835327,
  "summary_bg_mean": 254.36355590820312,
  "summary_bg_median": 0.8076323866844177,
  "summary_bg_n": 147292.0,
  "summary_bg_p05": 0.0,
  "summary_bg_p95": 1184.5515563964827,
  "summary_bg_stdv": 1333.2281494140625,
  "summary_fg_k": 1.9931976379551193,
  "summary_fg_mad": 4927.486328125,
  "summary_fg_mean": 28331.4296875,
  "summary_fg_median": 28290.201171875,
  "summary_fg_n": 42491.0,
  "summary_fg_p05": 19396.4853515625,
  "summary_fg_p95": 37360.60546875,
  "summary_fg_stdv": 5744.72119140625,
  "tsnr": 87.77314758300781
}