{
  "aor": 0.0039080625,
  "aqi": 0.005766311125,
  "bids_meta": {
    "AcquisitionNumber": 3,
    "BidsifyVersion": "0.3.5",
    "ConversionSoftware": "dcm2niix",
    "ConversionSoftwareVersion": "v1.0.20181125  GCC6.3.0",
    "EchoTime": 0.02763,
    "EffectiveEchoSpacing": 0.0006909035636805814,
    "FlipAngle": 76.1,
    "ImageComments": "PIOP2",
    "ImageOrientationPatientDICOM": [
      0.996866,
      0.0764506,
      -0.0203394,
      -0.0779299,
      0.993227,
      -0.0861804
    ],
    "Manufacturer": "Philips",
    "NumberOfVolumesDiscardedByScanner": 2,
    "ParallelAcquisitionTechnique": "SENSE",
    "ParallelReductionFactorInPlane": 2,
    "PatientPosition": "HFS",
    "PhaseEncodingDirection": "j",
    "PhilipsRescaleIntercept": 0,
    "PhilipsRescaleSlope": 0.8022,
    "PhilipsScaleSlope": 0.0595298,
    "ProtocolName": "WIPtask-wm_boldSENSE",
    "PulseSequenceType": "gradient echo EPI",
    "ReconMatrixPE": 80,
    "RepetitionTime": 2,
    "SeriesDescription": "ImageMRSERIES",
    "SeriesNumber": 3,
    "SliceEncodingDirection": "k",
    "SliceTiming": [
      0.0,
      0.0556,
      0.1111,
      0.1667,
      0.2222,
      0.2778,
      0.3333,
      0.3889,
      0.4444,
      0.5,
      0.5556,
      0.6111,
      0.6667,
      0.7222,
      0.7778,
      0.8333,
      0.8889,
      0.9444,
      1.0,
      1.0556,
      1.1111,
      1.1667,
      1.2222,
      1.2778,
      1.3333,
      1.3889,
      1.4444,
      1.5,
      1.5556,
      1.6111,
      1.6667,
      1.7222,
      1.7778,
      1.8333,
      1.8889,
      1.9444
    ],
    "TaskName": "workingmemory",
    "TotalReadoutTime": 0.026945238983542674,
    "UsePhilipsFloatNotDisplayScaling": 1,
    "WaterFatShift": 12,
    "acq_id": "seq",
    "dataset": "unknown",
    "modality": "bold",
    "subject_id": "0132",
    "task_id": "workingmemory"
  },
  "dummy_trs": 0,
  "dvars_nstd": 21.27787136566037,
  "dvars_std": 1.1180845912578612,
  "dvars_vstd": 0.9364197303144651,
  "efc": 0.37939687669474653,
  "fber": 3919321856.0,
  "fd_mean": 0.1514474868766249,
  "fd_num": 28,
  "fd_perc": 17.5,
  "fwhm_avg": 2.590389506378729,
  "fwhm_x": 2.5383666666666667,
  "fwhm_y": 2.8598866666666667,
  "fwhm_z": 2.3729151858028525,
  "gcor": 0.0249455,
  "gsr_x": -0.003301965305581689,
  "gsr_y": 0.0011113815708085895,
  "provenance": {
    "md5sum": "0ca592e0271ff02ec3e7fe5379ce71d9",
    "settings": {
      "fd_thres": 0.2,
      "hmc_fsl": false
    },
    "software": "mriqc",
    "version": "0.15.0",
    "webapi_port": null,
    "webapi_url": "https://mriqc.nimh.nih.gov/api/v1"
  },
  "size_t": 160,
  "size_x": 80,
  "size_y": 80,
  "size_z": 36,
  "snr": 4.90125244141333,
  "spacing_tr": 2.0,
  "spacing_x": 3.0,
  "spacing_y": 3.0,
  "spacing_z": 3.299999952316284,
  "spikes_num": 0,
  "summary_bg_k": 142.41229375801285,
  "summary_bg_mad": 0.4968011677265167,
  "summary_bg_mean": 150.4456329345703,
  "summary_bg_median": 0.33648681640625,
  "summary_bg_n": 154340.0,
  "summary_bg_p05": 0.0,
  "summary_bg_p95": 708.2015380859351,
  "summary_bg_stdv": 896.453125,
  "summary_fg_k": 2.0274494599465918,
  "summary_fg_mad": 4149.96875,
  "summary_fg_mean": 23475.42578125,
  "summary_fg_median": 23462.50390625,
  "summary_fg_n": 36552.0,
  "summary_fg_p05": 15924.530224609376,
  "summary_fg_p95": 30725.8353515625,
  "summary_fg_stdv": 4786.97705078125,
  "tsnr": 70.5821762084961
}