{
  "aor": 0.004701757322175732,
  "aqi": 0.02672394351464435,
  "bids_meta": {
    "AcquisitionNumber": 4,
    "BidsifyVersion": "0.3.5",
    "ConversionSoftware": "dcm2niix",
    "ConversionSoftwareVersion": "v1.0.20181125  GCC6.3.0",
    "EchoTime": 0.02763,
    "FlipAngle": 76.1,
    "ImageComments": "PIOP2",
    "ImageOrientationPatientDICOM": [
      0.999568,
      0.0148787,
      -0.0253481,
      -0.015528,
      0.999551,
      -0.0256118
    ],
    "Manufacturer": "Philips",
    "NumberOfVolumesDiscardedByScanner": 2,
    "ParallelAcquisitionTechnique": "SENSE",
    "ParallelReductionFactorInPlane": 2,
    "PatientPosition": "HFS",
    "PhaseEncodingDirection": "j",
    "PhilipsRescaleIntercept": 0,
    "PhilipsRescaleSlope": 0.79292,
    "PhilipsScaleSlope": 0.0543093,
    "ProtocolName": "WIPtask-rest_boldSENSE",
    "PulseSequenceType": "gradient echo EPI",
    "ReconMatrixPE": 80,
    "RepetitionTime": 2,
    "SeriesDescription": "ImageMRSERIES",
    "SeriesNumber": 4,
    "SliceEncodingDirection": "k",
    "TaskName": "restingstate",
    "UsePhilipsFloatNotDisplayScaling": 1,
    "WaterFatShift": 12,
    "acq_id": "seq",
    "dataset": "unknown",
    "modality": "bold",
    "subject_id": "0070",
    "task_id": "restingstate"
  },
  "dummy_trs": 1,
  "dvars_nstd": 27.64808302974789,
  "dvars_std": 1.2340606821008406,
  "dvars_vstd": 0.9340343057142851,
  "efc": 0.42395784117444824,
  "fber": 4761692.5,
  "fd_mean": 0.21425414760572395,
  "fd_num": 71,
  "fd_perc": 29.707112970711297,
  "fwhm_avg": 2.6066465770220018,
  "fwhm_x": 2.5336866666666666,
  "fwhm_y": 2.9265833333333333,
  "fwhm_z": 2.359669731066006,
  "gcor": 0.00815478,
  "gsr_x": 0.0026552120689302683,
  "gsr_y": 0.0004776758432853967,
  "provenance": {
    "md5sum": "6a8a5c8c8e7f9f81870b9389f947d7f7",
    "settings": {
      "fd_thres": 0.2,
      "hmc_fsl": false
    },
    "software": "mriqc",
    "version": "0.15.0",
    "webapi_port": null,
    "webapi_url": "https://mriqc.nimh.nih.gov/api/v1"
  },
  "size_t": 239,
  "size_x": 80,
  "size_y": 80,
  "size_z": 36,
  "snr": 5.3057555887877745,
  "spacing_tr": 2.0,
  "spacing_x": 3.0,
  "spacing_y": 3.0,
  "spacing_z": 3.299999952316284,
  "spikes_num": 0,
  "summary_bg_k": 60.056299428572835,
  "summary_bg_mad": 15.52306842803955,
  "summary_bg_mean": 286.39776611328125,
  "summary_bg_median": 11.021291732788086,
  "summary_bg_n": 146426.0,
  "summary_bg_p05": 0.15468178316950798,
  "summary_bg_p95": 1474.2595825195312,
  "summary_bg_stdv": 1268.2314453125,
  "summary_fg_k": 2.9767660122993496,
  "summary_fg_mad": 4024.88720703125,
  "summary_fg_mean": 25230.45703125,
  "summary_fg_median": 25329.5625,
  "summary_fg_n": 43364.0,
  "summary_fg_p05": 17953.5845703125,
  "summary_fg_p95": 32009.17939453125,
  "summary_fg_stdv": 4773.92333984375,
  "tsnr": 35.477264404296875
}