{
  "aor": 0.0017059166666666668,
  "aqi": 0.007969379166666667,
  "bids_meta": {
    "AcquisitionNumber": 5,
    "BidsifyVersion": "0.3.5",
    "ConversionSoftware": "dcm2niix",
    "ConversionSoftwareVersion": "v1.0.20181125  GCC6.3.0",
    "EchoTime": 0.02763,
    "FlipAngle": 76.1,
    "ImageComments": "PIOP2",
    "ImageOrientationPatientDICOM": [
      0.996586,
      0.0816691,
      0.0121134,
      -0.0794832,
      0.98873,
      -0.126871
    ],
    "Manufacturer": "Philips",
    "NumberOfVolumesDiscardedByScanner": 2,
    "ParallelAcquisitionTechnique": "SENSE",
    "ParallelReductionFactorInPlane": 2,
    "PatientPosition": "HFS",
    "PhaseEncodingDirection": "j",
    "PhilipsRescaleIntercept": 0,
    "PhilipsRescaleSlope": 0.77265,
    "PhilipsScaleSlope": 0.0555279,
    "ProtocolName": "WIPtask-rest_boldSENSE",
    "PulseSequenceType": "gradient echo EPI",
    "ReconMatrixPE": 80,
    "RepetitionTime": 2,
    "SeriesDescription": "ImageMRSERIES",
    "SeriesNumber": 5,
    "SliceEncodingDirection": "k",
    "TaskName": "restingstate",
    "UsePhilipsFloatNotDisplayScaling": 1,
    "WaterFatShift": 12,
    "acq_id": "seq",
    "dataset": "unknown",
    "modality": "bold",
    "subject_id": "0002",
    "task_id": "restingstate"
  },
  "dummy_trs": 0,
  "dvars_nstd": 17.15792692640167,
  "dvars_std": 1.046275925230125,
  "dvars_vstd": 0.9126103502928872,
  "efc": 0.3826331174815483,
  "fber": 1274099840.0,
  "fd_mean": 0.14738093229731541,
  "fd_num": 45,
  "fd_perc": 18.75,
  "fwhm_avg": 2.649995162843705,
  "fwhm_x": 2.6347066666666668,
  "fwhm_y": 2.9632666666666663,
  "fwhm_z": 2.3520121551977815,
  "gcor": 0.0198664,
  "gsr_x": -0.0008554019150324166,
  "gsr_y": 0.0017899455269798636,
  "provenance": {
    "md5sum": "52f9a2586e9d85dafd83fdb44a792fe3",
    "settings": {
      "fd_thres": 0.2,
      "hmc_fsl": false
    },
    "software": "mriqc",
    "version": "0.15.0",
    "webapi_port": null,
    "webapi_url": "https://mriqc.nimh.nih.gov/api/v1"
  },
  "size_t": 240,
  "size_x": 80,
  "size_y": 80,
  "size_z": 36,
  "snr": 4.947715599444953,
  "spacing_tr": 2.0,
  "spacing_x": 3.0,
  "spacing_y": 3.0,
  "spacing_z": 3.299999952316284,
  "spikes_num": 0,
  "summary_bg_k": 102.78497560389862,
  "summary_bg_mad": 0.9080551266670227,
  "summary_bg_mean": 177.93772888183594,
  "summary_bg_median": 0.6124738454818726,
  "summary_bg_n": 153650.0,
  "summary_bg_p05": 0.0,
  "summary_bg_p95": 696.2400115966783,
  "summary_bg_stdv": 1024.9989013671875,
  "summary_fg_k": 2.2604969439307245,
  "summary_fg_mad": 4131.5244140625,
  "summary_fg_mean": 24351.830078125,
  "summary_fg_median": 24551.4765625,
  "summary_fg_n": 36714.0,
  "summary_fg_p05": 15887.091748046876,
  "summary_fg_p95": 31517.8478515625,
  "summary_fg_stdv": 4962.11669921875,
  "tsnr": 61.060794830322266
}