{
  "aor": 0.004813,
  "aqi": 0.0028921689166666667,
  "bids_meta": {
    "AcquisitionNumber": 4,
    "BidsifyVersion": "0.3.5",
    "ConversionSoftware": "dcm2niix",
    "ConversionSoftwareVersion": "v1.0.20181125  GCC6.3.0",
    "EchoTime": 0.02763,
    "FlipAngle": 76.1,
    "ImageComments": "PIOP2",
    "ImageOrientationPatientDICOM": [
      0.997434,
      -0.0511743,
      -0.0500583,
      0.0480847,
      0.996973,
      -0.0610908
    ],
    "Manufacturer": "Philips",
    "NumberOfVolumesDiscardedByScanner": 2,
    "ParallelAcquisitionTechnique": "SENSE",
    "ParallelReductionFactorInPlane": 2,
    "PatientPosition": "HFS",
    "PhaseEncodingDirection": "j",
    "PhilipsRescaleIntercept": 0,
    "PhilipsRescaleSlope": 0.76386,
    "PhilipsScaleSlope": 0.05402,
    "ProtocolName": "WIPtask-rest_boldSENSE",
    "PulseSequenceType": "gradient echo EPI",
    "ReconMatrixPE": 80,
    "RepetitionTime": 2,
    "SeriesDescription": "ImageMRSERIES",
    "SeriesNumber": 4,
    "SliceEncodingDirection": "k",
    "TaskName": "restingstate",
    "UsePhilipsFloatNotDisplayScaling": 1,
    "WaterFatShift": 12,
    "acq_id": "seq",
    "dataset": "unknown",
    "modality": "bold",
    "subject_id": "0220",
    "task_id": "restingstate"
  },
  "dummy_trs": 0,
  "dvars_nstd": 21.508754075899578,
  "dvars_std": 1.392965954100418,
  "dvars_vstd": 1.0579359911297068,
  "efc": 0.4060730425886935,
  "fber": 1482650112.0,
  "fd_mean": 0.12433494732876048,
  "fd_num": 24,
  "fd_perc": 10.0,
  "fwhm_avg": 2.630083320219415,
  "fwhm_x": 2.510973133779118,
  "fwhm_y": 2.9083133333333335,
  "fwhm_z": 2.470963493545793,
  "gcor": 0.0523764,
  "gsr_x": -0.009045199491083622,
  "gsr_y": 0.005084945820271969,
  "provenance": {
    "md5sum": "b06beb093e9439b8ec30db02f25a4829",
    "settings": {
      "fd_thres": 0.2,
      "hmc_fsl": false
    },
    "software": "mriqc",
    "version": "0.15.0",
    "webapi_port": null,
    "webapi_url": "https://mriqc.nimh.nih.gov/api/v1"
  },
  "size_t": 240,
  "size_x": 80,
  "size_y": 80,
  "size_z": 36,
  "snr": 4.4399792473534845,
  "spacing_tr": 2.0,
  "spacing_x": 3.000000238418579,
  "spacing_y": 3.0,
  "spacing_z": 3.3000001907348633,
  "spikes_num": 5,
  "summary_bg_k": 158.39154886886917,
  "summary_bg_mad": 0.8215130567550659,
  "summary_bg_mean": 132.269775390625,
  "summary_bg_median": 0.5541021227836609,
  "summary_bg_n": 147995.0,
  "summary_bg_p05": 0.0,
  "summary_bg_p95": 714.8269653320273,
  "summary_bg_stdv": 807.3564453125,
  "summary_fg_k": 1.7894979679104717,
  "summary_fg_mad": 4657.56005859375,
  "summary_fg_mean": 24826.732421875,
  "summary_fg_median": 24528.3671875,
  "summary_fg_n": 42070.0,
  "summary_fg_p05": 16357.35107421875,
  "summary_fg_p95": 33951.301757812485,
  "summary_fg_stdv": 5524.3671875,
  "tsnr": 85.89093780517578
}