{
  "aor": 0.00081662100456621,
  "aqi": 0.0019535132420091324,
  "bids_meta": {
    "AcquisitionNumber": 7,
    "BidsifyVersion": "0.3.5",
    "ConversionSoftware": "dcm2niix",
    "ConversionSoftwareVersion": "v1.0.20181125  GCC6.3.0",
    "EchoTime": 0.02763,
    "EffectiveEchoSpacing": 0.0006909035636805814,
    "FlipAngle": 76.1,
    "ImageComments": "PIOP2",
    "ImageOrientationPatientDICOM": [
      0.998006,
      0.0325627,
      -0.054062,
      -0.0331073,
      0.999409,
      -0.00920798
    ],
    "Manufacturer": "Philips",
    "NumberOfVolumesDiscardedByScanner": 2,
    "ParallelAcquisitionTechnique": "SENSE",
    "ParallelReductionFactorInPlane": 2,
    "PatientPosition": "HFS",
    "PhaseEncodingDirection": "j",
    "PhilipsRescaleIntercept": 0,
    "PhilipsRescaleSlope": 0.77021,
    "PhilipsScaleSlope": 0.0482574,
    "ProtocolName": "WIPtask-stop_boldSENSE",
    "PulseSequenceType": "gradient echo EPI",
    "ReconMatrixPE": 80,
    "RepetitionTime": 2,
    "SeriesDescription": "ImageMRSERIES",
    "SeriesNumber": 7,
    "SliceEncodingDirection": "k",
    "SliceTiming": [
      0.0,
      0.0556,
      0.1111,
      0.1667,
      0.2222,
      0.2778,
      0.3333,
      0.3889,
      0.4444,
      0.5,
      0.5556,
      0.6111,
      0.6667,
      0.7222,
      0.7778,
      0.8333,
      0.8889,
      0.9444,
      1.0,
      1.0556,
      1.1111,
      1.1667,
      1.2222,
      1.2778,
      1.3333,
      1.3889,
      1.4444,
      1.5,
      1.5556,
      1.6111,
      1.6667,
      1.7222,
      1.7778,
      1.8333,
      1.8889,
      1.9444
    ],
    "TaskName": "stopsignal",
    "TotalReadoutTime": 0.026945238983542674,
    "UsePhilipsFloatNotDisplayScaling": 1,
    "WaterFatShift": 12,
    "acq_id": "seq",
    "dataset": "unknown",
    "modality": "bold",
    "subject_id": "0182",
    "task_id": "stopsignal"
  },
  "dummy_trs": 0,
  "dvars_nstd": 18.885274323073396,
  "dvars_std": 1.345762350366972,
  "dvars_vstd": 0.9939822880733943,
  "efc": 0.43210759544746874,
  "fber": 2425542144.0,
  "fd_mean": 0.08152437306680285,
  "fd_num": 2,
  "fd_perc": 0.91324200913242,
  "fwhm_avg": 2.5061746575188906,
  "fwhm_x": 2.47805,
  "fwhm_y": 2.7454133333333335,
  "fwhm_z": 2.295060639223339,
  "gcor": 0.0166029,
  "gsr_x": -0.000718990049790591,
  "gsr_y": 0.0019608656875789165,
  "provenance": {
    "md5sum": "8dd5eb6cc7b66edfb211c632d323df3e",
    "settings": {
      "fd_thres": 0.2,
      "hmc_fsl": false
    },
    "software": "mriqc",
    "version": "0.15.0",
    "webapi_port": null,
    "webapi_url": "https://mriqc.nimh.nih.gov/api/v1"
  },
  "size_t": 219,
  "size_x": 80,
  "size_y": 80,
  "size_z": 36,
  "snr": 4.48813621810534,
  "spacing_tr": 2.0,
  "spacing_x": 3.0,
  "spacing_y": 3.0,
  "spacing_z": 3.299999952316284,
  "spikes_num": 1,
  "summary_bg_k": 57.35060920612309,
  "summary_bg_mad": 0.7564442753791809,
  "summary_bg_mean": 282.5733947753906,
  "summary_bg_median": 0.511041522026062,
  "summary_bg_n": 143668.0,
  "summary_bg_p05": 0.0,
  "summary_bg_p95": 1655.3265930175717,
  "summary_bg_stdv": 1404.6739501953125,
  "summary_fg_k": 2.009419185702071,
  "summary_fg_mad": 5499.6708984375,
  "summary_fg_mean": 29207.802734375,
  "summary_fg_median": 28838.52734375,
  "summary_fg_n": 46114.0,
  "summary_fg_p05": 19893.0564453125,
  "summary_fg_p95": 39742.18281249999,
  "summary_fg_stdv": 6425.43212890625,
  "tsnr": 109.3515853881836
}