{
  "aor": 0.0013081666666666667,
  "aqi": 0.0032006013749999998,
  "bids_meta": {
    "AcquisitionNumber": 4,
    "BidsifyVersion": "0.3.5",
    "ConversionSoftware": "dcm2niix",
    "ConversionSoftwareVersion": "v1.0.20181125  GCC6.3.0",
    "EchoTime": 0.02763,
    "EffectiveEchoSpacing": 0.0006909035636805814,
    "FlipAngle": 76.1,
    "ImageComments": "PIOP2",
    "ImageOrientationPatientDICOM": [
      0.997243,
      0.0107456,
      -0.0734252,
      -0.00382916,
      0.995593,
      0.0936959
    ],
    "Manufacturer": "Philips",
    "NumberOfVolumesDiscardedByScanner": 2,
    "ParallelAcquisitionTechnique": "SENSE",
    "ParallelReductionFactorInPlane": 2,
    "PatientPosition": "HFS",
    "PhaseEncodingDirection": "j",
    "PhilipsRescaleIntercept": 0,
    "PhilipsRescaleSlope": 0.75922,
    "PhilipsScaleSlope": 0.0618219,
    "ProtocolName": "WIPtask-rest_boldSENSE",
    "PulseSequenceType": "gradient echo EPI",
    "ReconMatrixPE": 80,
    "RepetitionTime": 2,
    "SeriesDescription": "ImageMRSERIES",
    "SeriesNumber": 4,
    "SliceEncodingDirection": "k",
    "SliceTiming": [
      0.0,
      0.0556,
      0.1111,
      0.1667,
      0.2222,
      0.2778,
      0.3333,
      0.3889,
      0.4444,
      0.5,
      0.5556,
      0.6111,
      0.6667,
      0.7222,
      0.7778,
      0.8333,
      0.8889,
      0.9444,
      1.0,
      1.0556,
      1.1111,
      1.1667,
      1.2222,
      1.2778,
      1.3333,
      1.3889,
      1.4444,
      1.5,
      1.5556,
      1.6111,
      1.6667,
      1.7222,
      1.7778,
      1.8333,
      1.8889,
      1.9444
    ],
    "TaskName": "restingstate",
    "TotalReadoutTime": 0.026945238983542674,
    "UsePhilipsFloatNotDisplayScaling": 1,
    "WaterFatShift": 12,
    "acq_id": "seq",
    "dataset": "unknown",
    "modality": "bold",
    "subject_id": "0201",
    "task_id": "restingstate"
  },
  "dummy_trs": 0,
  "dvars_nstd": 18.317208058702935,
  "dvars_std": 1.2486782166945614,
  "dvars_vstd": 0.9986868069874474,
  "efc": 0.42227904435572583,
  "fber": 1087377536.0,
  "fd_mean": 0.0947421297602605,
  "fd_num": 11,
  "fd_perc": 4.583333333333333,
  "fwhm_avg": 2.6001049609784643,
  "fwhm_x": 2.5070833333333336,
  "fwhm_y": 2.909046666666667,
  "fwhm_z": 2.384184882935392,
  "gcor": 0.0488658,
  "gsr_x": -1.064136995410081e-05,
  "gsr_y": 0.0029680237639695406,
  "provenance": {
    "md5sum": "6673a91a940ee9d29da60a8808a3cb01",
    "settings": {
      "fd_thres": 0.2,
      "hmc_fsl": false
    },
    "software": "mriqc",
    "version": "0.15.0",
    "webapi_port": null,
    "webapi_url": "https://mriqc.nimh.nih.gov/api/v1"
  },
  "size_t": 240,
  "size_x": 80,
  "size_y": 80,
  "size_z": 36,
  "snr": 5.085612071694955,
  "spacing_tr": 2.0,
  "spacing_x": 3.0,
  "spacing_y": 3.0,
  "spacing_z": 3.299999952316284,
  "spikes_num": 0,
  "summary_bg_k": 94.26803836206057,
  "summary_bg_mad": 0.8725766539573669,
  "summary_bg_mean": 207.1318359375,
  "summary_bg_median": 0.5885440111160278,
  "summary_bg_n": 145976.0,
  "summary_bg_p05": 0.0,
  "summary_bg_p95": 1013.0575103759766,
  "summary_bg_stdv": 1109.8677978515625,
  "summary_fg_k": 3.4656178620525218,
  "summary_fg_mad": 3629.62890625,
  "summary_fg_mean": 23067.984375,
  "summary_fg_median": 22867.916015625,
  "summary_fg_n": 43944.0,
  "summary_fg_p05": 16873.73330078125,
  "summary_fg_p95": 29945.222363281246,
  "summary_fg_stdv": 4496.53955078125,
  "tsnr": 92.86780548095703
}