{
  "aor": 0.00146925,
  "aqi": 0.0030756073125,
  "bids_meta": {
    "AcquisitionNumber": 3,
    "BidsifyVersion": "0.3.5",
    "ConversionSoftware": "dcm2niix",
    "ConversionSoftwareVersion": "v1.0.20181125  GCC6.3.0",
    "EchoTime": 0.02763,
    "EffectiveEchoSpacing": 0.0006909035636805814,
    "FlipAngle": 76.1,
    "ImageComments": "PIOP2",
    "ImageOrientationPatientDICOM": [
      0.997243,
      0.0107456,
      -0.0734252,
      -0.00382916,
      0.995593,
      0.0936959
    ],
    "Manufacturer": "Philips",
    "NumberOfVolumesDiscardedByScanner": 2,
    "ParallelAcquisitionTechnique": "SENSE",
    "ParallelReductionFactorInPlane": 2,
    "PatientPosition": "HFS",
    "PhaseEncodingDirection": "j",
    "PhilipsRescaleIntercept": 0,
    "PhilipsRescaleSlope": 0.76239,
    "PhilipsScaleSlope": 0.0611868,
    "ProtocolName": "WIPtask-wm_boldSENSE",
    "PulseSequenceType": "gradient echo EPI",
    "ReconMatrixPE": 80,
    "RepetitionTime": 2,
    "SeriesDescription": "ImageMRSERIES",
    "SeriesNumber": 3,
    "SliceEncodingDirection": "k",
    "SliceTiming": [
      0.0,
      0.0556,
      0.1111,
      0.1667,
      0.2222,
      0.2778,
      0.3333,
      0.3889,
      0.4444,
      0.5,
      0.5556,
      0.6111,
      0.6667,
      0.7222,
      0.7778,
      0.8333,
      0.8889,
      0.9444,
      1.0,
      1.0556,
      1.1111,
      1.1667,
      1.2222,
      1.2778,
      1.3333,
      1.3889,
      1.4444,
      1.5,
      1.5556,
      1.6111,
      1.6667,
      1.7222,
      1.7778,
      1.8333,
      1.8889,
      1.9444
    ],
    "TaskName": "workingmemory",
    "TotalReadoutTime": 0.026945238983542674,
    "UsePhilipsFloatNotDisplayScaling": 1,
    "WaterFatShift": 12,
    "acq_id": "seq",
    "dataset": "unknown",
    "modality": "bold",
    "subject_id": "0201",
    "task_id": "workingmemory"
  },
  "dummy_trs": 0,
  "dvars_nstd": 17.159301506037735,
  "dvars_std": 1.2141227539622645,
  "dvars_vstd": 1.0074691329559742,
  "efc": 0.42209005356185275,
  "fber": 571168128.0,
  "fd_mean": 0.08988350590913421,
  "fd_num": 10,
  "fd_perc": 6.25,
  "fwhm_avg": 2.609998900394151,
  "fwhm_x": 2.5206833333333334,
  "fwhm_y": 2.9206133333333333,
  "fwhm_z": 2.388700034515786,
  "gcor": 0.0534474,
  "gsr_x": 0.00020916812354698777,
  "gsr_y": 0.002620921703055501,
  "provenance": {
    "md5sum": "e2324e0a68e26b63030242ce5cae018d",
    "settings": {
      "fd_thres": 0.2,
      "hmc_fsl": false
    },
    "software": "mriqc",
    "version": "0.15.0",
    "webapi_port": null,
    "webapi_url": "https://mriqc.nimh.nih.gov/api/v1"
  },
  "size_t": 160,
  "size_x": 80,
  "size_y": 80,
  "size_z": 36,
  "snr": 5.018699379668709,
  "spacing_tr": 2.0,
  "spacing_x": 3.0,
  "spacing_y": 3.0,
  "spacing_z": 3.299999952316284,
  "spikes_num": 0,
  "summary_bg_k": 99.53352458950138,
  "summary_bg_mad": 1.2988307476043701,
  "summary_bg_mean": 205.3821563720703,
  "summary_bg_median": 0.8880263566970825,
  "summary_bg_n": 145883.0,
  "summary_bg_p05": 0.0017258666455745697,
  "summary_bg_p95": 999.9643676757809,
  "summary_bg_stdv": 1112.8759765625,
  "summary_fg_k": 3.455017721339293,
  "summary_fg_mad": 3630.57421875,
  "summary_fg_mean": 22994.0,
  "summary_fg_median": 22798.693359375,
  "summary_fg_n": 44020.0,
  "summary_fg_p05": 16687.77373046875,
  "summary_fg_p95": 29927.8732421875,
  "summary_fg_stdv": 4542.69775390625,
  "tsnr": 94.35870361328125
}