{
  "bids_meta": {
    "AcquisitionNumber": 2,
    "BidsifyVersion": "0.3.5",
    "ConversionSoftware": "dcm2niix",
    "ConversionSoftwareVersion": "v1.0.20181125  GCC6.3.0",
    "EchoTime": 0.00374,
    "ImageComments": "PIOP2",
    "ImageOrientationPatientDICOM": [
      0.999087,
      0.0415074,
      -0.0100771,
      -0.0416995,
      0.998937,
      -0.0196668
    ],
    "Manufacturer": "Philips",
    "NumberSignalAcquisitions": 2,
    "PatientPosition": "HFS",
    "PhilipsRescaleIntercept": 0,
    "PhilipsRescaleSlope": 8.79048,
    "PhilipsScaleSlope": 0.00720249,
    "ProtocolName": "WIPT1anat_acq-6m_T1wSENSE",
    "ReconMatrixPE": 240,
    "RepetitionTime": 0.008149,
    "SeriesDescription": "ImageMRSERIES",
    "SeriesNumber": 2,
    "UsePhilipsFloatNotDisplayScaling": 1,
    "dataset": "unknown",
    "modality": "T1w",
    "subject_id": "0038"
  },
  "cjv": 0.2639692914622751,
  "cnr": 4.7311747279625385,
  "efc": 0.7384714785832621,
  "fber": 1602.38134765625,
  "fwhm_avg": 4.289633333333334,
  "fwhm_x": 3.95983,
  "fwhm_y": 4.45277,
  "fwhm_z": 4.4563,
  "icvs_csf": 0.251160983870268,
  "icvs_gm": 0.4024777674961525,
  "icvs_wm": 0.3463612486335795,
  "inu_med": 1.819448709487915,
  "inu_range": 0.30245518684387207,
  "provenance": {
    "md5sum": "e4940b7c44ac7c25286b0b0ff64cfaad",
    "settings": {
      "testing": false
    },
    "software": "mriqc",
    "version": "0.15.0",
    "warnings": {
      "large_rot_frame": true,
      "small_air_mask": true
    },
    "webapi_port": null,
    "webapi_url": "https://mriqc.nimh.nih.gov/api/v1"
  },
  "qi_1": 0.0,
  "qi_2": 7.359053657902299e-05,
  "rpve_csf": 26.399646444051136,
  "rpve_gm": 16.21894247681354,
  "rpve_wm": 24.494496122223776,
  "size_x": 240,
  "size_y": 240,
  "size_z": 220,
  "snr_csf": 2.0064900642555017,
  "snr_gm": 9.336981510137736,
  "snr_total": 11.518112548927073,
  "snr_wm": 23.210866072387983,
  "snrd_csf": 23.68319919317576,
  "snrd_gm": 54.396581999851776,
  "snrd_total": 55.12584191422469,
  "snrd_wm": 87.29774454964654,
  "spacing_x": 1.0,
  "spacing_y": 1.0,
  "spacing_z": 1.0,
  "summary_bg_k": 27.886437394382114,
  "summary_bg_mad": 7.504565238952637,
  "summary_bg_mean": 7.187454700469971,
  "summary_bg_median": 5.1427202224731445,
  "summary_bg_n": 141801.0,
  "summary_bg_p05": 0.0,
  "summary_bg_p95": 15.646906852722168,
  "summary_bg_stdv": 6.002053737640381,
  "summary_csf_k": 95.13446149931,
  "summary_csf_mad": 108.42837524414062,
  "summary_csf_mean": 261.8846740722656,
  "summary_csf_median": 271.2902526855469,
  "summary_csf_n": 10724.0,
  "summary_csf_p05": 88.45304489135742,
  "summary_csf_p95": 408.41585235595704,
  "summary_csf_stdv": 135.2000732421875,
  "summary_gm_k": 0.498684307591307,
  "summary_gm_mad": 62.56167221069336,
  "summary_gm_mean": 623.0463256835938,
  "summary_gm_median": 623.1110229492188,
  "summary_gm_n": 19261.0,
  "summary_gm_p05": 515.285400390625,
  "summary_gm_p95": 736.340087890625,
  "summary_gm_stdv": 66.73407745361328,
  "summary_wm_k": 1.129141009250458,
  "summary_wm_mad": 36.923526763916016,
  "summary_wm_mean": 995.0576782226562,
  "summary_wm_median": 999.9927368164062,
  "summary_wm_n": 173283.0,
  "summary_wm_p05": 914.9640930175782,
  "summary_wm_p95": 1056.9889404296873,
  "summary_wm_stdv": 43.08283233642578,
  "tpm_overlap_csf": 0.21517924964427948,
  "tpm_overlap_gm": 0.50346839427948,
  "tpm_overlap_wm": 0.5811368823051453,
  "wm2max": 0.7478771329201029
}