{
  "aor": 0.011904083333333334,
  "aqi": 0.008832677708333332,
  "bids_meta": {
    "AcquisitionNumber": 4,
    "BidsifyVersion": "0.3.5",
    "ConversionSoftware": "dcm2niix",
    "ConversionSoftwareVersion": "v1.0.20181125  GCC6.3.0",
    "EchoTime": 0.02763,
    "EffectiveEchoSpacing": 0.0006909035636805814,
    "FlipAngle": 76.1,
    "ImageComments": "PIOP2",
    "ImageOrientationPatientDICOM": [
      0.999359,
      -0.0282192,
      -0.0220477,
      0.0242493,
      0.986292,
      -0.16322
    ],
    "Manufacturer": "Philips",
    "NumberOfVolumesDiscardedByScanner": 2,
    "ParallelAcquisitionTechnique": "SENSE",
    "ParallelReductionFactorInPlane": 2,
    "PatientPosition": "HFS",
    "PhaseEncodingDirection": "j",
    "PhilipsRescaleIntercept": 0,
    "PhilipsRescaleSlope": 0.78803,
    "PhilipsScaleSlope": 0.0515442,
    "ProtocolName": "WIPtask-rest_boldSENSE",
    "PulseSequenceType": "gradient echo EPI",
    "ReconMatrixPE": 80,
    "RepetitionTime": 2,
    "SeriesDescription": "ImageMRSERIES",
    "SeriesNumber": 4,
    "SliceEncodingDirection": "k",
    "SliceTiming": [
      0.0,
      0.0556,
      0.1111,
      0.1667,
      0.2222,
      0.2778,
      0.3333,
      0.3889,
      0.4444,
      0.5,
      0.5556,
      0.6111,
      0.6667,
      0.7222,
      0.7778,
      0.8333,
      0.8889,
      0.9444,
      1.0,
      1.0556,
      1.1111,
      1.1667,
      1.2222,
      1.2778,
      1.3333,
      1.3889,
      1.4444,
      1.5,
      1.5556,
      1.6111,
      1.6667,
      1.7222,
      1.7778,
      1.8333,
      1.8889,
      1.9444
    ],
    "TaskName": "restingstate",
    "TotalReadoutTime": 0.026945238983542674,
    "UsePhilipsFloatNotDisplayScaling": 1,
    "WaterFatShift": 12,
    "acq_id": "seq",
    "dataset": "unknown",
    "modality": "bold",
    "subject_id": "0003",
    "task_id": "restingstate"
  },
  "dummy_trs": 0,
  "dvars_nstd": 23.24066654485354,
  "dvars_std": 1.199527248451883,
  "dvars_vstd": 0.980535522635983,
  "efc": 0.3800259672361655,
  "fber": 309075776.0,
  "fd_mean": 0.2440340677893301,
  "fd_num": 155,
  "fd_perc": 64.58333333333333,
  "fwhm_avg": 2.4981737944181415,
  "fwhm_x": 2.40456,
  "fwhm_y": 2.8079433333333337,
  "fwhm_z": 2.2820180499210907,
  "gcor": 0.014146,
  "gsr_x": -0.0018280587391927838,
  "gsr_y": 6.8897548771929e-05,
  "provenance": {
    "md5sum": "9d6026d3fff0447d00f0ebd9ff10ae2f",
    "settings": {
      "fd_thres": 0.2,
      "hmc_fsl": false
    },
    "software": "mriqc",
    "version": "0.15.0",
    "webapi_port": null,
    "webapi_url": "https://mriqc.nimh.nih.gov/api/v1"
  },
  "size_t": 240,
  "size_x": 80,
  "size_y": 80,
  "size_z": 36,
  "snr": 4.13640916603532,
  "spacing_tr": 2.0,
  "spacing_x": 3.0,
  "spacing_y": 3.0,
  "spacing_z": 3.3000001907348633,
  "spikes_num": 4,
  "summary_bg_k": 123.85519106438066,
  "summary_bg_mad": 2.1343612670898438,
  "summary_bg_mean": 158.97276306152344,
  "summary_bg_median": 1.4400036334991455,
  "summary_bg_n": 153620.0,
  "summary_bg_p05": 0.0,
  "summary_bg_p95": 683.8532379150352,
  "summary_bg_stdv": 975.5468139648438,
  "summary_fg_k": 1.8545140004049312,
  "summary_fg_mad": 5251.421875,
  "summary_fg_mean": 26986.9921875,
  "summary_fg_median": 26513.27734375,
  "summary_fg_n": 37572.0,
  "summary_fg_p05": 17557.619042968752,
  "summary_fg_p95": 37779.365820312494,
  "summary_fg_stdv": 6409.6474609375,
  "tsnr": 53.96479797363281
}