{
  "bids_meta": {
    "AcquisitionNumber": 2,
    "BidsifyVersion": "0.3.5",
    "ConversionSoftware": "dcm2niix",
    "ConversionSoftwareVersion": "v1.0.20181125  GCC6.3.0",
    "EchoTime": 0.00386,
    "ImageComments": "PIOP2",
    "ImageOrientationPatientDICOM": [
      0.988953,
      0.147871,
      -0.0102838,
      -0.148153,
      0.983866,
      -0.100292
    ],
    "Manufacturer": "Philips",
    "NumberSignalAcquisitions": 2,
    "PatientPosition": "HFS",
    "PhilipsRescaleIntercept": 0,
    "PhilipsRescaleSlope": 9.42002,
    "PhilipsScaleSlope": 0.00879901,
    "ProtocolName": "WIPT1anat_acq-6m_T1wSENSE",
    "ReconMatrixPE": 288,
    "RepetitionTime": 0.008328,
    "SeriesDescription": "ImageMRSERIES",
    "SeriesNumber": 2,
    "UsePhilipsFloatNotDisplayScaling": 1,
    "dataset": "unknown",
    "modality": "T1w",
    "subject_id": "0099"
  },
  "cjv": 0.2422487377016378,
  "cnr": 4.957939116605233,
  "efc": 0.7682418483708782,
  "fber": 1106.071044921875,
  "fwhm_avg": 5.255063333333333,
  "fwhm_x": 4.99579,
  "fwhm_y": 5.55314,
  "fwhm_z": 5.21626,
  "icvs_csf": 0.2841429201238778,
  "icvs_gm": 0.3723543458255841,
  "icvs_wm": 0.3435027340505381,
  "inu_med": 0.9048179388046265,
  "inu_range": 0.28849881887435913,
  "provenance": {
    "md5sum": "2c937232b3d0a036ca4f7317a201c2cf",
    "settings": {
      "testing": false
    },
    "software": "mriqc",
    "version": "0.15.0",
    "warnings": {
      "large_rot_frame": true,
      "small_air_mask": true
    },
    "webapi_port": null,
    "webapi_url": "https://mriqc.nimh.nih.gov/api/v1"
  },
  "qi_1": 0.0,
  "qi_2": 4.408439534776736e-05,
  "rpve_csf": 21.801766048908643,
  "rpve_gm": 15.117103646493458,
  "rpve_wm": 21.695667819068344,
  "size_x": 240,
  "size_y": 240,
  "size_z": 220,
  "snr_csf": 3.0235225858399626,
  "snr_gm": 10.29350424357412,
  "snr_total": 13.692781054723978,
  "snr_wm": 27.76131633475785,
  "snrd_csf": 40.42702511735314,
  "snrd_gm": 90.94861360173198,
  "snrd_total": 91.04369394780758,
  "snrd_wm": 141.7554431243376,
  "spacing_x": 1.0,
  "spacing_y": 1.0,
  "spacing_z": 1.0,
  "summary_bg_k": 175.6297861555337,
  "summary_bg_mad": 4.621600151062012,
  "summary_bg_mean": 9.783357620239258,
  "summary_bg_median": 8.342729568481445,
  "summary_bg_n": 166879.0,
  "summary_bg_p05": 1.0716932535171508,
  "summary_bg_p95": 20.341020965576178,
  "summary_bg_stdv": 6.602694988250732,
  "summary_csf_k": -0.8030387476833414,
  "summary_csf_mad": 106.24171447753906,
  "summary_csf_mean": 274.3002624511719,
  "summary_csf_median": 285.18878173828125,
  "summary_csf_n": 25002.0,
  "summary_csf_p05": 110.76108169555664,
  "summary_csf_p95": 410.7408294677734,
  "summary_csf_stdv": 94.32146453857422,
  "summary_gm_k": 0.39978545473832705,
  "summary_gm_mad": 57.939579010009766,
  "summary_gm_mean": 647.873046875,
  "summary_gm_median": 641.5887451171875,
  "summary_gm_n": 23036.0,
  "summary_gm_p05": 556.7701263427734,
  "summary_gm_p95": 760.7271881103516,
  "summary_gm_stdv": 62.328125,
  "summary_wm_k": 2.2822840236808064,
  "summary_wm_mad": 28.885316848754883,
  "summary_wm_mean": 998.0591430664062,
  "summary_wm_median": 1000.0009155273438,
  "summary_wm_n": 209381.0,
  "summary_wm_p05": 935.1080932617188,
  "summary_wm_p95": 1052.2828369140625,
  "summary_wm_stdv": 36.02129364013672,
  "tpm_overlap_csf": 0.21472032368183136,
  "tpm_overlap_gm": 0.4800271689891815,
  "tpm_overlap_wm": 0.5753744840621948,
  "wm2max": 0.7179292795404858
}