{
    "Manufacturer": "Philips",
    "PatientPosition": "HFS",
    "SeriesDescription": "ImageMRSERIES",
    "ProtocolName": "WIPdwi_acq-32b1000SENSE",
    "SeriesNumber": 6,
    "AcquisitionNumber": 6,
    "ImageComments": "PIOP2",
    "PhilipsRescaleSlope": 4.16874,
    "PhilipsRescaleIntercept": 0,
    "PhilipsScaleSlope": 0.0259776,
    "UsePhilipsFloatNotDisplayScaling": 1,
    "EchoTime": 0.08753,
    "RepetitionTime": 7.48046,
    "ReconMatrixPE": 112,
    "ImageOrientationPatientDICOM": [
        0.987746,
        0.145326,
        -0.0568962,
        -0.142336,
        0.988371,
        0.053502
    ],
    "ConversionSoftware": "dcm2niix",
    "ConversionSoftwareVersion": "v1.0.20181125  GCC6.3.0",
    "BidsifyVersion": "0.3.5",
    "FlipAngle": 90,
    "WaterFatShift": 18.927,
    "ParallelAcquisitionTechnique": "SENSE",
    "ParallelReductionFactorInPlane": 2,
    "PhaseEncodingDirection": "j"
}