{
  "aor": 0.0010355416666666666,
  "aqi": 0.0032443725416666665,
  "bids_meta": {
    "AcquisitionNumber": 4,
    "BidsifyVersion": "0.3.5",
    "ConversionSoftware": "dcm2niix",
    "ConversionSoftwareVersion": "v1.0.20181125  GCC6.3.0",
    "EchoTime": 0.02763,
    "FlipAngle": 76.1,
    "ImageComments": "PIOP2",
    "ImageOrientationPatientDICOM": [
      0.999946,
      0.00948479,
      0.00421994,
      -0.00925001,
      0.998575,
      -0.0525515
    ],
    "Manufacturer": "Philips",
    "NumberOfVolumesDiscardedByScanner": 2,
    "ParallelAcquisitionTechnique": "SENSE",
    "ParallelReductionFactorInPlane": 2,
    "PatientPosition": "HFS",
    "PhaseEncodingDirection": "j",
    "PhilipsRescaleIntercept": 0,
    "PhilipsRescaleSlope": 0.77094,
    "PhilipsScaleSlope": 0.0628993,
    "ProtocolName": "WIPtask-rest_boldSENSE",
    "PulseSequenceType": "gradient echo EPI",
    "ReconMatrixPE": 80,
    "RepetitionTime": 2,
    "SeriesDescription": "ImageMRSERIES",
    "SeriesNumber": 4,
    "SliceEncodingDirection": "k",
    "TaskName": "restingstate",
    "UsePhilipsFloatNotDisplayScaling": 1,
    "WaterFatShift": 12,
    "acq_id": "seq",
    "dataset": "unknown",
    "modality": "bold",
    "subject_id": "0080",
    "task_id": "restingstate"
  },
  "dummy_trs": 0,
  "dvars_nstd": 16.819876567154825,
  "dvars_std": 1.1613635652301253,
  "dvars_vstd": 0.993973598870293,
  "efc": 0.39411772717967325,
  "fber": 1555881856.0,
  "fd_mean": 0.1467242009244221,
  "fd_num": 50,
  "fd_perc": 20.833333333333332,
  "fwhm_avg": 2.5897602135700684,
  "fwhm_x": 2.49573,
  "fwhm_y": 2.8755900000000003,
  "fwhm_z": 2.3979606407102043,
  "gcor": 0.0156923,
  "gsr_x": -0.003496170975267887,
  "gsr_y": 0.002180731389671564,
  "provenance": {
    "md5sum": "7e6399c37044068e37215e5898707696",
    "settings": {
      "fd_thres": 0.2,
      "hmc_fsl": false
    },
    "software": "mriqc",
    "version": "0.15.0",
    "webapi_port": null,
    "webapi_url": "https://mriqc.nimh.nih.gov/api/v1"
  },
  "size_t": 240,
  "size_x": 80,
  "size_y": 80,
  "size_z": 36,
  "snr": 4.956040852038238,
  "spacing_tr": 2.0,
  "spacing_x": 3.0,
  "spacing_y": 3.0,
  "spacing_z": 3.299999952316284,
  "spikes_num": 0,
  "summary_bg_k": 98.26769390686422,
  "summary_bg_mad": 0.822311282157898,
  "summary_bg_mean": 158.70223999023438,
  "summary_bg_median": 0.5580494999885559,
  "summary_bg_n": 151159.0,
  "summary_bg_p05": 0.0,
  "summary_bg_p95": 685.7266784667971,
  "summary_bg_stdv": 923.9349975585938,
  "summary_fg_k": 2.0355727754629793,
  "summary_fg_mad": 3932.376708984375,
  "summary_fg_mean": 23480.0859375,
  "summary_fg_median": 23392.208984375,
  "summary_fg_n": 39473.0,
  "summary_fg_p05": 15892.3833984375,
  "summary_fg_p95": 30801.69101562501,
  "summary_fg_stdv": 4719.87890625,
  "tsnr": 88.2580337524414
}