{
  "aor": 0.0009811851851851852,
  "aqi": 0.002350964074074074,
  "bids_meta": {
    "AcquisitionNumber": 8,
    "BidsifyVersion": "0.3.5",
    "ConversionSoftware": "dcm2niix",
    "ConversionSoftwareVersion": "v1.0.20181125  GCC6.3.0",
    "EchoTime": 0.02763,
    "FlipAngle": 76.1,
    "ImageComments": "PIOP2",
    "ImageOrientationPatientDICOM": [
      0.999946,
      0.00948479,
      0.00421994,
      -0.00925001,
      0.998575,
      -0.0525515
    ],
    "Manufacturer": "Philips",
    "NumberOfVolumesDiscardedByScanner": 2,
    "ParallelAcquisitionTechnique": "SENSE",
    "ParallelReductionFactorInPlane": 2,
    "PatientPosition": "HFS",
    "PhaseEncodingDirection": "j",
    "PhilipsRescaleIntercept": 0,
    "PhilipsRescaleSlope": 0.78706,
    "PhilipsScaleSlope": 0.0600725,
    "ProtocolName": "WIPtask-harriri_boldSENSE",
    "PulseSequenceType": "gradient echo EPI",
    "ReconMatrixPE": 80,
    "RepetitionTime": 2,
    "SeriesDescription": "ImageMRSERIES",
    "SeriesNumber": 8,
    "SliceEncodingDirection": "k",
    "TaskName": "emomatching",
    "UsePhilipsFloatNotDisplayScaling": 1,
    "WaterFatShift": 12,
    "acq_id": "seq",
    "dataset": "unknown",
    "modality": "bold",
    "subject_id": "0080",
    "task_id": "emomatching"
  },
  "dummy_trs": 0,
  "dvars_nstd": 16.18609547238805,
  "dvars_std": 1.1614883873134332,
  "dvars_vstd": 1.0089715223134326,
  "efc": 0.3946616318096428,
  "fber": 3007656448.0,
  "fd_mean": 0.14435870750040064,
  "fd_num": 25,
  "fd_perc": 18.51851851851852,
  "fwhm_avg": 2.5986367792765797,
  "fwhm_x": 2.497523333333333,
  "fwhm_y": 2.8900566666666667,
  "fwhm_z": 2.408330337829739,
  "gcor": 0.0154005,
  "gsr_x": -0.003506355220451951,
  "gsr_y": 0.002347139175981283,
  "provenance": {
    "md5sum": "d3e08a3a2dd99e1998315178d5e5c80c",
    "settings": {
      "fd_thres": 0.2,
      "hmc_fsl": false
    },
    "software": "mriqc",
    "version": "0.15.0",
    "webapi_port": null,
    "webapi_url": "https://mriqc.nimh.nih.gov/api/v1"
  },
  "size_t": 135,
  "size_x": 80,
  "size_y": 80,
  "size_z": 36,
  "snr": 4.893324605278334,
  "spacing_tr": 2.0,
  "spacing_x": 3.0,
  "spacing_y": 3.0,
  "spacing_z": 3.299999952316284,
  "spikes_num": 0,
  "summary_bg_k": 99.7601185639625,
  "summary_bg_mad": 0.5913041830062866,
  "summary_bg_mean": 156.63711547851562,
  "summary_bg_median": 0.40219515562057495,
  "summary_bg_n": 150914.0,
  "summary_bg_p05": 0.0009046740509802478,
  "summary_bg_p95": 674.3961334228546,
  "summary_bg_stdv": 930.0659790039062,
  "summary_fg_k": 2.090569409190568,
  "summary_fg_mad": 3962.46435546875,
  "summary_fg_mean": 23319.55078125,
  "summary_fg_median": 23206.30859375,
  "summary_fg_n": 39672.0,
  "summary_fg_p05": 15712.19267578125,
  "summary_fg_p95": 30635.88037109375,
  "summary_fg_stdv": 4742.38232421875,
  "tsnr": 102.14678955078125
}