{
    "Manufacturer": "Philips",
    "PatientPosition": "HFS",
    "SeriesDescription": "ImageMRSERIES",
    "ProtocolName": "WIPT1anat_acq-6m_T1wSENSE",
    "SeriesNumber": 2,
    "AcquisitionNumber": 2,
    "ImageComments": "PIOP2",
    "PhilipsRescaleSlope": 8.863,
    "PhilipsRescaleIntercept": 0,
    "PhilipsScaleSlope": 0.00687071,
    "UsePhilipsFloatNotDisplayScaling": 1,
    "EchoTime": 0.00377,
    "RepetitionTime": 0.008208,
    "ReconMatrixPE": 240,
    "ImageOrientationPatientDICOM": [
        0.997286,
        -0.0645599,
        0.0353948,
        0.0665893,
        0.996004,
        -0.0595195
    ],
    "ConversionSoftware": "dcm2niix",
    "ConversionSoftwareVersion": "v1.0.20181125  GCC6.3.0",
    "BidsifyVersion": "0.3.5"
}