{
  "aor": 0.004227685185185185,
  "aqi": 0.0067231081481481485,
  "bids_meta": {
    "AcquisitionNumber": 7,
    "BidsifyVersion": "0.3.5",
    "ConversionSoftware": "dcm2niix",
    "ConversionSoftwareVersion": "v1.0.20181125  GCC6.3.0",
    "EchoTime": 0.02763,
    "EffectiveEchoSpacing": 0.0006909035636805814,
    "FlipAngle": 76.1,
    "ImageComments": "PIOP2",
    "ImageOrientationPatientDICOM": [
      0.998907,
      -0.0238429,
      0.0402016,
      0.0233661,
      0.999651,
      0.0122879
    ],
    "Manufacturer": "Philips",
    "NumberOfVolumesDiscardedByScanner": 2,
    "ParallelAcquisitionTechnique": "SENSE",
    "ParallelReductionFactorInPlane": 2,
    "PatientPosition": "HFS",
    "PhaseEncodingDirection": "j",
    "PhilipsRescaleIntercept": 0,
    "PhilipsRescaleSlope": 0.74799,
    "PhilipsScaleSlope": 0.0509634,
    "ProtocolName": "WIPtask-stop_boldSENSE",
    "PulseSequenceType": "gradient echo EPI",
    "ReconMatrixPE": 80,
    "RepetitionTime": 2,
    "SeriesDescription": "ImageMRSERIES",
    "SeriesNumber": 7,
    "SliceEncodingDirection": "k",
    "SliceTiming": [
      0.0,
      0.0556,
      0.1111,
      0.1667,
      0.2222,
      0.2778,
      0.3333,
      0.3889,
      0.4444,
      0.5,
      0.5556,
      0.6111,
      0.6667,
      0.7222,
      0.7778,
      0.8333,
      0.8889,
      0.9444,
      1.0,
      1.0556,
      1.1111,
      1.1667,
      1.2222,
      1.2778,
      1.3333,
      1.3889,
      1.4444,
      1.5,
      1.5556,
      1.6111,
      1.6667,
      1.7222,
      1.7778,
      1.8333,
      1.8889,
      1.9444
    ],
    "TaskName": "stopsignal",
    "TotalReadoutTime": 0.026945238983542674,
    "UsePhilipsFloatNotDisplayScaling": 1,
    "WaterFatShift": 12,
    "acq_id": "seq",
    "dataset": "unknown",
    "modality": "bold",
    "subject_id": "0044",
    "task_id": "stopsignal"
  },
  "dummy_trs": 0,
  "dvars_nstd": 24.810744174651163,
  "dvars_std": 1.2545448562790698,
  "dvars_vstd": 1.438976194,
  "efc": 0.39819738263616805,
  "fber": 315534560.0,
  "fd_mean": 0.1705926630327231,
  "fd_num": 57,
  "fd_perc": 26.38888888888889,
  "fwhm_avg": 2.7446780927585075,
  "fwhm_x": 2.605166666666667,
  "fwhm_y": 3.147743333333333,
  "fwhm_z": 2.4811242782755225,
  "gcor": 0.0280418,
  "gsr_x": -0.001889932667836547,
  "gsr_y": 0.005155688151717186,
  "provenance": {
    "md5sum": "80f0d5793a23e248b1a9e945a5603a77",
    "settings": {
      "fd_thres": 0.2,
      "hmc_fsl": false
    },
    "software": "mriqc",
    "version": "0.15.0",
    "webapi_port": null,
    "webapi_url": "https://mriqc.nimh.nih.gov/api/v1"
  },
  "size_t": 216,
  "size_x": 80,
  "size_y": 80,
  "size_z": 36,
  "snr": 4.617039428988295,
  "spacing_tr": 2.0,
  "spacing_x": 3.0,
  "spacing_y": 3.0,
  "spacing_z": 3.299999952316284,
  "spikes_num": 7,
  "summary_bg_k": 82.25045150003105,
  "summary_bg_mad": 1.8967541456222534,
  "summary_bg_mean": 213.37435913085938,
  "summary_bg_median": 1.305655837059021,
  "summary_bg_n": 150113.0,
  "summary_bg_p05": 0.0065064882859587675,
  "summary_bg_p95": 879.6230468749993,
  "summary_bg_stdv": 1209.251953125,
  "summary_fg_k": 2.567873580208956,
  "summary_fg_mad": 4539.720703125,
  "summary_fg_mean": 25514.794921875,
  "summary_fg_median": 25591.19921875,
  "summary_fg_n": 39664.0,
  "summary_fg_p05": 16563.437109375,
  "summary_fg_p95": 33585.59394531249,
  "summary_fg_stdv": 5542.70263671875,
  "tsnr": 60.36669158935547
}