{
  "aor": 0.001051125,
  "aqi": 0.0032430449374999996,
  "bids_meta": {
    "AcquisitionNumber": 3,
    "BidsifyVersion": "0.3.5",
    "ConversionSoftware": "dcm2niix",
    "ConversionSoftwareVersion": "v1.0.20181125  GCC6.3.0",
    "EchoTime": 0.02763,
    "FlipAngle": 76.1,
    "ImageComments": "PIOP2",
    "ImageOrientationPatientDICOM": [
      0.99683,
      0.0769785,
      -0.0201197,
      -0.0781021,
      0.994965,
      -0.0628043
    ],
    "Manufacturer": "Philips",
    "NumberOfVolumesDiscardedByScanner": 2,
    "ParallelAcquisitionTechnique": "SENSE",
    "ParallelReductionFactorInPlane": 2,
    "PatientPosition": "HFS",
    "PhaseEncodingDirection": "j",
    "PhilipsRescaleIntercept": 0,
    "PhilipsRescaleSlope": 0.7939,
    "PhilipsScaleSlope": 0.0476377,
    "ProtocolName": "WIPtask-wm_boldSENSE",
    "PulseSequenceType": "gradient echo EPI",
    "ReconMatrixPE": 80,
    "RepetitionTime": 2,
    "SeriesDescription": "ImageMRSERIES",
    "SeriesNumber": 3,
    "SliceEncodingDirection": "k",
    "TaskName": "workingmemory",
    "UsePhilipsFloatNotDisplayScaling": 1,
    "WaterFatShift": 12,
    "acq_id": "seq",
    "dataset": "unknown",
    "modality": "bold",
    "subject_id": "0195",
    "task_id": "workingmemory"
  },
  "dummy_trs": 0,
  "dvars_nstd": 17.982787174213836,
  "dvars_std": 1.1734290166666674,
  "dvars_vstd": 1.002675772893082,
  "efc": 0.4270111876445986,
  "fber": 2045511424.0,
  "fd_mean": 0.08882611900927966,
  "fd_num": 2,
  "fd_perc": 1.25,
  "fwhm_avg": 2.5456452634888582,
  "fwhm_x": 2.528983333333333,
  "fwhm_y": 2.8317099999999997,
  "fwhm_z": 2.276242457133242,
  "gcor": 0.0240176,
  "gsr_x": 0.0024099054280668497,
  "gsr_y": 0.00010773901885841042,
  "provenance": {
    "md5sum": "2b486bd715dd8829f4c90f3f0ad7b436",
    "settings": {
      "fd_thres": 0.2,
      "hmc_fsl": false
    },
    "software": "mriqc",
    "version": "0.15.0",
    "webapi_port": null,
    "webapi_url": "https://mriqc.nimh.nih.gov/api/v1"
  },
  "size_t": 160,
  "size_x": 80,
  "size_y": 80,
  "size_z": 36,
  "snr": 4.901523431679657,
  "spacing_tr": 2.0,
  "spacing_x": 3.0,
  "spacing_y": 3.0,
  "spacing_z": 3.299999952316284,
  "spikes_num": 0,
  "summary_bg_k": 107.30733270819977,
  "summary_bg_mad": 0.790161669254303,
  "summary_bg_mean": 223.36412048339844,
  "summary_bg_median": 0.5329559445381165,
  "summary_bg_n": 144110.0,
  "summary_bg_p05": 0.0,
  "summary_bg_p95": 1165.3053466796869,
  "summary_bg_stdv": 1244.7137451171875,
  "summary_fg_k": 2.5344222307748225,
  "summary_fg_mad": 4724.97265625,
  "summary_fg_mean": 27259.517578125,
  "summary_fg_median": 27181.23828125,
  "summary_fg_n": 45002.0,
  "summary_fg_p05": 18645.8884765625,
  "summary_fg_p95": 35410.892773437496,
  "summary_fg_stdv": 5545.40576171875,
  "tsnr": 86.93115997314453
}