{
    "Manufacturer": "Philips",
    "PatientPosition": "HFS",
    "SeriesDescription": "ImageMRSERIES",
    "ProtocolName": "WIPT1anat_acq-6m_T1wSENSE",
    "SeriesNumber": 2,
    "AcquisitionNumber": 2,
    "ImageComments": "PIOP2",
    "PhilipsRescaleSlope": 9.17607,
    "PhilipsRescaleIntercept": 0,
    "PhilipsScaleSlope": 0.00682974,
    "UsePhilipsFloatNotDisplayScaling": 1,
    "EchoTime": 0.00378,
    "RepetitionTime": 0.008218,
    "ReconMatrixPE": 240,
    "ImageOrientationPatientDICOM": [
        0.997856,
        0.0568967,
        0.0323421,
        -0.0591088,
        0.995641,
        0.0721482
    ],
    "ConversionSoftware": "dcm2niix",
    "ConversionSoftwareVersion": "v1.0.20181125  GCC6.3.0",
    "BidsifyVersion": "0.3.5"
}