{
  "aor": 0.001315583333333333,
  "aqi": 0.006106545166666667,
  "bids_meta": {
    "AcquisitionNumber": 4,
    "BidsifyVersion": "0.3.5",
    "ConversionSoftware": "dcm2niix",
    "ConversionSoftwareVersion": "v1.0.20181125  GCC6.3.0",
    "EchoTime": 0.02763,
    "FlipAngle": 76.1,
    "ImageComments": "PIOP2",
    "ImageOrientationPatientDICOM": [
      0.996155,
      0.0794517,
      -0.0369134,
      -0.0813738,
      0.995227,
      -0.0538662
    ],
    "Manufacturer": "Philips",
    "NumberOfVolumesDiscardedByScanner": 2,
    "ParallelAcquisitionTechnique": "SENSE",
    "ParallelReductionFactorInPlane": 2,
    "PatientPosition": "HFS",
    "PhaseEncodingDirection": "j",
    "PhilipsRescaleIntercept": 0,
    "PhilipsRescaleSlope": 0.79976,
    "PhilipsScaleSlope": 0.0568917,
    "ProtocolName": "WIPtask-rest_boldSENSE",
    "PulseSequenceType": "gradient echo EPI",
    "ReconMatrixPE": 80,
    "RepetitionTime": 2,
    "SeriesDescription": "ImageMRSERIES",
    "SeriesNumber": 4,
    "SliceEncodingDirection": "k",
    "TaskName": "restingstate",
    "UsePhilipsFloatNotDisplayScaling": 1,
    "WaterFatShift": 12,
    "acq_id": "seq",
    "dataset": "unknown",
    "modality": "bold",
    "subject_id": "0129",
    "task_id": "restingstate"
  },
  "dummy_trs": 0,
  "dvars_nstd": 22.20420858150628,
  "dvars_std": 1.1661006925104604,
  "dvars_vstd": 0.9680090597071127,
  "efc": 0.4107391132460553,
  "fber": 561648832.0,
  "fd_mean": 0.16088282167565274,
  "fd_num": 57,
  "fd_perc": 23.75,
  "fwhm_avg": 2.6089262739777754,
  "fwhm_x": 2.5569333333333333,
  "fwhm_y": 2.913066666666667,
  "fwhm_z": 2.3567788219333248,
  "gcor": 0.0198646,
  "gsr_x": 0.005191834643483162,
  "gsr_y": -0.0003236947814002633,
  "provenance": {
    "md5sum": "b5091b59ad15a34db62d585548198b69",
    "settings": {
      "fd_thres": 0.2,
      "hmc_fsl": false
    },
    "software": "mriqc",
    "version": "0.15.0",
    "webapi_port": null,
    "webapi_url": "https://mriqc.nimh.nih.gov/api/v1"
  },
  "size_t": 240,
  "size_x": 80,
  "size_y": 80,
  "size_z": 36,
  "snr": 4.502401777743195,
  "spacing_tr": 2.0,
  "spacing_x": 3.0,
  "spacing_y": 3.0,
  "spacing_z": 3.299999952316284,
  "spikes_num": 0,
  "summary_bg_k": 74.65286703336231,
  "summary_bg_mad": 1.3486660718917847,
  "summary_bg_mean": 236.4560089111328,
  "summary_bg_median": 0.9236234426498413,
  "summary_bg_n": 147267.0,
  "summary_bg_p05": 0.0035700069740414618,
  "summary_bg_p95": 1047.0395996093735,
  "summary_bg_stdv": 1318.7919921875,
  "summary_fg_k": 2.2410839203171173,
  "summary_fg_mad": 4460.544921875,
  "summary_fg_mean": 24168.30859375,
  "summary_fg_median": 24069.837890625,
  "summary_fg_n": 42083.0,
  "summary_fg_p05": 15861.844042968749,
  "summary_fg_p95": 32292.365625000002,
  "summary_fg_stdv": 5345.93603515625,
  "tsnr": 69.01045227050781
}