{
  "bids_meta": {
    "AcquisitionNumber": 2,
    "BidsifyVersion": "0.3.5",
    "ConversionSoftware": "dcm2niix",
    "ConversionSoftwareVersion": "v1.0.20181125  GCC6.3.0",
    "EchoTime": 0.00373,
    "ImageComments": "PIOP2",
    "ImageOrientationPatientDICOM": [
      0.999605,
      0.00657565,
      0.0273177,
      -0.00819999,
      0.998178,
      0.0597812
    ],
    "Manufacturer": "Philips",
    "NumberSignalAcquisitions": 2,
    "PatientPosition": "HFS",
    "PhilipsRescaleIntercept": 0,
    "PhilipsRescaleSlope": 8.46398,
    "PhilipsScaleSlope": 0.00748753,
    "ProtocolName": "WIPT1anat_acq-6m_T1wSENSE",
    "ReconMatrixPE": 240,
    "RepetitionTime": 0.008161,
    "SeriesDescription": "ImageMRSERIES",
    "SeriesNumber": 2,
    "UsePhilipsFloatNotDisplayScaling": 1,
    "dataset": "unknown",
    "modality": "T1w",
    "subject_id": "0134"
  },
  "cjv": 0.2624949533714999,
  "cnr": 4.449984303908794,
  "efc": 0.7528023710243298,
  "fber": 1049.66064453125,
  "fwhm_avg": 4.531303333333334,
  "fwhm_x": 4.16184,
  "fwhm_y": 4.65468,
  "fwhm_z": 4.77739,
  "icvs_csf": 0.2483248642274376,
  "icvs_gm": 0.41082398314504764,
  "icvs_wm": 0.34085115262751475,
  "inu_med": 0.5136604309082031,
  "inu_range": 0.17578575015068054,
  "provenance": {
    "md5sum": "8fc6e99a1b48482104ff99f050667414",
    "settings": {
      "testing": false
    },
    "software": "mriqc",
    "version": "0.15.0",
    "warnings": {
      "large_rot_frame": true,
      "small_air_mask": true
    },
    "webapi_port": null,
    "webapi_url": "https://mriqc.nimh.nih.gov/api/v1"
  },
  "qi_1": 0.0,
  "qi_2": 9.265150834940301e-05,
  "rpve_csf": 25.07667454106502,
  "rpve_gm": 15.183928886294682,
  "rpve_wm": 22.764539242857296,
  "size_x": 240,
  "size_y": 240,
  "size_z": 220,
  "snr_csf": 2.7238350979167114,
  "snr_gm": 9.315747561364983,
  "snr_total": 11.626019299377527,
  "snr_wm": 22.838475238850883,
  "snrd_csf": 17.914897754337858,
  "snrd_gm": 36.90061058936992,
  "snrd_total": 37.612871822210145,
  "snrd_wm": 58.02310712292265,
  "spacing_x": 1.0,
  "spacing_y": 1.0,
  "spacing_z": 1.0,
  "summary_bg_k": 9.151143977381365,
  "summary_bg_mad": 11.29098129272461,
  "summary_bg_mean": 12.73643684387207,
  "summary_bg_median": 7.794376373291016,
  "summary_bg_n": 158466.0,
  "summary_bg_p05": 0.0,
  "summary_bg_p95": 30.948713779449463,
  "summary_bg_stdv": 10.713884353637695,
  "summary_csf_k": -0.971479502174013,
  "summary_csf_mad": 136.90415954589844,
  "summary_csf_mean": 294.8677062988281,
  "summary_csf_median": 308.7552185058594,
  "summary_csf_n": 14433.0,
  "summary_csf_p05": 116.890869140625,
  "summary_csf_p95": 458.0467346191406,
  "summary_csf_stdv": 113.34919738769531,
  "summary_gm_k": 0.901989211530529,
  "summary_gm_mad": 59.064109802246094,
  "summary_gm_mean": 642.3814086914062,
  "summary_gm_median": 635.9654541015625,
  "summary_gm_n": 23529.0,
  "summary_gm_p05": 540.1109130859376,
  "summary_gm_p95": 767.6687744140625,
  "summary_gm_stdv": 68.2663345336914,
  "summary_wm_k": 2.19095639810177,
  "summary_wm_mad": 36.49369812011719,
  "summary_wm_mean": 995.2391357421875,
  "summary_wm_median": 1000.002197265625,
  "summary_wm_n": 181958.0,
  "summary_wm_p05": 913.8976135253906,
  "summary_wm_p95": 1056.5944885253907,
  "summary_wm_stdv": 43.785736083984375,
  "tpm_overlap_csf": 0.21492715179920197,
  "tpm_overlap_gm": 0.5076909065246582,
  "tpm_overlap_wm": 0.5651466250419617,
  "wm2max": 0.6080816329377915
}