{
    "Manufacturer": "Philips",
    "PatientPosition": "HFS",
    "SeriesDescription": "ImageMRSERIES",
    "ProtocolName": "WIPT1anat_acq-6m_T1wSENSE",
    "SeriesNumber": 2,
    "AcquisitionNumber": 2,
    "ImageComments": "PIOP2",
    "PhilipsRescaleSlope": 9.16557,
    "PhilipsRescaleIntercept": 0,
    "PhilipsScaleSlope": 0.00718931,
    "UsePhilipsFloatNotDisplayScaling": 1,
    "EchoTime": 0.00379,
    "RepetitionTime": 0.00824,
    "ReconMatrixPE": 240,
    "ImageOrientationPatientDICOM": [
        0.996185,
        0.078988,
        -0.037099,
        -0.0815512,
        0.993949,
        -0.0735894
    ],
    "ConversionSoftware": "dcm2niix",
    "ConversionSoftwareVersion": "v1.0.20181125  GCC6.3.0",
    "BidsifyVersion": "0.3.5"
}