{
  "aor": 0.0021208675799086756,
  "aqi": 0.0034455457534246577,
  "bids_meta": {
    "AcquisitionNumber": 7,
    "BidsifyVersion": "0.3.5",
    "ConversionSoftware": "dcm2niix",
    "ConversionSoftwareVersion": "v1.0.20181125  GCC6.3.0",
    "EchoTime": 0.02763,
    "FlipAngle": 76.1,
    "ImageComments": "PIOP2",
    "ImageOrientationPatientDICOM": [
      0.999917,
      -0.00187775,
      -0.0127778,
      0,
      0.989374,
      -0.145392
    ],
    "Manufacturer": "Philips",
    "NumberOfVolumesDiscardedByScanner": 2,
    "ParallelAcquisitionTechnique": "SENSE",
    "ParallelReductionFactorInPlane": 2,
    "PatientPosition": "HFS",
    "PhaseEncodingDirection": "j",
    "PhilipsRescaleIntercept": 0,
    "PhilipsRescaleSlope": 0.83248,
    "PhilipsScaleSlope": 0.0484065,
    "ProtocolName": "WIPtask-stop_boldSENSE",
    "PulseSequenceType": "gradient echo EPI",
    "ReconMatrixPE": 80,
    "RepetitionTime": 2,
    "SeriesDescription": "ImageMRSERIES",
    "SeriesNumber": 7,
    "SliceEncodingDirection": "k",
    "TaskName": "stopsignal",
    "UsePhilipsFloatNotDisplayScaling": 1,
    "WaterFatShift": 12,
    "acq_id": "seq",
    "dataset": "unknown",
    "modality": "bold",
    "subject_id": "0211",
    "task_id": "stopsignal"
  },
  "dummy_trs": 0,
  "dvars_nstd": 21.15137488674312,
  "dvars_std": 1.3506451663302754,
  "dvars_vstd": 1.0007361547706422,
  "efc": 0.39027266251897336,
  "fber": 1728217728.0,
  "fd_mean": 0.10163447040967605,
  "fd_num": 17,
  "fd_perc": 7.762557077625571,
  "fwhm_avg": 2.5399145566011216,
  "fwhm_x": 2.48291,
  "fwhm_y": 2.8226033333333334,
  "fwhm_z": 2.3142303364700307,
  "gcor": 0.0271553,
  "gsr_x": -0.0038774264976382256,
  "gsr_y": 0.0019561732187867165,
  "provenance": {
    "md5sum": "70525dc6b4fc96080991478ebba422ff",
    "settings": {
      "fd_thres": 0.2,
      "hmc_fsl": false
    },
    "software": "mriqc",
    "version": "0.15.0",
    "webapi_port": null,
    "webapi_url": "https://mriqc.nimh.nih.gov/api/v1"
  },
  "size_t": 219,
  "size_x": 80,
  "size_y": 80,
  "size_z": 36,
  "snr": 4.451643981994821,
  "spacing_tr": 2.0,
  "spacing_x": 3.0,
  "spacing_y": 3.0,
  "spacing_z": 3.299999952316284,
  "spikes_num": 5,
  "summary_bg_k": 162.85561166851156,
  "summary_bg_mad": 0.8707498908042908,
  "summary_bg_mean": 219.42471313476562,
  "summary_bg_median": 0.5898760557174683,
  "summary_bg_n": 152506.0,
  "summary_bg_p05": 0.0015129777893889695,
  "summary_bg_p95": 797.9469757080078,
  "summary_bg_stdv": 1253.8785400390625,
  "summary_fg_k": 1.7979529120790092,
  "summary_fg_mad": 5234.94384765625,
  "summary_fg_mean": 27746.458984375,
  "summary_fg_median": 27598.619140625,
  "summary_fg_n": 38225.0,
  "summary_fg_p05": 18215.855078125,
  "summary_fg_p95": 37642.31640625,
  "summary_fg_stdv": 6199.5654296875,
  "tsnr": 80.95742797851562
}