{
  "aor": 0.007281621621621622,
  "aqi": 0.01587934382882883,
  "bids_meta": {
    "AcquisitionNumber": 7,
    "BidsifyVersion": "0.3.5",
    "ConversionSoftware": "dcm2niix",
    "ConversionSoftwareVersion": "v1.0.20181125  GCC6.3.0",
    "EchoTime": 0.02763,
    "FlipAngle": 76.1,
    "ImageComments": "PIOP2",
    "ImageOrientationPatientDICOM": [
      0.999151,
      -0.029295,
      -0.0289775,
      0.0291305,
      0.999557,
      -0.00608304
    ],
    "Manufacturer": "Philips",
    "NumberOfVolumesDiscardedByScanner": 2,
    "ParallelAcquisitionTechnique": "SENSE",
    "ParallelReductionFactorInPlane": 2,
    "PatientPosition": "HFS",
    "PhaseEncodingDirection": "j",
    "PhilipsRescaleIntercept": 0,
    "PhilipsRescaleSlope": 0.77485,
    "PhilipsScaleSlope": 0.0564579,
    "ProtocolName": "WIPtask-stop_boldSENSE",
    "PulseSequenceType": "gradient echo EPI",
    "ReconMatrixPE": 80,
    "RepetitionTime": 2,
    "SeriesDescription": "ImageMRSERIES",
    "SeriesNumber": 7,
    "SliceEncodingDirection": "k",
    "TaskName": "stopsignal",
    "UsePhilipsFloatNotDisplayScaling": 1,
    "WaterFatShift": 12,
    "acq_id": "seq",
    "dataset": "unknown",
    "modality": "bold",
    "subject_id": "0186",
    "task_id": "stopsignal"
  },
  "dummy_trs": 0,
  "dvars_nstd": 18.7825127860181,
  "dvars_std": 1.00524589280543,
  "dvars_vstd": 0.9249831719457016,
  "efc": 0.3960889077505559,
  "fber": 55240228.0,
  "fd_mean": 0.19525130239577476,
  "fd_num": 63,
  "fd_perc": 28.37837837837838,
  "fwhm_avg": 2.7137960727073764,
  "fwhm_x": 2.6034533333333334,
  "fwhm_y": 3.0254833333333333,
  "fwhm_z": 2.5124515514554626,
  "gcor": 0.0101242,
  "gsr_x": -0.0030301606748253107,
  "gsr_y": 0.002667234977707267,
  "provenance": {
    "md5sum": "56fb682e27fdcf90d7cae1ac0628775b",
    "settings": {
      "fd_thres": 0.2,
      "hmc_fsl": false
    },
    "software": "mriqc",
    "version": "0.15.0",
    "webapi_port": null,
    "webapi_url": "https://mriqc.nimh.nih.gov/api/v1"
  },
  "size_t": 222,
  "size_x": 80,
  "size_y": 80,
  "size_z": 36,
  "snr": 4.891972275748006,
  "spacing_tr": 2.0,
  "spacing_x": 3.0,
  "spacing_y": 3.0,
  "spacing_z": 3.299999952316284,
  "spikes_num": 3,
  "summary_bg_k": 130.69007633058033,
  "summary_bg_mad": 4.377223014831543,
  "summary_bg_mean": 146.31797790527344,
  "summary_bg_median": 2.952392101287842,
  "summary_bg_n": 150510.0,
  "summary_bg_p05": 0.0,
  "summary_bg_p95": 708.1029846191404,
  "summary_bg_stdv": 783.0032958984375,
  "summary_fg_k": 2.11883362195982,
  "summary_fg_mad": 4213.82763671875,
  "summary_fg_mean": 23886.9765625,
  "summary_fg_median": 23855.021484375,
  "summary_fg_n": 39703.0,
  "summary_fg_p05": 16315.21396484375,
  "summary_fg_p95": 31400.405468750003,
  "summary_fg_stdv": 4876.29931640625,
  "tsnr": 45.948341369628906
}