{
  "aor": 0.0016056296296296296,
  "aqi": 0.0034963788148148147,
  "bids_meta": {
    "AcquisitionNumber": 8,
    "BidsifyVersion": "0.3.5",
    "ConversionSoftware": "dcm2niix",
    "ConversionSoftwareVersion": "v1.0.20181125  GCC6.3.0",
    "EchoTime": 0.02763,
    "EffectiveEchoSpacing": 0.0006909035636805814,
    "FlipAngle": 76.1,
    "ImageComments": "PIOP2",
    "ImageOrientationPatientDICOM": [
      0.995631,
      0.06163,
      -0.0701516,
      -0.0656061,
      0.996281,
      -0.05586
    ],
    "Manufacturer": "Philips",
    "NumberOfVolumesDiscardedByScanner": 2,
    "ParallelAcquisitionTechnique": "SENSE",
    "ParallelReductionFactorInPlane": 2,
    "PatientPosition": "HFS",
    "PhaseEncodingDirection": "j",
    "PhilipsRescaleIntercept": 0,
    "PhilipsRescaleSlope": 0.86032,
    "PhilipsScaleSlope": 0.0570187,
    "ProtocolName": "WIPtask-harriri_boldSENSE",
    "PulseSequenceType": "gradient echo EPI",
    "ReconMatrixPE": 80,
    "RepetitionTime": 2,
    "SeriesDescription": "ImageMRSERIES",
    "SeriesNumber": 8,
    "SliceEncodingDirection": "k",
    "SliceTiming": [
      0.0,
      0.0556,
      0.1111,
      0.1667,
      0.2222,
      0.2778,
      0.3333,
      0.3889,
      0.4444,
      0.5,
      0.5556,
      0.6111,
      0.6667,
      0.7222,
      0.7778,
      0.8333,
      0.8889,
      0.9444,
      1.0,
      1.0556,
      1.1111,
      1.1667,
      1.2222,
      1.2778,
      1.3333,
      1.3889,
      1.4444,
      1.5,
      1.5556,
      1.6111,
      1.6667,
      1.7222,
      1.7778,
      1.8333,
      1.8889,
      1.9444
    ],
    "TaskName": "emomatching",
    "TotalReadoutTime": 0.026945238983542674,
    "UsePhilipsFloatNotDisplayScaling": 1,
    "WaterFatShift": 12,
    "acq_id": "seq",
    "dataset": "unknown",
    "modality": "bold",
    "subject_id": "0224",
    "task_id": "emomatching"
  },
  "dummy_trs": 0,
  "dvars_nstd": 22.365336261716426,
  "dvars_std": 1.3624036841044773,
  "dvars_vstd": 1.0302317410447763,
  "efc": 0.4172116360120725,
  "fber": 666079424.0,
  "fd_mean": 0.13692198943880296,
  "fd_num": 24,
  "fd_perc": 17.77777777777778,
  "fwhm_avg": 2.4346670813284397,
  "fwhm_x": 2.39883,
  "fwhm_y": 2.6999833333333334,
  "fwhm_z": 2.205187910651986,
  "gcor": 0.0398684,
  "gsr_x": 9.885604231385514e-05,
  "gsr_y": -4.369083035271615e-05,
  "provenance": {
    "md5sum": "c0d67ae4b9854f674a80923cb416640c",
    "settings": {
      "fd_thres": 0.2,
      "hmc_fsl": false
    },
    "software": "mriqc",
    "version": "0.15.0",
    "webapi_port": null,
    "webapi_url": "https://mriqc.nimh.nih.gov/api/v1"
  },
  "size_t": 135,
  "size_x": 80,
  "size_y": 80,
  "size_z": 36,
  "snr": 4.979171663689339,
  "spacing_tr": 2.0,
  "spacing_x": 3.0,
  "spacing_y": 3.0,
  "spacing_z": 3.299999952316284,
  "spikes_num": 0,
  "summary_bg_k": 75.1118936088418,
  "summary_bg_mad": 1.3085013628005981,
  "summary_bg_mean": 213.0455322265625,
  "summary_bg_median": 0.8925995826721191,
  "summary_bg_n": 146384.0,
  "summary_bg_p05": 0.0034893221338279552,
  "summary_bg_p95": 1031.5600830078135,
  "summary_bg_stdv": 1140.3875732421875,
  "summary_fg_k": 2.709036644770907,
  "summary_fg_mad": 4252.4287109375,
  "summary_fg_mean": 25093.2734375,
  "summary_fg_median": 25108.931640625,
  "summary_fg_n": 43426.0,
  "summary_fg_p05": 17250.310546875,
  "summary_fg_p95": 32449.134765625,
  "summary_fg_stdv": 5042.73486328125,
  "tsnr": 91.51470184326172
}