{
  "aor": 0.000983185185185185,
  "aqi": 0.0021418420740740743,
  "bids_meta": {
    "AcquisitionNumber": 8,
    "BidsifyVersion": "0.3.5",
    "ConversionSoftware": "dcm2niix",
    "ConversionSoftwareVersion": "v1.0.20181125  GCC6.3.0",
    "EchoTime": 0.02763,
    "EffectiveEchoSpacing": 0.0006909035636805814,
    "FlipAngle": 76.1,
    "ImageComments": "PIOP2",
    "ImageOrientationPatientDICOM": [
      0.998191,
      -0.0576787,
      -0.0169614,
      0.0580797,
      0.998019,
      0.0241857
    ],
    "Manufacturer": "Philips",
    "NumberOfVolumesDiscardedByScanner": 2,
    "ParallelAcquisitionTechnique": "SENSE",
    "ParallelReductionFactorInPlane": 2,
    "PatientPosition": "HFS",
    "PhaseEncodingDirection": "j",
    "PhilipsRescaleIntercept": 0,
    "PhilipsRescaleSlope": 0.74359,
    "PhilipsScaleSlope": 0.0615723,
    "ProtocolName": "WIPtask-harriri_boldSENSE",
    "PulseSequenceType": "gradient echo EPI",
    "ReconMatrixPE": 80,
    "RepetitionTime": 2,
    "SeriesDescription": "ImageMRSERIES",
    "SeriesNumber": 8,
    "SliceEncodingDirection": "k",
    "SliceTiming": [
      0.0,
      0.0556,
      0.1111,
      0.1667,
      0.2222,
      0.2778,
      0.3333,
      0.3889,
      0.4444,
      0.5,
      0.5556,
      0.6111,
      0.6667,
      0.7222,
      0.7778,
      0.8333,
      0.8889,
      0.9444,
      1.0,
      1.0556,
      1.1111,
      1.1667,
      1.2222,
      1.2778,
      1.3333,
      1.3889,
      1.4444,
      1.5,
      1.5556,
      1.6111,
      1.6667,
      1.7222,
      1.7778,
      1.8333,
      1.8889,
      1.9444
    ],
    "TaskName": "emomatching",
    "TotalReadoutTime": 0.026945238983542674,
    "UsePhilipsFloatNotDisplayScaling": 1,
    "WaterFatShift": 12,
    "acq_id": "seq",
    "dataset": "unknown",
    "modality": "bold",
    "subject_id": "0090",
    "task_id": "emomatching"
  },
  "dummy_trs": 0,
  "dvars_nstd": 17.74339946365671,
  "dvars_std": 1.2534477045522392,
  "dvars_vstd": 1.0086784638059703,
  "efc": 0.4038453980503623,
  "fber": 6206619136.0,
  "fd_mean": 0.10446475210548477,
  "fd_num": 0,
  "fd_perc": 0.0,
  "fwhm_avg": 2.515187081879612,
  "fwhm_x": 2.45452,
  "fwhm_y": 2.7714200000000004,
  "fwhm_z": 2.3196212456388365,
  "gcor": 0.0187973,
  "gsr_x": -0.0018614225555211306,
  "gsr_y": 0.00010206770821241662,
  "provenance": {
    "md5sum": "37b58a17ca55553867441503ed51fe4c",
    "settings": {
      "fd_thres": 0.2,
      "hmc_fsl": false
    },
    "software": "mriqc",
    "version": "0.15.0",
    "webapi_port": null,
    "webapi_url": "https://mriqc.nimh.nih.gov/api/v1"
  },
  "size_t": 135,
  "size_x": 80,
  "size_y": 80,
  "size_z": 36,
  "snr": 4.650299914553267,
  "spacing_tr": 2.0,
  "spacing_x": 3.0,
  "spacing_y": 3.0,
  "spacing_z": 3.299999952316284,
  "spikes_num": 0,
  "summary_bg_k": 125.76563757102934,
  "summary_bg_mad": 0.4046039581298828,
  "summary_bg_mean": 130.88551330566406,
  "summary_bg_median": 0.2747132182121277,
  "summary_bg_n": 148701.0,
  "summary_bg_p05": 0.0007767579518258572,
  "summary_bg_p95": 677.7554321289062,
  "summary_bg_stdv": 772.0589599609375,
  "summary_fg_k": 1.7470204880327227,
  "summary_fg_mad": 4429.54345703125,
  "summary_fg_mean": 24013.822265625,
  "summary_fg_median": 23834.75,
  "summary_fg_n": 41496.0,
  "summary_fg_p05": 16012.803466796875,
  "summary_fg_p95": 32136.23291015625,
  "summary_fg_stdv": 5125.3603515625,
  "tsnr": 104.14091491699219
}