{
  "bids_meta": {
    "AcquisitionNumber": 2,
    "BidsifyVersion": "0.3.5",
    "ConversionSoftware": "dcm2niix",
    "ConversionSoftwareVersion": "v1.0.20181125  GCC6.3.0",
    "EchoTime": 0.00373,
    "ImageComments": "PIOP2",
    "ImageOrientationPatientDICOM": [
      0.999851,
      0.0046346,
      0.016652,
      -0.00488623,
      0.999874,
      0.0151026
    ],
    "Manufacturer": "Philips",
    "NumberSignalAcquisitions": 2,
    "PatientPosition": "HFS",
    "PhilipsRescaleIntercept": 0,
    "PhilipsRescaleSlope": 9.02051,
    "PhilipsScaleSlope": 0.00744718,
    "ProtocolName": "WIPT1anat_acq-6m_T1wSENSE",
    "ReconMatrixPE": 240,
    "RepetitionTime": 0.00816,
    "SeriesDescription": "ImageMRSERIES",
    "SeriesNumber": 2,
    "UsePhilipsFloatNotDisplayScaling": 1,
    "dataset": "unknown",
    "modality": "T1w",
    "subject_id": "0179"
  },
  "cjv": 0.27924404263149893,
  "cnr": 4.431569324623185,
  "efc": 0.746277507666037,
  "fber": 1250.5238037109375,
  "fwhm_avg": 4.503609999999999,
  "fwhm_x": 4.31429,
  "fwhm_y": 4.50231,
  "fwhm_z": 4.69423,
  "icvs_csf": 0.248675733576719,
  "icvs_gm": 0.3829492429501427,
  "icvs_wm": 0.36837502347313833,
  "inu_med": 1.1004936695098877,
  "inu_range": 0.25798535346984863,
  "provenance": {
    "md5sum": "ec4dd22d13422e1c928a43ac6ea56752",
    "settings": {
      "testing": false
    },
    "software": "mriqc",
    "version": "0.15.0",
    "warnings": {
      "large_rot_frame": true,
      "small_air_mask": true
    },
    "webapi_port": null,
    "webapi_url": "https://mriqc.nimh.nih.gov/api/v1"
  },
  "qi_1": 0.0,
  "qi_2": 6.260127486611033e-05,
  "rpve_csf": 28.401395257390412,
  "rpve_gm": 17.672649978383784,
  "rpve_wm": 24.556302066196956,
  "size_x": 240,
  "size_y": 240,
  "size_z": 220,
  "snr_csf": 2.140430584646738,
  "snr_gm": 9.378390598107256,
  "snr_total": 13.254391853368427,
  "snr_wm": 28.244354377351286,
  "snrd_csf": 16.02309998619874,
  "snrd_gm": 44.65563032330771,
  "snrd_total": 43.12950122900776,
  "snrd_wm": 68.70977337751681,
  "spacing_x": 1.0,
  "spacing_y": 1.0,
  "spacing_z": 1.0,
  "summary_bg_k": 53.593463370079796,
  "summary_bg_mad": 9.534748077392578,
  "summary_bg_mean": 11.375763893127441,
  "summary_bg_median": 6.581695556640625,
  "summary_bg_n": 150750.0,
  "summary_bg_p05": 0.0,
  "summary_bg_p95": 32.233760833740234,
  "summary_bg_stdv": 13.598503112792969,
  "summary_csf_k": -0.8750302060953938,
  "summary_csf_mad": 136.7147216796875,
  "summary_csf_mean": 239.3818817138672,
  "summary_csf_median": 233.1975860595703,
  "summary_csf_n": 10015.0,
  "summary_csf_p05": 83.73486709594727,
  "summary_csf_p95": 413.1753936767578,
  "summary_csf_stdv": 108.94347381591797,
  "summary_gm_k": 0.11292522136236416,
  "summary_gm_mad": 68.29911041259766,
  "summary_gm_mean": 653.32568359375,
  "summary_gm_median": 649.9107666015625,
  "summary_gm_n": 20180.0,
  "summary_gm_p05": 545.8518951416015,
  "summary_gm_p95": 772.2195251464843,
  "summary_gm_stdv": 69.29703521728516,
  "summary_wm_k": 1.8972573264910153,
  "summary_wm_mad": 29.45866584777832,
  "summary_wm_mean": 999.4866943359375,
  "summary_wm_median": 999.9908447265625,
  "summary_wm_n": 189605.0,
  "summary_wm_p05": 941.4536254882812,
  "summary_wm_p95": 1055.8086669921875,
  "summary_wm_stdv": 35.40488815307617,
  "tpm_overlap_csf": 0.21629810333251953,
  "tpm_overlap_gm": 0.4877777099609375,
  "tpm_overlap_wm": 0.5794585347175598,
  "wm2max": 0.7262543154557045
}