{
  "aor": 0.0033891284403669724,
  "aqi": 0.006138256880733946,
  "bids_meta": {
    "AcquisitionNumber": 7,
    "BidsifyVersion": "0.3.5",
    "ConversionSoftware": "dcm2niix",
    "ConversionSoftwareVersion": "v1.0.20181125  GCC6.3.0",
    "EchoTime": 0.02763,
    "FlipAngle": 76.1,
    "ImageComments": "PIOP2",
    "ImageOrientationPatientDICOM": [
      0.999995,
      0.000767798,
      -0.00318801,
      -0.00139626,
      0.979364,
      -0.202099
    ],
    "Manufacturer": "Philips",
    "NumberOfVolumesDiscardedByScanner": 2,
    "ParallelAcquisitionTechnique": "SENSE",
    "ParallelReductionFactorInPlane": 2,
    "PatientPosition": "HFS",
    "PhaseEncodingDirection": "j",
    "PhilipsRescaleIntercept": 0,
    "PhilipsRescaleSlope": 0.78706,
    "PhilipsScaleSlope": 0.0675166,
    "ProtocolName": "WIPtask-stop_boldSENSE",
    "PulseSequenceType": "gradient echo EPI",
    "ReconMatrixPE": 80,
    "RepetitionTime": 2,
    "SeriesDescription": "ImageMRSERIES",
    "SeriesNumber": 7,
    "SliceEncodingDirection": "k",
    "TaskName": "stopsignal",
    "UsePhilipsFloatNotDisplayScaling": 1,
    "WaterFatShift": 12,
    "acq_id": "seq",
    "dataset": "unknown",
    "modality": "bold",
    "subject_id": "0121",
    "task_id": "stopsignal"
  },
  "dummy_trs": 0,
  "dvars_nstd": 17.51353171990784,
  "dvars_std": 1.190605701244239,
  "dvars_vstd": 1.0190714126728109,
  "efc": 0.40661126266557795,
  "fber": 723125696.0,
  "fd_mean": 0.06832750452105961,
  "fd_num": 0,
  "fd_perc": 0.0,
  "fwhm_avg": 2.590211223257031,
  "fwhm_x": 2.5854333333333335,
  "fwhm_y": 2.873203333333333,
  "fwhm_z": 2.311997003104427,
  "gcor": 0.00991311,
  "gsr_x": -0.001989357639104128,
  "gsr_y": 7.692826329730451e-05,
  "provenance": {
    "md5sum": "932ad1284b972957fe2d234b1a969da0",
    "settings": {
      "fd_thres": 0.2,
      "hmc_fsl": false
    },
    "software": "mriqc",
    "version": "0.15.0",
    "webapi_port": null,
    "webapi_url": "https://mriqc.nimh.nih.gov/api/v1"
  },
  "size_t": 218,
  "size_x": 80,
  "size_y": 80,
  "size_z": 36,
  "snr": 5.423718015780331,
  "spacing_tr": 2.0,
  "spacing_x": 3.0,
  "spacing_y": 3.0,
  "spacing_z": 3.299999952316284,
  "spikes_num": 0,
  "summary_bg_k": 108.54287846880158,
  "summary_bg_mad": 1.0567710399627686,
  "summary_bg_mean": 193.82925415039062,
  "summary_bg_median": 0.7138321399688721,
  "summary_bg_n": 149377.0,
  "summary_bg_p05": 0.0,
  "summary_bg_p95": 928.0647460937407,
  "summary_bg_stdv": 1059.7120361328125,
  "summary_fg_k": 3.215993253052197,
  "summary_fg_mad": 3166.39111328125,
  "summary_fg_mean": 21447.984375,
  "summary_fg_median": 21527.9453125,
  "summary_fg_n": 40510.0,
  "summary_fg_p05": 14962.098583984376,
  "summary_fg_p95": 27125.69326171874,
  "summary_fg_stdv": 3969.173828125,
  "tsnr": 77.3775634765625
}