{
  "bids_meta": {
    "AcquisitionNumber": 2,
    "BidsifyVersion": "0.3.5",
    "ConversionSoftware": "dcm2niix",
    "ConversionSoftwareVersion": "v1.0.20181125  GCC6.3.0",
    "EchoTime": 0.00378,
    "ImageComments": "PIOP2",
    "ImageOrientationPatientDICOM": [
      0.998481,
      0.0532361,
      -0.0141841,
      -0.0542506,
      0.994922,
      -0.0847722
    ],
    "Manufacturer": "Philips",
    "NumberSignalAcquisitions": 2,
    "PatientPosition": "HFS",
    "PhilipsRescaleIntercept": 0,
    "PhilipsRescaleSlope": 7.68352,
    "PhilipsScaleSlope": 0.00711438,
    "ProtocolName": "WIPT1anat_acq-6m_T1wSENSE",
    "ReconMatrixPE": 240,
    "RepetitionTime": 0.00822,
    "SeriesDescription": "ImageMRSERIES",
    "SeriesNumber": 2,
    "UsePhilipsFloatNotDisplayScaling": 1,
    "dataset": "unknown",
    "modality": "T1w",
    "subject_id": "0021"
  },
  "cjv": 0.2942130560907955,
  "cnr": 4.1639063245752705,
  "efc": 0.7543067452561244,
  "fber": 1562.9915771484375,
  "fwhm_avg": 4.528326853239746,
  "fwhm_x": 4.19445,
  "fwhm_y": 4.730510281960385,
  "fwhm_z": 4.6600202777588535,
  "icvs_csf": 0.2855824130932424,
  "icvs_gm": 0.38680835288919935,
  "icvs_wm": 0.32760923401755826,
  "inu_med": 1.6574592590332031,
  "inu_range": 0.27473836541175833,
  "provenance": {
    "md5sum": "8eaaa33080f5407508e553ecd4cdff28",
    "settings": {
      "testing": false
    },
    "software": "mriqc",
    "version": "0.15.0",
    "warnings": {
      "large_rot_frame": true,
      "small_air_mask": true
    },
    "webapi_port": null,
    "webapi_url": "https://mriqc.nimh.nih.gov/api/v1"
  },
  "qi_1": 0.0,
  "qi_2": 7.928268978925983e-05,
  "rpve_csf": 21.30140189693383,
  "rpve_gm": 14.634661319993242,
  "rpve_wm": 22.481799662500848,
  "size_x": 240,
  "size_y": 240,
  "size_z": 220,
  "snr_csf": 3.8571019256879047,
  "snr_gm": 9.550730752434102,
  "snr_total": 11.652168756915357,
  "snr_wm": 21.548673592624063,
  "snrd_csf": 25.504869085031032,
  "snrd_gm": 49.56695201800231,
  "snrd_total": 50.28363817804168,
  "snrd_wm": 75.7790934310917,
  "spacing_x": 1.0,
  "spacing_y": 0.9999999403953552,
  "spacing_z": 0.9999999403953552,
  "summary_bg_k": 8.898051175802077,
  "summary_bg_mad": 8.645316123962402,
  "summary_bg_mean": 8.543754577636719,
  "summary_bg_median": 5.955898761749268,
  "summary_bg_n": 164373.0,
  "summary_bg_p05": 0.0,
  "summary_bg_p95": 23.518298721313474,
  "summary_bg_stdv": 7.555856227874756,
  "summary_csf_k": 0.07341809712413738,
  "summary_csf_mad": 85.03071594238281,
  "summary_csf_mean": 324.71295166015625,
  "summary_csf_median": 336.56756591796875,
  "summary_csf_n": 20370.0,
  "summary_csf_p05": 161.24622573852537,
  "summary_csf_p95": 444.1605484008789,
  "summary_csf_stdv": 87.25704193115234,
  "summary_gm_k": 0.5698605986913141,
  "summary_gm_mad": 62.772605895996094,
  "summary_gm_mean": 655.362060546875,
  "summary_gm_median": 654.0958251953125,
  "summary_gm_n": 23443.0,
  "summary_gm_p05": 547.0310668945312,
  "summary_gm_p95": 774.3741333007812,
  "summary_gm_stdv": 68.4850082397461,
  "summary_wm_k": 1.335188889928161,
  "summary_wm_mad": 38.995948791503906,
  "summary_wm_mean": 999.7947998046875,
  "summary_wm_median": 999.9967041015625,
  "summary_wm_n": 193515.0,
  "summary_wm_p05": 922.3794128417969,
  "summary_wm_p95": 1075.3103637695312,
  "summary_wm_stdv": 46.40629577636719,
  "tpm_overlap_csf": 0.18721316754817963,
  "tpm_overlap_gm": 0.4794178903102875,
  "tpm_overlap_wm": 0.5573897361755371,
  "wm2max": 0.6607546686481978
}