{
  "aor": 0.002083851851851852,
  "aqi": 0.003918112222222223,
  "bids_meta": {
    "AcquisitionNumber": 8,
    "BidsifyVersion": "0.3.5",
    "ConversionSoftware": "dcm2niix",
    "ConversionSoftwareVersion": "v1.0.20181125  GCC6.3.0",
    "EchoTime": 0.02763,
    "EffectiveEchoSpacing": 0.0006909035636805814,
    "FlipAngle": 76.1,
    "ImageComments": "PIOP2",
    "ImageOrientationPatientDICOM": [
      0.995316,
      0.0403341,
      -0.0878576,
      -0.0213703,
      0.97812,
      0.206942
    ],
    "Manufacturer": "Philips",
    "NumberOfVolumesDiscardedByScanner": 2,
    "ParallelAcquisitionTechnique": "SENSE",
    "ParallelReductionFactorInPlane": 2,
    "PatientPosition": "HFS",
    "PhaseEncodingDirection": "j",
    "PhilipsRescaleIntercept": 0,
    "PhilipsRescaleSlope": 0.79878,
    "PhilipsScaleSlope": 0.0545123,
    "ProtocolName": "WIPtask-harriri_boldSENSE",
    "PulseSequenceType": "gradient echo EPI",
    "ReconMatrixPE": 80,
    "RepetitionTime": 2,
    "SeriesDescription": "ImageMRSERIES",
    "SeriesNumber": 8,
    "SliceEncodingDirection": "k",
    "SliceTiming": [
      0.0,
      0.0556,
      0.1111,
      0.1667,
      0.2222,
      0.2778,
      0.3333,
      0.3889,
      0.4444,
      0.5,
      0.5556,
      0.6111,
      0.6667,
      0.7222,
      0.7778,
      0.8333,
      0.8889,
      0.9444,
      1.0,
      1.0556,
      1.1111,
      1.1667,
      1.2222,
      1.2778,
      1.3333,
      1.3889,
      1.4444,
      1.5,
      1.5556,
      1.6111,
      1.6667,
      1.7222,
      1.7778,
      1.8333,
      1.8889,
      1.9444
    ],
    "TaskName": "emomatching",
    "TotalReadoutTime": 0.026945238983542674,
    "UsePhilipsFloatNotDisplayScaling": 1,
    "WaterFatShift": 12,
    "acq_id": "seq",
    "dataset": "unknown",
    "modality": "bold",
    "subject_id": "0046",
    "task_id": "emomatching"
  },
  "dummy_trs": 0,
  "dvars_nstd": 20.462284259477624,
  "dvars_std": 1.307701028432835,
  "dvars_vstd": 0.9812871776865673,
  "efc": 0.44005785486113286,
  "fber": 1402525056.0,
  "fd_mean": 0.08974358172715362,
  "fd_num": 2,
  "fd_perc": 1.4814814814814814,
  "fwhm_avg": 2.5055558701074525,
  "fwhm_x": 2.38619,
  "fwhm_y": 2.7383866666666665,
  "fwhm_z": 2.3920909436556923,
  "gcor": 0.025137,
  "gsr_x": -0.004543549846857786,
  "gsr_y": 0.004419667646288872,
  "provenance": {
    "md5sum": "5d4c8035c70492e5ecd36f49c15797a3",
    "settings": {
      "fd_thres": 0.2,
      "hmc_fsl": false
    },
    "software": "mriqc",
    "version": "0.15.0",
    "webapi_port": null,
    "webapi_url": "https://mriqc.nimh.nih.gov/api/v1"
  },
  "size_t": 135,
  "size_x": 80,
  "size_y": 80,
  "size_z": 36,
  "snr": 4.367103960703406,
  "spacing_tr": 2.0,
  "spacing_x": 3.0,
  "spacing_y": 3.0,
  "spacing_z": 3.299999952316284,
  "spikes_num": 0,
  "summary_bg_k": 56.06844736152475,
  "summary_bg_mad": 0.9163276553153992,
  "summary_bg_mean": 262.8787536621094,
  "summary_bg_median": 0.6243463158607483,
  "summary_bg_n": 142053.0,
  "summary_bg_p05": 0.0019413308240473271,
  "summary_bg_p95": 1430.158154296875,
  "summary_bg_stdv": 1300.3214111328125,
  "summary_fg_k": 1.5801382278508092,
  "summary_fg_mad": 5027.2685546875,
  "summary_fg_mean": 26502.06640625,
  "summary_fg_median": 26060.390625,
  "summary_fg_n": 47646.0,
  "summary_fg_p05": 17522.20166015625,
  "summary_fg_p95": 36622.119140625,
  "summary_fg_stdv": 5967.3681640625,
  "tsnr": 83.48811340332031
}