{
  "aor": 0.002886333333333333,
  "aqi": 0.009551162458333335,
  "bids_meta": {
    "AcquisitionNumber": 4,
    "BidsifyVersion": "0.3.5",
    "ConversionSoftware": "dcm2niix",
    "ConversionSoftwareVersion": "v1.0.20181125  GCC6.3.0",
    "EchoTime": 0.02763,
    "EffectiveEchoSpacing": 0.0006909035636805814,
    "FlipAngle": 76.1,
    "ImageComments": "PIOP2",
    "ImageOrientationPatientDICOM": [
      0.995316,
      0.0403341,
      -0.0878576,
      -0.0213703,
      0.97812,
      0.206942
    ],
    "Manufacturer": "Philips",
    "NumberOfVolumesDiscardedByScanner": 2,
    "ParallelAcquisitionTechnique": "SENSE",
    "ParallelReductionFactorInPlane": 2,
    "PatientPosition": "HFS",
    "PhaseEncodingDirection": "j",
    "PhilipsRescaleIntercept": 0,
    "PhilipsRescaleSlope": 0.79634,
    "PhilipsScaleSlope": 0.0527166,
    "ProtocolName": "WIPtask-rest_boldSENSE",
    "PulseSequenceType": "gradient echo EPI",
    "ReconMatrixPE": 80,
    "RepetitionTime": 2,
    "SeriesDescription": "ImageMRSERIES",
    "SeriesNumber": 4,
    "SliceEncodingDirection": "k",
    "SliceTiming": [
      0.0,
      0.0556,
      0.1111,
      0.1667,
      0.2222,
      0.2778,
      0.3333,
      0.3889,
      0.4444,
      0.5,
      0.5556,
      0.6111,
      0.6667,
      0.7222,
      0.7778,
      0.8333,
      0.8889,
      0.9444,
      1.0,
      1.0556,
      1.1111,
      1.1667,
      1.2222,
      1.2778,
      1.3333,
      1.3889,
      1.4444,
      1.5,
      1.5556,
      1.6111,
      1.6667,
      1.7222,
      1.7778,
      1.8333,
      1.8889,
      1.9444
    ],
    "TaskName": "restingstate",
    "TotalReadoutTime": 0.026945238983542674,
    "UsePhilipsFloatNotDisplayScaling": 1,
    "WaterFatShift": 12,
    "acq_id": "seq",
    "dataset": "unknown",
    "modality": "bold",
    "subject_id": "0046",
    "task_id": "restingstate"
  },
  "dummy_trs": 0,
  "dvars_nstd": 20.591347403138087,
  "dvars_std": 1.197985000502092,
  "dvars_vstd": 5.452117791548116,
  "efc": 0.4408693866026529,
  "fber": 177690544.0,
  "fd_mean": 0.11264841236243187,
  "fd_num": 14,
  "fd_perc": 5.833333333333333,
  "fwhm_avg": 2.53438445607606,
  "fwhm_x": 2.41169,
  "fwhm_y": 2.7765299999999997,
  "fwhm_z": 2.414933368228181,
  "gcor": 0.0122548,
  "gsr_x": -0.0049125985242426395,
  "gsr_y": 0.004601615946739912,
  "provenance": {
    "md5sum": "e580bf3681a6b4fe1544ffdc1ea8e169",
    "settings": {
      "fd_thres": 0.2,
      "hmc_fsl": false
    },
    "software": "mriqc",
    "version": "0.15.0",
    "webapi_port": null,
    "webapi_url": "https://mriqc.nimh.nih.gov/api/v1"
  },
  "size_t": 240,
  "size_x": 80,
  "size_y": 80,
  "size_z": 36,
  "snr": 4.270645404103451,
  "spacing_tr": 2.0,
  "spacing_x": 3.0,
  "spacing_y": 3.0,
  "spacing_z": 3.299999952316284,
  "spikes_num": 0,
  "summary_bg_k": 59.4717926793132,
  "summary_bg_mad": 2.5302047729492188,
  "summary_bg_mean": 269.0753479003906,
  "summary_bg_median": 1.7208774089813232,
  "summary_bg_n": 141898.0,
  "summary_bg_p05": 0.0002991515022586104,
  "summary_bg_p95": 1408.4117797851547,
  "summary_bg_stdv": 1290.192626953125,
  "summary_fg_k": 1.4539650626567049,
  "summary_fg_mad": 5236.900390625,
  "summary_fg_mean": 26867.794921875,
  "summary_fg_median": 26384.54296875,
  "summary_fg_n": 47676.0,
  "summary_fg_p05": 17586.701171875,
  "summary_fg_p95": 37381.5595703125,
  "summary_fg_stdv": 6178.05126953125,
  "tsnr": 62.14470672607422
}