{
  "aor": 0.002977037037037037,
  "aqi": 0.004667961259259259,
  "bids_meta": {
    "AcquisitionNumber": 8,
    "BidsifyVersion": "0.3.5",
    "ConversionSoftware": "dcm2niix",
    "ConversionSoftwareVersion": "v1.0.20181125  GCC6.3.0",
    "EchoTime": 0.02763,
    "FlipAngle": 76.1,
    "ImageComments": "PIOP2",
    "ImageOrientationPatientDICOM": [
      0.999691,
      0.00277079,
      0.0246948,
      -0.00453649,
      0.997413,
      0.0717343
    ],
    "Manufacturer": "Philips",
    "NumberOfVolumesDiscardedByScanner": 2,
    "ParallelAcquisitionTechnique": "SENSE",
    "ParallelReductionFactorInPlane": 2,
    "PatientPosition": "HFS",
    "PhaseEncodingDirection": "j",
    "PhilipsRescaleIntercept": 0,
    "PhilipsRescaleSlope": 0.76703,
    "PhilipsScaleSlope": 0.0524323,
    "ProtocolName": "WIPtask-harriri_boldSENSE",
    "PulseSequenceType": "gradient echo EPI",
    "ReconMatrixPE": 80,
    "RepetitionTime": 2,
    "SeriesDescription": "ImageMRSERIES",
    "SeriesNumber": 8,
    "SliceEncodingDirection": "k",
    "TaskName": "emomatching",
    "UsePhilipsFloatNotDisplayScaling": 1,
    "WaterFatShift": 12,
    "acq_id": "seq",
    "dataset": "unknown",
    "modality": "bold",
    "subject_id": "0056",
    "task_id": "emomatching"
  },
  "dummy_trs": 0,
  "dvars_nstd": 18.96268302335821,
  "dvars_std": 1.2399471975373138,
  "dvars_vstd": 1.0194305981343281,
  "efc": 0.4130806960005707,
  "fber": 688651328.0,
  "fd_mean": 0.12450825980355507,
  "fd_num": 14,
  "fd_perc": 10.37037037037037,
  "fwhm_avg": 2.5811445563795608,
  "fwhm_x": 2.59953,
  "fwhm_y": 2.8756733333333333,
  "fwhm_z": 2.2682303358053484,
  "gcor": 0.0974844,
  "gsr_x": 0.0013028091052547097,
  "gsr_y": 0.00149317248724401,
  "provenance": {
    "md5sum": "81439e705c5c6b95ea249ab3eb09bba5",
    "settings": {
      "fd_thres": 0.2,
      "hmc_fsl": false
    },
    "software": "mriqc",
    "version": "0.15.0",
    "webapi_port": null,
    "webapi_url": "https://mriqc.nimh.nih.gov/api/v1"
  },
  "size_t": 135,
  "size_x": 80,
  "size_y": 80,
  "size_z": 36,
  "snr": 5.011037896713543,
  "spacing_tr": 2.0,
  "spacing_x": 3.0,
  "spacing_y": 3.0,
  "spacing_z": 3.299999952316284,
  "spikes_num": 0,
  "summary_bg_k": 168.52469809759947,
  "summary_bg_mad": 1.4415363073349,
  "summary_bg_mean": 277.3866271972656,
  "summary_bg_median": 0.9832384586334229,
  "summary_bg_n": 148374.0,
  "summary_bg_p05": 0.002615039981901646,
  "summary_bg_p95": 1124.9934814453177,
  "summary_bg_stdv": 1591.60498046875,
  "summary_fg_k": 2.757905439765829,
  "summary_fg_mad": 4499.43701171875,
  "summary_fg_mean": 27598.931640625,
  "summary_fg_median": 27582.26171875,
  "summary_fg_n": 41208.0,
  "summary_fg_p05": 19034.65654296875,
  "summary_fg_p95": 35800.166015625,
  "summary_fg_stdv": 5504.234375,
  "tsnr": 76.10565185546875
}