{
    "Manufacturer": "Philips",
    "PatientPosition": "HFS",
    "SeriesDescription": "ImageMRSERIES",
    "ProtocolName": "WIPT1anat_acq-6m_T1wSENSE",
    "SeriesNumber": 2,
    "AcquisitionNumber": 2,
    "ImageComments": "PIOP2",
    "PhilipsRescaleSlope": 8.37998,
    "PhilipsRescaleIntercept": 0,
    "PhilipsScaleSlope": 0.00736012,
    "UsePhilipsFloatNotDisplayScaling": 1,
    "EchoTime": 0.00376,
    "RepetitionTime": 0.008174,
    "ReconMatrixPE": 240,
    "ImageOrientationPatientDICOM": [
        0.995381,
        0.092215,
        -0.0267016,
        -0.0916379,
        0.995547,
        0.0220873
    ],
    "ConversionSoftware": "dcm2niix",
    "ConversionSoftwareVersion": "v1.0.20181125  GCC6.3.0",
    "BidsifyVersion": "0.3.5"
}