{
    "Manufacturer": "Philips",
    "PatientPosition": "HFS",
    "SeriesDescription": "ImageMRSERIES",
    "ProtocolName": "WIPT1anat_acq-6m_T1wSENSE",
    "SeriesNumber": 2,
    "AcquisitionNumber": 2,
    "ImageComments": "PIOP2",
    "PhilipsRescaleSlope": 8.85714,
    "PhilipsRescaleIntercept": 0,
    "PhilipsScaleSlope": 0.00727063,
    "UsePhilipsFloatNotDisplayScaling": 1,
    "EchoTime": 0.00373,
    "RepetitionTime": 0.00815,
    "ReconMatrixPE": 240,
    "ImageOrientationPatientDICOM": [
        0.999852,
        -0.00426547,
        -0.0166838,
        0.00523526,
        0.998272,
        0.0585229
    ],
    "ConversionSoftware": "dcm2niix",
    "ConversionSoftwareVersion": "v1.0.20181125  GCC6.3.0",
    "BidsifyVersion": "0.3.5"
}