{
  "bids_meta": {
    "AcquisitionNumber": 2,
    "BidsifyVersion": "0.3.5",
    "ConversionSoftware": "dcm2niix",
    "ConversionSoftwareVersion": "v1.0.20181125  GCC6.3.0",
    "EchoTime": 0.00378,
    "ImageComments": "PIOP2",
    "ImageOrientationPatientDICOM": [
      0.999692,
      -0.0232044,
      0.0088153,
      0.0219879,
      0.992612,
      0.11932
    ],
    "Manufacturer": "Philips",
    "NumberSignalAcquisitions": 2,
    "PatientPosition": "HFS",
    "PhilipsRescaleIntercept": 0,
    "PhilipsRescaleSlope": 8.36874,
    "PhilipsScaleSlope": 0.00662526,
    "ProtocolName": "WIPT1anat_acq-6m_T1wSENSE",
    "ReconMatrixPE": 240,
    "RepetitionTime": 0.008233,
    "SeriesDescription": "ImageMRSERIES",
    "SeriesNumber": 2,
    "UsePhilipsFloatNotDisplayScaling": 1,
    "dataset": "unknown",
    "modality": "T1w",
    "subject_id": "0047"
  },
  "cjv": 0.25014212039378286,
  "cnr": 4.83114009652678,
  "efc": 0.7644465715213257,
  "fber": 1264.069580078125,
  "fwhm_avg": 4.564563512852004,
  "fwhm_x": 4.310950256952659,
  "fwhm_y": 4.65822,
  "fwhm_z": 4.724520281603353,
  "icvs_csf": 0.2640871093640729,
  "icvs_gm": 0.38779870041412157,
  "icvs_wm": 0.34811419022180556,
  "inu_med": 1.9095234870910645,
  "inu_range": 0.6470232248306276,
  "provenance": {
    "md5sum": "8a52ca7aa96b89be8ee8277890c8a3a7",
    "settings": {
      "testing": false
    },
    "software": "mriqc",
    "version": "0.15.0",
    "warnings": {
      "large_rot_frame": true,
      "small_air_mask": true
    },
    "webapi_port": null,
    "webapi_url": "https://mriqc.nimh.nih.gov/api/v1"
  },
  "qi_1": 0.0,
  "qi_2": 0.00022128379152135488,
  "rpve_csf": 21.18108608725338,
  "rpve_gm": 13.684354994319019,
  "rpve_wm": 20.067893630549904,
  "size_x": 240,
  "size_y": 240,
  "size_z": 220,
  "snr_csf": 3.8831885639109935,
  "snr_gm": 9.939789648778618,
  "snr_total": 12.871866032389008,
  "snr_wm": 24.792619884477414,
  "snrd_csf": 23.326484447668165,
  "snrd_gm": 42.21512463635034,
  "snrd_total": 44.05200997234164,
  "snrd_wm": 66.6144208330064,
  "spacing_x": 0.9999999403953552,
  "spacing_y": 1.0,
  "spacing_z": 0.9999999403953552,
  "summary_bg_k": 3.488175356024562,
  "summary_bg_mad": 9.834753036499023,
  "summary_bg_mean": 9.777832984924316,
  "summary_bg_median": 6.808837890625,
  "summary_bg_n": 90804.0,
  "summary_bg_p05": 0.0,
  "summary_bg_p95": 20.536633014678955,
  "summary_bg_stdv": 7.516519069671631,
  "summary_csf_k": 0.9465443005827257,
  "summary_csf_mad": 73.64634704589844,
  "summary_csf_mean": 333.14178466796875,
  "summary_csf_median": 350.17169189453125,
  "summary_csf_n": 13021.0,
  "summary_csf_p05": 147.12686157226562,
  "summary_csf_p95": 454.14019775390625,
  "summary_csf_stdv": 90.17286682128906,
  "summary_gm_k": 0.49514000909413536,
  "summary_gm_mad": 58.96443176269531,
  "summary_gm_mean": 640.0195922851562,
  "summary_gm_median": 633.7235107421875,
  "summary_gm_n": 20480.0,
  "summary_gm_p05": 547.981723022461,
  "summary_gm_p95": 757.7833038330078,
  "summary_gm_stdv": 63.75467300415039,
  "summary_wm_k": 2.8049955926182166,
  "summary_wm_mad": 32.65674591064453,
  "summary_wm_mean": 997.5117797851562,
  "summary_wm_median": 1000.0,
  "summary_wm_n": 210714.0,
  "summary_wm_p05": 927.0237030029297,
  "summary_wm_p95": 1056.6464233398438,
  "summary_wm_stdv": 40.33448791503906,
  "tpm_overlap_csf": 0.17443647980690002,
  "tpm_overlap_gm": 0.47255387902259827,
  "tpm_overlap_wm": 0.5623114705085754,
  "wm2max": 0.6516588879407198
}