{
  "aor": 0.0005545291479820627,
  "aqi": 0.0032234870403587443,
  "bids_meta": {
    "AcquisitionNumber": 7,
    "BidsifyVersion": "0.3.5",
    "ConversionSoftware": "dcm2niix",
    "ConversionSoftwareVersion": "v1.0.20181125  GCC6.3.0",
    "EchoTime": 0.02763,
    "FlipAngle": 76.1,
    "ImageComments": "PIOP2",
    "ImageOrientationPatientDICOM": [
      0.996987,
      0.0712211,
      0.0307383,
      -0.0620263,
      0.969901,
      -0.235469
    ],
    "Manufacturer": "Philips",
    "NumberOfVolumesDiscardedByScanner": 2,
    "ParallelAcquisitionTechnique": "SENSE",
    "ParallelReductionFactorInPlane": 2,
    "PatientPosition": "HFS",
    "PhaseEncodingDirection": "j",
    "PhilipsRescaleIntercept": 0,
    "PhilipsRescaleSlope": 0.77656,
    "PhilipsScaleSlope": 0.0653979,
    "ProtocolName": "WIPtask-stop_boldSENSE",
    "PulseSequenceType": "gradient echo EPI",
    "ReconMatrixPE": 80,
    "RepetitionTime": 2,
    "SeriesDescription": "ImageMRSERIES",
    "SeriesNumber": 7,
    "SliceEncodingDirection": "k",
    "TaskName": "stopsignal",
    "UsePhilipsFloatNotDisplayScaling": 1,
    "WaterFatShift": 12,
    "acq_id": "seq",
    "dataset": "unknown",
    "modality": "bold",
    "subject_id": "0107",
    "task_id": "stopsignal"
  },
  "dummy_trs": 0,
  "dvars_nstd": 23.490184242972987,
  "dvars_std": 1.3347496654054047,
  "dvars_vstd": 1.0018990825675678,
  "efc": 0.388829898230524,
  "fber": 1935244288.0,
  "fd_mean": 0.12144652013478419,
  "fd_num": 14,
  "fd_perc": 6.278026905829597,
  "fwhm_avg": 2.570803546517918,
  "fwhm_x": 2.57365,
  "fwhm_y": 2.8208333333333333,
  "fwhm_z": 2.31792730622042,
  "gcor": 0.0208726,
  "gsr_x": 0.0023606556933373213,
  "gsr_y": -0.002378971315920353,
  "provenance": {
    "md5sum": "d6b41eefe0c5fa89491bfd9f83ec803a",
    "settings": {
      "fd_thres": 0.2,
      "hmc_fsl": false
    },
    "software": "mriqc",
    "version": "0.15.0",
    "webapi_port": null,
    "webapi_url": "https://mriqc.nimh.nih.gov/api/v1"
  },
  "size_t": 223,
  "size_x": 80,
  "size_y": 80,
  "size_z": 36,
  "snr": 5.07917753541078,
  "spacing_tr": 2.0,
  "spacing_x": 3.0,
  "spacing_y": 3.0,
  "spacing_z": 3.299999952316284,
  "spikes_num": 0,
  "summary_bg_k": 66.80434689591611,
  "summary_bg_mad": 0.6959964632987976,
  "summary_bg_mean": 217.54161071777344,
  "summary_bg_median": 0.4694424867630005,
  "summary_bg_n": 154020.0,
  "summary_bg_p05": 0.0,
  "summary_bg_p95": 685.7788116454925,
  "summary_bg_stdv": 1211.00439453125,
  "summary_fg_k": 2.42612204812246,
  "summary_fg_mad": 3735.048583984375,
  "summary_fg_mean": 22477.91015625,
  "summary_fg_median": 22441.140625,
  "summary_fg_n": 37085.0,
  "summary_fg_p05": 15455.5650390625,
  "summary_fg_p95": 28989.331249999996,
  "summary_fg_stdv": 4418.203125,
  "tsnr": 89.40116119384766
}