{
  "aor": 0.0014114864864864865,
  "aqi": 0.0036243752252252247,
  "bids_meta": {
    "AcquisitionNumber": 7,
    "BidsifyVersion": "0.3.5",
    "ConversionSoftware": "dcm2niix",
    "ConversionSoftwareVersion": "v1.0.20181125  GCC6.3.0",
    "EchoTime": 0.02763,
    "EffectiveEchoSpacing": 0.0006909035636805814,
    "FlipAngle": 76.1,
    "ImageComments": "PIOP2",
    "ImageOrientationPatientDICOM": [
      0.999304,
      0.0180166,
      0.032663,
      -0.017094,
      0.999453,
      -0.02831
    ],
    "Manufacturer": "Philips",
    "NumberOfVolumesDiscardedByScanner": 2,
    "ParallelAcquisitionTechnique": "SENSE",
    "ParallelReductionFactorInPlane": 2,
    "PatientPosition": "HFS",
    "PhaseEncodingDirection": "j",
    "PhilipsRescaleIntercept": 0,
    "PhilipsRescaleSlope": 0.84005,
    "PhilipsScaleSlope": 0.0554643,
    "ProtocolName": "WIPtask-stop_boldSENSE",
    "PulseSequenceType": "gradient echo EPI",
    "ReconMatrixPE": 80,
    "RepetitionTime": 2,
    "SeriesDescription": "ImageMRSERIES",
    "SeriesNumber": 7,
    "SliceEncodingDirection": "k",
    "SliceTiming": [
      0.0,
      0.0556,
      0.1111,
      0.1667,
      0.2222,
      0.2778,
      0.3333,
      0.3889,
      0.4444,
      0.5,
      0.5556,
      0.6111,
      0.6667,
      0.7222,
      0.7778,
      0.8333,
      0.8889,
      0.9444,
      1.0,
      1.0556,
      1.1111,
      1.1667,
      1.2222,
      1.2778,
      1.3333,
      1.3889,
      1.4444,
      1.5,
      1.5556,
      1.6111,
      1.6667,
      1.7222,
      1.7778,
      1.8333,
      1.8889,
      1.9444
    ],
    "TaskName": "stopsignal",
    "TotalReadoutTime": 0.026945238983542674,
    "UsePhilipsFloatNotDisplayScaling": 1,
    "WaterFatShift": 12,
    "acq_id": "seq",
    "dataset": "unknown",
    "modality": "bold",
    "subject_id": "0013",
    "task_id": "stopsignal"
  },
  "dummy_trs": 0,
  "dvars_nstd": 18.103201430271483,
  "dvars_std": 1.2573564965158373,
  "dvars_vstd": 1.0196285865158359,
  "efc": 0.4155500164298464,
  "fber": 1128539264.0,
  "fd_mean": 0.08927728284365037,
  "fd_num": 7,
  "fd_perc": 3.1531531531531534,
  "fwhm_avg": 2.6129094051278154,
  "fwhm_x": 2.5601166666666666,
  "fwhm_y": 2.955693333333333,
  "fwhm_z": 2.3229182153834462,
  "gcor": 0.0722955,
  "gsr_x": -0.003556191688403487,
  "gsr_y": 0.0019775712862610817,
  "provenance": {
    "md5sum": "3375ae612ea64fad75ef43b0755104a2",
    "settings": {
      "fd_thres": 0.2,
      "hmc_fsl": false
    },
    "software": "mriqc",
    "version": "0.15.0",
    "webapi_port": null,
    "webapi_url": "https://mriqc.nimh.nih.gov/api/v1"
  },
  "size_t": 222,
  "size_x": 80,
  "size_y": 80,
  "size_z": 36,
  "snr": 5.102455091308038,
  "spacing_tr": 2.0,
  "spacing_x": 3.0,
  "spacing_y": 3.0,
  "spacing_z": 3.299999952316284,
  "spikes_num": 1,
  "summary_bg_k": 100.45354532246986,
  "summary_bg_mad": 0.9838447570800781,
  "summary_bg_mean": 207.8441619873047,
  "summary_bg_median": 0.6670807003974915,
  "summary_bg_n": 146620.0,
  "summary_bg_p05": 0.0,
  "summary_bg_p95": 1114.049688720703,
  "summary_bg_stdv": 1137.5465087890625,
  "summary_fg_k": 2.0873513376817154,
  "summary_fg_mad": 4179.1748046875,
  "summary_fg_mean": 24724.611328125,
  "summary_fg_median": 24756.7578125,
  "summary_fg_n": 42539.0,
  "summary_fg_p05": 16948.9775390625,
  "summary_fg_p95": 32075.814648437496,
  "summary_fg_stdv": 4851.87353515625,
  "tsnr": 86.39878845214844
}