{
  "aor": 0.0018421874999999996,
  "aqi": 0.0025690275625000003,
  "bids_meta": {
    "AcquisitionNumber": 3,
    "BidsifyVersion": "0.3.5",
    "ConversionSoftware": "dcm2niix",
    "ConversionSoftwareVersion": "v1.0.20181125  GCC6.3.0",
    "EchoTime": 0.02763,
    "EffectiveEchoSpacing": 0.0006909035636805814,
    "FlipAngle": 76.1,
    "ImageComments": "PIOP2",
    "ImageOrientationPatientDICOM": [
      0.999304,
      0.0180166,
      0.032663,
      -0.017094,
      0.999453,
      -0.02831
    ],
    "Manufacturer": "Philips",
    "NumberOfVolumesDiscardedByScanner": 2,
    "ParallelAcquisitionTechnique": "SENSE",
    "ParallelReductionFactorInPlane": 2,
    "PatientPosition": "HFS",
    "PhaseEncodingDirection": "j",
    "PhilipsRescaleIntercept": 0,
    "PhilipsRescaleSlope": 0.78071,
    "PhilipsScaleSlope": 0.0551281,
    "ProtocolName": "WIPtask-wm_boldSENSE",
    "PulseSequenceType": "gradient echo EPI",
    "ReconMatrixPE": 80,
    "RepetitionTime": 2,
    "SeriesDescription": "ImageMRSERIES",
    "SeriesNumber": 3,
    "SliceEncodingDirection": "k",
    "SliceTiming": [
      0.0,
      0.0556,
      0.1111,
      0.1667,
      0.2222,
      0.2778,
      0.3333,
      0.3889,
      0.4444,
      0.5,
      0.5556,
      0.6111,
      0.6667,
      0.7222,
      0.7778,
      0.8333,
      0.8889,
      0.9444,
      1.0,
      1.0556,
      1.1111,
      1.1667,
      1.2222,
      1.2778,
      1.3333,
      1.3889,
      1.4444,
      1.5,
      1.5556,
      1.6111,
      1.6667,
      1.7222,
      1.7778,
      1.8333,
      1.8889,
      1.9444
    ],
    "TaskName": "workingmemory",
    "TotalReadoutTime": 0.026945238983542674,
    "UsePhilipsFloatNotDisplayScaling": 1,
    "WaterFatShift": 12,
    "acq_id": "seq",
    "dataset": "unknown",
    "modality": "bold",
    "subject_id": "0013",
    "task_id": "workingmemory"
  },
  "dummy_trs": 0,
  "dvars_nstd": 19.543604185031448,
  "dvars_std": 1.353541612704403,
  "dvars_vstd": 1.0147982364150936,
  "efc": 0.41610331293013053,
  "fber": 1722724608.0,
  "fd_mean": 0.07096212832119589,
  "fd_num": 1,
  "fd_perc": 0.625,
  "fwhm_avg": 2.6501298094802728,
  "fwhm_x": 2.58716,
  "fwhm_y": 2.9755233333333333,
  "fwhm_z": 2.3877060951074847,
  "gcor": 0.0430319,
  "gsr_x": -0.0038930741138756275,
  "gsr_y": 0.002029895316809416,
  "provenance": {
    "md5sum": "d2eda8c3b926372f43b031f7ec211e01",
    "settings": {
      "fd_thres": 0.2,
      "hmc_fsl": false
    },
    "software": "mriqc",
    "version": "0.15.0",
    "webapi_port": null,
    "webapi_url": "https://mriqc.nimh.nih.gov/api/v1"
  },
  "size_t": 160,
  "size_x": 80,
  "size_y": 80,
  "size_z": 36,
  "snr": 4.873934016171136,
  "spacing_tr": 2.0,
  "spacing_x": 3.0,
  "spacing_y": 3.0,
  "spacing_z": 3.299999952316284,
  "spikes_num": 1,
  "summary_bg_k": 103.57071695161997,
  "summary_bg_mad": 0.8261094093322754,
  "summary_bg_mean": 203.8968505859375,
  "summary_bg_median": 0.5598108768463135,
  "summary_bg_n": 146366.0,
  "summary_bg_p05": 0.0011798084888141602,
  "summary_bg_p95": 1098.6557312011719,
  "summary_bg_stdv": 1135.130126953125,
  "summary_fg_k": 2.072240163003446,
  "summary_fg_mad": 4430.552734375,
  "summary_fg_mean": 25129.75390625,
  "summary_fg_median": 25174.67578125,
  "summary_fg_n": 43028.0,
  "summary_fg_p05": 16879.740234375,
  "summary_fg_p95": 33008.419140625,
  "summary_fg_stdv": 5165.10546875,
  "tsnr": 102.18116760253906
}