{
  "aor": 0.0013383549783549783,
  "aqi": 0.003143898787878788,
  "bids_meta": {
    "AcquisitionNumber": 7,
    "BidsifyVersion": "0.3.5",
    "ConversionSoftware": "dcm2niix",
    "ConversionSoftwareVersion": "v1.0.20181125  GCC6.3.0",
    "EchoTime": 0.02763,
    "FlipAngle": 76.1,
    "ImageComments": "PIOP2",
    "ImageOrientationPatientDICOM": [
      0.995675,
      -0.0831255,
      0.0414826,
      0.0792357,
      0.992969,
      0.0879414
    ],
    "Manufacturer": "Philips",
    "NumberOfVolumesDiscardedByScanner": 2,
    "ParallelAcquisitionTechnique": "SENSE",
    "ParallelReductionFactorInPlane": 2,
    "PatientPosition": "HFS",
    "PhaseEncodingDirection": "j",
    "PhilipsRescaleIntercept": 0,
    "PhilipsRescaleSlope": 0.77167,
    "PhilipsScaleSlope": 0.0508644,
    "ProtocolName": "WIPtask-stop_boldSENSE",
    "PulseSequenceType": "gradient echo EPI",
    "ReconMatrixPE": 80,
    "RepetitionTime": 2,
    "SeriesDescription": "ImageMRSERIES",
    "SeriesNumber": 7,
    "SliceEncodingDirection": "k",
    "TaskName": "stopsignal",
    "UsePhilipsFloatNotDisplayScaling": 1,
    "WaterFatShift": 12,
    "acq_id": "seq",
    "dataset": "unknown",
    "modality": "bold",
    "subject_id": "0037",
    "task_id": "stopsignal"
  },
  "dummy_trs": 0,
  "dvars_nstd": 17.914692567826084,
  "dvars_std": 1.234559423826087,
  "dvars_vstd": 0.9951621987826087,
  "efc": 0.39149348208262136,
  "fber": 833906752.0,
  "fd_mean": 0.09529282093165342,
  "fd_num": 8,
  "fd_perc": 3.463203463203463,
  "fwhm_avg": 2.6936122342377167,
  "fwhm_x": 2.5813366666666666,
  "fwhm_y": 3.0048666666666666,
  "fwhm_z": 2.494633369379815,
  "gcor": 0.0169648,
  "gsr_x": -0.006898675113916397,
  "gsr_y": 0.002915146527811885,
  "provenance": {
    "md5sum": "e37ccf7dabf8d077fcdfcc171040f5e7",
    "settings": {
      "fd_thres": 0.2,
      "hmc_fsl": false
    },
    "software": "mriqc",
    "version": "0.15.0",
    "webapi_port": null,
    "webapi_url": "https://mriqc.nimh.nih.gov/api/v1"
  },
  "size_t": 231,
  "size_x": 80,
  "size_y": 80,
  "size_z": 36,
  "snr": 4.896216035221414,
  "spacing_tr": 2.0,
  "spacing_x": 3.0,
  "spacing_y": 3.0,
  "spacing_z": 3.299999952316284,
  "spikes_num": 0,
  "summary_bg_k": 150.51423127872022,
  "summary_bg_mad": 1.2467674016952515,
  "summary_bg_mean": 164.22161865234375,
  "summary_bg_median": 0.8475414514541626,
  "summary_bg_n": 151941.0,
  "summary_bg_p05": 0.0,
  "summary_bg_p95": 790.6201782226562,
  "summary_bg_stdv": 952.5730590820312,
  "summary_fg_k": 2.3551913579987156,
  "summary_fg_mad": 4384.67431640625,
  "summary_fg_mean": 26421.54296875,
  "summary_fg_median": 26233.08203125,
  "summary_fg_n": 38860.0,
  "summary_fg_p05": 18251.69453125,
  "summary_fg_p95": 34908.834960937485,
  "summary_fg_stdv": 5357.7587890625,
  "tsnr": 90.91390991210938
}