{
  "aor": 0.0010931531531531533,
  "aqi": 0.004078856441441441,
  "bids_meta": {
    "AcquisitionNumber": 7,
    "BidsifyVersion": "0.3.5",
    "ConversionSoftware": "dcm2niix",
    "ConversionSoftwareVersion": "v1.0.20181125  GCC6.3.0",
    "EchoTime": 0.02763,
    "EffectiveEchoSpacing": 0.0006909035636805814,
    "FlipAngle": 76.1,
    "ImageComments": "PIOP2",
    "ImageOrientationPatientDICOM": [
      0.998283,
      -0.0470298,
      -0.0349041,
      0.0469032,
      0.99889,
      -0.00443553
    ],
    "Manufacturer": "Philips",
    "NumberOfVolumesDiscardedByScanner": 2,
    "ParallelAcquisitionTechnique": "SENSE",
    "ParallelReductionFactorInPlane": 2,
    "PatientPosition": "HFS",
    "PhaseEncodingDirection": "j",
    "PhilipsRescaleIntercept": 0,
    "PhilipsRescaleSlope": 0.76459,
    "PhilipsScaleSlope": 0.0553577,
    "ProtocolName": "WIPtask-stop_boldSENSE",
    "PulseSequenceType": "gradient echo EPI",
    "ReconMatrixPE": 80,
    "RepetitionTime": 2,
    "SeriesDescription": "ImageMRSERIES",
    "SeriesNumber": 7,
    "SliceEncodingDirection": "k",
    "SliceTiming": [
      0.0,
      0.0556,
      0.1111,
      0.1667,
      0.2222,
      0.2778,
      0.3333,
      0.3889,
      0.4444,
      0.5,
      0.5556,
      0.6111,
      0.6667,
      0.7222,
      0.7778,
      0.8333,
      0.8889,
      0.9444,
      1.0,
      1.0556,
      1.1111,
      1.1667,
      1.2222,
      1.2778,
      1.3333,
      1.3889,
      1.4444,
      1.5,
      1.5556,
      1.6111,
      1.6667,
      1.7222,
      1.7778,
      1.8333,
      1.8889,
      1.9444
    ],
    "TaskName": "stopsignal",
    "TotalReadoutTime": 0.026945238983542674,
    "UsePhilipsFloatNotDisplayScaling": 1,
    "WaterFatShift": 12,
    "acq_id": "seq",
    "dataset": "unknown",
    "modality": "bold",
    "subject_id": "0175",
    "task_id": "stopsignal"
  },
  "dummy_trs": 0,
  "dvars_nstd": 22.32365900791855,
  "dvars_std": 1.3439325691855202,
  "dvars_vstd": 1.0113656415837102,
  "efc": 0.4121364011098237,
  "fber": 264398960.0,
  "fd_mean": 0.14390058725373708,
  "fd_num": 41,
  "fd_perc": 18.46846846846847,
  "fwhm_avg": 2.5012532436162602,
  "fwhm_x": 2.3667466666666668,
  "fwhm_y": 2.7923766666666663,
  "fwhm_z": 2.344636397515447,
  "gcor": 0.0466424,
  "gsr_x": -0.0010532650630921125,
  "gsr_y": 0.0003354836953803897,
  "provenance": {
    "md5sum": "d01cab52d4b88b46202d7e2081e5e3e5",
    "settings": {
      "fd_thres": 0.2,
      "hmc_fsl": false
    },
    "software": "mriqc",
    "version": "0.15.0",
    "webapi_port": null,
    "webapi_url": "https://mriqc.nimh.nih.gov/api/v1"
  },
  "size_t": 222,
  "size_x": 80,
  "size_y": 80,
  "size_z": 36,
  "snr": 5.1478897224332885,
  "spacing_tr": 2.0,
  "spacing_x": 3.0,
  "spacing_y": 3.0,
  "spacing_z": 3.299999952316284,
  "spikes_num": 0,
  "summary_bg_k": 62.22927588120274,
  "summary_bg_mad": 2.2113492488861084,
  "summary_bg_mean": 231.82797241210938,
  "summary_bg_median": 1.5092501640319824,
  "summary_bg_n": 148115.0,
  "summary_bg_p05": 0.003917046310380101,
  "summary_bg_p95": 961.9097778320299,
  "summary_bg_stdv": 1242.546630859375,
  "summary_fg_k": 2.9805269967495187,
  "summary_fg_mad": 4090.263671875,
  "summary_fg_mean": 25692.107421875,
  "summary_fg_median": 25642.44921875,
  "summary_fg_n": 42348.0,
  "summary_fg_p05": 18291.15537109375,
  "summary_fg_p95": 33049.327734375,
  "summary_fg_stdv": 4981.0986328125,
  "tsnr": 83.30465698242188
}