{
    "Manufacturer": "Philips",
    "PatientPosition": "HFS",
    "SeriesDescription": "ImageMRSERIES",
    "ProtocolName": "WIPT1anat_acq-6m_T1wSENSE",
    "SeriesNumber": 2,
    "AcquisitionNumber": 2,
    "ImageComments": "PIOP2",
    "PhilipsRescaleSlope": 8.84298,
    "PhilipsRescaleIntercept": 0,
    "PhilipsScaleSlope": 0.0068645,
    "UsePhilipsFloatNotDisplayScaling": 1,
    "EchoTime": 0.00374,
    "RepetitionTime": 0.008176,
    "ReconMatrixPE": 240,
    "ImageOrientationPatientDICOM": [
        0.99661,
        -0.0256273,
        0.0781747,
        0.0278378,
        0.999239,
        -0.0273197
    ],
    "ConversionSoftware": "dcm2niix",
    "ConversionSoftwareVersion": "v1.0.20181125  GCC6.3.0",
    "BidsifyVersion": "0.3.5"
}