{
  "aor": 0.0014558125,
  "aqi": 0.0025314141875,
  "bids_meta": {
    "AcquisitionNumber": 3,
    "BidsifyVersion": "0.3.5",
    "ConversionSoftware": "dcm2niix",
    "ConversionSoftwareVersion": "v1.0.20181125  GCC6.3.0",
    "EchoTime": 0.02763,
    "EffectiveEchoSpacing": 0.0006909035636805814,
    "FlipAngle": 76.1,
    "ImageComments": "PIOP2",
    "ImageOrientationPatientDICOM": [
      0.99994,
      0.00981281,
      -0.00497264,
      -0.00820273,
      0.966283,
      0.257351
    ],
    "Manufacturer": "Philips",
    "NumberOfVolumesDiscardedByScanner": 2,
    "ParallelAcquisitionTechnique": "SENSE",
    "ParallelReductionFactorInPlane": 2,
    "PatientPosition": "HFS",
    "PhaseEncodingDirection": "j",
    "PhilipsRescaleIntercept": 0,
    "PhilipsRescaleSlope": 0.77729,
    "PhilipsScaleSlope": 0.0462645,
    "ProtocolName": "WIPtask-wm_boldSENSE",
    "PulseSequenceType": "gradient echo EPI",
    "ReconMatrixPE": 80,
    "RepetitionTime": 2,
    "SeriesDescription": "ImageMRSERIES",
    "SeriesNumber": 3,
    "SliceEncodingDirection": "k",
    "SliceTiming": [
      0.0,
      0.0556,
      0.1111,
      0.1667,
      0.2222,
      0.2778,
      0.3333,
      0.3889,
      0.4444,
      0.5,
      0.5556,
      0.6111,
      0.6667,
      0.7222,
      0.7778,
      0.8333,
      0.8889,
      0.9444,
      1.0,
      1.0556,
      1.1111,
      1.1667,
      1.2222,
      1.2778,
      1.3333,
      1.3889,
      1.4444,
      1.5,
      1.5556,
      1.6111,
      1.6667,
      1.7222,
      1.7778,
      1.8333,
      1.8889,
      1.9444
    ],
    "TaskName": "workingmemory",
    "TotalReadoutTime": 0.026945238983542674,
    "UsePhilipsFloatNotDisplayScaling": 1,
    "WaterFatShift": 12,
    "acq_id": "seq",
    "dataset": "unknown",
    "modality": "bold",
    "subject_id": "0030",
    "task_id": "workingmemory"
  },
  "dummy_trs": 0,
  "dvars_nstd": 15.20674577735849,
  "dvars_std": 1.1160669088679245,
  "dvars_vstd": 0.981572434779874,
  "efc": 0.41419552748387095,
  "fber": 869768384.0,
  "fd_mean": 0.07213975822592775,
  "fd_num": 0,
  "fd_perc": 0.0,
  "fwhm_avg": 2.5899089003013525,
  "fwhm_x": 2.5408133333333334,
  "fwhm_y": 2.85948,
  "fwhm_z": 2.3694333675707235,
  "gcor": 0.0131874,
  "gsr_x": 8.592893573222682e-05,
  "gsr_y": -0.0003232341550756246,
  "provenance": {
    "md5sum": "3ad1ea33bc87088e77555c498cbbc61b",
    "settings": {
      "fd_thres": 0.2,
      "hmc_fsl": false
    },
    "software": "mriqc",
    "version": "0.15.0",
    "webapi_port": null,
    "webapi_url": "https://mriqc.nimh.nih.gov/api/v1"
  },
  "size_t": 160,
  "size_x": 80,
  "size_y": 80,
  "size_z": 36,
  "snr": 4.864406056020473,
  "spacing_tr": 2.0,
  "spacing_x": 3.0,
  "spacing_y": 3.0,
  "spacing_z": 3.299999952316284,
  "spikes_num": 0,
  "summary_bg_k": 77.06103220524004,
  "summary_bg_mad": 1.2934293746948242,
  "summary_bg_mean": 252.93309020996094,
  "summary_bg_median": 0.8724048733711243,
  "summary_bg_n": 147155.0,
  "summary_bg_p05": 0.0,
  "summary_bg_p95": 1168.7399536132775,
  "summary_bg_stdv": 1367.9473876953125,
  "summary_fg_k": 2.0490565112007895,
  "summary_fg_mad": 5082.28369140625,
  "summary_fg_mean": 28838.18359375,
  "summary_fg_median": 28818.390625,
  "summary_fg_n": 42626.0,
  "summary_fg_p05": 19624.427734375,
  "summary_fg_p95": 38110.9375,
  "summary_fg_stdv": 5924.26953125,
  "tsnr": 94.9034194946289
}