{
    "Manufacturer": "Philips",
    "PatientPosition": "HFS",
    "SeriesDescription": "ImageMRSERIES",
    "ProtocolName": "WIPT1anat_acq-6m_T1wSENSE",
    "SeriesNumber": 2,
    "AcquisitionNumber": 2,
    "ImageComments": "PIOP2",
    "PhilipsRescaleSlope": 8.61856,
    "PhilipsRescaleIntercept": 0,
    "PhilipsScaleSlope": 0.00658055,
    "UsePhilipsFloatNotDisplayScaling": 1,
    "EchoTime": 0.00381,
    "RepetitionTime": 0.00826,
    "ReconMatrixPE": 240,
    "ImageOrientationPatientDICOM": [
        0.99532,
        0.09204,
        -0.0294456,
        -0.0942607,
        0.991828,
        -0.0859796
    ],
    "ConversionSoftware": "dcm2niix",
    "ConversionSoftwareVersion": "v1.0.20181125  GCC6.3.0",
    "BidsifyVersion": "0.3.5"
}