{
    "Manufacturer": "Philips",
    "PatientPosition": "HFS",
    "SeriesDescription": "ImageMRSERIES",
    "ProtocolName": "WIPT1anat_acq-6m_T1wSENSE",
    "SeriesNumber": 2,
    "AcquisitionNumber": 2,
    "ImageComments": "PIOP2",
    "PhilipsRescaleSlope": 7.70501,
    "PhilipsRescaleIntercept": 0,
    "PhilipsScaleSlope": 0.00705383,
    "UsePhilipsFloatNotDisplayScaling": 1,
    "EchoTime": 0.00378,
    "RepetitionTime": 0.008233,
    "ReconMatrixPE": 240,
    "ImageOrientationPatientDICOM": [
        0.999678,
        -0.0240111,
        -0.00818308,
        0.0228604,
        0.992551,
        -0.119662
    ],
    "ConversionSoftware": "dcm2niix",
    "ConversionSoftwareVersion": "v1.0.20181125  GCC6.3.0",
    "BidsifyVersion": "0.3.5"
}