{
  "aor": 0.0037496249999999995,
  "aqi": 0.006675088812499999,
  "bids_meta": {
    "AcquisitionNumber": 3,
    "BidsifyVersion": "0.3.5",
    "ConversionSoftware": "dcm2niix",
    "ConversionSoftwareVersion": "v1.0.20181125  GCC6.3.0",
    "EchoTime": 0.02763,
    "FlipAngle": 76.1,
    "ImageComments": "PIOP2",
    "ImageOrientationPatientDICOM": [
      0.987746,
      0.145326,
      -0.0568962,
      -0.142336,
      0.988371,
      0.053502
    ],
    "Manufacturer": "Philips",
    "NumberOfVolumesDiscardedByScanner": 2,
    "ParallelAcquisitionTechnique": "SENSE",
    "ParallelReductionFactorInPlane": 2,
    "PatientPosition": "HFS",
    "PhaseEncodingDirection": "j",
    "PhilipsRescaleIntercept": 0,
    "PhilipsRescaleSlope": 0.74799,
    "PhilipsScaleSlope": 0.0566384,
    "ProtocolName": "WIPtask-wm_boldSENSE",
    "PulseSequenceType": "gradient echo EPI",
    "ReconMatrixPE": 80,
    "RepetitionTime": 2,
    "SeriesDescription": "ImageMRSERIES",
    "SeriesNumber": 3,
    "SliceEncodingDirection": "k",
    "TaskName": "workingmemory",
    "UsePhilipsFloatNotDisplayScaling": 1,
    "WaterFatShift": 12,
    "acq_id": "seq",
    "dataset": "unknown",
    "modality": "bold",
    "subject_id": "0052",
    "task_id": "workingmemory"
  },
  "dummy_trs": 0,
  "dvars_nstd": 18.591877703270438,
  "dvars_std": 1.2083766533962266,
  "dvars_vstd": 0.9714921131446546,
  "efc": 0.41094532246883836,
  "fber": 189653952.0,
  "fd_mean": 0.09074653976250613,
  "fd_num": 4,
  "fd_perc": 2.5,
  "fwhm_avg": 2.6231085970347614,
  "fwhm_x": 2.5833133333333334,
  "fwhm_y": 2.9656366666666667,
  "fwhm_z": 2.3203757911042846,
  "gcor": 0.0119245,
  "gsr_x": -0.0006983087514527142,
  "gsr_y": 0.002435232512652874,
  "provenance": {
    "md5sum": "5c3a366bcf594939807d5ce6e49e5402",
    "settings": {
      "fd_thres": 0.2,
      "hmc_fsl": false
    },
    "software": "mriqc",
    "version": "0.15.0",
    "webapi_port": null,
    "webapi_url": "https://mriqc.nimh.nih.gov/api/v1"
  },
  "size_t": 160,
  "size_x": 80,
  "size_y": 80,
  "size_z": 36,
  "snr": 5.618844135568517,
  "spacing_tr": 2.0,
  "spacing_x": 3.0,
  "spacing_y": 3.0,
  "spacing_z": 3.299999952316284,
  "spikes_num": 0,
  "summary_bg_k": 153.52453217823708,
  "summary_bg_mad": 2.3986623287200928,
  "summary_bg_mean": 161.7197265625,
  "summary_bg_median": 1.6178730726242065,
  "summary_bg_n": 147809.0,
  "summary_bg_p05": 0.0,
  "summary_bg_p95": 762.1793457031266,
  "summary_bg_stdv": 924.9550170898438,
  "summary_fg_k": 3.7500522366958133,
  "summary_fg_mad": 3534.535400390625,
  "summary_fg_mean": 24138.83984375,
  "summary_fg_median": 24146.037109375,
  "summary_fg_n": 42169.0,
  "summary_fg_p05": 17531.38359375,
  "summary_fg_p95": 30218.718359374998,
  "summary_fg_stdv": 4297.28076171875,
  "tsnr": 75.65505981445312
}