{
  "aor": 0.002240375,
  "aqi": 0.009848239416666666,
  "bids_meta": {
    "AcquisitionNumber": 4,
    "BidsifyVersion": "0.3.5",
    "ConversionSoftware": "dcm2niix",
    "ConversionSoftwareVersion": "v1.0.20181125  GCC6.3.0",
    "EchoTime": 0.02763,
    "FlipAngle": 76.1,
    "ImageComments": "PIOP2",
    "ImageOrientationPatientDICOM": [
      0.987746,
      0.145326,
      -0.0568962,
      -0.142336,
      0.988371,
      0.053502
    ],
    "Manufacturer": "Philips",
    "NumberOfVolumesDiscardedByScanner": 2,
    "ParallelAcquisitionTechnique": "SENSE",
    "ParallelReductionFactorInPlane": 2,
    "PatientPosition": "HFS",
    "PhaseEncodingDirection": "j",
    "PhilipsRescaleIntercept": 0,
    "PhilipsRescaleSlope": 0.78803,
    "PhilipsScaleSlope": 0.0545636,
    "ProtocolName": "WIPtask-rest_boldSENSE",
    "PulseSequenceType": "gradient echo EPI",
    "ReconMatrixPE": 80,
    "RepetitionTime": 2,
    "SeriesDescription": "ImageMRSERIES",
    "SeriesNumber": 4,
    "SliceEncodingDirection": "k",
    "TaskName": "restingstate",
    "UsePhilipsFloatNotDisplayScaling": 1,
    "WaterFatShift": 12,
    "acq_id": "seq",
    "dataset": "unknown",
    "modality": "bold",
    "subject_id": "0052",
    "task_id": "restingstate"
  },
  "dummy_trs": 0,
  "dvars_nstd": 19.21323497728035,
  "dvars_std": 1.1182857366108783,
  "dvars_vstd": 0.933499166694561,
  "efc": 0.4106264931871082,
  "fber": 60708416.0,
  "fd_mean": 0.13237500297818,
  "fd_num": 33,
  "fd_perc": 13.75,
  "fwhm_avg": 2.645325667792187,
  "fwhm_x": 2.6009366666666667,
  "fwhm_y": 3.00421,
  "fwhm_z": 2.3308303367098944,
  "gcor": 0.00883997,
  "gsr_x": -0.0004886895185336471,
  "gsr_y": 0.002503342926502228,
  "provenance": {
    "md5sum": "735a5c1010d28be1793411eeafdc80eb",
    "settings": {
      "fd_thres": 0.2,
      "hmc_fsl": false
    },
    "software": "mriqc",
    "version": "0.15.0",
    "webapi_port": null,
    "webapi_url": "https://mriqc.nimh.nih.gov/api/v1"
  },
  "size_t": 240,
  "size_x": 80,
  "size_y": 80,
  "size_z": 36,
  "snr": 5.555103785071578,
  "spacing_tr": 2.0,
  "spacing_x": 3.0,
  "spacing_y": 3.0,
  "spacing_z": 3.299999952316284,
  "spikes_num": 2,
  "summary_bg_k": 177.63474454006277,
  "summary_bg_mad": 4.244483947753906,
  "summary_bg_mean": 163.26133728027344,
  "summary_bg_median": 2.862860918045044,
  "summary_bg_n": 148005.0,
  "summary_bg_p05": 0.0,
  "summary_bg_p95": 783.6130126953027,
  "summary_bg_stdv": 898.381103515625,
  "summary_fg_k": 3.41870363278423,
  "summary_fg_mad": 3586.47412109375,
  "summary_fg_mean": 24191.892578125,
  "summary_fg_median": 24145.234375,
  "summary_fg_n": 41962.0,
  "summary_fg_p05": 17537.88359375,
  "summary_fg_p95": 30499.6943359375,
  "summary_fg_stdv": 4346.44384765625,
  "tsnr": 62.542205810546875
}