{
    "Manufacturer": "Philips",
    "PatientPosition": "HFS",
    "SeriesDescription": "ImageMRSERIES",
    "ProtocolName": "WIPT1anat_acq-6m_T1wSENSE",
    "SeriesNumber": 2,
    "AcquisitionNumber": 2,
    "ImageComments": "PIOP2",
    "PhilipsRescaleSlope": 7.73211,
    "PhilipsRescaleIntercept": 0,
    "PhilipsScaleSlope": 0.00723996,
    "UsePhilipsFloatNotDisplayScaling": 1,
    "EchoTime": 0.00374,
    "RepetitionTime": 0.008153,
    "ReconMatrixPE": 240,
    "ImageOrientationPatientDICOM": [
        0.999176,
        -0.0356924,
        0.0193011,
        0.0364635,
        0.998485,
        -0.0411992
    ],
    "ConversionSoftware": "dcm2niix",
    "ConversionSoftwareVersion": "v1.0.20181125  GCC6.3.0",
    "BidsifyVersion": "0.3.5"
}