{
  "bids_meta": {
    "AcquisitionNumber": 2,
    "BidsifyVersion": "0.3.5",
    "ConversionSoftware": "dcm2niix",
    "ConversionSoftwareVersion": "v1.0.20181125  GCC6.3.0",
    "EchoTime": 0.00373,
    "ImageComments": "PIOP2",
    "ImageOrientationPatientDICOM": [
      0.999612,
      0.00654247,
      -0.0270706,
      -0.00662978,
      0.999973,
      -0.00313665
    ],
    "Manufacturer": "Philips",
    "PatientPosition": "HFS",
    "PhilipsRescaleIntercept": 0,
    "PhilipsRescaleSlope": 10.0884,
    "PhilipsScaleSlope": 0.00766023,
    "ProtocolName": "WIPT1anat_acq-6m_T1wSENSE",
    "ReconMatrixPE": 240,
    "RepetitionTime": 0.008168,
    "SeriesDescription": "ImageMRSERIES",
    "SeriesNumber": 2,
    "UsePhilipsFloatNotDisplayScaling": 1,
    "acq_id": "6m",
    "dataset": "unknown",
    "modality": "T1w",
    "subject_id": "0092"
  },
  "cjv": 0.28103727336756024,
  "cnr": 4.272117410066674,
  "efc": 0.7334541502041314,
  "fber": 1205.2877197265625,
  "fwhm_avg": 4.609263333333334,
  "fwhm_x": 4.31825,
  "fwhm_y": 4.81027,
  "fwhm_z": 4.69927,
  "icvs_csf": 0.2858863699270997,
  "icvs_gm": 0.36861456242292007,
  "icvs_wm": 0.34549906764998023,
  "inu_med": 1.6018612384796143,
  "inu_range": 0.313618540763855,
  "provenance": {
    "md5sum": "f058b3b4077dd7b9b5a7c99163299ed4",
    "settings": {
      "testing": false
    },
    "software": "mriqc",
    "version": "0.15.0",
    "warnings": {
      "large_rot_frame": true,
      "small_air_mask": true
    },
    "webapi_port": null,
    "webapi_url": "https://mriqc.nimh.nih.gov/api/v1"
  },
  "qi_1": 0.05220285016196615,
  "qi_2": 7.311708328006629e-05,
  "rpve_csf": 24.784125123809748,
  "rpve_gm": 17.268334594961956,
  "rpve_wm": 24.86209751337926,
  "size_x": 240,
  "size_y": 240,
  "size_z": 220,
  "snr_csf": 2.9141341346545238,
  "snr_gm": 9.048565270819074,
  "snr_total": 12.278063506533213,
  "snr_wm": 24.87149111412604,
  "snrd_csf": 21.129081565914635,
  "snrd_gm": 47.23734018122319,
  "snrd_total": 47.29798439262685,
  "snrd_wm": 73.52753143074273,
  "spacing_x": 1.0,
  "spacing_y": 1.0,
  "spacing_z": 1.0,
  "summary_bg_k": 55.581947672870214,
  "summary_bg_mad": 8.910037994384766,
  "summary_bg_mean": 11.147583961486816,
  "summary_bg_median": 6.124419212341309,
  "summary_bg_n": 242081.0,
  "summary_bg_p05": 0.0,
  "summary_bg_p95": 30.86903953552246,
  "summary_bg_stdv": 18.6466007232666,
  "summary_csf_k": -0.6043744878348827,
  "summary_csf_mad": 106.88622283935547,
  "summary_csf_mean": 277.92303466796875,
  "summary_csf_median": 287.3614196777344,
  "summary_csf_n": 18291.0,
  "summary_csf_p05": 109.62192916870117,
  "summary_csf_p95": 424.23435974121094,
  "summary_csf_stdv": 98.60684204101562,
  "summary_gm_k": 0.40961729328836816,
  "summary_gm_mad": 66.08421325683594,
  "summary_gm_mean": 649.9103393554688,
  "summary_gm_median": 642.4410400390625,
  "summary_gm_n": 15814.0,
  "summary_gm_p05": 547.9293182373046,
  "summary_gm_p95": 779.2116455078124,
  "summary_gm_stdv": 70.9969711303711,
  "summary_wm_k": 1.4712654989609977,
  "summary_wm_mad": 34.40177536010742,
  "summary_wm_mean": 997.7716674804688,
  "summary_wm_median": 999.9949951171875,
  "summary_wm_n": 179974.0,
  "summary_wm_p05": 926.7165802001953,
  "summary_wm_p95": 1058.140069580078,
  "summary_wm_stdv": 40.206363677978516,
  "tpm_overlap_csf": 0.21024715900421143,
  "tpm_overlap_gm": 0.476680725812912,
  "tpm_overlap_wm": 0.581026017665863,
  "wm2max": 0.7927828146604636
}