{
  "aor": 0.0015179374999999998,
  "aqi": 0.0032476779999999995,
  "bids_meta": {
    "AcquisitionNumber": 3,
    "BidsifyVersion": "0.3.5",
    "ConversionSoftware": "dcm2niix",
    "ConversionSoftwareVersion": "v1.0.20181125  GCC6.3.0",
    "EchoTime": 0.02763,
    "FlipAngle": 76.1,
    "ImageComments": "PIOP2",
    "ImageOrientationPatientDICOM": [
      0.999991,
      0.00427185,
      0.000627473,
      -0.00418878,
      0.995081,
      -0.0989759
    ],
    "Manufacturer": "Philips",
    "NumberOfVolumesDiscardedByScanner": 2,
    "ParallelAcquisitionTechnique": "SENSE",
    "ParallelReductionFactorInPlane": 2,
    "PatientPosition": "HFS",
    "PhaseEncodingDirection": "j",
    "PhilipsRescaleIntercept": 0,
    "PhilipsRescaleSlope": 0.78632,
    "PhilipsScaleSlope": 0.065331,
    "ProtocolName": "WIPtask-wm_boldSENSE",
    "PulseSequenceType": "gradient echo EPI",
    "ReconMatrixPE": 80,
    "RepetitionTime": 2,
    "SeriesDescription": "ImageMRSERIES",
    "SeriesNumber": 3,
    "SliceEncodingDirection": "k",
    "TaskName": "workingmemory",
    "UsePhilipsFloatNotDisplayScaling": 1,
    "WaterFatShift": 12,
    "acq_id": "seq",
    "dataset": "unknown",
    "modality": "bold",
    "subject_id": "0053",
    "task_id": "workingmemory"
  },
  "dummy_trs": 0,
  "dvars_nstd": 20.72164913339622,
  "dvars_std": 1.3760546787421388,
  "dvars_vstd": 0.9927247689308177,
  "efc": 0.41226467428596164,
  "fber": 276987968.0,
  "fd_mean": 0.10811146339574575,
  "fd_num": 2,
  "fd_perc": 1.25,
  "fwhm_avg": 2.5164937486837107,
  "fwhm_x": 2.4612666666666665,
  "fwhm_y": 2.7400599999999997,
  "fwhm_z": 2.3481545793844654,
  "gcor": 0.0212072,
  "gsr_x": -0.002667822176590562,
  "gsr_y": 0.00022684434952680022,
  "provenance": {
    "md5sum": "d7131a137da11ed6e9782aab5d0d1edd",
    "settings": {
      "fd_thres": 0.2,
      "hmc_fsl": false
    },
    "software": "mriqc",
    "version": "0.15.0",
    "webapi_port": null,
    "webapi_url": "https://mriqc.nimh.nih.gov/api/v1"
  },
  "size_t": 160,
  "size_x": 80,
  "size_y": 80,
  "size_z": 36,
  "snr": 5.53533927125279,
  "spacing_tr": 2.0,
  "spacing_x": 3.0,
  "spacing_y": 3.0,
  "spacing_z": 3.299999952316284,
  "spikes_num": 11,
  "summary_bg_k": 94.32253784725408,
  "summary_bg_mad": 1.9687187671661377,
  "summary_bg_mean": 183.635986328125,
  "summary_bg_median": 1.3505899906158447,
  "summary_bg_n": 148404.0,
  "summary_bg_p05": 0.004382489202544094,
  "summary_bg_p95": 857.1683624267596,
  "summary_bg_stdv": 1031.4151611328125,
  "summary_fg_k": 3.334737001280633,
  "summary_fg_mad": 3506.95947265625,
  "summary_fg_mean": 23531.50390625,
  "summary_fg_median": 23510.0078125,
  "summary_fg_n": 42187.0,
  "summary_fg_p05": 17171.8125,
  "summary_fg_p95": 29838.439062499998,
  "summary_fg_stdv": 4247.20654296875,
  "tsnr": 99.93975830078125
}