{
    "Manufacturer": "Philips",
    "PatientPosition": "HFS",
    "SeriesDescription": "ImageMRSERIES",
    "ProtocolName": "WIPT1anat_acq-6m_T1wSENSE",
    "SeriesNumber": 2,
    "AcquisitionNumber": 2,
    "ImageComments": "PIOP2",
    "PhilipsRescaleSlope": 9.5707,
    "PhilipsRescaleIntercept": 0,
    "PhilipsScaleSlope": 0.00675098,
    "UsePhilipsFloatNotDisplayScaling": 1,
    "EchoTime": 0.00378,
    "RepetitionTime": 0.008241,
    "ReconMatrixPE": 240,
    "ImageOrientationPatientDICOM": [
        0.999546,
        0.00969698,
        0.0285134,
        -0.00610596,
        0.992334,
        -0.123432
    ],
    "ConversionSoftware": "dcm2niix",
    "ConversionSoftwareVersion": "v1.0.20181125  GCC6.3.0",
    "BidsifyVersion": "0.3.5"
}