{
  "aor": 0.0030530833333333334,
  "aqi": 0.011928601041666665,
  "bids_meta": {
    "AcquisitionNumber": 4,
    "BidsifyVersion": "0.3.5",
    "ConversionSoftware": "dcm2niix",
    "ConversionSoftwareVersion": "v1.0.20181125  GCC6.3.0",
    "EchoTime": 0.02763,
    "EffectiveEchoSpacing": 0.0006909035636805814,
    "FlipAngle": 76.1,
    "ImageComments": "PIOP2",
    "ImageOrientationPatientDICOM": [
      0.997974,
      -0.0625905,
      0.0114261,
      0.0619129,
      0.996712,
      0.0522723
    ],
    "Manufacturer": "Philips",
    "NumberOfVolumesDiscardedByScanner": 2,
    "ParallelAcquisitionTechnique": "SENSE",
    "ParallelReductionFactorInPlane": 2,
    "PatientPosition": "HFS",
    "PhaseEncodingDirection": "j",
    "PhilipsRescaleIntercept": 0,
    "PhilipsRescaleSlope": 0.81001,
    "PhilipsScaleSlope": 0.0511073,
    "ProtocolName": "WIPtask-rest_boldSENSE",
    "PulseSequenceType": "gradient echo EPI",
    "ReconMatrixPE": 80,
    "RepetitionTime": 2,
    "SeriesDescription": "ImageMRSERIES",
    "SeriesNumber": 4,
    "SliceEncodingDirection": "k",
    "SliceTiming": [
      0.0,
      0.0556,
      0.1111,
      0.1667,
      0.2222,
      0.2778,
      0.3333,
      0.3889,
      0.4444,
      0.5,
      0.5556,
      0.6111,
      0.6667,
      0.7222,
      0.7778,
      0.8333,
      0.8889,
      0.9444,
      1.0,
      1.0556,
      1.1111,
      1.1667,
      1.2222,
      1.2778,
      1.3333,
      1.3889,
      1.4444,
      1.5,
      1.5556,
      1.6111,
      1.6667,
      1.7222,
      1.7778,
      1.8333,
      1.8889,
      1.9444
    ],
    "TaskName": "restingstate",
    "TotalReadoutTime": 0.026945238983542674,
    "UsePhilipsFloatNotDisplayScaling": 1,
    "WaterFatShift": 12,
    "acq_id": "seq",
    "dataset": "unknown",
    "modality": "bold",
    "subject_id": "0160",
    "task_id": "restingstate"
  },
  "dummy_trs": 0,
  "dvars_nstd": 24.61634232087866,
  "dvars_std": 1.182704548953975,
  "dvars_vstd": 5.767972725690377,
  "efc": 0.4365210330318524,
  "fber": 77167632.0,
  "fd_mean": 0.2580747522441626,
  "fd_num": 125,
  "fd_perc": 52.083333333333336,
  "fwhm_avg": 2.539875263345326,
  "fwhm_x": 2.552846666666667,
  "fwhm_y": 2.8203366666666665,
  "fwhm_z": 2.2464424567026438,
  "gcor": 0.0549084,
  "gsr_x": 0.0071158697828650475,
  "gsr_y": -0.002288482617586851,
  "provenance": {
    "md5sum": "bc7b408fc3fda3798991294f7c38680a",
    "settings": {
      "fd_thres": 0.2,
      "hmc_fsl": false
    },
    "software": "mriqc",
    "version": "0.15.0",
    "webapi_port": null,
    "webapi_url": "https://mriqc.nimh.nih.gov/api/v1"
  },
  "size_t": 240,
  "size_x": 80,
  "size_y": 80,
  "size_z": 36,
  "snr": 4.640214737836135,
  "spacing_tr": 2.0,
  "spacing_x": 3.0,
  "spacing_y": 3.0,
  "spacing_z": 3.299999952316284,
  "spikes_num": 1,
  "summary_bg_k": 68.96272573686024,
  "summary_bg_mad": 3.8002779483795166,
  "summary_bg_mean": 269.4374084472656,
  "summary_bg_median": 2.575392723083496,
  "summary_bg_n": 142507.0,
  "summary_bg_p05": 0.0,
  "summary_bg_p95": 1562.547009277337,
  "summary_bg_stdv": 1252.0926513671875,
  "summary_fg_k": 2.4614786711726895,
  "summary_fg_mad": 4587.7099609375,
  "summary_fg_mean": 26468.291015625,
  "summary_fg_median": 26203.015625,
  "summary_fg_n": 46355.0,
  "summary_fg_p05": 18175.909375000003,
  "summary_fg_p95": 35474.876953125,
  "summary_fg_stdv": 5646.87939453125,
  "tsnr": 46.06591796875
}