{
  "aor": 0.001179,
  "aqi": 0.004414089,
  "bids_meta": {
    "AcquisitionNumber": 3,
    "BidsifyVersion": "0.3.5",
    "ConversionSoftware": "dcm2niix",
    "ConversionSoftwareVersion": "v1.0.20181125  GCC6.3.0",
    "EchoTime": 0.02763,
    "EffectiveEchoSpacing": 0.0006909035636805814,
    "FlipAngle": 76.1,
    "ImageComments": "PIOP2",
    "ImageOrientationPatientDICOM": [
      0.997974,
      -0.0625905,
      0.0114261,
      0.0619129,
      0.996712,
      0.0522723
    ],
    "Manufacturer": "Philips",
    "NumberOfVolumesDiscardedByScanner": 2,
    "ParallelAcquisitionTechnique": "SENSE",
    "ParallelReductionFactorInPlane": 2,
    "PatientPosition": "HFS",
    "PhaseEncodingDirection": "j",
    "PhilipsRescaleIntercept": 0,
    "PhilipsRescaleSlope": 0.81099,
    "PhilipsScaleSlope": 0.0490291,
    "ProtocolName": "WIPtask-wm_boldSENSE",
    "PulseSequenceType": "gradient echo EPI",
    "ReconMatrixPE": 80,
    "RepetitionTime": 2,
    "SeriesDescription": "ImageMRSERIES",
    "SeriesNumber": 3,
    "SliceEncodingDirection": "k",
    "SliceTiming": [
      0.0,
      0.0556,
      0.1111,
      0.1667,
      0.2222,
      0.2778,
      0.3333,
      0.3889,
      0.4444,
      0.5,
      0.5556,
      0.6111,
      0.6667,
      0.7222,
      0.7778,
      0.8333,
      0.8889,
      0.9444,
      1.0,
      1.0556,
      1.1111,
      1.1667,
      1.2222,
      1.2778,
      1.3333,
      1.3889,
      1.4444,
      1.5,
      1.5556,
      1.6111,
      1.6667,
      1.7222,
      1.7778,
      1.8333,
      1.8889,
      1.9444
    ],
    "TaskName": "workingmemory",
    "TotalReadoutTime": 0.026945238983542674,
    "UsePhilipsFloatNotDisplayScaling": 1,
    "WaterFatShift": 12,
    "acq_id": "seq",
    "dataset": "unknown",
    "modality": "bold",
    "subject_id": "0160",
    "task_id": "workingmemory"
  },
  "dummy_trs": 0,
  "dvars_nstd": 20.5177155854717,
  "dvars_std": 1.255541936226415,
  "dvars_vstd": 0.9976299674213834,
  "efc": 0.43395000853324955,
  "fber": 416945792.0,
  "fd_mean": 0.13394966021966787,
  "fd_num": 23,
  "fd_perc": 14.375,
  "fwhm_avg": 2.519093445062623,
  "fwhm_x": 2.54209,
  "fwhm_y": 2.7896933333333336,
  "fwhm_z": 2.2254970018545355,
  "gcor": 0.111117,
  "gsr_x": 0.007553349249064922,
  "gsr_y": -0.0032441760413348675,
  "provenance": {
    "md5sum": "4c4943e71d42cba3f18e71c36383dd0e",
    "settings": {
      "fd_thres": 0.2,
      "hmc_fsl": false
    },
    "software": "mriqc",
    "version": "0.15.0",
    "webapi_port": null,
    "webapi_url": "https://mriqc.nimh.nih.gov/api/v1"
  },
  "size_t": 160,
  "size_x": 80,
  "size_y": 80,
  "size_z": 36,
  "snr": 4.475952680459201,
  "spacing_tr": 2.0,
  "spacing_x": 3.0,
  "spacing_y": 3.0,
  "spacing_z": 3.299999952316284,
  "spikes_num": 0,
  "summary_bg_k": 65.40813344586851,
  "summary_bg_mad": 1.680065393447876,
  "summary_bg_mean": 255.04742431640625,
  "summary_bg_median": 1.1485120058059692,
  "summary_bg_n": 142394.0,
  "summary_bg_p05": 0.007812741119414568,
  "summary_bg_p95": 1386.391278076172,
  "summary_bg_stdv": 1277.21142578125,
  "summary_fg_k": 2.4898843695358526,
  "summary_fg_mad": 4791.26513671875,
  "summary_fg_mean": 27016.474609375,
  "summary_fg_median": 26696.357421875,
  "summary_fg_n": 46462.0,
  "summary_fg_p05": 18301.0607421875,
  "summary_fg_p95": 36538.923046874996,
  "summary_fg_stdv": 5964.33251953125,
  "tsnr": 70.54818725585938
}