{
  "aor": 0.0025395555555555557,
  "aqi": 0.006212790222222222,
  "bids_meta": {
    "AcquisitionNumber": 8,
    "BidsifyVersion": "0.3.5",
    "ConversionSoftware": "dcm2niix",
    "ConversionSoftwareVersion": "v1.0.20181125  GCC6.3.0",
    "EchoTime": 0.02763,
    "EffectiveEchoSpacing": 0.0006909035636805814,
    "FlipAngle": 76.1,
    "ImageComments": "PIOP2",
    "ImageOrientationPatientDICOM": [
      0.997974,
      -0.0625905,
      0.0114261,
      0.0619129,
      0.996712,
      0.0522723
    ],
    "Manufacturer": "Philips",
    "NumberOfVolumesDiscardedByScanner": 2,
    "ParallelAcquisitionTechnique": "SENSE",
    "ParallelReductionFactorInPlane": 2,
    "PatientPosition": "HFS",
    "PhaseEncodingDirection": "j",
    "PhilipsRescaleIntercept": 0,
    "PhilipsRescaleSlope": 0.79805,
    "PhilipsScaleSlope": 0.0504322,
    "ProtocolName": "WIPtask-harriri_boldSENSE",
    "PulseSequenceType": "gradient echo EPI",
    "ReconMatrixPE": 80,
    "RepetitionTime": 2,
    "SeriesDescription": "ImageMRSERIES",
    "SeriesNumber": 8,
    "SliceEncodingDirection": "k",
    "SliceTiming": [
      0.0,
      0.0556,
      0.1111,
      0.1667,
      0.2222,
      0.2778,
      0.3333,
      0.3889,
      0.4444,
      0.5,
      0.5556,
      0.6111,
      0.6667,
      0.7222,
      0.7778,
      0.8333,
      0.8889,
      0.9444,
      1.0,
      1.0556,
      1.1111,
      1.1667,
      1.2222,
      1.2778,
      1.3333,
      1.3889,
      1.4444,
      1.5,
      1.5556,
      1.6111,
      1.6667,
      1.7222,
      1.7778,
      1.8333,
      1.8889,
      1.9444
    ],
    "TaskName": "emomatching",
    "TotalReadoutTime": 0.026945238983542674,
    "UsePhilipsFloatNotDisplayScaling": 1,
    "WaterFatShift": 12,
    "acq_id": "seq",
    "dataset": "unknown",
    "modality": "bold",
    "subject_id": "0160",
    "task_id": "emomatching"
  },
  "dummy_trs": 0,
  "dvars_nstd": 21.207201466641802,
  "dvars_std": 1.2285069996268654,
  "dvars_vstd": 1.097510412238806,
  "efc": 0.43662912192529685,
  "fber": 152374176.0,
  "fd_mean": 0.16156760418104554,
  "fd_num": 31,
  "fd_perc": 22.962962962962962,
  "fwhm_avg": 2.51036869754152,
  "fwhm_x": 2.525796666666667,
  "fwhm_y": 2.7894366666666666,
  "fwhm_z": 2.2158727592912264,
  "gcor": 0.069362,
  "gsr_x": 0.008290386758744717,
  "gsr_y": -0.003310454310849309,
  "provenance": {
    "md5sum": "61274414430dbf39a13e50ca95bb1180",
    "settings": {
      "fd_thres": 0.2,
      "hmc_fsl": false
    },
    "software": "mriqc",
    "version": "0.15.0",
    "webapi_port": null,
    "webapi_url": "https://mriqc.nimh.nih.gov/api/v1"
  },
  "size_t": 135,
  "size_x": 80,
  "size_y": 80,
  "size_z": 36,
  "snr": 4.632961298732964,
  "spacing_tr": 2.0,
  "spacing_x": 3.0,
  "spacing_y": 3.0,
  "spacing_z": 3.299999952316284,
  "spikes_num": 0,
  "summary_bg_k": 62.568107284680266,
  "summary_bg_mad": 2.7080373764038086,
  "summary_bg_mean": 269.9915466308594,
  "summary_bg_median": 1.8795747756958008,
  "summary_bg_n": 142356.0,
  "summary_bg_p05": 0.0212741163559258,
  "summary_bg_p95": 1452.6612243652344,
  "summary_bg_stdv": 1314.8018798828125,
  "summary_fg_k": 2.5215826870508273,
  "summary_fg_mad": 4453.33154296875,
  "summary_fg_mean": 26110.23046875,
  "summary_fg_median": 25822.388671875,
  "summary_fg_n": 46443.0,
  "summary_fg_p05": 17890.525,
  "summary_fg_p95": 34952.547656250004,
  "summary_fg_stdv": 5573.56494140625,
  "tsnr": 64.48269653320312
}