{
  "bids_meta": {
    "AcquisitionNumber": 2,
    "BidsifyVersion": "0.3.5",
    "ConversionSoftware": "dcm2niix",
    "ConversionSoftwareVersion": "v1.0.20181125  GCC6.3.0",
    "EchoTime": 0.00377,
    "ImageComments": "PIOP2",
    "ImageOrientationPatientDICOM": [
      0.997744,
      0.0412988,
      -0.0529196,
      -0.0372831,
      0.996505,
      0.0747442
    ],
    "Manufacturer": "Philips",
    "PatientPosition": "HFS",
    "PhilipsRescaleIntercept": 0,
    "PhilipsRescaleSlope": 9.09451,
    "PhilipsScaleSlope": 0.00735382,
    "ProtocolName": "WIPT1anat_acq-6m_T1wSENSE",
    "ReconMatrixPE": 240,
    "RepetitionTime": 0.008219,
    "SeriesDescription": "ImageMRSERIES",
    "SeriesNumber": 2,
    "UsePhilipsFloatNotDisplayScaling": 1,
    "acq_id": "6m",
    "dataset": "unknown",
    "modality": "T1w",
    "subject_id": "0101"
  },
  "cjv": 0.2609075312904618,
  "cnr": 4.692345218934174,
  "efc": 0.7435915748523908,
  "fber": 1735.107421875,
  "fwhm_avg": 4.638173257773744,
  "fwhm_x": 4.286619488995136,
  "fwhm_y": 4.770200284326093,
  "fwhm_z": 4.8577,
  "icvs_csf": 0.2409715200209492,
  "icvs_gm": 0.40060016035179397,
  "icvs_wm": 0.3584283196272568,
  "inu_med": 1.7089502811431885,
  "inu_range": 0.3184200882911681,
  "provenance": {
    "md5sum": "e19db2be7216b20ba102fc3cfb664562",
    "settings": {
      "testing": false
    },
    "software": "mriqc",
    "version": "0.15.0",
    "warnings": {
      "large_rot_frame": true,
      "small_air_mask": true
    },
    "webapi_port": null,
    "webapi_url": "https://mriqc.nimh.nih.gov/api/v1"
  },
  "qi_1": 5.156366823935855e-05,
  "qi_2": 0.00010317147048147307,
  "rpve_csf": 27.997564893472443,
  "rpve_gm": 16.797816953543084,
  "rpve_wm": 24.164096175407998,
  "size_x": 240,
  "size_y": 240,
  "size_z": 220,
  "snr_csf": 2.5280867043326074,
  "snr_gm": 9.993563781185896,
  "snr_total": 13.017452505902085,
  "snr_wm": 26.530707032187753,
  "snrd_csf": 23.48966530173257,
  "snrd_gm": 54.79616510309692,
  "snrd_total": 54.35008511931144,
  "snrd_wm": 84.76442495310482,
  "spacing_x": 1.0000001192092896,
  "spacing_y": 0.9999999403953552,
  "spacing_z": 1.0,
  "summary_bg_k": 185.616188552858,
  "summary_bg_mad": 7.728875160217285,
  "summary_bg_mean": 8.476187705993652,
  "summary_bg_median": 5.340358734130859,
  "summary_bg_n": 123501.0,
  "summary_bg_p05": 0.0,
  "summary_bg_p95": 21.36241340637207,
  "summary_bg_stdv": 8.489368438720703,
  "summary_csf_k": -1.0290628838021947,
  "summary_csf_mad": 142.426513671875,
  "summary_csf_mean": 272.9861755371094,
  "summary_csf_median": 277.1158752441406,
  "summary_csf_n": 12688.0,
  "summary_csf_p05": 110.76687736511231,
  "summary_csf_p95": 440.5974151611328,
  "summary_csf_stdv": 109.61054229736328,
  "summary_gm_k": 0.5961204570249277,
  "summary_gm_mad": 60.134521484375,
  "summary_gm_mean": 650.2229614257812,
  "summary_gm_median": 646.44970703125,
  "summary_gm_n": 21672.0,
  "summary_gm_p05": 550.6024841308594,
  "summary_gm_p95": 763.5082305908204,
  "summary_gm_stdv": 64.68511199951172,
  "summary_wm_k": 1.2347153190878037,
  "summary_wm_mad": 32.10832977294922,
  "summary_wm_mean": 997.772216796875,
  "summary_wm_median": 999.995849609375,
  "summary_wm_n": 190036.0,
  "summary_wm_p05": 931.0603179931641,
  "summary_wm_p95": 1056.1488647460938,
  "summary_wm_stdv": 37.691917419433594,
  "tpm_overlap_csf": 0.2281174510717392,
  "tpm_overlap_gm": 0.513508141040802,
  "tpm_overlap_wm": 0.5894196033477783,
  "wm2max": 0.8605722972123999
}