{
  "aor": 0.002232875,
  "aqi": 0.0036020887916666665,
  "bids_meta": {
    "AcquisitionNumber": 4,
    "BidsifyVersion": "0.3.5",
    "ConversionSoftware": "dcm2niix",
    "ConversionSoftwareVersion": "v1.0.20181125  GCC6.3.0",
    "EchoTime": 0.02763,
    "EffectiveEchoSpacing": 0.0006909035636805814,
    "FlipAngle": 76.1,
    "ImageComments": "PIOP2",
    "ImageOrientationPatientDICOM": [
      0.998929,
      -0.0380377,
      -0.0263336,
      0.0359308,
      0.996436,
      -0.0763227
    ],
    "Manufacturer": "Philips",
    "NumberOfVolumesDiscardedByScanner": 2,
    "ParallelAcquisitionTechnique": "SENSE",
    "ParallelReductionFactorInPlane": 2,
    "PatientPosition": "HFS",
    "PhaseEncodingDirection": "j",
    "PhilipsRescaleIntercept": 0,
    "PhilipsRescaleSlope": 0.78217,
    "PhilipsScaleSlope": 0.0582858,
    "ProtocolName": "WIPtask-rest_boldSENSE",
    "PulseSequenceType": "gradient echo EPI",
    "ReconMatrixPE": 80,
    "RepetitionTime": 2,
    "SeriesDescription": "ImageMRSERIES",
    "SeriesNumber": 4,
    "SliceEncodingDirection": "k",
    "SliceTiming": [
      0.0,
      0.0556,
      0.1111,
      0.1667,
      0.2222,
      0.2778,
      0.3333,
      0.3889,
      0.4444,
      0.5,
      0.5556,
      0.6111,
      0.6667,
      0.7222,
      0.7778,
      0.8333,
      0.8889,
      0.9444,
      1.0,
      1.0556,
      1.1111,
      1.1667,
      1.2222,
      1.2778,
      1.3333,
      1.3889,
      1.4444,
      1.5,
      1.5556,
      1.6111,
      1.6667,
      1.7222,
      1.7778,
      1.8333,
      1.8889,
      1.9444
    ],
    "TaskName": "restingstate",
    "TotalReadoutTime": 0.026945238983542674,
    "UsePhilipsFloatNotDisplayScaling": 1,
    "WaterFatShift": 12,
    "acq_id": "seq",
    "dataset": "unknown",
    "modality": "bold",
    "subject_id": "0116",
    "task_id": "restingstate"
  },
  "dummy_trs": 0,
  "dvars_nstd": 28.04162265665271,
  "dvars_std": 1.4477287065690387,
  "dvars_vstd": 1.0198930465690375,
  "efc": 0.38095802798005535,
  "fber": 1719479936.0,
  "fd_mean": 0.16340183569515906,
  "fd_num": 61,
  "fd_perc": 25.416666666666668,
  "fwhm_avg": 2.4995242534412974,
  "fwhm_x": 2.3863333333333334,
  "fwhm_y": 2.8249,
  "fwhm_z": 2.2873394269905583,
  "gcor": 0.0853596,
  "gsr_x": -0.00833816546946764,
  "gsr_y": 0.0046286252327263355,
  "provenance": {
    "md5sum": "ee612e4b8e6372ff26f0e1c3f5e1fd87",
    "settings": {
      "fd_thres": 0.2,
      "hmc_fsl": false
    },
    "software": "mriqc",
    "version": "0.15.0",
    "webapi_port": null,
    "webapi_url": "https://mriqc.nimh.nih.gov/api/v1"
  },
  "size_t": 240,
  "size_x": 80,
  "size_y": 80,
  "size_z": 36,
  "snr": 4.750490865887754,
  "spacing_tr": 2.0,
  "spacing_x": 3.0,
  "spacing_y": 3.0,
  "spacing_z": 3.299999952316284,
  "spikes_num": 5,
  "summary_bg_k": 127.94292317443518,
  "summary_bg_mad": 0.8957985639572144,
  "summary_bg_mean": 140.57870483398438,
  "summary_bg_median": 0.6092500686645508,
  "summary_bg_n": 152882.0,
  "summary_bg_p05": 0.0011213402147404851,
  "summary_bg_p95": 708.2075958251763,
  "summary_bg_stdv": 831.88720703125,
  "summary_fg_k": 1.6920903025387553,
  "summary_fg_mad": 4901.814453125,
  "summary_fg_mean": 27086.279296875,
  "summary_fg_median": 27019.30859375,
  "summary_fg_n": 37706.0,
  "summary_fg_p05": 17733.60888671875,
  "summary_fg_p95": 35956.3193359375,
  "summary_fg_stdv": 5687.6123046875,
  "tsnr": 84.47618103027344
}