{
  "aor": 0.002904222222222222,
  "aqi": 0.003373294888888889,
  "bids_meta": {
    "AcquisitionNumber": 8,
    "BidsifyVersion": "0.3.5",
    "ConversionSoftware": "dcm2niix",
    "ConversionSoftwareVersion": "v1.0.20181125  GCC6.3.0",
    "EchoTime": 0.02763,
    "EffectiveEchoSpacing": 0.0006909035636805814,
    "FlipAngle": 76.1,
    "ImageComments": "PIOP2",
    "ImageOrientationPatientDICOM": [
      0.998014,
      0.0445904,
      -0.0444912,
      -0.0516051,
      0.983818,
      -0.17158
    ],
    "Manufacturer": "Philips",
    "NumberOfVolumesDiscardedByScanner": 2,
    "ParallelAcquisitionTechnique": "SENSE",
    "ParallelReductionFactorInPlane": 2,
    "PatientPosition": "HFS",
    "PhaseEncodingDirection": "j",
    "PhilipsRescaleIntercept": 0,
    "PhilipsRescaleSlope": 0.842,
    "PhilipsScaleSlope": 0.0558675,
    "ProtocolName": "WIPtask-harriri_boldSENSE",
    "PulseSequenceType": "gradient echo EPI",
    "ReconMatrixPE": 80,
    "RepetitionTime": 2,
    "SeriesDescription": "ImageMRSERIES",
    "SeriesNumber": 8,
    "SliceEncodingDirection": "k",
    "SliceTiming": [
      0.0,
      0.0556,
      0.1111,
      0.1667,
      0.2222,
      0.2778,
      0.3333,
      0.3889,
      0.4444,
      0.5,
      0.5556,
      0.6111,
      0.6667,
      0.7222,
      0.7778,
      0.8333,
      0.8889,
      0.9444,
      1.0,
      1.0556,
      1.1111,
      1.1667,
      1.2222,
      1.2778,
      1.3333,
      1.3889,
      1.4444,
      1.5,
      1.5556,
      1.6111,
      1.6667,
      1.7222,
      1.7778,
      1.8333,
      1.8889,
      1.9444
    ],
    "TaskName": "emomatching",
    "TotalReadoutTime": 0.026945238983542674,
    "UsePhilipsFloatNotDisplayScaling": 1,
    "WaterFatShift": 12,
    "acq_id": "seq",
    "dataset": "unknown",
    "modality": "bold",
    "subject_id": "0025",
    "task_id": "emomatching"
  },
  "dummy_trs": 0,
  "dvars_nstd": 18.795018153283596,
  "dvars_std": 1.213884659477612,
  "dvars_vstd": 1.018763801716418,
  "efc": 0.4132485138938224,
  "fber": 807285760.0,
  "fd_mean": 0.12466559237664532,
  "fd_num": 13,
  "fd_perc": 9.62962962962963,
  "fwhm_avg": 2.543586677908785,
  "fwhm_x": 2.4662633333333335,
  "fwhm_y": 2.83043,
  "fwhm_z": 2.334066700393022,
  "gcor": 0.0690573,
  "gsr_x": -0.0037846590857952833,
  "gsr_y": 0.0026383288204669952,
  "provenance": {
    "md5sum": "1189c4e7c3b9224031b52a14118d0bd0",
    "settings": {
      "fd_thres": 0.2,
      "hmc_fsl": false
    },
    "software": "mriqc",
    "version": "0.15.0",
    "webapi_port": null,
    "webapi_url": "https://mriqc.nimh.nih.gov/api/v1"
  },
  "size_t": 135,
  "size_x": 80,
  "size_y": 80,
  "size_z": 36,
  "snr": 4.911955558594002,
  "spacing_tr": 2.0,
  "spacing_x": 3.0,
  "spacing_y": 3.0,
  "spacing_z": 3.299999952316284,
  "spikes_num": 9,
  "summary_bg_k": 75.90756189672072,
  "summary_bg_mad": 1.1365158557891846,
  "summary_bg_mean": 184.76608276367188,
  "summary_bg_median": 0.7756880521774292,
  "summary_bg_n": 147076.0,
  "summary_bg_p05": 0.0039074496598914266,
  "summary_bg_p95": 893.1498413085938,
  "summary_bg_stdv": 977.5723876953125,
  "summary_fg_k": 2.1880260956067055,
  "summary_fg_mad": 4323.986328125,
  "summary_fg_mean": 24823.927734375,
  "summary_fg_median": 24799.2265625,
  "summary_fg_n": 42649.0,
  "summary_fg_p05": 16832.163671875,
  "summary_fg_p95": 32446.8546875,
  "summary_fg_stdv": 5048.68896484375,
  "tsnr": 84.11052703857422
}