{
    "Manufacturer": "Philips",
    "PatientPosition": "HFS",
    "SeriesDescription": "ImageMRSERIES",
    "ProtocolName": "WIPT1anat_acq-6m_T1wSENSE",
    "SeriesNumber": 2,
    "AcquisitionNumber": 2,
    "ImageComments": "PIOP2",
    "PhilipsRescaleSlope": 9.73968,
    "PhilipsRescaleIntercept": 0,
    "PhilipsScaleSlope": 0.00706809,
    "UsePhilipsFloatNotDisplayScaling": 1,
    "EchoTime": 0.00373,
    "RepetitionTime": 0.008134,
    "ReconMatrixPE": 240,
    "ImageOrientationPatientDICOM": [
        0.998587,
        0.0465024,
        -0.0257142,
        -0.0460442,
        0.998775,
        0.0181325
    ],
    "ConversionSoftware": "dcm2niix",
    "ConversionSoftwareVersion": "v1.0.20181125  GCC6.3.0",
    "BidsifyVersion": "0.3.5"
}