{
    "Manufacturer": "Philips",
    "PatientPosition": "HFS",
    "SeriesDescription": "ImageMRSERIES",
    "ProtocolName": "WIPB0SENSE",
    "SeriesNumber": 4,
    "AcquisitionNumber": 4,
    "ImageComments": "PIOP2",
    "PhilipsRescaleSlope": 0.04884,
    "PhilipsRescaleIntercept": -100,
    "PhilipsScaleSlope": 20.475,
    "UsePhilipsFloatNotDisplayScaling": 1,
    "EchoTime": 0.00303,
    "RepetitionTime": 0.010824,
    "ReconMatrixPE": 128,
    "ImageOrientationPatientDICOM": [
        0.994945,
        0.0987812,
        -0.0180747,
        -0.10001,
        0.990958,
        -0.0894471
    ],
    "ConversionSoftware": "dcm2niix",
    "ConversionSoftwareVersion": "v1.0.20181125  GCC6.3.0",
    "BidsifyVersion": "0.3.5",
    "id": "thisisnotanid",
    "EchoTime1": 0.003,
    "EchoTime2": 0.008,
    "WaterFatShift": 1.134,
    "FlipAngle": 8,
    "IntendedFor": [
        "func/sub-0010_task-stopsignal_acq-seq_bold.nii.gz",
        "func/sub-0010_task-workingmemory_acq-seq_bold.nii.gz"
    ]
}