{
  "aor": 0.003037866666666667,
  "aqi": 0.005207826311111111,
  "bids_meta": {
    "AcquisitionNumber": 7,
    "BidsifyVersion": "0.3.5",
    "ConversionSoftware": "dcm2niix",
    "ConversionSoftwareVersion": "v1.0.20181125  GCC6.3.0",
    "EchoTime": 0.02763,
    "FlipAngle": 76.1,
    "ImageComments": "PIOP2",
    "ImageOrientationPatientDICOM": [
      0.99875,
      0.049226,
      0.00863051,
      -0.0486723,
      0.997265,
      -0.0556105
    ],
    "Manufacturer": "Philips",
    "NumberOfVolumesDiscardedByScanner": 2,
    "ParallelAcquisitionTechnique": "SENSE",
    "ParallelReductionFactorInPlane": 2,
    "PatientPosition": "HFS",
    "PhaseEncodingDirection": "j",
    "PhilipsRescaleIntercept": 0,
    "PhilipsRescaleSlope": 0.75018,
    "PhilipsScaleSlope": 0.0483875,
    "ProtocolName": "WIPtask-stop_boldSENSE",
    "PulseSequenceType": "gradient echo EPI",
    "ReconMatrixPE": 80,
    "RepetitionTime": 2,
    "SeriesDescription": "ImageMRSERIES",
    "SeriesNumber": 7,
    "SliceEncodingDirection": "k",
    "TaskName": "stopsignal",
    "UsePhilipsFloatNotDisplayScaling": 1,
    "WaterFatShift": 12,
    "acq_id": "seq",
    "dataset": "unknown",
    "modality": "bold",
    "subject_id": "0139",
    "task_id": "stopsignal"
  },
  "dummy_trs": 0,
  "dvars_nstd": 22.208553629553585,
  "dvars_std": 1.2330343913392847,
  "dvars_vstd": 0.968821669776786,
  "efc": 0.39931295558291424,
  "fber": 144547440.0,
  "fd_mean": 0.15028732983017595,
  "fd_num": 41,
  "fd_perc": 18.22222222222222,
  "fwhm_avg": 2.622620011532877,
  "fwhm_x": 2.55594,
  "fwhm_y": 2.9174866666666666,
  "fwhm_z": 2.394433367931964,
  "gcor": 0.012501,
  "gsr_x": -0.006609400734305382,
  "gsr_y": 0.0028864082414656878,
  "provenance": {
    "md5sum": "0eca628996e06fa7523bd10b4f739098",
    "settings": {
      "fd_thres": 0.2,
      "hmc_fsl": false
    },
    "software": "mriqc",
    "version": "0.15.0",
    "webapi_port": null,
    "webapi_url": "https://mriqc.nimh.nih.gov/api/v1"
  },
  "size_t": 225,
  "size_x": 80,
  "size_y": 80,
  "size_z": 36,
  "snr": 4.184332413412853,
  "spacing_tr": 2.0,
  "spacing_x": 3.0,
  "spacing_y": 3.0,
  "spacing_z": 3.299999952316284,
  "spikes_num": 0,
  "summary_bg_k": 90.708482969842,
  "summary_bg_mad": 3.1052377223968506,
  "summary_bg_mean": 270.00189208984375,
  "summary_bg_median": 2.0992279052734375,
  "summary_bg_n": 150539.0,
  "summary_bg_p05": 0.0,
  "summary_bg_p95": 1143.5712890625005,
  "summary_bg_stdv": 1503.52880859375,
  "summary_fg_k": 1.5611781102351525,
  "summary_fg_mad": 5600.3271484375,
  "summary_fg_mean": 28779.236328125,
  "summary_fg_median": 28317.8203125,
  "summary_fg_n": 39908.0,
  "summary_fg_p05": 18425.771484375,
  "summary_fg_p95": 40115.059375000004,
  "summary_fg_stdv": 6767.4990234375,
  "tsnr": 64.61326599121094
}