{
  "bids_meta": {
    "AcquisitionNumber": 2,
    "BidsifyVersion": "0.3.5",
    "ConversionSoftware": "dcm2niix",
    "ConversionSoftwareVersion": "v1.0.20181125  GCC6.3.0",
    "EchoTime": 0.00374,
    "ImageComments": "PIOP2",
    "ImageOrientationPatientDICOM": [
      0.997887,
      0.0612139,
      -0.0217742,
      -0.0606838,
      0.997863,
      0.0242282
    ],
    "Manufacturer": "Philips",
    "NumberSignalAcquisitions": 2,
    "PatientPosition": "HFS",
    "PhilipsRescaleIntercept": 0,
    "PhilipsRescaleSlope": 8.66593,
    "PhilipsScaleSlope": 0.00722965,
    "ProtocolName": "WIPT1anat_acq-6m_T1wSENSE",
    "ReconMatrixPE": 240,
    "RepetitionTime": 0.008149,
    "SeriesDescription": "ImageMRSERIES",
    "SeriesNumber": 2,
    "UsePhilipsFloatNotDisplayScaling": 1,
    "dataset": "unknown",
    "modality": "T1w",
    "subject_id": "0075"
  },
  "cjv": 0.2461956291358676,
  "cnr": 4.892157059637274,
  "efc": 0.7505663127530003,
  "fber": 904.7232666015625,
  "fwhm_avg": 4.48327,
  "fwhm_x": 4.18514,
  "fwhm_y": 4.58123,
  "fwhm_z": 4.68344,
  "icvs_csf": 0.24866708927260917,
  "icvs_gm": 0.39952277108889744,
  "icvs_wm": 0.3518101396384934,
  "inu_med": 1.8842705488204956,
  "inu_range": 0.3690677404403684,
  "provenance": {
    "md5sum": "402ac89c5fe170b4028b6e5977d740f7",
    "settings": {
      "testing": false
    },
    "software": "mriqc",
    "version": "0.15.0",
    "warnings": {
      "large_rot_frame": true,
      "small_air_mask": true
    },
    "webapi_port": null,
    "webapi_url": "https://mriqc.nimh.nih.gov/api/v1"
  },
  "qi_1": 0.0,
  "qi_2": 0.0003191182569241685,
  "rpve_csf": 25.559811952418265,
  "rpve_gm": 15.674451761404354,
  "rpve_wm": 22.813365123158416,
  "size_x": 240,
  "size_y": 240,
  "size_z": 220,
  "snr_csf": 2.5775541491694427,
  "snr_gm": 9.559747368647422,
  "snr_total": 12.376484728984037,
  "snr_wm": 24.992152669135244,
  "snrd_csf": 24.59171679621764,
  "snrd_gm": 54.77309480786751,
  "snrd_total": 55.70487014982759,
  "snrd_wm": 87.74979884539763,
  "spacing_x": 1.0,
  "spacing_y": 1.0,
  "spacing_z": 1.0,
  "summary_bg_k": 5.563150715773059,
  "summary_bg_mad": 7.465889930725098,
  "summary_bg_mean": 7.620880126953125,
  "summary_bg_median": 5.185084819793701,
  "summary_bg_n": 82525.0,
  "summary_bg_p05": 0.0,
  "summary_bg_p95": 20.27283630371094,
  "summary_bg_stdv": 6.071517467498779,
  "summary_csf_k": 27.896641118421044,
  "summary_csf_mad": 118.94880676269531,
  "summary_csf_mean": 273.5382385253906,
  "summary_csf_median": 280.24554443359375,
  "summary_csf_n": 11866.0,
  "summary_csf_p05": 106.45576095581055,
  "summary_csf_p95": 431.1943054199219,
  "summary_csf_stdv": 108.72079467773438,
  "summary_gm_k": 1.0130389117567713,
  "summary_gm_mad": 58.3974609375,
  "summary_gm_mean": 627.26416015625,
  "summary_gm_median": 624.1904907226562,
  "summary_gm_n": 16909.0,
  "summary_gm_p05": 527.8370239257813,
  "summary_gm_p95": 741.1125122070312,
  "summary_gm_stdv": 65.29168701171875,
  "summary_wm_k": 1.1367728029732946,
  "summary_wm_mad": 34.122928619384766,
  "summary_wm_mean": 996.9017944335938,
  "summary_wm_median": 999.9907836914062,
  "summary_wm_n": 188839.0,
  "summary_wm_p05": 924.0950561523437,
  "summary_wm_p95": 1057.0877075195312,
  "summary_wm_stdv": 40.0120849609375,
  "tpm_overlap_csf": 0.22747039794921875,
  "tpm_overlap_gm": 0.5099045038223267,
  "tpm_overlap_wm": 0.5814217329025269,
  "wm2max": 0.7580711418602902
}