{
  "aor": 0.0007037083333333335,
  "aqi": 0.0037495985,
  "bids_meta": {
    "AcquisitionNumber": 4,
    "BidsifyVersion": "0.3.5",
    "ConversionSoftware": "dcm2niix",
    "ConversionSoftwareVersion": "v1.0.20181125  GCC6.3.0",
    "EchoTime": 0.02763,
    "FlipAngle": 76.1,
    "ImageComments": "PIOP2",
    "ImageOrientationPatientDICOM": [
      0.999806,
      0.0090346,
      -0.0175303,
      -0.011692,
      0.987376,
      -0.157964
    ],
    "Manufacturer": "Philips",
    "NumberOfVolumesDiscardedByScanner": 2,
    "ParallelAcquisitionTechnique": "SENSE",
    "ParallelReductionFactorInPlane": 2,
    "PatientPosition": "HFS",
    "PhaseEncodingDirection": "j",
    "PhilipsRescaleIntercept": 0,
    "PhilipsRescaleSlope": 0.81099,
    "PhilipsScaleSlope": 0.0485533,
    "ProtocolName": "WIPtask-rest_boldSENSE",
    "PulseSequenceType": "gradient echo EPI",
    "ReconMatrixPE": 80,
    "RepetitionTime": 2,
    "SeriesDescription": "ImageMRSERIES",
    "SeriesNumber": 4,
    "SliceEncodingDirection": "k",
    "TaskName": "restingstate",
    "UsePhilipsFloatNotDisplayScaling": 1,
    "WaterFatShift": 12,
    "acq_id": "seq",
    "dataset": "unknown",
    "modality": "bold",
    "subject_id": "0150",
    "task_id": "restingstate"
  },
  "dummy_trs": 0,
  "dvars_nstd": 20.422033385523005,
  "dvars_std": 1.2233757137238488,
  "dvars_vstd": 0.9850539079079496,
  "efc": 0.3687881000958653,
  "fber": 2742856448.0,
  "fd_mean": 0.15308509202442055,
  "fd_num": 59,
  "fd_perc": 24.583333333333332,
  "fwhm_avg": 2.6029222338397093,
  "fwhm_x": 2.47953,
  "fwhm_y": 2.9172366666666663,
  "fwhm_z": 2.4120000348524617,
  "gcor": 0.026792,
  "gsr_x": -0.006474432535469532,
  "gsr_y": 0.0025073832366615534,
  "provenance": {
    "md5sum": "3c81c687223693ae72b1bfc74ab5b6a1",
    "settings": {
      "fd_thres": 0.2,
      "hmc_fsl": false
    },
    "software": "mriqc",
    "version": "0.15.0",
    "webapi_port": null,
    "webapi_url": "https://mriqc.nimh.nih.gov/api/v1"
  },
  "size_t": 240,
  "size_x": 80,
  "size_y": 80,
  "size_z": 36,
  "snr": 5.372219560885762,
  "spacing_tr": 2.0,
  "spacing_x": 3.0,
  "spacing_y": 3.0,
  "spacing_z": 3.299999952316284,
  "spikes_num": 1,
  "summary_bg_k": 233.41765639369308,
  "summary_bg_mad": 0.7953975200653076,
  "summary_bg_mean": 191.1230010986328,
  "summary_bg_median": 0.5389429330825806,
  "summary_bg_n": 157042.0,
  "summary_bg_p05": 0.000978936825413257,
  "summary_bg_p95": 732.1899353027226,
  "summary_bg_stdv": 1233.968017578125,
  "summary_fg_k": 3.0785796848094407,
  "summary_fg_mad": 4596.91845703125,
  "summary_fg_mean": 29868.158203125,
  "summary_fg_median": 29864.267578125,
  "summary_fg_n": 34551.0,
  "summary_fg_p05": 21331.5595703125,
  "summary_fg_p95": 38029.80859375,
  "summary_fg_stdv": 5558.93798828125,
  "tsnr": 93.66654205322266
}