{
  "aor": 0.0013120625,
  "aqi": 0.0032460973125,
  "bids_meta": {
    "AcquisitionNumber": 3,
    "BidsifyVersion": "0.3.5",
    "ConversionSoftware": "dcm2niix",
    "ConversionSoftwareVersion": "v1.0.20181125  GCC6.3.0",
    "EchoTime": 0.02763,
    "EffectiveEchoSpacing": 0.0006909035636805814,
    "FlipAngle": 76.1,
    "ImageComments": "PIOP2",
    "ImageOrientationPatientDICOM": [
      0.993933,
      -0.109056,
      0.0142976,
      0.104817,
      0.978554,
      0.177329
    ],
    "Manufacturer": "Philips",
    "NumberOfVolumesDiscardedByScanner": 2,
    "ParallelAcquisitionTechnique": "SENSE",
    "ParallelReductionFactorInPlane": 2,
    "PatientPosition": "HFS",
    "PhaseEncodingDirection": "j",
    "PhilipsRescaleIntercept": 0,
    "PhilipsRescaleSlope": 0.84298,
    "PhilipsScaleSlope": 0.0629959,
    "ProtocolName": "WIPtask-wm_boldSENSE",
    "PulseSequenceType": "gradient echo EPI",
    "ReconMatrixPE": 80,
    "RepetitionTime": 2,
    "SeriesDescription": "ImageMRSERIES",
    "SeriesNumber": 3,
    "SliceEncodingDirection": "k",
    "SliceTiming": [
      0.0,
      0.0556,
      0.1111,
      0.1667,
      0.2222,
      0.2778,
      0.3333,
      0.3889,
      0.4444,
      0.5,
      0.5556,
      0.6111,
      0.6667,
      0.7222,
      0.7778,
      0.8333,
      0.8889,
      0.9444,
      1.0,
      1.0556,
      1.1111,
      1.1667,
      1.2222,
      1.2778,
      1.3333,
      1.3889,
      1.4444,
      1.5,
      1.5556,
      1.6111,
      1.6667,
      1.7222,
      1.7778,
      1.8333,
      1.8889,
      1.9444
    ],
    "TaskName": "workingmemory",
    "TotalReadoutTime": 0.026945238983542674,
    "UsePhilipsFloatNotDisplayScaling": 1,
    "WaterFatShift": 12,
    "acq_id": "seq",
    "dataset": "unknown",
    "modality": "bold",
    "subject_id": "0199",
    "task_id": "workingmemory"
  },
  "dummy_trs": 0,
  "dvars_nstd": 21.468880971320754,
  "dvars_std": 1.4216363176729552,
  "dvars_vstd": 1.0065804430188678,
  "efc": 0.38432764980228895,
  "fber": 3218319360.0,
  "fd_mean": 0.1014322333766972,
  "fd_num": 11,
  "fd_perc": 6.875,
  "fwhm_avg": 2.669704355153474,
  "fwhm_x": 2.6372766666666667,
  "fwhm_y": 2.9387333333333334,
  "fwhm_z": 2.433103065460423,
  "gcor": 0.0291165,
  "gsr_x": 0.002320204395800829,
  "gsr_y": -0.0013832917902618647,
  "provenance": {
    "md5sum": "bda49b8fad4ad5ddfb93ac02c26b7b98",
    "settings": {
      "fd_thres": 0.2,
      "hmc_fsl": false
    },
    "software": "mriqc",
    "version": "0.15.0",
    "webapi_port": null,
    "webapi_url": "https://mriqc.nimh.nih.gov/api/v1"
  },
  "size_t": 160,
  "size_x": 80,
  "size_y": 80,
  "size_z": 36,
  "snr": 5.37259329316684,
  "spacing_tr": 2.0,
  "spacing_x": 3.0,
  "spacing_y": 3.0,
  "spacing_z": 3.299999952316284,
  "spikes_num": 0,
  "summary_bg_k": 109.70615106647416,
  "summary_bg_mad": 0.6501771211624146,
  "summary_bg_mean": 166.7618865966797,
  "summary_bg_median": 0.4408469498157501,
  "summary_bg_n": 153080.0,
  "summary_bg_p05": 0.0005850403424119578,
  "summary_bg_p95": 601.962066650389,
  "summary_bg_stdv": 1039.68701171875,
  "summary_fg_k": 3.835142766572411,
  "summary_fg_mad": 3837.88671875,
  "summary_fg_mean": 26079.978515625,
  "summary_fg_median": 26245.806640625,
  "summary_fg_n": 37495.0,
  "summary_fg_p05": 18455.5623046875,
  "summary_fg_p95": 33175.851171875,
  "summary_fg_stdv": 4885.06298828125,
  "tsnr": 100.62220764160156
}