{
  "bids_meta": {
    "AcquisitionNumber": 2,
    "BidsifyVersion": "0.3.5",
    "ConversionSoftware": "dcm2niix",
    "ConversionSoftwareVersion": "v1.0.20181125  GCC6.3.0",
    "EchoTime": 0.00384,
    "ImageComments": "PIOP2",
    "ImageOrientationPatientDICOM": [
      0.992376,
      0.0310601,
      0.119271,
      -0.0129909,
      0.988694,
      -0.149383
    ],
    "Manufacturer": "Philips",
    "PatientPosition": "HFS",
    "PhilipsRescaleIntercept": 0,
    "PhilipsRescaleSlope": 9.10672,
    "PhilipsScaleSlope": 0.00676259,
    "ProtocolName": "WIPT1anat_acq-6m_T1wSENSE",
    "ReconMatrixPE": 240,
    "RepetitionTime": 0.008376,
    "SeriesDescription": "ImageMRSERIES",
    "SeriesNumber": 2,
    "UsePhilipsFloatNotDisplayScaling": 1,
    "acq_id": "6m",
    "dataset": "unknown",
    "modality": "T1w",
    "subject_id": "0093"
  },
  "cjv": 0.27230929664636205,
  "cnr": 4.525459712193237,
  "efc": 0.7822891042431805,
  "fber": 581.2315063476562,
  "fwhm_avg": 5.0233964536623406,
  "fwhm_x": 4.5642,
  "fwhm_y": 5.14556,
  "fwhm_z": 5.360429360987024,
  "icvs_csf": 0.2679976825894889,
  "icvs_gm": 0.3746459432576322,
  "icvs_wm": 0.3573563741528789,
  "inu_med": 2.4638562202453613,
  "inu_range": 0.7496587395668035,
  "provenance": {
    "md5sum": "713b80338f120a1004ef58fa1f69835e",
    "settings": {
      "testing": false
    },
    "software": "mriqc",
    "version": "0.15.0",
    "warnings": {
      "large_rot_frame": true,
      "small_air_mask": true
    },
    "webapi_port": null,
    "webapi_url": "https://mriqc.nimh.nih.gov/api/v1"
  },
  "qi_1": 0.0,
  "qi_2": 0.00014945463194394022,
  "rpve_csf": 21.166900977015082,
  "rpve_gm": 14.12601723692383,
  "rpve_wm": 19.4988512011296,
  "size_x": 240,
  "size_y": 240,
  "size_z": 220,
  "snr_csf": 2.872411484609906,
  "snr_gm": 10.1386242244665,
  "snr_total": 13.367187670264544,
  "snr_wm": 27.090527301717227,
  "snrd_csf": 19.59002378052948,
  "snrd_gm": 43.711083481847496,
  "snrd_total": 43.18315843577491,
  "snrd_wm": 66.24836804494772,
  "spacing_x": 1.0,
  "spacing_y": 1.0,
  "spacing_z": 1.0000001192092896,
  "summary_bg_k": 2.9116529302675263,
  "summary_bg_mad": 9.889152526855469,
  "summary_bg_mean": 10.093488693237305,
  "summary_bg_median": 6.82034158706665,
  "summary_bg_n": 130003.0,
  "summary_bg_p05": 0.0,
  "summary_bg_p95": 20.61128978729248,
  "summary_bg_stdv": 7.309418201446533,
  "summary_csf_k": 2.4391876605072182,
  "summary_csf_mad": 113.26139068603516,
  "summary_csf_mean": 285.78839111328125,
  "summary_csf_median": 295.7074890136719,
  "summary_csf_n": 25411.0,
  "summary_csf_p05": 112.22608184814453,
  "summary_csf_p95": 437.79359436035156,
  "summary_csf_stdv": 102.94544219970703,
  "summary_gm_k": 0.3317380625120969,
  "summary_gm_mad": 61.31280517578125,
  "summary_gm_mean": 666.3787841796875,
  "summary_gm_median": 659.81005859375,
  "summary_gm_n": 22131.0,
  "summary_gm_p05": 570.0872192382812,
  "summary_gm_p95": 782.7129516601562,
  "summary_gm_stdv": 65.07738494873047,
  "summary_wm_k": 1.5005431092643864,
  "summary_wm_mad": 31.325674057006836,
  "summary_wm_mean": 998.9810180664062,
  "summary_wm_median": 1000.005859375,
  "summary_wm_n": 236642.0,
  "summary_wm_p05": 936.6524291992188,
  "summary_wm_p95": 1057.1744018554687,
  "summary_wm_stdv": 36.91341018676758,
  "tpm_overlap_csf": 0.2088533192873001,
  "tpm_overlap_gm": 0.4781818389892578,
  "tpm_overlap_wm": 0.5842357873916626,
  "wm2max": 0.6955993562516983
}