{
  "aor": 0.000906875,
  "aqi": 0.0039754445,
  "bids_meta": {
    "AcquisitionNumber": 3,
    "BidsifyVersion": "0.3.5",
    "ConversionSoftware": "dcm2niix",
    "ConversionSoftwareVersion": "v1.0.20181125  GCC6.3.0",
    "EchoTime": 0.02763,
    "FlipAngle": 76.1,
    "ImageComments": "PIOP2",
    "ImageOrientationPatientDICOM": [
      0.999615,
      0.0101986,
      0.0258211,
      -0.00924694,
      0.999283,
      -0.0367097
    ],
    "Manufacturer": "Philips",
    "NumberOfVolumesDiscardedByScanner": 2,
    "ParallelAcquisitionTechnique": "SENSE",
    "ParallelReductionFactorInPlane": 2,
    "PatientPosition": "HFS",
    "PhaseEncodingDirection": "j",
    "PhilipsRescaleIntercept": 0,
    "PhilipsRescaleSlope": 0.77973,
    "PhilipsScaleSlope": 0.0515872,
    "ProtocolName": "WIPtask-wm_boldSENSE",
    "PulseSequenceType": "gradient echo EPI",
    "ReconMatrixPE": 80,
    "RepetitionTime": 2,
    "SeriesDescription": "ImageMRSERIES",
    "SeriesNumber": 3,
    "SliceEncodingDirection": "k",
    "TaskName": "workingmemory",
    "UsePhilipsFloatNotDisplayScaling": 1,
    "WaterFatShift": 12,
    "acq_id": "seq",
    "dataset": "unknown",
    "modality": "bold",
    "subject_id": "0029",
    "task_id": "workingmemory"
  },
  "dummy_trs": 0,
  "dvars_nstd": 21.61753528484277,
  "dvars_std": 1.2900134498742135,
  "dvars_vstd": 0.9898570818867927,
  "efc": 0.44702044377246575,
  "fber": 639340928.0,
  "fd_mean": 0.09579379746416383,
  "fd_num": 3,
  "fd_perc": 1.875,
  "fwhm_avg": 2.446185162212899,
  "fwhm_x": 2.3903733333333332,
  "fwhm_y": 2.7271366666666665,
  "fwhm_z": 2.2210454866386975,
  "gcor": 0.0527325,
  "gsr_x": -0.0022799307480454445,
  "gsr_y": 0.00568774901330471,
  "provenance": {
    "md5sum": "3d03cc136dcf6d4a76fb22c8fc155a83",
    "settings": {
      "fd_thres": 0.2,
      "hmc_fsl": false
    },
    "software": "mriqc",
    "version": "0.15.0",
    "webapi_port": null,
    "webapi_url": "https://mriqc.nimh.nih.gov/api/v1"
  },
  "size_t": 160,
  "size_x": 80,
  "size_y": 80,
  "size_z": 36,
  "snr": 5.02427123223977,
  "spacing_tr": 2.0,
  "spacing_x": 3.0,
  "spacing_y": 3.0,
  "spacing_z": 3.299999952316284,
  "spikes_num": 0,
  "summary_bg_k": 67.00700326395241,
  "summary_bg_mad": 1.3091983795166016,
  "summary_bg_mean": 288.8971862792969,
  "summary_bg_median": 0.88829106092453,
  "summary_bg_n": 140951.0,
  "summary_bg_p05": 0.002111065317876637,
  "summary_bg_p95": 1697.3001098632812,
  "summary_bg_stdv": 1404.7822265625,
  "summary_fg_k": 3.1693571200282467,
  "summary_fg_mad": 4124.73828125,
  "summary_fg_mean": 25883.900390625,
  "summary_fg_median": 25776.2109375,
  "summary_fg_n": 48304.0,
  "summary_fg_p05": 18169.37841796875,
  "summary_fg_p95": 33540.146875,
  "summary_fg_stdv": 5130.28515625,
  "tsnr": 85.98120880126953
}