{
  "aor": 0.003940592592592593,
  "aqi": 0.0062904774814814815,
  "bids_meta": {
    "AcquisitionNumber": 8,
    "BidsifyVersion": "0.3.5",
    "ConversionSoftware": "dcm2niix",
    "ConversionSoftwareVersion": "v1.0.20181125  GCC6.3.0",
    "EchoTime": 0.02763,
    "FlipAngle": 76.1,
    "ImageComments": "PIOP2",
    "ImageOrientationPatientDICOM": [
      0.999615,
      0.0101986,
      0.0258211,
      -0.00924694,
      0.999283,
      -0.0367097
    ],
    "Manufacturer": "Philips",
    "NumberOfVolumesDiscardedByScanner": 2,
    "ParallelAcquisitionTechnique": "SENSE",
    "ParallelReductionFactorInPlane": 2,
    "PatientPosition": "HFS",
    "PhaseEncodingDirection": "j",
    "PhilipsRescaleIntercept": 0,
    "PhilipsRescaleSlope": 0.80415,
    "PhilipsScaleSlope": 0.0532268,
    "ProtocolName": "WIPtask-harriri_boldSENSE",
    "PulseSequenceType": "gradient echo EPI",
    "ReconMatrixPE": 80,
    "RepetitionTime": 2,
    "SeriesDescription": "ImageMRSERIES",
    "SeriesNumber": 8,
    "SliceEncodingDirection": "k",
    "TaskName": "emomatching",
    "UsePhilipsFloatNotDisplayScaling": 1,
    "WaterFatShift": 12,
    "acq_id": "seq",
    "dataset": "unknown",
    "modality": "bold",
    "subject_id": "0029",
    "task_id": "emomatching"
  },
  "dummy_trs": 0,
  "dvars_nstd": 25.916205135970156,
  "dvars_std": 1.3860531555970153,
  "dvars_vstd": 1.0321361538059701,
  "efc": 0.4496623604149778,
  "fber": 361645280.0,
  "fd_mean": 0.11882480674155345,
  "fd_num": 9,
  "fd_perc": 6.666666666666667,
  "fwhm_avg": 2.4415109197903937,
  "fwhm_x": 2.382573333333333,
  "fwhm_y": 2.720553333333333,
  "fwhm_z": 2.2214060927045143,
  "gcor": 0.028247,
  "gsr_x": -0.0025188156869262457,
  "gsr_y": 0.005362203344702721,
  "provenance": {
    "md5sum": "c91b5ad66b7c7bf69f52f7c26df0d019",
    "settings": {
      "fd_thres": 0.2,
      "hmc_fsl": false
    },
    "software": "mriqc",
    "version": "0.15.0",
    "webapi_port": null,
    "webapi_url": "https://mriqc.nimh.nih.gov/api/v1"
  },
  "size_t": 135,
  "size_x": 80,
  "size_y": 80,
  "size_z": 36,
  "snr": 5.1570355642283365,
  "spacing_tr": 2.0,
  "spacing_x": 3.0,
  "spacing_y": 3.0,
  "spacing_z": 3.299999952316284,
  "spikes_num": 0,
  "summary_bg_k": 61.016639959555974,
  "summary_bg_mad": 1.771909475326538,
  "summary_bg_mean": 292.3946533203125,
  "summary_bg_median": 1.2238473892211914,
  "summary_bg_n": 140653.0,
  "summary_bg_p05": 0.0027316822670400143,
  "summary_bg_p95": 1741.8306640624978,
  "summary_bg_stdv": 1401.791748046875,
  "summary_fg_k": 3.317484335547473,
  "summary_fg_mad": 3939.937255859375,
  "summary_fg_mean": 25372.734375,
  "summary_fg_median": 25276.115234375,
  "summary_fg_n": 48581.0,
  "summary_fg_p05": 18152.119140625,
  "summary_fg_p95": 32615.421875,
  "summary_fg_stdv": 4901.2373046875,
  "tsnr": 73.22589111328125
}