{
  "aor": 0.0008932286995515695,
  "aqi": 0.008770734125560538,
  "bids_meta": {
    "AcquisitionNumber": 7,
    "BidsifyVersion": "0.3.5",
    "ConversionSoftware": "dcm2niix",
    "ConversionSoftwareVersion": "v1.0.20181125  GCC6.3.0",
    "EchoTime": 0.02763,
    "FlipAngle": 76.1,
    "ImageComments": "PIOP2",
    "ImageOrientationPatientDICOM": [
      0.999615,
      0.0101986,
      0.0258211,
      -0.00924694,
      0.999283,
      -0.0367097
    ],
    "Manufacturer": "Philips",
    "NumberOfVolumesDiscardedByScanner": 2,
    "ParallelAcquisitionTechnique": "SENSE",
    "ParallelReductionFactorInPlane": 2,
    "PatientPosition": "HFS",
    "PhaseEncodingDirection": "j",
    "PhilipsRescaleIntercept": 0,
    "PhilipsRescaleSlope": 0.78559,
    "PhilipsScaleSlope": 0.0518555,
    "ProtocolName": "WIPtask-stop_boldSENSE",
    "PulseSequenceType": "gradient echo EPI",
    "ReconMatrixPE": 80,
    "RepetitionTime": 2,
    "SeriesDescription": "ImageMRSERIES",
    "SeriesNumber": 7,
    "SliceEncodingDirection": "k",
    "TaskName": "stopsignal",
    "UsePhilipsFloatNotDisplayScaling": 1,
    "WaterFatShift": 12,
    "acq_id": "seq",
    "dataset": "unknown",
    "modality": "bold",
    "subject_id": "0029",
    "task_id": "stopsignal"
  },
  "dummy_trs": 0,
  "dvars_nstd": 26.04348693018019,
  "dvars_std": 1.259745563108108,
  "dvars_vstd": 0.952699668063063,
  "efc": 0.4489718107923778,
  "fber": 253340752.0,
  "fd_mean": 0.12247607983097629,
  "fd_num": 20,
  "fd_perc": 8.968609865470851,
  "fwhm_avg": 2.4578400107439276,
  "fwhm_x": 2.4006066666666666,
  "fwhm_y": 2.7422799999999996,
  "fwhm_z": 2.2306333655651174,
  "gcor": 0.0168752,
  "gsr_x": -0.002706277184188366,
  "gsr_y": 0.006143723614513874,
  "provenance": {
    "md5sum": "3bf4b77f57be683efc0d927a9c4127c1",
    "settings": {
      "fd_thres": 0.2,
      "hmc_fsl": false
    },
    "software": "mriqc",
    "version": "0.15.0",
    "webapi_port": null,
    "webapi_url": "https://mriqc.nimh.nih.gov/api/v1"
  },
  "size_t": 223,
  "size_x": 80,
  "size_y": 80,
  "size_z": 36,
  "snr": 5.128324864533602,
  "spacing_tr": 2.0,
  "spacing_x": 3.0,
  "spacing_y": 3.0,
  "spacing_z": 3.299999952316284,
  "spikes_num": 1,
  "summary_bg_k": 59.12157735759421,
  "summary_bg_mad": 2.0911197662353516,
  "summary_bg_mean": 295.44744873046875,
  "summary_bg_median": 1.4317680597305298,
  "summary_bg_n": 140814.0,
  "summary_bg_p05": 0.008027693862095477,
  "summary_bg_p95": 1783.7664306640631,
  "summary_bg_stdv": 1387.2890625,
  "summary_fg_k": 3.237153248083348,
  "summary_fg_mad": 4007.221923828125,
  "summary_fg_mean": 25646.388671875,
  "summary_fg_median": 25526.21484375,
  "summary_fg_n": 48475.0,
  "summary_fg_p05": 18331.1716796875,
  "summary_fg_p95": 33084.905078125,
  "summary_fg_stdv": 4977.4443359375,
  "tsnr": 64.24483489990234
}