{
  "aor": 0.005774074074074073,
  "aqi": 0.003208729925925926,
  "bids_meta": {
    "AcquisitionNumber": 8,
    "BidsifyVersion": "0.3.5",
    "ConversionSoftware": "dcm2niix",
    "ConversionSoftwareVersion": "v1.0.20181125  GCC6.3.0",
    "EchoTime": 0.02763,
    "FlipAngle": 76.1,
    "ImageComments": "PIOP2",
    "ImageOrientationPatientDICOM": [
      0.997332,
      -0.0497985,
      0.053377,
      0.0527916,
      0.997022,
      -0.0562151
    ],
    "Manufacturer": "Philips",
    "NumberOfVolumesDiscardedByScanner": 2,
    "ParallelAcquisitionTechnique": "SENSE",
    "ParallelReductionFactorInPlane": 2,
    "PatientPosition": "HFS",
    "PhaseEncodingDirection": "j",
    "PhilipsRescaleIntercept": 0,
    "PhilipsRescaleSlope": 0.83175,
    "PhilipsScaleSlope": 0.0618215,
    "ProtocolName": "WIPtask-harriri_boldSENSE",
    "PulseSequenceType": "gradient echo EPI",
    "ReconMatrixPE": 80,
    "RepetitionTime": 2,
    "SeriesDescription": "ImageMRSERIES",
    "SeriesNumber": 8,
    "SliceEncodingDirection": "k",
    "TaskName": "emomatching",
    "UsePhilipsFloatNotDisplayScaling": 1,
    "WaterFatShift": 12,
    "acq_id": "seq",
    "dataset": "unknown",
    "modality": "bold",
    "subject_id": "0022",
    "task_id": "emomatching"
  },
  "dummy_trs": 0,
  "dvars_nstd": 18.361604818582098,
  "dvars_std": 1.3100312278358208,
  "dvars_vstd": 1.063822894850746,
  "efc": 0.39323896941905967,
  "fber": 2381843200.0,
  "fd_mean": 0.13053278215648095,
  "fd_num": 13,
  "fd_perc": 9.62962962962963,
  "fwhm_avg": 2.519448754874517,
  "fwhm_x": 2.4040066666666666,
  "fwhm_y": 2.801133333333333,
  "fwhm_z": 2.3532062646235494,
  "gcor": 0.043172,
  "gsr_x": -0.0007107419078238308,
  "gsr_y": -0.0019525367533788085,
  "provenance": {
    "md5sum": "1f9175aae7e0286c07bb9e23353f67ad",
    "settings": {
      "fd_thres": 0.2,
      "hmc_fsl": false
    },
    "software": "mriqc",
    "version": "0.15.0",
    "webapi_port": null,
    "webapi_url": "https://mriqc.nimh.nih.gov/api/v1"
  },
  "size_t": 135,
  "size_x": 80,
  "size_y": 80,
  "size_z": 36,
  "snr": 5.394272529264046,
  "spacing_tr": 2.0,
  "spacing_x": 3.0,
  "spacing_y": 3.0,
  "spacing_z": 3.299999713897705,
  "spikes_num": 6,
  "summary_bg_k": 103.15269486695384,
  "summary_bg_mad": 0.6821467280387878,
  "summary_bg_mean": 185.79615783691406,
  "summary_bg_median": 0.4601009786128998,
  "summary_bg_n": 152329.0,
  "summary_bg_p05": 0.0,
  "summary_bg_p95": 738.5516235351583,
  "summary_bg_stdv": 1165.895751953125,
  "summary_fg_k": 2.6874643875753206,
  "summary_fg_mad": 3959.121337890625,
  "summary_fg_mean": 24530.017578125,
  "summary_fg_median": 24559.96875,
  "summary_fg_n": 38690.0,
  "summary_fg_p05": 17581.27373046875,
  "summary_fg_p95": 31381.779687499984,
  "summary_fg_stdv": 4552.91259765625,
  "tsnr": 93.01876831054688
}