{
  "aor": 0.001176147186147186,
  "aqi": 0.0026874926839826844,
  "bids_meta": {
    "AcquisitionNumber": 7,
    "BidsifyVersion": "0.3.5",
    "ConversionSoftware": "dcm2niix",
    "ConversionSoftwareVersion": "v1.0.20181125  GCC6.3.0",
    "EchoTime": 0.02763,
    "FlipAngle": 76.1,
    "ImageComments": "PIOP2",
    "ImageOrientationPatientDICOM": [
      0.997332,
      -0.0497985,
      0.053377,
      0.0527916,
      0.997022,
      -0.0562151
    ],
    "Manufacturer": "Philips",
    "NumberOfVolumesDiscardedByScanner": 2,
    "ParallelAcquisitionTechnique": "SENSE",
    "ParallelReductionFactorInPlane": 2,
    "PatientPosition": "HFS",
    "PhaseEncodingDirection": "j",
    "PhilipsRescaleIntercept": 0,
    "PhilipsRescaleSlope": 0.79634,
    "PhilipsScaleSlope": 0.062155,
    "ProtocolName": "WIPtask-stop_boldSENSE",
    "PulseSequenceType": "gradient echo EPI",
    "ReconMatrixPE": 80,
    "RepetitionTime": 2,
    "SeriesDescription": "ImageMRSERIES",
    "SeriesNumber": 7,
    "SliceEncodingDirection": "k",
    "TaskName": "stopsignal",
    "UsePhilipsFloatNotDisplayScaling": 1,
    "WaterFatShift": 12,
    "acq_id": "seq",
    "dataset": "unknown",
    "modality": "bold",
    "subject_id": "0022",
    "task_id": "stopsignal"
  },
  "dummy_trs": 0,
  "dvars_nstd": 17.166821463347834,
  "dvars_std": 1.236383370173912,
  "dvars_vstd": 1.0007744920434782,
  "efc": 0.3929078647980588,
  "fber": 2467481088.0,
  "fd_mean": 0.10962792050611203,
  "fd_num": 4,
  "fd_perc": 1.7316017316017316,
  "fwhm_avg": 2.553001382267716,
  "fwhm_x": 2.437316666666667,
  "fwhm_y": 2.82936,
  "fwhm_z": 2.3923274801364793,
  "gcor": 0.0166431,
  "gsr_x": -0.0009002553997561336,
  "gsr_y": -0.002121532568708062,
  "provenance": {
    "md5sum": "e9adc126c9152b64a5a11bcc318925d6",
    "settings": {
      "fd_thres": 0.2,
      "hmc_fsl": false
    },
    "software": "mriqc",
    "version": "0.15.0",
    "webapi_port": null,
    "webapi_url": "https://mriqc.nimh.nih.gov/api/v1"
  },
  "size_t": 231,
  "size_x": 80,
  "size_y": 80,
  "size_z": 36,
  "snr": 5.24735223795187,
  "spacing_tr": 2.0,
  "spacing_x": 3.0,
  "spacing_y": 3.0,
  "spacing_z": 3.299999713897705,
  "spikes_num": 2,
  "summary_bg_k": 106.1679380864444,
  "summary_bg_mad": 0.6840718984603882,
  "summary_bg_mean": 179.33982849121094,
  "summary_bg_median": 0.46184042096138,
  "summary_bg_n": 152136.0,
  "summary_bg_p05": 0.0,
  "summary_bg_p95": 683.1582183837891,
  "summary_bg_stdv": 1135.0325927734375,
  "summary_fg_k": 2.4759812642296,
  "summary_fg_mad": 4086.51806640625,
  "summary_fg_mean": 24515.064453125,
  "summary_fg_median": 24506.80078125,
  "summary_fg_n": 38831.0,
  "summary_fg_p05": 17412.3134765625,
  "summary_fg_p95": 31577.9521484375,
  "summary_fg_stdv": 4670.25732421875,
  "tsnr": 101.97637939453125
}