{
  "aor": 0.01684310810810811,
  "aqi": 0.008211402927927929,
  "bids_meta": {
    "AcquisitionNumber": 7,
    "BidsifyVersion": "0.3.5",
    "ConversionSoftware": "dcm2niix",
    "ConversionSoftwareVersion": "v1.0.20181125  GCC6.3.0",
    "EchoTime": 0.02763,
    "EffectiveEchoSpacing": 0.0006909035636805814,
    "FlipAngle": 76.1,
    "ImageComments": "PIOP2",
    "ImageOrientationPatientDICOM": [
      0.999669,
      0.00929725,
      0.0239725,
      -0.0136099,
      0.98235,
      0.186558
    ],
    "Manufacturer": "Philips",
    "NumberOfVolumesDiscardedByScanner": 2,
    "ParallelAcquisitionTechnique": "SENSE",
    "ParallelReductionFactorInPlane": 2,
    "PatientPosition": "HFS",
    "PhaseEncodingDirection": "j",
    "PhilipsRescaleIntercept": 0,
    "PhilipsRescaleSlope": 0.83077,
    "PhilipsScaleSlope": 0.05526,
    "ProtocolName": "WIPtask-stop_boldSENSE",
    "PulseSequenceType": "gradient echo EPI",
    "ReconMatrixPE": 80,
    "RepetitionTime": 2,
    "SeriesDescription": "ImageMRSERIES",
    "SeriesNumber": 7,
    "SliceEncodingDirection": "k",
    "SliceTiming": [
      0.0,
      0.0556,
      0.1111,
      0.1667,
      0.2222,
      0.2778,
      0.3333,
      0.3889,
      0.4444,
      0.5,
      0.5556,
      0.6111,
      0.6667,
      0.7222,
      0.7778,
      0.8333,
      0.8889,
      0.9444,
      1.0,
      1.0556,
      1.1111,
      1.1667,
      1.2222,
      1.2778,
      1.3333,
      1.3889,
      1.4444,
      1.5,
      1.5556,
      1.6111,
      1.6667,
      1.7222,
      1.7778,
      1.8333,
      1.8889,
      1.9444
    ],
    "TaskName": "stopsignal",
    "TotalReadoutTime": 0.026945238983542674,
    "UsePhilipsFloatNotDisplayScaling": 1,
    "WaterFatShift": 12,
    "acq_id": "seq",
    "dataset": "unknown",
    "modality": "bold",
    "subject_id": "0134",
    "task_id": "stopsignal"
  },
  "dummy_trs": 0,
  "dvars_nstd": 20.994655354479647,
  "dvars_std": 1.348738101447964,
  "dvars_vstd": 1.1855595523529412,
  "efc": 0.4031106489679049,
  "fber": 429711424.0,
  "fd_mean": 0.1759235954759473,
  "fd_num": 60,
  "fd_perc": 27.027027027027028,
  "fwhm_avg": 2.527398395086355,
  "fwhm_x": 2.43618,
  "fwhm_y": 2.8107333333333333,
  "fwhm_z": 2.3352818519257323,
  "gcor": 0.0218333,
  "gsr_x": 0.002868070499971509,
  "gsr_y": -0.0009489317890256643,
  "provenance": {
    "md5sum": "e5587eb79bb419eee230538d1c7dc727",
    "settings": {
      "fd_thres": 0.2,
      "hmc_fsl": false
    },
    "software": "mriqc",
    "version": "0.15.0",
    "webapi_port": null,
    "webapi_url": "https://mriqc.nimh.nih.gov/api/v1"
  },
  "size_t": 222,
  "size_x": 80,
  "size_y": 80,
  "size_z": 36,
  "snr": 5.009218068162375,
  "spacing_tr": 2.0,
  "spacing_x": 3.0,
  "spacing_y": 3.0,
  "spacing_z": 3.299999952316284,
  "spikes_num": 34,
  "summary_bg_k": 82.3868428821412,
  "summary_bg_mad": 1.5907158851623535,
  "summary_bg_mean": 182.64382934570312,
  "summary_bg_median": 1.0810590982437134,
  "summary_bg_n": 149922.0,
  "summary_bg_p05": 0.0,
  "summary_bg_p95": 752.7046417236309,
  "summary_bg_stdv": 1041.39501953125,
  "summary_fg_k": 2.5217612942597425,
  "summary_fg_mad": 3978.256103515625,
  "summary_fg_mean": 24157.6875,
  "summary_fg_median": 23876.837890625,
  "summary_fg_n": 41181.0,
  "summary_fg_p05": 17610.7578125,
  "summary_fg_p95": 31947.06640625,
  "summary_fg_stdv": 4766.52197265625,
  "tsnr": 66.13469696044922
}