{
    "Manufacturer": "Philips",
    "PatientPosition": "HFS",
    "SeriesDescription": "ImageMRSERIES",
    "ProtocolName": "WIPT1anat_acq-6m_T1wSENSE",
    "SeriesNumber": 2,
    "AcquisitionNumber": 2,
    "ImageComments": "PIOP2",
    "PhilipsRescaleSlope": 8.71429,
    "PhilipsRescaleIntercept": 0,
    "PhilipsScaleSlope": 0.00732013,
    "UsePhilipsFloatNotDisplayScaling": 1,
    "EchoTime": 0.00383,
    "RepetitionTime": 0.008318,
    "ReconMatrixPE": 240,
    "ImageOrientationPatientDICOM": [
        0.998943,
        -0.0332702,
        -0.031719,
        0.0383755,
        0.983457,
        0.177028
    ],
    "ConversionSoftware": "dcm2niix",
    "ConversionSoftwareVersion": "v1.0.20181125  GCC6.3.0",
    "BidsifyVersion": "0.3.5"
}