{
  "aor": 0.0013050370370370368,
  "aqi": 0.002404923407407408,
  "bids_meta": {
    "AcquisitionNumber": 8,
    "BidsifyVersion": "0.3.5",
    "ConversionSoftware": "dcm2niix",
    "ConversionSoftwareVersion": "v1.0.20181125  GCC6.3.0",
    "EchoTime": 0.02763,
    "EffectiveEchoSpacing": 0.0006909035636805814,
    "FlipAngle": 76.1,
    "ImageComments": "PIOP2",
    "ImageOrientationPatientDICOM": [
      0.999928,
      -0.00168445,
      0.0119151,
      0.00401399,
      0.980134,
      -0.198295
    ],
    "Manufacturer": "Philips",
    "NumberOfVolumesDiscardedByScanner": 2,
    "ParallelAcquisitionTechnique": "SENSE",
    "ParallelReductionFactorInPlane": 2,
    "PatientPosition": "HFS",
    "PhaseEncodingDirection": "j",
    "PhilipsRescaleIntercept": 0,
    "PhilipsRescaleSlope": 0.82515,
    "PhilipsScaleSlope": 0.0567703,
    "ProtocolName": "WIPtask-harriri_boldSENSE",
    "PulseSequenceType": "gradient echo EPI",
    "ReconMatrixPE": 80,
    "RepetitionTime": 2,
    "SeriesDescription": "ImageMRSERIES",
    "SeriesNumber": 8,
    "SliceEncodingDirection": "k",
    "SliceTiming": [
      0.0,
      0.0556,
      0.1111,
      0.1667,
      0.2222,
      0.2778,
      0.3333,
      0.3889,
      0.4444,
      0.5,
      0.5556,
      0.6111,
      0.6667,
      0.7222,
      0.7778,
      0.8333,
      0.8889,
      0.9444,
      1.0,
      1.0556,
      1.1111,
      1.1667,
      1.2222,
      1.2778,
      1.3333,
      1.3889,
      1.4444,
      1.5,
      1.5556,
      1.6111,
      1.6667,
      1.7222,
      1.7778,
      1.8333,
      1.8889,
      1.9444
    ],
    "TaskName": "emomatching",
    "TotalReadoutTime": 0.026945238983542674,
    "UsePhilipsFloatNotDisplayScaling": 1,
    "WaterFatShift": 12,
    "acq_id": "seq",
    "dataset": "unknown",
    "modality": "bold",
    "subject_id": "0170",
    "task_id": "emomatching"
  },
  "dummy_trs": 0,
  "dvars_nstd": 22.357411285000005,
  "dvars_std": 1.421217865149253,
  "dvars_vstd": 1.0167629320895522,
  "efc": 0.38365650180652294,
  "fber": 7923710976.0,
  "fd_mean": 0.079325916415857,
  "fd_num": 0,
  "fd_perc": 0.0,
  "fwhm_avg": 2.503511425368879,
  "fwhm_x": 2.4058033333333335,
  "fwhm_y": 2.773706666666667,
  "fwhm_z": 2.331024276106636,
  "gcor": 0.0163576,
  "gsr_x": -0.005417338106781244,
  "gsr_y": 0.0006721305544488132,
  "provenance": {
    "md5sum": "1f2a7637c36fc54ab1924d168b8cc006",
    "settings": {
      "fd_thres": 0.2,
      "hmc_fsl": false
    },
    "software": "mriqc",
    "version": "0.15.0",
    "webapi_port": null,
    "webapi_url": "https://mriqc.nimh.nih.gov/api/v1"
  },
  "size_t": 135,
  "size_x": 80,
  "size_y": 80,
  "size_z": 36,
  "snr": 4.902477612533808,
  "spacing_tr": 2.0,
  "spacing_x": 3.0,
  "spacing_y": 3.0,
  "spacing_z": 3.299999952316284,
  "spikes_num": 0,
  "summary_bg_k": 151.84826889064388,
  "summary_bg_mad": 0.3738257586956024,
  "summary_bg_mean": 141.43447875976562,
  "summary_bg_median": 0.25306713581085205,
  "summary_bg_n": 153264.0,
  "summary_bg_p05": 0.0003227859415346757,
  "summary_bg_p95": 640.1173889160177,
  "summary_bg_stdv": 909.0956420898438,
  "summary_fg_k": 2.3136774941725333,
  "summary_fg_mad": 4271.40185546875,
  "summary_fg_mean": 24673.951171875,
  "summary_fg_median": 24536.181640625,
  "summary_fg_n": 37762.0,
  "summary_fg_p05": 17108.642578125,
  "summary_fg_p95": 32366.245800781246,
  "summary_fg_stdv": 5004.787109375,
  "tsnr": 101.73008728027344
}