{
  "aor": 0.007015895196506551,
  "aqi": 0.013174003056768559,
  "bids_meta": {
    "AcquisitionNumber": 7,
    "BidsifyVersion": "0.3.5",
    "ConversionSoftware": "dcm2niix",
    "ConversionSoftwareVersion": "v1.0.20181125  GCC6.3.0",
    "EchoTime": 0.02763,
    "EffectiveEchoSpacing": 0.0006909035636805814,
    "FlipAngle": 76.1,
    "ImageComments": "PIOP2",
    "ImageOrientationPatientDICOM": [
      0.999785,
      -0.0136789,
      0.0155912,
      0.0129134,
      0.998755,
      0.0481835
    ],
    "Manufacturer": "Philips",
    "NumberOfVolumesDiscardedByScanner": 2,
    "ParallelAcquisitionTechnique": "SENSE",
    "ParallelReductionFactorInPlane": 2,
    "PatientPosition": "HFS",
    "PhaseEncodingDirection": "j",
    "PhilipsRescaleIntercept": 0,
    "PhilipsRescaleSlope": 0.74725,
    "PhilipsScaleSlope": 0.0560288,
    "ProtocolName": "WIPtask-stop_boldSENSE",
    "PulseSequenceType": "gradient echo EPI",
    "ReconMatrixPE": 80,
    "RepetitionTime": 2,
    "SeriesDescription": "ImageMRSERIES",
    "SeriesNumber": 7,
    "SliceEncodingDirection": "k",
    "SliceTiming": [
      0.0,
      0.0556,
      0.1111,
      0.1667,
      0.2222,
      0.2778,
      0.3333,
      0.3889,
      0.4444,
      0.5,
      0.5556,
      0.6111,
      0.6667,
      0.7222,
      0.7778,
      0.8333,
      0.8889,
      0.9444,
      1.0,
      1.0556,
      1.1111,
      1.1667,
      1.2222,
      1.2778,
      1.3333,
      1.3889,
      1.4444,
      1.5,
      1.5556,
      1.6111,
      1.6667,
      1.7222,
      1.7778,
      1.8333,
      1.8889,
      1.9444
    ],
    "TaskName": "stopsignal",
    "TotalReadoutTime": 0.026945238983542674,
    "UsePhilipsFloatNotDisplayScaling": 1,
    "WaterFatShift": 12,
    "acq_id": "seq",
    "dataset": "unknown",
    "modality": "bold",
    "subject_id": "0100",
    "task_id": "stopsignal"
  },
  "dummy_trs": 0,
  "dvars_nstd": 16.546842587280707,
  "dvars_std": 1.0125314791666662,
  "dvars_vstd": 0.9310537402631583,
  "efc": 0.38680141901223997,
  "fber": 330894432.0,
  "fd_mean": 0.16461858390564763,
  "fd_num": 53,
  "fd_perc": 23.14410480349345,
  "fwhm_avg": 2.5825275870536686,
  "fwhm_x": 2.53317,
  "fwhm_y": 2.86914,
  "fwhm_z": 2.345272761161006,
  "gcor": 0.0282353,
  "gsr_x": -0.0022827046923339367,
  "gsr_y": 0.0003620073548518121,
  "provenance": {
    "md5sum": "95d8d335fc77de275e56e3e49ae4aed3",
    "settings": {
      "fd_thres": 0.2,
      "hmc_fsl": false
    },
    "software": "mriqc",
    "version": "0.15.0",
    "webapi_port": null,
    "webapi_url": "https://mriqc.nimh.nih.gov/api/v1"
  },
  "size_t": 229,
  "size_x": 80,
  "size_y": 80,
  "size_z": 36,
  "snr": 4.664976979881753,
  "spacing_tr": 2.0,
  "spacing_x": 3.0,
  "spacing_y": 3.0,
  "spacing_z": 3.299999952316284,
  "spikes_num": 2,
  "summary_bg_k": 93.86618325207321,
  "summary_bg_mad": 1.8642268180847168,
  "summary_bg_mean": 171.2669677734375,
  "summary_bg_median": 1.277720332145691,
  "summary_bg_n": 152691.0,
  "summary_bg_p05": 0.0,
  "summary_bg_p95": 838.2919311523438,
  "summary_bg_stdv": 898.5656127929688,
  "summary_fg_k": 2.2964594220780024,
  "summary_fg_mad": 4366.0654296875,
  "summary_fg_mean": 25142.005859375,
  "summary_fg_median": 24955.466796875,
  "summary_fg_n": 37856.0,
  "summary_fg_p05": 17048.56494140625,
  "summary_fg_p95": 33637.1669921875,
  "summary_fg_stdv": 5349.46630859375,
  "tsnr": 57.62843704223633
}