{
  "aor": 0.0010128888888888891,
  "aqi": 0.004789908,
  "bids_meta": {
    "AcquisitionNumber": 8,
    "BidsifyVersion": "0.3.5",
    "ConversionSoftware": "dcm2niix",
    "ConversionSoftwareVersion": "v1.0.20181125  GCC6.3.0",
    "EchoTime": 0.02763,
    "EffectiveEchoSpacing": 0.0006909035636805814,
    "FlipAngle": 76.1,
    "ImageComments": "PIOP2",
    "ImageOrientationPatientDICOM": [
      0.999301,
      0.0366495,
      0.00735092,
      -0.0368174,
      0.999029,
      0.0241779
    ],
    "Manufacturer": "Philips",
    "NumberOfVolumesDiscardedByScanner": 2,
    "ParallelAcquisitionTechnique": "SENSE",
    "ParallelReductionFactorInPlane": 2,
    "PatientPosition": "HFS",
    "PhaseEncodingDirection": "j",
    "PhilipsRescaleIntercept": 0,
    "PhilipsRescaleSlope": 0.84005,
    "PhilipsScaleSlope": 0.0511541,
    "ProtocolName": "WIPtask-harriri_boldSENSE",
    "PulseSequenceType": "gradient echo EPI",
    "ReconMatrixPE": 80,
    "RepetitionTime": 2,
    "SeriesDescription": "ImageMRSERIES",
    "SeriesNumber": 8,
    "SliceEncodingDirection": "k",
    "SliceTiming": [
      0.0,
      0.0556,
      0.1111,
      0.1667,
      0.2222,
      0.2778,
      0.3333,
      0.3889,
      0.4444,
      0.5,
      0.5556,
      0.6111,
      0.6667,
      0.7222,
      0.7778,
      0.8333,
      0.8889,
      0.9444,
      1.0,
      1.0556,
      1.1111,
      1.1667,
      1.2222,
      1.2778,
      1.3333,
      1.3889,
      1.4444,
      1.5,
      1.5556,
      1.6111,
      1.6667,
      1.7222,
      1.7778,
      1.8333,
      1.8889,
      1.9444
    ],
    "TaskName": "emomatching",
    "TotalReadoutTime": 0.026945238983542674,
    "UsePhilipsFloatNotDisplayScaling": 1,
    "WaterFatShift": 12,
    "acq_id": "seq",
    "dataset": "unknown",
    "modality": "bold",
    "subject_id": "0183",
    "task_id": "emomatching"
  },
  "dummy_trs": 0,
  "dvars_nstd": 22.27631853597015,
  "dvars_std": 1.2359662807462686,
  "dvars_vstd": 0.9858562362686566,
  "efc": 0.40573514121943866,
  "fber": 241003504.0,
  "fd_mean": 0.23664840903464146,
  "fd_num": 80,
  "fd_perc": 59.25925925925926,
  "fwhm_avg": 2.6076664756169596,
  "fwhm_x": 2.4372166666666666,
  "fwhm_y": 3.10811,
  "fwhm_z": 2.2776727601842124,
  "gcor": 0.0419453,
  "gsr_x": -0.006749683525413275,
  "gsr_y": 0.00476275198161602,
  "provenance": {
    "md5sum": "eb8a0283aa633cca8f9a7abf2ca729d0",
    "settings": {
      "fd_thres": 0.2,
      "hmc_fsl": false
    },
    "software": "mriqc",
    "version": "0.15.0",
    "webapi_port": null,
    "webapi_url": "https://mriqc.nimh.nih.gov/api/v1"
  },
  "size_t": 135,
  "size_x": 80,
  "size_y": 80,
  "size_z": 36,
  "snr": 5.143916970583572,
  "spacing_tr": 2.0,
  "spacing_x": 3.0,
  "spacing_y": 3.0,
  "spacing_z": 3.299999952316284,
  "spikes_num": 0,
  "summary_bg_k": 221.4498632447477,
  "summary_bg_mad": 2.1594667434692383,
  "summary_bg_mean": 162.20994567871094,
  "summary_bg_median": 1.4810247421264648,
  "summary_bg_n": 148329.0,
  "summary_bg_p05": 0.008431761339306832,
  "summary_bg_p95": 944.4335571289068,
  "summary_bg_stdv": 899.5507202148438,
  "summary_fg_k": 3.3105764397880613,
  "summary_fg_mad": 3706.508544921875,
  "summary_fg_mean": 24849.244140625,
  "summary_fg_median": 24701.322265625,
  "summary_fg_n": 41407.0,
  "summary_fg_p05": 17439.408203125,
  "summary_fg_p95": 32273.622851562497,
  "summary_fg_stdv": 4801.9873046875,
  "tsnr": 79.07124328613281
}