{
  "aor": 0.00145675,
  "aqi": 0.008300905625,
  "bids_meta": {
    "AcquisitionNumber": 3,
    "BidsifyVersion": "0.3.5",
    "ConversionSoftware": "dcm2niix",
    "ConversionSoftwareVersion": "v1.0.20181125  GCC6.3.0",
    "EchoTime": 0.02763,
    "EffectiveEchoSpacing": 0.0006909035636805814,
    "FlipAngle": 76.1,
    "ImageComments": "PIOP2",
    "ImageOrientationPatientDICOM": [
      0.998011,
      0.0625341,
      -0.00802241,
      -0.0624398,
      0.997982,
      0.0115188
    ],
    "Manufacturer": "Philips",
    "NumberOfVolumesDiscardedByScanner": 2,
    "ParallelAcquisitionTechnique": "SENSE",
    "ParallelReductionFactorInPlane": 2,
    "PatientPosition": "HFS",
    "PhaseEncodingDirection": "j",
    "PhilipsRescaleIntercept": 0,
    "PhilipsRescaleSlope": 0.7956,
    "PhilipsScaleSlope": 0.0567657,
    "ProtocolName": "WIPtask-wm_boldSENSE",
    "PulseSequenceType": "gradient echo EPI",
    "ReconMatrixPE": 80,
    "RepetitionTime": 2,
    "SeriesDescription": "ImageMRSERIES",
    "SeriesNumber": 3,
    "SliceEncodingDirection": "k",
    "SliceTiming": [
      0.0,
      0.0556,
      0.1111,
      0.1667,
      0.2222,
      0.2778,
      0.3333,
      0.3889,
      0.4444,
      0.5,
      0.5556,
      0.6111,
      0.6667,
      0.7222,
      0.7778,
      0.8333,
      0.8889,
      0.9444,
      1.0,
      1.0556,
      1.1111,
      1.1667,
      1.2222,
      1.2778,
      1.3333,
      1.3889,
      1.4444,
      1.5,
      1.5556,
      1.6111,
      1.6667,
      1.7222,
      1.7778,
      1.8333,
      1.8889,
      1.9444
    ],
    "TaskName": "workingmemory",
    "TotalReadoutTime": 0.026945238983542674,
    "UsePhilipsFloatNotDisplayScaling": 1,
    "WaterFatShift": 12,
    "acq_id": "seq",
    "dataset": "unknown",
    "modality": "bold",
    "subject_id": "0082",
    "task_id": "workingmemory"
  },
  "dummy_trs": 0,
  "dvars_nstd": 20.378251921635222,
  "dvars_std": 1.1978028183647793,
  "dvars_vstd": 1.062396810440252,
  "efc": 0.3920539048704687,
  "fber": 423570112.0,
  "fd_mean": 0.13054882200258364,
  "fd_num": 18,
  "fd_perc": 11.25,
  "fwhm_avg": 2.5975894056346758,
  "fwhm_x": 2.4623033333333333,
  "fwhm_y": 2.9023133333333333,
  "fwhm_z": 2.4281515502373603,
  "gcor": 0.0233929,
  "gsr_x": -0.0059962403029203415,
  "gsr_y": 0.0018774154596030712,
  "provenance": {
    "md5sum": "bc8a5b4b1f3c8f546e14db01cc8b61bf",
    "settings": {
      "fd_thres": 0.2,
      "hmc_fsl": false
    },
    "software": "mriqc",
    "version": "0.15.0",
    "webapi_port": null,
    "webapi_url": "https://mriqc.nimh.nih.gov/api/v1"
  },
  "size_t": 160,
  "size_x": 80,
  "size_y": 80,
  "size_z": 36,
  "snr": 4.938502254325021,
  "spacing_tr": 2.0,
  "spacing_x": 3.0,
  "spacing_y": 3.0,
  "spacing_z": 3.299999952316284,
  "spikes_num": 0,
  "summary_bg_k": 132.757194060241,
  "summary_bg_mad": 1.7301785945892334,
  "summary_bg_mean": 166.10218811035156,
  "summary_bg_median": 1.1878403425216675,
  "summary_bg_n": 152100.0,
  "summary_bg_p05": 0.0,
  "summary_bg_p95": 705.7533233642564,
  "summary_bg_stdv": 982.4403076171875,
  "summary_fg_k": 2.555565701116495,
  "summary_fg_mad": 4383.77392578125,
  "summary_fg_mean": 26190.951171875,
  "summary_fg_median": 26171.595703125,
  "summary_fg_n": 38972.0,
  "summary_fg_p05": 17880.29833984375,
  "summary_fg_p95": 34160.073828125,
  "summary_fg_stdv": 5299.4326171875,
  "tsnr": 66.04341125488281
}