{
  "aor": 0.0024864800000000005,
  "aqi": 0.007075489799999999,
  "bids_meta": {
    "AcquisitionNumber": 7,
    "BidsifyVersion": "0.3.5",
    "ConversionSoftware": "dcm2niix",
    "ConversionSoftwareVersion": "v1.0.20181125  GCC6.3.0",
    "EchoTime": 0.02763,
    "EffectiveEchoSpacing": 0.0006909035636805814,
    "FlipAngle": 76.1,
    "ImageComments": "PIOP2",
    "ImageOrientationPatientDICOM": [
      0.998011,
      0.0625341,
      -0.00802241,
      -0.0624398,
      0.997982,
      0.0115188
    ],
    "Manufacturer": "Philips",
    "NumberOfVolumesDiscardedByScanner": 2,
    "ParallelAcquisitionTechnique": "SENSE",
    "ParallelReductionFactorInPlane": 2,
    "PatientPosition": "HFS",
    "PhaseEncodingDirection": "j",
    "PhilipsRescaleIntercept": 0,
    "PhilipsRescaleSlope": 0.77094,
    "PhilipsScaleSlope": 0.0537596,
    "ProtocolName": "WIPtask-stop_boldSENSE",
    "PulseSequenceType": "gradient echo EPI",
    "ReconMatrixPE": 80,
    "RepetitionTime": 2,
    "SeriesDescription": "ImageMRSERIES",
    "SeriesNumber": 7,
    "SliceEncodingDirection": "k",
    "SliceTiming": [
      0.0,
      0.0556,
      0.1111,
      0.1667,
      0.2222,
      0.2778,
      0.3333,
      0.3889,
      0.4444,
      0.5,
      0.5556,
      0.6111,
      0.6667,
      0.7222,
      0.7778,
      0.8333,
      0.8889,
      0.9444,
      1.0,
      1.0556,
      1.1111,
      1.1667,
      1.2222,
      1.2778,
      1.3333,
      1.3889,
      1.4444,
      1.5,
      1.5556,
      1.6111,
      1.6667,
      1.7222,
      1.7778,
      1.8333,
      1.8889,
      1.9444
    ],
    "TaskName": "stopsignal",
    "TotalReadoutTime": 0.026945238983542674,
    "UsePhilipsFloatNotDisplayScaling": 1,
    "WaterFatShift": 12,
    "acq_id": "seq",
    "dataset": "unknown",
    "modality": "bold",
    "subject_id": "0082",
    "task_id": "stopsignal"
  },
  "dummy_trs": 0,
  "dvars_nstd": 21.88728291911645,
  "dvars_std": 1.3213325981526105,
  "dvars_vstd": 0.9557566614457826,
  "efc": 0.3936316566984826,
  "fber": 957399616.0,
  "fd_mean": 0.0939203400552913,
  "fd_num": 2,
  "fd_perc": 0.8,
  "fwhm_avg": 2.5703740519599343,
  "fwhm_x": 2.43771,
  "fwhm_y": 2.8742,
  "fwhm_z": 2.399212155879803,
  "gcor": 0.0175542,
  "gsr_x": -0.006004803813993931,
  "gsr_y": 0.0014281487092375755,
  "provenance": {
    "md5sum": "6f093763a59fd32276635e0aebe1f3e2",
    "settings": {
      "fd_thres": 0.2,
      "hmc_fsl": false
    },
    "software": "mriqc",
    "version": "0.15.0",
    "webapi_port": null,
    "webapi_url": "https://mriqc.nimh.nih.gov/api/v1"
  },
  "size_t": 250,
  "size_x": 80,
  "size_y": 80,
  "size_z": 36,
  "snr": 5.0485002054880255,
  "spacing_tr": 2.0,
  "spacing_x": 3.0,
  "spacing_y": 3.0,
  "spacing_z": 3.299999952316284,
  "spikes_num": 1,
  "summary_bg_k": 125.551080707783,
  "summary_bg_mad": 1.1572813987731934,
  "summary_bg_mean": 172.2756805419922,
  "summary_bg_median": 0.7828385233879089,
  "summary_bg_n": 151885.0,
  "summary_bg_p05": 0.0,
  "summary_bg_p95": 780.3978149414056,
  "summary_bg_stdv": 1034.7994384765625,
  "summary_fg_k": 2.590602261832184,
  "summary_fg_mad": 4387.912109375,
  "summary_fg_mean": 26384.98828125,
  "summary_fg_median": 26369.111328125,
  "summary_fg_n": 39211.0,
  "summary_fg_p05": 18251.26953125,
  "summary_fg_p95": 34189.40625,
  "summary_fg_stdv": 5223.0908203125,
  "tsnr": 72.3641357421875
}