{
  "aor": 0.001022740740740741,
  "aqi": 0.003738698000000001,
  "bids_meta": {
    "AcquisitionNumber": 8,
    "BidsifyVersion": "0.3.5",
    "ConversionSoftware": "dcm2niix",
    "ConversionSoftwareVersion": "v1.0.20181125  GCC6.3.0",
    "EchoTime": 0.02763,
    "EffectiveEchoSpacing": 0.0006909035636805814,
    "FlipAngle": 76.1,
    "ImageComments": "PIOP2",
    "ImageOrientationPatientDICOM": [
      0.998011,
      0.0625341,
      -0.00802241,
      -0.0624398,
      0.997982,
      0.0115188
    ],
    "Manufacturer": "Philips",
    "NumberOfVolumesDiscardedByScanner": 2,
    "ParallelAcquisitionTechnique": "SENSE",
    "ParallelReductionFactorInPlane": 2,
    "PatientPosition": "HFS",
    "PhaseEncodingDirection": "j",
    "PhilipsRescaleIntercept": 0,
    "PhilipsRescaleSlope": 0.79121,
    "PhilipsScaleSlope": 0.0528128,
    "ProtocolName": "WIPtask-harriri_boldSENSE",
    "PulseSequenceType": "gradient echo EPI",
    "ReconMatrixPE": 80,
    "RepetitionTime": 2,
    "SeriesDescription": "ImageMRSERIES",
    "SeriesNumber": 8,
    "SliceEncodingDirection": "k",
    "SliceTiming": [
      0.0,
      0.0556,
      0.1111,
      0.1667,
      0.2222,
      0.2778,
      0.3333,
      0.3889,
      0.4444,
      0.5,
      0.5556,
      0.6111,
      0.6667,
      0.7222,
      0.7778,
      0.8333,
      0.8889,
      0.9444,
      1.0,
      1.0556,
      1.1111,
      1.1667,
      1.2222,
      1.2778,
      1.3333,
      1.3889,
      1.4444,
      1.5,
      1.5556,
      1.6111,
      1.6667,
      1.7222,
      1.7778,
      1.8333,
      1.8889,
      1.9444
    ],
    "TaskName": "emomatching",
    "TotalReadoutTime": 0.026945238983542674,
    "UsePhilipsFloatNotDisplayScaling": 1,
    "WaterFatShift": 12,
    "acq_id": "seq",
    "dataset": "unknown",
    "modality": "bold",
    "subject_id": "0082",
    "task_id": "emomatching"
  },
  "dummy_trs": 0,
  "dvars_nstd": 21.094232545223875,
  "dvars_std": 1.3426065563432836,
  "dvars_vstd": 0.9770760714925373,
  "efc": 0.39408815102666517,
  "fber": 1672445568.0,
  "fd_mean": 0.08754616253040264,
  "fd_num": 0,
  "fd_perc": 0.0,
  "fwhm_avg": 2.5501747589809294,
  "fwhm_x": 2.4178833333333336,
  "fwhm_y": 2.84375,
  "fwhm_z": 2.3888909436094536,
  "gcor": 0.0166865,
  "gsr_x": -0.0061961873434484005,
  "gsr_y": 0.002064876491203904,
  "provenance": {
    "md5sum": "1a43a6e1cdfe1d1d40c4e9f95247d884",
    "settings": {
      "fd_thres": 0.2,
      "hmc_fsl": false
    },
    "software": "mriqc",
    "version": "0.15.0",
    "webapi_port": null,
    "webapi_url": "https://mriqc.nimh.nih.gov/api/v1"
  },
  "size_t": 135,
  "size_x": 80,
  "size_y": 80,
  "size_z": 36,
  "snr": 5.050849953262423,
  "spacing_tr": 2.0,
  "spacing_x": 3.0,
  "spacing_y": 3.0,
  "spacing_z": 3.299999952316284,
  "spikes_num": 0,
  "summary_bg_k": 127.17254285601749,
  "summary_bg_mad": 0.8832443952560425,
  "summary_bg_mean": 173.37673950195312,
  "summary_bg_median": 0.6042658090591431,
  "summary_bg_n": 151894.0,
  "summary_bg_p05": 0.0016514031158294533,
  "summary_bg_p95": 833.969750976563,
  "summary_bg_stdv": 1032.3128662109375,
  "summary_fg_k": 2.5407853910989235,
  "summary_fg_mad": 4372.3115234375,
  "summary_fg_mean": 26249.23046875,
  "summary_fg_median": 26193.22265625,
  "summary_fg_n": 39260.0,
  "summary_fg_p05": 18155.375,
  "summary_fg_p95": 34077.41464843749,
  "summary_fg_stdv": 5185.837890625,
  "tsnr": 89.34727478027344
}