{
    "Manufacturer": "Philips",
    "PatientPosition": "HFS",
    "SeriesDescription": "ImageMRSERIES",
    "ProtocolName": "WIPdwi_acq-32b1000SENSE",
    "SeriesNumber": 6,
    "AcquisitionNumber": 6,
    "ImageComments": "PIOP2",
    "PhilipsRescaleSlope": 3.85104,
    "PhilipsRescaleIntercept": 0,
    "PhilipsScaleSlope": 0.0258356,
    "UsePhilipsFloatNotDisplayScaling": 1,
    "EchoTime": 0.08599,
    "RepetitionTime": 7.38593,
    "ReconMatrixPE": 112,
    "ImageOrientationPatientDICOM": [
        0.995675,
        -0.0831255,
        0.0414826,
        0.0792357,
        0.992969,
        0.0879414
    ],
    "ConversionSoftware": "dcm2niix",
    "ConversionSoftwareVersion": "v1.0.20181125  GCC6.3.0",
    "BidsifyVersion": "0.3.5",
    "FlipAngle": 90,
    "WaterFatShift": 18.927,
    "ParallelAcquisitionTechnique": "SENSE",
    "ParallelReductionFactorInPlane": 2,
    "PhaseEncodingDirection": "j"
}