{
  "bids_meta": {
    "AcquisitionNumber": 2,
    "BidsifyVersion": "0.3.5",
    "ConversionSoftware": "dcm2niix",
    "ConversionSoftwareVersion": "v1.0.20181125  GCC6.3.0",
    "EchoTime": 0.00373,
    "ImageComments": "PIOP2",
    "ImageOrientationPatientDICOM": [
      0.999754,
      0.0121828,
      -0.0185346,
      -0.0116914,
      0.999583,
      0.0263955
    ],
    "Manufacturer": "Philips",
    "PatientPosition": "HFS",
    "PhilipsRescaleIntercept": 0,
    "PhilipsRescaleSlope": 9.27863,
    "PhilipsScaleSlope": 0.00758852,
    "ProtocolName": "WIPT1anat_acq-6m_T1wSENSE",
    "ReconMatrixPE": 240,
    "RepetitionTime": 0.008138,
    "SeriesDescription": "ImageMRSERIES",
    "SeriesNumber": 2,
    "UsePhilipsFloatNotDisplayScaling": 1,
    "acq_id": "6m",
    "dataset": "unknown",
    "modality": "T1w",
    "subject_id": "0126"
  },
  "cjv": 0.2381129426148431,
  "cnr": 5.165376393757952,
  "efc": 0.7639119288788707,
  "fber": 1223.2794189453125,
  "fwhm_avg": 4.563443333333333,
  "fwhm_x": 4.3616,
  "fwhm_y": 4.60518,
  "fwhm_z": 4.72355,
  "icvs_csf": 0.25667808780054585,
  "icvs_gm": 0.405503738252073,
  "icvs_wm": 0.3378181739473812,
  "inu_med": 1.5883047580718994,
  "inu_range": 0.38612937927246094,
  "provenance": {
    "md5sum": "b6d5f16c9f3b56e3670adce0e4d9c8ba",
    "settings": {
      "testing": false
    },
    "software": "mriqc",
    "version": "0.15.0",
    "warnings": {
      "large_rot_frame": true,
      "small_air_mask": true
    },
    "webapi_port": null,
    "webapi_url": "https://mriqc.nimh.nih.gov/api/v1"
  },
  "qi_1": 0.0,
  "qi_2": 9.266863452733945e-05,
  "rpve_csf": 23.988780948448564,
  "rpve_gm": 14.971208780134322,
  "rpve_wm": 22.939232151276137,
  "size_x": 240,
  "size_y": 240,
  "size_z": 220,
  "snr_csf": 2.408864353908931,
  "snr_gm": 9.423224247093659,
  "snr_total": 12.440388403336739,
  "snr_wm": 25.489076609007622,
  "snrd_csf": 17.64177150582749,
  "snrd_gm": 46.27053067921461,
  "snrd_total": 46.67745115820937,
  "snrd_wm": 76.12005128958602,
  "spacing_x": 1.0,
  "spacing_y": 1.0,
  "spacing_z": 1.0,
  "summary_bg_k": 11.765461753953605,
  "summary_bg_mad": 8.606574058532715,
  "summary_bg_mean": 10.581218719482422,
  "summary_bg_median": 11.772104263305664,
  "summary_bg_n": 94688.0,
  "summary_bg_p05": 0.0,
  "summary_bg_p95": 24.196264362335206,
  "summary_bg_stdv": 7.945851802825928,
  "summary_csf_k": -0.4110521494388446,
  "summary_csf_mad": 111.94136810302734,
  "summary_csf_mean": 233.73060607910156,
  "summary_csf_median": 231.76123046875,
  "summary_csf_n": 14800.0,
  "summary_csf_p05": 90.30540351867677,
  "summary_csf_p95": 388.1627960205076,
  "summary_csf_stdv": 96.20857238769531,
  "summary_gm_k": 0.7013782489988762,
  "summary_gm_mad": 60.10248947143555,
  "summary_gm_mean": 610.6492919921875,
  "summary_gm_median": 607.8593139648438,
  "summary_gm_n": 31235.0,
  "summary_gm_p05": 512.3807922363281,
  "summary_gm_p95": 722.877862548828,
  "summary_gm_stdv": 64.50547790527344,
  "summary_wm_k": 1.6950130576920017,
  "summary_wm_mad": 33.27000427246094,
  "summary_wm_mean": 996.7019653320312,
  "summary_wm_median": 999.99462890625,
  "summary_wm_n": 182326.0,
  "summary_wm_p05": 926.4784240722656,
  "summary_wm_p95": 1054.2316284179688,
  "summary_wm_stdv": 39.232173919677734,
  "tpm_overlap_csf": 0.22877918183803558,
  "tpm_overlap_gm": 0.510466992855072,
  "tpm_overlap_wm": 0.5720376372337341,
  "wm2max": 0.817637754663394
}