{
  "aor": 0.0018367567567567568,
  "aqi": 0.002890200225225225,
  "bids_meta": {
    "AcquisitionNumber": 7,
    "BidsifyVersion": "0.3.5",
    "ConversionSoftware": "dcm2niix",
    "ConversionSoftwareVersion": "v1.0.20181125  GCC6.3.0",
    "EchoTime": 0.02763,
    "FlipAngle": 76.1,
    "ImageComments": "PIOP2",
    "ImageOrientationPatientDICOM": [
      0.997972,
      -0.0471274,
      0.0427992,
      0.0523015,
      0.990244,
      -0.129155
    ],
    "Manufacturer": "Philips",
    "NumberOfVolumesDiscardedByScanner": 2,
    "ParallelAcquisitionTechnique": "SENSE",
    "ParallelReductionFactorInPlane": 2,
    "PatientPosition": "HFS",
    "PhaseEncodingDirection": "j",
    "PhilipsRescaleIntercept": 0,
    "PhilipsRescaleSlope": 0.77265,
    "PhilipsScaleSlope": 0.0615261,
    "ProtocolName": "WIPtask-stop_boldSENSE",
    "PulseSequenceType": "gradient echo EPI",
    "ReconMatrixPE": 80,
    "RepetitionTime": 2,
    "SeriesDescription": "ImageMRSERIES",
    "SeriesNumber": 7,
    "SliceEncodingDirection": "k",
    "TaskName": "stopsignal",
    "UsePhilipsFloatNotDisplayScaling": 1,
    "WaterFatShift": 12,
    "acq_id": "seq",
    "dataset": "unknown",
    "modality": "bold",
    "subject_id": "0104",
    "task_id": "stopsignal"
  },
  "dummy_trs": 0,
  "dvars_nstd": 16.151891544343897,
  "dvars_std": 1.158266921447964,
  "dvars_vstd": 2.8289149657013586,
  "efc": 0.37149337067058685,
  "fber": 2521927680.0,
  "fd_mean": 0.11638502524405886,
  "fd_num": 13,
  "fd_perc": 5.8558558558558556,
  "fwhm_avg": 2.462785869447266,
  "fwhm_x": 2.3512,
  "fwhm_y": 2.782133333333333,
  "fwhm_z": 2.2550242750084655,
  "gcor": 0.0259679,
  "gsr_x": -0.008310312405228615,
  "gsr_y": 0.0007874825969338417,
  "provenance": {
    "md5sum": "b849e789f32d7af811d07f427d51d9ff",
    "settings": {
      "fd_thres": 0.2,
      "hmc_fsl": false
    },
    "software": "mriqc",
    "version": "0.15.0",
    "webapi_port": null,
    "webapi_url": "https://mriqc.nimh.nih.gov/api/v1"
  },
  "size_t": 222,
  "size_x": 80,
  "size_y": 80,
  "size_z": 36,
  "snr": 4.387378848317905,
  "spacing_tr": 2.0,
  "spacing_x": 3.0,
  "spacing_y": 3.0,
  "spacing_z": 3.299999952316284,
  "spikes_num": 1,
  "summary_bg_k": 138.51268490642434,
  "summary_bg_mad": 0.6480597853660583,
  "summary_bg_mean": 142.4078369140625,
  "summary_bg_median": 0.43975377082824707,
  "summary_bg_n": 156354.0,
  "summary_bg_p05": 0.0007572675502160566,
  "summary_bg_p95": 497.7795135498077,
  "summary_bg_stdv": 877.4544677734375,
  "summary_fg_k": 1.7173990915046682,
  "summary_fg_mad": 4419.5009765625,
  "summary_fg_mean": 24076.46875,
  "summary_fg_median": 23502.748046875,
  "summary_fg_n": 35527.0,
  "summary_fg_p05": 16944.2740234375,
  "summary_fg_p95": 33788.209374999984,
  "summary_fg_stdv": 5356.82421875,
  "tsnr": 90.84785461425781
}