{
  "aor": 0.0013578333333333333,
  "aqi": 0.003494671208333333,
  "bids_meta": {
    "AcquisitionNumber": 4,
    "BidsifyVersion": "0.3.5",
    "ConversionSoftware": "dcm2niix",
    "ConversionSoftwareVersion": "v1.0.20181125  GCC6.3.0",
    "EchoTime": 0.02763,
    "FlipAngle": 76.1,
    "ImageComments": "PIOP2",
    "ImageOrientationPatientDICOM": [
      0.997972,
      -0.0471274,
      0.0427992,
      0.0523015,
      0.990244,
      -0.129155
    ],
    "Manufacturer": "Philips",
    "NumberOfVolumesDiscardedByScanner": 2,
    "ParallelAcquisitionTechnique": "SENSE",
    "ParallelReductionFactorInPlane": 2,
    "PatientPosition": "HFS",
    "PhaseEncodingDirection": "j",
    "PhilipsRescaleIntercept": 0,
    "PhilipsRescaleSlope": 0.74725,
    "PhilipsScaleSlope": 0.0625112,
    "ProtocolName": "WIPtask-rest_boldSENSE",
    "PulseSequenceType": "gradient echo EPI",
    "ReconMatrixPE": 80,
    "RepetitionTime": 2,
    "SeriesDescription": "ImageMRSERIES",
    "SeriesNumber": 4,
    "SliceEncodingDirection": "k",
    "TaskName": "restingstate",
    "UsePhilipsFloatNotDisplayScaling": 1,
    "WaterFatShift": 12,
    "acq_id": "seq",
    "dataset": "unknown",
    "modality": "bold",
    "subject_id": "0104",
    "task_id": "restingstate"
  },
  "dummy_trs": 0,
  "dvars_nstd": 18.01953075920501,
  "dvars_std": 1.1536161082008365,
  "dvars_vstd": 0.9579578882008372,
  "efc": 0.3722093360124152,
  "fber": 1991719680.0,
  "fd_mean": 0.13389215090340215,
  "fd_num": 22,
  "fd_perc": 9.166666666666666,
  "fwhm_avg": 2.457468798781837,
  "fwhm_x": 2.3482600000000002,
  "fwhm_y": 2.760476666666667,
  "fwhm_z": 2.2636697296788437,
  "gcor": 0.018897,
  "gsr_x": -0.008241337724030018,
  "gsr_y": 0.0008405718253925443,
  "provenance": {
    "md5sum": "373b13306fd657659d542ed8e709c786",
    "settings": {
      "fd_thres": 0.2,
      "hmc_fsl": false
    },
    "software": "mriqc",
    "version": "0.15.0",
    "webapi_port": null,
    "webapi_url": "https://mriqc.nimh.nih.gov/api/v1"
  },
  "size_t": 240,
  "size_x": 80,
  "size_y": 80,
  "size_z": 36,
  "snr": 4.4105295129642945,
  "spacing_tr": 2.0,
  "spacing_x": 3.0,
  "spacing_y": 3.0,
  "spacing_z": 3.299999952316284,
  "spikes_num": 0,
  "summary_bg_k": 138.93664083397223,
  "summary_bg_mad": 0.7064802646636963,
  "summary_bg_mean": 144.7980194091797,
  "summary_bg_median": 0.4812701940536499,
  "summary_bg_n": 156316.0,
  "summary_bg_p05": 0.0016151400632224977,
  "summary_bg_p95": 546.6967163085938,
  "summary_bg_stdv": 878.2119750976562,
  "summary_fg_k": 1.708311811879204,
  "summary_fg_mad": 4484.56787109375,
  "summary_fg_mean": 24200.56640625,
  "summary_fg_median": 23632.83203125,
  "summary_fg_n": 35599.0,
  "summary_fg_p05": 17092.4068359375,
  "summary_fg_p95": 33839.05156249999,
  "summary_fg_stdv": 5358.2001953125,
  "tsnr": 83.78102111816406
}