{
  "bids_meta": {
    "AcquisitionNumber": 2,
    "BidsifyVersion": "0.3.5",
    "ConversionSoftware": "dcm2niix",
    "ConversionSoftwareVersion": "v1.0.20181125  GCC6.3.0",
    "EchoTime": 0.00374,
    "ImageComments": "PIOP2",
    "ImageOrientationPatientDICOM": [
      0.999433,
      -0.0179759,
      0.0284577,
      0.0162238,
      0.998027,
      0.0606474
    ],
    "Manufacturer": "Philips",
    "PatientPosition": "HFS",
    "PhilipsRescaleIntercept": 0,
    "PhilipsRescaleSlope": 8.97436,
    "PhilipsScaleSlope": 0.00772295,
    "ProtocolName": "WIPT1anat_acq-6m_T1wSENSE",
    "ReconMatrixPE": 240,
    "RepetitionTime": 0.00817,
    "SeriesDescription": "ImageMRSERIES",
    "SeriesNumber": 2,
    "UsePhilipsFloatNotDisplayScaling": 1,
    "acq_id": "6m",
    "dataset": "unknown",
    "modality": "T1w",
    "subject_id": "0104"
  },
  "cjv": 0.2878599168968832,
  "cnr": 4.4083584246361704,
  "efc": 0.7369523078916951,
  "fber": 1585.1422119140625,
  "fwhm_avg": 4.449293333333333,
  "fwhm_x": 4.11293,
  "fwhm_y": 4.62731,
  "fwhm_z": 4.60764,
  "icvs_csf": 0.2600474419353488,
  "icvs_gm": 0.3829978588265991,
  "icvs_wm": 0.3569546992380521,
  "inu_med": 1.6004328727722168,
  "inu_range": 0.2594652891159055,
  "provenance": {
    "md5sum": "9a4da420459a77238f4535aea3b5eaae",
    "settings": {
      "testing": false
    },
    "software": "mriqc",
    "version": "0.15.0",
    "warnings": {
      "large_rot_frame": true,
      "small_air_mask": true
    },
    "webapi_port": null,
    "webapi_url": "https://mriqc.nimh.nih.gov/api/v1"
  },
  "qi_1": 0.0,
  "qi_2": 0.00011458128627354767,
  "rpve_csf": 29.836778026086666,
  "rpve_gm": 19.246700084697956,
  "rpve_wm": 27.20097454749302,
  "size_x": 240,
  "size_y": 240,
  "size_z": 220,
  "snr_csf": 2.5725122624820616,
  "snr_gm": 9.166416345903597,
  "snr_total": 12.146178362398723,
  "snr_wm": 24.699606478810512,
  "snrd_csf": 23.050784418502055,
  "snrd_gm": 56.777994892921065,
  "snrd_total": 56.0794501362972,
  "snrd_wm": 88.40957109746846,
  "spacing_x": 1.0,
  "spacing_y": 1.0,
  "spacing_z": 1.0,
  "summary_bg_k": 68.92764091664378,
  "summary_bg_mad": 7.410157203674316,
  "summary_bg_mean": 8.53915023803711,
  "summary_bg_median": 5.22116756439209,
  "summary_bg_n": 114754.0,
  "summary_bg_p05": 0.0,
  "summary_bg_p95": 20.52844839096069,
  "summary_bg_stdv": 6.290477275848389,
  "summary_csf_k": -0.04677520574804772,
  "summary_csf_mad": 124.55768585205078,
  "summary_csf_mean": 254.7125244140625,
  "summary_csf_median": 260.7242431640625,
  "summary_csf_n": 13821.0,
  "summary_csf_p05": 97.9271011352539,
  "summary_csf_p95": 404.12689208984375,
  "summary_csf_stdv": 101.34638214111328,
  "summary_gm_k": 0.49829180546167606,
  "summary_gm_mad": 66.91609191894531,
  "summary_gm_mean": 648.2689208984375,
  "summary_gm_median": 642.2080688476562,
  "summary_gm_n": 14253.0,
  "summary_gm_p05": 544.8510253906251,
  "summary_gm_p95": 772.7722778320312,
  "summary_gm_stdv": 70.05851745605469,
  "summary_wm_k": 0.8953926462418513,
  "summary_wm_mad": 36.07454299926758,
  "summary_wm_mean": 996.9700317382812,
  "summary_wm_median": 999.9884643554688,
  "summary_wm_n": 165474.0,
  "summary_wm_p05": 923.4655822753907,
  "summary_wm_p95": 1057.3798583984376,
  "summary_wm_stdv": 40.48588562011719,
  "tpm_overlap_csf": 0.21474164724349976,
  "tpm_overlap_gm": 0.4865259528160095,
  "tpm_overlap_wm": 0.5849612951278687,
  "wm2max": 0.8100707631816918
}