{
  "aor": 0.007055855855855855,
  "aqi": 0.007771876621621623,
  "bids_meta": {
    "AcquisitionNumber": 7,
    "BidsifyVersion": "0.3.5",
    "ConversionSoftware": "dcm2niix",
    "ConversionSoftwareVersion": "v1.0.20181125  GCC6.3.0",
    "EchoTime": 0.02763,
    "FlipAngle": 76.1,
    "ImageComments": "PIOP2",
    "ImageOrientationPatientDICOM": [
      0.995379,
      0.0857482,
      -0.0432148,
      -0.0771145,
      0.982014,
      0.172342
    ],
    "Manufacturer": "Philips",
    "NumberOfVolumesDiscardedByScanner": 2,
    "ParallelAcquisitionTechnique": "SENSE",
    "ParallelReductionFactorInPlane": 2,
    "PatientPosition": "HFS",
    "PhaseEncodingDirection": "j",
    "PhilipsRescaleIntercept": 0,
    "PhilipsRescaleSlope": 0.83639,
    "PhilipsScaleSlope": 0.0519908,
    "ProtocolName": "WIPtask-stop_boldSENSE",
    "PulseSequenceType": "gradient echo EPI",
    "ReconMatrixPE": 80,
    "RepetitionTime": 2,
    "SeriesDescription": "ImageMRSERIES",
    "SeriesNumber": 7,
    "SliceEncodingDirection": "k",
    "TaskName": "stopsignal",
    "UsePhilipsFloatNotDisplayScaling": 1,
    "WaterFatShift": 12,
    "acq_id": "seq",
    "dataset": "unknown",
    "modality": "bold",
    "subject_id": "0065",
    "task_id": "stopsignal"
  },
  "dummy_trs": 0,
  "dvars_nstd": 18.905895984117645,
  "dvars_std": 1.109680486018099,
  "dvars_vstd": 1.0157092540723978,
  "efc": 0.41233696697193534,
  "fber": 91329448.0,
  "fd_mean": 0.16741797168130257,
  "fd_num": 37,
  "fd_perc": 16.666666666666668,
  "fwhm_avg": 2.555770011241155,
  "fwhm_x": 2.418203333333333,
  "fwhm_y": 2.9152400000000003,
  "fwhm_z": 2.333866700390132,
  "gcor": 0.0111154,
  "gsr_x": 0.005057047121226788,
  "gsr_y": -0.0032841928768903017,
  "provenance": {
    "md5sum": "e2976ed34815f2cdbf7d044b63c101ad",
    "settings": {
      "fd_thres": 0.2,
      "hmc_fsl": false
    },
    "software": "mriqc",
    "version": "0.15.0",
    "webapi_port": null,
    "webapi_url": "https://mriqc.nimh.nih.gov/api/v1"
  },
  "size_t": 222,
  "size_x": 80,
  "size_y": 80,
  "size_z": 36,
  "snr": 4.523851156805242,
  "spacing_tr": 2.0,
  "spacing_x": 3.0,
  "spacing_y": 3.0,
  "spacing_z": 3.299999952316284,
  "spikes_num": 4,
  "summary_bg_k": 71.99657044549198,
  "summary_bg_mad": 3.764890193939209,
  "summary_bg_mean": 258.7120361328125,
  "summary_bg_median": 2.6170167922973633,
  "summary_bg_n": 148192.0,
  "summary_bg_p05": 0.017112060636281966,
  "summary_bg_p95": 1097.3230773925586,
  "summary_bg_stdv": 1406.848876953125,
  "summary_fg_k": 2.1042252727327675,
  "summary_fg_mad": 4829.21484375,
  "summary_fg_mean": 26637.890625,
  "summary_fg_median": 26514.42578125,
  "summary_fg_n": 42049.0,
  "summary_fg_p05": 17344.89296875,
  "summary_fg_p95": 35865.796093749996,
  "summary_fg_stdv": 5860.9599609375,
  "tsnr": 55.82659912109375
}