{
  "aor": 0.000679375,
  "aqi": 0.002581048625,
  "bids_meta": {
    "AcquisitionNumber": 3,
    "BidsifyVersion": "0.3.5",
    "ConversionSoftware": "dcm2niix",
    "ConversionSoftwareVersion": "v1.0.20181125  GCC6.3.0",
    "EchoTime": 0.02763,
    "EffectiveEchoSpacing": 0.0006909035636805814,
    "FlipAngle": 76.1,
    "ImageComments": "PIOP2",
    "ImageOrientationPatientDICOM": [
      0.999286,
      -0.0164735,
      -0.0340004,
      0.0177915,
      0.999087,
      0.0388351
    ],
    "Manufacturer": "Philips",
    "NumberOfVolumesDiscardedByScanner": 2,
    "ParallelAcquisitionTechnique": "SENSE",
    "ParallelReductionFactorInPlane": 2,
    "PatientPosition": "HFS",
    "PhaseEncodingDirection": "j",
    "PhilipsRescaleIntercept": 0,
    "PhilipsRescaleSlope": 0.78974,
    "PhilipsScaleSlope": 0.0575994,
    "ProtocolName": "WIPtask-wm_boldSENSE",
    "PulseSequenceType": "gradient echo EPI",
    "ReconMatrixPE": 80,
    "RepetitionTime": 2,
    "SeriesDescription": "ImageMRSERIES",
    "SeriesNumber": 3,
    "SliceEncodingDirection": "k",
    "SliceTiming": [
      0.0,
      0.0556,
      0.1111,
      0.1667,
      0.2222,
      0.2778,
      0.3333,
      0.3889,
      0.4444,
      0.5,
      0.5556,
      0.6111,
      0.6667,
      0.7222,
      0.7778,
      0.8333,
      0.8889,
      0.9444,
      1.0,
      1.0556,
      1.1111,
      1.1667,
      1.2222,
      1.2778,
      1.3333,
      1.3889,
      1.4444,
      1.5,
      1.5556,
      1.6111,
      1.6667,
      1.7222,
      1.7778,
      1.8333,
      1.8889,
      1.9444
    ],
    "TaskName": "workingmemory",
    "TotalReadoutTime": 0.026945238983542674,
    "UsePhilipsFloatNotDisplayScaling": 1,
    "WaterFatShift": 12,
    "acq_id": "seq",
    "dataset": "unknown",
    "modality": "bold",
    "subject_id": "0213",
    "task_id": "workingmemory"
  },
  "dummy_trs": 0,
  "dvars_nstd": 22.010918791257875,
  "dvars_std": 1.391634546037735,
  "dvars_vstd": 0.9997417006918233,
  "efc": 0.4510862997703844,
  "fber": 1098324736.0,
  "fd_mean": 0.07885492779039473,
  "fd_num": 0,
  "fd_perc": 0.0,
  "fwhm_avg": 2.476918697488538,
  "fwhm_x": 2.401806666666667,
  "fwhm_y": 2.8240766666666666,
  "fwhm_z": 2.2048727591322805,
  "gcor": 0.0262508,
  "gsr_x": -0.00394010916352272,
  "gsr_y": 0.005360791459679604,
  "provenance": {
    "md5sum": "f32098fd652cfcbe248f47e378f3f7f6",
    "settings": {
      "fd_thres": 0.2,
      "hmc_fsl": false
    },
    "software": "mriqc",
    "version": "0.15.0",
    "webapi_port": null,
    "webapi_url": "https://mriqc.nimh.nih.gov/api/v1"
  },
  "size_t": 160,
  "size_x": 80,
  "size_y": 80,
  "size_z": 36,
  "snr": 4.990325377009325,
  "spacing_tr": 2.0,
  "spacing_x": 3.0,
  "spacing_y": 3.0,
  "spacing_z": 3.299999952316284,
  "spikes_num": 0,
  "summary_bg_k": 98.85934648554655,
  "summary_bg_mad": 0.9249076247215271,
  "summary_bg_mean": 174.28921508789062,
  "summary_bg_median": 0.6284170150756836,
  "summary_bg_n": 138323.0,
  "summary_bg_p05": 0.0018228311324492096,
  "summary_bg_p95": 1048.4951049804674,
  "summary_bg_stdv": 914.7986450195312,
  "summary_fg_k": 2.4543805887851926,
  "summary_fg_mad": 3951.725830078125,
  "summary_fg_mean": 23238.982421875,
  "summary_fg_median": 23095.177734375,
  "summary_fg_n": 50279.0,
  "summary_fg_p05": 16367.35595703125,
  "summary_fg_p95": 30344.240625,
  "summary_fg_stdv": 4627.9443359375,
  "tsnr": 104.83572387695312
}