{
  "aor": 0.0005862083333333332,
  "aqi": 0.0030163454999999994,
  "bids_meta": {
    "AcquisitionNumber": 4,
    "BidsifyVersion": "0.3.5",
    "ConversionSoftware": "dcm2niix",
    "ConversionSoftwareVersion": "v1.0.20181125  GCC6.3.0",
    "EchoTime": 0.02763,
    "EffectiveEchoSpacing": 0.0006909035636805814,
    "FlipAngle": 76.1,
    "ImageComments": "PIOP2",
    "ImageOrientationPatientDICOM": [
      0.999286,
      -0.0164735,
      -0.0340004,
      0.0177915,
      0.999087,
      0.0388351
    ],
    "Manufacturer": "Philips",
    "NumberOfVolumesDiscardedByScanner": 2,
    "ParallelAcquisitionTechnique": "SENSE",
    "ParallelReductionFactorInPlane": 2,
    "PatientPosition": "HFS",
    "PhaseEncodingDirection": "j",
    "PhilipsRescaleIntercept": 0,
    "PhilipsRescaleSlope": 0.78803,
    "PhilipsScaleSlope": 0.0585194,
    "ProtocolName": "WIPtask-rest_boldSENSE",
    "PulseSequenceType": "gradient echo EPI",
    "ReconMatrixPE": 80,
    "RepetitionTime": 2,
    "SeriesDescription": "ImageMRSERIES",
    "SeriesNumber": 4,
    "SliceEncodingDirection": "k",
    "SliceTiming": [
      0.0,
      0.0556,
      0.1111,
      0.1667,
      0.2222,
      0.2778,
      0.3333,
      0.3889,
      0.4444,
      0.5,
      0.5556,
      0.6111,
      0.6667,
      0.7222,
      0.7778,
      0.8333,
      0.8889,
      0.9444,
      1.0,
      1.0556,
      1.1111,
      1.1667,
      1.2222,
      1.2778,
      1.3333,
      1.3889,
      1.4444,
      1.5,
      1.5556,
      1.6111,
      1.6667,
      1.7222,
      1.7778,
      1.8333,
      1.8889,
      1.9444
    ],
    "TaskName": "restingstate",
    "TotalReadoutTime": 0.026945238983542674,
    "UsePhilipsFloatNotDisplayScaling": 1,
    "WaterFatShift": 12,
    "acq_id": "seq",
    "dataset": "unknown",
    "modality": "bold",
    "subject_id": "0213",
    "task_id": "restingstate"
  },
  "dummy_trs": 0,
  "dvars_nstd": 22.009596685062746,
  "dvars_std": 1.3708086859414235,
  "dvars_vstd": 0.9965362982426778,
  "efc": 0.45194713883105575,
  "fber": 495478848.0,
  "fd_mean": 0.09284442104674208,
  "fd_num": 11,
  "fd_perc": 4.583333333333333,
  "fwhm_avg": 2.464940111582385,
  "fwhm_x": 2.3906666666666667,
  "fwhm_y": 2.8091566666666665,
  "fwhm_z": 2.1949970014138223,
  "gcor": 0.0326945,
  "gsr_x": -0.003973713610321283,
  "gsr_y": 0.0051192427054047585,
  "provenance": {
    "md5sum": "9b14f3052580d7202b107a06b23a647a",
    "settings": {
      "fd_thres": 0.2,
      "hmc_fsl": false
    },
    "software": "mriqc",
    "version": "0.15.0",
    "webapi_port": null,
    "webapi_url": "https://mriqc.nimh.nih.gov/api/v1"
  },
  "size_t": 240,
  "size_x": 80,
  "size_y": 80,
  "size_z": 36,
  "snr": 5.058986685898326,
  "spacing_tr": 2.0,
  "spacing_x": 3.0,
  "spacing_y": 3.0,
  "spacing_z": 3.299999952316284,
  "spikes_num": 0,
  "summary_bg_k": 96.70857223268986,
  "summary_bg_mad": 1.348116397857666,
  "summary_bg_mean": 174.19239807128906,
  "summary_bg_median": 0.9230637550354004,
  "summary_bg_n": 138192.0,
  "summary_bg_p05": 0.00429868504870683,
  "summary_bg_p95": 1035.781396484374,
  "summary_bg_stdv": 910.256103515625,
  "summary_fg_k": 2.564095966651676,
  "summary_fg_mad": 3814.113037109375,
  "summary_fg_mean": 22818.947265625,
  "summary_fg_median": 22662.697265625,
  "summary_fg_n": 50285.0,
  "summary_fg_p05": 16174.7158203125,
  "summary_fg_p95": 29591.748828124997,
  "summary_fg_stdv": 4479.646484375,
  "tsnr": 95.89340209960938
}