{
  "aor": 0.0014659999999999999,
  "aqi": 0.002095278875,
  "bids_meta": {
    "AcquisitionNumber": 3,
    "BidsifyVersion": "0.3.5",
    "ConversionSoftware": "dcm2niix",
    "ConversionSoftwareVersion": "v1.0.20181125  GCC6.3.0",
    "EchoTime": 0.02763,
    "EffectiveEchoSpacing": 0.0006909035636805814,
    "FlipAngle": 76.1,
    "ImageComments": "PIOP2",
    "ImageOrientationPatientDICOM": [
      0.999447,
      -0.0297158,
      -0.0149042,
      0.0296629,
      0.999553,
      -0.00375993
    ],
    "Manufacturer": "Philips",
    "NumberOfVolumesDiscardedByScanner": 2,
    "ParallelAcquisitionTechnique": "SENSE",
    "ParallelReductionFactorInPlane": 2,
    "PatientPosition": "HFS",
    "PhaseEncodingDirection": "j",
    "PhilipsRescaleIntercept": 0,
    "PhilipsRescaleSlope": 0.87033,
    "PhilipsScaleSlope": 0.0529903,
    "ProtocolName": "WIPtask-wm_boldSENSE",
    "PulseSequenceType": "gradient echo EPI",
    "ReconMatrixPE": 80,
    "RepetitionTime": 2,
    "SeriesDescription": "ImageMRSERIES",
    "SeriesNumber": 3,
    "SliceEncodingDirection": "k",
    "SliceTiming": [
      0.0,
      0.0556,
      0.1111,
      0.1667,
      0.2222,
      0.2778,
      0.3333,
      0.3889,
      0.4444,
      0.5,
      0.5556,
      0.6111,
      0.6667,
      0.7222,
      0.7778,
      0.8333,
      0.8889,
      0.9444,
      1.0,
      1.0556,
      1.1111,
      1.1667,
      1.2222,
      1.2778,
      1.3333,
      1.3889,
      1.4444,
      1.5,
      1.5556,
      1.6111,
      1.6667,
      1.7222,
      1.7778,
      1.8333,
      1.8889,
      1.9444
    ],
    "TaskName": "workingmemory",
    "TotalReadoutTime": 0.026945238983542674,
    "UsePhilipsFloatNotDisplayScaling": 1,
    "WaterFatShift": 12,
    "acq_id": "seq",
    "dataset": "unknown",
    "modality": "bold",
    "subject_id": "0146",
    "task_id": "workingmemory"
  },
  "dummy_trs": 0,
  "dvars_nstd": 20.384146912452827,
  "dvars_std": 1.4288183900000002,
  "dvars_vstd": 0.9973739400628929,
  "efc": 0.39180193087610915,
  "fber": 1007895808.0,
  "fd_mean": 0.08400784433318814,
  "fd_num": 0,
  "fd_perc": 0.0,
  "fwhm_avg": 2.6456629408635943,
  "fwhm_x": 2.6659466666666667,
  "fwhm_y": 2.8687633333333333,
  "fwhm_z": 2.402278822590782,
  "gcor": 0.0174956,
  "gsr_x": -0.0015339429955929518,
  "gsr_y": -0.0004772593383677304,
  "provenance": {
    "md5sum": "ccaeab0d1666696b3e8cc57c45ddedfb",
    "settings": {
      "fd_thres": 0.2,
      "hmc_fsl": false
    },
    "software": "mriqc",
    "version": "0.15.0",
    "webapi_port": null,
    "webapi_url": "https://mriqc.nimh.nih.gov/api/v1"
  },
  "size_t": 160,
  "size_x": 80,
  "size_y": 80,
  "size_z": 36,
  "snr": 4.79597583298372,
  "spacing_tr": 2.0,
  "spacing_x": 3.0,
  "spacing_y": 3.0,
  "spacing_z": 3.299999952316284,
  "spikes_num": 0,
  "summary_bg_k": 106.61712840602024,
  "summary_bg_mad": 1.2113884687423706,
  "summary_bg_mean": 209.70628356933594,
  "summary_bg_median": 0.8272625803947449,
  "summary_bg_n": 151345.0,
  "summary_bg_p05": 0.00407675039023161,
  "summary_bg_p95": 920.0520019531217,
  "summary_bg_stdv": 1244.574462890625,
  "summary_fg_k": 1.694679901117504,
  "summary_fg_mad": 4982.94921875,
  "summary_fg_mean": 28369.3125,
  "summary_fg_median": 28263.96875,
  "summary_fg_n": 38948.0,
  "summary_fg_p05": 18797.932812500003,
  "summary_fg_p95": 37664.213281250006,
  "summary_fg_stdv": 5893.19189453125,
  "tsnr": 109.09507751464844
}