{
    "Manufacturer": "Philips",
    "PatientPosition": "HFS",
    "SeriesDescription": "ImageMRSERIES",
    "ProtocolName": "WIPT1anat_acq-6m_T1wSENSE",
    "SeriesNumber": 2,
    "AcquisitionNumber": 2,
    "ImageComments": "PIOP2",
    "PhilipsRescaleSlope": 9.10672,
    "PhilipsRescaleIntercept": 0,
    "PhilipsScaleSlope": 0.00676259,
    "UsePhilipsFloatNotDisplayScaling": 1,
    "EchoTime": 0.00384,
    "RepetitionTime": 0.008376,
    "ReconMatrixPE": 240,
    "ImageOrientationPatientDICOM": [
        0.992376,
        0.0310601,
        0.119271,
        -0.0129909,
        0.988694,
        -0.149383
    ],
    "ConversionSoftware": "dcm2niix",
    "ConversionSoftwareVersion": "v1.0.20181125  GCC6.3.0",
    "BidsifyVersion": "0.3.5"
}