{
  "aor": 0.0023031874999999997,
  "aqi": 0.006167959937499999,
  "bids_meta": {
    "AcquisitionNumber": 3,
    "BidsifyVersion": "0.3.5",
    "ConversionSoftware": "dcm2niix",
    "ConversionSoftwareVersion": "v1.0.20181125  GCC6.3.0",
    "EchoTime": 0.02763,
    "FlipAngle": 76.1,
    "ImageComments": "PIOP2",
    "ImageOrientationPatientDICOM": [
      0.999201,
      0.0326176,
      -0.0230946,
      -0.0352421,
      0.991625,
      -0.12425
    ],
    "Manufacturer": "Philips",
    "NumberOfVolumesDiscardedByScanner": 2,
    "ParallelAcquisitionTechnique": "SENSE",
    "ParallelReductionFactorInPlane": 2,
    "PatientPosition": "HFS",
    "PhaseEncodingDirection": "j",
    "PhilipsRescaleIntercept": 0,
    "PhilipsRescaleSlope": 0.76313,
    "PhilipsScaleSlope": 0.0523152,
    "ProtocolName": "WIPtask-wm_boldSENSE",
    "PulseSequenceType": "gradient echo EPI",
    "ReconMatrixPE": 80,
    "RepetitionTime": 2,
    "SeriesDescription": "ImageMRSERIES",
    "SeriesNumber": 3,
    "SliceEncodingDirection": "k",
    "TaskName": "workingmemory",
    "UsePhilipsFloatNotDisplayScaling": 1,
    "WaterFatShift": 12,
    "acq_id": "seq",
    "dataset": "unknown",
    "modality": "bold",
    "subject_id": "0157",
    "task_id": "workingmemory"
  },
  "dummy_trs": 0,
  "dvars_nstd": 19.248677793522013,
  "dvars_std": 1.194304841698113,
  "dvars_vstd": 0.9775801675471697,
  "efc": 0.41754117532135426,
  "fber": 888071296.0,
  "fd_mean": 0.12225465530074722,
  "fd_num": 11,
  "fd_perc": 6.875,
  "fwhm_avg": 2.546368798713121,
  "fwhm_x": 2.5168266666666668,
  "fwhm_y": 2.8728766666666665,
  "fwhm_z": 2.2494030628060293,
  "gcor": 0.00536236,
  "gsr_x": -0.0016209236346185207,
  "gsr_y": 0.0029469903092831373,
  "provenance": {
    "md5sum": "c59ecff915a68a65a863a689d1fc7731",
    "settings": {
      "fd_thres": 0.2,
      "hmc_fsl": false
    },
    "software": "mriqc",
    "version": "0.15.0",
    "webapi_port": null,
    "webapi_url": "https://mriqc.nimh.nih.gov/api/v1"
  },
  "size_t": 160,
  "size_x": 80,
  "size_y": 80,
  "size_z": 36,
  "snr": 5.197354033969887,
  "spacing_tr": 2.0,
  "spacing_x": 3.0,
  "spacing_y": 3.0,
  "spacing_z": 3.299999952316284,
  "spikes_num": 0,
  "summary_bg_k": 110.05563021406125,
  "summary_bg_mad": 1.1804815530776978,
  "summary_bg_mean": 186.26925659179688,
  "summary_bg_median": 0.804139256477356,
  "summary_bg_n": 145813.0,
  "summary_bg_p05": 0.0003893612185493113,
  "summary_bg_p95": 994.0099609374993,
  "summary_bg_stdv": 1073.1474609375,
  "summary_fg_k": 2.959985837820982,
  "summary_fg_mad": 4185.3857421875,
  "summary_fg_mean": 26584.32421875,
  "summary_fg_median": 26502.962890625,
  "summary_fg_n": 43508.0,
  "summary_fg_p05": 19020.6779296875,
  "summary_fg_p95": 34250.9513671875,
  "summary_fg_stdv": 5099.259765625,
  "tsnr": 77.1357421875
}