{
  "aor": 0.0010605833333333333,
  "aqi": 0.004340656583333334,
  "bids_meta": {
    "AcquisitionNumber": 4,
    "BidsifyVersion": "0.3.5",
    "ConversionSoftware": "dcm2niix",
    "ConversionSoftwareVersion": "v1.0.20181125  GCC6.3.0",
    "EchoTime": 0.02763,
    "FlipAngle": 76.1,
    "ImageComments": "PIOP2",
    "ImageOrientationPatientDICOM": [
      0.996951,
      0.0625686,
      -0.0466277,
      -0.0616748,
      0.997888,
      0.0203703
    ],
    "Manufacturer": "Philips",
    "NumberOfVolumesDiscardedByScanner": 2,
    "ParallelAcquisitionTechnique": "SENSE",
    "ParallelReductionFactorInPlane": 2,
    "PatientPosition": "HFS",
    "PhaseEncodingDirection": "j",
    "PhilipsRescaleIntercept": 0,
    "PhilipsRescaleSlope": 0.77827,
    "PhilipsScaleSlope": 0.0542583,
    "ProtocolName": "WIPtask-rest_boldSENSE",
    "PulseSequenceType": "gradient echo EPI",
    "ReconMatrixPE": 80,
    "RepetitionTime": 2,
    "SeriesDescription": "ImageMRSERIES",
    "SeriesNumber": 4,
    "SliceEncodingDirection": "k",
    "TaskName": "restingstate",
    "UsePhilipsFloatNotDisplayScaling": 1,
    "WaterFatShift": 12,
    "acq_id": "seq",
    "dataset": "unknown",
    "modality": "bold",
    "subject_id": "0089",
    "task_id": "restingstate"
  },
  "dummy_trs": 0,
  "dvars_nstd": 18.962933277071137,
  "dvars_std": 1.1544146579079497,
  "dvars_vstd": 0.9568205260669462,
  "efc": 0.3947612762582869,
  "fber": 692995904.0,
  "fd_mean": 0.11647921961496929,
  "fd_num": 25,
  "fd_perc": 10.416666666666666,
  "fwhm_avg": 2.6925625369725608,
  "fwhm_x": 2.709873333333333,
  "fwhm_y": 2.9345233333333334,
  "fwhm_z": 2.433290944251016,
  "gcor": 0.0315758,
  "gsr_x": -0.002079982543364167,
  "gsr_y": 0.0005220361636020243,
  "provenance": {
    "md5sum": "a476de4977c0c566e4891c35c65b86cb",
    "settings": {
      "fd_thres": 0.2,
      "hmc_fsl": false
    },
    "software": "mriqc",
    "version": "0.15.0",
    "webapi_port": null,
    "webapi_url": "https://mriqc.nimh.nih.gov/api/v1"
  },
  "size_t": 240,
  "size_x": 80,
  "size_y": 80,
  "size_z": 36,
  "snr": 4.378476558097672,
  "spacing_tr": 2.0,
  "spacing_x": 3.0,
  "spacing_y": 3.0,
  "spacing_z": 3.299999952316284,
  "spikes_num": 0,
  "summary_bg_k": 107.27876951506812,
  "summary_bg_mad": 1.294785737991333,
  "summary_bg_mean": 186.76470947265625,
  "summary_bg_median": 0.8789012432098389,
  "summary_bg_n": 150826.0,
  "summary_bg_p05": 0.0,
  "summary_bg_p95": 777.1277465820312,
  "summary_bg_stdv": 1105.163818359375,
  "summary_fg_k": 1.694560755569448,
  "summary_fg_mad": 4830.541015625,
  "summary_fg_mean": 25300.66796875,
  "summary_fg_median": 24943.466796875,
  "summary_fg_n": 39427.0,
  "summary_fg_p05": 16745.8033203125,
  "summary_fg_p95": 34684.2359375,
  "summary_fg_stdv": 5696.7646484375,
  "tsnr": 70.10968780517578
}