{
  "aor": 0.0013955,
  "aqi": 0.0034522616874999995,
  "bids_meta": {
    "AcquisitionNumber": 3,
    "BidsifyVersion": "0.3.5",
    "ConversionSoftware": "dcm2niix",
    "ConversionSoftwareVersion": "v1.0.20181125  GCC6.3.0",
    "EchoTime": 0.02763,
    "FlipAngle": 76.1,
    "ImageComments": "PIOP2",
    "ImageOrientationPatientDICOM": [
      0.996951,
      0.0625686,
      -0.0466277,
      -0.0616748,
      0.997888,
      0.0203703
    ],
    "Manufacturer": "Philips",
    "NumberOfVolumesDiscardedByScanner": 2,
    "ParallelAcquisitionTechnique": "SENSE",
    "ParallelReductionFactorInPlane": 2,
    "PatientPosition": "HFS",
    "PhaseEncodingDirection": "j",
    "PhilipsRescaleIntercept": 0,
    "PhilipsRescaleSlope": 0.79805,
    "PhilipsScaleSlope": 0.0532859,
    "ProtocolName": "WIPtask-wm_boldSENSE",
    "PulseSequenceType": "gradient echo EPI",
    "ReconMatrixPE": 80,
    "RepetitionTime": 2,
    "SeriesDescription": "ImageMRSERIES",
    "SeriesNumber": 3,
    "SliceEncodingDirection": "k",
    "TaskName": "workingmemory",
    "UsePhilipsFloatNotDisplayScaling": 1,
    "WaterFatShift": 12,
    "acq_id": "seq",
    "dataset": "unknown",
    "modality": "bold",
    "subject_id": "0089",
    "task_id": "workingmemory"
  },
  "dummy_trs": 0,
  "dvars_nstd": 18.328068757421388,
  "dvars_std": 1.136984719371069,
  "dvars_vstd": 0.97172793081761,
  "efc": 0.39487430824137054,
  "fber": 916134848.0,
  "fd_mean": 0.12170218854150838,
  "fd_num": 23,
  "fd_perc": 14.375,
  "fwhm_avg": 2.693787890514848,
  "fwhm_x": 2.7123500000000003,
  "fwhm_y": 2.934283333333333,
  "fwhm_z": 2.4347303382112093,
  "gcor": 0.0389332,
  "gsr_x": -0.002279684878885746,
  "gsr_y": 0.00043721654219552875,
  "provenance": {
    "md5sum": "d090b0dec978fff3cf2d0558398ac906",
    "settings": {
      "fd_thres": 0.2,
      "hmc_fsl": false
    },
    "software": "mriqc",
    "version": "0.15.0",
    "webapi_port": null,
    "webapi_url": "https://mriqc.nimh.nih.gov/api/v1"
  },
  "size_t": 160,
  "size_x": 80,
  "size_y": 80,
  "size_z": 36,
  "snr": 4.371340675917478,
  "spacing_tr": 2.0,
  "spacing_x": 3.0,
  "spacing_y": 3.0,
  "spacing_z": 3.299999952316284,
  "spikes_num": 0,
  "summary_bg_k": 102.36534357264091,
  "summary_bg_mad": 1.1394206285476685,
  "summary_bg_mean": 190.376953125,
  "summary_bg_median": 0.7811058759689331,
  "summary_bg_n": 150756.0,
  "summary_bg_p05": 0.004005931201390922,
  "summary_bg_p95": 786.8874969482422,
  "summary_bg_stdv": 1124.8453369140625,
  "summary_fg_k": 1.6986628883545354,
  "summary_fg_mad": 4873.642578125,
  "summary_fg_mean": 25503.189453125,
  "summary_fg_median": 25208.40625,
  "summary_fg_n": 39522.0,
  "summary_fg_p05": 16755.14482421875,
  "summary_fg_p95": 34893.12441406249,
  "summary_fg_stdv": 5766.671875,
  "tsnr": 75.0163345336914
}