{
  "bids_meta": {
    "AcquisitionNumber": 2,
    "BidsifyVersion": "0.3.5",
    "ConversionSoftware": "dcm2niix",
    "ConversionSoftwareVersion": "v1.0.20181125  GCC6.3.0",
    "EchoTime": 0.00374,
    "ImageComments": "PIOP2",
    "ImageOrientationPatientDICOM": [
      0.996622,
      0.0275558,
      -0.0773584,
      -0.0283604,
      0.999554,
      -0.00932223
    ],
    "Manufacturer": "Philips",
    "NumberSignalAcquisitions": 2,
    "PatientPosition": "HFS",
    "PhilipsRescaleIntercept": 0,
    "PhilipsRescaleSlope": 8.97314,
    "PhilipsScaleSlope": 0.00720815,
    "ProtocolName": "WIPT1anat_acq-6m_T1wSENSE",
    "ReconMatrixPE": 240,
    "RepetitionTime": 0.008178,
    "SeriesDescription": "ImageMRSERIES",
    "SeriesNumber": 2,
    "UsePhilipsFloatNotDisplayScaling": 1,
    "dataset": "unknown",
    "modality": "T1w",
    "subject_id": "0196"
  },
  "cjv": 0.26887742750425553,
  "cnr": 4.487186988763414,
  "efc": 0.787395161273547,
  "fber": 1008.2787475585938,
  "fwhm_avg": 4.571619826483747,
  "fwhm_x": 4.366679479451241,
  "fwhm_y": 4.59941,
  "fwhm_z": 4.74877,
  "icvs_csf": 0.23601769644002188,
  "icvs_gm": 0.42509627923241816,
  "icvs_wm": 0.33888602432756,
  "inu_med": 0.435059130191803,
  "inu_range": 0.18481879085302355,
  "provenance": {
    "md5sum": "c81172713675cff713dc620cfc49dde5",
    "settings": {
      "testing": false
    },
    "software": "mriqc",
    "version": "0.15.0",
    "warnings": {
      "large_rot_frame": true,
      "small_air_mask": true
    },
    "webapi_port": null,
    "webapi_url": "https://mriqc.nimh.nih.gov/api/v1"
  },
  "qi_1": 3.39570104248022e-05,
  "qi_2": 0.00039168851228996615,
  "rpve_csf": 23.42294250092415,
  "rpve_gm": 13.591557510007238,
  "rpve_wm": 20.996717277390893,
  "size_x": 240,
  "size_y": 240,
  "size_z": 220,
  "snr_csf": 2.5114642279447548,
  "snr_gm": 8.837053793420457,
  "snr_total": 10.645189312876086,
  "snr_wm": 20.587049917263048,
  "snrd_csf": 16.43514310123667,
  "snrd_gm": 33.63186382266931,
  "snrd_total": 34.86858680422043,
  "snrd_wm": 54.538753488755304,
  "spacing_x": 1.0000001192092896,
  "spacing_y": 1.0,
  "spacing_z": 1.0,
  "summary_bg_k": 3.231868205213715,
  "summary_bg_mad": 12.01237678527832,
  "summary_bg_mean": 11.868358612060547,
  "summary_bg_median": 8.51005744934082,
  "summary_bg_n": 66962.0,
  "summary_bg_p05": 0.0,
  "summary_bg_p95": 25.454853439331053,
  "summary_bg_stdv": 8.341165542602539,
  "summary_csf_k": 2.115554828551687,
  "summary_csf_mad": 147.72100830078125,
  "summary_csf_mean": 292.6144714355469,
  "summary_csf_median": 301.34967041015625,
  "summary_csf_n": 14946.0,
  "summary_csf_p05": 110.86794471740723,
  "summary_csf_p95": 472.68274688720703,
  "summary_csf_stdv": 119.9856185913086,
  "summary_gm_k": 0.523480565140491,
  "summary_gm_mad": 64.92356872558594,
  "summary_gm_mean": 622.3687744140625,
  "summary_gm_median": 616.6633911132812,
  "summary_gm_n": 31215.0,
  "summary_gm_p05": 519.7880920410156,
  "summary_gm_p95": 748.8233337402344,
  "summary_gm_stdv": 69.78044128417969,
  "summary_wm_k": 2.1386437263213223,
  "summary_wm_mad": 38.148502349853516,
  "summary_wm_mean": 994.1962280273438,
  "summary_wm_median": 1000.005615234375,
  "summary_wm_n": 197687.0,
  "summary_wm_p05": 898.6760437011719,
  "summary_wm_p95": 1060.7810791015625,
  "summary_wm_stdv": 48.57437515258789,
  "tpm_overlap_csf": 0.22479869425296783,
  "tpm_overlap_gm": 0.5264251828193665,
  "tpm_overlap_wm": 0.573571503162384,
  "wm2max": 0.5968587245037966
}