{
    "Manufacturer": "Philips",
    "PatientPosition": "HFS",
    "SeriesDescription": "ImageMRSERIES",
    "ProtocolName": "WIPT1anat_acq-6m_T1wSENSE",
    "SeriesNumber": 2,
    "AcquisitionNumber": 2,
    "ImageComments": "PIOP2",
    "PhilipsRescaleSlope": 8.58852,
    "PhilipsRescaleIntercept": 0,
    "PhilipsScaleSlope": 0.00780701,
    "UsePhilipsFloatNotDisplayScaling": 1,
    "EchoTime": 0.00373,
    "RepetitionTime": 0.008167,
    "ReconMatrixPE": 240,
    "ImageOrientationPatientDICOM": [
        0.999603,
        -0.0101044,
        -0.0262906,
        0.00994476,
        0.999931,
        -0.00619594
    ],
    "ConversionSoftware": "dcm2niix",
    "ConversionSoftwareVersion": "v1.0.20181125  GCC6.3.0",
    "BidsifyVersion": "0.3.5"
}