{
    "Manufacturer": "Philips",
    "PatientPosition": "HFS",
    "SeriesDescription": "ImageMRSERIES",
    "ProtocolName": "WIPT1anat_acq-6m_T1wSENSE",
    "SeriesNumber": 2,
    "AcquisitionNumber": 2,
    "ImageComments": "PIOP2",
    "PhilipsRescaleSlope": 9.54383,
    "PhilipsRescaleIntercept": 0,
    "PhilipsScaleSlope": 0.00772022,
    "UsePhilipsFloatNotDisplayScaling": 1,
    "EchoTime": 0.00374,
    "RepetitionTime": 0.008175,
    "ReconMatrixPE": 240,
    "ImageOrientationPatientDICOM": [
        0.999914,
        3.5741e-05,
        -0.0131314,
        0.00104711,
        0.996595,
        0.0824466
    ],
    "ConversionSoftware": "dcm2niix",
    "ConversionSoftwareVersion": "v1.0.20181125  GCC6.3.0",
    "BidsifyVersion": "0.3.5"
}