{
    "Manufacturer": "Philips",
    "PatientPosition": "HFS",
    "SeriesDescription": "ImageMRSERIES",
    "ProtocolName": "WIPT1anat_acq-6m_T1wSENSE",
    "SeriesNumber": 3,
    "AcquisitionNumber": 3,
    "ImageComments": "PIOP2",
    "PhilipsRescaleSlope": 8.45177,
    "PhilipsRescaleIntercept": 0,
    "PhilipsScaleSlope": 0.00801221,
    "UsePhilipsFloatNotDisplayScaling": 1,
    "EchoTime": 0.00379,
    "RepetitionTime": 0.008276,
    "ReconMatrixPE": 240,
    "ImageOrientationPatientDICOM": [
        0.99826,
        -0.0279116,
        -0.0519317,
        0.0209106,
        0.991191,
        -0.130777
    ],
    "ConversionSoftware": "dcm2niix",
    "ConversionSoftwareVersion": "v1.0.20181125  GCC6.3.0",
    "BidsifyVersion": "0.3.5"
}