{
  "aor": 0.0008477777777777777,
  "aqi": 0.003750231333333333,
  "bids_meta": {
    "AcquisitionNumber": 8,
    "BidsifyVersion": "0.3.5",
    "ConversionSoftware": "dcm2niix",
    "ConversionSoftwareVersion": "v1.0.20181125  GCC6.3.0",
    "EchoTime": 0.02763,
    "FlipAngle": 76.1,
    "ImageComments": "PIOP2",
    "ImageOrientationPatientDICOM": [
      0.999797,
      -0.0113802,
      -0.016615,
      0.0087251,
      0.988353,
      -0.151929
    ],
    "Manufacturer": "Philips",
    "NumberOfVolumesDiscardedByScanner": 2,
    "ParallelAcquisitionTechnique": "SENSE",
    "ParallelReductionFactorInPlane": 2,
    "PatientPosition": "HFS",
    "PhaseEncodingDirection": "j",
    "PhilipsRescaleIntercept": 0,
    "PhilipsRescaleSlope": 0.79731,
    "PhilipsScaleSlope": 0.0544044,
    "ProtocolName": "WIPtask-harriri_boldSENSE",
    "PulseSequenceType": "gradient echo EPI",
    "ReconMatrixPE": 80,
    "RepetitionTime": 2,
    "SeriesDescription": "ImageMRSERIES",
    "SeriesNumber": 8,
    "SliceEncodingDirection": "k",
    "TaskName": "emomatching",
    "UsePhilipsFloatNotDisplayScaling": 1,
    "WaterFatShift": 12,
    "acq_id": "seq",
    "dataset": "unknown",
    "modality": "bold",
    "subject_id": "0148",
    "task_id": "emomatching"
  },
  "dummy_trs": 0,
  "dvars_nstd": 17.40255469022388,
  "dvars_std": 1.1631731596268655,
  "dvars_vstd": 0.9807102353731348,
  "efc": 0.39670708230235485,
  "fber": 775647168.0,
  "fd_mean": 0.11225249919174016,
  "fd_num": 4,
  "fd_perc": 2.962962962962963,
  "fwhm_avg": 2.4792905162374814,
  "fwhm_x": 2.4805800000000002,
  "fwhm_y": 2.634673333333333,
  "fwhm_z": 2.3226182153791113,
  "gcor": 0.0133461,
  "gsr_x": -0.0028350932989269495,
  "gsr_y": -2.148673593183048e-05,
  "provenance": {
    "md5sum": "1d86b6a65a84952938a2c12b69b3417b",
    "settings": {
      "fd_thres": 0.2,
      "hmc_fsl": false
    },
    "software": "mriqc",
    "version": "0.15.0",
    "webapi_port": null,
    "webapi_url": "https://mriqc.nimh.nih.gov/api/v1"
  },
  "size_t": 135,
  "size_x": 80,
  "size_y": 80,
  "size_z": 36,
  "snr": 5.394969545972058,
  "spacing_tr": 2.0,
  "spacing_x": 3.0,
  "spacing_y": 3.0,
  "spacing_z": 3.299999952316284,
  "spikes_num": 0,
  "summary_bg_k": 195.65637532004595,
  "summary_bg_mad": 1.2243577241897583,
  "summary_bg_mean": 136.25779724121094,
  "summary_bg_median": 0.8258167505264282,
  "summary_bg_n": 150972.0,
  "summary_bg_p05": 0.0,
  "summary_bg_p95": 819.2021514892542,
  "summary_bg_stdv": 740.8536376953125,
  "summary_fg_k": 3.286399737804796,
  "summary_fg_mad": 3985.756103515625,
  "summary_fg_mean": 25274.671875,
  "summary_fg_median": 25205.501953125,
  "summary_fg_n": 39693.0,
  "summary_fg_p05": 18369.275781250002,
  "summary_fg_p95": 31980.540234375003,
  "summary_fg_stdv": 4671.97900390625,
  "tsnr": 86.42403411865234
}