{
  "aor": 0.0038100740740740734,
  "aqi": 0.0038764136296296292,
  "bids_meta": {
    "AcquisitionNumber": 8,
    "BidsifyVersion": "0.3.5",
    "ConversionSoftware": "dcm2niix",
    "ConversionSoftwareVersion": "v1.0.20181125  GCC6.3.0",
    "EchoTime": 0.02763,
    "FlipAngle": 76.1,
    "ImageComments": "PIOP2",
    "ImageOrientationPatientDICOM": [
      0.99943,
      0.0323454,
      0.00968536,
      -0.0314083,
      0.995895,
      -0.0848935
    ],
    "Manufacturer": "Philips",
    "NumberOfVolumesDiscardedByScanner": 2,
    "ParallelAcquisitionTechnique": "SENSE",
    "ParallelReductionFactorInPlane": 2,
    "PatientPosition": "HFS",
    "PhaseEncodingDirection": "j",
    "PhilipsRescaleIntercept": 0,
    "PhilipsRescaleSlope": 0.75092,
    "PhilipsScaleSlope": 0.0536528,
    "ProtocolName": "WIPtask-harriri_boldSENSE",
    "PulseSequenceType": "gradient echo EPI",
    "ReconMatrixPE": 80,
    "RepetitionTime": 2,
    "SeriesDescription": "ImageMRSERIES",
    "SeriesNumber": 8,
    "SliceEncodingDirection": "k",
    "TaskName": "emomatching",
    "UsePhilipsFloatNotDisplayScaling": 1,
    "WaterFatShift": 12,
    "acq_id": "seq",
    "dataset": "unknown",
    "modality": "bold",
    "subject_id": "0006",
    "task_id": "emomatching"
  },
  "dummy_trs": 0,
  "dvars_nstd": 17.6061730241791,
  "dvars_std": 1.1826914652238811,
  "dvars_vstd": 1.0216236159701488,
  "efc": 0.4365251522732184,
  "fber": 460441216.0,
  "fd_mean": 0.10564901480775267,
  "fd_num": 11,
  "fd_perc": 8.148148148148149,
  "fwhm_avg": 2.554131930351558,
  "fwhm_x": 2.5017033333333334,
  "fwhm_y": 2.84375,
  "fwhm_z": 2.316942457721341,
  "gcor": 0.0342052,
  "gsr_x": -0.003590538166463375,
  "gsr_y": 0.0071366773918271065,
  "provenance": {
    "md5sum": "b3cdcadd2f3727f78ff66a2c52012fa0",
    "settings": {
      "fd_thres": 0.2,
      "hmc_fsl": false
    },
    "software": "mriqc",
    "version": "0.15.0",
    "webapi_port": null,
    "webapi_url": "https://mriqc.nimh.nih.gov/api/v1"
  },
  "size_t": 135,
  "size_x": 80,
  "size_y": 80,
  "size_z": 36,
  "snr": 4.595966901603504,
  "spacing_tr": 2.0,
  "spacing_x": 3.0,
  "spacing_y": 3.0,
  "spacing_z": 3.299999952316284,
  "spikes_num": 0,
  "summary_bg_k": 66.54779939239825,
  "summary_bg_mad": 1.55586576461792,
  "summary_bg_mean": 251.69508361816406,
  "summary_bg_median": 1.0737286806106567,
  "summary_bg_n": 142007.0,
  "summary_bg_p05": 0.005170372594147921,
  "summary_bg_p95": 1557.3129394531181,
  "summary_bg_stdv": 1232.5557861328125,
  "summary_fg_k": 2.470383934966537,
  "summary_fg_mad": 4410.1279296875,
  "summary_fg_mean": 25442.01953125,
  "summary_fg_median": 25119.388671875,
  "summary_fg_n": 46784.0,
  "summary_fg_p05": 17595.4103515625,
  "summary_fg_p95": 34256.9552734375,
  "summary_fg_stdv": 5465.47021484375,
  "tsnr": 79.0849609375
}