{
  "aor": 0.0018675,
  "aqi": 0.004123275491071428,
  "bids_meta": {
    "AcquisitionNumber": 7,
    "BidsifyVersion": "0.3.5",
    "ConversionSoftware": "dcm2niix",
    "ConversionSoftwareVersion": "v1.0.20181125  GCC6.3.0",
    "EchoTime": 0.02763,
    "FlipAngle": 76.1,
    "ImageComments": "PIOP2",
    "ImageOrientationPatientDICOM": [
      0.99943,
      0.0323454,
      0.00968536,
      -0.0314083,
      0.995895,
      -0.0848935
    ],
    "Manufacturer": "Philips",
    "NumberOfVolumesDiscardedByScanner": 2,
    "ParallelAcquisitionTechnique": "SENSE",
    "ParallelReductionFactorInPlane": 2,
    "PatientPosition": "HFS",
    "PhaseEncodingDirection": "j",
    "PhilipsRescaleIntercept": 0,
    "PhilipsRescaleSlope": 0.76239,
    "PhilipsScaleSlope": 0.0539805,
    "ProtocolName": "WIPtask-stop_boldSENSE",
    "PulseSequenceType": "gradient echo EPI",
    "ReconMatrixPE": 80,
    "RepetitionTime": 2,
    "SeriesDescription": "ImageMRSERIES",
    "SeriesNumber": 7,
    "SliceEncodingDirection": "k",
    "TaskName": "stopsignal",
    "UsePhilipsFloatNotDisplayScaling": 1,
    "WaterFatShift": 12,
    "acq_id": "seq",
    "dataset": "unknown",
    "modality": "bold",
    "subject_id": "0006",
    "task_id": "stopsignal"
  },
  "dummy_trs": 1,
  "dvars_nstd": 16.8232925058296,
  "dvars_std": 1.144590418699551,
  "dvars_vstd": 0.9813597868609867,
  "efc": 0.43701826665714494,
  "fber": 245109520.0,
  "fd_mean": 0.10667442384293632,
  "fd_num": 9,
  "fd_perc": 4.017857142857143,
  "fwhm_avg": 2.5539684960363953,
  "fwhm_x": 2.4969233333333336,
  "fwhm_y": 2.84217,
  "fwhm_z": 2.322812154775853,
  "gcor": 0.0176689,
  "gsr_x": -0.0036449749022722244,
  "gsr_y": 0.006730887107551098,
  "provenance": {
    "md5sum": "8efca1dc0f0cbda09dff3f03e86bd138",
    "settings": {
      "fd_thres": 0.2,
      "hmc_fsl": false
    },
    "software": "mriqc",
    "version": "0.15.0",
    "webapi_port": null,
    "webapi_url": "https://mriqc.nimh.nih.gov/api/v1"
  },
  "size_t": 224,
  "size_x": 80,
  "size_y": 80,
  "size_z": 36,
  "snr": 4.613355083511261,
  "spacing_tr": 2.0,
  "spacing_x": 3.0,
  "spacing_y": 3.0,
  "spacing_z": 3.299999952316284,
  "spikes_num": 3,
  "summary_bg_k": 67.3613173979287,
  "summary_bg_mad": 2.0287044048309326,
  "summary_bg_mean": 248.31484985351562,
  "summary_bg_median": 1.3801023960113525,
  "summary_bg_n": 141911.0,
  "summary_bg_p05": 0.0014293137355707586,
  "summary_bg_p95": 1504.73291015625,
  "summary_bg_stdv": 1207.0965576171875,
  "summary_fg_k": 2.3452742260302646,
  "summary_fg_mad": 4377.517578125,
  "summary_fg_mean": 25224.80859375,
  "summary_fg_median": 24919.50390625,
  "summary_fg_n": 46852.0,
  "summary_fg_p05": 17434.4236328125,
  "summary_fg_p95": 33901.47753906249,
  "summary_fg_stdv": 5401.54345703125,
  "tsnr": 78.83004760742188
}