{
  "aor": 0.0013052500000000002,
  "aqi": 0.004545783062499999,
  "bids_meta": {
    "AcquisitionNumber": 3,
    "BidsifyVersion": "0.3.5",
    "ConversionSoftware": "dcm2niix",
    "ConversionSoftwareVersion": "v1.0.20181125  GCC6.3.0",
    "EchoTime": 0.02763,
    "EffectiveEchoSpacing": 0.0006909035636805814,
    "FlipAngle": 76.1,
    "ImageComments": "PIOP2",
    "ImageOrientationPatientDICOM": [
      0.999735,
      0.0031129,
      0.0228257,
      0.000174487,
      0.989777,
      -0.142625
    ],
    "Manufacturer": "Philips",
    "NumberOfVolumesDiscardedByScanner": 2,
    "ParallelAcquisitionTechnique": "SENSE",
    "ParallelReductionFactorInPlane": 2,
    "PatientPosition": "HFS",
    "PhaseEncodingDirection": "j",
    "PhilipsRescaleIntercept": 0,
    "PhilipsRescaleSlope": 0.84664,
    "PhilipsScaleSlope": 0.0608588,
    "ProtocolName": "WIPtask-wm_boldSENSE",
    "PulseSequenceType": "gradient echo EPI",
    "ReconMatrixPE": 80,
    "RepetitionTime": 2,
    "SeriesDescription": "ImageMRSERIES",
    "SeriesNumber": 3,
    "SliceEncodingDirection": "k",
    "SliceTiming": [
      0.0,
      0.0556,
      0.1111,
      0.1667,
      0.2222,
      0.2778,
      0.3333,
      0.3889,
      0.4444,
      0.5,
      0.5556,
      0.6111,
      0.6667,
      0.7222,
      0.7778,
      0.8333,
      0.8889,
      0.9444,
      1.0,
      1.0556,
      1.1111,
      1.1667,
      1.2222,
      1.2778,
      1.3333,
      1.3889,
      1.4444,
      1.5,
      1.5556,
      1.6111,
      1.6667,
      1.7222,
      1.7778,
      1.8333,
      1.8889,
      1.9444
    ],
    "TaskName": "workingmemory",
    "TotalReadoutTime": 0.026945238983542674,
    "UsePhilipsFloatNotDisplayScaling": 1,
    "WaterFatShift": 12,
    "acq_id": "seq",
    "dataset": "unknown",
    "modality": "bold",
    "subject_id": "0142",
    "task_id": "workingmemory"
  },
  "dummy_trs": 0,
  "dvars_nstd": 15.906173993836475,
  "dvars_std": 1.098611664779875,
  "dvars_vstd": 1.1087722418867925,
  "efc": 0.40152255784406227,
  "fber": 1237240064.0,
  "fd_mean": 0.12044859676926603,
  "fd_num": 8,
  "fd_perc": 5.0,
  "fwhm_avg": 2.557541021265597,
  "fwhm_x": 2.4761,
  "fwhm_y": 2.878553333333333,
  "fwhm_z": 2.3179697304634574,
  "gcor": 0.0185847,
  "gsr_x": -0.004752690438181162,
  "gsr_y": 0.0028741296846419573,
  "provenance": {
    "md5sum": "8b1b2506e9217caff7240fa068a729aa",
    "settings": {
      "fd_thres": 0.2,
      "hmc_fsl": false
    },
    "software": "mriqc",
    "version": "0.15.0",
    "webapi_port": null,
    "webapi_url": "https://mriqc.nimh.nih.gov/api/v1"
  },
  "size_t": 160,
  "size_x": 80,
  "size_y": 80,
  "size_z": 36,
  "snr": 5.56610910672932,
  "spacing_tr": 2.0,
  "spacing_x": 3.0,
  "spacing_y": 3.0,
  "spacing_z": 3.299999952316284,
  "spikes_num": 0,
  "summary_bg_k": 107.23973302565636,
  "summary_bg_mad": 0.9395570755004883,
  "summary_bg_mean": 167.0447235107422,
  "summary_bg_median": 0.6337215900421143,
  "summary_bg_n": 149908.0,
  "summary_bg_p05": 0.0,
  "summary_bg_p95": 844.9513122558582,
  "summary_bg_stdv": 954.052490234375,
  "summary_fg_k": 2.5973633364634967,
  "summary_fg_mad": 3769.9013671875,
  "summary_fg_mean": 24857.3515625,
  "summary_fg_median": 24983.880859375,
  "summary_fg_n": 40239.0,
  "summary_fg_p05": 17673.2791015625,
  "summary_fg_p95": 31593.3791015625,
  "summary_fg_stdv": 4488.51611328125,
  "tsnr": 85.33642578125
}