{
  "bids_meta": {
    "AcquisitionNumber": 2,
    "BidsifyVersion": "0.3.5",
    "ConversionSoftware": "dcm2niix",
    "ConversionSoftwareVersion": "v1.0.20181125  GCC6.3.0",
    "EchoTime": 0.00381,
    "ImageComments": "PIOP2",
    "ImageOrientationPatientDICOM": [
      0.994945,
      0.0987812,
      -0.0180747,
      -0.10001,
      0.990958,
      -0.0894471
    ],
    "Manufacturer": "Philips",
    "PatientPosition": "HFS",
    "PhilipsRescaleIntercept": 0,
    "PhilipsRescaleSlope": 9.11306,
    "PhilipsScaleSlope": 0.00730763,
    "ProtocolName": "WIPT1anat_acq-6m_T1wSENSE",
    "ReconMatrixPE": 240,
    "RepetitionTime": 0.008262,
    "SeriesDescription": "ImageMRSERIES",
    "SeriesNumber": 2,
    "UsePhilipsFloatNotDisplayScaling": 1,
    "acq_id": "6m",
    "dataset": "unknown",
    "modality": "T1w",
    "subject_id": "0010"
  },
  "cjv": 0.24814595551959953,
  "cnr": 4.912200284564264,
  "efc": 0.7612420387646188,
  "fber": 1452.8818359375,
  "fwhm_avg": 4.341833424189493,
  "fwhm_x": 4.15002,
  "fwhm_y": 4.30254,
  "fwhm_z": 4.572940272568481,
  "icvs_csf": 0.23457908251489537,
  "icvs_gm": 0.41698516245953066,
  "icvs_wm": 0.348435755025574,
  "inu_med": 1.9749531745910645,
  "inu_range": 0.4442026495933531,
  "provenance": {
    "md5sum": "de23153bf9d2dd4a0ada673f5169f1b8",
    "settings": {
      "testing": false
    },
    "software": "mriqc",
    "version": "0.15.0",
    "warnings": {
      "large_rot_frame": true,
      "small_air_mask": true
    },
    "webapi_port": null,
    "webapi_url": "https://mriqc.nimh.nih.gov/api/v1"
  },
  "qi_1": 0.0,
  "qi_2": 0.00015299888669650547,
  "rpve_csf": 26.294649138970787,
  "rpve_gm": 15.206876271675561,
  "rpve_wm": 23.097562495304032,
  "size_x": 240,
  "size_y": 240,
  "size_z": 220,
  "snr_csf": 1.249392754801409,
  "snr_gm": 8.875020335859617,
  "snr_total": 11.438029636700284,
  "snr_wm": 24.189675819439824,
  "snrd_csf": 19.423567545259267,
  "snrd_gm": 48.91934701781968,
  "snrd_total": 49.67464460357889,
  "snrd_wm": 80.68101924765773,
  "spacing_x": 1.0,
  "spacing_y": 1.0,
  "spacing_z": 0.9999999403953552,
  "summary_bg_k": 34.79755432547337,
  "summary_bg_mad": 8.120039939880371,
  "summary_bg_mean": 8.577816009521484,
  "summary_bg_median": 5.686698913574219,
  "summary_bg_n": 94503.0,
  "summary_bg_p05": 0.0,
  "summary_bg_p95": 17.255305671691893,
  "summary_bg_stdv": 6.806653022766113,
  "summary_csf_k": 83.075208411032,
  "summary_csf_mad": 134.86160278320312,
  "summary_csf_mean": 248.1529083251953,
  "summary_csf_median": 240.74398803710938,
  "summary_csf_n": 8221.0,
  "summary_csf_p05": 74.5084228515625,
  "summary_csf_p95": 413.7731628417969,
  "summary_csf_stdv": 192.6770782470703,
  "summary_gm_k": 0.6852689080827119,
  "summary_gm_mad": 63.61045837402344,
  "summary_gm_mean": 612.3404541015625,
  "summary_gm_median": 606.3272705078125,
  "summary_gm_n": 30980.0,
  "summary_gm_p05": 513.2826049804687,
  "summary_gm_p95": 736.9504272460938,
  "summary_gm_stdv": 68.31730651855469,
  "summary_wm_k": 2.105601482362437,
  "summary_wm_mad": 34.076595306396484,
  "summary_wm_mean": 995.0205078125,
  "summary_wm_median": 999.9949951171875,
  "summary_wm_n": 182225.0,
  "summary_wm_p05": 918.78193359375,
  "summary_wm_p95": 1052.0293457031248,
  "summary_wm_stdv": 41.339630126953125,
  "tpm_overlap_csf": 0.22285319864749908,
  "tpm_overlap_gm": 0.5172703862190247,
  "tpm_overlap_wm": 0.5727313756942749,
  "wm2max": 0.8285501359169216
}