{
  "aor": 0.0017454074074074075,
  "aqi": 0.006806848074074074,
  "bids_meta": {
    "AcquisitionNumber": 8,
    "BidsifyVersion": "0.3.5",
    "ConversionSoftware": "dcm2niix",
    "ConversionSoftwareVersion": "v1.0.20181125  GCC6.3.0",
    "EchoTime": 0.02763,
    "FlipAngle": 76.1,
    "ImageComments": "PIOP2",
    "ImageOrientationPatientDICOM": [
      0.999499,
      0.0140192,
      0.028369,
      -0.0155269,
      0.998439,
      0.0536446
    ],
    "Manufacturer": "Philips",
    "NumberOfVolumesDiscardedByScanner": 2,
    "ParallelAcquisitionTechnique": "SENSE",
    "ParallelReductionFactorInPlane": 2,
    "PatientPosition": "HFS",
    "PhaseEncodingDirection": "j",
    "PhilipsRescaleIntercept": 0,
    "PhilipsRescaleSlope": 0.74579,
    "PhilipsScaleSlope": 0.0616287,
    "ProtocolName": "WIPtask-harriri_boldSENSE",
    "PulseSequenceType": "gradient echo EPI",
    "ReconMatrixPE": 80,
    "RepetitionTime": 2,
    "SeriesDescription": "ImageMRSERIES",
    "SeriesNumber": 8,
    "SliceEncodingDirection": "k",
    "TaskName": "emomatching",
    "UsePhilipsFloatNotDisplayScaling": 1,
    "WaterFatShift": 12,
    "acq_id": "seq",
    "dataset": "unknown",
    "modality": "bold",
    "subject_id": "0159",
    "task_id": "emomatching"
  },
  "dummy_trs": 0,
  "dvars_nstd": 23.299348019552248,
  "dvars_std": 1.240452540746269,
  "dvars_vstd": 0.9590927758208955,
  "efc": 0.4359658416805399,
  "fber": 153056336.0,
  "fd_mean": 0.14710637741047952,
  "fd_num": 20,
  "fd_perc": 14.814814814814815,
  "fwhm_avg": 2.7492573865319208,
  "fwhm_x": 2.6068266666666666,
  "fwhm_y": 2.9845666666666664,
  "fwhm_z": 2.6563788262624284,
  "gcor": 0.00959801,
  "gsr_x": -0.0010607967851683497,
  "gsr_y": 0.0014017334906384349,
  "provenance": {
    "md5sum": "5e0658862c2a45b8dffdcd158a0acd20",
    "settings": {
      "fd_thres": 0.2,
      "hmc_fsl": false
    },
    "software": "mriqc",
    "version": "0.15.0",
    "webapi_port": null,
    "webapi_url": "https://mriqc.nimh.nih.gov/api/v1"
  },
  "size_t": 135,
  "size_x": 80,
  "size_y": 80,
  "size_z": 36,
  "snr": 4.659713898261921,
  "spacing_tr": 2.0,
  "spacing_x": 3.0,
  "spacing_y": 3.0,
  "spacing_z": 3.299999952316284,
  "spikes_num": 0,
  "summary_bg_k": 78.25172388654164,
  "summary_bg_mad": 2.475461483001709,
  "summary_bg_mean": 205.68850708007812,
  "summary_bg_median": 1.7170164585113525,
  "summary_bg_n": 143187.0,
  "summary_bg_p05": 0.007996376324445009,
  "summary_bg_p95": 1073.6869995117163,
  "summary_bg_stdv": 1092.802001953125,
  "summary_fg_k": 3.2245012009324387,
  "summary_fg_mad": 3679.01806640625,
  "summary_fg_mean": 22841.236328125,
  "summary_fg_median": 22690.37890625,
  "summary_fg_n": 46618.0,
  "summary_fg_p05": 15785.034912109375,
  "summary_fg_p95": 30161.98164062501,
  "summary_fg_stdv": 4869.4267578125,
  "tsnr": 69.455810546875
}