{
  "aor": 0.006252455357142858,
  "aqi": 0.0045065170982142855,
  "bids_meta": {
    "AcquisitionNumber": 7,
    "BidsifyVersion": "0.3.5",
    "ConversionSoftware": "dcm2niix",
    "ConversionSoftwareVersion": "v1.0.20181125  GCC6.3.0",
    "EchoTime": 0.02763,
    "EffectiveEchoSpacing": 0.0006909035636805814,
    "FlipAngle": 76.1,
    "ImageComments": "PIOP2",
    "ImageOrientationPatientDICOM": [
      0.993636,
      -0.111946,
      -0.0124852,
      0.10847,
      0.980836,
      -0.161847
    ],
    "Manufacturer": "Philips",
    "NumberOfVolumesDiscardedByScanner": 2,
    "ParallelAcquisitionTechnique": "SENSE",
    "ParallelReductionFactorInPlane": 2,
    "PatientPosition": "HFS",
    "PhaseEncodingDirection": "j",
    "PhilipsRescaleIntercept": 0,
    "PhilipsRescaleSlope": 0.73626,
    "PhilipsScaleSlope": 0.0517386,
    "ProtocolName": "WIPtask-stop_boldSENSE",
    "PulseSequenceType": "gradient echo EPI",
    "ReconMatrixPE": 80,
    "RepetitionTime": 2,
    "SeriesDescription": "ImageMRSERIES",
    "SeriesNumber": 7,
    "SliceEncodingDirection": "k",
    "SliceTiming": [
      0.0,
      0.0556,
      0.1111,
      0.1667,
      0.2222,
      0.2778,
      0.3333,
      0.3889,
      0.4444,
      0.5,
      0.5556,
      0.6111,
      0.6667,
      0.7222,
      0.7778,
      0.8333,
      0.8889,
      0.9444,
      1.0,
      1.0556,
      1.1111,
      1.1667,
      1.2222,
      1.2778,
      1.3333,
      1.3889,
      1.4444,
      1.5,
      1.5556,
      1.6111,
      1.6667,
      1.7222,
      1.7778,
      1.8333,
      1.8889,
      1.9444
    ],
    "TaskName": "stopsignal",
    "TotalReadoutTime": 0.026945238983542674,
    "UsePhilipsFloatNotDisplayScaling": 1,
    "WaterFatShift": 12,
    "acq_id": "seq",
    "dataset": "unknown",
    "modality": "bold",
    "subject_id": "0203",
    "task_id": "stopsignal"
  },
  "dummy_trs": 0,
  "dvars_nstd": 16.970022941569518,
  "dvars_std": 1.2413650689686089,
  "dvars_vstd": 1.0474409665022428,
  "efc": 0.4366419739583588,
  "fber": 343395936.0,
  "fd_mean": 0.10073843118826518,
  "fd_num": 2,
  "fd_perc": 0.8928571428571429,
  "fwhm_avg": 2.5190264756137486,
  "fwhm_x": 2.4754366666666665,
  "fwhm_y": 2.8046366666666667,
  "fwhm_z": 2.2770060935079126,
  "gcor": 0.016594,
  "gsr_x": -0.004437681287527084,
  "gsr_y": 0.010602724738419056,
  "provenance": {
    "md5sum": "d1630bd0585816f2649cd46aaedba915",
    "settings": {
      "fd_thres": 0.2,
      "hmc_fsl": false
    },
    "software": "mriqc",
    "version": "0.15.0",
    "webapi_port": null,
    "webapi_url": "https://mriqc.nimh.nih.gov/api/v1"
  },
  "size_t": 224,
  "size_x": 80,
  "size_y": 80,
  "size_z": 36,
  "snr": 5.214620665106537,
  "spacing_tr": 2.0,
  "spacing_x": 3.0,
  "spacing_y": 3.0,
  "spacing_z": 3.299999952316284,
  "spikes_num": 6,
  "summary_bg_k": 61.22296657182308,
  "summary_bg_mad": 2.0551822185516357,
  "summary_bg_mean": 352.8645935058594,
  "summary_bg_median": 1.3861992359161377,
  "summary_bg_n": 143936.0,
  "summary_bg_p05": 0.0,
  "summary_bg_p95": 1926.5978088378906,
  "summary_bg_stdv": 1670.08837890625,
  "summary_fg_k": 2.9970042511325836,
  "summary_fg_mad": 4517.3876953125,
  "summary_fg_mean": 28955.138671875,
  "summary_fg_median": 28944.09375,
  "summary_fg_n": 45391.0,
  "summary_fg_p05": 20294.8974609375,
  "summary_fg_p95": 37016.4296875,
  "summary_fg_stdv": 5550.50439453125,
  "tsnr": 85.38664245605469
}