{
    "Manufacturer": "Philips",
    "PatientPosition": "HFS",
    "SeriesDescription": "ImageMRSERIES",
    "ProtocolName": "WIPT1anat_acq-6m_T1wSENSE",
    "SeriesNumber": 2,
    "AcquisitionNumber": 2,
    "ImageComments": "PIOP2",
    "PhilipsRescaleSlope": 9.4801,
    "PhilipsRescaleIntercept": 0,
    "PhilipsScaleSlope": 0.00716707,
    "UsePhilipsFloatNotDisplayScaling": 1,
    "EchoTime": 0.0038,
    "RepetitionTime": 0.008237,
    "ReconMatrixPE": 240,
    "ImageOrientationPatientDICOM": [
        0.996327,
        0.0852814,
        0.00770494,
        -0.0843644,
        0.99304,
        -0.0821859
    ],
    "ConversionSoftware": "dcm2niix",
    "ConversionSoftwareVersion": "v1.0.20181125  GCC6.3.0",
    "BidsifyVersion": "0.3.5"
}